{"AcquisitionDuration": 0, "Columns": 64, "EchoTime": 0.007, "EchoTrainLength": 1, "EffectiveEchoSpacing": 0, "FieldOfView": [240, 240, 108], "FlipAngle": 45, "GEImageTypeRIMPCode": 0, "ImageType": "ORIGINAL/PRIMARY/OTHER", "ImagingFrequency": 127.765255, "InplanePhaseEncodingDirection": "COL", "InversionTime": 0, "MRAcquisitionType": "2D", "MagneticFieldStrength": 3, "Manufacturer": "GE MEDICAL SYSTEMS", "ManufacturersModelName": "DISCOVERY MR750", "NumberOfAverages": 1, "NumberOfEPIShots": 0, "NumberOfEchoes": 2, "NumberOfSlices": 45, "ParallelImagingReductionFactors": [1, 1], "PercentPhaseFieldOfView": 100, "PhaseEncodingDirection": "j", "PixelBandwidth": 500, "PixelSpacing": [3.75, 3.75], "ReceiveCoilName": "8HRBRAIN", "RepetitionTime": 0.8, "Rows": 64, "SATFatWaterBone": 0, "ScanOptions": "ACC_GEMS", "ScanningSequence": "RM", "SequenceVariant": "NONE", "SeriesDate": "18721230", "SeriesDescription": "b0mapGG_fMRI", "SeriesNumber": 6, "SeriesTime": "204023", "SliceThickness": 2.3, "SpacingBetweenSlices": 2.4, "StudyTime": "202038", "dummyScans": null, "IntendedFor": ["ses-1/func/sub-9035_ses-1_task-hands_bold.nii.gz", "ses-1/func/sub-9035_ses-1_task-rest_bold.nii.gz", "ses-1/func/sub-9035_ses-1_task-sleepiness_bold.nii.gz"]}