{
  "AcquisitionDuration" : 163.2,
  "Columns" : 128,
  "EchoTrainLength" : 1,
  "EffectiveEchoSpacing" : 0,
  "FieldOfView" : [ 220.01, 220.01, 110.4 ],
  "ImageType" : "DERIVED/SECONDARY/FIELDMAP",
  "ImagingFrequency" : 127.765272,
  "InplanePhaseEncodingDirection" : "COL",
  "MRAcquisitionType" : "2D",
  "MagneticFieldStrength" : 3,
  "Manufacturer" : "GE MEDICAL SYSTEMS",
  "ManufacturersModelName" : "DISCOVERY MR750",
  "NumberOfAverages" : 1,
  "NumberOfEchoes" : 2,
  "NumberOfSlices" : 46,
  "ParallelImagingReductionFactors" : [ 1, 1 ],
  "PercentPhaseFieldOfView" : 100,
  "PhaseEncodingDirection" : "j",
  "PixelBandwidth" : 250,
  "PixelSpacing" : [ 1.7188, 1.7188 ],
  "ReceiveCoilName" : "8HRBRAIN",
  "Rows" : 128,
  "SATFatWaterBone" : 1,
  "ScanOptions" : [ "FC", "SAT_GEMS", "ACC_GEMS", "FS" ],
  "ScanningSequence" : "RM",
  "SequenceVariant" : "NONE",
  "SeriesDate" : "18730304",
  "SeriesDescription" : "B0_fmap_fMRI",
  "SeriesNumber" : 6,
  "SeriesTime" : "184105",
  "SliceThickness" : 2.3,
  "SpacingBetweenSlices" : 2.4,
  "StudyTime" : "181518",
  "dummyScans" : null,
  "Units" : "Hz"
}