{"AcquisitionDuration": 0, "Columns": 96, "EchoTime": 0.0088, "EchoTrainLength": 1, "EffectiveEchoSpacing": 0, "FieldOfView": [220, 220, 110.4], "FlipAngle": 45, "GEImageTypeRIMPCode": 0, "ImageType": "ORIGINAL/PRIMARY/OTHER", "ImagingFrequency": 127.765159, "InplanePhaseEncodingDirection": "ROW", "InversionTime": 0, "MRAcquisitionType": "2D", "MagneticFieldStrength": 3, "Manufacturer": "GE MEDICAL SYSTEMS", "ManufacturersModelName": "DISCOVERY MR750", "NumberOfAverages": 1, "NumberOfEPIShots": 0, "NumberOfEchoes": 2, "NumberOfSlices": 46, "ParallelImagingReductionFactors": [1, 1], "PercentPhaseFieldOfView": 100, "PhaseEncodingDirection": "i", "PixelBandwidth": 333.333, "PixelSpacing": [2.2917, 2.2917], "ReceiveCoilName": "8HRBRAIN", "RepetitionTime": 0.75, "Rows": 96, "SATFatWaterBone": 0, "ScanOptions": ["EDR_GEMS", "ACC_GEMS"], "ScanningSequence": "RM", "SequenceVariant": "NONE", "SeriesDate": "18740306", "SeriesDescription": "B0map_96x96_te6.4-8.0", "SeriesNumber": 8, "SeriesTime": "185649", "SliceThickness": 2.3, "SpacingBetweenSlices": 2.4, "StudyTime": "181315", "dummyScans": null, "IntendedFor": ["ses-1/func/sub-9039_ses-1_task-hands_bold.nii.gz", "ses-1/func/sub-9039_ses-1_task-rest_bold.nii.gz", "ses-1/func/sub-9039_ses-1_task-sleepiness_bold.nii.gz"]}