{
  "aor": 0.0009670312499999999,
  "aqi": 0.002632869114583333,
  "bids_meta": {
    "AcquisitionDuration": 525.000256,
    "CogAtlasID": "trm_4c8a834779883",
    "Columns": 128,
    "EchoTime": 0.03,
    "EchoTrainLength": 1,
    "EffectiveEchoSpacing": 0.000464,
    "FieldOfView": [
      288,
      288,
      147
    ],
    "FlipAngle": 75,
    "GEImageTypeRIMPCode": 0,
    "ImageType": "ORIGINAL/PRIMARY/EPI/NONE",
    "ImagingFrequency": 127.765138,
    "InplanePhaseEncodingDirection": "COL",
    "InversionTime": 0,
    "MRAcquisitionType": "2D",
    "MagneticFieldStrength": 3,
    "Manufacturer": "GE MEDICAL SYSTEMS",
    "ManufacturersModelName": "DISCOVERY MR750",
    "NumberOfAverages": 1,
    "NumberOfEPIShots": 1,
    "NumberOfEchoes": 1,
    "NumberOfSlices": 49,
    "ParallelImagingReductionFactors": [
      0.5,
      1
    ],
    "PercentPhaseFieldOfView": 100,
    "PhaseEncodingDirection": "j",
    "PixelBandwidth": 3906.25,
    "PixelSpacing": [
      2.25,
      2.25
    ],
    "ReceiveCoilName": "8HRBRAIN",
    "RepetitionTime": 2.5,
    "Rows": 128,
    "SATFatWaterBone": 0,
    "ScanOptions": [
      "EPI_GEMS",
      "FILTERED_GEMS",
      "ACC_GEMS"
    ],
    "ScanningSequence": [
      "EP",
      "GR"
    ],
    "SequenceVariant": "SS",
    "SeriesDate": "18731220",
    "SeriesDescription": "RSN_BWRT_200vol_3mm",
    "SeriesNumber": 4,
    "SeriesTime": "195645",
    "SliceThickness": 3,
    "SliceTiming": [
      0,
      1.27551,
      0.05102,
      1.32653,
      0.10204,
      1.37755,
      0.15306,
      1.42857,
      0.20408,
      1.47959,
      0.2551,
      1.53061,
      0.30612,
      1.58163,
      0.35714,
      1.63265,
      0.40816,
      1.68367,
      0.45918,
      1.73469,
      0.5102,
      1.78571,
      0.56122,
      1.83673,
      0.61224,
      1.88776,
      0.66327,
      1.93878,
      0.71429,
      1.9898,
      0.76531,
      2.04082,
      0.81633,
      2.09184,
      0.86735,
      2.14286,
      0.91837,
      2.19388,
      0.96939,
      2.2449,
      1.02041,
      2.29592,
      1.07143,
      2.34694,
      1.12245,
      2.39796,
      1.17347,
      2.44898,
      1.22449
    ],
    "SliceTimingComputationMethod": "SliceNumber*RepetitionTime/NumberOfSlices (interleaved ascending, odd first)",
    "SpacingBetweenSlices": 3,
    "StudyTime": "194825",
    "TaskDescription": "Functional connectivity in the resting state was assessed during two eight-minute runs.",
    "TaskInstructions": "Participants were instructed to keep their eyes open and look at a white fixation cross presented against a gray background.",
    "TaskName": "Resting State",
    "dummyScans": 10,
    "modality": "bold",
    "session_id": "2",
    "subject_id": "9068",
    "task_id": "rest"
  },
  "dummy_trs": 0,
  "dvars_nstd": 17.728727720104708,
  "dvars_std": 1.2101215290052354,
  "dvars_vstd": 0.986465295863875,
  "efc": 0.3550431576444522,
  "fber": 49792800.0,
  "fd_mean": 0.04445799149600491,
  "fd_num": 2,
  "fd_perc": 1.0416666666666667,
  "fwhm_avg": 3.409993333333333,
  "fwhm_x": 3.420857777777778,
  "fwhm_y": 4.036582222222222,
  "fwhm_z": 2.77254,
  "gcor": 0.0217268,
  "gsr_x": -0.019480017945170403,
  "gsr_y": 0.006173505447804928,
  "provenance": {
    "md5sum": "9dfea5def148534960ea52be6f396366",
    "settings": {
      "fd_thres": 0.2,
      "hmc_fsl": false
    },
    "software": "mriqc",
    "version": "0.9.6"
  },
  "size_t": 192,
  "size_x": 128,
  "size_y": 128,
  "size_z": 49,
  "snr": 4.03949445790816,
  "spacing_tr": 2.5,
  "spacing_x": 2.25,
  "spacing_y": 2.25,
  "spacing_z": 3.0,
  "summary_bg_k": 61.89679702870836,
  "summary_bg_mad": 1.088786005973816,
  "summary_bg_mean": 74.45144653320312,
  "summary_bg_median": 0.734375,
  "summary_bg_n": 608812.0,
  "summary_bg_p05": 0.0,
  "summary_bg_p95": 389.36068267822145,
  "summary_bg_stdv": 265.1238098144531,
  "summary_fg_k": 0.8120845198371609,
  "summary_fg_mad": 1051.3424072265625,
  "summary_fg_mean": 4860.9140625,
  "summary_fg_median": 4872.2607421875,
  "summary_fg_n": 104033.0,
  "summary_fg_p05": 2758.517822265625,
  "summary_fg_p95": 6824.2865234375,
  "summary_fg_stdv": 1206.1502685546875,
  "tsnr": 86.01611328125
}