{
  "bids_meta": {
    "AcquisitionDuration": 238.55128,
    "Columns": 512,
    "EchoTime": 0.00281,
    "EchoTrainLength": 1,
    "EffectiveEchoSpacing": 0,
    "FieldOfView": [
      240.03,
      240.03,
      180
    ],
    "FlipAngle": 11,
    "GEImageTypeRIMPCode": 0,
    "ImageType": "ORIGINAL/PRIMARY/OTHER",
    "ImagingFrequency": 127.765019,
    "InplanePhaseEncodingDirection": "ROW",
    "InversionTime": 0.45,
    "MRAcquisitionType": "3D",
    "MagneticFieldStrength": 3,
    "Manufacturer": "GE MEDICAL SYSTEMS",
    "ManufacturersModelName": "DISCOVERY MR750",
    "NumberOfAverages": 1,
    "NumberOfEPIShots": 0,
    "NumberOfEchoes": 1,
    "NumberOfSlices": 180,
    "ParallelImagingReductionFactors": [
      0.571429,
      1
    ],
    "PercentPhaseFieldOfView": 100,
    "PhaseEncodingDirection": "i",
    "PixelBandwidth": 122.07,
    "PixelSpacing": [
      0.4688,
      0.4688
    ],
    "ReceiveCoilName": "8HRBRAIN",
    "RepetitionTime": 0.0064,
    "Rows": 512,
    "SATFatWaterBone": 0,
    "ScanOptions": [
      "FAST_GEMS",
      "EDR_GEMS",
      "FILTERED_GEMS",
      "ACC_GEMS"
    ],
    "ScanningSequence": "GR",
    "SequenceVariant": [
      "SS",
      "SK"
    ],
    "SeriesDate": "18740515",
    "SeriesDescription": "Sag3D_T1_1mm3",
    "SeriesNumber": 2,
    "SeriesTime": "194808",
    "SliceThickness": 1,
    "SpacingBetweenSlices": 1,
    "StudyTime": "194631",
    "modality": "T1w",
    "session_id": "2",
    "subject_id": "9075"
  },
  "cjv": 0.43403169499231653,
  "cnr": 3.1308904890894698,
  "efc": 0.6540477490063374,
  "fber": 152.7916717529297,
  "fwhm_avg": 6.021181269747587,
  "fwhm_x": 3.81412,
  "fwhm_y": 7.269347140969432,
  "fwhm_z": 6.980076668273331,
  "icvs_csf": 0.2157671294427506,
  "icvs_gm": 0.3875180609718841,
  "icvs_wm": 0.39671480958536526,
  "inu_med": 1.3407866954803467,
  "inu_range": 0.4492533504962919,
  "provenance": {
    "md5sum": "dde009974722e11a23ae739f04226226",
    "mriqc_pred": 0,
    "settings": {
      "testing": false
    },
    "software": "mriqc",
    "version": "0.9.6",
    "warnings": {
      "large_rot_frame": true,
      "small_air_mask": false
    }
  },
  "qi_1": 0.0,
  "qi_2": 0.0002766566259095928,
  "rpve_csf": 23.221117304187448,
  "rpve_gm": 12.900732311504619,
  "rpve_wm": 15.378229981163303,
  "size_x": 180,
  "size_y": 512,
  "size_z": 512,
  "snr_csf": 3.965846345570114,
  "snr_gm": 14.208319600645092,
  "snr_total": 12.051145866520345,
  "snr_wm": 17.979271653345833,
  "snrd_csf": 14.495646454450117,
  "snrd_gm": 30.94469336281441,
  "snrd_total": 28.852510478629295,
  "snrd_wm": 41.11719161862335,
  "spacing_x": 1.0,
  "spacing_y": 0.46880000829696655,
  "spacing_z": 0.46880000829696655,
  "summary_bg_k": 40.56114043998478,
  "summary_bg_mad": 15.933658599853516,
  "summary_bg_mean": 53.92103576660156,
  "summary_bg_median": 51.632572174072266,
  "summary_bg_n": 9482691.0,
  "summary_bg_p05": 29.264326095581055,
  "summary_bg_p95": 86.1359634399414,
  "summary_bg_stdv": 18.572486877441406,
  "summary_csf_k": -0.11409301665783955,
  "summary_csf_mad": 86.98027038574219,
  "summary_csf_mean": 365.11669921875,
  "summary_csf_median": 352.550537109375,
  "summary_csf_n": 185316.0,
  "summary_csf_p05": 237.85549926757812,
  "summary_csf_p95": 528.3351287841797,
  "summary_csf_stdv": 88.89643096923828,
  "summary_gm_k": 0.09014549753052226,
  "summary_gm_mad": 52.31901168823242,
  "summary_gm_mean": 753.8599853515625,
  "summary_gm_median": 752.6099853515625,
  "summary_gm_n": 169781.0,
  "summary_gm_p05": 668.9385375976562,
  "summary_gm_p95": 843.1962890625,
  "summary_gm_stdv": 52.969512939453125,
  "summary_wm_k": 0.17555234719493606,
  "summary_wm_mad": 55.06332778930664,
  "summary_wm_mean": 1002.6282348632812,
  "summary_wm_median": 1000.0166625976562,
  "summary_wm_n": 1243838.0,
  "summary_wm_p05": 916.0061981201172,
  "summary_wm_p95": 1098.3526123046875,
  "summary_wm_stdv": 55.62051010131836,
  "tpm_overlap_csf": 0.21451473236083984,
  "tpm_overlap_gm": 0.45950081944465637,
  "tpm_overlap_wm": 0.5564919710159302,
  "wm2max": 0.39138708206765477
}