{
  "aor": 0.003448412698412699,
  "aqi": 0.01613001185185185,
  "bids_meta": {
    "AcquisitionDuration": 723.000256,
    "Columns": 128,
    "EchoTime": 0.034,
    "EchoTrainLength": 1,
    "EffectiveEchoSpacing": 0.00056,
    "FieldOfView": [
      220.01,
      220.01,
      110.4
    ],
    "FlipAngle": 80,
    "GEImageTypeRIMPCode": 0,
    "ImageType": "ORIGINAL/PRIMARY/EPI/NONE",
    "ImagingFrequency": 127.765096,
    "InplanePhaseEncodingDirection": "COL",
    "InversionTime": 0,
    "MRAcquisitionType": "2D",
    "MagneticFieldStrength": 3,
    "Manufacturer": "GE MEDICAL SYSTEMS",
    "ManufacturersModelName": "DISCOVERY MR750",
    "NumberOfAverages": 1,
    "NumberOfEPIShots": 1,
    "NumberOfEchoes": 1,
    "NumberOfSlices": 46,
    "ParallelImagingReductionFactors": [
      0.5,
      1
    ],
    "PercentPhaseFieldOfView": 100,
    "PhaseEncodingDirection": "j",
    "PixelBandwidth": 3906.25,
    "PixelSpacing": [
      1.7188,
      1.7188
    ],
    "ReceiveCoilName": "8HRBRAIN",
    "RepetitionTime": 3,
    "Rows": 128,
    "SATFatWaterBone": 1,
    "ScanOptions": [
      "SAT_GEMS",
      "EPI_GEMS",
      "ACC_GEMS",
      "FS"
    ],
    "ScanningSequence": [
      "EP",
      "GR"
    ],
    "SequenceVariant": "SS",
    "SeriesDate": "18740223",
    "SeriesDescription": "fMRI-hands",
    "SeriesNumber": 7,
    "SeriesTime": "184001",
    "SliceThickness": 2.3,
    "SliceTiming": [
      0,
      1.5,
      0.06522,
      1.56522,
      0.13043,
      1.63043,
      0.19565,
      1.69565,
      0.26087,
      1.76087,
      0.32609,
      1.82609,
      0.3913,
      1.8913,
      0.45652,
      1.95652,
      0.52174,
      2.02174,
      0.58696,
      2.08696,
      0.65217,
      2.15217,
      0.71739,
      2.21739,
      0.78261,
      2.28261,
      0.84783,
      2.34783,
      0.91304,
      2.41304,
      0.97826,
      2.47826,
      1.04348,
      2.54348,
      1.1087,
      2.6087,
      1.17391,
      2.67391,
      1.23913,
      2.73913,
      1.30435,
      2.80435,
      1.36957,
      2.86957,
      1.43478,
      2.93478
    ],
    "SliceTimingComputationMethod": "SliceNumber*RepetitionTime/NumberOfSlices (interleaved ascending, odd first)",
    "SpacingBetweenSlices": 2.4,
    "StudyTime": "181030",
    "TaskDescription": "In an event-related design, participants were shown pictures of hands being stung by needles or poked with Q-tips. The stimulus set was kindly shared by Claus Lamm, and has been shown to be effective in previous work by him. After each picture, participants were asked to rate their perceived unpleasantness on a visual analog scale of 0-100.",
    "TaskInstructions": "",
    "TaskName": "Hands",
    "dummyScans": 5,
    "modality": "bold",
    "session_id": "1",
    "subject_id": "9032",
    "task_id": "hands"
  },
  "dummy_trs": 0,
  "dvars_nstd": 40.70691523648934,
  "dvars_std": 1.0565874505851058,
  "dvars_vstd": 1.0297797109574467,
  "efc": 0.46820625399638777,
  "fber": 5659.07958984375,
  "fd_mean": 0.2645192575182906,
  "fd_num": 83,
  "fd_perc": 43.91534391534392,
  "fwhm_avg": 3.0251118437828257,
  "fwhm_x": 3.144315895582702,
  "fwhm_y": 3.5206715037453344,
  "fwhm_z": 2.4103481320204407,
  "gcor": 0.017262,
  "gsr_x": -0.0029890129808336496,
  "gsr_y": 0.032012034207582474,
  "provenance": {
    "md5sum": "99d105b8a290b5be6c78bc50b0705fcc",
    "settings": {
      "fd_thres": 0.2,
      "hmc_fsl": false
    },
    "software": "mriqc",
    "version": "0.9.6"
  },
  "size_t": 189,
  "size_x": 128,
  "size_y": 128,
  "size_z": 46,
  "snr": 3.3924289820655713,
  "spacing_tr": 3.0,
  "spacing_x": 1.7187999486923218,
  "spacing_y": 1.7187999486923218,
  "spacing_z": 2.3999977111816406,
  "summary_bg_k": 165.69557883677962,
  "summary_bg_mad": 73.26721954345703,
  "summary_bg_mean": 139.75205993652344,
  "summary_bg_median": 50.126983642578125,
  "summary_bg_n": 501548.0,
  "summary_bg_p05": 0.14814814925193787,
  "summary_bg_p95": 514.6455078125,
  "summary_bg_stdv": 356.81243896484375,
  "summary_fg_k": 1.3286172274050827,
  "summary_fg_mad": 872.92333984375,
  "summary_fg_mean": 3856.743896484375,
  "summary_fg_median": 3713.0,
  "summary_fg_n": 158133.0,
  "summary_fg_p05": 2309.741650390625,
  "summary_fg_p95": 5944.944726562499,
  "summary_fg_stdv": 1094.4925537109375,
  "tsnr": 29.617507934570312
}