{
  "aor": 0.00798875,
  "aqi": 0.0053090884,
  "bids_meta": {
    "AcquisitionDuration": 525.000256,
    "CogAtlasID": "trm_4c8a834779883",
    "Columns": 128,
    "EchoTime": 0.03,
    "EchoTrainLength": 1,
    "EffectiveEchoSpacing": 0.000464,
    "FieldOfView": [
      288,
      288,
      147
    ],
    "FlipAngle": 75,
    "GEImageTypeRIMPCode": 0,
    "ImageType": "ORIGINAL/PRIMARY/EPI/NONE",
    "ImagingFrequency": 127.765239,
    "InplanePhaseEncodingDirection": "COL",
    "InversionTime": 0,
    "MRAcquisitionType": "2D",
    "MagneticFieldStrength": 3,
    "Manufacturer": "GE MEDICAL SYSTEMS",
    "ManufacturersModelName": "DISCOVERY MR750",
    "NumberOfAverages": 1,
    "NumberOfEPIShots": 1,
    "NumberOfEchoes": 1,
    "NumberOfSlices": 49,
    "ParallelImagingReductionFactors": [
      0.5,
      1
    ],
    "PercentPhaseFieldOfView": 100,
    "PhaseEncodingDirection": "j",
    "PixelBandwidth": 3906.25,
    "PixelSpacing": [
      2.25,
      2.25
    ],
    "ReceiveCoilName": "8HRBRAIN",
    "RepetitionTime": 2.5,
    "Rows": 128,
    "SATFatWaterBone": 0,
    "ScanOptions": [
      "EPI_GEMS",
      "FILTERED_GEMS",
      "ACC_GEMS"
    ],
    "ScanningSequence": [
      "EP",
      "GR"
    ],
    "SequenceVariant": "SS",
    "SeriesDate": "18730309",
    "SeriesDescription": "RSN_BWRT_200vol_3mm",
    "SeriesNumber": 10,
    "SeriesTime": "194017",
    "SliceThickness": 3,
    "SliceTiming": [
      0,
      1.27551,
      0.05102,
      1.32653,
      0.10204,
      1.37755,
      0.15306,
      1.42857,
      0.20408,
      1.47959,
      0.2551,
      1.53061,
      0.30612,
      1.58163,
      0.35714,
      1.63265,
      0.40816,
      1.68367,
      0.45918,
      1.73469,
      0.5102,
      1.78571,
      0.56122,
      1.83673,
      0.61224,
      1.88776,
      0.66327,
      1.93878,
      0.71429,
      1.9898,
      0.76531,
      2.04082,
      0.81633,
      2.09184,
      0.86735,
      2.14286,
      0.91837,
      2.19388,
      0.96939,
      2.2449,
      1.02041,
      2.29592,
      1.07143,
      2.34694,
      1.12245,
      2.39796,
      1.17347,
      2.44898,
      1.22449
    ],
    "SliceTimingComputationMethod": "SliceNumber*RepetitionTime/NumberOfSlices (interleaved ascending, odd first)",
    "SpacingBetweenSlices": 3,
    "StudyTime": "184037",
    "TaskDescription": "Functional connectivity in the resting state was assessed during two eight-minute runs. Participants were asked to rate their sleepiness using the Karolinska Sleepiness Scale every 2 minutes",
    "TaskInstructions": "Participants were instructed to keep their eyes open and look at a white fixation cross presented against a gray background.",
    "TaskName": "Sleepiness",
    "dummyScans": 10,
    "modality": "bold",
    "session_id": "2",
    "subject_id": "9073",
    "task_id": "sleepiness"
  },
  "dummy_trs": 0,
  "dvars_nstd": 18.969497220301506,
  "dvars_std": 1.0679318741708541,
  "dvars_vstd": 1.00226039718593,
  "efc": 0.33797968106607573,
  "fber": 35870384.0,
  "fd_mean": 0.12623870627135422,
  "fd_num": 26,
  "fd_perc": 13.0,
  "fwhm_avg": 3.3800488888888887,
  "fwhm_x": 3.4089111111111112,
  "fwhm_y": 3.967088888888889,
  "fwhm_z": 2.7641466666666665,
  "gcor": 0.0679236,
  "gsr_x": -0.02477654628455639,
  "gsr_y": 0.004159705247730017,
  "provenance": {
    "md5sum": "50261c437b2c4bad2d3e2b0068c4b883",
    "settings": {
      "fd_thres": 0.2,
      "hmc_fsl": false
    },
    "software": "mriqc",
    "version": "0.9.6"
  },
  "size_t": 200,
  "size_x": 128,
  "size_y": 128,
  "size_z": 49,
  "snr": 4.526053586149449,
  "spacing_tr": 2.5,
  "spacing_x": 2.25,
  "spacing_y": 2.25,
  "spacing_z": 3.0,
  "summary_bg_k": 48.52703492263841,
  "summary_bg_mad": 1.3714070320129395,
  "summary_bg_mean": 102.77406311035156,
  "summary_bg_median": 0.9249999523162842,
  "summary_bg_n": 628605.0,
  "summary_bg_p05": 0.0,
  "summary_bg_p95": 562.4119750976552,
  "summary_bg_stdv": 351.66839599609375,
  "summary_fg_k": 1.0466913334163586,
  "summary_fg_mad": 980.8897705078125,
  "summary_fg_mean": 4989.06982421875,
  "summary_fg_median": 5032.27490234375,
  "summary_fg_n": 85889.0,
  "summary_fg_p05": 3005.0400390625,
  "summary_fg_p95": 6708.9216796875,
  "summary_fg_stdv": 1111.839599609375,
  "tsnr": 56.30508804321289
}