{
  "aor": 0.0031802999999999996,
  "aqi": 0.0050001716,
  "bids_meta": {
    "AcquisitionDuration": 525.000256,
    "CogAtlasID": "trm_4c8a834779883",
    "Columns": 128,
    "EchoTime": 0.03,
    "EchoTrainLength": 1,
    "EffectiveEchoSpacing": 0.000464,
    "FieldOfView": [
      288,
      288,
      147
    ],
    "FlipAngle": 75,
    "GEImageTypeRIMPCode": 0,
    "ImageType": "ORIGINAL/PRIMARY/EPI/NONE",
    "ImagingFrequency": 127.765165,
    "InplanePhaseEncodingDirection": "COL",
    "InversionTime": 0,
    "MRAcquisitionType": "2D",
    "MagneticFieldStrength": 3,
    "Manufacturer": "GE MEDICAL SYSTEMS",
    "ManufacturersModelName": "DISCOVERY MR750",
    "NumberOfAverages": 1,
    "NumberOfEPIShots": 1,
    "NumberOfEchoes": 1,
    "NumberOfSlices": 49,
    "ParallelImagingReductionFactors": [
      0.5,
      1
    ],
    "PercentPhaseFieldOfView": 100,
    "PhaseEncodingDirection": "j",
    "PixelBandwidth": 3906.25,
    "PixelSpacing": [
      2.25,
      2.25
    ],
    "ReceiveCoilName": "8HRBRAIN",
    "RepetitionTime": 2.5,
    "Rows": 128,
    "SATFatWaterBone": 0,
    "ScanOptions": [
      "EPI_GEMS",
      "FILTERED_GEMS",
      "ACC_GEMS"
    ],
    "ScanningSequence": [
      "EP",
      "GR"
    ],
    "SequenceVariant": "SS",
    "SeriesDate": "18740111",
    "SeriesDescription": "RSN_BWRT_200vol_3mm",
    "SeriesNumber": 10,
    "SeriesTime": "192407",
    "SliceThickness": 3,
    "SliceTiming": [
      0,
      1.27551,
      0.05102,
      1.32653,
      0.10204,
      1.37755,
      0.15306,
      1.42857,
      0.20408,
      1.47959,
      0.2551,
      1.53061,
      0.30612,
      1.58163,
      0.35714,
      1.63265,
      0.40816,
      1.68367,
      0.45918,
      1.73469,
      0.5102,
      1.78571,
      0.56122,
      1.83673,
      0.61224,
      1.88776,
      0.66327,
      1.93878,
      0.71429,
      1.9898,
      0.76531,
      2.04082,
      0.81633,
      2.09184,
      0.86735,
      2.14286,
      0.91837,
      2.19388,
      0.96939,
      2.2449,
      1.02041,
      2.29592,
      1.07143,
      2.34694,
      1.12245,
      2.39796,
      1.17347,
      2.44898,
      1.22449
    ],
    "SliceTimingComputationMethod": "SliceNumber*RepetitionTime/NumberOfSlices (interleaved ascending, odd first)",
    "SpacingBetweenSlices": 3,
    "StudyTime": "181424",
    "TaskDescription": "Functional connectivity in the resting state was assessed during two eight-minute runs. Participants were asked to rate their sleepiness using the Karolinska Sleepiness Scale every 2 minutes",
    "TaskInstructions": "Participants were instructed to keep their eyes open and look at a white fixation cross presented against a gray background.",
    "TaskName": "Sleepiness",
    "dummyScans": 10,
    "modality": "bold",
    "session_id": "1",
    "subject_id": "9087",
    "task_id": "sleepiness"
  },
  "dummy_trs": 0,
  "dvars_nstd": 26.619831928844214,
  "dvars_std": 1.2654789332663312,
  "dvars_vstd": 0.9919138777386929,
  "efc": 0.33814606348053455,
  "fber": 20757840.0,
  "fd_mean": 0.14598253865890362,
  "fd_num": 31,
  "fd_perc": 15.5,
  "fwhm_avg": 3.357571481481481,
  "fwhm_x": 3.3451822222222223,
  "fwhm_y": 3.895208888888889,
  "fwhm_z": 2.832323333333333,
  "gcor": 0.0204409,
  "gsr_x": -0.01778676174581051,
  "gsr_y": 0.002529096556827426,
  "provenance": {
    "md5sum": "fd9a8ab3659996a6a1024574780d8b08",
    "settings": {
      "fd_thres": 0.2,
      "hmc_fsl": false
    },
    "software": "mriqc",
    "version": "0.9.6"
  },
  "size_t": 200,
  "size_x": 128,
  "size_y": 128,
  "size_z": 49,
  "snr": 4.208290541013124,
  "spacing_tr": 2.5,
  "spacing_x": 2.25,
  "spacing_y": 2.25,
  "spacing_z": 3.0,
  "summary_bg_k": 82.83126848627809,
  "summary_bg_mad": 1.6975795030593872,
  "summary_bg_mean": 70.10276794433594,
  "summary_bg_median": 1.1449999809265137,
  "summary_bg_n": 620493.0,
  "summary_bg_p05": 0.0,
  "summary_bg_p95": 340.75699462890634,
  "summary_bg_stdv": 254.80482482910156,
  "summary_fg_k": 0.754988049650243,
  "summary_fg_mad": 1023.425537109375,
  "summary_fg_mean": 4918.11962890625,
  "summary_fg_median": 4900.625,
  "summary_fg_n": 94343.0,
  "summary_fg_p05": 2925.5168945312503,
  "summary_fg_p95": 6825.449072265625,
  "summary_fg_stdv": 1164.5106201171875,
  "tsnr": 64.46669006347656
}