{
  "bids_meta": {
    "AcquisitionDuration": 238.444688,
    "Columns": 512,
    "EchoTime": 0.00281,
    "EchoTrainLength": 1,
    "EffectiveEchoSpacing": 0,
    "FieldOfView": [
      240.03,
      240.03,
      180
    ],
    "FlipAngle": 11,
    "GEImageTypeRIMPCode": 0,
    "ImageType": "ORIGINAL/PRIMARY/OTHER",
    "ImagingFrequency": 127.765145,
    "InplanePhaseEncodingDirection": "ROW",
    "InversionTime": 0.45,
    "MRAcquisitionType": "3D",
    "MagneticFieldStrength": 3,
    "Manufacturer": "GE MEDICAL SYSTEMS",
    "ManufacturersModelName": "DISCOVERY MR750",
    "NumberOfAverages": 1,
    "NumberOfEPIShots": 0,
    "NumberOfEchoes": 1,
    "NumberOfSlices": 180,
    "ParallelImagingReductionFactors": [
      0.571429,
      1
    ],
    "PercentPhaseFieldOfView": 100,
    "PhaseEncodingDirection": "i",
    "PixelBandwidth": 122.07,
    "PixelSpacing": [
      0.4688,
      0.4688
    ],
    "ReceiveCoilName": "8HRBRAIN",
    "RepetitionTime": 0.0064,
    "Rows": 512,
    "SATFatWaterBone": 0,
    "ScanOptions": [
      "FAST_GEMS",
      "EDR_GEMS",
      "FILTERED_GEMS",
      "ACC_GEMS"
    ],
    "ScanningSequence": "GR",
    "SequenceVariant": [
      "SS",
      "SK"
    ],
    "SeriesDate": "18730401",
    "SeriesDescription": "Sag3D_T1_1mm3",
    "SeriesNumber": 2,
    "SeriesTime": "211620",
    "SliceThickness": 1,
    "SpacingBetweenSlices": 1,
    "StudyTime": "211438",
    "modality": "T1w",
    "session_id": "1",
    "subject_id": "9082"
  },
  "cjv": 0.35892739473973134,
  "cnr": 3.673807826969512,
  "efc": 0.622022425795087,
  "fber": 134.53671264648438,
  "fwhm_avg": 6.5843391680375865,
  "fwhm_x": 4.07597,
  "fwhm_y": 8.200106510162096,
  "fwhm_z": 7.476940993950662,
  "icvs_csf": 0.20680026840231705,
  "icvs_gm": 0.4400224419251335,
  "icvs_wm": 0.35317728967254947,
  "inu_med": 1.2471107244491577,
  "inu_range": 0.5829188108444217,
  "provenance": {
    "md5sum": "2f7e5ca78b36f1a7a5c491fdad9678ac",
    "mriqc_pred": 0,
    "settings": {
      "testing": false
    },
    "software": "mriqc",
    "version": "0.9.6",
    "warnings": {
      "large_rot_frame": true,
      "small_air_mask": false
    }
  },
  "qi_1": 0.0,
  "qi_2": 0.00040315645188511966,
  "rpve_csf": 30.302001583056125,
  "rpve_gm": 15.456648266010298,
  "rpve_wm": 21.974428080381742,
  "size_x": 180,
  "size_y": 512,
  "size_z": 512,
  "snr_csf": 3.2883484788999287,
  "snr_gm": 12.6915890659671,
  "snr_total": 10.844038917934443,
  "snr_wm": 16.5521792089363,
  "snrd_csf": 13.57886577641016,
  "snrd_gm": 28.923156297203743,
  "snrd_total": 28.07670532043775,
  "snrd_wm": 41.728093887699345,
  "spacing_x": 1.0,
  "spacing_y": 0.46880000829696655,
  "spacing_z": 0.46880000829696655,
  "summary_bg_k": 3.5803751158366115,
  "summary_bg_mad": 15.70023250579834,
  "summary_bg_mean": 54.000118255615234,
  "summary_bg_median": 51.275089263916016,
  "summary_bg_n": 8349525.0,
  "summary_bg_p05": 29.87101936340332,
  "summary_bg_p95": 87.40294952392577,
  "summary_bg_stdv": 18.55644416809082,
  "summary_csf_k": -0.3811493811188873,
  "summary_csf_mad": 105.2014389038086,
  "summary_csf_mean": 335.4341125488281,
  "summary_csf_median": 325.41522216796875,
  "summary_csf_n": 107461.0,
  "summary_csf_p05": 186.38121032714844,
  "summary_csf_p95": 503.3445739746094,
  "summary_csf_stdv": 98.9596176147461,
  "summary_gm_k": 0.4042259299855431,
  "summary_gm_mad": 52.13246154785156,
  "summary_gm_mean": 696.3548583984375,
  "summary_gm_median": 693.1385498046875,
  "summary_gm_n": 190506.0,
  "summary_gm_p05": 612.4284973144531,
  "summary_gm_p95": 792.5172576904297,
  "summary_gm_stdv": 54.61386489868164,
  "summary_wm_k": 0.20918100322118027,
  "summary_wm_mad": 58.010929107666016,
  "summary_wm_mean": 999.8793334960938,
  "summary_wm_median": 1000.0067138671875,
  "summary_wm_n": 827912.0,
  "summary_wm_p05": 898.7881927490234,
  "summary_wm_p95": 1099.022100830078,
  "summary_wm_stdv": 60.415374755859375,
  "tpm_overlap_csf": 0.21278277039527893,
  "tpm_overlap_gm": 0.508983314037323,
  "tpm_overlap_wm": 0.5527622699737549,
  "wm2max": 0.4473916291751755
}