{
  "aor": 0.009299430051813471,
  "aqi": 0.01131087207253886,
  "bids_meta": {
    "AcquisitionDuration": 525.000256,
    "CogAtlasID": "trm_4c8a834779883",
    "Columns": 128,
    "EchoTime": 0.03,
    "EchoTrainLength": 1,
    "EffectiveEchoSpacing": 0.000464,
    "FieldOfView": [
      288,
      288,
      147
    ],
    "FlipAngle": 75,
    "GEImageTypeRIMPCode": 0,
    "ImageType": "ORIGINAL/PRIMARY/EPI/NONE",
    "ImagingFrequency": 127.765112,
    "InplanePhaseEncodingDirection": "COL",
    "InversionTime": 0,
    "MRAcquisitionType": "2D",
    "MagneticFieldStrength": 3,
    "Manufacturer": "GE MEDICAL SYSTEMS",
    "ManufacturersModelName": "DISCOVERY MR750",
    "NumberOfAverages": 1,
    "NumberOfEPIShots": 1,
    "NumberOfEchoes": 1,
    "NumberOfSlices": 49,
    "ParallelImagingReductionFactors": [
      0.5,
      1
    ],
    "PercentPhaseFieldOfView": 100,
    "PhaseEncodingDirection": "j",
    "PixelBandwidth": 3906.25,
    "PixelSpacing": [
      2.25,
      2.25
    ],
    "ReceiveCoilName": "8HRBRAIN",
    "RepetitionTime": 2.5,
    "Rows": 128,
    "SATFatWaterBone": 0,
    "ScanOptions": [
      "EPI_GEMS",
      "FILTERED_GEMS",
      "ACC_GEMS"
    ],
    "ScanningSequence": [
      "EP",
      "GR"
    ],
    "SequenceVariant": "SS",
    "SeriesDate": "18740504",
    "SeriesDescription": "RSN_BWRT_200vol_3mm",
    "SeriesNumber": 4,
    "SeriesTime": "194459",
    "SliceThickness": 3,
    "SliceTiming": [
      0,
      1.27551,
      0.05102,
      1.32653,
      0.10204,
      1.37755,
      0.15306,
      1.42857,
      0.20408,
      1.47959,
      0.2551,
      1.53061,
      0.30612,
      1.58163,
      0.35714,
      1.63265,
      0.40816,
      1.68367,
      0.45918,
      1.73469,
      0.5102,
      1.78571,
      0.56122,
      1.83673,
      0.61224,
      1.88776,
      0.66327,
      1.93878,
      0.71429,
      1.9898,
      0.76531,
      2.04082,
      0.81633,
      2.09184,
      0.86735,
      2.14286,
      0.91837,
      2.19388,
      0.96939,
      2.2449,
      1.02041,
      2.29592,
      1.07143,
      2.34694,
      1.12245,
      2.39796,
      1.17347,
      2.44898,
      1.22449
    ],
    "SliceTimingComputationMethod": "SliceNumber*RepetitionTime/NumberOfSlices (interleaved ascending, odd first)",
    "SpacingBetweenSlices": 3,
    "StudyTime": "193720",
    "TaskDescription": "Functional connectivity in the resting state was assessed during two eight-minute runs.",
    "TaskInstructions": "Participants were instructed to keep their eyes open and look at a white fixation cross presented against a gray background.",
    "TaskName": "Resting State",
    "dummyScans": 10,
    "modality": "bold",
    "session_id": "2",
    "subject_id": "9005",
    "task_id": "rest"
  },
  "dummy_trs": 0,
  "dvars_nstd": 25.492617129843765,
  "dvars_std": 1.185415498541667,
  "dvars_vstd": 1.0279111116145825,
  "efc": 0.3396918046106693,
  "fber": 9866857.0,
  "fd_mean": 0.1456036366787173,
  "fd_num": 29,
  "fd_perc": 15.025906735751295,
  "fwhm_avg": 3.414283333333333,
  "fwhm_x": 3.489742222222222,
  "fwhm_y": 3.800804444444444,
  "fwhm_z": 2.952303333333333,
  "gcor": 0.0233644,
  "gsr_x": -0.012460287660360336,
  "gsr_y": -0.0012034308165311813,
  "provenance": {
    "md5sum": "45b93befcd9a62846e9e6dc05df59cf2",
    "settings": {
      "fd_thres": 0.2,
      "hmc_fsl": false
    },
    "software": "mriqc",
    "version": "0.9.6"
  },
  "size_t": 193,
  "size_x": 128,
  "size_y": 128,
  "size_z": 49,
  "snr": 3.910808004791403,
  "spacing_tr": 2.5,
  "spacing_x": 2.25,
  "spacing_y": 2.25,
  "spacing_z": 3.0,
  "summary_bg_k": 150.5906064806868,
  "summary_bg_mad": 2.3429722785949707,
  "summary_bg_mean": 68.1304702758789,
  "summary_bg_median": 1.5803108215332031,
  "summary_bg_n": 620605.0,
  "summary_bg_p05": 0.0,
  "summary_bg_p95": 303.46008911132776,
  "summary_bg_stdv": 257.0840759277344,
  "summary_fg_k": 0.6876938764490088,
  "summary_fg_mad": 1019.6387329101562,
  "summary_fg_mean": 4663.52392578125,
  "summary_fg_median": 4682.11376953125,
  "summary_fg_n": 95787.0,
  "summary_fg_p05": 2558.0346923828124,
  "summary_fg_p95": 6638.001806640625,
  "summary_fg_stdv": 1197.2178955078125,
  "tsnr": 40.56610107421875
}