{
  "aor": 0.0018333678756476683,
  "aqi": 0.0035214170466321246,
  "bids_meta": {
    "AcquisitionDuration": 525.000256,
    "CogAtlasID": "trm_4c8a834779883",
    "Columns": 128,
    "EchoTime": 0.03,
    "EchoTrainLength": 1,
    "EffectiveEchoSpacing": 0.000464,
    "FieldOfView": [
      288,
      288,
      147
    ],
    "FlipAngle": 75,
    "GEImageTypeRIMPCode": 0,
    "ImageType": "ORIGINAL/PRIMARY/EPI/NONE",
    "ImagingFrequency": 127.765161,
    "InplanePhaseEncodingDirection": "COL",
    "InversionTime": 0,
    "MRAcquisitionType": "2D",
    "MagneticFieldStrength": 3,
    "Manufacturer": "GE MEDICAL SYSTEMS",
    "ManufacturersModelName": "DISCOVERY MR750",
    "NumberOfAverages": 1,
    "NumberOfEPIShots": 1,
    "NumberOfEchoes": 1,
    "NumberOfSlices": 49,
    "ParallelImagingReductionFactors": [
      0.5,
      1
    ],
    "PercentPhaseFieldOfView": 100,
    "PhaseEncodingDirection": "j",
    "PixelBandwidth": 3906.25,
    "PixelSpacing": [
      2.25,
      2.25
    ],
    "ReceiveCoilName": "8HRBRAIN",
    "RepetitionTime": 2.5,
    "Rows": 128,
    "SATFatWaterBone": 0,
    "ScanOptions": [
      "EPI_GEMS",
      "FILTERED_GEMS",
      "ACC_GEMS"
    ],
    "ScanningSequence": [
      "EP",
      "GR"
    ],
    "SequenceVariant": "SS",
    "SeriesDate": "18740103",
    "SeriesDescription": "RSN_BWRT_200vol_3mm",
    "SeriesNumber": 4,
    "SeriesTime": "201021",
    "SliceThickness": 3,
    "SliceTiming": [
      0,
      1.27551,
      0.05102,
      1.32653,
      0.10204,
      1.37755,
      0.15306,
      1.42857,
      0.20408,
      1.47959,
      0.2551,
      1.53061,
      0.30612,
      1.58163,
      0.35714,
      1.63265,
      0.40816,
      1.68367,
      0.45918,
      1.73469,
      0.5102,
      1.78571,
      0.56122,
      1.83673,
      0.61224,
      1.88776,
      0.66327,
      1.93878,
      0.71429,
      1.9898,
      0.76531,
      2.04082,
      0.81633,
      2.09184,
      0.86735,
      2.14286,
      0.91837,
      2.19388,
      0.96939,
      2.2449,
      1.02041,
      2.29592,
      1.07143,
      2.34694,
      1.12245,
      2.39796,
      1.17347,
      2.44898,
      1.22449
    ],
    "SliceTimingComputationMethod": "SliceNumber*RepetitionTime/NumberOfSlices (interleaved ascending, odd first)",
    "SpacingBetweenSlices": 3,
    "StudyTime": "200253",
    "TaskDescription": "Functional connectivity in the resting state was assessed during two eight-minute runs.",
    "TaskInstructions": "Participants were instructed to keep their eyes open and look at a white fixation cross presented against a gray background.",
    "TaskName": "Resting State",
    "dummyScans": 10,
    "modality": "bold",
    "session_id": "2",
    "subject_id": "9084",
    "task_id": "rest"
  },
  "dummy_trs": 0,
  "dvars_nstd": 13.206985453854172,
  "dvars_std": 1.0644554355208333,
  "dvars_vstd": 0.9829050864062495,
  "efc": 0.296090593462297,
  "fber": 132310000.0,
  "fd_mean": 0.05460219570885044,
  "fd_num": 4,
  "fd_perc": 2.0725388601036268,
  "fwhm_avg": 3.275277024389213,
  "fwhm_x": 3.344684444444445,
  "fwhm_y": 3.8298666666666668,
  "fwhm_z": 2.651279962056526,
  "gcor": 0.0249446,
  "gsr_x": -0.012578175403177738,
  "gsr_y": -0.002000806387513876,
  "provenance": {
    "md5sum": "8fce8d0164f97eae63bb79f0f49507c6",
    "settings": {
      "fd_thres": 0.2,
      "hmc_fsl": false
    },
    "software": "mriqc",
    "version": "0.9.6"
  },
  "size_t": 193,
  "size_x": 128,
  "size_y": 128,
  "size_z": 49,
  "snr": 4.8343673507343325,
  "spacing_tr": 2.5,
  "spacing_x": 2.25,
  "spacing_y": 2.25,
  "spacing_z": 3.0000038146972656,
  "summary_bg_k": 103.02765341288044,
  "summary_bg_mad": 0.7451420426368713,
  "summary_bg_mean": 50.49105453491211,
  "summary_bg_median": 0.5025906562805176,
  "summary_bg_n": 643086.0,
  "summary_bg_p05": 0.0,
  "summary_bg_p95": 229.67356872558594,
  "summary_bg_stdv": 203.2964324951172,
  "summary_fg_k": 1.3719027850855188,
  "summary_fg_mad": 964.8244018554688,
  "summary_fg_mean": 5349.92431640625,
  "summary_fg_median": 5405.23046875,
  "summary_fg_n": 75100.0,
  "summary_fg_p05": 3341.0206909179688,
  "summary_fg_p95": 7046.351293945312,
  "summary_fg_stdv": 1118.076904296875,
  "tsnr": 80.39378356933594
}