{
  "aor": 0.00803955,
  "aqi": 0.0060962967,
  "bids_meta": {
    "AcquisitionDuration": 525.000256,
    "CogAtlasID": "trm_4c8a834779883",
    "Columns": 128,
    "EchoTime": 0.03,
    "EchoTrainLength": 1,
    "EffectiveEchoSpacing": 0.000464,
    "FieldOfView": [
      288,
      288,
      147
    ],
    "FlipAngle": 75,
    "GEImageTypeRIMPCode": 0,
    "ImageType": "ORIGINAL/PRIMARY/EPI/NONE",
    "ImagingFrequency": 127.765229,
    "InplanePhaseEncodingDirection": "COL",
    "InversionTime": 0,
    "MRAcquisitionType": "2D",
    "MagneticFieldStrength": 3,
    "Manufacturer": "GE MEDICAL SYSTEMS",
    "ManufacturersModelName": "DISCOVERY MR750",
    "NumberOfAverages": 1,
    "NumberOfEPIShots": 1,
    "NumberOfEchoes": 1,
    "NumberOfSlices": 49,
    "ParallelImagingReductionFactors": [
      0.5,
      1
    ],
    "PercentPhaseFieldOfView": 100,
    "PhaseEncodingDirection": "j",
    "PixelBandwidth": 3906.25,
    "PixelSpacing": [
      2.25,
      2.25
    ],
    "ReceiveCoilName": "8HRBRAIN",
    "RepetitionTime": 2.5,
    "Rows": 128,
    "SATFatWaterBone": 0,
    "ScanOptions": [
      "EPI_GEMS",
      "FILTERED_GEMS",
      "ACC_GEMS"
    ],
    "ScanningSequence": [
      "EP",
      "GR"
    ],
    "SequenceVariant": "SS",
    "SeriesDate": "18730527",
    "SeriesDescription": "RSN_BWRT_200vol_3mm",
    "SeriesNumber": 10,
    "SeriesTime": "181307",
    "SliceThickness": 3,
    "SliceTiming": [
      0,
      1.27551,
      0.05102,
      1.32653,
      0.10204,
      1.37755,
      0.15306,
      1.42857,
      0.20408,
      1.47959,
      0.2551,
      1.53061,
      0.30612,
      1.58163,
      0.35714,
      1.63265,
      0.40816,
      1.68367,
      0.45918,
      1.73469,
      0.5102,
      1.78571,
      0.56122,
      1.83673,
      0.61224,
      1.88776,
      0.66327,
      1.93878,
      0.71429,
      1.9898,
      0.76531,
      2.04082,
      0.81633,
      2.09184,
      0.86735,
      2.14286,
      0.91837,
      2.19388,
      0.96939,
      2.2449,
      1.02041,
      2.29592,
      1.07143,
      2.34694,
      1.12245,
      2.39796,
      1.17347,
      2.44898,
      1.22449
    ],
    "SliceTimingComputationMethod": "SliceNumber*RepetitionTime/NumberOfSlices (interleaved ascending, odd first)",
    "SpacingBetweenSlices": 3,
    "StudyTime": "170112",
    "TaskDescription": "Functional connectivity in the resting state was assessed during two eight-minute runs. Participants were asked to rate their sleepiness using the Karolinska Sleepiness Scale every 2 minutes",
    "TaskInstructions": "Participants were instructed to keep their eyes open and look at a white fixation cross presented against a gray background.",
    "TaskName": "Sleepiness",
    "dummyScans": 10,
    "modality": "bold",
    "session_id": "1",
    "subject_id": "9076",
    "task_id": "sleepiness"
  },
  "dummy_trs": 0,
  "dvars_nstd": 17.185709852562805,
  "dvars_std": 1.1668532929145727,
  "dvars_vstd": 0.9822294820100497,
  "efc": 0.3355350700647183,
  "fber": 46921920.0,
  "fd_mean": 0.07866993800925831,
  "fd_num": 12,
  "fd_perc": 6.0,
  "fwhm_avg": 3.3123111111111108,
  "fwhm_x": 3.361413333333333,
  "fwhm_y": 3.8454,
  "fwhm_z": 2.73012,
  "gcor": 0.0689223,
  "gsr_x": -0.015172612853348255,
  "gsr_y": -0.0018750551389530301,
  "provenance": {
    "md5sum": "68c9d852b7b7ff8f2ad56f1537079e73",
    "settings": {
      "fd_thres": 0.2,
      "hmc_fsl": false
    },
    "software": "mriqc",
    "version": "0.9.6"
  },
  "size_t": 200,
  "size_x": 128,
  "size_y": 128,
  "size_z": 49,
  "snr": 4.674305294202708,
  "spacing_tr": 2.5,
  "spacing_x": 2.25,
  "spacing_y": 2.25,
  "spacing_z": 3.0,
  "summary_bg_k": 56.43741484965355,
  "summary_bg_mad": 1.1860817670822144,
  "summary_bg_mean": 71.68325805664062,
  "summary_bg_median": 0.7999999523162842,
  "summary_bg_n": 622374.0,
  "summary_bg_p05": 0.0,
  "summary_bg_p95": 395.75524444580043,
  "summary_bg_stdv": 262.1734924316406,
  "summary_fg_k": 1.305572180815111,
  "summary_fg_mad": 957.2789306640625,
  "summary_fg_mean": 5049.56640625,
  "summary_fg_median": 5116.58740234375,
  "summary_fg_n": 91716.0,
  "summary_fg_p05": 3074.8937377929688,
  "summary_fg_p95": 6695.5361328125,
  "summary_fg_stdv": 1094.6138916015625,
  "tsnr": 62.41167449951172
}