{
  "aor": 0.0013822395833333334,
  "aqi": 0.004104811770833334,
  "bids_meta": {
    "AcquisitionDuration": 525.000256,
    "CogAtlasID": "trm_4c8a834779883",
    "Columns": 128,
    "EchoTime": 0.03,
    "EchoTrainLength": 1,
    "EffectiveEchoSpacing": 0.000464,
    "FieldOfView": [
      288,
      288,
      147
    ],
    "FlipAngle": 75,
    "GEImageTypeRIMPCode": 0,
    "ImageType": "ORIGINAL/PRIMARY/EPI/NONE",
    "ImagingFrequency": 127.765167,
    "InplanePhaseEncodingDirection": "COL",
    "InversionTime": 0,
    "MRAcquisitionType": "2D",
    "MagneticFieldStrength": 3,
    "Manufacturer": "GE MEDICAL SYSTEMS",
    "ManufacturersModelName": "DISCOVERY MR750",
    "NumberOfAverages": 1,
    "NumberOfEPIShots": 1,
    "NumberOfEchoes": 1,
    "NumberOfSlices": 49,
    "ParallelImagingReductionFactors": [
      0.5,
      1
    ],
    "PercentPhaseFieldOfView": 100,
    "PhaseEncodingDirection": "j",
    "PixelBandwidth": 3906.25,
    "PixelSpacing": [
      2.25,
      2.25
    ],
    "ReceiveCoilName": "8HRBRAIN",
    "RepetitionTime": 2.5,
    "Rows": 128,
    "SATFatWaterBone": 0,
    "ScanOptions": [
      "EPI_GEMS",
      "FILTERED_GEMS",
      "ACC_GEMS"
    ],
    "ScanningSequence": [
      "EP",
      "GR"
    ],
    "SequenceVariant": "SS",
    "SeriesDate": "18740112",
    "SeriesDescription": "RSN_BWRT_200vol_3mm",
    "SeriesNumber": 4,
    "SeriesTime": "182146",
    "SliceThickness": 3,
    "SliceTiming": [
      0,
      1.27551,
      0.05102,
      1.32653,
      0.10204,
      1.37755,
      0.15306,
      1.42857,
      0.20408,
      1.47959,
      0.2551,
      1.53061,
      0.30612,
      1.58163,
      0.35714,
      1.63265,
      0.40816,
      1.68367,
      0.45918,
      1.73469,
      0.5102,
      1.78571,
      0.56122,
      1.83673,
      0.61224,
      1.88776,
      0.66327,
      1.93878,
      0.71429,
      1.9898,
      0.76531,
      2.04082,
      0.81633,
      2.09184,
      0.86735,
      2.14286,
      0.91837,
      2.19388,
      0.96939,
      2.2449,
      1.02041,
      2.29592,
      1.07143,
      2.34694,
      1.12245,
      2.39796,
      1.17347,
      2.44898,
      1.22449
    ],
    "SliceTimingComputationMethod": "SliceNumber*RepetitionTime/NumberOfSlices (interleaved ascending, odd first)",
    "SpacingBetweenSlices": 3,
    "StudyTime": "181346",
    "TaskDescription": "Functional connectivity in the resting state was assessed during two eight-minute runs.",
    "TaskInstructions": "Participants were instructed to keep their eyes open and look at a white fixation cross presented against a gray background.",
    "TaskName": "Resting State",
    "dummyScans": 10,
    "modality": "bold",
    "session_id": "2",
    "subject_id": "9042",
    "task_id": "rest"
  },
  "dummy_trs": 0,
  "dvars_nstd": 15.327558946963348,
  "dvars_std": 1.0954237190575915,
  "dvars_vstd": 0.9830140434031415,
  "efc": 0.32318409179227314,
  "fber": 156159232.0,
  "fd_mean": 0.07772487183476907,
  "fd_num": 11,
  "fd_perc": 5.729166666666667,
  "fwhm_avg": 3.3715088888888887,
  "fwhm_x": 3.52812,
  "fwhm_y": 3.8556266666666668,
  "fwhm_z": 2.7307799999999998,
  "gcor": 0.0480412,
  "gsr_x": -0.01431569829583168,
  "gsr_y": -0.001958762761205435,
  "provenance": {
    "md5sum": "0b57eebbab362a2be71c416d90cb196f",
    "settings": {
      "fd_thres": 0.2,
      "hmc_fsl": false
    },
    "software": "mriqc",
    "version": "0.9.6"
  },
  "size_t": 192,
  "size_x": 128,
  "size_y": 128,
  "size_z": 49,
  "snr": 4.6376137805351245,
  "spacing_tr": 2.5,
  "spacing_x": 2.25,
  "spacing_y": 2.25,
  "spacing_z": 3.0,
  "summary_bg_k": 139.0073136651584,
  "summary_bg_mad": 0.6872479319572449,
  "summary_bg_mean": 63.00312805175781,
  "summary_bg_median": 0.4635416865348816,
  "summary_bg_n": 626515.0,
  "summary_bg_p05": 0.0,
  "summary_bg_p95": 292.3260589599602,
  "summary_bg_stdv": 265.9261474609375,
  "summary_fg_k": 1.2450117135270045,
  "summary_fg_mad": 926.6032104492188,
  "summary_fg_mean": 5072.98046875,
  "summary_fg_median": 5150.0,
  "summary_fg_n": 87191.0,
  "summary_fg_p05": 3004.1614990234375,
  "summary_fg_p95": 6752.172119140625,
  "summary_fg_stdv": 1110.478515625,
  "tsnr": 80.3579330444336
}