{
  "aor": 0.00135645,
  "aqi": 0.005423133300000001,
  "bids_meta": {
    "AcquisitionDuration": 525.000256,
    "CogAtlasID": "trm_4c8a834779883",
    "Columns": 128,
    "EchoTime": 0.03,
    "EchoTrainLength": 1,
    "EffectiveEchoSpacing": 0.000464,
    "FieldOfView": [
      288,
      288,
      147
    ],
    "FlipAngle": 75,
    "GEImageTypeRIMPCode": 0,
    "ImageType": "ORIGINAL/PRIMARY/EPI/NONE",
    "ImagingFrequency": 127.765301,
    "InplanePhaseEncodingDirection": "COL",
    "InversionTime": 0,
    "MRAcquisitionType": "2D",
    "MagneticFieldStrength": 3,
    "Manufacturer": "GE MEDICAL SYSTEMS",
    "ManufacturersModelName": "DISCOVERY MR750",
    "NumberOfAverages": 1,
    "NumberOfEPIShots": 1,
    "NumberOfEchoes": 1,
    "NumberOfSlices": 49,
    "ParallelImagingReductionFactors": [
      0.5,
      1
    ],
    "PercentPhaseFieldOfView": 100,
    "PhaseEncodingDirection": "j",
    "PixelBandwidth": 3906.25,
    "PixelSpacing": [
      2.25,
      2.25
    ],
    "ReceiveCoilName": "8HRBRAIN",
    "RepetitionTime": 2.5,
    "Rows": 128,
    "SATFatWaterBone": 0,
    "ScanOptions": [
      "EPI_GEMS",
      "FILTERED_GEMS",
      "ACC_GEMS"
    ],
    "ScanningSequence": [
      "EP",
      "GR"
    ],
    "SequenceVariant": "SS",
    "SeriesDate": "18730304",
    "SeriesDescription": "RSN_BWRT_200vol_3mm",
    "SeriesNumber": 10,
    "SeriesTime": "193237",
    "SliceThickness": 3,
    "SliceTiming": [
      0,
      1.27551,
      0.05102,
      1.32653,
      0.10204,
      1.37755,
      0.15306,
      1.42857,
      0.20408,
      1.47959,
      0.2551,
      1.53061,
      0.30612,
      1.58163,
      0.35714,
      1.63265,
      0.40816,
      1.68367,
      0.45918,
      1.73469,
      0.5102,
      1.78571,
      0.56122,
      1.83673,
      0.61224,
      1.88776,
      0.66327,
      1.93878,
      0.71429,
      1.9898,
      0.76531,
      2.04082,
      0.81633,
      2.09184,
      0.86735,
      2.14286,
      0.91837,
      2.19388,
      0.96939,
      2.2449,
      1.02041,
      2.29592,
      1.07143,
      2.34694,
      1.12245,
      2.39796,
      1.17347,
      2.44898,
      1.22449
    ],
    "SliceTimingComputationMethod": "SliceNumber*RepetitionTime/NumberOfSlices (interleaved ascending, odd first)",
    "SpacingBetweenSlices": 3,
    "StudyTime": "181518",
    "TaskDescription": "Functional connectivity in the resting state was assessed during two eight-minute runs. Participants were asked to rate their sleepiness using the Karolinska Sleepiness Scale every 2 minutes",
    "TaskInstructions": "Participants were instructed to keep their eyes open and look at a white fixation cross presented against a gray background.",
    "TaskName": "Sleepiness",
    "dummyScans": 10,
    "modality": "bold",
    "session_id": "1",
    "subject_id": "9019",
    "task_id": "sleepiness"
  },
  "dummy_trs": 0,
  "dvars_nstd": 17.61008031140705,
  "dvars_std": 1.089868283467337,
  "dvars_vstd": 0.9623758382914582,
  "efc": 0.2985391325476383,
  "fber": 203431376.0,
  "fd_mean": 0.09177751096366492,
  "fd_num": 16,
  "fd_perc": 8.0,
  "fwhm_avg": 3.321829259259259,
  "fwhm_x": 3.4280044444444444,
  "fwhm_y": 3.801666666666667,
  "fwhm_z": 2.7358166666666666,
  "gcor": 0.0301856,
  "gsr_x": -0.010448054410517216,
  "gsr_y": 0.004685250110924244,
  "provenance": {
    "md5sum": "7bf152f2222b90f716269f3894cfe27e",
    "settings": {
      "fd_thres": 0.2,
      "hmc_fsl": false
    },
    "software": "mriqc",
    "version": "0.9.6"
  },
  "size_t": 200,
  "size_x": 128,
  "size_y": 128,
  "size_z": 49,
  "snr": 4.697754313346119,
  "spacing_tr": 2.5,
  "spacing_x": 2.25,
  "spacing_y": 2.25,
  "spacing_z": 3.0,
  "summary_bg_k": 207.99648478710836,
  "summary_bg_mad": 0.6597579717636108,
  "summary_bg_mean": 44.95000076293945,
  "summary_bg_median": 0.4449999928474426,
  "summary_bg_n": 637849.0,
  "summary_bg_p05": 0.0,
  "summary_bg_p95": 212.93599853515602,
  "summary_bg_stdv": 179.9811248779297,
  "summary_fg_k": 0.8450748960096051,
  "summary_fg_mad": 1098.68212890625,
  "summary_fg_mean": 5826.06689453125,
  "summary_fg_median": 5858.6796875,
  "summary_fg_n": 79181.0,
  "summary_fg_p05": 3651.21484375,
  "summary_fg_p95": 7809.77490234375,
  "summary_fg_stdv": 1247.1156005859375,
  "tsnr": 66.51966094970703
}