{
  "aor": 0.003032435233160622,
  "aqi": 0.006558919948186528,
  "bids_meta": {
    "AcquisitionDuration": 525.000256,
    "CogAtlasID": "trm_4c8a834779883",
    "Columns": 128,
    "EchoTime": 0.03,
    "EchoTrainLength": 1,
    "EffectiveEchoSpacing": 0.000464,
    "FieldOfView": [
      288,
      288,
      147
    ],
    "FlipAngle": 75,
    "GEImageTypeRIMPCode": 0,
    "ImageType": "ORIGINAL/PRIMARY/EPI/NONE",
    "ImagingFrequency": 127.765139,
    "InplanePhaseEncodingDirection": "COL",
    "InversionTime": 0,
    "MRAcquisitionType": "2D",
    "MagneticFieldStrength": 3,
    "Manufacturer": "GE MEDICAL SYSTEMS",
    "ManufacturersModelName": "DISCOVERY MR750",
    "NumberOfAverages": 1,
    "NumberOfEPIShots": 1,
    "NumberOfEchoes": 1,
    "NumberOfSlices": 49,
    "ParallelImagingReductionFactors": [
      0.5,
      1
    ],
    "PercentPhaseFieldOfView": 100,
    "PhaseEncodingDirection": "j",
    "PixelBandwidth": 3906.25,
    "PixelSpacing": [
      2.25,
      2.25
    ],
    "ReceiveCoilName": "8HRBRAIN",
    "RepetitionTime": 2.5,
    "Rows": 128,
    "SATFatWaterBone": 0,
    "ScanOptions": [
      "EPI_GEMS",
      "FILTERED_GEMS",
      "ACC_GEMS"
    ],
    "ScanningSequence": [
      "EP",
      "GR"
    ],
    "SequenceVariant": "SS",
    "SeriesDate": "18740503",
    "SeriesDescription": "RSN_BWRT_200vol_3mm",
    "SeriesNumber": 4,
    "SeriesTime": "182027",
    "SliceThickness": 3,
    "SliceTiming": [
      0,
      1.27551,
      0.05102,
      1.32653,
      0.10204,
      1.37755,
      0.15306,
      1.42857,
      0.20408,
      1.47959,
      0.2551,
      1.53061,
      0.30612,
      1.58163,
      0.35714,
      1.63265,
      0.40816,
      1.68367,
      0.45918,
      1.73469,
      0.5102,
      1.78571,
      0.56122,
      1.83673,
      0.61224,
      1.88776,
      0.66327,
      1.93878,
      0.71429,
      1.9898,
      0.76531,
      2.04082,
      0.81633,
      2.09184,
      0.86735,
      2.14286,
      0.91837,
      2.19388,
      0.96939,
      2.2449,
      1.02041,
      2.29592,
      1.07143,
      2.34694,
      1.12245,
      2.39796,
      1.17347,
      2.44898,
      1.22449
    ],
    "SliceTimingComputationMethod": "SliceNumber*RepetitionTime/NumberOfSlices (interleaved ascending, odd first)",
    "SpacingBetweenSlices": 3,
    "StudyTime": "181249",
    "TaskDescription": "Functional connectivity in the resting state was assessed during two eight-minute runs.",
    "TaskInstructions": "Participants were instructed to keep their eyes open and look at a white fixation cross presented against a gray background.",
    "TaskName": "Resting State",
    "dummyScans": 10,
    "modality": "bold",
    "session_id": "1",
    "subject_id": "9023",
    "task_id": "rest"
  },
  "dummy_trs": 0,
  "dvars_nstd": 22.006212751197907,
  "dvars_std": 1.2040139053645835,
  "dvars_vstd": 0.9593794663020834,
  "efc": 0.33327816536230337,
  "fber": 25989848.0,
  "fd_mean": 0.13920127365543467,
  "fd_num": 34,
  "fd_perc": 17.616580310880828,
  "fwhm_avg": 3.423648220850719,
  "fwhm_x": 3.457462222222222,
  "fwhm_y": 4.020515555555556,
  "fwhm_z": 2.7929668847743794,
  "gcor": 0.0310424,
  "gsr_x": -0.016559652984142303,
  "gsr_y": 0.007407929748296738,
  "provenance": {
    "md5sum": "752e515cdf2f0b947cff2928269ef996",
    "settings": {
      "fd_thres": 0.2,
      "hmc_fsl": false
    },
    "software": "mriqc",
    "version": "0.9.6"
  },
  "size_t": 193,
  "size_x": 128,
  "size_y": 128,
  "size_z": 49,
  "snr": 4.453181867992974,
  "spacing_tr": 2.5,
  "spacing_x": 2.25,
  "spacing_y": 2.25,
  "spacing_z": 2.9999961853027344,
  "summary_bg_k": 102.01055008264606,
  "summary_bg_mad": 1.5440572500228882,
  "summary_bg_mean": 70.01165771484375,
  "summary_bg_median": 1.0414507389068604,
  "summary_bg_n": 621240.0,
  "summary_bg_p05": 0.0,
  "summary_bg_p95": 356.60101318359375,
  "summary_bg_stdv": 269.1195373535156,
  "summary_fg_k": 0.9209540743584275,
  "summary_fg_mad": 989.971435546875,
  "summary_fg_mean": 5073.69482421875,
  "summary_fg_median": 5125.373046875,
  "summary_fg_n": 92767.0,
  "summary_fg_p05": 2917.8973388671875,
  "summary_fg_p95": 6827.131835937499,
  "summary_fg_stdv": 1150.9400634765625,
  "tsnr": 62.07420349121094
}