{
  "aor": 0.004649297297297297,
  "aqi": 0.010912130432432433,
  "bids_meta": {
    "AcquisitionDuration": 723.000256,
    "Columns": 128,
    "EchoTime": 0.034,
    "EchoTrainLength": 1,
    "EffectiveEchoSpacing": 0.00056,
    "FieldOfView": [
      220.01,
      220.01,
      110.4
    ],
    "FlipAngle": 80,
    "GEImageTypeRIMPCode": 0,
    "ImageType": "ORIGINAL/PRIMARY/EPI/NONE",
    "ImagingFrequency": 127.765183,
    "InplanePhaseEncodingDirection": "COL",
    "InversionTime": 0,
    "MRAcquisitionType": "2D",
    "MagneticFieldStrength": 3,
    "Manufacturer": "GE MEDICAL SYSTEMS",
    "ManufacturersModelName": "DISCOVERY MR750",
    "NumberOfAverages": 1,
    "NumberOfEPIShots": 1,
    "NumberOfEchoes": 1,
    "NumberOfSlices": 46,
    "ParallelImagingReductionFactors": [
      0.5,
      1
    ],
    "PercentPhaseFieldOfView": 100,
    "PhaseEncodingDirection": "j",
    "PixelBandwidth": 3906.25,
    "PixelSpacing": [
      1.7188,
      1.7188
    ],
    "ReceiveCoilName": "8HRBRAIN",
    "RepetitionTime": 3,
    "Rows": 128,
    "SATFatWaterBone": 1,
    "ScanOptions": [
      "SAT_GEMS",
      "EPI_GEMS",
      "ACC_GEMS",
      "FS"
    ],
    "ScanningSequence": [
      "EP",
      "GR"
    ],
    "SequenceVariant": "SS",
    "SeriesDate": "18731225",
    "SeriesDescription": "fMRI-hands",
    "SeriesNumber": 7,
    "SeriesTime": "203242",
    "SliceThickness": 2.3,
    "SliceTiming": [
      0,
      1.5,
      0.06522,
      1.56522,
      0.13043,
      1.63043,
      0.19565,
      1.69565,
      0.26087,
      1.76087,
      0.32609,
      1.82609,
      0.3913,
      1.8913,
      0.45652,
      1.95652,
      0.52174,
      2.02174,
      0.58696,
      2.08696,
      0.65217,
      2.15217,
      0.71739,
      2.21739,
      0.78261,
      2.28261,
      0.84783,
      2.34783,
      0.91304,
      2.41304,
      0.97826,
      2.47826,
      1.04348,
      2.54348,
      1.1087,
      2.6087,
      1.17391,
      2.67391,
      1.23913,
      2.73913,
      1.30435,
      2.80435,
      1.36957,
      2.86957,
      1.43478,
      2.93478
    ],
    "SliceTimingComputationMethod": "SliceNumber*RepetitionTime/NumberOfSlices (interleaved ascending, odd first)",
    "SpacingBetweenSlices": 2.4,
    "StudyTime": "195848",
    "TaskDescription": "In an event-related design, participants were shown pictures of hands being stung by needles or poked with Q-tips. The stimulus set was kindly shared by Claus Lamm, and has been shown to be effective in previous work by him. After each picture, participants were asked to rate their perceived unpleasantness on a visual analog scale of 0-100.",
    "TaskInstructions": "",
    "TaskName": "Hands",
    "dummyScans": 5,
    "modality": "bold",
    "session_id": "1",
    "subject_id": "9071",
    "task_id": "hands"
  },
  "dummy_trs": 0,
  "dvars_nstd": 38.37172792217389,
  "dvars_std": 1.1162472694021732,
  "dvars_vstd": 1.1219481872826094,
  "efc": 0.4766954212515925,
  "fber": 11380.18359375,
  "fd_mean": 0.22991381401128613,
  "fd_num": 53,
  "fd_perc": 28.64864864864865,
  "fwhm_avg": 2.9028603363159693,
  "fwhm_x": 3.0794974156399015,
  "fwhm_y": 3.4012218841684887,
  "fwhm_z": 2.227861709139517,
  "gcor": 0.0143649,
  "gsr_x": -0.0016670639161020517,
  "gsr_y": 0.014348560944199562,
  "provenance": {
    "md5sum": "703e71568a06bfff6b89f6bcbb5ca7da",
    "settings": {
      "fd_thres": 0.2,
      "hmc_fsl": false
    },
    "software": "mriqc",
    "version": "0.9.6"
  },
  "size_t": 185,
  "size_x": 128,
  "size_y": 128,
  "size_z": 46,
  "snr": 4.119077717581834,
  "spacing_tr": 3.0,
  "spacing_x": 1.7187999486923218,
  "spacing_y": 1.7187999486923218,
  "spacing_z": 2.400005340576172,
  "summary_bg_k": 73.44062162842907,
  "summary_bg_mad": 53.31758117675781,
  "summary_bg_mean": 99.36244201660156,
  "summary_bg_median": 36.31892013549805,
  "summary_bg_n": 487815.0,
  "summary_bg_p05": 0.0324324332177639,
  "summary_bg_p95": 395.1183868408201,
  "summary_bg_stdv": 222.4721221923828,
  "summary_fg_k": 1.578391790704468,
  "summary_fg_mad": 820.6688232421875,
  "summary_fg_mean": 3803.669921875,
  "summary_fg_median": 3764.956787109375,
  "summary_fg_n": 168912.0,
  "summary_fg_p05": 2470.9611572265626,
  "summary_fg_p95": 5325.864111328122,
  "summary_fg_stdv": 914.0263671875,
  "tsnr": 37.75843811035156
}