{
  "aor": 0.0010140116279069768,
  "aqi": 0.006803991279069768,
  "bids_meta": {
    "AcquisitionDuration": 723.000256,
    "Columns": 128,
    "EchoTime": 0.034,
    "EchoTrainLength": 1,
    "EffectiveEchoSpacing": 0.00056,
    "FieldOfView": [
      220.01,
      220.01,
      110.4
    ],
    "FlipAngle": 80,
    "GEImageTypeRIMPCode": 0,
    "ImageType": "ORIGINAL/PRIMARY/EPI/NONE",
    "ImagingFrequency": 127.765154,
    "InplanePhaseEncodingDirection": "COL",
    "InversionTime": 0,
    "MRAcquisitionType": "2D",
    "MagneticFieldStrength": 3,
    "Manufacturer": "GE MEDICAL SYSTEMS",
    "ManufacturersModelName": "DISCOVERY MR750",
    "NumberOfAverages": 1,
    "NumberOfEPIShots": 1,
    "NumberOfEchoes": 1,
    "NumberOfSlices": 46,
    "ParallelImagingReductionFactors": [
      0.5,
      1
    ],
    "PercentPhaseFieldOfView": 100,
    "PhaseEncodingDirection": "j",
    "PixelBandwidth": 3906.25,
    "PixelSpacing": [
      1.7188,
      1.7188
    ],
    "ReceiveCoilName": "8HRBRAIN",
    "RepetitionTime": 3,
    "Rows": 128,
    "SATFatWaterBone": 1,
    "ScanOptions": [
      "SAT_GEMS",
      "EPI_GEMS",
      "ACC_GEMS",
      "FS"
    ],
    "ScanningSequence": [
      "EP",
      "GR"
    ],
    "SequenceVariant": "SS",
    "SeriesDate": "18731220",
    "SeriesDescription": "fMRI-hands",
    "SeriesNumber": 7,
    "SeriesTime": "201841",
    "SliceThickness": 2.3,
    "SliceTiming": [
      0,
      1.5,
      0.06522,
      1.56522,
      0.13043,
      1.63043,
      0.19565,
      1.69565,
      0.26087,
      1.76087,
      0.32609,
      1.82609,
      0.3913,
      1.8913,
      0.45652,
      1.95652,
      0.52174,
      2.02174,
      0.58696,
      2.08696,
      0.65217,
      2.15217,
      0.71739,
      2.21739,
      0.78261,
      2.28261,
      0.84783,
      2.34783,
      0.91304,
      2.41304,
      0.97826,
      2.47826,
      1.04348,
      2.54348,
      1.1087,
      2.6087,
      1.17391,
      2.67391,
      1.23913,
      2.73913,
      1.30435,
      2.80435,
      1.36957,
      2.86957,
      1.43478,
      2.93478
    ],
    "SliceTimingComputationMethod": "SliceNumber*RepetitionTime/NumberOfSlices (interleaved ascending, odd first)",
    "SpacingBetweenSlices": 2.4,
    "StudyTime": "194825",
    "TaskDescription": "In an event-related design, participants were shown pictures of hands being stung by needles or poked with Q-tips. The stimulus set was kindly shared by Claus Lamm, and has been shown to be effective in previous work by him. After each picture, participants were asked to rate their perceived unpleasantness on a visual analog scale of 0-100.",
    "TaskInstructions": "",
    "TaskName": "Hands",
    "dummyScans": 5,
    "modality": "bold",
    "session_id": "2",
    "subject_id": "9068",
    "task_id": "hands"
  },
  "dummy_trs": 0,
  "dvars_nstd": 34.09560119912278,
  "dvars_std": 1.0661231238011697,
  "dvars_vstd": 1.007650031052631,
  "efc": 0.52700977913932,
  "fber": 5495.3798828125,
  "fd_mean": 0.05678997097328161,
  "fd_num": 4,
  "fd_perc": 2.3255813953488373,
  "fwhm_avg": 3.0694353917333537,
  "fwhm_x": 3.113113893254972,
  "fwhm_y": 3.5748313843473927,
  "fwhm_z": 2.520360897597696,
  "gcor": 0.012996,
  "gsr_x": -0.0010252812644466758,
  "gsr_y": 0.027230137959122658,
  "provenance": {
    "md5sum": "53ebfe2e146c342fb53e1041a76bd246",
    "settings": {
      "fd_thres": 0.2,
      "hmc_fsl": false
    },
    "software": "mriqc",
    "version": "0.9.6"
  },
  "size_t": 172,
  "size_x": 128,
  "size_y": 128,
  "size_z": 46,
  "snr": 3.5100760113299683,
  "spacing_tr": 3.0,
  "spacing_x": 1.7187999486923218,
  "spacing_y": 1.7187999486923218,
  "spacing_z": 2.4000015258789062,
  "summary_bg_k": 84.39285491750047,
  "summary_bg_mad": 65.38965606689453,
  "summary_bg_mean": 132.30877685546875,
  "summary_bg_median": 45.44186019897461,
  "summary_bg_n": 451309.0,
  "summary_bg_p05": 0.151162788271904,
  "summary_bg_p95": 588.4511718749999,
  "summary_bg_stdv": 318.53875732421875,
  "summary_fg_k": 0.9429893386231214,
  "summary_fg_mad": 905.9345703125,
  "summary_fg_mean": 3506.742919921875,
  "summary_fg_median": 3468.1279296875,
  "summary_fg_n": 203770.0,
  "summary_fg_p05": 1968.495916748047,
  "summary_fg_p95": 5205.484399414062,
  "summary_fg_stdv": 988.0468139648438,
  "tsnr": 40.404693603515625
}