{
  "bids_meta": {
    "AcquisitionDuration": 393.099328,
    "Columns": 512,
    "EchoTime": 0.12663,
    "EchoTrainLength": 140,
    "EffectiveEchoSpacing": 0,
    "FieldOfView": [
      240.03,
      240.03,
      87.6
    ],
    "FlipAngle": 90,
    "GEImageTypeRIMPCode": 0,
    "ImageType": "ORIGINAL/PRIMARY/OTHER",
    "ImagingFrequency": 127.765138,
    "InplanePhaseEncodingDirection": "ROW",
    "InversionTime": 1.862,
    "MRAcquisitionType": "3D",
    "MagneticFieldStrength": 3,
    "Manufacturer": "GE MEDICAL SYSTEMS",
    "ManufacturersModelName": "DISCOVERY MR750",
    "NumberOfAverages": 1,
    "NumberOfEPIShots": 1,
    "NumberOfEchoes": 1,
    "NumberOfSlices": 146,
    "ParallelImagingReductionFactors": [
      0.5,
      0.5
    ],
    "PercentPhaseFieldOfView": 100,
    "PhaseEncodingDirection": "i",
    "PixelBandwidth": 122.07,
    "PixelSpacing": [
      0.4688,
      0.4688
    ],
    "ReceiveCoilName": "8HRBRAIN",
    "RepetitionTime": 6,
    "Rows": 512,
    "SATFatWaterBone": 0,
    "ScanOptions": [
      "EDR_GEMS",
      "FILTERED_GEMS",
      "ACC_GEMS"
    ],
    "ScanningSequence": [
      "SE",
      "IR"
    ],
    "SequenceVariant": "SK",
    "SeriesDate": "18731219",
    "SeriesDescription": "Sag CUBE T2 flair",
    "SeriesNumber": 11,
    "SeriesTime": "192655",
    "SliceThickness": 1.2,
    "SpacingBetweenSlices": 0.600002,
    "StudyTime": "180253",
    "modality": "T2w",
    "session_id": "1",
    "subject_id": "9042"
  },
  "cjv": 0.7024793098682887,
  "cnr": 1.657213421701514,
  "efc": 0.605893447859949,
  "fber": 576.7168579101562,
  "fwhm_avg": 4.944829156163903,
  "fwhm_x": 4.357866493500611,
  "fwhm_y": 5.425810484177116,
  "fwhm_z": 5.050810490813981,
  "icvs_csf": 0.4677566996249208,
  "icvs_gm": 0.4128806339187324,
  "icvs_wm": 0.11936266645634681,
  "inu_med": 1.0719587802886963,
  "inu_range": 0.6513312220573422,
  "provenance": {
    "md5sum": "aa489ac18cab9a736bfc29930b706270",
    "settings": {
      "testing": false
    },
    "software": "mriqc",
    "version": "0.9.6",
    "warnings": {
      "large_rot_frame": true,
      "small_air_mask": false
    }
  },
  "qi_1": 0.0,
  "qi_2": 0.0008392938603945327,
  "rpve_csf": 12.031275280134558,
  "rpve_gm": 12.468473593052067,
  "rpve_wm": 38.751628017728464,
  "size_x": 292,
  "size_y": 512,
  "size_z": 512,
  "snr_csf": 15.640132198913884,
  "snr_gm": 15.676113369766268,
  "snr_total": 11.143034828716537,
  "snr_wm": 2.112858917469461,
  "snrd_csf": 69.61317117631675,
  "snrd_gm": 59.85369723342075,
  "snrd_total": 54.18867382616664,
  "snrd_wm": 33.09915306876241,
  "spacing_x": 0.6000000238418579,
  "spacing_y": 0.46880000829696655,
  "spacing_z": 0.46880000829696655,
  "summary_bg_k": 9.02945706035929,
  "summary_bg_mad": 19.769424438476562,
  "summary_bg_mean": 61.2510986328125,
  "summary_bg_median": 57.58613204956055,
  "summary_bg_n": 17491221.0,
  "summary_bg_p05": 30.77783966064453,
  "summary_bg_p95": 104.79391479492188,
  "summary_bg_stdv": 24.3706111907959,
  "summary_csf_k": 0.7057048029213351,
  "summary_csf_mad": 128.13758850097656,
  "summary_csf_mean": 2109.123046875,
  "summary_csf_median": 2100.650146484375,
  "summary_csf_n": 1193507.0,
  "summary_csf_p05": 1905.010302734375,
  "summary_csf_p95": 2341.6591064453123,
  "summary_csf_stdv": 134.3114776611328,
  "summary_gm_k": -0.014427431202886254,
  "summary_gm_mad": 115.02103424072266,
  "summary_gm_mean": 1811.5443115234375,
  "summary_gm_median": 1806.1478271484375,
  "summary_gm_n": 480768.0,
  "summary_gm_p05": 1630.9482849121093,
  "summary_gm_p95": 2010.9801208496094,
  "summary_gm_stdv": 115.21643829345703,
  "summary_wm_k": 3.2482760354842872,
  "summary_wm_mad": 452.123046875,
  "summary_wm_mean": 953.9329223632812,
  "summary_wm_median": 998.801513671875,
  "summary_wm_n": 100362.0,
  "summary_wm_p05": 210.24781341552733,
  "summary_wm_p95": 1494.6825317382813,
  "summary_wm_stdv": 472.7227783203125,
  "tpm_overlap_csf": 0.09917736798524857,
  "tpm_overlap_gm": 0.29642364382743835,
  "tpm_overlap_wm": 0.095445916056633,
  "wm2max": 0.2140660013306384
}