{
  "aor": 0.014297999999999998,
  "aqi": 0.0089512534,
  "bids_meta": {
    "AcquisitionDuration": 525.000256,
    "CogAtlasID": "trm_4c8a834779883",
    "Columns": 128,
    "EchoTime": 0.03,
    "EchoTrainLength": 1,
    "EffectiveEchoSpacing": 0.000464,
    "FieldOfView": [
      288,
      288,
      147
    ],
    "FlipAngle": 75,
    "GEImageTypeRIMPCode": 0,
    "ImageType": "ORIGINAL/PRIMARY/EPI/NONE",
    "ImagingFrequency": 127.765162,
    "InplanePhaseEncodingDirection": "COL",
    "InversionTime": 0,
    "MRAcquisitionType": "2D",
    "MagneticFieldStrength": 3,
    "Manufacturer": "GE MEDICAL SYSTEMS",
    "ManufacturersModelName": "DISCOVERY MR750",
    "NumberOfAverages": 1,
    "NumberOfEPIShots": 1,
    "NumberOfEchoes": 1,
    "NumberOfSlices": 49,
    "ParallelImagingReductionFactors": [
      0.5,
      1
    ],
    "PercentPhaseFieldOfView": 100,
    "PhaseEncodingDirection": "j",
    "PixelBandwidth": 3906.25,
    "PixelSpacing": [
      2.25,
      2.25
    ],
    "ReceiveCoilName": "8HRBRAIN",
    "RepetitionTime": 2.5,
    "Rows": 128,
    "SATFatWaterBone": 0,
    "ScanOptions": [
      "EPI_GEMS",
      "FILTERED_GEMS",
      "ACC_GEMS"
    ],
    "ScanningSequence": [
      "EP",
      "GR"
    ],
    "SequenceVariant": "SS",
    "SeriesDate": "18740531",
    "SeriesDescription": "RSN_BWRT_200vol_3mm",
    "SeriesNumber": 10,
    "SeriesTime": "210346",
    "SliceThickness": 3,
    "SliceTiming": [
      0,
      1.27551,
      0.05102,
      1.32653,
      0.10204,
      1.37755,
      0.15306,
      1.42857,
      0.20408,
      1.47959,
      0.2551,
      1.53061,
      0.30612,
      1.58163,
      0.35714,
      1.63265,
      0.40816,
      1.68367,
      0.45918,
      1.73469,
      0.5102,
      1.78571,
      0.56122,
      1.83673,
      0.61224,
      1.88776,
      0.66327,
      1.93878,
      0.71429,
      1.9898,
      0.76531,
      2.04082,
      0.81633,
      2.09184,
      0.86735,
      2.14286,
      0.91837,
      2.19388,
      0.96939,
      2.2449,
      1.02041,
      2.29592,
      1.07143,
      2.34694,
      1.12245,
      2.39796,
      1.17347,
      2.44898,
      1.22449
    ],
    "SliceTimingComputationMethod": "SliceNumber*RepetitionTime/NumberOfSlices (interleaved ascending, odd first)",
    "SpacingBetweenSlices": 3,
    "StudyTime": "195639",
    "TaskDescription": "Functional connectivity in the resting state was assessed during two eight-minute runs. Participants were asked to rate their sleepiness using the Karolinska Sleepiness Scale every 2 minutes",
    "TaskInstructions": "Participants were instructed to keep their eyes open and look at a white fixation cross presented against a gray background.",
    "TaskName": "Sleepiness",
    "dummyScans": 10,
    "modality": "bold",
    "session_id": "2",
    "subject_id": "9023",
    "task_id": "sleepiness"
  },
  "dummy_trs": 0,
  "dvars_nstd": 30.338997146231154,
  "dvars_std": 1.1832206254773858,
  "dvars_vstd": 1.0494713524623112,
  "efc": 0.3406978751004105,
  "fber": 17338790.0,
  "fd_mean": 0.32222184737806636,
  "fd_num": 107,
  "fd_perc": 53.5,
  "fwhm_avg": 3.4447314814814813,
  "fwhm_x": 3.4659155555555556,
  "fwhm_y": 4.059302222222223,
  "fwhm_z": 2.8089766666666667,
  "gcor": 0.0621795,
  "gsr_x": -0.0197397843003273,
  "gsr_y": 0.005266629159450531,
  "provenance": {
    "md5sum": "77451f9d4c62ad1e52dc1c2d12df68c0",
    "settings": {
      "fd_thres": 0.2,
      "hmc_fsl": false
    },
    "software": "mriqc",
    "version": "0.9.6"
  },
  "size_t": 200,
  "size_x": 128,
  "size_y": 128,
  "size_z": 49,
  "snr": 4.549682122386935,
  "spacing_tr": 2.5,
  "spacing_x": 2.25,
  "spacing_y": 2.25,
  "spacing_z": 3.0,
  "summary_bg_k": 74.82103016978098,
  "summary_bg_mad": 1.9199697971343994,
  "summary_bg_mean": 83.3537368774414,
  "summary_bg_median": 1.2949999570846558,
  "summary_bg_n": 620401.0,
  "summary_bg_p05": 0.0,
  "summary_bg_p95": 453.1600036621094,
  "summary_bg_stdv": 302.4107666015625,
  "summary_fg_k": 1.4691170250966206,
  "summary_fg_mad": 920.4994506835938,
  "summary_fg_mean": 5016.328125,
  "summary_fg_median": 5116.125,
  "summary_fg_n": 93200.0,
  "summary_fg_p05": 2863.4260742187503,
  "summary_fg_p95": 6639.77978515625,
  "summary_fg_stdv": 1124.49560546875,
  "tsnr": 45.20765686035156
}