{
  "aor": 0.0022012972972972975,
  "aqi": 0.00827159762162162,
  "bids_meta": {
    "AcquisitionDuration": 723.000256,
    "Columns": 128,
    "EchoTime": 0.034,
    "EchoTrainLength": 1,
    "EffectiveEchoSpacing": 0.00056,
    "FieldOfView": [
      220.01,
      220.01,
      110.4
    ],
    "FlipAngle": 80,
    "GEImageTypeRIMPCode": 0,
    "ImageType": "ORIGINAL/PRIMARY/EPI/NONE",
    "ImagingFrequency": 127.76514,
    "InplanePhaseEncodingDirection": "COL",
    "InversionTime": 0,
    "MRAcquisitionType": "2D",
    "MagneticFieldStrength": 3,
    "Manufacturer": "GE MEDICAL SYSTEMS",
    "ManufacturersModelName": "DISCOVERY MR750",
    "NumberOfAverages": 1,
    "NumberOfEPIShots": 1,
    "NumberOfEchoes": 1,
    "NumberOfSlices": 46,
    "ParallelImagingReductionFactors": [
      0.5,
      1
    ],
    "PercentPhaseFieldOfView": 100,
    "PhaseEncodingDirection": "j",
    "PixelBandwidth": 3906.25,
    "PixelSpacing": [
      1.7188,
      1.7188
    ],
    "ReceiveCoilName": "8HRBRAIN",
    "RepetitionTime": 3,
    "Rows": 128,
    "SATFatWaterBone": 1,
    "ScanOptions": [
      "SAT_GEMS",
      "EPI_GEMS",
      "ACC_GEMS",
      "FS"
    ],
    "ScanningSequence": [
      "EP",
      "GR"
    ],
    "SequenceVariant": "SS",
    "SeriesDate": "18740312",
    "SeriesDescription": "fMRI-hands",
    "SeriesNumber": 7,
    "SeriesTime": "202040",
    "SliceThickness": 2.3,
    "SliceTiming": [
      0,
      1.5,
      0.06522,
      1.56522,
      0.13043,
      1.63043,
      0.19565,
      1.69565,
      0.26087,
      1.76087,
      0.32609,
      1.82609,
      0.3913,
      1.8913,
      0.45652,
      1.95652,
      0.52174,
      2.02174,
      0.58696,
      2.08696,
      0.65217,
      2.15217,
      0.71739,
      2.21739,
      0.78261,
      2.28261,
      0.84783,
      2.34783,
      0.91304,
      2.41304,
      0.97826,
      2.47826,
      1.04348,
      2.54348,
      1.1087,
      2.6087,
      1.17391,
      2.67391,
      1.23913,
      2.73913,
      1.30435,
      2.80435,
      1.36957,
      2.86957,
      1.43478,
      2.93478
    ],
    "SliceTimingComputationMethod": "SliceNumber*RepetitionTime/NumberOfSlices (interleaved ascending, odd first)",
    "SpacingBetweenSlices": 2.4,
    "StudyTime": "195137",
    "TaskDescription": "In an event-related design, participants were shown pictures of hands being stung by needles or poked with Q-tips. The stimulus set was kindly shared by Claus Lamm, and has been shown to be effective in previous work by him. After each picture, participants were asked to rate their perceived unpleasantness on a visual analog scale of 0-100.",
    "TaskInstructions": "",
    "TaskName": "Hands",
    "dummyScans": 5,
    "modality": "bold",
    "session_id": "2",
    "subject_id": "9098",
    "task_id": "hands"
  },
  "dummy_trs": 0,
  "dvars_nstd": 35.63989350086956,
  "dvars_std": 1.107095607065217,
  "dvars_vstd": 1.034933944945652,
  "efc": 0.4583885983363843,
  "fber": 37307.45703125,
  "fd_mean": 0.1082504582057722,
  "fd_num": 24,
  "fd_perc": 12.972972972972974,
  "fwhm_avg": 2.992311716527015,
  "fwhm_x": 3.196346383521708,
  "fwhm_y": 3.4233536046336543,
  "fwhm_z": 2.3572351614256832,
  "gcor": 0.00757246,
  "gsr_x": -0.007594999857246876,
  "gsr_y": 0.026106655597686768,
  "provenance": {
    "md5sum": "d75ad950fbf62010d23bdba048686504",
    "settings": {
      "fd_thres": 0.2,
      "hmc_fsl": false
    },
    "software": "mriqc",
    "version": "0.9.6"
  },
  "size_t": 185,
  "size_x": 128,
  "size_y": 128,
  "size_z": 46,
  "snr": 3.0695318936336196,
  "spacing_tr": 3.0,
  "spacing_x": 1.7187999486923218,
  "spacing_y": 1.7187999486923218,
  "spacing_z": 2.399993896484375,
  "summary_bg_k": 202.0587121012822,
  "summary_bg_mad": 29.812326431274414,
  "summary_bg_mean": 108.49164581298828,
  "summary_bg_median": 20.108108520507812,
  "summary_bg_n": 495109.0,
  "summary_bg_p05": 0.0,
  "summary_bg_p95": 417.0875671386716,
  "summary_bg_stdv": 345.5130920410156,
  "summary_fg_k": 1.7141742839317935,
  "summary_fg_mad": 833.5431518554688,
  "summary_fg_mean": 3900.080322265625,
  "summary_fg_median": 3726.3486328125,
  "summary_fg_n": 162312.0,
  "summary_fg_p05": 2102.6724487304687,
  "summary_fg_p95": 6271.475756835935,
  "summary_fg_stdv": 1213.9757080078125,
  "tsnr": 40.41416549682617
}