{
  "bids_meta": {
    "AcquisitionDuration": 238.444688,
    "Columns": 512,
    "EchoTime": 0.00281,
    "EchoTrainLength": 1,
    "EffectiveEchoSpacing": 0,
    "FieldOfView": [
      240.03,
      240.03,
      180
    ],
    "FlipAngle": 11,
    "GEImageTypeRIMPCode": 0,
    "ImageType": "ORIGINAL/PRIMARY/OTHER",
    "ImagingFrequency": 127.765144,
    "InplanePhaseEncodingDirection": "ROW",
    "InversionTime": 0.45,
    "MRAcquisitionType": "3D",
    "MagneticFieldStrength": 3,
    "Manufacturer": "GE MEDICAL SYSTEMS",
    "ManufacturersModelName": "DISCOVERY MR750",
    "NumberOfAverages": 1,
    "NumberOfEPIShots": 0,
    "NumberOfEchoes": 1,
    "NumberOfSlices": 180,
    "ParallelImagingReductionFactors": [
      0.571429,
      1
    ],
    "PercentPhaseFieldOfView": 100,
    "PhaseEncodingDirection": "i",
    "PixelBandwidth": 122.07,
    "PixelSpacing": [
      0.4688,
      0.4688
    ],
    "ReceiveCoilName": "8HRBRAIN",
    "RepetitionTime": 0.0064,
    "Rows": 512,
    "SATFatWaterBone": 0,
    "ScanOptions": [
      "FAST_GEMS",
      "EDR_GEMS",
      "FILTERED_GEMS",
      "ACC_GEMS"
    ],
    "ScanningSequence": "GR",
    "SequenceVariant": [
      "SS",
      "SK"
    ],
    "SeriesDate": "18730317",
    "SeriesDescription": "Sag3D_T1_1mm3",
    "SeriesNumber": 2,
    "SeriesTime": "183504",
    "SliceThickness": 1,
    "SpacingBetweenSlices": 1,
    "StudyTime": "183339",
    "modality": "T1w",
    "session_id": "2",
    "subject_id": "9037"
  },
  "cjv": 0.3996669282425558,
  "cnr": 3.348194679124065,
  "efc": 0.6871506237067172,
  "fber": 107.7942123413086,
  "fwhm_avg": 7.231827201873478,
  "fwhm_x": 4.4259,
  "fwhm_y": 9.050959737424252,
  "fwhm_z": 8.21862186819618,
  "icvs_csf": 0.22764215619739234,
  "icvs_gm": 0.3839845630424165,
  "icvs_wm": 0.3883732807601912,
  "inu_med": 1.1698660850524902,
  "inu_range": 0.7080416530370712,
  "provenance": {
    "md5sum": "251627e11c47fd7eabd2684131aa5b93",
    "mriqc_pred": 0,
    "settings": {
      "testing": false
    },
    "software": "mriqc",
    "version": "0.9.6",
    "warnings": {
      "large_rot_frame": true,
      "small_air_mask": false
    }
  },
  "qi_1": 0.0,
  "qi_2": 0.0003490958339225519,
  "rpve_csf": 19.359185268981367,
  "rpve_gm": 11.236296733904874,
  "rpve_wm": 13.66063460099891,
  "size_x": 180,
  "size_y": 512,
  "size_z": 512,
  "snr_csf": 3.8070537553825363,
  "snr_gm": 12.345371850532636,
  "snr_total": 10.949031498771866,
  "snr_wm": 16.694668890400425,
  "snrd_csf": 14.807207356198274,
  "snrd_gm": 27.027330466027188,
  "snrd_total": 26.562481141206433,
  "snrd_wm": 37.852905601393836,
  "spacing_x": 1.0,
  "spacing_y": 0.46880000829696655,
  "spacing_z": 0.46880000829696655,
  "summary_bg_k": 1.0421172182891318,
  "summary_bg_mad": 17.307544708251953,
  "summary_bg_mean": 58.71418380737305,
  "summary_bg_median": 56.38257598876953,
  "summary_bg_n": 8752852.0,
  "summary_bg_p05": 32.22295246124268,
  "summary_bg_p95": 93.48337516784662,
  "summary_bg_stdv": 19.0531005859375,
  "summary_csf_k": -0.3292040034819914,
  "summary_csf_mad": 108.322265625,
  "summary_csf_mean": 381.7124938964844,
  "summary_csf_median": 391.18023681640625,
  "summary_csf_n": 209782.0,
  "summary_csf_p05": 201.9786331176758,
  "summary_csf_p95": 534.6080932617188,
  "summary_csf_stdv": 102.75119018554688,
  "summary_gm_k": 0.18479159834257164,
  "summary_gm_mad": 56.513893127441406,
  "summary_gm_mean": 714.4714965820312,
  "summary_gm_median": 714.0142822265625,
  "summary_gm_n": 182317.0,
  "summary_gm_p05": 620.0747924804688,
  "summary_gm_p95": 810.2718872070312,
  "summary_gm_stdv": 57.8364372253418,
  "summary_wm_k": 0.666751516939061,
  "summary_wm_mad": 57.787872314453125,
  "summary_wm_mean": 1002.3986206054688,
  "summary_wm_median": 1000.0068359375,
  "summary_wm_n": 1440328.0,
  "summary_wm_p05": 909.0661468505859,
  "summary_wm_p95": 1104.0454772949217,
  "summary_wm_stdv": 59.899749755859375,
  "tpm_overlap_csf": 0.19061043858528137,
  "tpm_overlap_gm": 0.4565057158470154,
  "tpm_overlap_wm": 0.5419217944145203,
  "wm2max": 0.4879118423781425
}