{
  "aor": 0.0016246,
  "aqi": 0.0056548788,
  "bids_meta": {
    "AcquisitionDuration": 525.000256,
    "CogAtlasID": "trm_4c8a834779883",
    "Columns": 128,
    "EchoTime": 0.03,
    "EchoTrainLength": 1,
    "EffectiveEchoSpacing": 0.000464,
    "FieldOfView": [
      288,
      288,
      147
    ],
    "FlipAngle": 75,
    "GEImageTypeRIMPCode": 0,
    "ImageType": "ORIGINAL/PRIMARY/EPI/NONE",
    "ImagingFrequency": 127.765133,
    "InplanePhaseEncodingDirection": "COL",
    "InversionTime": 0,
    "MRAcquisitionType": "2D",
    "MagneticFieldStrength": 3,
    "Manufacturer": "GE MEDICAL SYSTEMS",
    "ManufacturersModelName": "DISCOVERY MR750",
    "NumberOfAverages": 1,
    "NumberOfEPIShots": 1,
    "NumberOfEchoes": 1,
    "NumberOfSlices": 49,
    "ParallelImagingReductionFactors": [
      0.5,
      1
    ],
    "PercentPhaseFieldOfView": 100,
    "PhaseEncodingDirection": "j",
    "PixelBandwidth": 3906.25,
    "PixelSpacing": [
      2.25,
      2.25
    ],
    "ReceiveCoilName": "8HRBRAIN",
    "RepetitionTime": 2.5,
    "Rows": 128,
    "SATFatWaterBone": 0,
    "ScanOptions": [
      "EPI_GEMS",
      "FILTERED_GEMS",
      "ACC_GEMS"
    ],
    "ScanningSequence": [
      "EP",
      "GR"
    ],
    "SequenceVariant": "SS",
    "SeriesDate": "18740305",
    "SeriesDescription": "RSN_BWRT_200vol_3mm",
    "SeriesNumber": 10,
    "SeriesTime": "192538",
    "SliceThickness": 3,
    "SliceTiming": [
      0,
      1.27551,
      0.05102,
      1.32653,
      0.10204,
      1.37755,
      0.15306,
      1.42857,
      0.20408,
      1.47959,
      0.2551,
      1.53061,
      0.30612,
      1.58163,
      0.35714,
      1.63265,
      0.40816,
      1.68367,
      0.45918,
      1.73469,
      0.5102,
      1.78571,
      0.56122,
      1.83673,
      0.61224,
      1.88776,
      0.66327,
      1.93878,
      0.71429,
      1.9898,
      0.76531,
      2.04082,
      0.81633,
      2.09184,
      0.86735,
      2.14286,
      0.91837,
      2.19388,
      0.96939,
      2.2449,
      1.02041,
      2.29592,
      1.07143,
      2.34694,
      1.12245,
      2.39796,
      1.17347,
      2.44898,
      1.22449
    ],
    "SliceTimingComputationMethod": "SliceNumber*RepetitionTime/NumberOfSlices (interleaved ascending, odd first)",
    "SpacingBetweenSlices": 3,
    "StudyTime": "181129",
    "TaskDescription": "Functional connectivity in the resting state was assessed during two eight-minute runs. Participants were asked to rate their sleepiness using the Karolinska Sleepiness Scale every 2 minutes",
    "TaskInstructions": "Participants were instructed to keep their eyes open and look at a white fixation cross presented against a gray background.",
    "TaskName": "Sleepiness",
    "dummyScans": 10,
    "modality": "bold",
    "session_id": "1",
    "subject_id": "9040",
    "task_id": "sleepiness"
  },
  "dummy_trs": 0,
  "dvars_nstd": 22.622596692864324,
  "dvars_std": 1.2738476444221107,
  "dvars_vstd": 0.9778926457788947,
  "efc": 0.30631361240147054,
  "fber": 70607752.0,
  "fd_mean": 0.13730433175457943,
  "fd_num": 27,
  "fd_perc": 13.5,
  "fwhm_avg": 3.2396044444444443,
  "fwhm_x": 3.241528888888889,
  "fwhm_y": 3.679271111111111,
  "fwhm_z": 2.7980133333333335,
  "gcor": 0.0255388,
  "gsr_x": -0.01296237763017416,
  "gsr_y": 0.00034674047492444515,
  "provenance": {
    "md5sum": "c8cd2e3f5e4bf6e023eff6c0030fba6e",
    "settings": {
      "fd_thres": 0.2,
      "hmc_fsl": false
    },
    "software": "mriqc",
    "version": "0.9.6"
  },
  "size_t": 200,
  "size_x": 128,
  "size_y": 128,
  "size_z": 49,
  "snr": 4.911924538433875,
  "spacing_tr": 2.5,
  "spacing_x": 2.25,
  "spacing_y": 2.25,
  "spacing_z": 3.0,
  "summary_bg_k": 185.7394700012523,
  "summary_bg_mad": 0.9488654136657715,
  "summary_bg_mean": 50.051795959472656,
  "summary_bg_median": 0.6399999856948853,
  "summary_bg_n": 638265.0,
  "summary_bg_p05": 0.0,
  "summary_bg_p95": 244.72399291992153,
  "summary_bg_stdv": 193.37660217285156,
  "summary_fg_k": 1.5010575832853466,
  "summary_fg_mad": 813.4889526367188,
  "summary_fg_mean": 4973.990234375,
  "summary_fg_median": 4956.52490234375,
  "summary_fg_n": 80243.0,
  "summary_fg_p05": 3294.3055175781255,
  "summary_fg_p95": 6638.522167968749,
  "summary_fg_stdv": 1009.07373046875,
  "tsnr": 71.69659423828125
}