{
  "aor": 0.0037368,
  "aqi": 0.00403527245,
  "bids_meta": {
    "AcquisitionDuration": 525.000256,
    "CogAtlasID": "trm_4c8a834779883",
    "Columns": 128,
    "EchoTime": 0.03,
    "EchoTrainLength": 1,
    "EffectiveEchoSpacing": 0.000464,
    "FieldOfView": [
      288,
      288,
      147
    ],
    "FlipAngle": 75,
    "GEImageTypeRIMPCode": 0,
    "ImageType": "ORIGINAL/PRIMARY/EPI/NONE",
    "ImagingFrequency": 127.765138,
    "InplanePhaseEncodingDirection": "COL",
    "InversionTime": 0,
    "MRAcquisitionType": "2D",
    "MagneticFieldStrength": 3,
    "Manufacturer": "GE MEDICAL SYSTEMS",
    "ManufacturersModelName": "DISCOVERY MR750",
    "NumberOfAverages": 1,
    "NumberOfEPIShots": 1,
    "NumberOfEchoes": 1,
    "NumberOfSlices": 49,
    "ParallelImagingReductionFactors": [
      0.5,
      1
    ],
    "PercentPhaseFieldOfView": 100,
    "PhaseEncodingDirection": "j",
    "PixelBandwidth": 3906.25,
    "PixelSpacing": [
      2.25,
      2.25
    ],
    "ReceiveCoilName": "8HRBRAIN",
    "RepetitionTime": 2.5,
    "Rows": 128,
    "SATFatWaterBone": 0,
    "ScanOptions": [
      "EPI_GEMS",
      "FILTERED_GEMS",
      "ACC_GEMS"
    ],
    "ScanningSequence": [
      "EP",
      "GR"
    ],
    "SequenceVariant": "SS",
    "SeriesDate": "18740607",
    "SeriesDescription": "RSN_BWRT_200vol_3mm",
    "SeriesNumber": 10,
    "SeriesTime": "200737",
    "SliceThickness": 3,
    "SliceTiming": [
      0,
      1.27551,
      0.05102,
      1.32653,
      0.10204,
      1.37755,
      0.15306,
      1.42857,
      0.20408,
      1.47959,
      0.2551,
      1.53061,
      0.30612,
      1.58163,
      0.35714,
      1.63265,
      0.40816,
      1.68367,
      0.45918,
      1.73469,
      0.5102,
      1.78571,
      0.56122,
      1.83673,
      0.61224,
      1.88776,
      0.66327,
      1.93878,
      0.71429,
      1.9898,
      0.76531,
      2.04082,
      0.81633,
      2.09184,
      0.86735,
      2.14286,
      0.91837,
      2.19388,
      0.96939,
      2.2449,
      1.02041,
      2.29592,
      1.07143,
      2.34694,
      1.12245,
      2.39796,
      1.17347,
      2.44898,
      1.22449
    ],
    "SliceTimingComputationMethod": "SliceNumber*RepetitionTime/NumberOfSlices (interleaved ascending, odd first)",
    "SpacingBetweenSlices": 3,
    "StudyTime": "190257",
    "TaskDescription": "Functional connectivity in the resting state was assessed during two eight-minute runs. Participants were asked to rate their sleepiness using the Karolinska Sleepiness Scale every 2 minutes",
    "TaskInstructions": "Participants were instructed to keep their eyes open and look at a white fixation cross presented against a gray background.",
    "TaskName": "Sleepiness",
    "dummyScans": 10,
    "modality": "bold",
    "session_id": "2",
    "subject_id": "9020",
    "task_id": "sleepiness"
  },
  "dummy_trs": 0,
  "dvars_nstd": 18.2595732222613,
  "dvars_std": 1.1031036534673375,
  "dvars_vstd": 0.9853233169849244,
  "efc": 0.31574838914080317,
  "fber": 12863383.0,
  "fd_mean": 0.20360044828377102,
  "fd_num": 62,
  "fd_perc": 31.0,
  "fwhm_avg": 3.4512899999999997,
  "fwhm_x": 3.6468222222222217,
  "fwhm_y": 3.8527911111111113,
  "fwhm_z": 2.8542566666666667,
  "gcor": 0.0169986,
  "gsr_x": -0.011126881465315819,
  "gsr_y": -0.0029089299496263266,
  "provenance": {
    "md5sum": "173206caf44f24cd562536d0d2c18e03",
    "settings": {
      "fd_thres": 0.2,
      "hmc_fsl": false
    },
    "software": "mriqc",
    "version": "0.9.6"
  },
  "size_t": 200,
  "size_x": 128,
  "size_y": 128,
  "size_z": 49,
  "snr": 3.9919842906911125,
  "spacing_tr": 2.5,
  "spacing_x": 2.25,
  "spacing_y": 2.25,
  "spacing_z": 3.0,
  "summary_bg_k": 90.76158186354324,
  "summary_bg_mad": 2.349924325942993,
  "summary_bg_mean": 60.10005569458008,
  "summary_bg_median": 1.584999918937683,
  "summary_bg_n": 631007.0,
  "summary_bg_p05": 0.0,
  "summary_bg_p95": 277.17999267578125,
  "summary_bg_stdv": 217.84597778320312,
  "summary_fg_k": 1.087727553902341,
  "summary_fg_mad": 1105.5430908203125,
  "summary_fg_mean": 5401.248046875,
  "summary_fg_median": 5343.72509765625,
  "summary_fg_n": 85786.0,
  "summary_fg_p05": 3231.9974365234375,
  "summary_fg_p95": 7757.5635986328125,
  "summary_fg_stdv": 1338.60595703125,
  "tsnr": 67.65934753417969
}