{
  "bids_meta": {
    "AcquisitionDuration": 238.444688,
    "Columns": 512,
    "EchoTime": 0.00281,
    "EchoTrainLength": 1,
    "EffectiveEchoSpacing": 0,
    "FieldOfView": [
      240.03,
      240.03,
      180
    ],
    "FlipAngle": 11,
    "GEImageTypeRIMPCode": 0,
    "ImageType": "ORIGINAL/PRIMARY/OTHER",
    "ImagingFrequency": 127.765176,
    "InplanePhaseEncodingDirection": "ROW",
    "InversionTime": 0.45,
    "MRAcquisitionType": "3D",
    "MagneticFieldStrength": 3,
    "Manufacturer": "GE MEDICAL SYSTEMS",
    "ManufacturersModelName": "DISCOVERY MR750",
    "NumberOfAverages": 1,
    "NumberOfEPIShots": 0,
    "NumberOfEchoes": 1,
    "NumberOfSlices": 180,
    "ParallelImagingReductionFactors": [
      0.571429,
      1
    ],
    "PercentPhaseFieldOfView": 100,
    "PhaseEncodingDirection": "i",
    "PixelBandwidth": 122.07,
    "PixelSpacing": [
      0.4688,
      0.4688
    ],
    "ReceiveCoilName": "8HRBRAIN",
    "RepetitionTime": 0.0064,
    "Rows": 512,
    "SATFatWaterBone": 0,
    "ScanOptions": [
      "FAST_GEMS",
      "EDR_GEMS",
      "FILTERED_GEMS",
      "ACC_GEMS"
    ],
    "ScanningSequence": "GR",
    "SequenceVariant": [
      "SS",
      "SK"
    ],
    "SeriesDate": "18730309",
    "SeriesDescription": "Sag3D_T1_1mm3",
    "SeriesNumber": 2,
    "SeriesTime": "184216",
    "SliceThickness": 1,
    "SpacingBetweenSlices": 1,
    "StudyTime": "184037",
    "modality": "T1w",
    "session_id": "2",
    "subject_id": "9073"
  },
  "cjv": 0.41877264191002145,
  "cnr": 3.199416402539973,
  "efc": 0.6710299603134334,
  "fber": 140.00550842285156,
  "fwhm_avg": 6.355413586527198,
  "fwhm_x": 4.13209,
  "fwhm_y": 7.71938979512048,
  "fwhm_z": 7.214760964461113,
  "icvs_csf": 0.20277503041053443,
  "icvs_gm": 0.42460927412558175,
  "icvs_wm": 0.37261569546388384,
  "inu_med": 1.2277251482009888,
  "inu_range": 0.5819487392902372,
  "provenance": {
    "md5sum": "3fe9b277734994523931f12c70e77755",
    "mriqc_pred": 0,
    "settings": {
      "testing": false
    },
    "software": "mriqc",
    "version": "0.9.6",
    "warnings": {
      "large_rot_frame": true,
      "small_air_mask": false
    }
  },
  "qi_1": 0.0,
  "qi_2": 0.0005952855157995521,
  "rpve_csf": 22.358267164798036,
  "rpve_gm": 11.378655988259384,
  "rpve_wm": 15.140096952975833,
  "size_x": 180,
  "size_y": 512,
  "size_z": 512,
  "snr_csf": 3.321314263993687,
  "snr_gm": 13.182469597755503,
  "snr_total": 10.577566607778008,
  "snr_wm": 15.228915961584837,
  "snrd_csf": 13.424253652083271,
  "snrd_gm": 29.081945409607023,
  "snrd_total": 27.629939637326583,
  "snrd_wm": 40.383619850289456,
  "spacing_x": 1.0,
  "spacing_y": 0.46880000829696655,
  "spacing_z": 0.46880000829696655,
  "summary_bg_k": 29.79030358127688,
  "summary_bg_mad": 16.223020553588867,
  "summary_bg_mean": 53.65177917480469,
  "summary_bg_median": 50.828765869140625,
  "summary_bg_n": 9797221.0,
  "summary_bg_p05": 29.053009033203125,
  "summary_bg_p95": 87.8399658203125,
  "summary_bg_stdv": 18.84567642211914,
  "summary_csf_k": 0.1345459674388323,
  "summary_csf_mad": 102.12139892578125,
  "summary_csf_mean": 346.4906921386719,
  "summary_csf_median": 332.42230224609375,
  "summary_csf_n": 148758.0,
  "summary_csf_p05": 201.26567611694338,
  "summary_csf_p95": 521.8621795654296,
  "summary_csf_stdv": 100.08724212646484,
  "summary_gm_k": 0.3203632819976563,
  "summary_gm_mad": 52.75517272949219,
  "summary_gm_mean": 719.8380126953125,
  "summary_gm_median": 720.1508178710938,
  "summary_gm_n": 226230.0,
  "summary_gm_p05": 629.2181549072266,
  "summary_gm_p95": 808.7216583251952,
  "summary_gm_stdv": 54.629310607910156,
  "summary_wm_k": 0.678187793845523,
  "summary_wm_mad": 64.44306945800781,
  "summary_wm_mean": 1000.6434326171875,
  "summary_wm_median": 1000.0120849609375,
  "summary_wm_n": 1177788.0,
  "summary_wm_p05": 894.9216735839843,
  "summary_wm_p95": 1107.5978942871093,
  "summary_wm_stdv": 65.66532135009766,
  "tpm_overlap_csf": 0.20099188387393951,
  "tpm_overlap_gm": 0.4834151864051819,
  "tpm_overlap_wm": 0.5295470952987671,
  "wm2max": 0.451556797715674
}