{
  "aor": 0.00107215,
  "aqi": 0.00288765545,
  "bids_meta": {
    "AcquisitionDuration": 525.000256,
    "CogAtlasID": "trm_4c8a834779883",
    "Columns": 128,
    "EchoTime": 0.03,
    "EchoTrainLength": 1,
    "EffectiveEchoSpacing": 0.000464,
    "FieldOfView": [
      288,
      288,
      147
    ],
    "FlipAngle": 75,
    "GEImageTypeRIMPCode": 0,
    "ImageType": "ORIGINAL/PRIMARY/EPI/NONE",
    "ImagingFrequency": 127.76529,
    "InplanePhaseEncodingDirection": "COL",
    "InversionTime": 0,
    "MRAcquisitionType": "2D",
    "MagneticFieldStrength": 3,
    "Manufacturer": "GE MEDICAL SYSTEMS",
    "ManufacturersModelName": "DISCOVERY MR750",
    "NumberOfAverages": 1,
    "NumberOfEPIShots": 1,
    "NumberOfEchoes": 1,
    "NumberOfSlices": 49,
    "ParallelImagingReductionFactors": [
      0.5,
      1
    ],
    "PercentPhaseFieldOfView": 100,
    "PhaseEncodingDirection": "j",
    "PixelBandwidth": 3906.25,
    "PixelSpacing": [
      2.25,
      2.25
    ],
    "ReceiveCoilName": "8HRBRAIN",
    "RepetitionTime": 2.5,
    "Rows": 128,
    "SATFatWaterBone": 0,
    "ScanOptions": [
      "EPI_GEMS",
      "FILTERED_GEMS",
      "ACC_GEMS"
    ],
    "ScanningSequence": [
      "EP",
      "GR"
    ],
    "SequenceVariant": "SS",
    "SeriesDate": "18730304",
    "SeriesDescription": "RSN_BWRT_200vol_3mm",
    "SeriesNumber": 10,
    "SeriesTime": "195310",
    "SliceThickness": 3,
    "SliceTiming": [
      0,
      1.27551,
      0.05102,
      1.32653,
      0.10204,
      1.37755,
      0.15306,
      1.42857,
      0.20408,
      1.47959,
      0.2551,
      1.53061,
      0.30612,
      1.58163,
      0.35714,
      1.63265,
      0.40816,
      1.68367,
      0.45918,
      1.73469,
      0.5102,
      1.78571,
      0.56122,
      1.83673,
      0.61224,
      1.88776,
      0.66327,
      1.93878,
      0.71429,
      1.9898,
      0.76531,
      2.04082,
      0.81633,
      2.09184,
      0.86735,
      2.14286,
      0.91837,
      2.19388,
      0.96939,
      2.2449,
      1.02041,
      2.29592,
      1.07143,
      2.34694,
      1.12245,
      2.39796,
      1.17347,
      2.44898,
      1.22449
    ],
    "SliceTimingComputationMethod": "SliceNumber*RepetitionTime/NumberOfSlices (interleaved ascending, odd first)",
    "SpacingBetweenSlices": 3,
    "StudyTime": "185038",
    "TaskDescription": "Functional connectivity in the resting state was assessed during two eight-minute runs. Participants were asked to rate their sleepiness using the Karolinska Sleepiness Scale every 2 minutes",
    "TaskInstructions": "Participants were instructed to keep their eyes open and look at a white fixation cross presented against a gray background.",
    "TaskName": "Sleepiness",
    "dummyScans": 10,
    "modality": "bold",
    "session_id": "1",
    "subject_id": "9053",
    "task_id": "sleepiness"
  },
  "dummy_trs": 0,
  "dvars_nstd": 17.04598309839196,
  "dvars_std": 1.1518763656783921,
  "dvars_vstd": 0.9736288317085425,
  "efc": 0.32027185842563416,
  "fber": 52138616.0,
  "fd_mean": 0.056289305171605505,
  "fd_num": 1,
  "fd_perc": 0.5,
  "fwhm_avg": 3.5434696296296297,
  "fwhm_x": 3.676031111111111,
  "fwhm_y": 4.0240311111111104,
  "fwhm_z": 2.930346666666667,
  "gcor": 0.0202489,
  "gsr_x": -0.01837535947561264,
  "gsr_y": 0.006870454177260399,
  "provenance": {
    "md5sum": "de9f6f21e84669414fa3d394d54f9e66",
    "settings": {
      "fd_thres": 0.2,
      "hmc_fsl": false
    },
    "software": "mriqc",
    "version": "0.9.6"
  },
  "size_t": 200,
  "size_x": 128,
  "size_y": 128,
  "size_z": 49,
  "snr": 4.201460255075059,
  "spacing_tr": 2.5,
  "spacing_x": 2.25,
  "spacing_y": 2.25,
  "spacing_z": 3.0,
  "summary_bg_k": 60.259287280792066,
  "summary_bg_mad": 1.1341906785964966,
  "summary_bg_mean": 78.52886199951172,
  "summary_bg_median": 0.7649999856948853,
  "summary_bg_n": 633866.0,
  "summary_bg_p05": 0.0,
  "summary_bg_p95": 419.6687316894531,
  "summary_bg_stdv": 273.32177734375,
  "summary_fg_k": 0.7719879704580319,
  "summary_fg_mad": 1011.4680786132812,
  "summary_fg_mean": 5061.9111328125,
  "summary_fg_median": 5003.9921875,
  "summary_fg_n": 82148.0,
  "summary_fg_p05": 3137.8096435546877,
  "summary_fg_p95": 7120.492919921875,
  "summary_fg_stdv": 1191.00537109375,
  "tsnr": 83.93988037109375
}