{
  "bids_meta": {
    "AcquisitionDuration": 393.09456,
    "Columns": 512,
    "EchoTime": 0.12595,
    "EchoTrainLength": 140,
    "EffectiveEchoSpacing": 0,
    "FieldOfView": [
      240.03,
      240.03,
      87.6
    ],
    "FlipAngle": 90,
    "GEImageTypeRIMPCode": 0,
    "ImageType": "ORIGINAL/PRIMARY/OTHER",
    "ImagingFrequency": 127.765076,
    "InplanePhaseEncodingDirection": "ROW",
    "InversionTime": 1.864,
    "MRAcquisitionType": "3D",
    "MagneticFieldStrength": 3,
    "Manufacturer": "GE MEDICAL SYSTEMS",
    "ManufacturersModelName": "DISCOVERY MR750",
    "NumberOfAverages": 1,
    "NumberOfEPIShots": 1,
    "NumberOfEchoes": 1,
    "NumberOfSlices": 146,
    "ParallelImagingReductionFactors": [
      0.5,
      0.5
    ],
    "PercentPhaseFieldOfView": 100,
    "PhaseEncodingDirection": "i",
    "PixelBandwidth": 122.07,
    "PixelSpacing": [
      0.4688,
      0.4688
    ],
    "ReceiveCoilName": "8HRBRAIN",
    "RepetitionTime": 6,
    "Rows": 512,
    "SATFatWaterBone": 0,
    "ScanOptions": [
      "EDR_GEMS",
      "FILTERED_GEMS",
      "ACC_GEMS"
    ],
    "ScanningSequence": [
      "SE",
      "IR"
    ],
    "SequenceVariant": "SK",
    "SeriesDate": "18740322",
    "SeriesDescription": "Sag CUBE T2 flair",
    "SeriesNumber": 11,
    "SeriesTime": "191747",
    "SliceThickness": 1.2,
    "SpacingBetweenSlices": 0.600002,
    "StudyTime": "180550",
    "modality": "T2w",
    "session_id": "1",
    "subject_id": "9049"
  },
  "cjv": 0.684743509336707,
  "cnr": 0.6918475028023631,
  "efc": 0.6047770308774699,
  "fber": 516.0597534179688,
  "fwhm_avg": 4.615794293820854,
  "fwhm_x": 4.22131649892662,
  "fwhm_y": 4.836049402464718,
  "fwhm_z": 4.790016980071223,
  "icvs_csf": 0.39437549481017775,
  "icvs_gm": 0.4534620194731901,
  "icvs_wm": 0.15216248571663213,
  "inu_med": 1.1490421295166016,
  "inu_range": 0.6142193466424942,
  "provenance": {
    "md5sum": "a35464c705b9ee9122598be061d340c7",
    "settings": {
      "testing": false
    },
    "software": "mriqc",
    "version": "0.9.6",
    "warnings": {
      "large_rot_frame": true,
      "small_air_mask": false
    }
  },
  "qi_1": 0.0,
  "qi_2": 0.0009382422623324485,
  "rpve_csf": 14.011307236790996,
  "rpve_gm": 11.937903751894224,
  "rpve_wm": 33.18047237123634,
  "size_x": 292,
  "size_y": 512,
  "size_z": 512,
  "snr_csf": 13.675543598228,
  "snr_gm": 15.25238772256564,
  "snr_total": 9.98993343673338,
  "snr_wm": 1.0418689894065016,
  "snrd_csf": 65.06074533118814,
  "snrd_gm": 53.8845052280795,
  "snrd_total": 50.4126269185356,
  "snrd_wm": 32.29263019633917,
  "spacing_x": 0.6000000238418579,
  "spacing_y": 0.46880000829696655,
  "spacing_z": 0.46880000829696655,
  "summary_bg_k": 20.938456356469572,
  "summary_bg_mad": 20.28276252746582,
  "summary_bg_mean": 60.66567611694336,
  "summary_bg_median": 55.31928634643555,
  "summary_bg_n": 17652704.0,
  "summary_bg_p05": 29.078397750854492,
  "summary_bg_p95": 109.66554908752441,
  "summary_bg_stdv": 28.426597595214844,
  "summary_csf_k": 0.21983251567268036,
  "summary_csf_mad": 144.52322387695312,
  "summary_csf_mean": 2022.997314453125,
  "summary_csf_median": 2014.2548828125,
  "summary_csf_n": 681486.0,
  "summary_csf_p05": 1796.2019958496094,
  "summary_csf_p95": 2279.4976806640625,
  "summary_csf_stdv": 147.28872680664062,
  "summary_gm_k": 0.005135881775069073,
  "summary_gm_mad": 109.13885498046875,
  "summary_gm_mean": 1669.1583251953125,
  "summary_gm_median": 1668.242919921875,
  "summary_gm_n": 483488.0,
  "summary_gm_p05": 1490.9645385742188,
  "summary_gm_p95": 1850.904132080078,
  "summary_gm_stdv": 109.37574005126953,
  "summary_wm_k": 3.4643641537836727,
  "summary_wm_mad": 348.5956726074219,
  "summary_wm_mean": 1283.42919921875,
  "summary_wm_median": 999.7670288085938,
  "summary_wm_n": 160383.0,
  "summary_wm_p05": 386.1315551757813,
  "summary_wm_p95": 3456.9940185546875,
  "summary_wm_stdv": 959.5869750976562,
  "tpm_overlap_csf": 0.08181537687778473,
  "tpm_overlap_gm": 0.32895758748054504,
  "tpm_overlap_wm": 0.09998539835214615,
  "wm2max": 0.18975983073729874
}