{
  "aor": 0.0005989080459770115,
  "aqi": 0.009792671724137931,
  "bids_meta": {
    "AcquisitionDuration": 723.000256,
    "Columns": 128,
    "EchoTime": 0.034,
    "EchoTrainLength": 1,
    "EffectiveEchoSpacing": 0.00056,
    "FieldOfView": [
      220.01,
      220.01,
      110.4
    ],
    "FlipAngle": 80,
    "GEImageTypeRIMPCode": 0,
    "ImageType": "ORIGINAL/PRIMARY/EPI/NONE",
    "ImagingFrequency": 127.765174,
    "InplanePhaseEncodingDirection": "COL",
    "InversionTime": 0,
    "MRAcquisitionType": "2D",
    "MagneticFieldStrength": 3,
    "Manufacturer": "GE MEDICAL SYSTEMS",
    "ManufacturersModelName": "DISCOVERY MR750",
    "NumberOfAverages": 1,
    "NumberOfEPIShots": 1,
    "NumberOfEchoes": 1,
    "NumberOfSlices": 46,
    "ParallelImagingReductionFactors": [
      0.5,
      1
    ],
    "PercentPhaseFieldOfView": 100,
    "PhaseEncodingDirection": "j",
    "PixelBandwidth": 3906.25,
    "PixelSpacing": [
      1.7188,
      1.7188
    ],
    "ReceiveCoilName": "8HRBRAIN",
    "RepetitionTime": 3,
    "Rows": 128,
    "SATFatWaterBone": 1,
    "ScanOptions": [
      "SAT_GEMS",
      "EPI_GEMS",
      "ACC_GEMS",
      "FS"
    ],
    "ScanningSequence": [
      "EP",
      "GR"
    ],
    "SequenceVariant": "SS",
    "SeriesDate": "18731221",
    "SeriesDescription": "fMRI-hands",
    "SeriesNumber": 7,
    "SeriesTime": "183828",
    "SliceThickness": 2.3,
    "SliceTiming": [
      0,
      1.5,
      0.06522,
      1.56522,
      0.13043,
      1.63043,
      0.19565,
      1.69565,
      0.26087,
      1.76087,
      0.32609,
      1.82609,
      0.3913,
      1.8913,
      0.45652,
      1.95652,
      0.52174,
      2.02174,
      0.58696,
      2.08696,
      0.65217,
      2.15217,
      0.71739,
      2.21739,
      0.78261,
      2.28261,
      0.84783,
      2.34783,
      0.91304,
      2.41304,
      0.97826,
      2.47826,
      1.04348,
      2.54348,
      1.1087,
      2.6087,
      1.17391,
      2.67391,
      1.23913,
      2.73913,
      1.30435,
      2.80435,
      1.36957,
      2.86957,
      1.43478,
      2.93478
    ],
    "SliceTimingComputationMethod": "SliceNumber*RepetitionTime/NumberOfSlices (interleaved ascending, odd first)",
    "SpacingBetweenSlices": 2.4,
    "StudyTime": "180555",
    "TaskDescription": "In an event-related design, participants were shown pictures of hands being stung by needles or poked with Q-tips. The stimulus set was kindly shared by Claus Lamm, and has been shown to be effective in previous work by him. After each picture, participants were asked to rate their perceived unpleasantness on a visual analog scale of 0-100.",
    "TaskInstructions": "",
    "TaskName": "Hands",
    "dummyScans": 5,
    "modality": "bold",
    "session_id": "1",
    "subject_id": "9041",
    "task_id": "hands"
  },
  "dummy_trs": 0,
  "dvars_nstd": 32.46150615456644,
  "dvars_std": 1.0427094142196531,
  "dvars_vstd": 0.981308410462428,
  "efc": 0.466951662863011,
  "fber": 12866.3955078125,
  "fd_mean": 0.04987372909699068,
  "fd_num": 1,
  "fd_perc": 0.5747126436781609,
  "fwhm_avg": 3.2107201786034074,
  "fwhm_x": 3.3451304233365575,
  "fwhm_y": 3.8390738869990506,
  "fwhm_z": 2.447956225474613,
  "gcor": 0.0164149,
  "gsr_x": -0.0038089670706540346,
  "gsr_y": 0.018433500081300735,
  "provenance": {
    "md5sum": "9c42c5187037d85e5bc5d23996859d41",
    "settings": {
      "fd_thres": 0.2,
      "hmc_fsl": false
    },
    "software": "mriqc",
    "version": "0.9.6"
  },
  "size_t": 174,
  "size_x": 128,
  "size_y": 128,
  "size_z": 46,
  "snr": 4.138601937023485,
  "spacing_tr": 3.0,
  "spacing_x": 1.7187999486923218,
  "spacing_y": 1.7187999486923218,
  "spacing_z": 2.399993896484375,
  "summary_bg_k": 81.76577478960677,
  "summary_bg_mad": 48.644691467285156,
  "summary_bg_mean": 102.82693481445312,
  "summary_bg_median": 32.92528533935547,
  "summary_bg_n": 495945.0,
  "summary_bg_p05": 0.0,
  "summary_bg_p95": 401.1344909667967,
  "summary_bg_stdv": 268.9357604980469,
  "summary_fg_k": 1.0028723619660438,
  "summary_fg_mad": 810.1480102539062,
  "summary_fg_mean": 3659.18212890625,
  "summary_fg_median": 3647.23291015625,
  "summary_fg_n": 160044.0,
  "summary_fg_p05": 2202.7909790039066,
  "summary_fg_p95": 5052.462548828125,
  "summary_fg_stdv": 881.2689819335938,
  "tsnr": 39.62445068359375
}