{
  "aor": 0.0090338,
  "aqi": 0.004932514999999999,
  "bids_meta": {
    "AcquisitionDuration": 525.000256,
    "CogAtlasID": "trm_4c8a834779883",
    "Columns": 128,
    "EchoTime": 0.03,
    "EchoTrainLength": 1,
    "EffectiveEchoSpacing": 0.000464,
    "FieldOfView": [
      288,
      288,
      147
    ],
    "FlipAngle": 75,
    "GEImageTypeRIMPCode": 0,
    "ImageType": "ORIGINAL/PRIMARY/EPI/NONE",
    "ImagingFrequency": 127.765214,
    "InplanePhaseEncodingDirection": "COL",
    "InversionTime": 0,
    "MRAcquisitionType": "2D",
    "MagneticFieldStrength": 3,
    "Manufacturer": "GE MEDICAL SYSTEMS",
    "ManufacturersModelName": "DISCOVERY MR750",
    "NumberOfAverages": 1,
    "NumberOfEPIShots": 1,
    "NumberOfEchoes": 1,
    "NumberOfSlices": 49,
    "ParallelImagingReductionFactors": [
      0.5,
      1
    ],
    "PercentPhaseFieldOfView": 100,
    "PhaseEncodingDirection": "j",
    "PixelBandwidth": 3906.25,
    "PixelSpacing": [
      2.25,
      2.25
    ],
    "ReceiveCoilName": "8HRBRAIN",
    "RepetitionTime": 2.5,
    "Rows": 128,
    "SATFatWaterBone": 0,
    "ScanOptions": [
      "EPI_GEMS",
      "FILTERED_GEMS",
      "ACC_GEMS"
    ],
    "ScanningSequence": [
      "EP",
      "GR"
    ],
    "SequenceVariant": "SS",
    "SeriesDate": "18730213",
    "SeriesDescription": "RSN_BWRT_200vol_3mm",
    "SeriesNumber": 4,
    "SeriesTime": "190224",
    "SliceThickness": 3,
    "SliceTiming": [
      0,
      1.27551,
      0.05102,
      1.32653,
      0.10204,
      1.37755,
      0.15306,
      1.42857,
      0.20408,
      1.47959,
      0.2551,
      1.53061,
      0.30612,
      1.58163,
      0.35714,
      1.63265,
      0.40816,
      1.68367,
      0.45918,
      1.73469,
      0.5102,
      1.78571,
      0.56122,
      1.83673,
      0.61224,
      1.88776,
      0.66327,
      1.93878,
      0.71429,
      1.9898,
      0.76531,
      2.04082,
      0.81633,
      2.09184,
      0.86735,
      2.14286,
      0.91837,
      2.19388,
      0.96939,
      2.2449,
      1.02041,
      2.29592,
      1.07143,
      2.34694,
      1.12245,
      2.39796,
      1.17347,
      2.44898,
      1.22449
    ],
    "SliceTimingComputationMethod": "SliceNumber*RepetitionTime/NumberOfSlices (interleaved ascending, odd first)",
    "SpacingBetweenSlices": 3,
    "StudyTime": "185337",
    "TaskDescription": "Functional connectivity in the resting state was assessed during two eight-minute runs.",
    "TaskInstructions": "Participants were instructed to keep their eyes open and look at a white fixation cross presented against a gray background.",
    "TaskName": "Resting State",
    "dummyScans": 10,
    "modality": "bold",
    "session_id": "1",
    "subject_id": "9037",
    "task_id": "rest"
  },
  "dummy_trs": 0,
  "dvars_nstd": 21.313516444070334,
  "dvars_std": 1.1664576937185918,
  "dvars_vstd": 1.0189399820603016,
  "efc": 0.3539813324116341,
  "fber": 16488479.0,
  "fd_mean": 0.161709359760577,
  "fd_num": 36,
  "fd_perc": 18.0,
  "fwhm_avg": 3.3868229516347395,
  "fwhm_x": 3.4305288888888885,
  "fwhm_y": 4.0817733333333335,
  "fwhm_z": 2.648166632681996,
  "gcor": 0.0476885,
  "gsr_x": -0.02362462691962719,
  "gsr_y": 0.01076573971658945,
  "provenance": {
    "md5sum": "10fcd06b2d6db3fbe4b206a6ddd2fd93",
    "settings": {
      "fd_thres": 0.2,
      "hmc_fsl": false
    },
    "software": "mriqc",
    "version": "0.9.6"
  },
  "size_t": 200,
  "size_x": 128,
  "size_y": 128,
  "size_z": 49,
  "snr": 4.044241027952258,
  "spacing_tr": 2.5,
  "spacing_x": 2.25,
  "spacing_y": 2.25,
  "spacing_z": 3.0000038146972656,
  "summary_bg_k": 72.15437948635531,
  "summary_bg_mad": 1.93479585647583,
  "summary_bg_mean": 92.87352752685547,
  "summary_bg_median": 1.3049999475479126,
  "summary_bg_n": 610947.0,
  "summary_bg_p05": 0.0,
  "summary_bg_p95": 503.9089813232413,
  "summary_bg_stdv": 340.6220397949219,
  "summary_fg_k": 0.645247068657703,
  "summary_fg_mad": 1185.967041015625,
  "summary_fg_mean": 5318.6865234375,
  "summary_fg_median": 5272.8046875,
  "summary_fg_n": 100560.0,
  "summary_fg_p05": 3202.279321289063,
  "summary_fg_p95": 7530.708178710933,
  "summary_fg_stdv": 1303.7745361328125,
  "tsnr": 61.07382583618164
}