{
  "bids_meta": {
    "AcquisitionDuration": 238.55128,
    "Columns": 512,
    "EchoTime": 0.00281,
    "EchoTrainLength": 1,
    "EffectiveEchoSpacing": 0,
    "FieldOfView": [
      240.03,
      240.03,
      180
    ],
    "FlipAngle": 11,
    "GEImageTypeRIMPCode": 0,
    "ImageType": "ORIGINAL/PRIMARY/OTHER",
    "ImagingFrequency": 127.765058,
    "InplanePhaseEncodingDirection": "ROW",
    "InversionTime": 0.45,
    "MRAcquisitionType": "3D",
    "MagneticFieldStrength": 3,
    "Manufacturer": "GE MEDICAL SYSTEMS",
    "ManufacturersModelName": "DISCOVERY MR750",
    "NumberOfAverages": 1,
    "NumberOfEPIShots": 0,
    "NumberOfEchoes": 1,
    "NumberOfSlices": 180,
    "ParallelImagingReductionFactors": [
      0.571429,
      1
    ],
    "PercentPhaseFieldOfView": 100,
    "PhaseEncodingDirection": "i",
    "PixelBandwidth": 122.07,
    "PixelSpacing": [
      0.4688,
      0.4688
    ],
    "ReceiveCoilName": "8HRBRAIN",
    "RepetitionTime": 0.0064,
    "Rows": 512,
    "SATFatWaterBone": 0,
    "ScanOptions": [
      "FAST_GEMS",
      "EDR_GEMS",
      "FILTERED_GEMS",
      "ACC_GEMS"
    ],
    "ScanningSequence": "GR",
    "SequenceVariant": [
      "SS",
      "SK"
    ],
    "SeriesDate": "18740321",
    "SeriesDescription": "Sag3D_T1_1mm3",
    "SeriesNumber": 2,
    "SeriesTime": "182524",
    "SliceThickness": 1,
    "SpacingBetweenSlices": 1,
    "StudyTime": "182357",
    "modality": "T1w",
    "session_id": "1",
    "subject_id": "9036"
  },
  "cjv": 0.481968882764442,
  "cnr": 2.844794931351897,
  "efc": 0.6484880117983035,
  "fber": 117.8989028930664,
  "fwhm_avg": 5.560035723884284,
  "fwhm_x": 3.43079,
  "fwhm_y": 6.911177352086589,
  "fwhm_z": 6.338139819566266,
  "icvs_csf": 0.21061164487591832,
  "icvs_gm": 0.4102257456209849,
  "icvs_wm": 0.37916260950309677,
  "inu_med": 1.3037091493606567,
  "inu_range": 0.4522622346878049,
  "provenance": {
    "md5sum": "1d87da6a9eb0a580d4a59d6dfd16cc7e",
    "mriqc_pred": 0,
    "settings": {
      "testing": false
    },
    "software": "mriqc",
    "version": "0.9.6",
    "warnings": {
      "large_rot_frame": true,
      "small_air_mask": false
    }
  },
  "qi_1": 0.0013265557969997163,
  "qi_2": 0.00032021185043824304,
  "rpve_csf": 24.296347507625903,
  "rpve_gm": 12.776165815371092,
  "rpve_wm": 16.317340788363126,
  "size_x": 180,
  "size_y": 512,
  "size_z": 512,
  "snr_csf": 3.480626029384706,
  "snr_gm": 12.765718862452193,
  "snr_total": 10.391341518755185,
  "snr_wm": 14.927679664428654,
  "snrd_csf": 12.647075627442549,
  "snrd_gm": 27.282431147321255,
  "snrd_total": 25.585140076787564,
  "snrd_wm": 36.82591345559889,
  "spacing_x": 1.0,
  "spacing_y": 0.46880000829696655,
  "spacing_z": 0.46880000829696655,
  "summary_bg_k": 17.04612074652657,
  "summary_bg_mad": 17.790395736694336,
  "summary_bg_mean": 60.133853912353516,
  "summary_bg_median": 57.566192626953125,
  "summary_bg_n": 9127239.0,
  "summary_bg_p05": 32.78632736206055,
  "summary_bg_p95": 95.1820083618164,
  "summary_bg_stdv": 21.048851013183594,
  "summary_csf_k": 8.280972358096076,
  "summary_csf_mad": 94.52526092529297,
  "summary_csf_mean": 353.3175048828125,
  "summary_csf_median": 343.4345703125,
  "summary_csf_n": 139277.0,
  "summary_csf_p05": 205.21422119140627,
  "summary_csf_p95": 525.29267578125,
  "summary_csf_stdv": 98.66999053955078,
  "summary_gm_k": 0.07031745386127186,
  "summary_gm_mad": 57.14606475830078,
  "summary_gm_mean": 740.690673828125,
  "summary_gm_median": 740.8613891601562,
  "summary_gm_n": 156879.0,
  "summary_gm_p05": 645.1470275878906,
  "summary_gm_p95": 836.169580078125,
  "summary_gm_stdv": 58.03504180908203,
  "summary_wm_k": 0.02182536789058087,
  "summary_wm_mad": 67.75891876220703,
  "summary_wm_mean": 1002.951904296875,
  "summary_wm_median": 1000.01708984375,
  "summary_wm_n": 1059123.0,
  "summary_wm_p05": 898.30048828125,
  "summary_wm_p95": 1117.64794921875,
  "summary_wm_stdv": 66.99076080322266,
  "tpm_overlap_csf": 0.20307226479053497,
  "tpm_overlap_gm": 0.4661599099636078,
  "tpm_overlap_wm": 0.5421679615974426,
  "wm2max": 0.3821131786423036
}