{
  "bids_meta": {
    "AcquisitionDuration": 238.444688,
    "Columns": 512,
    "EchoTime": 0.00281,
    "EchoTrainLength": 1,
    "EffectiveEchoSpacing": 0,
    "FieldOfView": [
      240.03,
      240.03,
      180
    ],
    "FlipAngle": 11,
    "GEImageTypeRIMPCode": 0,
    "ImageType": "ORIGINAL/PRIMARY/OTHER",
    "ImagingFrequency": 127.765175,
    "InplanePhaseEncodingDirection": "ROW",
    "InversionTime": 0.45,
    "MRAcquisitionType": "3D",
    "MagneticFieldStrength": 3,
    "Manufacturer": "GE MEDICAL SYSTEMS",
    "ManufacturersModelName": "DISCOVERY MR750",
    "NumberOfAverages": 1,
    "NumberOfEPIShots": 0,
    "NumberOfEchoes": 1,
    "NumberOfSlices": 180,
    "ParallelImagingReductionFactors": [
      0.571429,
      1
    ],
    "PercentPhaseFieldOfView": 100,
    "PhaseEncodingDirection": "i",
    "PixelBandwidth": 122.07,
    "PixelSpacing": [
      0.4688,
      0.4688
    ],
    "ReceiveCoilName": "8HRBRAIN",
    "RepetitionTime": 0.0064,
    "Rows": 512,
    "SATFatWaterBone": 0,
    "ScanOptions": [
      "FAST_GEMS",
      "EDR_GEMS",
      "FILTERED_GEMS",
      "ACC_GEMS"
    ],
    "ScanningSequence": "GR",
    "SequenceVariant": [
      "SS",
      "SK"
    ],
    "SeriesDate": "18730330",
    "SeriesDescription": "Sag3D_T1_1mm3",
    "SeriesNumber": 2,
    "SeriesTime": "193509",
    "SliceThickness": 1,
    "SpacingBetweenSlices": 1,
    "StudyTime": "193338",
    "modality": "T1w",
    "session_id": "1",
    "subject_id": "9012"
  },
  "cjv": 0.36471427569722176,
  "cnr": 3.6683115462249893,
  "efc": 0.6649073692155966,
  "fber": 138.9103240966797,
  "fwhm_avg": 6.292019468043812,
  "fwhm_x": 3.91358,
  "fwhm_y": 7.8549060043261685,
  "fwhm_z": 7.107572399805268,
  "icvs_csf": 0.2091769402800793,
  "icvs_gm": 0.4050676919634776,
  "icvs_wm": 0.3857553677564431,
  "inu_med": 1.2131763696670532,
  "inu_range": 0.5335854411125178,
  "provenance": {
    "md5sum": "8b9ec7d6e608b02eb152ac29e398a372",
    "mriqc_pred": 0,
    "settings": {
      "testing": false
    },
    "software": "mriqc",
    "version": "0.9.6",
    "warnings": {
      "large_rot_frame": true,
      "small_air_mask": false
    }
  },
  "qi_1": 0.0,
  "qi_2": 0.0002833881686171485,
  "rpve_csf": 21.34884609129301,
  "rpve_gm": 11.48164025910305,
  "rpve_wm": 14.563311804009603,
  "size_x": 180,
  "size_y": 512,
  "size_z": 512,
  "snr_csf": 3.5455892425211433,
  "snr_gm": 13.205774297837966,
  "snr_total": 11.41796814525029,
  "snr_wm": 17.502540895391757,
  "snrd_csf": 13.511554737019516,
  "snrd_gm": 29.07059679316637,
  "snrd_total": 27.923595715131402,
  "snrd_wm": 41.18863561520833,
  "spacing_x": 1.0,
  "spacing_y": 0.46880000829696655,
  "spacing_z": 0.46880000829696655,
  "summary_bg_k": 3.4593791186085863,
  "summary_bg_mad": 15.905878067016602,
  "summary_bg_mean": 54.26669692993164,
  "summary_bg_median": 52.079750061035156,
  "summary_bg_n": 9674060.0,
  "summary_bg_p05": 30.069929122924805,
  "summary_bg_p95": 85.98075103759766,
  "summary_bg_stdv": 17.654638290405273,
  "summary_csf_k": 0.43922100848530254,
  "summary_csf_mad": 94.83786010742188,
  "summary_csf_mean": 339.1517639160156,
  "summary_csf_median": 328.0433654785156,
  "summary_csf_n": 148369.0,
  "summary_csf_p05": 202.24058532714844,
  "summary_csf_p95": 500.4180053710937,
  "summary_csf_stdv": 92.52122497558594,
  "summary_gm_k": 0.11837324739140787,
  "summary_gm_mad": 52.74585723876953,
  "summary_gm_mean": 707.025634765625,
  "summary_gm_median": 705.797119140625,
  "summary_gm_n": 211325.0,
  "summary_gm_p05": 621.27919921875,
  "summary_gm_p95": 796.96796875,
  "summary_gm_stdv": 53.44597244262695,
  "summary_wm_k": 0.591700377297538,
  "summary_wm_mad": 54.55693817138672,
  "summary_wm_mean": 1001.6293334960938,
  "summary_wm_median": 1000.0076904296875,
  "summary_wm_n": 1317244.0,
  "summary_wm_p05": 910.9235778808593,
  "summary_wm_p95": 1097.5258422851562,
  "summary_wm_stdv": 57.134979248046875,
  "tpm_overlap_csf": 0.20108051598072052,
  "tpm_overlap_gm": 0.47006869316101074,
  "tpm_overlap_wm": 0.5524893403053284,
  "wm2max": 0.42920974224454056
}