{
  "aor": 0.0037870854271356783,
  "aqi": 0.013186152663316584,
  "bids_meta": {
    "AcquisitionDuration": 723.000256,
    "Columns": 128,
    "EchoTime": 0.034,
    "EchoTrainLength": 1,
    "EffectiveEchoSpacing": 0.000532,
    "FieldOfView": [
      240,
      240,
      108
    ],
    "FlipAngle": 80,
    "GEImageTypeRIMPCode": 0,
    "ImageType": "ORIGINAL/PRIMARY/EPI/NONE",
    "ImagingFrequency": 127.765253,
    "InplanePhaseEncodingDirection": "COL",
    "InversionTime": 0,
    "MRAcquisitionType": "2D",
    "MagneticFieldStrength": 3,
    "Manufacturer": "GE MEDICAL SYSTEMS",
    "ManufacturersModelName": "DISCOVERY MR750",
    "NumberOfAverages": 1,
    "NumberOfEPIShots": 1,
    "NumberOfEchoes": 1,
    "NumberOfSlices": 45,
    "ParallelImagingReductionFactors": [
      0.5,
      1
    ],
    "PercentPhaseFieldOfView": 100,
    "PhaseEncodingDirection": "j",
    "PixelBandwidth": 3906.25,
    "PixelSpacing": [
      1.875,
      1.875
    ],
    "ReceiveCoilName": "8HRBRAIN",
    "RepetitionTime": 3,
    "Rows": 128,
    "SATFatWaterBone": 1,
    "ScanOptions": [
      "SAT_GEMS",
      "EPI_GEMS",
      "ACC_GEMS",
      "FS"
    ],
    "ScanningSequence": [
      "EP",
      "GR"
    ],
    "SequenceVariant": "SS",
    "SeriesDate": "18730219",
    "SeriesDescription": "fMRI-hands",
    "SeriesNumber": 8,
    "SeriesTime": "192108",
    "SliceThickness": 2.3,
    "SliceTiming": [
      0,
      1.53333,
      0.06667,
      1.6,
      0.13333,
      1.66667,
      0.2,
      1.73333,
      0.26667,
      1.8,
      0.33333,
      1.86667,
      0.4,
      1.93333,
      0.46667,
      2,
      0.53333,
      2.06667,
      0.6,
      2.13333,
      0.66667,
      2.2,
      0.73333,
      2.26667,
      0.8,
      2.33333,
      0.86667,
      2.4,
      0.93333,
      2.46667,
      1,
      2.53333,
      1.06667,
      2.6,
      1.13333,
      2.66667,
      1.2,
      2.73333,
      1.26667,
      2.8,
      1.33333,
      2.86667,
      1.4,
      2.93333,
      1.46667
    ],
    "SliceTimingComputationMethod": "SliceNumber*RepetitionTime/NumberOfSlices (interleaved ascending, odd first)",
    "SpacingBetweenSlices": 2.4,
    "StudyTime": "184838",
    "TaskDescription": "In an event-related design, participants were shown pictures of hands being stung by needles or poked with Q-tips. The stimulus set was kindly shared by Claus Lamm, and has been shown to be effective in previous work by him. After each picture, participants were asked to rate their perceived unpleasantness on a visual analog scale of 0-100.",
    "TaskInstructions": "",
    "TaskName": "Hands",
    "dummyScans": 5,
    "modality": "bold",
    "session_id": "2",
    "subject_id": "9057",
    "task_id": "hands"
  },
  "dummy_trs": 0,
  "dvars_nstd": 35.05199673171717,
  "dvars_std": 1.1186142673737376,
  "dvars_vstd": 1.0201026529797979,
  "efc": 0.4273432471197529,
  "fber": 526521.9375,
  "fd_mean": 0.11851408237600493,
  "fd_num": 30,
  "fd_perc": 15.075376884422111,
  "fwhm_avg": 3.017857469071233,
  "fwhm_x": 3.0682346666666667,
  "fwhm_y": 3.4233706666666666,
  "fwhm_z": 2.5619670738803664,
  "gcor": 0.0274172,
  "gsr_x": -0.013730584643781185,
  "gsr_y": 0.011940238066017628,
  "provenance": {
    "md5sum": "2adb6f07888b40de85afd3dafccb36b7",
    "settings": {
      "fd_thres": 0.2,
      "hmc_fsl": false
    },
    "software": "mriqc",
    "version": "0.9.6"
  },
  "size_t": 199,
  "size_x": 128,
  "size_y": 128,
  "size_z": 45,
  "snr": 4.212466696924932,
  "spacing_tr": 3.0,
  "spacing_x": 1.875,
  "spacing_y": 1.875,
  "spacing_z": 2.3999996185302734,
  "summary_bg_k": 83.8915498778212,
  "summary_bg_mad": 7.830225944519043,
  "summary_bg_mean": 70.22581481933594,
  "summary_bg_median": 5.281406879425049,
  "summary_bg_n": 510483.0,
  "summary_bg_p05": 0.0,
  "summary_bg_p95": 283.044723510742,
  "summary_bg_stdv": 208.30064392089844,
  "summary_fg_k": 1.2369363063054752,
  "summary_fg_mad": 823.373046875,
  "summary_fg_mean": 3719.794677734375,
  "summary_fg_median": 3722.06005859375,
  "summary_fg_n": 137370.0,
  "summary_fg_p05": 2314.067114257812,
  "summary_fg_p95": 5112.7833496093735,
  "summary_fg_stdv": 883.578857421875,
  "tsnr": 37.25520706176758
}