{
  "bids_meta": {
    "AcquisitionDuration": 393.10624,
    "Columns": 512,
    "EchoTime": 0.12743,
    "EchoTrainLength": 140,
    "EffectiveEchoSpacing": 0,
    "FieldOfView": [
      240.03,
      240.03,
      87.6
    ],
    "FlipAngle": 90,
    "GEImageTypeRIMPCode": 0,
    "ImageType": "ORIGINAL/PRIMARY/OTHER",
    "ImagingFrequency": 127.765183,
    "InplanePhaseEncodingDirection": "ROW",
    "InversionTime": 1.861,
    "MRAcquisitionType": "3D",
    "MagneticFieldStrength": 3,
    "Manufacturer": "GE MEDICAL SYSTEMS",
    "ManufacturersModelName": "DISCOVERY MR750",
    "NumberOfAverages": 1,
    "NumberOfEPIShots": 1,
    "NumberOfEchoes": 1,
    "NumberOfSlices": 146,
    "ParallelImagingReductionFactors": [
      0.5,
      0.5
    ],
    "PercentPhaseFieldOfView": 100,
    "PhaseEncodingDirection": "i",
    "PixelBandwidth": 122.07,
    "PixelSpacing": [
      0.4688,
      0.4688
    ],
    "ReceiveCoilName": "8HRBRAIN",
    "RepetitionTime": 6,
    "Rows": 512,
    "SATFatWaterBone": 0,
    "ScanOptions": [
      "EDR_GEMS",
      "FILTERED_GEMS",
      "ACC_GEMS"
    ],
    "ScanningSequence": [
      "SE",
      "IR"
    ],
    "SequenceVariant": "SK",
    "SeriesDate": "18730303",
    "SeriesDescription": "Sag CUBE T2 flair",
    "SeriesNumber": 11,
    "SeriesTime": "193038",
    "SliceThickness": 1.2,
    "SpacingBetweenSlices": 0.600002,
    "StudyTime": "182135",
    "modality": "T2w",
    "session_id": "1",
    "subject_id": "9083"
  },
  "cjv": 0.6419695527899321,
  "cnr": 1.1250791999155534,
  "efc": 0.6378016262508034,
  "fber": 220.35365295410156,
  "fwhm_avg": 4.554101805181734,
  "fwhm_x": 3.9849165083203117,
  "fwhm_y": 5.04206475718037,
  "fwhm_z": 4.635324150044519,
  "icvs_csf": 0.43991039598001,
  "icvs_gm": 0.4317698536559781,
  "icvs_wm": 0.1283197503640119,
  "inu_med": 1.1183733940124512,
  "inu_range": 0.6035781204700467,
  "provenance": {
    "md5sum": "a152cee72f2c62448e481063af8b1719",
    "settings": {
      "testing": false
    },
    "software": "mriqc",
    "version": "0.9.6",
    "warnings": {
      "large_rot_frame": true,
      "small_air_mask": false
    }
  },
  "qi_1": 0.0,
  "qi_2": 0.0006637950330610141,
  "rpve_csf": 12.806830159058523,
  "rpve_gm": 12.46392131742335,
  "rpve_wm": 36.450527827648116,
  "size_x": 292,
  "size_y": 512,
  "size_z": 512,
  "snr_csf": 14.304997176753437,
  "snr_gm": 14.313420694623595,
  "snr_total": 10.126851947023011,
  "snr_wm": 1.7621379696920003,
  "snrd_csf": 49.101165446280184,
  "snrd_gm": 40.0030736462558,
  "snrd_total": 37.77013689476099,
  "snrd_wm": 24.206171591746973,
  "spacing_x": 0.6000000238418579,
  "spacing_y": 0.46880000829696655,
  "spacing_z": 0.46880000829696655,
  "summary_bg_k": 7.84080614786023,
  "summary_bg_mad": 27.047500610351562,
  "summary_bg_mean": 75.00120544433594,
  "summary_bg_median": 69.52030181884766,
  "summary_bg_n": 15813472.0,
  "summary_bg_p05": 34.11672840118408,
  "summary_bg_p95": 133.776830291748,
  "summary_bg_stdv": 32.8360710144043,
  "summary_csf_k": 0.43272637214521215,
  "summary_csf_mad": 137.12351989746094,
  "summary_csf_mean": 2039.6407470703125,
  "summary_csf_median": 2027.15625,
  "summary_csf_n": 1129313.0,
  "summary_csf_p05": 1829.2512939453127,
  "summary_csf_p95": 2292.9606445312497,
  "summary_csf_stdv": 141.7095947265625,
  "summary_gm_k": -0.20025722310370364,
  "summary_gm_mad": 119.45661926269531,
  "summary_gm_mean": 1656.7744140625,
  "summary_gm_median": 1651.538818359375,
  "summary_gm_n": 736411.0,
  "summary_gm_p05": 1476.4380493164062,
  "summary_gm_p95": 1854.1951904296875,
  "summary_gm_stdv": 115.38385772705078,
  "summary_wm_k": 13.546426420381795,
  "summary_wm_mad": 299.22296142578125,
  "summary_wm_mean": 972.4910278320312,
  "summary_wm_median": 999.3590087890625,
  "summary_wm_n": 80723.0,
  "summary_wm_p05": 235.72247314453125,
  "summary_wm_p95": 1364.425952148437,
  "summary_wm_stdv": 567.1251831054688,
  "tpm_overlap_csf": 0.09785153716802597,
  "tpm_overlap_gm": 0.2772636115550995,
  "tpm_overlap_wm": 0.0999559685587883,
  "wm2max": 0.25314888181743794
}