{
  "aor": 0.008475260115606937,
  "aqi": 0.01458832063583815,
  "bids_meta": {
    "AcquisitionDuration": 723.000256,
    "Columns": 128,
    "EchoTime": 0.034,
    "EchoTrainLength": 1,
    "EffectiveEchoSpacing": 0.00056,
    "FieldOfView": [
      220.01,
      220.01,
      110.4
    ],
    "FlipAngle": 80,
    "GEImageTypeRIMPCode": 0,
    "ImageType": "ORIGINAL/PRIMARY/EPI/NONE",
    "ImagingFrequency": 127.765176,
    "InplanePhaseEncodingDirection": "COL",
    "InversionTime": 0,
    "MRAcquisitionType": "2D",
    "MagneticFieldStrength": 3,
    "Manufacturer": "GE MEDICAL SYSTEMS",
    "ManufacturersModelName": "DISCOVERY MR750",
    "NumberOfAverages": 1,
    "NumberOfEPIShots": 1,
    "NumberOfEchoes": 1,
    "NumberOfSlices": 46,
    "ParallelImagingReductionFactors": [
      0.5,
      1
    ],
    "PercentPhaseFieldOfView": 100,
    "PhaseEncodingDirection": "j",
    "PixelBandwidth": 3906.25,
    "PixelSpacing": [
      1.7188,
      1.7188
    ],
    "ReceiveCoilName": "8HRBRAIN",
    "RepetitionTime": 3,
    "Rows": 128,
    "SATFatWaterBone": 1,
    "ScanOptions": [
      "SAT_GEMS",
      "EPI_GEMS",
      "ACC_GEMS",
      "FS"
    ],
    "ScanningSequence": [
      "EP",
      "GR"
    ],
    "SequenceVariant": "SS",
    "SeriesDate": "18740113",
    "SeriesDescription": "fMRI-hands",
    "SeriesNumber": 7,
    "SeriesTime": "204400",
    "SliceThickness": 2.3,
    "SliceTiming": [
      0,
      1.5,
      0.06522,
      1.56522,
      0.13043,
      1.63043,
      0.19565,
      1.69565,
      0.26087,
      1.76087,
      0.32609,
      1.82609,
      0.3913,
      1.8913,
      0.45652,
      1.95652,
      0.52174,
      2.02174,
      0.58696,
      2.08696,
      0.65217,
      2.15217,
      0.71739,
      2.21739,
      0.78261,
      2.28261,
      0.84783,
      2.34783,
      0.91304,
      2.41304,
      0.97826,
      2.47826,
      1.04348,
      2.54348,
      1.1087,
      2.6087,
      1.17391,
      2.67391,
      1.23913,
      2.73913,
      1.30435,
      2.80435,
      1.36957,
      2.86957,
      1.43478,
      2.93478
    ],
    "SliceTimingComputationMethod": "SliceNumber*RepetitionTime/NumberOfSlices (interleaved ascending, odd first)",
    "SpacingBetweenSlices": 2.4,
    "StudyTime": "201342",
    "TaskDescription": "In an event-related design, participants were shown pictures of hands being stung by needles or poked with Q-tips. The stimulus set was kindly shared by Claus Lamm, and has been shown to be effective in previous work by him. After each picture, participants were asked to rate their perceived unpleasantness on a visual analog scale of 0-100.",
    "TaskInstructions": "",
    "TaskName": "Hands",
    "dummyScans": 5,
    "modality": "bold",
    "session_id": "2",
    "subject_id": "9018",
    "task_id": "hands"
  },
  "dummy_trs": 0,
  "dvars_nstd": 41.87996603720929,
  "dvars_std": 1.1138786530813953,
  "dvars_vstd": 1.054664739244186,
  "efc": 0.4373733032688947,
  "fber": 27224.078125,
  "fd_mean": 0.215530749178522,
  "fd_num": 35,
  "fd_perc": 20.23121387283237,
  "fwhm_avg": 3.1036179221255953,
  "fwhm_x": 3.2177333983560796,
  "fwhm_y": 3.697288916511118,
  "fwhm_z": 2.3958314515095886,
  "gcor": 0.0623387,
  "gsr_x": -0.010168281383812428,
  "gsr_y": 0.027205349877476692,
  "provenance": {
    "md5sum": "440d696f8162bab69d40f01f1dedf714",
    "settings": {
      "fd_thres": 0.2,
      "hmc_fsl": false
    },
    "software": "mriqc",
    "version": "0.9.6"
  },
  "size_t": 173,
  "size_x": 128,
  "size_y": 128,
  "size_z": 46,
  "snr": 4.286809889517002,
  "spacing_tr": 3.0,
  "spacing_x": 1.7187999486923218,
  "spacing_y": 1.7187999486923218,
  "spacing_z": 2.3999977111816406,
  "summary_bg_k": 225.73847832469372,
  "summary_bg_mad": 34.17698287963867,
  "summary_bg_mean": 93.88661193847656,
  "summary_bg_median": 23.104045867919922,
  "summary_bg_n": 518655.0,
  "summary_bg_p05": 0.040462426841259,
  "summary_bg_p95": 339.244497680664,
  "summary_bg_stdv": 299.62420654296875,
  "summary_fg_k": 1.546984303751067,
  "summary_fg_mad": 717.8194580078125,
  "summary_fg_mean": 3541.104736328125,
  "summary_fg_median": 3545.849609375,
  "summary_fg_n": 140581.0,
  "summary_fg_p05": 2167.17333984375,
  "summary_fg_p95": 4844.03466796875,
  "summary_fg_stdv": 827.1505126953125,
  "tsnr": 33.723236083984375
}