{
  "aor": 0.0060593999999999995,
  "aqi": 0.0061405883,
  "bids_meta": {
    "AcquisitionDuration": 525.000256,
    "CogAtlasID": "trm_4c8a834779883",
    "Columns": 128,
    "EchoTime": 0.03,
    "EchoTrainLength": 1,
    "EffectiveEchoSpacing": 0.000464,
    "FieldOfView": [
      288,
      288,
      147
    ],
    "FlipAngle": 75,
    "GEImageTypeRIMPCode": 0,
    "ImageType": "ORIGINAL/PRIMARY/EPI/NONE",
    "ImagingFrequency": 127.765183,
    "InplanePhaseEncodingDirection": "COL",
    "InversionTime": 0,
    "MRAcquisitionType": "2D",
    "MagneticFieldStrength": 3,
    "Manufacturer": "GE MEDICAL SYSTEMS",
    "ManufacturersModelName": "DISCOVERY MR750",
    "NumberOfAverages": 1,
    "NumberOfEPIShots": 1,
    "NumberOfEchoes": 1,
    "NumberOfSlices": 49,
    "ParallelImagingReductionFactors": [
      0.5,
      1
    ],
    "PercentPhaseFieldOfView": 100,
    "PhaseEncodingDirection": "j",
    "PixelBandwidth": 3906.25,
    "PixelSpacing": [
      2.25,
      2.25
    ],
    "ReceiveCoilName": "8HRBRAIN",
    "RepetitionTime": 2.5,
    "Rows": 128,
    "SATFatWaterBone": 0,
    "ScanOptions": [
      "EPI_GEMS",
      "FILTERED_GEMS",
      "ACC_GEMS"
    ],
    "ScanningSequence": [
      "EP",
      "GR"
    ],
    "SequenceVariant": "SS",
    "SeriesDate": "18731114",
    "SeriesDescription": "RSN_BWRT_200vol_3mm",
    "SeriesNumber": 3,
    "SeriesTime": "195556",
    "SliceThickness": 3,
    "SliceTiming": [
      0,
      1.27551,
      0.05102,
      1.32653,
      0.10204,
      1.37755,
      0.15306,
      1.42857,
      0.20408,
      1.47959,
      0.2551,
      1.53061,
      0.30612,
      1.58163,
      0.35714,
      1.63265,
      0.40816,
      1.68367,
      0.45918,
      1.73469,
      0.5102,
      1.78571,
      0.56122,
      1.83673,
      0.61224,
      1.88776,
      0.66327,
      1.93878,
      0.71429,
      1.9898,
      0.76531,
      2.04082,
      0.81633,
      2.09184,
      0.86735,
      2.14286,
      0.91837,
      2.19388,
      0.96939,
      2.2449,
      1.02041,
      2.29592,
      1.07143,
      2.34694,
      1.12245,
      2.39796,
      1.17347,
      2.44898,
      1.22449
    ],
    "SliceTimingComputationMethod": "SliceNumber*RepetitionTime/NumberOfSlices (interleaved ascending, odd first)",
    "SpacingBetweenSlices": 3,
    "StudyTime": "195313",
    "TaskDescription": "Functional connectivity in the resting state was assessed during two eight-minute runs. Participants were asked to rate their sleepiness using the Karolinska Sleepiness Scale every 2 minutes",
    "TaskInstructions": "Participants were instructed to keep their eyes open and look at a white fixation cross presented against a gray background.",
    "TaskName": "Sleepiness",
    "dummyScans": 10,
    "modality": "bold",
    "session_id": "1",
    "subject_id": "9056",
    "task_id": "sleepiness"
  },
  "dummy_trs": 0,
  "dvars_nstd": 20.09367489482412,
  "dvars_std": 1.2145217991959794,
  "dvars_vstd": 1.020189263316583,
  "efc": 0.3434977171661238,
  "fber": 216433856.0,
  "fd_mean": 0.12294272767503062,
  "fd_num": 26,
  "fd_perc": 13.0,
  "fwhm_avg": 3.320977037037037,
  "fwhm_x": 3.28444,
  "fwhm_y": 3.9641777777777776,
  "fwhm_z": 2.714313333333333,
  "gcor": 0.0643982,
  "gsr_x": -0.014468641020357609,
  "gsr_y": -0.001338065485469997,
  "provenance": {
    "md5sum": "fa15802ae92defda99f750ee611f65b4",
    "settings": {
      "fd_thres": 0.2,
      "hmc_fsl": false
    },
    "software": "mriqc",
    "version": "0.9.6"
  },
  "size_t": 200,
  "size_x": 128,
  "size_y": 128,
  "size_z": 49,
  "snr": 4.4608370261589885,
  "spacing_tr": 2.5,
  "spacing_x": 2.25,
  "spacing_y": 2.25,
  "spacing_z": 3.0,
  "summary_bg_k": 63.84804055658866,
  "summary_bg_mad": 0.5633888244628906,
  "summary_bg_mean": 74.36634826660156,
  "summary_bg_median": 0.3799999952316284,
  "summary_bg_n": 614192.0,
  "summary_bg_p05": 0.0,
  "summary_bg_p95": 382.4039840698233,
  "summary_bg_stdv": 289.9317626953125,
  "summary_fg_k": 1.0372608723352483,
  "summary_fg_mad": 1015.6788330078125,
  "summary_fg_mean": 5195.44775390625,
  "summary_fg_median": 5210.732421875,
  "summary_fg_n": 97864.0,
  "summary_fg_p05": 3173.2782592773438,
  "summary_fg_p95": 7062.157177734374,
  "summary_fg_stdv": 1168.1004638671875,
  "tsnr": 57.70067596435547
}