{
  "aor": 0.0035177999999999997,
  "aqi": 0.0077669629,
  "bids_meta": {
    "AcquisitionDuration": 525.000256,
    "CogAtlasID": "trm_4c8a834779883",
    "Columns": 128,
    "EchoTime": 0.03,
    "EchoTrainLength": 1,
    "EffectiveEchoSpacing": 0.000464,
    "FieldOfView": [
      288,
      288,
      147
    ],
    "FlipAngle": 75,
    "GEImageTypeRIMPCode": 0,
    "ImageType": "ORIGINAL/PRIMARY/EPI/NONE",
    "ImagingFrequency": 127.765212,
    "InplanePhaseEncodingDirection": "COL",
    "InversionTime": 0,
    "MRAcquisitionType": "2D",
    "MagneticFieldStrength": 3,
    "Manufacturer": "GE MEDICAL SYSTEMS",
    "ManufacturersModelName": "DISCOVERY MR750",
    "NumberOfAverages": 1,
    "NumberOfEPIShots": 1,
    "NumberOfEchoes": 1,
    "NumberOfSlices": 49,
    "ParallelImagingReductionFactors": [
      0.5,
      1
    ],
    "PercentPhaseFieldOfView": 100,
    "PhaseEncodingDirection": "j",
    "PixelBandwidth": 3906.25,
    "PixelSpacing": [
      2.25,
      2.25
    ],
    "ReceiveCoilName": "8HRBRAIN",
    "RepetitionTime": 2.5,
    "Rows": 128,
    "SATFatWaterBone": 0,
    "ScanOptions": [
      "EPI_GEMS",
      "FILTERED_GEMS",
      "ACC_GEMS"
    ],
    "ScanningSequence": [
      "EP",
      "GR"
    ],
    "SequenceVariant": "SS",
    "SeriesDate": "18740508",
    "SeriesDescription": "RSN_BWRT_200vol_3mm",
    "SeriesNumber": 10,
    "SeriesTime": "190145",
    "SliceThickness": 3,
    "SliceTiming": [
      0,
      1.27551,
      0.05102,
      1.32653,
      0.10204,
      1.37755,
      0.15306,
      1.42857,
      0.20408,
      1.47959,
      0.2551,
      1.53061,
      0.30612,
      1.58163,
      0.35714,
      1.63265,
      0.40816,
      1.68367,
      0.45918,
      1.73469,
      0.5102,
      1.78571,
      0.56122,
      1.83673,
      0.61224,
      1.88776,
      0.66327,
      1.93878,
      0.71429,
      1.9898,
      0.76531,
      2.04082,
      0.81633,
      2.09184,
      0.86735,
      2.14286,
      0.91837,
      2.19388,
      0.96939,
      2.2449,
      1.02041,
      2.29592,
      1.07143,
      2.34694,
      1.12245,
      2.39796,
      1.17347,
      2.44898,
      1.22449
    ],
    "SliceTimingComputationMethod": "SliceNumber*RepetitionTime/NumberOfSlices (interleaved ascending, odd first)",
    "SpacingBetweenSlices": 3,
    "StudyTime": "175416",
    "TaskDescription": "Functional connectivity in the resting state was assessed during two eight-minute runs. Participants were asked to rate their sleepiness using the Karolinska Sleepiness Scale every 2 minutes",
    "TaskInstructions": "Participants were instructed to keep their eyes open and look at a white fixation cross presented against a gray background.",
    "TaskName": "Sleepiness",
    "dummyScans": 10,
    "modality": "bold",
    "session_id": "2",
    "subject_id": "9047",
    "task_id": "sleepiness"
  },
  "dummy_trs": 0,
  "dvars_nstd": 24.66881907261308,
  "dvars_std": 1.1703917188442208,
  "dvars_vstd": 0.9759640378391958,
  "efc": 0.3398757832380761,
  "fber": 37890712.0,
  "fd_mean": 0.24320383206224738,
  "fd_num": 70,
  "fd_perc": 35.0,
  "fwhm_avg": 3.1619344444444444,
  "fwhm_x": 3.184808888888889,
  "fwhm_y": 3.6211511111111108,
  "fwhm_z": 2.679843333333333,
  "gcor": 0.0326342,
  "gsr_x": -0.014867947436869144,
  "gsr_y": 0.0004036461759824306,
  "provenance": {
    "md5sum": "300f0968cab9b640f7e482fd1e04e363",
    "settings": {
      "fd_thres": 0.2,
      "hmc_fsl": false
    },
    "software": "mriqc",
    "version": "0.9.6"
  },
  "size_t": 200,
  "size_x": 128,
  "size_y": 128,
  "size_z": 49,
  "snr": 4.912962005700746,
  "spacing_tr": 2.5,
  "spacing_x": 2.25,
  "spacing_y": 2.25,
  "spacing_z": 3.0,
  "summary_bg_k": 87.08202533338934,
  "summary_bg_mad": 1.312103033065796,
  "summary_bg_mean": 63.03215026855469,
  "summary_bg_median": 0.8849999904632568,
  "summary_bg_n": 617351.0,
  "summary_bg_p05": 0.0,
  "summary_bg_p95": 312.23748779296875,
  "summary_bg_stdv": 223.47740173339844,
  "summary_fg_k": 1.5996429631820668,
  "summary_fg_mad": 874.7798461914062,
  "summary_fg_mean": 5070.7021484375,
  "summary_fg_median": 5121.8798828125,
  "summary_fg_n": 96884.0,
  "summary_fg_p05": 3260.932666015625,
  "summary_fg_p95": 6683.479174804687,
  "summary_fg_stdv": 1042.5184326171875,
  "tsnr": 55.90974426269531
}