{
  "bids_meta": {
    "AcquisitionDuration": 238.444688,
    "Columns": 512,
    "EchoTime": 0.00281,
    "EchoTrainLength": 1,
    "EffectiveEchoSpacing": 0,
    "FieldOfView": [
      240.03,
      240.03,
      180
    ],
    "FlipAngle": 11,
    "GEImageTypeRIMPCode": 0,
    "ImageType": "ORIGINAL/PRIMARY/OTHER",
    "ImagingFrequency": 127.765183,
    "InplanePhaseEncodingDirection": "ROW",
    "InversionTime": 0.45,
    "MRAcquisitionType": "3D",
    "MagneticFieldStrength": 3,
    "Manufacturer": "GE MEDICAL SYSTEMS",
    "ManufacturersModelName": "DISCOVERY MR750",
    "NumberOfAverages": 1,
    "NumberOfEPIShots": 0,
    "NumberOfEchoes": 1,
    "NumberOfSlices": 180,
    "ParallelImagingReductionFactors": [
      0.571429,
      1
    ],
    "PercentPhaseFieldOfView": 100,
    "PhaseEncodingDirection": "i",
    "PixelBandwidth": 122.07,
    "PixelSpacing": [
      0.4688,
      0.4688
    ],
    "ReceiveCoilName": "8HRBRAIN",
    "RepetitionTime": 0.0064,
    "Rows": 512,
    "SATFatWaterBone": 0,
    "ScanOptions": [
      "FAST_GEMS",
      "EDR_GEMS",
      "FILTERED_GEMS",
      "ACC_GEMS"
    ],
    "ScanningSequence": "GR",
    "SequenceVariant": [
      "SS",
      "SK"
    ],
    "SeriesDate": "18730303",
    "SeriesDescription": "Sag3D_T1_1mm3",
    "SeriesNumber": 2,
    "SeriesTime": "182310",
    "SliceThickness": 1,
    "SpacingBetweenSlices": 1,
    "StudyTime": "182135",
    "modality": "T1w",
    "session_id": "1",
    "subject_id": "9083"
  },
  "cjv": 0.35140362503128786,
  "cnr": 3.7670947504324848,
  "efc": 0.670058349276125,
  "fber": 142.561767578125,
  "fwhm_avg": 6.305532562024069,
  "fwhm_x": 3.87865,
  "fwhm_y": 7.751706347449556,
  "fwhm_z": 7.286241338622652,
  "icvs_csf": 0.2151125223032906,
  "icvs_gm": 0.4201795518333482,
  "icvs_wm": 0.36470792586336115,
  "inu_med": 1.1399255990982056,
  "inu_range": 0.48045624792575836,
  "provenance": {
    "md5sum": "81d46a2565327a2727b2842d67d37101",
    "mriqc_pred": 0,
    "settings": {
      "testing": false
    },
    "software": "mriqc",
    "version": "0.9.6",
    "warnings": {
      "large_rot_frame": true,
      "small_air_mask": false
    }
  },
  "qi_1": 0.0,
  "qi_2": 0.00029289499468968075,
  "rpve_csf": 21.481459287542915,
  "rpve_gm": 11.492293357809645,
  "rpve_wm": 15.613955173248849,
  "size_x": 180,
  "size_y": 512,
  "size_z": 512,
  "snr_csf": 3.568376178644355,
  "snr_gm": 12.425938364375336,
  "snr_total": 11.6358296296454,
  "snr_wm": 18.913174345916513,
  "snrd_csf": 14.011676036110446,
  "snrd_gm": 32.03051911973894,
  "snrd_total": 30.556050633051267,
  "snrd_wm": 45.62595674330442,
  "spacing_x": 1.0,
  "spacing_y": 0.46880000829696655,
  "spacing_z": 0.46880000829696655,
  "summary_bg_k": 2.104623842682418,
  "summary_bg_mad": 14.35898208618164,
  "summary_bg_mean": 49.46031188964844,
  "summary_bg_median": 47.22684860229492,
  "summary_bg_n": 9168340.0,
  "summary_bg_p05": 27.32898178100586,
  "summary_bg_p95": 79.48426971435543,
  "summary_bg_stdv": 16.41124153137207,
  "summary_csf_k": 0.6432497088122733,
  "summary_csf_mad": 75.61773681640625,
  "summary_csf_mean": 320.8163146972656,
  "summary_csf_median": 307.1015625,
  "summary_csf_n": 185357.0,
  "summary_csf_p05": 202.47548828125002,
  "summary_csf_p95": 486.46674804687495,
  "summary_csf_stdv": 86.06175994873047,
  "summary_gm_k": 0.3004308370851918,
  "summary_gm_mad": 54.24003982543945,
  "summary_gm_mean": 704.900390625,
  "summary_gm_median": 702.0303955078125,
  "summary_gm_n": 264033.0,
  "summary_gm_p05": 617.477685546875,
  "summary_gm_p95": 803.3258911132812,
  "summary_gm_stdv": 56.497066497802734,
  "summary_wm_k": 0.40342797994078117,
  "summary_wm_mad": 50.470733642578125,
  "summary_wm_mean": 1001.5208740234375,
  "summary_wm_median": 1000.009033203125,
  "summary_wm_n": 1225745.0,
  "summary_wm_p05": 917.3583129882812,
  "summary_wm_p95": 1091.13115234375,
  "summary_wm_stdv": 52.873653411865234,
  "tpm_overlap_csf": 0.2237486094236374,
  "tpm_overlap_gm": 0.49509280920028687,
  "tpm_overlap_wm": 0.5709789395332336,
  "wm2max": 0.5251142027973011
}