{
  "aor": 0.0036208500000000005,
  "aqi": 0.00448965085,
  "bids_meta": {
    "AcquisitionDuration": 525.000256,
    "CogAtlasID": "trm_4c8a834779883",
    "Columns": 128,
    "EchoTime": 0.03,
    "EchoTrainLength": 1,
    "EffectiveEchoSpacing": 0.000464,
    "FieldOfView": [
      288,
      288,
      147
    ],
    "FlipAngle": 75,
    "GEImageTypeRIMPCode": 0,
    "ImageType": "ORIGINAL/PRIMARY/EPI/NONE",
    "ImagingFrequency": 127.765269,
    "InplanePhaseEncodingDirection": "COL",
    "InversionTime": 0,
    "MRAcquisitionType": "2D",
    "MagneticFieldStrength": 3,
    "Manufacturer": "GE MEDICAL SYSTEMS",
    "ManufacturersModelName": "DISCOVERY MR750",
    "NumberOfAverages": 1,
    "NumberOfEPIShots": 1,
    "NumberOfEchoes": 1,
    "NumberOfSlices": 49,
    "ParallelImagingReductionFactors": [
      0.5,
      1
    ],
    "PercentPhaseFieldOfView": 100,
    "PhaseEncodingDirection": "j",
    "PixelBandwidth": 3906.25,
    "PixelSpacing": [
      2.25,
      2.25
    ],
    "ReceiveCoilName": "8HRBRAIN",
    "RepetitionTime": 2.5,
    "Rows": 128,
    "SATFatWaterBone": 0,
    "ScanOptions": [
      "EPI_GEMS",
      "FILTERED_GEMS",
      "ACC_GEMS"
    ],
    "ScanningSequence": [
      "EP",
      "GR"
    ],
    "SequenceVariant": "SS",
    "SeriesDate": "18730514",
    "SeriesDescription": "RSN_BWRT_200vol_3mm",
    "SeriesNumber": 10,
    "SeriesTime": "194138",
    "SliceThickness": 3,
    "SliceTiming": [
      0,
      1.27551,
      0.05102,
      1.32653,
      0.10204,
      1.37755,
      0.15306,
      1.42857,
      0.20408,
      1.47959,
      0.2551,
      1.53061,
      0.30612,
      1.58163,
      0.35714,
      1.63265,
      0.40816,
      1.68367,
      0.45918,
      1.73469,
      0.5102,
      1.78571,
      0.56122,
      1.83673,
      0.61224,
      1.88776,
      0.66327,
      1.93878,
      0.71429,
      1.9898,
      0.76531,
      2.04082,
      0.81633,
      2.09184,
      0.86735,
      2.14286,
      0.91837,
      2.19388,
      0.96939,
      2.2449,
      1.02041,
      2.29592,
      1.07143,
      2.34694,
      1.12245,
      2.39796,
      1.17347,
      2.44898,
      1.22449
    ],
    "SliceTimingComputationMethod": "SliceNumber*RepetitionTime/NumberOfSlices (interleaved ascending, odd first)",
    "SpacingBetweenSlices": 3,
    "StudyTime": "184108",
    "TaskDescription": "Functional connectivity in the resting state was assessed during two eight-minute runs. Participants were asked to rate their sleepiness using the Karolinska Sleepiness Scale every 2 minutes",
    "TaskInstructions": "Participants were instructed to keep their eyes open and look at a white fixation cross presented against a gray background.",
    "TaskName": "Sleepiness",
    "dummyScans": 10,
    "modality": "bold",
    "session_id": "2",
    "subject_id": "9067",
    "task_id": "sleepiness"
  },
  "dummy_trs": 0,
  "dvars_nstd": 19.27123460809046,
  "dvars_std": 1.1922094489949753,
  "dvars_vstd": 1.0133938210552758,
  "efc": 0.30416960003110166,
  "fber": 134709024.0,
  "fd_mean": 0.1505102085432291,
  "fd_num": 49,
  "fd_perc": 24.5,
  "fwhm_avg": 3.370031481481482,
  "fwhm_x": 3.5214355555555557,
  "fwhm_y": 3.8891822222222223,
  "fwhm_z": 2.699476666666667,
  "gcor": 0.0425896,
  "gsr_x": -0.01549592800438404,
  "gsr_y": -0.00113682693336159,
  "provenance": {
    "md5sum": "a55c2ffd94bb876a9661ab79b1316860",
    "settings": {
      "fd_thres": 0.2,
      "hmc_fsl": false
    },
    "software": "mriqc",
    "version": "0.9.6"
  },
  "size_t": 200,
  "size_x": 128,
  "size_y": 128,
  "size_z": 49,
  "snr": 4.586887674695621,
  "spacing_tr": 2.5,
  "spacing_x": 2.25,
  "spacing_y": 2.25,
  "spacing_z": 3.0,
  "summary_bg_k": 74.5358929740331,
  "summary_bg_mad": 0.7264750599861145,
  "summary_bg_mean": 63.19651412963867,
  "summary_bg_median": 0.4899999797344208,
  "summary_bg_n": 640439.0,
  "summary_bg_p05": 0.0,
  "summary_bg_p95": 310.4654968261718,
  "summary_bg_stdv": 242.30772399902344,
  "summary_fg_k": 1.237148761325244,
  "summary_fg_mad": 960.541259765625,
  "summary_fg_mean": 5054.80859375,
  "summary_fg_median": 5093.1025390625,
  "summary_fg_n": 76144.0,
  "summary_fg_p05": 3024.680712890625,
  "summary_fg_p95": 6752.459228515625,
  "summary_fg_stdv": 1110.35400390625,
  "tsnr": 75.89364624023438
}