{
  "aor": 0.005309465240641712,
  "aqi": 0.009490882887700534,
  "bids_meta": {
    "AcquisitionDuration": 723.000256,
    "Columns": 128,
    "EchoTime": 0.034,
    "EchoTrainLength": 1,
    "EffectiveEchoSpacing": 0.00056,
    "FieldOfView": [
      220.01,
      220.01,
      110.4
    ],
    "FlipAngle": 80,
    "GEImageTypeRIMPCode": 0,
    "ImageType": "ORIGINAL/PRIMARY/EPI/NONE",
    "ImagingFrequency": 127.765163,
    "InplanePhaseEncodingDirection": "COL",
    "InversionTime": 0,
    "MRAcquisitionType": "2D",
    "MagneticFieldStrength": 3,
    "Manufacturer": "GE MEDICAL SYSTEMS",
    "ManufacturersModelName": "DISCOVERY MR750",
    "NumberOfAverages": 1,
    "NumberOfEPIShots": 1,
    "NumberOfEchoes": 1,
    "NumberOfSlices": 46,
    "ParallelImagingReductionFactors": [
      0.5,
      1
    ],
    "PercentPhaseFieldOfView": 100,
    "PhaseEncodingDirection": "j",
    "PixelBandwidth": 3906.25,
    "PixelSpacing": [
      1.7188,
      1.7188
    ],
    "ReceiveCoilName": "8HRBRAIN",
    "RepetitionTime": 3,
    "Rows": 128,
    "SATFatWaterBone": 1,
    "ScanOptions": [
      "SAT_GEMS",
      "EPI_GEMS",
      "ACC_GEMS",
      "FS"
    ],
    "ScanningSequence": [
      "EP",
      "GR"
    ],
    "SequenceVariant": "SS",
    "SeriesDate": "18740706",
    "SeriesDescription": "fMRI-hands",
    "SeriesNumber": 7,
    "SeriesTime": "183056",
    "SliceThickness": 2.3,
    "SliceTiming": [
      0,
      1.5,
      0.06522,
      1.56522,
      0.13043,
      1.63043,
      0.19565,
      1.69565,
      0.26087,
      1.76087,
      0.32609,
      1.82609,
      0.3913,
      1.8913,
      0.45652,
      1.95652,
      0.52174,
      2.02174,
      0.58696,
      2.08696,
      0.65217,
      2.15217,
      0.71739,
      2.21739,
      0.78261,
      2.28261,
      0.84783,
      2.34783,
      0.91304,
      2.41304,
      0.97826,
      2.47826,
      1.04348,
      2.54348,
      1.1087,
      2.6087,
      1.17391,
      2.67391,
      1.23913,
      2.73913,
      1.30435,
      2.80435,
      1.36957,
      2.86957,
      1.43478,
      2.93478
    ],
    "SliceTimingComputationMethod": "SliceNumber*RepetitionTime/NumberOfSlices (interleaved ascending, odd first)",
    "SpacingBetweenSlices": 2.4,
    "StudyTime": "180136",
    "TaskDescription": "In an event-related design, participants were shown pictures of hands being stung by needles or poked with Q-tips. The stimulus set was kindly shared by Claus Lamm, and has been shown to be effective in previous work by him. After each picture, participants were asked to rate their perceived unpleasantness on a visual analog scale of 0-100.",
    "TaskInstructions": "",
    "TaskName": "Hands",
    "dummyScans": 5,
    "modality": "bold",
    "session_id": "2",
    "subject_id": "9029",
    "task_id": "hands"
  },
  "dummy_trs": 0,
  "dvars_nstd": 43.08328193725809,
  "dvars_std": 1.1310965450537633,
  "dvars_vstd": 1.0435868416129037,
  "efc": 0.4580318715193905,
  "fber": 11705.001953125,
  "fd_mean": 0.21522365665943133,
  "fd_num": 59,
  "fd_perc": 31.550802139037433,
  "fwhm_avg": 3.096655531015982,
  "fwhm_x": 3.251826953015878,
  "fwhm_y": 3.570374786588108,
  "fwhm_z": 2.46776485344396,
  "gcor": 0.0227072,
  "gsr_x": -0.008869540877640247,
  "gsr_y": 0.03218056261539459,
  "provenance": {
    "md5sum": "cc74bc9e70a39c9dad4a7603af6bcefc",
    "settings": {
      "fd_thres": 0.2,
      "hmc_fsl": false
    },
    "software": "mriqc",
    "version": "0.9.6"
  },
  "size_t": 187,
  "size_x": 128,
  "size_y": 128,
  "size_z": 46,
  "snr": 2.884780573844093,
  "spacing_tr": 3.0,
  "spacing_x": 1.7187999486923218,
  "spacing_y": 1.7187999486923218,
  "spacing_z": 2.3999977111816406,
  "summary_bg_k": 217.6046449899826,
  "summary_bg_mad": 52.41434860229492,
  "summary_bg_mean": 105.34606170654297,
  "summary_bg_median": 35.695186614990234,
  "summary_bg_n": 493841.0,
  "summary_bg_p05": 0.08556149899959564,
  "summary_bg_p95": 396.3048095703125,
  "summary_bg_stdv": 290.43743896484375,
  "summary_fg_k": 1.8188294598622416,
  "summary_fg_mad": 1034.000244140625,
  "summary_fg_mean": 3980.085205078125,
  "summary_fg_median": 3752.703125,
  "summary_fg_n": 164830.0,
  "summary_fg_p05": 2311.4455078125,
  "summary_fg_p95": 6491.542358398435,
  "summary_fg_stdv": 1300.858642578125,
  "tsnr": 34.53422164916992
}