{
  "aor": 0.00483985,
  "aqi": 0.0047578056499999995,
  "bids_meta": {
    "AcquisitionDuration": 525.000256,
    "CogAtlasID": "trm_4c8a834779883",
    "Columns": 128,
    "EchoTime": 0.03,
    "EchoTrainLength": 1,
    "EffectiveEchoSpacing": 0.000464,
    "FieldOfView": [
      288,
      288,
      147
    ],
    "FlipAngle": 75,
    "GEImageTypeRIMPCode": 0,
    "ImageType": "ORIGINAL/PRIMARY/EPI/NONE",
    "ImagingFrequency": 127.765175,
    "InplanePhaseEncodingDirection": "COL",
    "InversionTime": 0,
    "MRAcquisitionType": "2D",
    "MagneticFieldStrength": 3,
    "Manufacturer": "GE MEDICAL SYSTEMS",
    "ManufacturersModelName": "DISCOVERY MR750",
    "NumberOfAverages": 1,
    "NumberOfEPIShots": 1,
    "NumberOfEchoes": 1,
    "NumberOfSlices": 49,
    "ParallelImagingReductionFactors": [
      0.5,
      1
    ],
    "PercentPhaseFieldOfView": 100,
    "PhaseEncodingDirection": "j",
    "PixelBandwidth": 3906.25,
    "PixelSpacing": [
      2.25,
      2.25
    ],
    "ReceiveCoilName": "8HRBRAIN",
    "RepetitionTime": 2.5,
    "Rows": 128,
    "SATFatWaterBone": 0,
    "ScanOptions": [
      "EPI_GEMS",
      "FILTERED_GEMS",
      "ACC_GEMS"
    ],
    "ScanningSequence": [
      "EP",
      "GR"
    ],
    "SequenceVariant": "SS",
    "SeriesDate": "18740116",
    "SeriesDescription": "RSN_BWRT_200vol_3mm",
    "SeriesNumber": 10,
    "SeriesTime": "204239",
    "SliceThickness": 3,
    "SliceTiming": [
      0,
      1.27551,
      0.05102,
      1.32653,
      0.10204,
      1.37755,
      0.15306,
      1.42857,
      0.20408,
      1.47959,
      0.2551,
      1.53061,
      0.30612,
      1.58163,
      0.35714,
      1.63265,
      0.40816,
      1.68367,
      0.45918,
      1.73469,
      0.5102,
      1.78571,
      0.56122,
      1.83673,
      0.61224,
      1.88776,
      0.66327,
      1.93878,
      0.71429,
      1.9898,
      0.76531,
      2.04082,
      0.81633,
      2.09184,
      0.86735,
      2.14286,
      0.91837,
      2.19388,
      0.96939,
      2.2449,
      1.02041,
      2.29592,
      1.07143,
      2.34694,
      1.12245,
      2.39796,
      1.17347,
      2.44898,
      1.22449
    ],
    "SliceTimingComputationMethod": "SliceNumber*RepetitionTime/NumberOfSlices (interleaved ascending, odd first)",
    "SpacingBetweenSlices": 3,
    "StudyTime": "194110",
    "TaskDescription": "Functional connectivity in the resting state was assessed during two eight-minute runs. Participants were asked to rate their sleepiness using the Karolinska Sleepiness Scale every 2 minutes",
    "TaskInstructions": "Participants were instructed to keep their eyes open and look at a white fixation cross presented against a gray background.",
    "TaskName": "Sleepiness",
    "dummyScans": 10,
    "modality": "bold",
    "session_id": "1",
    "subject_id": "9063",
    "task_id": "sleepiness"
  },
  "dummy_trs": 0,
  "dvars_nstd": 17.558288895477396,
  "dvars_std": 1.081388046783919,
  "dvars_vstd": 1.0203463842713576,
  "efc": 0.33416711481734246,
  "fber": 53343908.0,
  "fd_mean": 0.12614086283091244,
  "fd_num": 30,
  "fd_perc": 15.0,
  "fwhm_avg": 3.3622207407407405,
  "fwhm_x": 3.4158977777777775,
  "fwhm_y": 3.991431111111111,
  "fwhm_z": 2.6793333333333336,
  "gcor": 0.0228467,
  "gsr_x": -0.021858440712094307,
  "gsr_y": 0.004319002851843834,
  "provenance": {
    "md5sum": "5680a2dbc0577aed66fb4674447d3c80",
    "settings": {
      "fd_thres": 0.2,
      "hmc_fsl": false
    },
    "software": "mriqc",
    "version": "0.9.6"
  },
  "size_t": 200,
  "size_x": 128,
  "size_y": 128,
  "size_z": 49,
  "snr": 4.291087440585342,
  "spacing_tr": 2.5,
  "spacing_x": 2.25,
  "spacing_y": 2.25,
  "spacing_z": 3.0,
  "summary_bg_k": 54.47311480142156,
  "summary_bg_mad": 1.0378215312957764,
  "summary_bg_mean": 80.58804321289062,
  "summary_bg_median": 0.699999988079071,
  "summary_bg_n": 625138.0,
  "summary_bg_p05": 0.0,
  "summary_bg_p95": 466.7599792480469,
  "summary_bg_stdv": 290.91754150390625,
  "summary_fg_k": 1.08559495527646,
  "summary_fg_mad": 985.0928955078125,
  "summary_fg_mean": 4839.2294921875,
  "summary_fg_median": 4900.77001953125,
  "summary_fg_n": 88821.0,
  "summary_fg_p05": 2758.419921875,
  "summary_fg_p95": 6606.849609375,
  "summary_fg_stdv": 1142.07470703125,
  "tsnr": 66.59994506835938
}