{
  "bids_meta": {
    "AcquisitionDuration": 238.55128,
    "Columns": 512,
    "EchoTime": 0.00281,
    "EchoTrainLength": 1,
    "EffectiveEchoSpacing": 0,
    "FieldOfView": [
      240.03,
      240.03,
      180
    ],
    "FlipAngle": 11,
    "GEImageTypeRIMPCode": 0,
    "ImageType": "ORIGINAL/PRIMARY/OTHER",
    "ImagingFrequency": 127.765134,
    "InplanePhaseEncodingDirection": "ROW",
    "InversionTime": 0.45,
    "MRAcquisitionType": "3D",
    "MagneticFieldStrength": 3,
    "Manufacturer": "GE MEDICAL SYSTEMS",
    "ManufacturersModelName": "DISCOVERY MR750",
    "NumberOfAverages": 1,
    "NumberOfEPIShots": 0,
    "NumberOfEchoes": 1,
    "NumberOfSlices": 180,
    "ParallelImagingReductionFactors": [
      0.571429,
      1
    ],
    "PercentPhaseFieldOfView": 100,
    "PhaseEncodingDirection": "i",
    "PixelBandwidth": 122.07,
    "PixelSpacing": [
      0.4688,
      0.4688
    ],
    "ReceiveCoilName": "8HRBRAIN",
    "RepetitionTime": 0.0064,
    "Rows": 512,
    "SATFatWaterBone": 0,
    "ScanOptions": [
      "FAST_GEMS",
      "EDR_GEMS",
      "FILTERED_GEMS",
      "ACC_GEMS"
    ],
    "ScanningSequence": "GR",
    "SequenceVariant": [
      "SS",
      "SK"
    ],
    "SeriesDate": "18740513",
    "SeriesDescription": "Sag3D_T1_1mm3",
    "SeriesNumber": 2,
    "SeriesTime": "181501",
    "SliceThickness": 1,
    "SpacingBetweenSlices": 1,
    "StudyTime": "181314",
    "modality": "T1w",
    "session_id": "2",
    "subject_id": "9003"
  },
  "cjv": 0.3775327932006205,
  "cnr": 3.5922409845987935,
  "efc": 0.6385605245891597,
  "fber": 155.88795471191406,
  "fwhm_avg": 5.998359347969104,
  "fwhm_x": 3.89158,
  "fwhm_y": 7.235366766144207,
  "fwhm_z": 6.868131277763107,
  "icvs_csf": 0.2170462758419539,
  "icvs_gm": 0.39865770086040986,
  "icvs_wm": 0.38429602329763624,
  "inu_med": 1.3032089471817017,
  "inu_range": 0.4152437448501587,
  "provenance": {
    "md5sum": "29dd22804cca7140f34e2c653f772d78",
    "mriqc_pred": 0,
    "settings": {
      "testing": false
    },
    "software": "mriqc",
    "version": "0.9.6",
    "warnings": {
      "large_rot_frame": true,
      "small_air_mask": false
    }
  },
  "qi_1": 0.0,
  "qi_2": 0.0002800232499763789,
  "rpve_csf": 24.309776862954433,
  "rpve_gm": 13.347871593134052,
  "rpve_wm": 16.68531104301844,
  "size_x": 180,
  "size_y": 512,
  "size_z": 512,
  "snr_csf": 4.427127198967217,
  "snr_gm": 14.020189636195092,
  "snr_total": 12.79352448311066,
  "snr_wm": 19.933256614169675,
  "snrd_csf": 14.614848111301544,
  "snrd_gm": 32.46360574830129,
  "snrd_total": 30.45810204773907,
  "snrd_wm": 44.29585228361437,
  "spacing_x": 1.0,
  "spacing_y": 0.46880000829696655,
  "spacing_z": 0.46880000829696655,
  "summary_bg_k": 7.035242729395275,
  "summary_bg_mad": 14.790170669555664,
  "summary_bg_mean": 52.28579330444336,
  "summary_bg_median": 50.3028564453125,
  "summary_bg_n": 10400129.0,
  "summary_bg_p05": 29.492184448242188,
  "summary_bg_p95": 81.79791412353515,
  "summary_bg_stdv": 16.73766326904297,
  "summary_csf_k": 0.8861325482803668,
  "summary_csf_mad": 64.25355529785156,
  "summary_csf_mean": 340.677978515625,
  "summary_csf_median": 329.94061279296875,
  "summary_csf_n": 187680.0,
  "summary_csf_p05": 236.79056015014646,
  "summary_csf_p95": 484.31594390869134,
  "summary_csf_stdv": 74.52682495117188,
  "summary_gm_k": 0.09841332286798421,
  "summary_gm_mad": 51.70494079589844,
  "summary_gm_mean": 733.8053588867188,
  "summary_gm_median": 732.8890380859375,
  "summary_gm_n": 173794.0,
  "summary_gm_p05": 649.7162963867188,
  "summary_gm_p95": 820.9565002441407,
  "summary_gm_stdv": 52.273681640625,
  "summary_wm_k": 0.2205152694349457,
  "summary_wm_mad": 49.142147064208984,
  "summary_wm_mean": 1001.515869140625,
  "summary_wm_median": 1000.0104370117188,
  "summary_wm_n": 1161135.0,
  "summary_wm_p05": 921.4359680175781,
  "summary_wm_p95": 1086.1739135742187,
  "summary_wm_stdv": 50.16791915893555,
  "tpm_overlap_csf": 0.213867649435997,
  "tpm_overlap_gm": 0.4629344344139099,
  "tpm_overlap_wm": 0.5645392537117004,
  "wm2max": 0.41246935200042334
}