{
  "aor": 0.0036065284974093263,
  "aqi": 0.006207602331606219,
  "bids_meta": {
    "AcquisitionDuration": 525.000256,
    "CogAtlasID": "trm_4c8a834779883",
    "Columns": 128,
    "EchoTime": 0.03,
    "EchoTrainLength": 1,
    "EffectiveEchoSpacing": 0.000464,
    "FieldOfView": [
      288,
      288,
      147
    ],
    "FlipAngle": 75,
    "GEImageTypeRIMPCode": 0,
    "ImageType": "ORIGINAL/PRIMARY/EPI/NONE",
    "ImagingFrequency": 127.765136,
    "InplanePhaseEncodingDirection": "COL",
    "InversionTime": 0,
    "MRAcquisitionType": "2D",
    "MagneticFieldStrength": 3,
    "Manufacturer": "GE MEDICAL SYSTEMS",
    "ManufacturersModelName": "DISCOVERY MR750",
    "NumberOfAverages": 1,
    "NumberOfEPIShots": 1,
    "NumberOfEchoes": 1,
    "NumberOfSlices": 49,
    "ParallelImagingReductionFactors": [
      0.5,
      1
    ],
    "PercentPhaseFieldOfView": 100,
    "PhaseEncodingDirection": "j",
    "PixelBandwidth": 3906.25,
    "PixelSpacing": [
      2.25,
      2.25
    ],
    "ReceiveCoilName": "8HRBRAIN",
    "RepetitionTime": 2.5,
    "Rows": 128,
    "SATFatWaterBone": 0,
    "ScanOptions": [
      "EPI_GEMS",
      "FILTERED_GEMS",
      "ACC_GEMS"
    ],
    "ScanningSequence": [
      "EP",
      "GR"
    ],
    "SequenceVariant": "SS",
    "SeriesDate": "18740306",
    "SeriesDescription": "RSN_BWRT_200vol_3mm",
    "SeriesNumber": 4,
    "SeriesTime": "182227",
    "SliceThickness": 3,
    "SliceTiming": [
      0,
      1.27551,
      0.05102,
      1.32653,
      0.10204,
      1.37755,
      0.15306,
      1.42857,
      0.20408,
      1.47959,
      0.2551,
      1.53061,
      0.30612,
      1.58163,
      0.35714,
      1.63265,
      0.40816,
      1.68367,
      0.45918,
      1.73469,
      0.5102,
      1.78571,
      0.56122,
      1.83673,
      0.61224,
      1.88776,
      0.66327,
      1.93878,
      0.71429,
      1.9898,
      0.76531,
      2.04082,
      0.81633,
      2.09184,
      0.86735,
      2.14286,
      0.91837,
      2.19388,
      0.96939,
      2.2449,
      1.02041,
      2.29592,
      1.07143,
      2.34694,
      1.12245,
      2.39796,
      1.17347,
      2.44898,
      1.22449
    ],
    "SliceTimingComputationMethod": "SliceNumber*RepetitionTime/NumberOfSlices (interleaved ascending, odd first)",
    "SpacingBetweenSlices": 3,
    "StudyTime": "181315",
    "TaskDescription": "Functional connectivity in the resting state was assessed during two eight-minute runs.",
    "TaskInstructions": "Participants were instructed to keep their eyes open and look at a white fixation cross presented against a gray background.",
    "TaskName": "Resting State",
    "dummyScans": 10,
    "modality": "bold",
    "session_id": "1",
    "subject_id": "9039",
    "task_id": "rest"
  },
  "dummy_trs": 0,
  "dvars_nstd": 22.681386382031246,
  "dvars_std": 1.1842738043229168,
  "dvars_vstd": 0.9812789626041664,
  "efc": 0.3494857605395864,
  "fber": 16437805.0,
  "fd_mean": 0.1392403773248698,
  "fd_num": 28,
  "fd_perc": 14.507772020725389,
  "fwhm_avg": 3.2165137037037037,
  "fwhm_x": 3.3037155555555557,
  "fwhm_y": 3.619048888888889,
  "fwhm_z": 2.7267766666666664,
  "gcor": 0.0113271,
  "gsr_x": -0.01099624577909708,
  "gsr_y": 0.004445980302989483,
  "provenance": {
    "md5sum": "4cd6a5fc3d24aec5e76296d10d9fefab",
    "settings": {
      "fd_thres": 0.2,
      "hmc_fsl": false
    },
    "software": "mriqc",
    "version": "0.9.6"
  },
  "size_t": 193,
  "size_x": 128,
  "size_y": 128,
  "size_z": 49,
  "snr": 4.154874654137117,
  "spacing_tr": 2.5,
  "spacing_x": 2.25,
  "spacing_y": 2.25,
  "spacing_z": 3.0,
  "summary_bg_k": 164.69212245700092,
  "summary_bg_mad": 1.8052409887313843,
  "summary_bg_mean": 56.27073669433594,
  "summary_bg_median": 1.2176165580749512,
  "summary_bg_n": 605623.0,
  "summary_bg_p05": 0.0,
  "summary_bg_p95": 265.09793090820324,
  "summary_bg_stdv": 212.08987426757812,
  "summary_fg_k": 0.8296842524733035,
  "summary_fg_mad": 993.4122924804688,
  "summary_fg_mean": 4814.7373046875,
  "summary_fg_median": 4798.97900390625,
  "summary_fg_n": 105703.0,
  "summary_fg_p05": 2820.768408203125,
  "summary_fg_p95": 6750.581005859374,
  "summary_fg_stdv": 1155.018310546875,
  "tsnr": 61.95622634887695
}