{
  "bids_meta": {
    "AcquisitionDuration": 238.444688,
    "Columns": 512,
    "EchoTime": 0.00281,
    "EchoTrainLength": 1,
    "EffectiveEchoSpacing": 0,
    "FieldOfView": [
      240.03,
      240.03,
      180
    ],
    "FlipAngle": 11,
    "GEImageTypeRIMPCode": 0,
    "ImageType": "ORIGINAL/PRIMARY/OTHER",
    "ImagingFrequency": 127.765223,
    "InplanePhaseEncodingDirection": "ROW",
    "InversionTime": 0.45,
    "MRAcquisitionType": "3D",
    "MagneticFieldStrength": 3,
    "Manufacturer": "GE MEDICAL SYSTEMS",
    "ManufacturersModelName": "DISCOVERY MR750",
    "NumberOfAverages": 1,
    "NumberOfEPIShots": 0,
    "NumberOfEchoes": 1,
    "NumberOfSlices": 180,
    "ParallelImagingReductionFactors": [
      0.571429,
      1
    ],
    "PercentPhaseFieldOfView": 100,
    "PhaseEncodingDirection": "i",
    "PixelBandwidth": 122.07,
    "PixelSpacing": [
      0.4688,
      0.4688
    ],
    "ReceiveCoilName": "8HRBRAIN",
    "RepetitionTime": 0.0064,
    "Rows": 512,
    "SATFatWaterBone": 0,
    "ScanOptions": [
      "FAST_GEMS",
      "EDR_GEMS",
      "FILTERED_GEMS",
      "ACC_GEMS"
    ],
    "ScanningSequence": "GR",
    "SequenceVariant": [
      "SS",
      "SK"
    ],
    "SeriesDate": "18730502",
    "SeriesDescription": "Sag3D_T1_1mm3",
    "SeriesNumber": 2,
    "SeriesTime": "182239",
    "SliceThickness": 1,
    "SpacingBetweenSlices": 1,
    "StudyTime": "182054",
    "modality": "T1w",
    "session_id": "2",
    "subject_id": "9077"
  },
  "cjv": 0.3598715478445132,
  "cnr": 3.622142176619308,
  "efc": 0.6332692490834324,
  "fber": 160.0465545654297,
  "fwhm_avg": 6.5719410233520605,
  "fwhm_x": 4.19718,
  "fwhm_y": 7.87636504831498,
  "fwhm_z": 7.642278021741201,
  "icvs_csf": 0.21673478401913865,
  "icvs_gm": 0.40608121459449237,
  "icvs_wm": 0.377184001386369,
  "inu_med": 1.1973069906234741,
  "inu_range": 0.5445888221263886,
  "provenance": {
    "md5sum": "a5eb3d574ed50627d0b538dba019223d",
    "mriqc_pred": 0,
    "settings": {
      "testing": false
    },
    "software": "mriqc",
    "version": "0.9.6",
    "warnings": {
      "large_rot_frame": true,
      "small_air_mask": false
    }
  },
  "qi_1": 0.0,
  "qi_2": 0.00038889785315450914,
  "rpve_csf": 24.62970226571966,
  "rpve_gm": 13.474578700504091,
  "rpve_wm": 17.40989687993214,
  "size_x": 180,
  "size_y": 512,
  "size_z": 512,
  "snr_csf": 3.500254245184771,
  "snr_gm": 13.486639254715838,
  "snr_total": 12.168586856235763,
  "snr_wm": 19.518867068806678,
  "snrd_csf": 15.978657001019906,
  "snrd_gm": 33.14979781535672,
  "snrd_total": 31.627445552746263,
  "snrd_wm": 45.75388184186216,
  "spacing_x": 1.0,
  "spacing_y": 0.46880000829696655,
  "spacing_z": 0.46880000829696655,
  "summary_bg_k": 5.768747200132683,
  "summary_bg_mad": 14.318761825561523,
  "summary_bg_mean": 50.98905563354492,
  "summary_bg_median": 48.9284553527832,
  "summary_bg_n": 9203682.0,
  "summary_bg_p05": 28.746853351593018,
  "summary_bg_p95": 80.3099426269531,
  "summary_bg_stdv": 16.53296661376953,
  "summary_csf_k": -0.47740459520719636,
  "summary_csf_mad": 105.67655944824219,
  "summary_csf_mean": 364.06536865234375,
  "summary_csf_median": 349.23199462890625,
  "summary_csf_n": 148984.0,
  "summary_csf_p05": 220.46619644165037,
  "summary_csf_p95": 535.4406982421875,
  "summary_csf_stdv": 99.77298736572266,
  "summary_gm_k": 0.4198445581494177,
  "summary_gm_mad": 50.85179138183594,
  "summary_gm_mean": 727.6005859375,
  "summary_gm_median": 724.527099609375,
  "summary_gm_n": 173947.0,
  "summary_gm_p05": 645.1490234375,
  "summary_gm_p95": 821.8213623046875,
  "summary_gm_stdv": 53.72168731689453,
  "summary_wm_k": 0.553653276299388,
  "summary_wm_mad": 48.28447341918945,
  "summary_wm_mean": 1001.144775390625,
  "summary_wm_median": 1000.00390625,
  "summary_wm_n": 1092596.0,
  "summary_wm_p05": 919.0119476318359,
  "summary_wm_p95": 1086.7350463867188,
  "summary_wm_stdv": 51.23265838623047,
  "tpm_overlap_csf": 0.21065007150173187,
  "tpm_overlap_gm": 0.4863704442977905,
  "tpm_overlap_wm": 0.5569621920585632,
  "wm2max": 0.4268878609939265
}