{
  "aor": 0.003742060301507537,
  "aqi": 0.006806164170854272,
  "bids_meta": {
    "AcquisitionDuration": 525.000256,
    "CogAtlasID": "trm_4c8a834779883",
    "Columns": 128,
    "EchoTime": 0.03,
    "EchoTrainLength": 1,
    "EffectiveEchoSpacing": 0.000464,
    "FieldOfView": [
      288,
      288,
      147
    ],
    "FlipAngle": 75,
    "GEImageTypeRIMPCode": 0,
    "ImageType": "ORIGINAL/PRIMARY/EPI/NONE",
    "ImagingFrequency": 127.765202,
    "InplanePhaseEncodingDirection": "COL",
    "InversionTime": 0,
    "MRAcquisitionType": "2D",
    "MagneticFieldStrength": 3,
    "Manufacturer": "GE MEDICAL SYSTEMS",
    "ManufacturersModelName": "DISCOVERY MR750",
    "NumberOfAverages": 1,
    "NumberOfEPIShots": 1,
    "NumberOfEchoes": 1,
    "NumberOfSlices": 49,
    "ParallelImagingReductionFactors": [
      0.5,
      1
    ],
    "PercentPhaseFieldOfView": 100,
    "PhaseEncodingDirection": "j",
    "PixelBandwidth": 3906.25,
    "PixelSpacing": [
      2.25,
      2.25
    ],
    "ReceiveCoilName": "8HRBRAIN",
    "RepetitionTime": 2.5,
    "Rows": 128,
    "SATFatWaterBone": 0,
    "ScanOptions": [
      "EPI_GEMS",
      "FILTERED_GEMS",
      "ACC_GEMS"
    ],
    "ScanningSequence": [
      "EP",
      "GR"
    ],
    "SequenceVariant": "SS",
    "SeriesDate": "18740508",
    "SeriesDescription": "RSN_BWRT_200vol_3mm",
    "SeriesNumber": 10,
    "SeriesTime": "191641",
    "SliceThickness": 3,
    "SliceTiming": [
      0,
      1.27551,
      0.05102,
      1.32653,
      0.10204,
      1.37755,
      0.15306,
      1.42857,
      0.20408,
      1.47959,
      0.2551,
      1.53061,
      0.30612,
      1.58163,
      0.35714,
      1.63265,
      0.40816,
      1.68367,
      0.45918,
      1.73469,
      0.5102,
      1.78571,
      0.56122,
      1.83673,
      0.61224,
      1.88776,
      0.66327,
      1.93878,
      0.71429,
      1.9898,
      0.76531,
      2.04082,
      0.81633,
      2.09184,
      0.86735,
      2.14286,
      0.91837,
      2.19388,
      0.96939,
      2.2449,
      1.02041,
      2.29592,
      1.07143,
      2.34694,
      1.12245,
      2.39796,
      1.17347,
      2.44898,
      1.22449
    ],
    "SliceTimingComputationMethod": "SliceNumber*RepetitionTime/NumberOfSlices (interleaved ascending, odd first)",
    "SpacingBetweenSlices": 3,
    "StudyTime": "180848",
    "TaskDescription": "Functional connectivity in the resting state was assessed during two eight-minute runs. Participants were asked to rate their sleepiness using the Karolinska Sleepiness Scale every 2 minutes",
    "TaskInstructions": "Participants were instructed to keep their eyes open and look at a white fixation cross presented against a gray background.",
    "TaskName": "Sleepiness",
    "dummyScans": 10,
    "modality": "bold",
    "session_id": "2",
    "subject_id": "9094",
    "task_id": "sleepiness"
  },
  "dummy_trs": 1,
  "dvars_nstd": 20.336805820808074,
  "dvars_std": 1.0831140080303028,
  "dvars_vstd": 0.9764874428282826,
  "efc": 0.2756329917856913,
  "fber": 53903756.0,
  "fd_mean": 0.1990539042385223,
  "fd_num": 49,
  "fd_perc": 24.623115577889447,
  "fwhm_avg": 3.315052222222222,
  "fwhm_x": 3.330928888888889,
  "fwhm_y": 3.8102844444444446,
  "fwhm_z": 2.8039433333333332,
  "gcor": 0.0250387,
  "gsr_x": -0.014371197670698166,
  "gsr_y": -0.0019441426265984774,
  "provenance": {
    "md5sum": "5c3019439bcf84b3c6900080d0a7e6b0",
    "settings": {
      "fd_thres": 0.2,
      "hmc_fsl": false
    },
    "software": "mriqc",
    "version": "0.9.6"
  },
  "size_t": 199,
  "size_x": 128,
  "size_y": 128,
  "size_z": 49,
  "snr": 4.813206749529646,
  "spacing_tr": 2.5,
  "spacing_x": 2.25,
  "spacing_y": 2.25,
  "spacing_z": 3.0,
  "summary_bg_k": 139.00009336286595,
  "summary_bg_mad": 1.0728378295898438,
  "summary_bg_mean": 56.61671829223633,
  "summary_bg_median": 0.7236180901527405,
  "summary_bg_n": 661860.0,
  "summary_bg_p05": 0.0,
  "summary_bg_p95": 267.98492431640625,
  "summary_bg_stdv": 208.8136444091797,
  "summary_fg_k": 1.73014715332046,
  "summary_fg_mad": 779.4911499023438,
  "summary_fg_mean": 4826.08544921875,
  "summary_fg_median": 4862.19091796875,
  "summary_fg_n": 60615.0,
  "summary_fg_p05": 2931.1642089843754,
  "summary_fg_p95": 6344.579833984374,
  "summary_fg_stdv": 1010.168701171875,
  "tsnr": 63.092002868652344
}