{
  "bids_meta": {
    "AcquisitionDuration": 393.125056,
    "Columns": 512,
    "EchoTime": 0.12992,
    "EchoTrainLength": 140,
    "EffectiveEchoSpacing": 0,
    "FieldOfView": [
      240.03,
      240.03,
      87.6
    ],
    "FlipAngle": 90,
    "GEImageTypeRIMPCode": 0,
    "ImageType": "ORIGINAL/PRIMARY/OTHER",
    "ImagingFrequency": 127.765216,
    "InplanePhaseEncodingDirection": "ROW",
    "InversionTime": 1.855,
    "MRAcquisitionType": "3D",
    "MagneticFieldStrength": 3,
    "Manufacturer": "GE MEDICAL SYSTEMS",
    "ManufacturersModelName": "DISCOVERY MR750",
    "NumberOfAverages": 1,
    "NumberOfEPIShots": 1,
    "NumberOfEchoes": 1,
    "NumberOfSlices": 146,
    "ParallelImagingReductionFactors": [
      0.5,
      0.5
    ],
    "PercentPhaseFieldOfView": 100,
    "PhaseEncodingDirection": "i",
    "PixelBandwidth": 122.07,
    "PixelSpacing": [
      0.4688,
      0.4688
    ],
    "ReceiveCoilName": "8HRBRAIN",
    "RepetitionTime": 6,
    "Rows": 512,
    "SATFatWaterBone": 0,
    "ScanOptions": [
      "EDR_GEMS",
      "FILTERED_GEMS",
      "ACC_GEMS"
    ],
    "ScanningSequence": [
      "SE",
      "IR"
    ],
    "SequenceVariant": "SK",
    "SeriesDate": "18730209",
    "SeriesDescription": "Sag CUBE T2 flair",
    "SeriesNumber": 11,
    "SeriesTime": "213551",
    "SliceThickness": 1.2,
    "SpacingBetweenSlices": 0.600002,
    "StudyTime": "202226",
    "modality": "T2w",
    "session_id": "1",
    "subject_id": "9073"
  },
  "cjv": 0.6864811257982754,
  "cnr": 1.6949784321987362,
  "efc": 0.6829023582609016,
  "fber": 191.41275024414062,
  "fwhm_avg": 5.495789022082415,
  "fwhm_x": 4.763583144045546,
  "fwhm_y": 6.17325074398623,
  "fwhm_z": 5.550533178215469,
  "icvs_csf": 0.46639095187323176,
  "icvs_gm": 0.41413433297432883,
  "icvs_wm": 0.11947471515243945,
  "inu_med": 1.089016079902649,
  "inu_range": 0.6672331690788269,
  "provenance": {
    "md5sum": "14dafa13d0c54d2ce14368786ca83a66",
    "settings": {
      "testing": false
    },
    "software": "mriqc",
    "version": "0.9.6",
    "warnings": {
      "large_rot_frame": true,
      "small_air_mask": false
    }
  },
  "qi_1": 0.0,
  "qi_2": 0.0006175375328091672,
  "rpve_csf": 12.062417596876214,
  "rpve_gm": 12.307007863605005,
  "rpve_wm": 38.28725066512761,
  "size_x": 292,
  "size_y": 512,
  "size_z": 512,
  "snr_csf": 16.110603028848516,
  "snr_gm": 14.297405298829725,
  "snr_total": 10.650541655648903,
  "snr_wm": 1.543616639268469,
  "snrd_csf": 42.47873132001843,
  "snrd_gm": 35.65192360835987,
  "snrd_total": 31.623845228261388,
  "snrd_wm": 16.74088075640585,
  "spacing_x": 0.6000000238418579,
  "spacing_y": 0.46880000829696655,
  "spacing_z": 0.46880000829696655,
  "summary_bg_k": 13.546264044099146,
  "summary_bg_mad": 39.06135177612305,
  "summary_bg_mean": 105.0828857421875,
  "summary_bg_median": 97.1492691040039,
  "summary_bg_n": 14750105.0,
  "summary_bg_p05": 45.30512924194336,
  "summary_bg_p95": 190.99429626464837,
  "summary_bg_stdv": 47.876346588134766,
  "summary_csf_k": 0.5865025838151525,
  "summary_csf_mad": 149.85684204101562,
  "summary_csf_mean": 2546.067138671875,
  "summary_csf_median": 2532.719482421875,
  "summary_csf_n": 1303527.0,
  "summary_csf_p05": 2312.2587646484376,
  "summary_csf_p95": 2826.2156005859374,
  "summary_csf_stdv": 157.2081756591797,
  "summary_gm_k": 0.0027018790632205025,
  "summary_gm_mad": 148.60499572753906,
  "summary_gm_mean": 2133.240478515625,
  "summary_gm_median": 2125.68310546875,
  "summary_gm_n": 494676.0,
  "summary_gm_p05": 1901.6771850585938,
  "summary_gm_p95": 2391.0067138671875,
  "summary_gm_stdv": 148.67599487304688,
  "summary_wm_k": 8.054279535995688,
  "summary_wm_mad": 625.4282836914062,
  "summary_wm_mean": 1023.45166015625,
  "summary_wm_median": 998.1455078125,
  "summary_wm_n": 121258.0,
  "summary_wm_p05": 228.04680480957032,
  "summary_wm_p95": 1707.1596679687498,
  "summary_wm_stdv": 646.6251831054688,
  "tpm_overlap_csf": 0.09987787902355194,
  "tpm_overlap_gm": 0.29910707473754883,
  "tpm_overlap_wm": 0.09605608880519867,
  "wm2max": 0.21987804594861485
}