{
  "aor": 0.0009491709844559586,
  "aqi": 0.0046261776165803115,
  "bids_meta": {
    "AcquisitionDuration": 525.000256,
    "CogAtlasID": "trm_4c8a834779883",
    "Columns": 128,
    "EchoTime": 0.03,
    "EchoTrainLength": 1,
    "EffectiveEchoSpacing": 0.000464,
    "FieldOfView": [
      288,
      288,
      147
    ],
    "FlipAngle": 75,
    "GEImageTypeRIMPCode": 0,
    "ImageType": "ORIGINAL/PRIMARY/EPI/NONE",
    "ImagingFrequency": 127.765103,
    "InplanePhaseEncodingDirection": "COL",
    "InversionTime": 0,
    "MRAcquisitionType": "2D",
    "MagneticFieldStrength": 3,
    "Manufacturer": "GE MEDICAL SYSTEMS",
    "ManufacturersModelName": "DISCOVERY MR750",
    "NumberOfAverages": 1,
    "NumberOfEPIShots": 1,
    "NumberOfEchoes": 1,
    "NumberOfSlices": 49,
    "ParallelImagingReductionFactors": [
      0.5,
      1
    ],
    "PercentPhaseFieldOfView": 100,
    "PhaseEncodingDirection": "j",
    "PixelBandwidth": 3906.25,
    "PixelSpacing": [
      2.25,
      2.25
    ],
    "ReceiveCoilName": "8HRBRAIN",
    "RepetitionTime": 2.5,
    "Rows": 128,
    "SATFatWaterBone": 0,
    "ScanOptions": [
      "EPI_GEMS",
      "FILTERED_GEMS",
      "ACC_GEMS"
    ],
    "ScanningSequence": [
      "EP",
      "GR"
    ],
    "SequenceVariant": "SS",
    "SeriesDate": "18740220",
    "SeriesDescription": "RSN_BWRT_200vol_3mm",
    "SeriesNumber": 4,
    "SeriesTime": "182245",
    "SliceThickness": 3,
    "SliceTiming": [
      0,
      1.27551,
      0.05102,
      1.32653,
      0.10204,
      1.37755,
      0.15306,
      1.42857,
      0.20408,
      1.47959,
      0.2551,
      1.53061,
      0.30612,
      1.58163,
      0.35714,
      1.63265,
      0.40816,
      1.68367,
      0.45918,
      1.73469,
      0.5102,
      1.78571,
      0.56122,
      1.83673,
      0.61224,
      1.88776,
      0.66327,
      1.93878,
      0.71429,
      1.9898,
      0.76531,
      2.04082,
      0.81633,
      2.09184,
      0.86735,
      2.14286,
      0.91837,
      2.19388,
      0.96939,
      2.2449,
      1.02041,
      2.29592,
      1.07143,
      2.34694,
      1.12245,
      2.39796,
      1.17347,
      2.44898,
      1.22449
    ],
    "SliceTimingComputationMethod": "SliceNumber*RepetitionTime/NumberOfSlices (interleaved ascending, odd first)",
    "SpacingBetweenSlices": 3,
    "StudyTime": "181452",
    "TaskDescription": "Functional connectivity in the resting state was assessed during two eight-minute runs.",
    "TaskInstructions": "Participants were instructed to keep their eyes open and look at a white fixation cross presented against a gray background.",
    "TaskName": "Resting State",
    "dummyScans": 10,
    "modality": "bold",
    "session_id": "2",
    "subject_id": "9080",
    "task_id": "rest"
  },
  "dummy_trs": 0,
  "dvars_nstd": 17.14841699604168,
  "dvars_std": 1.1023896689062507,
  "dvars_vstd": 0.9818389083854164,
  "efc": 0.32588012020984186,
  "fber": 43328804.0,
  "fd_mean": 0.13004786773659385,
  "fd_num": 30,
  "fd_perc": 15.544041450777202,
  "fwhm_avg": 3.2947962962962962,
  "fwhm_x": 3.4088755555555554,
  "fwhm_y": 3.8293200000000005,
  "fwhm_z": 2.646193333333333,
  "gcor": 0.0818188,
  "gsr_x": -0.020745936781167984,
  "gsr_y": 0.005089520942419767,
  "provenance": {
    "md5sum": "07fc9cde0c2e6149daaa919fdb41c1e0",
    "settings": {
      "fd_thres": 0.2,
      "hmc_fsl": false
    },
    "software": "mriqc",
    "version": "0.9.6"
  },
  "size_t": 193,
  "size_x": 128,
  "size_y": 128,
  "size_z": 49,
  "snr": 4.554905648802556,
  "spacing_tr": 2.5,
  "spacing_x": 2.25,
  "spacing_y": 2.25,
  "spacing_z": 3.0,
  "summary_bg_k": 69.18186498923633,
  "summary_bg_mad": 1.2444640398025513,
  "summary_bg_mean": 82.20822143554688,
  "summary_bg_median": 0.8393782377243042,
  "summary_bg_n": 631006.0,
  "summary_bg_p05": 0.0,
  "summary_bg_p95": 415.8821029663086,
  "summary_bg_stdv": 300.8834228515625,
  "summary_fg_k": 1.2001861061441783,
  "summary_fg_mad": 995.8095703125,
  "summary_fg_mean": 5088.9423828125,
  "summary_fg_median": 5142.12939453125,
  "summary_fg_n": 83786.0,
  "summary_fg_p05": 3104.0361938476562,
  "summary_fg_p95": 6836.6771240234375,
  "summary_fg_stdv": 1128.9144287109375,
  "tsnr": 70.86869812011719
}