{
  "bids_meta": {
    "AcquisitionDuration": 393.113376,
    "Columns": 512,
    "EchoTime": 0.12845,
    "EchoTrainLength": 140,
    "EffectiveEchoSpacing": 0,
    "FieldOfView": [
      240.03,
      240.03,
      87.6
    ],
    "FlipAngle": 90,
    "GEImageTypeRIMPCode": 0,
    "ImageType": "ORIGINAL/PRIMARY/OTHER",
    "ImagingFrequency": 127.76512,
    "InplanePhaseEncodingDirection": "ROW",
    "InversionTime": 1.858,
    "MRAcquisitionType": "3D",
    "MagneticFieldStrength": 3,
    "Manufacturer": "GE MEDICAL SYSTEMS",
    "ManufacturersModelName": "DISCOVERY MR750",
    "NumberOfAverages": 1,
    "NumberOfEPIShots": 1,
    "NumberOfEchoes": 1,
    "NumberOfSlices": 146,
    "ParallelImagingReductionFactors": [
      0.5,
      0.5
    ],
    "PercentPhaseFieldOfView": 100,
    "PhaseEncodingDirection": "i",
    "PixelBandwidth": 122.07,
    "PixelSpacing": [
      0.4688,
      0.4688
    ],
    "ReceiveCoilName": "8HRBRAIN",
    "RepetitionTime": 6,
    "Rows": 512,
    "SATFatWaterBone": 0,
    "ScanOptions": [
      "EDR_GEMS",
      "FILTERED_GEMS",
      "ACC_GEMS"
    ],
    "ScanningSequence": [
      "SE",
      "IR"
    ],
    "SequenceVariant": "SK",
    "SeriesDate": "18740101",
    "SeriesDescription": "Sag CUBE T2 flair",
    "SeriesNumber": 11,
    "SeriesTime": "191829",
    "SliceThickness": 1.2,
    "SpacingBetweenSlices": 0.600002,
    "StudyTime": "180133",
    "modality": "T2w",
    "session_id": "1",
    "subject_id": "9033"
  },
  "cjv": 0.5955541791739524,
  "cnr": 1.211866345745125,
  "efc": 0.6293182144898908,
  "fber": 351.4881286621094,
  "fwhm_avg": 5.001325323360658,
  "fwhm_x": 4.588383151007368,
  "fwhm_y": 5.3524103148277105,
  "fwhm_z": 5.063182504246894,
  "icvs_csf": 0.4299677167875228,
  "icvs_gm": 0.4333481240736624,
  "icvs_wm": 0.13668415913881476,
  "inu_med": 1.096327543258667,
  "inu_range": 0.7192109078168869,
  "provenance": {
    "md5sum": "2f58bc3575dc260390ba571ba2d76f70",
    "settings": {
      "testing": false
    },
    "software": "mriqc",
    "version": "0.9.6",
    "warnings": {
      "large_rot_frame": true,
      "small_air_mask": false
    }
  },
  "qi_1": 0.0,
  "qi_2": 0.0006524670825321399,
  "rpve_csf": 14.28037220854447,
  "rpve_gm": 13.47229929796181,
  "rpve_wm": 39.156448796211684,
  "size_x": 292,
  "size_y": 512,
  "size_z": 512,
  "snr_csf": 14.082141957077802,
  "snr_gm": 15.321205633713436,
  "snr_total": 10.432995596855164,
  "snr_wm": 1.8956391997742565,
  "snrd_csf": 62.08703438027994,
  "snrd_gm": 52.22867237725466,
  "snrd_total": 48.634151853400645,
  "snrd_wm": 31.58674880266733,
  "spacing_x": 0.6000000238418579,
  "spacing_y": 0.46880000829696655,
  "spacing_z": 0.46880000829696655,
  "summary_bg_k": 44.413502618552194,
  "summary_bg_mad": 20.728904724121094,
  "summary_bg_mean": 66.06024169921875,
  "summary_bg_median": 60.81401824951172,
  "summary_bg_n": 18058570.0,
  "summary_bg_p05": 33.471480178833005,
  "summary_bg_p95": 114.67391357421877,
  "summary_bg_stdv": 29.34523582458496,
  "summary_csf_k": 0.5319400188976555,
  "summary_csf_mad": 133.52813720703125,
  "summary_csf_mean": 1974.817626953125,
  "summary_csf_median": 1964.470703125,
  "summary_csf_n": 849471.0,
  "summary_csf_p05": 1764.82666015625,
  "summary_csf_p95": 2220.3814697265625,
  "summary_csf_stdv": 139.50076293945312,
  "summary_gm_k": 0.04274990577291371,
  "summary_gm_mad": 106.7426528930664,
  "summary_gm_mean": 1655.572998046875,
  "summary_gm_median": 1652.5462646484375,
  "summary_gm_n": 450559.0,
  "summary_gm_p05": 1483.0795776367188,
  "summary_gm_p95": 1838.870520019531,
  "summary_gm_stdv": 107.85994720458984,
  "summary_wm_k": 11.687277976190753,
  "summary_wm_mad": 282.2273254394531,
  "summary_wm_mean": 1008.2080688476562,
  "summary_wm_median": 999.4235229492188,
  "summary_wm_n": 109493.0,
  "summary_wm_p05": 306.70833129882817,
  "summary_wm_p95": 1444.7624023437495,
  "summary_wm_stdv": 527.2200317382812,
  "tpm_overlap_csf": 0.0879179984331131,
  "tpm_overlap_gm": 0.3020370602607727,
  "tpm_overlap_wm": 0.09692861884832382,
  "wm2max": 0.23196023766586485
}