{
  "bids_meta": {
    "AcquisitionDuration": 393.119296,
    "Columns": 512,
    "EchoTime": 0.12924,
    "EchoTrainLength": 140,
    "EffectiveEchoSpacing": 0,
    "FieldOfView": [
      240.03,
      240.03,
      87.6
    ],
    "FlipAngle": 90,
    "GEImageTypeRIMPCode": 0,
    "ImageType": "ORIGINAL/PRIMARY/OTHER",
    "ImagingFrequency": 127.765142,
    "InplanePhaseEncodingDirection": "ROW",
    "InversionTime": 1.856,
    "MRAcquisitionType": "3D",
    "MagneticFieldStrength": 3,
    "Manufacturer": "GE MEDICAL SYSTEMS",
    "ManufacturersModelName": "DISCOVERY MR750",
    "NumberOfAverages": 1,
    "NumberOfEPIShots": 1,
    "NumberOfEchoes": 1,
    "NumberOfSlices": 146,
    "ParallelImagingReductionFactors": [
      0.5,
      0.5
    ],
    "PercentPhaseFieldOfView": 100,
    "PhaseEncodingDirection": "i",
    "PixelBandwidth": 122.07,
    "PixelSpacing": [
      0.4688,
      0.4688
    ],
    "ReceiveCoilName": "8HRBRAIN",
    "RepetitionTime": 6,
    "Rows": 512,
    "SATFatWaterBone": 0,
    "ScanOptions": [
      "EDR_GEMS",
      "FILTERED_GEMS",
      "ACC_GEMS"
    ],
    "ScanningSequence": [
      "SE",
      "IR"
    ],
    "SequenceVariant": "SK",
    "SeriesDate": "18731122",
    "SeriesDescription": "Sag CUBE T2 flair",
    "SeriesNumber": 11,
    "SeriesTime": "211123",
    "SliceThickness": 1.2,
    "SpacingBetweenSlices": 0.600002,
    "StudyTime": "195511",
    "modality": "T2w",
    "session_id": "1",
    "subject_id": "9068"
  },
  "cjv": 0.6131256294837379,
  "cnr": 1.635829246056801,
  "efc": 0.6547095018046121,
  "fber": 235.50904846191406,
  "fwhm_avg": 5.338335630624311,
  "fwhm_x": 4.795766476100029,
  "fwhm_y": 5.6684939269810055,
  "fwhm_z": 5.550746488791898,
  "icvs_csf": 0.4145147133488572,
  "icvs_gm": 0.4425572217764062,
  "icvs_wm": 0.14292806487473658,
  "inu_med": 1.0985989570617676,
  "inu_range": 0.7045464187860488,
  "provenance": {
    "md5sum": "7784262dc7b82263cd98d7d422dab6e0",
    "settings": {
      "testing": false
    },
    "software": "mriqc",
    "version": "0.9.6",
    "warnings": {
      "large_rot_frame": true,
      "small_air_mask": false
    }
  },
  "qi_1": 0.0,
  "qi_2": 0.0010832518706856947,
  "rpve_csf": 11.359720622547336,
  "rpve_gm": 10.206398894180303,
  "rpve_wm": 29.696539191687066,
  "size_x": 292,
  "size_y": 512,
  "size_z": 512,
  "snr_csf": 13.198597477938359,
  "snr_gm": 13.740929601149096,
  "snr_total": 9.596297226670357,
  "snr_wm": 1.8493646009236178,
  "snrd_csf": 49.38159910820782,
  "snrd_gm": 39.40147270972943,
  "snrd_total": 36.45018726412942,
  "snrd_wm": 20.56748997445099,
  "spacing_x": 0.6000000238418579,
  "spacing_y": 0.46880000829696655,
  "spacing_z": 0.46880000829696655,
  "summary_bg_k": 4.774773062981194,
  "summary_bg_mad": 31.838829040527344,
  "summary_bg_mean": 90.85625457763672,
  "summary_bg_median": 84.08048248291016,
  "summary_bg_n": 16375334.0,
  "summary_bg_p05": 42.03294925689697,
  "summary_bg_p95": 162.83251113891598,
  "summary_bg_stdv": 39.23970413208008,
  "summary_csf_k": 0.4334558908964894,
  "summary_csf_mad": 176.10426330566406,
  "summary_csf_mean": 2417.78125,
  "summary_csf_median": 2399.885498046875,
  "summary_csf_n": 991509.0,
  "summary_csf_p05": 2152.0760742187504,
  "summary_csf_p95": 2744.34560546875,
  "summary_csf_stdv": 181.8287353515625,
  "summary_gm_k": -0.03341387017855313,
  "summary_gm_mad": 141.74795532226562,
  "summary_gm_mean": 1922.063720703125,
  "summary_gm_median": 1914.863525390625,
  "summary_gm_n": 534595.0,
  "summary_gm_p05": 1705.8438720703125,
  "summary_gm_p95": 2161.213818359375,
  "summary_gm_stdv": 139.35459899902344,
  "summary_wm_k": 12.148474936718591,
  "summary_wm_mad": 419.4512023925781,
  "summary_wm_mean": 1004.5715942382812,
  "summary_wm_median": 999.554931640625,
  "summary_wm_n": 210518.0,
  "summary_wm_p05": 292.50782165527346,
  "summary_wm_p95": 1520.5852966308591,
  "summary_wm_stdv": 540.4843139648438,
  "tpm_overlap_csf": 0.08887432515621185,
  "tpm_overlap_gm": 0.3193278908729553,
  "tpm_overlap_wm": 0.0963309034705162,
  "wm2max": 0.2261994506637521
}