{
  "bids_meta": {
    "AcquisitionDuration": 238.55128,
    "Columns": 512,
    "EchoTime": 0.00281,
    "EchoTrainLength": 1,
    "EffectiveEchoSpacing": 0,
    "FieldOfView": [
      240.03,
      240.03,
      180
    ],
    "FlipAngle": 11,
    "GEImageTypeRIMPCode": 0,
    "ImageType": "ORIGINAL/PRIMARY/OTHER",
    "ImagingFrequency": 127.765108,
    "InplanePhaseEncodingDirection": "ROW",
    "InversionTime": 0.45,
    "MRAcquisitionType": "3D",
    "MagneticFieldStrength": 3,
    "Manufacturer": "GE MEDICAL SYSTEMS",
    "ManufacturersModelName": "DISCOVERY MR750",
    "NumberOfAverages": 1,
    "NumberOfEPIShots": 0,
    "NumberOfEchoes": 1,
    "NumberOfSlices": 180,
    "ParallelImagingReductionFactors": [
      0.571429,
      1
    ],
    "PercentPhaseFieldOfView": 100,
    "PhaseEncodingDirection": "i",
    "PixelBandwidth": 122.07,
    "PixelSpacing": [
      0.4688,
      0.4688
    ],
    "ReceiveCoilName": "8HRBRAIN",
    "RepetitionTime": 0.0064,
    "Rows": 512,
    "SATFatWaterBone": 0,
    "ScanOptions": [
      "FAST_GEMS",
      "EDR_GEMS",
      "FILTERED_GEMS",
      "ACC_GEMS"
    ],
    "ScanningSequence": "GR",
    "SequenceVariant": [
      "SS",
      "SK"
    ],
    "SeriesDate": "18740419",
    "SeriesDescription": "Sag3D_T1_1mm3",
    "SeriesNumber": 2,
    "SeriesTime": "175434",
    "SliceThickness": 1,
    "SpacingBetweenSlices": 1,
    "StudyTime": "175241",
    "modality": "T1w",
    "session_id": "2",
    "subject_id": "9049"
  },
  "cjv": 0.37209854068483955,
  "cnr": 3.658577756362967,
  "efc": 0.6291223159462672,
  "fber": 204.07662963867188,
  "fwhm_avg": 6.270472585776503,
  "fwhm_x": 3.94286,
  "fwhm_y": 7.652111639314603,
  "fwhm_z": 7.216446118014906,
  "icvs_csf": 0.21512612055085298,
  "icvs_gm": 0.39676355606578684,
  "icvs_wm": 0.3881103233833602,
  "inu_med": 1.1870309114456177,
  "inu_range": 0.4938633382320403,
  "provenance": {
    "md5sum": "075dce17378defe73eb0981299d0a3e5",
    "mriqc_pred": 0,
    "settings": {
      "testing": false
    },
    "software": "mriqc",
    "version": "0.9.6",
    "warnings": {
      "large_rot_frame": true,
      "small_air_mask": false
    }
  },
  "qi_1": 0.0,
  "qi_2": 0.0004685496582108541,
  "rpve_csf": 22.60243584944393,
  "rpve_gm": 12.346304121162639,
  "rpve_wm": 15.067243901072397,
  "size_x": 180,
  "size_y": 512,
  "size_z": 512,
  "snr_csf": 4.056627660420355,
  "snr_gm": 14.270491450144139,
  "snr_total": 12.840217531679523,
  "snr_wm": 20.193533484474077,
  "snrd_csf": 16.23076600859784,
  "snrd_gm": 36.32212617169147,
  "snrd_total": 34.02693656152521,
  "snrd_wm": 49.5279175042863,
  "spacing_x": 1.0,
  "spacing_y": 0.46880000829696655,
  "spacing_z": 0.46880000829696655,
  "summary_bg_k": 2.2074791016263067,
  "summary_bg_mad": 13.227727890014648,
  "summary_bg_mean": 47.1789436340332,
  "summary_bg_median": 45.393699645996094,
  "summary_bg_n": 9699420.0,
  "summary_bg_p05": 26.91550626754761,
  "summary_bg_p95": 73.6873710632324,
  "summary_bg_stdv": 14.767311096191406,
  "summary_csf_k": 0.8311214450036695,
  "summary_csf_mad": 69.87577819824219,
  "summary_csf_mean": 342.7558898925781,
  "summary_csf_median": 327.712158203125,
  "summary_csf_n": 225229.0,
  "summary_csf_p05": 234.9914764404297,
  "summary_csf_p95": 501.82868041992185,
  "summary_csf_stdv": 80.7842025756836,
  "summary_gm_k": 0.17632191962770882,
  "summary_gm_mad": 50.478111267089844,
  "summary_gm_mean": 735.2633056640625,
  "summary_gm_median": 733.372802734375,
  "summary_gm_n": 191714.0,
  "summary_gm_p05": 654.3252044677735,
  "summary_gm_p95": 822.8346160888673,
  "summary_gm_stdv": 51.390724182128906,
  "summary_wm_k": 0.15815772904784087,
  "summary_wm_mad": 48.736568450927734,
  "summary_wm_mean": 1001.0154418945312,
  "summary_wm_median": 1000.00830078125,
  "summary_wm_n": 1242857.0,
  "summary_wm_p05": 921.1630126953124,
  "summary_wm_p95": 1083.9070068359376,
  "summary_wm_stdv": 49.52119445800781,
  "tpm_overlap_csf": 0.22531072795391083,
  "tpm_overlap_gm": 0.4702012836933136,
  "tpm_overlap_wm": 0.5549331903457642,
  "wm2max": 0.4298820463166342
}