{
  "aor": 0.00137855,
  "aqi": 0.00372182825,
  "bids_meta": {
    "AcquisitionDuration": 525.000256,
    "CogAtlasID": "trm_4c8a834779883",
    "Columns": 128,
    "EchoTime": 0.03,
    "EchoTrainLength": 1,
    "EffectiveEchoSpacing": 0.000464,
    "FieldOfView": [
      288,
      288,
      147
    ],
    "FlipAngle": 75,
    "GEImageTypeRIMPCode": 0,
    "ImageType": "ORIGINAL/PRIMARY/EPI/NONE",
    "ImagingFrequency": 127.765257,
    "InplanePhaseEncodingDirection": "COL",
    "InversionTime": 0,
    "MRAcquisitionType": "2D",
    "MagneticFieldStrength": 3,
    "Manufacturer": "GE MEDICAL SYSTEMS",
    "ManufacturersModelName": "DISCOVERY MR750",
    "NumberOfAverages": 1,
    "NumberOfEPIShots": 1,
    "NumberOfEchoes": 1,
    "NumberOfSlices": 49,
    "ParallelImagingReductionFactors": [
      0.5,
      1
    ],
    "PercentPhaseFieldOfView": 100,
    "PhaseEncodingDirection": "j",
    "PixelBandwidth": 3906.25,
    "PixelSpacing": [
      2.25,
      2.25
    ],
    "ReceiveCoilName": "8HRBRAIN",
    "RepetitionTime": 2.5,
    "Rows": 128,
    "SATFatWaterBone": 0,
    "ScanOptions": [
      "EPI_GEMS",
      "ACC_GEMS"
    ],
    "ScanningSequence": [
      "EP",
      "GR"
    ],
    "SequenceVariant": "SS",
    "SeriesDate": "18730306",
    "SeriesDescription": "RSN_BWRT_200vol_3mm",
    "SeriesNumber": 12,
    "SeriesTime": "195625",
    "SliceThickness": 3,
    "SliceTiming": [
      0,
      1.27551,
      0.05102,
      1.32653,
      0.10204,
      1.37755,
      0.15306,
      1.42857,
      0.20408,
      1.47959,
      0.2551,
      1.53061,
      0.30612,
      1.58163,
      0.35714,
      1.63265,
      0.40816,
      1.68367,
      0.45918,
      1.73469,
      0.5102,
      1.78571,
      0.56122,
      1.83673,
      0.61224,
      1.88776,
      0.66327,
      1.93878,
      0.71429,
      1.9898,
      0.76531,
      2.04082,
      0.81633,
      2.09184,
      0.86735,
      2.14286,
      0.91837,
      2.19388,
      0.96939,
      2.2449,
      1.02041,
      2.29592,
      1.07143,
      2.34694,
      1.12245,
      2.39796,
      1.17347,
      2.44898,
      1.22449
    ],
    "SliceTimingComputationMethod": "SliceNumber*RepetitionTime/NumberOfSlices (interleaved ascending, odd first)",
    "SpacingBetweenSlices": 3,
    "StudyTime": "184502",
    "TaskDescription": "Functional connectivity in the resting state was assessed during two eight-minute runs. Participants were asked to rate their sleepiness using the Karolinska Sleepiness Scale every 2 minutes",
    "TaskInstructions": "Participants were instructed to keep their eyes open and look at a white fixation cross presented against a gray background.",
    "TaskName": "Sleepiness",
    "dummyScans": 10,
    "modality": "bold",
    "session_id": "2",
    "subject_id": "9091",
    "task_id": "sleepiness"
  },
  "dummy_trs": 0,
  "dvars_nstd": 18.63878367562814,
  "dvars_std": 1.2107553522613073,
  "dvars_vstd": 0.9755814293467343,
  "efc": 0.35077922247998283,
  "fber": 30309588.0,
  "fd_mean": 0.05026425383620361,
  "fd_num": 0,
  "fd_perc": 0.0,
  "fwhm_avg": 3.318281111111111,
  "fwhm_x": 3.3510488888888887,
  "fwhm_y": 3.943991111111111,
  "fwhm_z": 2.659803333333333,
  "gcor": 0.0244331,
  "gsr_x": -0.019894856959581375,
  "gsr_y": 0.009143335744738579,
  "provenance": {
    "md5sum": "43d3e675e9269fd584edb54ba942b1cd",
    "settings": {
      "fd_thres": 0.2,
      "hmc_fsl": false
    },
    "software": "mriqc",
    "version": "0.9.6"
  },
  "size_t": 200,
  "size_x": 128,
  "size_y": 128,
  "size_z": 49,
  "snr": 4.367060352728588,
  "spacing_tr": 2.5,
  "spacing_x": 2.25,
  "spacing_y": 2.25,
  "spacing_z": 3.0,
  "summary_bg_k": 116.88671832737586,
  "summary_bg_mad": 1.5641453266143799,
  "summary_bg_mean": 83.120849609375,
  "summary_bg_median": 1.0549999475479126,
  "summary_bg_n": 609959.0,
  "summary_bg_p05": 0.0,
  "summary_bg_p95": 426.98598632812474,
  "summary_bg_stdv": 319.0828552246094,
  "summary_fg_k": 0.8240357554922384,
  "summary_fg_mad": 1171.63037109375,
  "summary_fg_mean": 5558.82958984375,
  "summary_fg_median": 5556.3271484375,
  "summary_fg_n": 100820.0,
  "summary_fg_p05": 3432.26240234375,
  "summary_fg_p95": 7599.004248046874,
  "summary_fg_stdv": 1272.3203125,
  "tsnr": 77.68806457519531
}