{
  "aor": 0.0006707065217391305,
  "aqi": 0.00635098847826087,
  "bids_meta": {
    "AcquisitionDuration": 723.000256,
    "Columns": 128,
    "EchoTime": 0.034,
    "EchoTrainLength": 1,
    "EffectiveEchoSpacing": 0.00056,
    "FieldOfView": [
      220.01,
      220.01,
      110.4
    ],
    "FlipAngle": 80,
    "GEImageTypeRIMPCode": 0,
    "ImageType": "ORIGINAL/PRIMARY/EPI/NONE",
    "ImagingFrequency": 127.765242,
    "InplanePhaseEncodingDirection": "COL",
    "InversionTime": 0,
    "MRAcquisitionType": "2D",
    "MagneticFieldStrength": 3,
    "Manufacturer": "GE MEDICAL SYSTEMS",
    "ManufacturersModelName": "DISCOVERY MR750",
    "NumberOfAverages": 1,
    "NumberOfEPIShots": 1,
    "NumberOfEchoes": 1,
    "NumberOfSlices": 46,
    "ParallelImagingReductionFactors": [
      0.5,
      1
    ],
    "PercentPhaseFieldOfView": 100,
    "PhaseEncodingDirection": "j",
    "PixelBandwidth": 3906.25,
    "PixelSpacing": [
      1.7188,
      1.7188
    ],
    "ReceiveCoilName": "8HRBRAIN",
    "RepetitionTime": 3,
    "Rows": 128,
    "SATFatWaterBone": 1,
    "ScanOptions": [
      "SAT_GEMS",
      "EPI_GEMS",
      "ACC_GEMS",
      "FS"
    ],
    "ScanningSequence": [
      "EP",
      "GR"
    ],
    "SequenceVariant": "SS",
    "SeriesDate": "18740201",
    "SeriesDescription": "fMRI-hands",
    "SeriesNumber": 7,
    "SeriesTime": "204143",
    "SliceThickness": 2.3,
    "SliceTiming": [
      0,
      1.5,
      0.06522,
      1.56522,
      0.13043,
      1.63043,
      0.19565,
      1.69565,
      0.26087,
      1.76087,
      0.32609,
      1.82609,
      0.3913,
      1.8913,
      0.45652,
      1.95652,
      0.52174,
      2.02174,
      0.58696,
      2.08696,
      0.65217,
      2.15217,
      0.71739,
      2.21739,
      0.78261,
      2.28261,
      0.84783,
      2.34783,
      0.91304,
      2.41304,
      0.97826,
      2.47826,
      1.04348,
      2.54348,
      1.1087,
      2.6087,
      1.17391,
      2.67391,
      1.23913,
      2.73913,
      1.30435,
      2.80435,
      1.36957,
      2.86957,
      1.43478,
      2.93478
    ],
    "SliceTimingComputationMethod": "SliceNumber*RepetitionTime/NumberOfSlices (interleaved ascending, odd first)",
    "SpacingBetweenSlices": 2.4,
    "StudyTime": "201105",
    "TaskDescription": "In an event-related design, participants were shown pictures of hands being stung by needles or poked with Q-tips. The stimulus set was kindly shared by Claus Lamm, and has been shown to be effective in previous work by him. After each picture, participants were asked to rate their perceived unpleasantness on a visual analog scale of 0-100.",
    "TaskInstructions": "",
    "TaskName": "Hands",
    "dummyScans": 5,
    "modality": "bold",
    "session_id": "2",
    "subject_id": "9088",
    "task_id": "hands"
  },
  "dummy_trs": 0,
  "dvars_nstd": 29.65695181087433,
  "dvars_std": 1.0071939986338792,
  "dvars_vstd": 0.9847354843169402,
  "efc": 0.4740008308139652,
  "fber": 21132.056640625,
  "fd_mean": 0.059204330909272095,
  "fd_num": 3,
  "fd_perc": 1.6304347826086956,
  "fwhm_avg": 3.2714821273019883,
  "fwhm_x": 3.405213040908526,
  "fwhm_y": 3.8199849871972074,
  "fwhm_z": 2.589248353800231,
  "gcor": 0.00399627,
  "gsr_x": -0.008954914286732674,
  "gsr_y": 0.02430873177945614,
  "provenance": {
    "md5sum": "f413f55b60db4076ff5249e495598381",
    "settings": {
      "fd_thres": 0.2,
      "hmc_fsl": false
    },
    "software": "mriqc",
    "version": "0.9.6"
  },
  "size_t": 184,
  "size_x": 128,
  "size_y": 128,
  "size_z": 46,
  "snr": 3.9620106509244892,
  "spacing_tr": 3.0,
  "spacing_x": 1.7187999486923218,
  "spacing_y": 1.7187999486923218,
  "spacing_z": 2.4000015258789062,
  "summary_bg_k": 108.90858077485187,
  "summary_bg_mad": 38.07225799560547,
  "summary_bg_mean": 96.23344421386719,
  "summary_bg_median": 25.7391300201416,
  "summary_bg_n": 487946.0,
  "summary_bg_p05": 0.010869565419852734,
  "summary_bg_p95": 424.8858642578125,
  "summary_bg_stdv": 242.5487518310547,
  "summary_fg_k": 0.5211919508947993,
  "summary_fg_mad": 878.5543823242188,
  "summary_fg_mean": 3598.085693359375,
  "summary_fg_median": 3623.521728515625,
  "summary_fg_n": 168255.0,
  "summary_fg_p05": 2091.968530273438,
  "summary_fg_p95": 5091.862109375,
  "summary_fg_stdv": 914.5636596679688,
  "tsnr": 44.33551025390625
}