{
  "aor": 0.001111658031088083,
  "aqi": 0.0035616975129533685,
  "bids_meta": {
    "AcquisitionDuration": 525.000256,
    "CogAtlasID": "trm_4c8a834779883",
    "Columns": 128,
    "EchoTime": 0.03,
    "EchoTrainLength": 1,
    "EffectiveEchoSpacing": 0.000464,
    "FieldOfView": [
      288,
      288,
      147
    ],
    "FlipAngle": 75,
    "GEImageTypeRIMPCode": 0,
    "ImageType": "ORIGINAL/PRIMARY/EPI/NONE",
    "ImagingFrequency": 127.765231,
    "InplanePhaseEncodingDirection": "COL",
    "InversionTime": 0,
    "MRAcquisitionType": "2D",
    "MagneticFieldStrength": 3,
    "Manufacturer": "GE MEDICAL SYSTEMS",
    "ManufacturersModelName": "DISCOVERY MR750",
    "NumberOfAverages": 1,
    "NumberOfEPIShots": 1,
    "NumberOfEchoes": 1,
    "NumberOfSlices": 49,
    "ParallelImagingReductionFactors": [
      0.5,
      1
    ],
    "PercentPhaseFieldOfView": 100,
    "PhaseEncodingDirection": "j",
    "PixelBandwidth": 3906.25,
    "PixelSpacing": [
      2.25,
      2.25
    ],
    "ReceiveCoilName": "8HRBRAIN",
    "RepetitionTime": 2.5,
    "Rows": 128,
    "SATFatWaterBone": 0,
    "ScanOptions": [
      "EPI_GEMS",
      "FILTERED_GEMS",
      "ACC_GEMS"
    ],
    "ScanningSequence": [
      "EP",
      "GR"
    ],
    "SequenceVariant": "SS",
    "SeriesDate": "18730402",
    "SeriesDescription": "RSN_BWRT_200vol_3mm",
    "SeriesNumber": 4,
    "SeriesTime": "183221",
    "SliceThickness": 3,
    "SliceTiming": [
      0,
      1.27551,
      0.05102,
      1.32653,
      0.10204,
      1.37755,
      0.15306,
      1.42857,
      0.20408,
      1.47959,
      0.2551,
      1.53061,
      0.30612,
      1.58163,
      0.35714,
      1.63265,
      0.40816,
      1.68367,
      0.45918,
      1.73469,
      0.5102,
      1.78571,
      0.56122,
      1.83673,
      0.61224,
      1.88776,
      0.66327,
      1.93878,
      0.71429,
      1.9898,
      0.76531,
      2.04082,
      0.81633,
      2.09184,
      0.86735,
      2.14286,
      0.91837,
      2.19388,
      0.96939,
      2.2449,
      1.02041,
      2.29592,
      1.07143,
      2.34694,
      1.12245,
      2.39796,
      1.17347,
      2.44898,
      1.22449
    ],
    "SliceTimingComputationMethod": "SliceNumber*RepetitionTime/NumberOfSlices (interleaved ascending, odd first)",
    "SpacingBetweenSlices": 3,
    "StudyTime": "182446",
    "TaskDescription": "Functional connectivity in the resting state was assessed during two eight-minute runs.",
    "TaskInstructions": "Participants were instructed to keep their eyes open and look at a white fixation cross presented against a gray background.",
    "TaskName": "Resting State",
    "dummyScans": 10,
    "modality": "bold",
    "session_id": "2",
    "subject_id": "9053",
    "task_id": "rest"
  },
  "dummy_trs": 0,
  "dvars_nstd": 15.754442512656253,
  "dvars_std": 1.1271520072916676,
  "dvars_vstd": 0.9771787904687502,
  "efc": 0.323586800565597,
  "fber": 80667352.0,
  "fd_mean": 0.050929825278261814,
  "fd_num": 2,
  "fd_perc": 1.0362694300518134,
  "fwhm_avg": 3.4040196296296297,
  "fwhm_x": 3.4865733333333333,
  "fwhm_y": 3.984395555555556,
  "fwhm_z": 2.74109,
  "gcor": 0.0418164,
  "gsr_x": -0.018114754930138588,
  "gsr_y": 0.00622620340436697,
  "provenance": {
    "md5sum": "096ed00bc1c0b076e8ce7c1304c4810f",
    "settings": {
      "fd_thres": 0.2,
      "hmc_fsl": false
    },
    "software": "mriqc",
    "version": "0.9.6"
  },
  "size_t": 193,
  "size_x": 128,
  "size_y": 128,
  "size_z": 49,
  "snr": 4.838951749793755,
  "spacing_tr": 2.5,
  "spacing_x": 2.25,
  "spacing_y": 2.25,
  "spacing_z": 3.0,
  "summary_bg_k": 77.89182488709972,
  "summary_bg_mad": 0.9525527358055115,
  "summary_bg_mean": 79.80042266845703,
  "summary_bg_median": 0.6424870491027832,
  "summary_bg_n": 631871.0,
  "summary_bg_p05": 0.0,
  "summary_bg_p95": 426.78236389160156,
  "summary_bg_stdv": 292.95672607421875,
  "summary_fg_k": 1.341798276126295,
  "summary_fg_mad": 916.98193359375,
  "summary_fg_mean": 5213.01513671875,
  "summary_fg_median": 5228.61376953125,
  "summary_fg_n": 83518.0,
  "summary_fg_p05": 3342.165148925781,
  "summary_fg_p95": 6939.552783203125,
  "summary_fg_stdv": 1080.5196533203125,
  "tsnr": 86.6083755493164
}