{
  "aor": 0.0023616580310880826,
  "aqi": 0.010135055958549223,
  "bids_meta": {
    "AcquisitionDuration": 525.000256,
    "CogAtlasID": "trm_4c8a834779883",
    "Columns": 128,
    "EchoTime": 0.03,
    "EchoTrainLength": 1,
    "EffectiveEchoSpacing": 0.000464,
    "FieldOfView": [
      288,
      288,
      147
    ],
    "FlipAngle": 75,
    "GEImageTypeRIMPCode": 0,
    "ImageType": "ORIGINAL/PRIMARY/EPI/NONE",
    "ImagingFrequency": 127.765062,
    "InplanePhaseEncodingDirection": "COL",
    "InversionTime": 0,
    "MRAcquisitionType": "2D",
    "MagneticFieldStrength": 3,
    "Manufacturer": "GE MEDICAL SYSTEMS",
    "ManufacturersModelName": "DISCOVERY MR750",
    "NumberOfAverages": 1,
    "NumberOfEPIShots": 1,
    "NumberOfEchoes": 1,
    "NumberOfSlices": 49,
    "ParallelImagingReductionFactors": [
      0.5,
      1
    ],
    "PercentPhaseFieldOfView": 100,
    "PhaseEncodingDirection": "j",
    "PixelBandwidth": 3906.25,
    "PixelSpacing": [
      2.25,
      2.25
    ],
    "ReceiveCoilName": "8HRBRAIN",
    "RepetitionTime": 2.5,
    "Rows": 128,
    "SATFatWaterBone": 0,
    "ScanOptions": [
      "EPI_GEMS",
      "FILTERED_GEMS",
      "ACC_GEMS"
    ],
    "ScanningSequence": [
      "EP",
      "GR"
    ],
    "SequenceVariant": "SS",
    "SeriesDate": "18740516",
    "SeriesDescription": "RSN_BWRT_200vol_3mm",
    "SeriesNumber": 4,
    "SeriesTime": "182307",
    "SliceThickness": 3,
    "SliceTiming": [
      0,
      1.27551,
      0.05102,
      1.32653,
      0.10204,
      1.37755,
      0.15306,
      1.42857,
      0.20408,
      1.47959,
      0.2551,
      1.53061,
      0.30612,
      1.58163,
      0.35714,
      1.63265,
      0.40816,
      1.68367,
      0.45918,
      1.73469,
      0.5102,
      1.78571,
      0.56122,
      1.83673,
      0.61224,
      1.88776,
      0.66327,
      1.93878,
      0.71429,
      1.9898,
      0.76531,
      2.04082,
      0.81633,
      2.09184,
      0.86735,
      2.14286,
      0.91837,
      2.19388,
      0.96939,
      2.2449,
      1.02041,
      2.29592,
      1.07143,
      2.34694,
      1.12245,
      2.39796,
      1.17347,
      2.44898,
      1.22449
    ],
    "SliceTimingComputationMethod": "SliceNumber*RepetitionTime/NumberOfSlices (interleaved ascending, odd first)",
    "SpacingBetweenSlices": 3,
    "StudyTime": "181435",
    "TaskDescription": "Functional connectivity in the resting state was assessed during two eight-minute runs.",
    "TaskInstructions": "Participants were instructed to keep their eyes open and look at a white fixation cross presented against a gray background.",
    "TaskName": "Resting State",
    "dummyScans": 10,
    "modality": "bold",
    "session_id": "1",
    "subject_id": "9048",
    "task_id": "rest"
  },
  "dummy_trs": 0,
  "dvars_nstd": 23.145215908802083,
  "dvars_std": 1.2025413071874997,
  "dvars_vstd": 0.9516742486979167,
  "efc": 0.339120709298405,
  "fber": 17938904.0,
  "fd_mean": 0.12714386332274455,
  "fd_num": 23,
  "fd_perc": 11.917098445595855,
  "fwhm_avg": 3.256381111111111,
  "fwhm_x": 3.2833288888888887,
  "fwhm_y": 3.795377777777778,
  "fwhm_z": 2.690436666666667,
  "gcor": 0.0145261,
  "gsr_x": -0.019349511712789536,
  "gsr_y": 0.0008709005196578801,
  "provenance": {
    "md5sum": "c068bba40696eaef5b74d7417383125e",
    "settings": {
      "fd_thres": 0.2,
      "hmc_fsl": false
    },
    "software": "mriqc",
    "version": "0.9.6"
  },
  "size_t": 193,
  "size_x": 128,
  "size_y": 128,
  "size_z": 49,
  "snr": 4.67687573698332,
  "spacing_tr": 2.5,
  "spacing_x": 2.25,
  "spacing_y": 2.25,
  "spacing_z": 3.0,
  "summary_bg_k": 85.52477540268532,
  "summary_bg_mad": 1.7975592613220215,
  "summary_bg_mean": 79.25507354736328,
  "summary_bg_median": 1.212435245513916,
  "summary_bg_n": 624747.0,
  "summary_bg_p05": 0.0,
  "summary_bg_p95": 411.2683807373037,
  "summary_bg_stdv": 280.2424621582031,
  "summary_fg_k": 1.7495911556598767,
  "summary_fg_mad": 828.54443359375,
  "summary_fg_mean": 4786.251953125,
  "summary_fg_median": 4850.7666015625,
  "summary_fg_n": 91047.0,
  "summary_fg_p05": 2904.4755126953123,
  "summary_fg_p95": 6353.24853515625,
  "summary_fg_stdv": 1037.17529296875,
  "tsnr": 56.187843322753906
}