{
  "aor": 0.003047087912087912,
  "aqi": 0.008971672362637363,
  "bids_meta": {
    "AcquisitionDuration": 723.000256,
    "Columns": 128,
    "EchoTime": 0.034,
    "EchoTrainLength": 1,
    "EffectiveEchoSpacing": 0.000532,
    "FieldOfView": [
      240,
      240,
      108
    ],
    "FlipAngle": 80,
    "GEImageTypeRIMPCode": 0,
    "ImageType": "ORIGINAL/PRIMARY/EPI/NONE",
    "ImagingFrequency": 127.765263,
    "InplanePhaseEncodingDirection": "COL",
    "InversionTime": 0,
    "MRAcquisitionType": "2D",
    "MagneticFieldStrength": 3,
    "Manufacturer": "GE MEDICAL SYSTEMS",
    "ManufacturersModelName": "DISCOVERY MR750",
    "NumberOfAverages": 1,
    "NumberOfEPIShots": 1,
    "NumberOfEchoes": 1,
    "NumberOfSlices": 45,
    "ParallelImagingReductionFactors": [
      0.5,
      1
    ],
    "PercentPhaseFieldOfView": 100,
    "PhaseEncodingDirection": "j",
    "PixelBandwidth": 3906.25,
    "PixelSpacing": [
      1.875,
      1.875
    ],
    "ReceiveCoilName": "8HRBRAIN",
    "RepetitionTime": 3,
    "Rows": 128,
    "SATFatWaterBone": 1,
    "ScanOptions": [
      "SAT_GEMS",
      "EPI_GEMS",
      "ACC_GEMS",
      "FS"
    ],
    "ScanningSequence": [
      "EP",
      "GR"
    ],
    "SequenceVariant": "SS",
    "SeriesDate": "18730311",
    "SeriesDescription": "fMRI-hands",
    "SeriesNumber": 9,
    "SeriesTime": "192705",
    "SliceThickness": 2.3,
    "SliceTiming": [
      0,
      1.53333,
      0.06667,
      1.6,
      0.13333,
      1.66667,
      0.2,
      1.73333,
      0.26667,
      1.8,
      0.33333,
      1.86667,
      0.4,
      1.93333,
      0.46667,
      2,
      0.53333,
      2.06667,
      0.6,
      2.13333,
      0.66667,
      2.2,
      0.73333,
      2.26667,
      0.8,
      2.33333,
      0.86667,
      2.4,
      0.93333,
      2.46667,
      1,
      2.53333,
      1.06667,
      2.6,
      1.13333,
      2.66667,
      1.2,
      2.73333,
      1.26667,
      2.8,
      1.33333,
      2.86667,
      1.4,
      2.93333,
      1.46667
    ],
    "SliceTimingComputationMethod": "SliceNumber*RepetitionTime/NumberOfSlices (interleaved ascending, odd first)",
    "SpacingBetweenSlices": 2.4,
    "StudyTime": "184814",
    "TaskDescription": "In an event-related design, participants were shown pictures of hands being stung by needles or poked with Q-tips. The stimulus set was kindly shared by Claus Lamm, and has been shown to be effective in previous work by him. After each picture, participants were asked to rate their perceived unpleasantness on a visual analog scale of 0-100.",
    "TaskInstructions": "",
    "TaskName": "Hands",
    "dummyScans": 5,
    "modality": "bold",
    "session_id": "1",
    "subject_id": "9013",
    "task_id": "hands"
  },
  "dummy_trs": 0,
  "dvars_nstd": 31.812324407955806,
  "dvars_std": 1.0939006276243093,
  "dvars_vstd": 1.0207531355248618,
  "efc": 0.4793891516922744,
  "fber": 84527.4921875,
  "fd_mean": 0.15371242425605042,
  "fd_num": 34,
  "fd_perc": 18.681318681318682,
  "fwhm_avg": 3.111148449643732,
  "fwhm_x": 3.1248693333333337,
  "fwhm_y": 3.6116693333333334,
  "fwhm_z": 2.59690668226453,
  "gcor": 0.0121943,
  "gsr_x": -0.010786228813230991,
  "gsr_y": 0.028490254655480385,
  "provenance": {
    "md5sum": "d6b05ff24266ca18e9461f9967a69b62",
    "settings": {
      "fd_thres": 0.2,
      "hmc_fsl": false
    },
    "software": "mriqc",
    "version": "0.9.6"
  },
  "size_t": 182,
  "size_x": 128,
  "size_y": 128,
  "size_z": 45,
  "snr": 3.6620046653083738,
  "spacing_tr": 3.0,
  "spacing_x": 1.875,
  "spacing_y": 1.875,
  "spacing_z": 2.4000015258789062,
  "summary_bg_k": 92.44866289238625,
  "summary_bg_mad": 20.972305297851562,
  "summary_bg_mean": 106.82894134521484,
  "summary_bg_median": 14.145605087280273,
  "summary_bg_n": 476946.0,
  "summary_bg_p05": 0.005494505632668734,
  "summary_bg_p95": 479.9285888671875,
  "summary_bg_stdv": 298.8494567871094,
  "summary_fg_k": 1.1358770761496721,
  "summary_fg_mad": 963.1702270507812,
  "summary_fg_mean": 3800.643798828125,
  "summary_fg_median": 3774.00830078125,
  "summary_fg_n": 168478.0,
  "summary_fg_p05": 2246.9645874023436,
  "summary_fg_p95": 5533.228002929687,
  "summary_fg_stdv": 1030.582275390625,
  "tsnr": 39.922950744628906
}