{
  "bids_meta": {
    "AcquisitionDuration": 238.444688,
    "Columns": 512,
    "EchoTime": 0.00281,
    "EchoTrainLength": 1,
    "EffectiveEchoSpacing": 0,
    "FieldOfView": [
      240.03,
      240.03,
      180
    ],
    "FlipAngle": 11,
    "GEImageTypeRIMPCode": 0,
    "ImageType": "ORIGINAL/PRIMARY/OTHER",
    "ImagingFrequency": 127.765206,
    "InplanePhaseEncodingDirection": "ROW",
    "InversionTime": 0.45,
    "MRAcquisitionType": "3D",
    "MagneticFieldStrength": 3,
    "Manufacturer": "GE MEDICAL SYSTEMS",
    "ManufacturersModelName": "DISCOVERY MR750",
    "NumberOfAverages": 1,
    "NumberOfEPIShots": 0,
    "NumberOfEchoes": 1,
    "NumberOfSlices": 180,
    "ParallelImagingReductionFactors": [
      0.571429,
      1
    ],
    "PercentPhaseFieldOfView": 100,
    "PhaseEncodingDirection": "i",
    "PixelBandwidth": 122.07,
    "PixelSpacing": [
      0.4688,
      0.4688
    ],
    "ReceiveCoilName": "8HRBRAIN",
    "RepetitionTime": 0.0064,
    "Rows": 512,
    "SATFatWaterBone": 0,
    "ScanOptions": [
      "FAST_GEMS",
      "EDR_GEMS",
      "FILTERED_GEMS",
      "ACC_GEMS"
    ],
    "ScanningSequence": "GR",
    "SequenceVariant": [
      "SS",
      "SK"
    ],
    "SeriesDate": "18730306",
    "SeriesDescription": "Sag3D_T1_1mm3",
    "SeriesNumber": 2,
    "SeriesTime": "184631",
    "SliceThickness": 1,
    "SpacingBetweenSlices": 1,
    "StudyTime": "184502",
    "modality": "T1w",
    "session_id": "2",
    "subject_id": "9091"
  },
  "cjv": 0.36555084943768884,
  "cnr": 3.640198838741336,
  "efc": 0.6678137387322269,
  "fber": 147.91867065429688,
  "fwhm_avg": 6.12077941410127,
  "fwhm_x": 3.89826,
  "fwhm_y": 7.379628708983505,
  "fwhm_z": 7.0844495333203055,
  "icvs_csf": 0.18926428954314722,
  "icvs_gm": 0.4030871366073465,
  "icvs_wm": 0.40764857384950626,
  "inu_med": 1.2176581621170044,
  "inu_range": 0.5893957138061523,
  "provenance": {
    "md5sum": "e15cb39fa2e3a7700d110bb57480b57b",
    "mriqc_pred": 0,
    "settings": {
      "testing": false
    },
    "software": "mriqc",
    "version": "0.9.6",
    "warnings": {
      "large_rot_frame": true,
      "small_air_mask": false
    }
  },
  "qi_1": 4.700680318648746e-05,
  "qi_2": 0.0003554248216704586,
  "rpve_csf": 20.31302543950596,
  "rpve_gm": 10.31364072610351,
  "rpve_wm": 12.397903315171366,
  "size_x": 180,
  "size_y": 512,
  "size_z": 512,
  "snr_csf": 3.2050325209926247,
  "snr_gm": 12.381149539917987,
  "snr_total": 11.32137583132343,
  "snr_wm": 18.37794543305968,
  "snrd_csf": 14.59433387407171,
  "snrd_gm": 29.15704645892532,
  "snrd_total": 28.347731396056393,
  "snrd_wm": 41.29181385517215,
  "spacing_x": 1.0,
  "spacing_y": 0.46880000829696655,
  "spacing_z": 0.46880000829696655,
  "summary_bg_k": 1.5064227540931023,
  "summary_bg_mad": 15.866169929504395,
  "summary_bg_mean": 53.370933532714844,
  "summary_bg_median": 51.35855484008789,
  "summary_bg_n": 8426747.0,
  "summary_bg_p05": 29.048862075805665,
  "summary_bg_p95": 84.68480300903317,
  "summary_bg_stdv": 17.43986701965332,
  "summary_csf_k": 5.02653223597224,
  "summary_csf_mad": 121.43778228759766,
  "summary_csf_mean": 355.3731689453125,
  "summary_csf_median": 353.4472961425781,
  "summary_csf_n": 138337.0,
  "summary_csf_p05": 180.0151824951172,
  "summary_csf_p95": 526.0246704101561,
  "summary_csf_stdv": 110.27845001220703,
  "summary_gm_k": 0.29799096330462005,
  "summary_gm_mad": 54.94283676147461,
  "summary_gm_mean": 707.8381958007812,
  "summary_gm_median": 706.1287841796875,
  "summary_gm_n": 239866.0,
  "summary_gm_p05": 617.0157470703125,
  "summary_gm_p95": 804.4817504882812,
  "summary_gm_stdv": 57.03245162963867,
  "summary_wm_k": 0.40614610994633527,
  "summary_wm_mad": 52.485694885253906,
  "summary_wm_mean": 1001.4229736328125,
  "summary_wm_median": 1000.010009765625,
  "summary_wm_n": 1602808.0,
  "summary_wm_p05": 915.1197937011718,
  "summary_wm_p95": 1092.6015197753907,
  "summary_wm_stdv": 54.41357421875,
  "tpm_overlap_csf": 0.20776517689228058,
  "tpm_overlap_gm": 0.48127180337905884,
  "tpm_overlap_wm": 0.5564330220222473,
  "wm2max": 0.42516552001860464
}