{
  "aor": 0.000870693641618497,
  "aqi": 0.014867670231213872,
  "bids_meta": {
    "AcquisitionDuration": 723.000256,
    "Columns": 128,
    "EchoTime": 0.034,
    "EchoTrainLength": 1,
    "EffectiveEchoSpacing": 0.00056,
    "FieldOfView": [
      220.01,
      220.01,
      110.4
    ],
    "FlipAngle": 80,
    "GEImageTypeRIMPCode": 0,
    "ImageType": "ORIGINAL/PRIMARY/EPI/NONE",
    "ImagingFrequency": 127.765173,
    "InplanePhaseEncodingDirection": "COL",
    "InversionTime": 0,
    "MRAcquisitionType": "2D",
    "MagneticFieldStrength": 3,
    "Manufacturer": "GE MEDICAL SYSTEMS",
    "ManufacturersModelName": "DISCOVERY MR750",
    "NumberOfAverages": 1,
    "NumberOfEPIShots": 1,
    "NumberOfEchoes": 1,
    "NumberOfSlices": 46,
    "ParallelImagingReductionFactors": [
      0.5,
      1
    ],
    "PercentPhaseFieldOfView": 100,
    "PhaseEncodingDirection": "j",
    "PixelBandwidth": 3906.25,
    "PixelSpacing": [
      1.7188,
      1.7188
    ],
    "ReceiveCoilName": "8HRBRAIN",
    "RepetitionTime": 3,
    "Rows": 128,
    "SATFatWaterBone": 1,
    "ScanOptions": [
      "SAT_GEMS",
      "EPI_GEMS",
      "ACC_GEMS",
      "FS"
    ],
    "ScanningSequence": [
      "EP",
      "GR"
    ],
    "SequenceVariant": "SS",
    "SeriesDate": "18740109",
    "SeriesDescription": "fMRI-hands",
    "SeriesNumber": 7,
    "SeriesTime": "200652",
    "SliceThickness": 2.3,
    "SliceTiming": [
      0,
      1.5,
      0.06522,
      1.56522,
      0.13043,
      1.63043,
      0.19565,
      1.69565,
      0.26087,
      1.76087,
      0.32609,
      1.82609,
      0.3913,
      1.8913,
      0.45652,
      1.95652,
      0.52174,
      2.02174,
      0.58696,
      2.08696,
      0.65217,
      2.15217,
      0.71739,
      2.21739,
      0.78261,
      2.28261,
      0.84783,
      2.34783,
      0.91304,
      2.41304,
      0.97826,
      2.47826,
      1.04348,
      2.54348,
      1.1087,
      2.6087,
      1.17391,
      2.67391,
      1.23913,
      2.73913,
      1.30435,
      2.80435,
      1.36957,
      2.86957,
      1.43478,
      2.93478
    ],
    "SliceTimingComputationMethod": "SliceNumber*RepetitionTime/NumberOfSlices (interleaved ascending, odd first)",
    "SpacingBetweenSlices": 2.4,
    "StudyTime": "193429",
    "TaskDescription": "In an event-related design, participants were shown pictures of hands being stung by needles or poked with Q-tips. The stimulus set was kindly shared by Claus Lamm, and has been shown to be effective in previous work by him. After each picture, participants were asked to rate their perceived unpleasantness on a visual analog scale of 0-100.",
    "TaskInstructions": "",
    "TaskName": "Hands",
    "dummyScans": 5,
    "modality": "bold",
    "session_id": "2",
    "subject_id": "9034",
    "task_id": "hands"
  },
  "dummy_trs": 0,
  "dvars_nstd": 32.26027988784885,
  "dvars_std": 0.9886388925581402,
  "dvars_vstd": 0.9606488626744187,
  "efc": 0.48221311189244703,
  "fber": 7013.00048828125,
  "fd_mean": 0.09035549529941486,
  "fd_num": 1,
  "fd_perc": 0.5780346820809249,
  "fwhm_avg": 3.1405753410242596,
  "fwhm_x": 3.2577205999220857,
  "fwhm_y": 3.7330406048019817,
  "fwhm_z": 2.4309648183487114,
  "gcor": 0.00256811,
  "gsr_x": -0.005519067868590355,
  "gsr_y": 0.02365824393928051,
  "provenance": {
    "md5sum": "689ed6ae343d5754da21eff81475eef9",
    "settings": {
      "fd_thres": 0.2,
      "hmc_fsl": false
    },
    "software": "mriqc",
    "version": "0.9.6"
  },
  "size_t": 173,
  "size_x": 128,
  "size_y": 128,
  "size_z": 46,
  "snr": 4.0283523002238555,
  "spacing_tr": 3.0,
  "spacing_x": 1.7187999486923218,
  "spacing_y": 1.7187999486923218,
  "spacing_z": 2.3999977111816406,
  "summary_bg_k": 79.94399223781551,
  "summary_bg_mad": 64.77172088623047,
  "summary_bg_mean": 127.39500427246094,
  "summary_bg_median": 44.21965408325195,
  "summary_bg_n": 489563.0,
  "summary_bg_p05": 0.023121386766433716,
  "summary_bg_p95": 567.4265808105465,
  "summary_bg_stdv": 307.7055358886719,
  "summary_fg_k": 1.312509896708577,
  "summary_fg_mad": 817.3465576171875,
  "summary_fg_mean": 3698.55517578125,
  "summary_fg_median": 3685.979736328125,
  "summary_fg_n": 166434.0,
  "summary_fg_p05": 2229.5082275390623,
  "summary_fg_p95": 5211.719262695313,
  "summary_fg_stdv": 915.0065307617188,
  "tsnr": 35.14009475708008
}