{
  "bids_meta": {
    "AcquisitionDuration": 238.55128,
    "Columns": 512,
    "EchoTime": 0.00281,
    "EchoTrainLength": 1,
    "EffectiveEchoSpacing": 0,
    "FieldOfView": [
      240.03,
      240.03,
      180
    ],
    "FlipAngle": 11,
    "GEImageTypeRIMPCode": 0,
    "ImageType": "ORIGINAL/PRIMARY/OTHER",
    "ImagingFrequency": 127.765124,
    "InplanePhaseEncodingDirection": "ROW",
    "InversionTime": 0.45,
    "MRAcquisitionType": "3D",
    "MagneticFieldStrength": 3,
    "Manufacturer": "GE MEDICAL SYSTEMS",
    "ManufacturersModelName": "DISCOVERY MR750",
    "NumberOfAverages": 1,
    "NumberOfEPIShots": 0,
    "NumberOfEchoes": 1,
    "NumberOfSlices": 180,
    "ParallelImagingReductionFactors": [
      0.571429,
      1
    ],
    "PercentPhaseFieldOfView": 100,
    "PhaseEncodingDirection": "i",
    "PixelBandwidth": 122.07,
    "PixelSpacing": [
      0.4688,
      0.4688
    ],
    "ReceiveCoilName": "8HRBRAIN",
    "RepetitionTime": 0.0064,
    "Rows": 512,
    "SATFatWaterBone": 0,
    "ScanOptions": [
      "FAST_GEMS",
      "EDR_GEMS",
      "FILTERED_GEMS",
      "ACC_GEMS"
    ],
    "ScanningSequence": "GR",
    "SequenceVariant": [
      "SS",
      "SK"
    ],
    "SeriesDate": "18740511",
    "SeriesDescription": "Sag3D_T1_1mm3",
    "SeriesNumber": 2,
    "SeriesTime": "200116",
    "SliceThickness": 1,
    "SpacingBetweenSlices": 1,
    "StudyTime": "195951",
    "modality": "T1w",
    "session_id": "2",
    "subject_id": "9065"
  },
  "cjv": 0.4847139203259111,
  "cnr": 2.8286915130925623,
  "efc": 0.6564966229735693,
  "fber": 150.21945190429688,
  "fwhm_avg": 5.89815222690179,
  "fwhm_x": 3.70316,
  "fwhm_y": 7.173186733114995,
  "fwhm_z": 6.818109947590379,
  "icvs_csf": 0.20945824275299055,
  "icvs_gm": 0.4009191367934999,
  "icvs_wm": 0.38962262045350954,
  "inu_med": 1.3167479038238525,
  "inu_range": 0.5581716060638426,
  "provenance": {
    "md5sum": "49c8b5f1153f8fe81fa9b3f9c64b353a",
    "mriqc_pred": 0,
    "settings": {
      "testing": false
    },
    "software": "mriqc",
    "version": "0.9.6",
    "warnings": {
      "large_rot_frame": true,
      "small_air_mask": false
    }
  },
  "qi_1": 0.0004146592137681524,
  "qi_2": 0.0003236279259287474,
  "rpve_csf": 23.43255938746416,
  "rpve_gm": 12.203892155440908,
  "rpve_wm": 14.731266292390156,
  "size_x": 180,
  "size_y": 512,
  "size_z": 512,
  "snr_csf": 4.081315390482193,
  "snr_gm": 13.44578245158859,
  "snr_total": 11.151702219840637,
  "snr_wm": 15.928008817451124,
  "snrd_csf": 13.815652935084202,
  "snrd_gm": 31.00552528050674,
  "snrd_total": 28.62306459018591,
  "snrd_wm": 41.04801555496679,
  "spacing_x": 1.0,
  "spacing_y": 0.46880000829696655,
  "spacing_z": 0.46880000829696655,
  "summary_bg_k": 14.66572963162854,
  "summary_bg_mad": 15.960532188415527,
  "summary_bg_mean": 56.57291030883789,
  "summary_bg_median": 54.04021453857422,
  "summary_bg_n": 9993960.0,
  "summary_bg_p05": 31.446978759765624,
  "summary_bg_p95": 89.50021438598631,
  "summary_bg_stdv": 19.569107055664062,
  "summary_csf_k": 0.8764218997747979,
  "summary_csf_mad": 70.59173583984375,
  "summary_csf_mean": 348.5582580566406,
  "summary_csf_median": 336.57904052734375,
  "summary_csf_n": 209822.0,
  "summary_csf_p05": 233.90497970581055,
  "summary_csf_p95": 508.04883880615233,
  "summary_csf_stdv": 82.46807861328125,
  "summary_gm_k": 0.20847542371687755,
  "summary_gm_mad": 55.26344680786133,
  "summary_gm_mean": 756.3438720703125,
  "summary_gm_median": 755.361328125,
  "summary_gm_n": 168240.0,
  "summary_gm_p05": 665.7832580566406,
  "summary_gm_p95": 849.8244995117186,
  "summary_gm_stdv": 56.17814254760742,
  "summary_wm_k": 0.021281615432082734,
  "summary_wm_mad": 63.325050354003906,
  "summary_wm_mean": 1000.4613647460938,
  "summary_wm_median": 1000.0180053710938,
  "summary_wm_n": 1097487.0,
  "summary_wm_p05": 898.6192382812501,
  "summary_wm_p95": 1104.6401000976562,
  "summary_wm_stdv": 62.78358840942383,
  "tpm_overlap_csf": 0.21157796680927277,
  "tpm_overlap_gm": 0.4522373378276825,
  "tpm_overlap_wm": 0.5237259268760681,
  "wm2max": 0.38395495196902224
}