{
  "bids_meta": {
    "AcquisitionDuration": 238.55128,
    "Columns": 512,
    "EchoTime": 0.00281,
    "EchoTrainLength": 1,
    "EffectiveEchoSpacing": 0,
    "FieldOfView": [
      240.03,
      240.03,
      180
    ],
    "FlipAngle": 11,
    "GEImageTypeRIMPCode": 0,
    "ImageType": "ORIGINAL/PRIMARY/OTHER",
    "ImagingFrequency": 127.765157,
    "InplanePhaseEncodingDirection": "ROW",
    "InversionTime": 0.45,
    "MRAcquisitionType": "3D",
    "MagneticFieldStrength": 3,
    "Manufacturer": "GE MEDICAL SYSTEMS",
    "ManufacturersModelName": "DISCOVERY MR750",
    "NumberOfAverages": 1,
    "NumberOfEPIShots": 0,
    "NumberOfEchoes": 1,
    "NumberOfSlices": 180,
    "ParallelImagingReductionFactors": [
      0.571429,
      1
    ],
    "PercentPhaseFieldOfView": 100,
    "PhaseEncodingDirection": "i",
    "PixelBandwidth": 122.07,
    "PixelSpacing": [
      0.4688,
      0.4688
    ],
    "ReceiveCoilName": "8HRBRAIN",
    "RepetitionTime": 0.0064,
    "Rows": 512,
    "SATFatWaterBone": 0,
    "ScanOptions": [
      "FAST_GEMS",
      "EDR_GEMS",
      "FILTERED_GEMS",
      "ACC_GEMS"
    ],
    "ScanningSequence": "GR",
    "SequenceVariant": [
      "SS",
      "SK"
    ],
    "SeriesDate": "18740419",
    "SeriesDescription": "Sag3D_T1_1mm3",
    "SeriesNumber": 2,
    "SeriesTime": "180325",
    "SliceThickness": 1,
    "SpacingBetweenSlices": 1,
    "StudyTime": "180134",
    "modality": "T1w",
    "session_id": "1",
    "subject_id": "9038"
  },
  "cjv": 0.4107591419152342,
  "cnr": 3.299074714315234,
  "efc": 0.6228724732566706,
  "fber": 141.57168579101562,
  "fwhm_avg": 6.298350151045898,
  "fwhm_x": 4.00177,
  "fwhm_y": 7.70531129707613,
  "fwhm_z": 7.187969156061563,
  "icvs_csf": 0.23278456511598192,
  "icvs_gm": 0.3961695552835454,
  "icvs_wm": 0.3710458796004727,
  "inu_med": 1.2793396711349487,
  "inu_range": 0.4996841728687287,
  "provenance": {
    "md5sum": "8a89699bb935b4b3c0e6e6fe18486383",
    "mriqc_pred": 0,
    "settings": {
      "testing": false
    },
    "software": "mriqc",
    "version": "0.9.6",
    "warnings": {
      "large_rot_frame": true,
      "small_air_mask": false
    }
  },
  "qi_1": 0.0,
  "qi_2": 0.00040325484938316696,
  "rpve_csf": 27.380715243081614,
  "rpve_gm": 15.662090560224938,
  "rpve_wm": 19.727126500441475,
  "size_x": 180,
  "size_y": 512,
  "size_z": 512,
  "snr_csf": 4.467807223457526,
  "snr_gm": 13.713263197380039,
  "snr_total": 12.188632639687134,
  "snr_wm": 18.38482749822383,
  "snrd_csf": 14.250817938795825,
  "snrd_gm": 32.41918230182666,
  "snrd_total": 30.137117866498482,
  "snrd_wm": 43.741353358872956,
  "spacing_x": 1.0,
  "spacing_y": 0.46880000829696655,
  "spacing_z": 0.46880000829696655,
  "summary_bg_k": 11.811222818975729,
  "summary_bg_mad": 14.977643013000488,
  "summary_bg_mean": 53.91975402832031,
  "summary_bg_median": 52.22936248779297,
  "summary_bg_n": 8885436.0,
  "summary_bg_p05": 30.65010356903076,
  "summary_bg_p95": 83.0535888671875,
  "summary_bg_stdv": 16.622507095336914,
  "summary_csf_k": 1.055655572326935,
  "summary_csf_mad": 62.53610610961914,
  "summary_csf_mean": 334.94580078125,
  "summary_csf_median": 325.80035400390625,
  "summary_csf_n": 271958.0,
  "summary_csf_p05": 232.3616050720215,
  "summary_csf_p95": 475.45821533203116,
  "summary_csf_stdv": 72.92162322998047,
  "summary_gm_k": 0.1284904069552666,
  "summary_gm_mad": 52.99293899536133,
  "summary_gm_mean": 742.3198852539062,
  "summary_gm_median": 741.1631469726562,
  "summary_gm_n": 154486.0,
  "summary_gm_p05": 655.7327423095703,
  "summary_gm_p95": 833.4838562011719,
  "summary_gm_stdv": 54.047000885009766,
  "summary_wm_k": 0.22275794470539356,
  "summary_wm_mad": 53.33042526245117,
  "summary_wm_mean": 1000.9677734375,
  "summary_wm_median": 1000.0091552734375,
  "summary_wm_n": 926773.0,
  "summary_wm_p05": 913.5613891601563,
  "summary_wm_p95": 1091.984130859375,
  "summary_wm_stdv": 54.39314651489258,
  "tpm_overlap_csf": 0.22780336439609528,
  "tpm_overlap_gm": 0.460053950548172,
  "tpm_overlap_wm": 0.5465262532234192,
  "wm2max": 0.400844554971571
}