{
  "aor": 0.01184675,
  "aqi": 0.0112463932,
  "bids_meta": {
    "AcquisitionDuration": 525.000256,
    "CogAtlasID": "trm_4c8a834779883",
    "Columns": 128,
    "EchoTime": 0.03,
    "EchoTrainLength": 1,
    "EffectiveEchoSpacing": 0.000464,
    "FieldOfView": [
      288,
      288,
      147
    ],
    "FlipAngle": 75,
    "GEImageTypeRIMPCode": 0,
    "ImageType": "ORIGINAL/PRIMARY/EPI/NONE",
    "ImagingFrequency": 127.765148,
    "InplanePhaseEncodingDirection": "COL",
    "InversionTime": 0,
    "MRAcquisitionType": "2D",
    "MagneticFieldStrength": 3,
    "Manufacturer": "GE MEDICAL SYSTEMS",
    "ManufacturersModelName": "DISCOVERY MR750",
    "NumberOfAverages": 1,
    "NumberOfEPIShots": 1,
    "NumberOfEchoes": 1,
    "NumberOfSlices": 49,
    "ParallelImagingReductionFactors": [
      0.5,
      1
    ],
    "PercentPhaseFieldOfView": 100,
    "PhaseEncodingDirection": "j",
    "PixelBandwidth": 3906.25,
    "PixelSpacing": [
      2.25,
      2.25
    ],
    "ReceiveCoilName": "8HRBRAIN",
    "RepetitionTime": 2.5,
    "Rows": 128,
    "SATFatWaterBone": 0,
    "ScanOptions": [
      "EPI_GEMS",
      "FILTERED_GEMS",
      "ACC_GEMS"
    ],
    "ScanningSequence": [
      "EP",
      "GR"
    ],
    "SequenceVariant": "SS",
    "SeriesDate": "18740126",
    "SeriesDescription": "RSN_BWRT_200vol_3mm",
    "SeriesNumber": 5,
    "SeriesTime": "204310",
    "SliceThickness": 3,
    "SliceTiming": [
      0,
      1.27551,
      0.05102,
      1.32653,
      0.10204,
      1.37755,
      0.15306,
      1.42857,
      0.20408,
      1.47959,
      0.2551,
      1.53061,
      0.30612,
      1.58163,
      0.35714,
      1.63265,
      0.40816,
      1.68367,
      0.45918,
      1.73469,
      0.5102,
      1.78571,
      0.56122,
      1.83673,
      0.61224,
      1.88776,
      0.66327,
      1.93878,
      0.71429,
      1.9898,
      0.76531,
      2.04082,
      0.81633,
      2.09184,
      0.86735,
      2.14286,
      0.91837,
      2.19388,
      0.96939,
      2.2449,
      1.02041,
      2.29592,
      1.07143,
      2.34694,
      1.12245,
      2.39796,
      1.17347,
      2.44898,
      1.22449
    ],
    "SliceTimingComputationMethod": "SliceNumber*RepetitionTime/NumberOfSlices (interleaved ascending, odd first)",
    "SpacingBetweenSlices": 3,
    "StudyTime": "201256",
    "TaskDescription": "Functional connectivity in the resting state was assessed during two eight-minute runs. Participants were asked to rate their sleepiness using the Karolinska Sleepiness Scale every 2 minutes",
    "TaskInstructions": "Participants were instructed to keep their eyes open and look at a white fixation cross presented against a gray background.",
    "TaskName": "Sleepiness",
    "dummyScans": 10,
    "modality": "bold",
    "session_id": "1",
    "subject_id": "9086",
    "task_id": "sleepiness"
  },
  "dummy_trs": 0,
  "dvars_nstd": 27.956206743467348,
  "dvars_std": 1.1058647494974876,
  "dvars_vstd": 0.9916014605527635,
  "efc": 0.32183299123178716,
  "fber": 15503557.0,
  "fd_mean": 0.2864248289501231,
  "fd_num": 70,
  "fd_perc": 35.0,
  "fwhm_avg": 3.2450333333333337,
  "fwhm_x": 3.295448888888889,
  "fwhm_y": 3.7543111111111114,
  "fwhm_z": 2.68534,
  "gcor": 0.0729545,
  "gsr_x": -0.012394148856401443,
  "gsr_y": 0.0010749221546575427,
  "provenance": {
    "md5sum": "9350006d9ffde4ad1a51ed5b359eebf5",
    "settings": {
      "fd_thres": 0.2,
      "hmc_fsl": false
    },
    "software": "mriqc",
    "version": "0.9.6"
  },
  "size_t": 200,
  "size_x": 128,
  "size_y": 128,
  "size_z": 49,
  "snr": 5.14083998514595,
  "spacing_tr": 2.5,
  "spacing_x": 2.25,
  "spacing_y": 2.25,
  "spacing_z": 3.0,
  "summary_bg_k": 137.7758777961442,
  "summary_bg_mad": 2.0756430625915527,
  "summary_bg_mean": 59.181854248046875,
  "summary_bg_median": 1.399999976158142,
  "summary_bg_n": 627569.0,
  "summary_bg_p05": 0.0,
  "summary_bg_p95": 279.81598510742106,
  "summary_bg_stdv": 224.21449279785156,
  "summary_fg_k": 1.4630484050291015,
  "summary_fg_mad": 881.4367065429688,
  "summary_fg_mean": 5240.69482421875,
  "summary_fg_median": 5283.94970703125,
  "summary_fg_n": 87107.0,
  "summary_fg_p05": 3444.5559326171874,
  "summary_fg_p95": 6813.345507812499,
  "summary_fg_stdv": 1027.8319091796875,
  "tsnr": 43.02051544189453
}