{
  "aor": 0.0017295000000000001,
  "aqi": 0.0064065114,
  "bids_meta": {
    "AcquisitionDuration": 525.000256,
    "CogAtlasID": "trm_4c8a834779883",
    "Columns": 128,
    "EchoTime": 0.03,
    "EchoTrainLength": 1,
    "EffectiveEchoSpacing": 0.000464,
    "FieldOfView": [
      288,
      288,
      147
    ],
    "FlipAngle": 75,
    "GEImageTypeRIMPCode": 0,
    "ImageType": "ORIGINAL/PRIMARY/EPI/NONE",
    "ImagingFrequency": 127.765058,
    "InplanePhaseEncodingDirection": "COL",
    "InversionTime": 0,
    "MRAcquisitionType": "2D",
    "MagneticFieldStrength": 3,
    "Manufacturer": "GE MEDICAL SYSTEMS",
    "ManufacturersModelName": "DISCOVERY MR750",
    "NumberOfAverages": 1,
    "NumberOfEPIShots": 1,
    "NumberOfEchoes": 1,
    "NumberOfSlices": 49,
    "ParallelImagingReductionFactors": [
      0.5,
      1
    ],
    "PercentPhaseFieldOfView": 100,
    "PhaseEncodingDirection": "j",
    "PixelBandwidth": 3906.25,
    "PixelSpacing": [
      2.25,
      2.25
    ],
    "ReceiveCoilName": "8HRBRAIN",
    "RepetitionTime": 2.5,
    "Rows": 128,
    "SATFatWaterBone": 0,
    "ScanOptions": [
      "EPI_GEMS",
      "FILTERED_GEMS",
      "ACC_GEMS"
    ],
    "ScanningSequence": [
      "EP",
      "GR"
    ],
    "SequenceVariant": "SS",
    "SeriesDate": "18740323",
    "SeriesDescription": "RSN_BWRT_200vol_3mm",
    "SeriesNumber": 10,
    "SeriesTime": "190245",
    "SliceThickness": 3,
    "SliceTiming": [
      0,
      1.27551,
      0.05102,
      1.32653,
      0.10204,
      1.37755,
      0.15306,
      1.42857,
      0.20408,
      1.47959,
      0.2551,
      1.53061,
      0.30612,
      1.58163,
      0.35714,
      1.63265,
      0.40816,
      1.68367,
      0.45918,
      1.73469,
      0.5102,
      1.78571,
      0.56122,
      1.83673,
      0.61224,
      1.88776,
      0.66327,
      1.93878,
      0.71429,
      1.9898,
      0.76531,
      2.04082,
      0.81633,
      2.09184,
      0.86735,
      2.14286,
      0.91837,
      2.19388,
      0.96939,
      2.2449,
      1.02041,
      2.29592,
      1.07143,
      2.34694,
      1.12245,
      2.39796,
      1.17347,
      2.44898,
      1.22449
    ],
    "SliceTimingComputationMethod": "SliceNumber*RepetitionTime/NumberOfSlices (interleaved ascending, odd first)",
    "SpacingBetweenSlices": 3,
    "StudyTime": "175521",
    "TaskDescription": "Functional connectivity in the resting state was assessed during two eight-minute runs. Participants were asked to rate their sleepiness using the Karolinska Sleepiness Scale every 2 minutes",
    "TaskInstructions": "Participants were instructed to keep their eyes open and look at a white fixation cross presented against a gray background.",
    "TaskName": "Sleepiness",
    "dummyScans": 10,
    "modality": "bold",
    "session_id": "2",
    "subject_id": "9032",
    "task_id": "sleepiness"
  },
  "dummy_trs": 0,
  "dvars_nstd": 20.58268362537688,
  "dvars_std": 1.0694404461306533,
  "dvars_vstd": 0.9650530608542714,
  "efc": 0.3147820403982864,
  "fber": 14426312.0,
  "fd_mean": 0.19927702343319895,
  "fd_num": 64,
  "fd_perc": 32.0,
  "fwhm_avg": 3.368701111111111,
  "fwhm_x": 3.3966177777777777,
  "fwhm_y": 3.858768888888889,
  "fwhm_z": 2.8507166666666666,
  "gcor": 0.0199803,
  "gsr_x": -0.018805254250764847,
  "gsr_y": 0.0004085917607881129,
  "provenance": {
    "md5sum": "94f4c77f1f417ee9bd0f53ec9ba8502f",
    "settings": {
      "fd_thres": 0.2,
      "hmc_fsl": false
    },
    "software": "mriqc",
    "version": "0.9.6"
  },
  "size_t": 200,
  "size_x": 128,
  "size_y": 128,
  "size_z": 49,
  "snr": 4.721329303301557,
  "spacing_tr": 2.5,
  "spacing_x": 2.25,
  "spacing_y": 2.25,
  "spacing_z": 3.0,
  "summary_bg_k": 67.8059365543904,
  "summary_bg_mad": 2.0385780334472656,
  "summary_bg_mean": 78.29475402832031,
  "summary_bg_median": 1.375,
  "summary_bg_n": 641591.0,
  "summary_bg_p05": 0.0,
  "summary_bg_p95": 386.7774963378906,
  "summary_bg_stdv": 272.0741882324219,
  "summary_fg_k": 1.3909900091327332,
  "summary_fg_mad": 790.897705078125,
  "summary_fg_mean": 4781.39111328125,
  "summary_fg_median": 4790.4599609375,
  "summary_fg_n": 77078.0,
  "summary_fg_p05": 3012.373913574219,
  "summary_fg_p95": 6445.843749999999,
  "summary_fg_stdv": 1014.6356201171875,
  "tsnr": 60.09950637817383
}