{
  "aor": 0.004554628571428572,
  "aqi": 0.009384076971428571,
  "bids_meta": {
    "AcquisitionDuration": 723.000256,
    "Columns": 128,
    "EchoTime": 0.034,
    "EchoTrainLength": 1,
    "EffectiveEchoSpacing": 0.000532,
    "FieldOfView": [
      240,
      240,
      108
    ],
    "FlipAngle": 80,
    "GEImageTypeRIMPCode": 0,
    "ImageType": "ORIGINAL/PRIMARY/EPI/NONE",
    "ImagingFrequency": 127.765261,
    "InplanePhaseEncodingDirection": "COL",
    "InversionTime": 0,
    "MRAcquisitionType": "2D",
    "MagneticFieldStrength": 3,
    "Manufacturer": "GE MEDICAL SYSTEMS",
    "ManufacturersModelName": "DISCOVERY MR750",
    "NumberOfAverages": 1,
    "NumberOfEPIShots": 1,
    "NumberOfEchoes": 1,
    "NumberOfSlices": 45,
    "ParallelImagingReductionFactors": [
      0.5,
      1
    ],
    "PercentPhaseFieldOfView": 100,
    "PhaseEncodingDirection": "j",
    "PixelBandwidth": 3906.25,
    "PixelSpacing": [
      1.875,
      1.875
    ],
    "ReceiveCoilName": "8HRBRAIN",
    "RepetitionTime": 3,
    "Rows": 128,
    "SATFatWaterBone": 1,
    "ScanOptions": [
      "SAT_GEMS",
      "EPI_GEMS",
      "ACC_GEMS",
      "FS"
    ],
    "ScanningSequence": [
      "EP",
      "GR"
    ],
    "SequenceVariant": "SS",
    "SeriesDate": "18730401",
    "SeriesDescription": "fMRI-hands",
    "SeriesNumber": 8,
    "SeriesTime": "190321",
    "SliceThickness": 2.3,
    "SliceTiming": [
      0,
      1.53333,
      0.06667,
      1.6,
      0.13333,
      1.66667,
      0.2,
      1.73333,
      0.26667,
      1.8,
      0.33333,
      1.86667,
      0.4,
      1.93333,
      0.46667,
      2,
      0.53333,
      2.06667,
      0.6,
      2.13333,
      0.66667,
      2.2,
      0.73333,
      2.26667,
      0.8,
      2.33333,
      0.86667,
      2.4,
      0.93333,
      2.46667,
      1,
      2.53333,
      1.06667,
      2.6,
      1.13333,
      2.66667,
      1.2,
      2.73333,
      1.26667,
      2.8,
      1.33333,
      2.86667,
      1.4,
      2.93333,
      1.46667
    ],
    "SliceTimingComputationMethod": "SliceNumber*RepetitionTime/NumberOfSlices (interleaved ascending, odd first)",
    "SpacingBetweenSlices": 2.4,
    "StudyTime": "183031",
    "TaskDescription": "In an event-related design, participants were shown pictures of hands being stung by needles or poked with Q-tips. The stimulus set was kindly shared by Claus Lamm, and has been shown to be effective in previous work by him. After each picture, participants were asked to rate their perceived unpleasantness on a visual analog scale of 0-100.",
    "TaskInstructions": "",
    "TaskName": "Hands",
    "dummyScans": 5,
    "modality": "bold",
    "session_id": "2",
    "subject_id": "9019",
    "task_id": "hands"
  },
  "dummy_trs": 0,
  "dvars_nstd": 35.36368880879308,
  "dvars_std": 1.0823406751149427,
  "dvars_vstd": 1.0178330470689656,
  "efc": 0.428973294770339,
  "fber": 377263.34375,
  "fd_mean": 0.2167871958941042,
  "fd_num": 54,
  "fd_perc": 30.857142857142858,
  "fwhm_avg": 3.135007085811894,
  "fwhm_x": 3.1921493333333335,
  "fwhm_y": 3.5446506666666666,
  "fwhm_z": 2.6682212574356807,
  "gcor": 0.0180841,
  "gsr_x": -0.015033135190606117,
  "gsr_y": 0.0168426763266325,
  "provenance": {
    "md5sum": "adbfa61bd8b4a27562d727112189643e",
    "settings": {
      "fd_thres": 0.2,
      "hmc_fsl": false
    },
    "software": "mriqc",
    "version": "0.9.6"
  },
  "size_t": 175,
  "size_x": 128,
  "size_y": 128,
  "size_z": 45,
  "snr": 3.7168632842730265,
  "spacing_tr": 3.0,
  "spacing_x": 1.875,
  "spacing_y": 1.875,
  "spacing_z": 2.3999996185302734,
  "summary_bg_k": 147.92345454679958,
  "summary_bg_mad": 9.937671661376953,
  "summary_bg_mean": 72.2396011352539,
  "summary_bg_median": 6.714285850524902,
  "summary_bg_n": 506566.0,
  "summary_bg_p05": 0.011428571306169033,
  "summary_bg_p95": 297.9914321899414,
  "summary_bg_stdv": 198.76991271972656,
  "summary_fg_k": 1.1371518338359117,
  "summary_fg_mad": 931.8875732421875,
  "summary_fg_mean": 4025.83837890625,
  "summary_fg_median": 3974.217041015625,
  "summary_fg_n": 141337.0,
  "summary_fg_p05": 2419.724462890625,
  "summary_fg_p95": 5915.4228515624945,
  "summary_fg_stdv": 1069.2357177734375,
  "tsnr": 38.389259338378906
}