{
  "aor": 0.0028812568306010936,
  "aqi": 0.01300403475409836,
  "bids_meta": {
    "AcquisitionDuration": 723.000256,
    "Columns": 128,
    "EchoTime": 0.034,
    "EchoTrainLength": 1,
    "EffectiveEchoSpacing": 0.00056,
    "FieldOfView": [
      220.01,
      220.01,
      110.4
    ],
    "FlipAngle": 80,
    "GEImageTypeRIMPCode": 0,
    "ImageType": "ORIGINAL/PRIMARY/EPI/NONE",
    "ImagingFrequency": 127.765147,
    "InplanePhaseEncodingDirection": "COL",
    "InversionTime": 0,
    "MRAcquisitionType": "2D",
    "MagneticFieldStrength": 3,
    "Manufacturer": "GE MEDICAL SYSTEMS",
    "ManufacturersModelName": "DISCOVERY MR750",
    "NumberOfAverages": 1,
    "NumberOfEPIShots": 1,
    "NumberOfEchoes": 1,
    "NumberOfSlices": 46,
    "ParallelImagingReductionFactors": [
      0.5,
      1
    ],
    "PercentPhaseFieldOfView": 100,
    "PhaseEncodingDirection": "j",
    "PixelBandwidth": 3906.25,
    "PixelSpacing": [
      1.7188,
      1.7188
    ],
    "ReceiveCoilName": "8HRBRAIN",
    "RepetitionTime": 3,
    "Rows": 128,
    "SATFatWaterBone": 1,
    "ScanOptions": [
      "SAT_GEMS",
      "EPI_GEMS",
      "ACC_GEMS",
      "FS"
    ],
    "ScanningSequence": [
      "EP",
      "GR"
    ],
    "SequenceVariant": "SS",
    "SeriesDate": "18740127",
    "SeriesDescription": "fMRI-hands",
    "SeriesNumber": 7,
    "SeriesTime": "185933",
    "SliceThickness": 2.3,
    "SliceTiming": [
      0,
      1.5,
      0.06522,
      1.56522,
      0.13043,
      1.63043,
      0.19565,
      1.69565,
      0.26087,
      1.76087,
      0.32609,
      1.82609,
      0.3913,
      1.8913,
      0.45652,
      1.95652,
      0.52174,
      2.02174,
      0.58696,
      2.08696,
      0.65217,
      2.15217,
      0.71739,
      2.21739,
      0.78261,
      2.28261,
      0.84783,
      2.34783,
      0.91304,
      2.41304,
      0.97826,
      2.47826,
      1.04348,
      2.54348,
      1.1087,
      2.6087,
      1.17391,
      2.67391,
      1.23913,
      2.73913,
      1.30435,
      2.80435,
      1.36957,
      2.86957,
      1.43478,
      2.93478
    ],
    "SliceTimingComputationMethod": "SliceNumber*RepetitionTime/NumberOfSlices (interleaved ascending, odd first)",
    "SpacingBetweenSlices": 2.4,
    "StudyTime": "182455",
    "TaskDescription": "In an event-related design, participants were shown pictures of hands being stung by needles or poked with Q-tips. The stimulus set was kindly shared by Claus Lamm, and has been shown to be effective in previous work by him. After each picture, participants were asked to rate their perceived unpleasantness on a visual analog scale of 0-100.",
    "TaskInstructions": "",
    "TaskName": "Hands",
    "dummyScans": 5,
    "modality": "bold",
    "session_id": "1",
    "subject_id": "9080",
    "task_id": "hands"
  },
  "dummy_trs": 0,
  "dvars_nstd": 38.50190024324177,
  "dvars_std": 1.0646318548901095,
  "dvars_vstd": 1.0062732379670334,
  "efc": 0.489047736696562,
  "fber": 11135.2431640625,
  "fd_mean": 0.15989913556892452,
  "fd_num": 39,
  "fd_perc": 21.311475409836067,
  "fwhm_avg": 3.046791144342773,
  "fwhm_x": 3.130015220266357,
  "fwhm_y": 3.577030593163332,
  "fwhm_z": 2.4333276195986304,
  "gcor": 0.0322074,
  "gsr_x": -0.0051652113907039165,
  "gsr_y": 0.029246341437101364,
  "provenance": {
    "md5sum": "b6db0e085a4858f87c7eac0020961e88",
    "settings": {
      "fd_thres": 0.2,
      "hmc_fsl": false
    },
    "software": "mriqc",
    "version": "0.9.6"
  },
  "size_t": 183,
  "size_x": 128,
  "size_y": 128,
  "size_z": 46,
  "snr": 3.9370316672485512,
  "spacing_tr": 3.0,
  "spacing_x": 1.7187999486923218,
  "spacing_y": 1.7187999486923218,
  "spacing_z": 2.4000015258789062,
  "summary_bg_k": 72.42848349965571,
  "summary_bg_mad": 50.019596099853516,
  "summary_bg_mean": 121.3025894165039,
  "summary_bg_median": 34.0928955078125,
  "summary_bg_n": 482797.0,
  "summary_bg_p05": 0.06010928750038147,
  "summary_bg_p95": 520.3180419921872,
  "summary_bg_stdv": 302.0837707519531,
  "summary_fg_k": 0.8676253347124665,
  "summary_fg_mad": 859.4879760742188,
  "summary_fg_mean": 3562.715087890625,
  "summary_fg_median": 3544.764892578125,
  "summary_fg_n": 173299.0,
  "summary_fg_p05": 2182.455151367187,
  "summary_fg_p95": 5043.332080078126,
  "summary_fg_stdv": 900.3622436523438,
  "tsnr": 33.90772247314453
}