{
  "bids_meta": {
    "AcquisitionDuration": 393.112128,
    "Columns": 512,
    "EchoTime": 0.12822,
    "EchoTrainLength": 140,
    "EffectiveEchoSpacing": 0,
    "FieldOfView": [
      240.03,
      240.03,
      87.6
    ],
    "FlipAngle": 90,
    "GEImageTypeRIMPCode": 0,
    "ImageType": "ORIGINAL/PRIMARY/OTHER",
    "ImagingFrequency": 127.76509,
    "InplanePhaseEncodingDirection": "ROW",
    "InversionTime": 1.859,
    "MRAcquisitionType": "3D",
    "MagneticFieldStrength": 3,
    "Manufacturer": "GE MEDICAL SYSTEMS",
    "ManufacturersModelName": "DISCOVERY MR750",
    "NumberOfAverages": 1,
    "NumberOfEPIShots": 1,
    "NumberOfEchoes": 1,
    "NumberOfSlices": 146,
    "ParallelImagingReductionFactors": [
      0.5,
      0.5
    ],
    "PercentPhaseFieldOfView": 100,
    "PhaseEncodingDirection": "i",
    "PixelBandwidth": 122.07,
    "PixelSpacing": [
      0.4688,
      0.4688
    ],
    "ReceiveCoilName": "8HRBRAIN",
    "RepetitionTime": 6,
    "Rows": 512,
    "SATFatWaterBone": 0,
    "ScanOptions": [
      "EDR_GEMS",
      "FILTERED_GEMS",
      "ACC_GEMS"
    ],
    "ScanningSequence": [
      "SE",
      "IR"
    ],
    "SequenceVariant": "SK",
    "SeriesDate": "18740203",
    "SeriesDescription": "Sag CUBE T2 flair",
    "SeriesNumber": 11,
    "SeriesTime": "191242",
    "SliceThickness": 1.2,
    "SpacingBetweenSlices": 0.600002,
    "StudyTime": "175858",
    "modality": "T2w",
    "session_id": "1",
    "subject_id": "9092"
  },
  "cjv": 0.5916034514834484,
  "cnr": 0.9140435385801562,
  "efc": 0.6899677075059527,
  "fber": 90.79562377929688,
  "fwhm_avg": 5.24254481073173,
  "fwhm_x": 4.616499816556779,
  "fwhm_y": 5.663865087472485,
  "fwhm_z": 5.447269528165927,
  "icvs_csf": 0.4203313335302054,
  "icvs_gm": 0.45427573309812463,
  "icvs_wm": 0.12539293337166993,
  "inu_med": 1.144606590270996,
  "inu_range": 0.6753864020109178,
  "provenance": {
    "md5sum": "ed8180091150c7c20760ade39059faa5",
    "settings": {
      "testing": false
    },
    "software": "mriqc",
    "version": "0.9.6",
    "warnings": {
      "large_rot_frame": true,
      "small_air_mask": false
    }
  },
  "qi_1": 0.0,
  "qi_2": 0.0005314915490735781,
  "rpve_csf": 12.833529363401697,
  "rpve_gm": 11.473489918443432,
  "rpve_wm": 36.892630297461366,
  "size_x": 292,
  "size_y": 512,
  "size_z": 512,
  "snr_csf": 12.523547880206964,
  "snr_gm": 16.01400115454702,
  "snr_total": 9.946060866355685,
  "snr_wm": 1.300633564313072,
  "snrd_csf": 25.23379934893356,
  "snrd_gm": 18.586344686403237,
  "snrd_total": 18.223954999346045,
  "snrd_wm": 10.851720962701341,
  "spacing_x": 0.6000000238418579,
  "spacing_y": 0.46880000829696655,
  "spacing_z": 0.46880000829696655,
  "summary_bg_k": 5.21108226052805,
  "summary_bg_mad": 60.3289909362793,
  "summary_bg_mean": 147.4504852294922,
  "summary_bg_median": 135.6165771484375,
  "summary_bg_n": 14420877.0,
  "summary_bg_p05": 54.982252502441405,
  "summary_bg_p95": 281.9950073242186,
  "summary_bg_stdv": 74.02290344238281,
  "summary_csf_k": 0.1104996696521896,
  "summary_csf_mad": 182.9415740966797,
  "summary_csf_mean": 2341.544189453125,
  "summary_csf_median": 2323.68359375,
  "summary_csf_n": 1000836.0,
  "summary_csf_p05": 2067.4981689453125,
  "summary_csf_p95": 2677.3211669921875,
  "summary_csf_stdv": 185.54505920410156,
  "summary_gm_k": 0.05211939273669408,
  "summary_gm_mad": 106.44439697265625,
  "summary_gm_mean": 1714.7503662109375,
  "summary_gm_median": 1711.5450439453125,
  "summary_gm_n": 524256.0,
  "summary_gm_p05": 1545.0384826660156,
  "summary_gm_p95": 1895.8919982910156,
  "summary_gm_stdv": 106.87793731689453,
  "summary_wm_k": 8.85686278292885,
  "summary_wm_mad": 314.92620849609375,
  "summary_wm_mean": 1061.408935546875,
  "summary_wm_median": 999.2932739257812,
  "summary_wm_n": 130769.0,
  "summary_wm_p05": 271.01104125976565,
  "summary_wm_p95": 3198.605761718746,
  "summary_wm_stdv": 768.3097534179688,
  "tpm_overlap_csf": 0.10723131895065308,
  "tpm_overlap_gm": 0.3223096430301666,
  "tpm_overlap_wm": 0.11009469628334045,
  "wm2max": 0.21768729443311718
}