{
  "bids_meta": {
    "AcquisitionDuration": 238.55128,
    "Columns": 512,
    "EchoTime": 0.00281,
    "EchoTrainLength": 1,
    "EffectiveEchoSpacing": 0,
    "FieldOfView": [
      240.03,
      240.03,
      180
    ],
    "FlipAngle": 11,
    "GEImageTypeRIMPCode": 0,
    "ImageType": "ORIGINAL/PRIMARY/OTHER",
    "ImagingFrequency": 127.765035,
    "InplanePhaseEncodingDirection": "ROW",
    "InversionTime": 0.45,
    "MRAcquisitionType": "3D",
    "MagneticFieldStrength": 3,
    "Manufacturer": "GE MEDICAL SYSTEMS",
    "ManufacturersModelName": "DISCOVERY MR750",
    "NumberOfAverages": 1,
    "NumberOfEPIShots": 0,
    "NumberOfEchoes": 1,
    "NumberOfSlices": 180,
    "ParallelImagingReductionFactors": [
      0.571429,
      1
    ],
    "PercentPhaseFieldOfView": 100,
    "PhaseEncodingDirection": "i",
    "PixelBandwidth": 122.07,
    "PixelSpacing": [
      0.4688,
      0.4688
    ],
    "ReceiveCoilName": "8HRBRAIN",
    "RepetitionTime": 0.0064,
    "Rows": 512,
    "SATFatWaterBone": 0,
    "ScanOptions": [
      "FAST_GEMS",
      "EDR_GEMS",
      "FILTERED_GEMS",
      "ACC_GEMS"
    ],
    "ScanningSequence": "GR",
    "SequenceVariant": [
      "SS",
      "SK"
    ],
    "SeriesDate": "18740411",
    "SeriesDescription": "Sag3D_T1_1mm3",
    "SeriesNumber": 2,
    "SeriesTime": "175032",
    "SliceThickness": 1,
    "SpacingBetweenSlices": 1,
    "StudyTime": "174900",
    "modality": "T1w",
    "session_id": "1",
    "subject_id": "9008"
  },
  "cjv": 0.44607231738701525,
  "cnr": 3.080419429124136,
  "efc": 0.6522890081118103,
  "fber": 158.37550354003906,
  "fwhm_avg": 5.830080532913574,
  "fwhm_x": 3.68877,
  "fwhm_y": 7.057572400690184,
  "fwhm_z": 6.743899198050542,
  "icvs_csf": 0.20913910547022796,
  "icvs_gm": 0.4128575762365441,
  "icvs_wm": 0.3780033182932279,
  "inu_med": 1.2654677629470825,
  "inu_range": 0.4869551658630371,
  "provenance": {
    "md5sum": "b023b9e89fc72dcc0d6ebaec6d41697c",
    "mriqc_pred": 0,
    "settings": {
      "testing": false
    },
    "software": "mriqc",
    "version": "0.9.6",
    "warnings": {
      "large_rot_frame": true,
      "small_air_mask": false
    }
  },
  "qi_1": 2.1253504870744013e-06,
  "qi_2": 0.00037730534496767073,
  "rpve_csf": 23.410077519767565,
  "rpve_gm": 12.155482042330831,
  "rpve_wm": 15.488946365792625,
  "size_x": 180,
  "size_y": 512,
  "size_z": 512,
  "snr_csf": 3.8658436800201263,
  "snr_gm": 13.458830594553781,
  "snr_total": 11.323567435876464,
  "snr_wm": 16.646028033055487,
  "snrd_csf": 14.107816337134475,
  "snrd_gm": 31.67215337977026,
  "snrd_total": 29.465742209946654,
  "snrd_wm": 42.617256912935225,
  "spacing_x": 1.0,
  "spacing_y": 0.46880000829696655,
  "spacing_z": 0.46880000829696655,
  "summary_bg_k": 2.1851858912481736,
  "summary_bg_mad": 15.372759819030762,
  "summary_bg_mean": 54.251407623291016,
  "summary_bg_median": 52.503814697265625,
  "summary_bg_n": 8331754.0,
  "summary_bg_p05": 30.119434356689453,
  "summary_bg_p95": 84.44536361694335,
  "summary_bg_stdv": 17.118305206298828,
  "summary_csf_k": 0.40501582221157584,
  "summary_csf_mad": 75.14740753173828,
  "summary_csf_mean": 344.30133056640625,
  "summary_csf_median": 331.0395812988281,
  "summary_csf_n": 182109.0,
  "summary_csf_p05": 224.26700439453126,
  "summary_csf_p95": 509.4449768066407,
  "summary_csf_stdv": 85.63167572021484,
  "summary_gm_k": 0.10188479997152244,
  "summary_gm_mad": 54.27505874633789,
  "summary_gm_mean": 745.4443359375,
  "summary_gm_median": 743.1863403320312,
  "summary_gm_n": 204731.0,
  "summary_gm_p05": 658.2662048339844,
  "summary_gm_p95": 840.1926879882812,
  "summary_gm_stdv": 55.21910095214844,
  "summary_wm_k": 0.0864925497433453,
  "summary_wm_mad": 60.288177490234375,
  "summary_wm_mean": 1001.2134399414062,
  "summary_wm_median": 1000.012939453125,
  "summary_wm_n": 1128215.0,
  "summary_wm_p05": 904.7491455078125,
  "summary_wm_p95": 1101.4868408203124,
  "summary_wm_stdv": 60.07514190673828,
  "tpm_overlap_csf": 0.2070656418800354,
  "tpm_overlap_gm": 0.466522753238678,
  "tpm_overlap_wm": 0.5321555137634277,
  "wm2max": 0.3879408193871669
}