{
  "aor": 0.0014941525423728813,
  "aqi": 0.01970298559322034,
  "bids_meta": {
    "AcquisitionDuration": 723.000256,
    "Columns": 128,
    "EchoTime": 0.034,
    "EchoTrainLength": 1,
    "EffectiveEchoSpacing": 0.00056,
    "FieldOfView": [
      220.01,
      220.01,
      110.4
    ],
    "FlipAngle": 80,
    "GEImageTypeRIMPCode": 0,
    "ImageType": "ORIGINAL/PRIMARY/EPI/NONE",
    "ImagingFrequency": 127.765112,
    "InplanePhaseEncodingDirection": "COL",
    "InversionTime": 0,
    "MRAcquisitionType": "2D",
    "MagneticFieldStrength": 3,
    "Manufacturer": "GE MEDICAL SYSTEMS",
    "ManufacturersModelName": "DISCOVERY MR750",
    "NumberOfAverages": 1,
    "NumberOfEPIShots": 1,
    "NumberOfEchoes": 1,
    "NumberOfSlices": 46,
    "ParallelImagingReductionFactors": [
      0.5,
      1
    ],
    "PercentPhaseFieldOfView": 100,
    "PhaseEncodingDirection": "j",
    "PixelBandwidth": 3906.25,
    "PixelSpacing": [
      1.7188,
      1.7188
    ],
    "ReceiveCoilName": "8HRBRAIN",
    "RepetitionTime": 3,
    "Rows": 128,
    "SATFatWaterBone": 1,
    "ScanOptions": [
      "SAT_GEMS",
      "EPI_GEMS",
      "ACC_GEMS",
      "FS"
    ],
    "ScanningSequence": [
      "EP",
      "GR"
    ],
    "SequenceVariant": "SS",
    "SeriesDate": "18740409",
    "SeriesDescription": "fMRI-hands",
    "SeriesNumber": 7,
    "SeriesTime": "182515",
    "SliceThickness": 2.3,
    "SliceTiming": [
      0,
      1.5,
      0.06522,
      1.56522,
      0.13043,
      1.63043,
      0.19565,
      1.69565,
      0.26087,
      1.76087,
      0.32609,
      1.82609,
      0.3913,
      1.8913,
      0.45652,
      1.95652,
      0.52174,
      2.02174,
      0.58696,
      2.08696,
      0.65217,
      2.15217,
      0.71739,
      2.21739,
      0.78261,
      2.28261,
      0.84783,
      2.34783,
      0.91304,
      2.41304,
      0.97826,
      2.47826,
      1.04348,
      2.54348,
      1.1087,
      2.6087,
      1.17391,
      2.67391,
      1.23913,
      2.73913,
      1.30435,
      2.80435,
      1.36957,
      2.86957,
      1.43478,
      2.93478
    ],
    "SliceTimingComputationMethod": "SliceNumber*RepetitionTime/NumberOfSlices (interleaved ascending, odd first)",
    "SpacingBetweenSlices": 2.4,
    "StudyTime": "175142",
    "TaskDescription": "In an event-related design, participants were shown pictures of hands being stung by needles or poked with Q-tips. The stimulus set was kindly shared by Claus Lamm, and has been shown to be effective in previous work by him. After each picture, participants were asked to rate their perceived unpleasantness on a visual analog scale of 0-100.",
    "TaskInstructions": "",
    "TaskName": "Hands",
    "dummyScans": 5,
    "modality": "bold",
    "session_id": "1",
    "subject_id": "9089",
    "task_id": "hands"
  },
  "dummy_trs": 0,
  "dvars_nstd": 51.098580250851064,
  "dvars_std": 1.034014013404256,
  "dvars_vstd": 0.9965850673617026,
  "efc": 0.5259739704788146,
  "fber": 3395.475341796875,
  "fd_mean": 0.3790659559443865,
  "fd_num": 181,
  "fd_perc": 76.69491525423729,
  "fwhm_avg": 2.9629580617179703,
  "fwhm_x": 2.9881546156127974,
  "fwhm_y": 3.475250278279627,
  "fwhm_z": 2.425469291261488,
  "gcor": 0.0251944,
  "gsr_x": -0.007557527627795935,
  "gsr_y": 0.031025435775518417,
  "provenance": {
    "md5sum": "9bc4c73dbd994f72719a598e0cd47a1b",
    "settings": {
      "fd_thres": 0.2,
      "hmc_fsl": false
    },
    "software": "mriqc",
    "version": "0.9.6"
  },
  "size_t": 236,
  "size_x": 128,
  "size_y": 128,
  "size_z": 46,
  "snr": 3.3331614251732904,
  "spacing_tr": 3.0,
  "spacing_x": 1.7187999486923218,
  "spacing_y": 1.7187999486923218,
  "spacing_z": 2.4000015258789062,
  "summary_bg_k": 119.30014293098783,
  "summary_bg_mad": 87.44840240478516,
  "summary_bg_mean": 148.7034454345703,
  "summary_bg_median": 60.47881317138672,
  "summary_bg_n": 454414.0,
  "summary_bg_p05": 0.2330508530139923,
  "summary_bg_p95": 564.0269256591796,
  "summary_bg_stdv": 326.131591796875,
  "summary_fg_k": 2.3236615028153214,
  "summary_fg_mad": 811.1908569335938,
  "summary_fg_mean": 3646.329345703125,
  "summary_fg_median": 3530.101806640625,
  "summary_fg_n": 200427.0,
  "summary_fg_p05": 2173.7601806640623,
  "summary_fg_p95": 5579.336962890625,
  "summary_fg_stdv": 1059.08251953125,
  "tsnr": 26.800607681274414
}