{
  "bids_meta": {
    "AcquisitionDuration": 238.444688,
    "Columns": 512,
    "EchoTime": 0.00281,
    "EchoTrainLength": 1,
    "EffectiveEchoSpacing": 0,
    "FieldOfView": [
      240.03,
      240.03,
      180
    ],
    "FlipAngle": 11,
    "GEImageTypeRIMPCode": 0,
    "ImageType": "ORIGINAL/PRIMARY/OTHER",
    "ImagingFrequency": 127.765145,
    "InplanePhaseEncodingDirection": "ROW",
    "InversionTime": 0.45,
    "MRAcquisitionType": "3D",
    "MagneticFieldStrength": 3,
    "Manufacturer": "GE MEDICAL SYSTEMS",
    "ManufacturersModelName": "DISCOVERY MR750",
    "NumberOfAverages": 1,
    "NumberOfEPIShots": 0,
    "NumberOfEchoes": 1,
    "NumberOfSlices": 180,
    "ParallelImagingReductionFactors": [
      0.571429,
      1
    ],
    "PercentPhaseFieldOfView": 100,
    "PhaseEncodingDirection": "i",
    "PixelBandwidth": 122.07,
    "PixelSpacing": [
      0.4688,
      0.4688
    ],
    "ReceiveCoilName": "8HRBRAIN",
    "RepetitionTime": 0.0064,
    "Rows": 512,
    "SATFatWaterBone": 0,
    "ScanOptions": [
      "FAST_GEMS",
      "EDR_GEMS",
      "FILTERED_GEMS",
      "ACC_GEMS"
    ],
    "ScanningSequence": "GR",
    "SequenceVariant": [
      "SS",
      "SK"
    ],
    "SeriesDate": "18730312",
    "SeriesDescription": "Sag3D_T1_1mm3",
    "SeriesNumber": 2,
    "SeriesTime": "180225",
    "SliceThickness": 1,
    "SpacingBetweenSlices": 1,
    "StudyTime": "180039",
    "modality": "T1w",
    "session_id": "1",
    "subject_id": "9022"
  },
  "cjv": 0.38916998992860174,
  "cnr": 3.4412560348964005,
  "efc": 0.6308844449543343,
  "fber": 132.63198852539062,
  "fwhm_avg": 5.939536355694355,
  "fwhm_x": 3.67471,
  "fwhm_y": 7.305823249538884,
  "fwhm_z": 6.838075817544185,
  "icvs_csf": 0.20015959742498549,
  "icvs_gm": 0.44296662588904123,
  "icvs_wm": 0.35687377668597325,
  "inu_med": 1.4060921669006348,
  "inu_range": 0.5018131017684935,
  "provenance": {
    "md5sum": "017ed5b6b3cf0fc60d130564531122a1",
    "mriqc_pred": 0,
    "settings": {
      "testing": false
    },
    "software": "mriqc",
    "version": "0.9.6",
    "warnings": {
      "large_rot_frame": true,
      "small_air_mask": false
    }
  },
  "qi_1": 4.114015370314895e-05,
  "qi_2": 0.0003392331993356919,
  "rpve_csf": 29.056696034012784,
  "rpve_gm": 14.290413638037464,
  "rpve_wm": 20.127197403075925,
  "size_x": 180,
  "size_y": 512,
  "size_z": 512,
  "snr_csf": 3.9627112736926606,
  "snr_gm": 12.999540471287474,
  "snr_total": 11.308936504425333,
  "snr_wm": 16.96455776829586,
  "snrd_csf": 14.723128083464573,
  "snrd_gm": 29.083788875750574,
  "snrd_total": 28.16714077112077,
  "snrd_wm": 40.69450535414716,
  "spacing_x": 1.0,
  "spacing_y": 0.46880000829696655,
  "spacing_z": 0.46880000829696655,
  "summary_bg_k": 11.511358327348823,
  "summary_bg_mad": 16.09902000427246,
  "summary_bg_mean": 57.81240463256836,
  "summary_bg_median": 55.306541442871094,
  "summary_bg_n": 9609555.0,
  "summary_bg_p05": 32.47695350646973,
  "summary_bg_p95": 91.25447082519531,
  "summary_bg_stdv": 19.41223907470703,
  "summary_csf_k": -0.18743111163409543,
  "summary_csf_mad": 94.10834503173828,
  "summary_csf_mean": 367.18450927734375,
  "summary_csf_median": 361.79937744140625,
  "summary_csf_n": 107710.0,
  "summary_csf_p05": 224.23186416625975,
  "summary_csf_p95": 521.6898773193359,
  "summary_csf_stdv": 91.30054473876953,
  "summary_gm_k": 0.23734288939052695,
  "summary_gm_mad": 53.467201232910156,
  "summary_gm_mean": 716.6165161132812,
  "summary_gm_median": 714.691650390625,
  "summary_gm_n": 202408.0,
  "summary_gm_p05": 629.3965576171875,
  "summary_gm_p95": 809.7079803466796,
  "summary_gm_stdv": 54.97808837890625,
  "summary_wm_k": 0.1599584720989058,
  "summary_wm_mad": 57.56938171386719,
  "summary_wm_mean": 1000.3637084960938,
  "summary_wm_median": 1000.008056640625,
  "summary_wm_n": 894941.0,
  "summary_wm_p05": 903.4822998046875,
  "summary_wm_p95": 1097.8287353515625,
  "summary_wm_stdv": 58.94686508178711,
  "tpm_overlap_csf": 0.2073652148246765,
  "tpm_overlap_gm": 0.4984697103500366,
  "tpm_overlap_wm": 0.5370402932167053,
  "wm2max": 0.3879367078366766
}