{
  "bids_meta": {
    "AcquisitionDuration": 393.10624,
    "Columns": 512,
    "EchoTime": 0.12743,
    "EchoTrainLength": 140,
    "EffectiveEchoSpacing": 0,
    "FieldOfView": [
      240.03,
      240.03,
      87.6
    ],
    "FlipAngle": 90,
    "GEImageTypeRIMPCode": 0,
    "ImageType": "ORIGINAL/PRIMARY/OTHER",
    "ImagingFrequency": 127.7652,
    "InplanePhaseEncodingDirection": "ROW",
    "InversionTime": 1.861,
    "MRAcquisitionType": "3D",
    "MagneticFieldStrength": 3,
    "Manufacturer": "GE MEDICAL SYSTEMS",
    "ManufacturersModelName": "DISCOVERY MR750",
    "NumberOfAverages": 1,
    "NumberOfEPIShots": 1,
    "NumberOfEchoes": 1,
    "NumberOfSlices": 146,
    "ParallelImagingReductionFactors": [
      0.5,
      0.5
    ],
    "PercentPhaseFieldOfView": 100,
    "PhaseEncodingDirection": "i",
    "PixelBandwidth": 122.07,
    "PixelSpacing": [
      0.4688,
      0.4688
    ],
    "ReceiveCoilName": "8HRBRAIN",
    "RepetitionTime": 6,
    "Rows": 512,
    "SATFatWaterBone": 0,
    "ScanOptions": [
      "EDR_GEMS",
      "FILTERED_GEMS",
      "ACC_GEMS"
    ],
    "ScanningSequence": [
      "SE",
      "IR"
    ],
    "SequenceVariant": "SK",
    "SeriesDate": "18730407",
    "SeriesDescription": "Sag CUBE T2 flair",
    "SeriesNumber": 11,
    "SeriesTime": "195401",
    "SliceThickness": 1.2,
    "SpacingBetweenSlices": 0.600002,
    "StudyTime": "184240",
    "modality": "T2w",
    "session_id": "2",
    "subject_id": "9013"
  },
  "cjv": 0.6359475340611698,
  "cnr": 1.2618144861687826,
  "efc": 0.6404170340452676,
  "fber": 391.36767578125,
  "fwhm_avg": 5.789623201626701,
  "fwhm_x": 5.012833134141241,
  "fwhm_y": 6.547760123023577,
  "fwhm_z": 5.808276347715284,
  "icvs_csf": 0.44715495851780246,
  "icvs_gm": 0.4127266071464375,
  "icvs_wm": 0.14011843433576004,
  "inu_med": 1.1194849014282227,
  "inu_range": 0.7631144851446151,
  "provenance": {
    "md5sum": "6996e0e96b8175a8cf17f65f5833ffde",
    "settings": {
      "testing": false
    },
    "software": "mriqc",
    "version": "0.9.6",
    "warnings": {
      "large_rot_frame": true,
      "small_air_mask": false
    }
  },
  "qi_1": 8.597092735478131e-07,
  "qi_2": 0.000903391321212518,
  "rpve_csf": 10.924420159624711,
  "rpve_gm": 10.863133183973613,
  "rpve_wm": 29.43563875548923,
  "size_x": 292,
  "size_y": 512,
  "size_z": 512,
  "snr_csf": 16.199664129459507,
  "snr_gm": 15.360812752839877,
  "snr_total": 11.518751776165743,
  "snr_wm": 2.995778446197847,
  "snrd_csf": 63.56277680458858,
  "snrd_gm": 54.7916853634556,
  "snrd_total": 52.15040082533712,
  "snrd_wm": 38.096740307967174,
  "spacing_x": 0.6000000238418579,
  "spacing_y": 0.46880000829696655,
  "spacing_z": 0.46880000829696655,
  "summary_bg_k": 4.397320102829254,
  "summary_bg_mad": 17.1919002532959,
  "summary_bg_mean": 49.40892791748047,
  "summary_bg_median": 46.111053466796875,
  "summary_bg_n": 13146475.0,
  "summary_bg_p05": 23.01802959442139,
  "summary_bg_p95": 86.89772720336912,
  "summary_bg_stdv": 20.61244773864746,
  "summary_csf_k": 0.7933910718565982,
  "summary_csf_mad": 97.81320190429688,
  "summary_csf_mean": 1676.0592041015625,
  "summary_csf_median": 1667.99609375,
  "summary_csf_n": 1441311.0,
  "summary_csf_p05": 1522.3590087890625,
  "summary_csf_p95": 1856.6441650390625,
  "summary_csf_stdv": 102.9648208618164,
  "summary_gm_k": 0.0021192721503253686,
  "summary_gm_mad": 93.1413345336914,
  "summary_gm_mean": 1440.4610595703125,
  "summary_gm_median": 1437.82763671875,
  "summary_gm_n": 594825.0,
  "summary_gm_p05": 1290.82412109375,
  "summary_gm_p95": 1599.8236083984373,
  "summary_gm_stdv": 93.6035385131836,
  "summary_wm_k": 18.292013833067735,
  "summary_wm_mad": 185.46978759765625,
  "summary_wm_mean": 950.9562377929688,
  "summary_wm_median": 999.7236938476562,
  "summary_wm_n": 225174.0,
  "summary_wm_p05": 359.8777587890625,
  "summary_wm_p95": 1233.3781738281248,
  "summary_wm_stdv": 333.7100830078125,
  "tpm_overlap_csf": 0.09998583048582077,
  "tpm_overlap_gm": 0.300925076007843,
  "tpm_overlap_wm": 0.12704086303710938,
  "wm2max": 0.2926052775126625
}