{
  "bids_meta": {
    "AcquisitionDuration": 238.55128,
    "Columns": 512,
    "EchoTime": 0.00281,
    "EchoTrainLength": 1,
    "EffectiveEchoSpacing": 0,
    "FieldOfView": [
      240.03,
      240.03,
      180
    ],
    "FlipAngle": 11,
    "GEImageTypeRIMPCode": 0,
    "ImageType": "ORIGINAL/PRIMARY/OTHER",
    "ImagingFrequency": 127.76507,
    "InplanePhaseEncodingDirection": "ROW",
    "InversionTime": 0.45,
    "MRAcquisitionType": "3D",
    "MagneticFieldStrength": 3,
    "Manufacturer": "GE MEDICAL SYSTEMS",
    "ManufacturersModelName": "DISCOVERY MR750",
    "NumberOfAverages": 1,
    "NumberOfEPIShots": 0,
    "NumberOfEchoes": 1,
    "NumberOfSlices": 180,
    "ParallelImagingReductionFactors": [
      0.571429,
      1
    ],
    "PercentPhaseFieldOfView": 100,
    "PhaseEncodingDirection": "i",
    "PixelBandwidth": 122.07,
    "PixelSpacing": [
      0.4688,
      0.4688
    ],
    "ReceiveCoilName": "8HRBRAIN",
    "RepetitionTime": 0.0064,
    "Rows": 512,
    "SATFatWaterBone": 0,
    "ScanOptions": [
      "FAST_GEMS",
      "EDR_GEMS",
      "FILTERED_GEMS",
      "ACC_GEMS"
    ],
    "ScanningSequence": "GR",
    "SequenceVariant": [
      "SS",
      "SK"
    ],
    "SeriesDate": "18740706",
    "SeriesDescription": "Sag3D_T1_1mm3",
    "SeriesNumber": 2,
    "SeriesTime": "180332",
    "SliceThickness": 1,
    "SpacingBetweenSlices": 1,
    "StudyTime": "180136",
    "modality": "T1w",
    "session_id": "2",
    "subject_id": "9029"
  },
  "cjv": 0.4014657083724433,
  "cnr": 3.3682955721841066,
  "efc": 0.638589619547551,
  "fber": 116.24163055419922,
  "fwhm_avg": 6.202188786848429,
  "fwhm_x": 3.88114,
  "fwhm_y": 7.583340309473718,
  "fwhm_z": 7.142086051071567,
  "icvs_csf": 0.20217106954748562,
  "icvs_gm": 0.4126441837214606,
  "icvs_wm": 0.3851847467310538,
  "inu_med": 1.3155192136764526,
  "inu_range": 0.5429692268371582,
  "provenance": {
    "md5sum": "db8b3ab667275f88028cca28d7001edc",
    "mriqc_pred": 0,
    "settings": {
      "testing": false
    },
    "software": "mriqc",
    "version": "0.9.6",
    "warnings": {
      "large_rot_frame": true,
      "small_air_mask": false
    }
  },
  "qi_1": 0.0,
  "qi_2": 0.00023769747383781806,
  "rpve_csf": 29.293443190611377,
  "rpve_gm": 14.973148349217839,
  "rpve_wm": 18.90165100094579,
  "size_x": 180,
  "size_y": 512,
  "size_z": 512,
  "snr_csf": 3.7941820676674998,
  "snr_gm": 13.047903198600913,
  "snr_total": 11.229326472742917,
  "snr_wm": 16.845894151960337,
  "snrd_csf": 12.304546600457446,
  "snrd_gm": 27.243090251724738,
  "snrd_total": 25.82013622204627,
  "snrd_wm": 37.912771813956624,
  "spacing_x": 1.0,
  "spacing_y": 0.46880000829696655,
  "spacing_z": 0.46880000829696655,
  "summary_bg_k": 15.577405649060236,
  "summary_bg_mad": 17.28022575378418,
  "summary_bg_mean": 59.682796478271484,
  "summary_bg_median": 56.9871826171875,
  "summary_bg_n": 8276496.0,
  "summary_bg_p05": 32.67209434509277,
  "summary_bg_p95": 95.48163032531738,
  "summary_bg_stdv": 20.596384048461914,
  "summary_csf_k": 0.21840260155723978,
  "summary_csf_mad": 79.62905883789062,
  "summary_csf_mean": 336.3044738769531,
  "summary_csf_median": 324.55126953125,
  "summary_csf_n": 107777.0,
  "summary_csf_p05": 213.67726135253906,
  "summary_csf_p95": 495.3839477539062,
  "summary_csf_stdv": 85.5387954711914,
  "summary_gm_k": 0.06753739855552254,
  "summary_gm_mad": 54.40953063964844,
  "summary_gm_mean": 718.6317138671875,
  "summary_gm_median": 718.5782470703125,
  "summary_gm_n": 149807.0,
  "summary_gm_p05": 627.9179016113281,
  "summary_gm_p95": 809.3994750976561,
  "summary_gm_stdv": 55.0721321105957,
  "summary_wm_k": 0.23205456191620888,
  "summary_wm_mad": 58.574642181396484,
  "summary_wm_mean": 1002.8145751953125,
  "summary_wm_median": 1000.0074462890625,
  "summary_wm_n": 957979.0,
  "summary_wm_p05": 910.3889465332031,
  "summary_wm_p95": 1104.2434692382812,
  "summary_wm_stdv": 59.362056732177734,
  "tpm_overlap_csf": 0.21166226267814636,
  "tpm_overlap_gm": 0.467670738697052,
  "tpm_overlap_wm": 0.5458561778068542,
  "wm2max": 0.37088372718104057
}