{
  "bids_meta": {
    "AcquisitionDuration": 238.55128,
    "Columns": 512,
    "EchoTime": 0.00281,
    "EchoTrainLength": 1,
    "EffectiveEchoSpacing": 0,
    "FieldOfView": [
      240.03,
      240.03,
      180
    ],
    "FlipAngle": 11,
    "GEImageTypeRIMPCode": 0,
    "ImageType": "ORIGINAL/PRIMARY/OTHER",
    "ImagingFrequency": 127.765049,
    "InplanePhaseEncodingDirection": "ROW",
    "InversionTime": 0.45,
    "MRAcquisitionType": "3D",
    "MagneticFieldStrength": 3,
    "Manufacturer": "GE MEDICAL SYSTEMS",
    "ManufacturersModelName": "DISCOVERY MR750",
    "NumberOfAverages": 1,
    "NumberOfEPIShots": 0,
    "NumberOfEchoes": 1,
    "NumberOfSlices": 180,
    "ParallelImagingReductionFactors": [
      0.571429,
      1
    ],
    "PercentPhaseFieldOfView": 100,
    "PhaseEncodingDirection": "i",
    "PixelBandwidth": 122.07,
    "PixelSpacing": [
      0.4688,
      0.4688
    ],
    "ReceiveCoilName": "8HRBRAIN",
    "RepetitionTime": 0.0064,
    "Rows": 512,
    "SATFatWaterBone": 0,
    "ScanOptions": [
      "FAST_GEMS",
      "EDR_GEMS",
      "FILTERED_GEMS",
      "ACC_GEMS"
    ],
    "ScanningSequence": "GR",
    "SequenceVariant": [
      "SS",
      "SK"
    ],
    "SeriesDate": "18740508",
    "SeriesDescription": "Sag3D_T1_1mm3",
    "SeriesNumber": 2,
    "SeriesTime": "182712",
    "SliceThickness": 1,
    "SpacingBetweenSlices": 1,
    "StudyTime": "182525",
    "modality": "T1w",
    "session_id": "1",
    "subject_id": "9004"
  },
  "cjv": 0.41529252945780826,
  "cnr": 3.287873587969966,
  "efc": 0.6465959914513001,
  "fber": 179.3659210205078,
  "fwhm_avg": 6.114914214959927,
  "fwhm_x": 3.87194,
  "fwhm_y": 7.451194407375617,
  "fwhm_z": 7.021608237504162,
  "icvs_csf": 0.21638895784257065,
  "icvs_gm": 0.39946275646486107,
  "icvs_wm": 0.38414828569256826,
  "inu_med": 1.2578448057174683,
  "inu_range": 0.5523549497127531,
  "provenance": {
    "md5sum": "6ed3b1e6e890b9dfa7f21828e41b1455",
    "mriqc_pred": 0,
    "settings": {
      "testing": false
    },
    "software": "mriqc",
    "version": "0.9.6",
    "warnings": {
      "large_rot_frame": true,
      "small_air_mask": false
    }
  },
  "qi_1": 5.948824231275162e-05,
  "qi_2": 0.00036727557610722266,
  "rpve_csf": 24.10595321444751,
  "rpve_gm": 13.101556291698978,
  "rpve_wm": 16.138735100047892,
  "size_x": 180,
  "size_y": 512,
  "size_z": 512,
  "snr_csf": 4.023871227136657,
  "snr_gm": 13.914093436571559,
  "snr_total": 12.319629141726317,
  "snr_wm": 19.020922761470736,
  "snrd_csf": 15.113991138118633,
  "snrd_gm": 35.02639765442513,
  "snrd_total": 32.337399217359525,
  "snrd_wm": 46.871808859534816,
  "spacing_x": 1.0,
  "spacing_y": 0.46880000829696655,
  "spacing_z": 0.46880000829696655,
  "summary_bg_k": 14.00720506367579,
  "summary_bg_mad": 13.977294921875,
  "summary_bg_mean": 50.702327728271484,
  "summary_bg_median": 48.92802810668945,
  "summary_bg_n": 7354900.0,
  "summary_bg_p05": 28.783756923675536,
  "summary_bg_p95": 78.48094253540039,
  "summary_bg_stdv": 16.115236282348633,
  "summary_csf_k": 0.7892097951434596,
  "summary_csf_mad": 67.48052978515625,
  "summary_csf_mean": 335.4129638671875,
  "summary_csf_median": 322.4560852050781,
  "summary_csf_n": 203585.0,
  "summary_csf_p05": 225.519677734375,
  "summary_csf_p95": 493.7607055664062,
  "summary_csf_stdv": 80.13558959960938,
  "summary_gm_k": 0.12001901205959653,
  "summary_gm_mad": 52.79209518432617,
  "summary_gm_mean": 748.68505859375,
  "summary_gm_median": 747.2860717773438,
  "summary_gm_n": 160839.0,
  "summary_gm_p05": 662.7543823242187,
  "summary_gm_p95": 839.0247680664063,
  "summary_gm_stdv": 53.706966400146484,
  "summary_wm_k": 0.034463735353679414,
  "summary_wm_mad": 52.161102294921875,
  "summary_wm_mean": 1000.664794921875,
  "summary_wm_median": 1000.0072021484375,
  "summary_wm_n": 1090911.0,
  "summary_wm_p05": 914.9566650390625,
  "summary_wm_p95": 1088.3325805664062,
  "summary_wm_stdv": 52.574039459228516,
  "tpm_overlap_csf": 0.20305337011814117,
  "tpm_overlap_gm": 0.45046043395996094,
  "tpm_overlap_wm": 0.5148407816886902,
  "wm2max": 0.4140961332421389
}