{
  "aor": 0.001044475138121547,
  "aqi": 0.007949384254143646,
  "bids_meta": {
    "AcquisitionDuration": 723.000256,
    "Columns": 128,
    "EchoTime": 0.034,
    "EchoTrainLength": 1,
    "EffectiveEchoSpacing": 0.00056,
    "FieldOfView": [
      220.01,
      220.01,
      110.4
    ],
    "FlipAngle": 80,
    "GEImageTypeRIMPCode": 0,
    "ImageType": "ORIGINAL/PRIMARY/EPI/NONE",
    "ImagingFrequency": 127.76516,
    "InplanePhaseEncodingDirection": "COL",
    "InversionTime": 0,
    "MRAcquisitionType": "2D",
    "MagneticFieldStrength": 3,
    "Manufacturer": "GE MEDICAL SYSTEMS",
    "ManufacturersModelName": "DISCOVERY MR750",
    "NumberOfAverages": 1,
    "NumberOfEPIShots": 1,
    "NumberOfEchoes": 1,
    "NumberOfSlices": 46,
    "ParallelImagingReductionFactors": [
      0.5,
      1
    ],
    "PercentPhaseFieldOfView": 100,
    "PhaseEncodingDirection": "j",
    "PixelBandwidth": 3906.25,
    "PixelSpacing": [
      1.7188,
      1.7188
    ],
    "ReceiveCoilName": "8HRBRAIN",
    "RepetitionTime": 3,
    "Rows": 128,
    "SATFatWaterBone": 1,
    "ScanOptions": [
      "SAT_GEMS",
      "EPI_GEMS",
      "ACC_GEMS",
      "FS"
    ],
    "ScanningSequence": [
      "EP",
      "GR"
    ],
    "SequenceVariant": "SS",
    "SeriesDate": "18740506",
    "SeriesDescription": "fMRI-hands",
    "SeriesNumber": 7,
    "SeriesTime": "202841",
    "SliceThickness": 2.3,
    "SliceTiming": [
      0,
      1.5,
      0.06522,
      1.56522,
      0.13043,
      1.63043,
      0.19565,
      1.69565,
      0.26087,
      1.76087,
      0.32609,
      1.82609,
      0.3913,
      1.8913,
      0.45652,
      1.95652,
      0.52174,
      2.02174,
      0.58696,
      2.08696,
      0.65217,
      2.15217,
      0.71739,
      2.21739,
      0.78261,
      2.28261,
      0.84783,
      2.34783,
      0.91304,
      2.41304,
      0.97826,
      2.47826,
      1.04348,
      2.54348,
      1.1087,
      2.6087,
      1.17391,
      2.67391,
      1.23913,
      2.73913,
      1.30435,
      2.80435,
      1.36957,
      2.86957,
      1.43478,
      2.93478
    ],
    "SliceTimingComputationMethod": "SliceNumber*RepetitionTime/NumberOfSlices (interleaved ascending, odd first)",
    "SpacingBetweenSlices": 2.4,
    "StudyTime": "195805",
    "TaskDescription": "In an event-related design, participants were shown pictures of hands being stung by needles or poked with Q-tips. The stimulus set was kindly shared by Claus Lamm, and has been shown to be effective in previous work by him. After each picture, participants were asked to rate their perceived unpleasantness on a visual analog scale of 0-100.",
    "TaskInstructions": "",
    "TaskName": "Hands",
    "dummyScans": 5,
    "modality": "bold",
    "session_id": "2",
    "subject_id": "9045",
    "task_id": "hands"
  },
  "dummy_trs": 0,
  "dvars_nstd": 35.852751636222216,
  "dvars_std": 1.0905259899999995,
  "dvars_vstd": 1.0066750913333333,
  "efc": 0.44498064914740637,
  "fber": 11864.775390625,
  "fd_mean": 0.12119538704453661,
  "fd_num": 20,
  "fd_perc": 11.049723756906078,
  "fwhm_avg": 2.853886181077298,
  "fwhm_x": 3.01346878904706,
  "fwhm_y": 3.369275176209964,
  "fwhm_z": 2.178914577974871,
  "gcor": 0.00470081,
  "gsr_x": -0.013624006882309914,
  "gsr_y": 0.02417217753827572,
  "provenance": {
    "md5sum": "f250f3f2a531d13cc0308966bffd312e",
    "settings": {
      "fd_thres": 0.2,
      "hmc_fsl": false
    },
    "software": "mriqc",
    "version": "0.9.6"
  },
  "size_t": 181,
  "size_x": 128,
  "size_y": 128,
  "size_z": 46,
  "snr": 3.4171080140445467,
  "spacing_tr": 3.0,
  "spacing_x": 1.7187999486923218,
  "spacing_y": 1.7187999486923218,
  "spacing_z": 2.3999977111816406,
  "summary_bg_k": 284.81080892801026,
  "summary_bg_mad": 50.11360168457031,
  "summary_bg_mean": 93.38159942626953,
  "summary_bg_median": 33.861881256103516,
  "summary_bg_n": 509027.0,
  "summary_bg_p05": 0.0,
  "summary_bg_p95": 341.0884094238281,
  "summary_bg_stdv": 243.68597412109375,
  "summary_fg_k": 1.523364215112382,
  "summary_fg_mad": 835.1190185546875,
  "summary_fg_mean": 3739.68408203125,
  "summary_fg_median": 3608.859375,
  "summary_fg_n": 149650.0,
  "summary_fg_p05": 2297.64482421875,
  "summary_fg_p95": 5798.654321289062,
  "summary_fg_stdv": 1056.111572265625,
  "tsnr": 42.8659553527832
}