{
  "bids_meta": {
    "AcquisitionDuration": 238.55128,
    "Columns": 512,
    "EchoTime": 0.00281,
    "EchoTrainLength": 1,
    "EffectiveEchoSpacing": 0,
    "FieldOfView": [
      240.03,
      240.03,
      180
    ],
    "FlipAngle": 11,
    "GEImageTypeRIMPCode": 0,
    "ImageType": "ORIGINAL/PRIMARY/OTHER",
    "ImagingFrequency": 127.765101,
    "InplanePhaseEncodingDirection": "ROW",
    "InversionTime": 0.45,
    "MRAcquisitionType": "3D",
    "MagneticFieldStrength": 3,
    "Manufacturer": "GE MEDICAL SYSTEMS",
    "ManufacturersModelName": "DISCOVERY MR750",
    "NumberOfAverages": 1,
    "NumberOfEPIShots": 0,
    "NumberOfEchoes": 1,
    "NumberOfSlices": 180,
    "ParallelImagingReductionFactors": [
      0.571429,
      1
    ],
    "PercentPhaseFieldOfView": 100,
    "PhaseEncodingDirection": "i",
    "PixelBandwidth": 122.07,
    "PixelSpacing": [
      0.4688,
      0.4688
    ],
    "ReceiveCoilName": "8HRBRAIN",
    "RepetitionTime": 0.0064,
    "Rows": 512,
    "SATFatWaterBone": 0,
    "ScanOptions": [
      "FAST_GEMS",
      "EDR_GEMS",
      "FILTERED_GEMS",
      "ACC_GEMS"
    ],
    "ScanningSequence": "GR",
    "SequenceVariant": [
      "SS",
      "SK"
    ],
    "SeriesDate": "18740417",
    "SeriesDescription": "Sag3D_T1_1mm3",
    "SeriesNumber": 2,
    "SeriesTime": "195758",
    "SliceThickness": 1,
    "SpacingBetweenSlices": 1,
    "StudyTime": "195624",
    "modality": "T1w",
    "session_id": "1",
    "subject_id": "9075"
  },
  "cjv": 0.4446081829379778,
  "cnr": 3.074664028719316,
  "efc": 0.6496919861221077,
  "fber": 127.7756118774414,
  "fwhm_avg": 5.845733558918092,
  "fwhm_x": 3.70834,
  "fwhm_y": 7.111305334892784,
  "fwhm_z": 6.717555341861493,
  "icvs_csf": 0.21032751979973852,
  "icvs_gm": 0.3844660192591359,
  "icvs_wm": 0.40520646094112556,
  "inu_med": 1.3960853815078735,
  "inu_range": 0.45041927099227896,
  "provenance": {
    "md5sum": "dc624e2a6c084384b18406a01da7b99d",
    "mriqc_pred": 0,
    "settings": {
      "testing": false
    },
    "software": "mriqc",
    "version": "0.9.6",
    "warnings": {
      "large_rot_frame": true,
      "small_air_mask": false
    }
  },
  "qi_1": 1.3344021258932154e-06,
  "qi_2": 0.0002842891481532259,
  "rpve_csf": 24.63040046142317,
  "rpve_gm": 13.475529400498823,
  "rpve_wm": 15.835102013762803,
  "size_x": 180,
  "size_y": 512,
  "size_z": 512,
  "snr_csf": 3.4653116262347923,
  "snr_gm": 12.816568863380565,
  "snr_total": 10.99035620139214,
  "snr_wm": 16.689188114561066,
  "snrd_csf": 13.88222774738308,
  "snrd_gm": 29.579116012675033,
  "snrd_total": 27.856476191901933,
  "snrd_wm": 40.10808481564769,
  "spacing_x": 1.0,
  "spacing_y": 0.46880000829696655,
  "spacing_z": 0.46880000829696655,
  "summary_bg_k": 7.772761201175248,
  "summary_bg_mad": 16.334516525268555,
  "summary_bg_mean": 58.223304748535156,
  "summary_bg_median": 55.56298065185547,
  "summary_bg_n": 9858772.0,
  "summary_bg_p05": 32.57755508422852,
  "summary_bg_p95": 92.67342376708984,
  "summary_bg_stdv": 19.709571838378906,
  "summary_csf_k": -0.3433041735689133,
  "summary_csf_mad": 105.40963745117188,
  "summary_csf_mean": 355.2417907714844,
  "summary_csf_median": 346.1256103515625,
  "summary_csf_n": 127391.0,
  "summary_csf_p05": 202.53445434570312,
  "summary_csf_p95": 525.6824035644531,
  "summary_csf_stdv": 99.88257598876953,
  "summary_gm_k": 0.20588131328180692,
  "summary_gm_mad": 55.781009674072266,
  "summary_gm_mean": 737.0654296875,
  "summary_gm_median": 737.4961547851562,
  "summary_gm_n": 136219.0,
  "summary_gm_p05": 640.8532653808593,
  "summary_gm_p95": 830.9745483398438,
  "summary_gm_stdv": 57.54219055175781,
  "summary_wm_k": -0.04126061795988001,
  "summary_wm_mad": 60.93699645996094,
  "summary_wm_mean": 1002.13037109375,
  "summary_wm_median": 1000.0149536132812,
  "summary_wm_n": 1179395.0,
  "summary_wm_p05": 907.6625244140625,
  "summary_wm_p95": 1103.8445556640625,
  "summary_wm_stdv": 59.91990280151367,
  "tpm_overlap_csf": 0.19231699407100677,
  "tpm_overlap_gm": 0.4454006552696228,
  "tpm_overlap_wm": 0.5513121485710144,
  "wm2max": 0.38831950703763063
}