{
  "aor": 0.00703502487562189,
  "aqi": 0.014443689154228858,
  "bids_meta": {
    "AcquisitionDuration": 723.000256,
    "Columns": 128,
    "EchoTime": 0.034,
    "EchoTrainLength": 1,
    "EffectiveEchoSpacing": 0.00056,
    "FieldOfView": [
      220.01,
      220.01,
      110.4
    ],
    "FlipAngle": 80,
    "GEImageTypeRIMPCode": 0,
    "ImageType": "ORIGINAL/PRIMARY/EPI/NONE",
    "ImagingFrequency": 127.765135,
    "InplanePhaseEncodingDirection": "COL",
    "InversionTime": 0,
    "MRAcquisitionType": "2D",
    "MagneticFieldStrength": 3,
    "Manufacturer": "GE MEDICAL SYSTEMS",
    "ManufacturersModelName": "DISCOVERY MR750",
    "NumberOfAverages": 1,
    "NumberOfEPIShots": 1,
    "NumberOfEchoes": 1,
    "NumberOfSlices": 46,
    "ParallelImagingReductionFactors": [
      0.5,
      1
    ],
    "PercentPhaseFieldOfView": 100,
    "PhaseEncodingDirection": "j",
    "PixelBandwidth": 3906.25,
    "PixelSpacing": [
      1.7188,
      1.7188
    ],
    "ReceiveCoilName": "8HRBRAIN",
    "RepetitionTime": 3,
    "Rows": 128,
    "SATFatWaterBone": 1,
    "ScanOptions": [
      "SAT_GEMS",
      "EPI_GEMS",
      "ACC_GEMS",
      "FS"
    ],
    "ScanningSequence": [
      "EP",
      "GR"
    ],
    "SequenceVariant": "SS",
    "SeriesDate": "18740427",
    "SeriesDescription": "fMRI-hands",
    "SeriesNumber": 7,
    "SeriesTime": "183923",
    "SliceThickness": 2.3,
    "SliceTiming": [
      0,
      1.5,
      0.06522,
      1.56522,
      0.13043,
      1.63043,
      0.19565,
      1.69565,
      0.26087,
      1.76087,
      0.32609,
      1.82609,
      0.3913,
      1.8913,
      0.45652,
      1.95652,
      0.52174,
      2.02174,
      0.58696,
      2.08696,
      0.65217,
      2.15217,
      0.71739,
      2.21739,
      0.78261,
      2.28261,
      0.84783,
      2.34783,
      0.91304,
      2.41304,
      0.97826,
      2.47826,
      1.04348,
      2.54348,
      1.1087,
      2.6087,
      1.17391,
      2.67391,
      1.23913,
      2.73913,
      1.30435,
      2.80435,
      1.36957,
      2.86957,
      1.43478,
      2.93478
    ],
    "SliceTimingComputationMethod": "SliceNumber*RepetitionTime/NumberOfSlices (interleaved ascending, odd first)",
    "SpacingBetweenSlices": 2.4,
    "StudyTime": "180658",
    "TaskDescription": "In an event-related design, participants were shown pictures of hands being stung by needles or poked with Q-tips. The stimulus set was kindly shared by Claus Lamm, and has been shown to be effective in previous work by him. After each picture, participants were asked to rate their perceived unpleasantness on a visual analog scale of 0-100.",
    "TaskInstructions": "",
    "TaskName": "Hands",
    "dummyScans": 5,
    "modality": "bold",
    "session_id": "2",
    "subject_id": "9046",
    "task_id": "hands"
  },
  "dummy_trs": 0,
  "dvars_nstd": 56.265610179599996,
  "dvars_std": 1.1276210935000004,
  "dvars_vstd": 1.0632059634000006,
  "efc": 0.4923567800367217,
  "fber": 6203.56787109375,
  "fd_mean": 0.5608842581065576,
  "fd_num": 157,
  "fd_perc": 78.1094527363184,
  "fwhm_avg": 3.03653266682635,
  "fwhm_x": 3.1053061201571137,
  "fwhm_y": 3.5547476043669106,
  "fwhm_z": 2.449544275955025,
  "gcor": 0.0122927,
  "gsr_x": -0.0057252636179327965,
  "gsr_y": 0.0301401037722826,
  "provenance": {
    "md5sum": "b62467cf342197579878815dd15a3137",
    "settings": {
      "fd_thres": 0.2,
      "hmc_fsl": false
    },
    "software": "mriqc",
    "version": "0.9.6"
  },
  "size_t": 201,
  "size_x": 128,
  "size_y": 128,
  "size_z": 46,
  "snr": 2.8849640213701195,
  "spacing_tr": 3.0,
  "spacing_x": 1.7187999486923218,
  "spacing_y": 1.7187999486923218,
  "spacing_z": 2.4000015258789062,
  "summary_bg_k": 183.5741511758788,
  "summary_bg_mad": 69.71180725097656,
  "summary_bg_mean": 132.21044921875,
  "summary_bg_median": 47.89054489135742,
  "summary_bg_n": 470173.0,
  "summary_bg_p05": 0.17412935197353363,
  "summary_bg_p95": 515.934338378906,
  "summary_bg_stdv": 342.4516906738281,
  "summary_fg_k": 1.0254582405033101,
  "summary_fg_mad": 1012.7722778320312,
  "summary_fg_mean": 4019.0380859375,
  "summary_fg_median": 3794.24853515625,
  "summary_fg_n": 185942.0,
  "summary_fg_p05": 2179.4140258789066,
  "summary_fg_p95": 6610.5719238281235,
  "summary_fg_stdv": 1315.177001953125,
  "tsnr": 26.793197631835938
}