{
  "aor": 0.002079166666666667,
  "aqi": 0.01948615138888889,
  "bids_meta": {
    "AcquisitionDuration": 723.000256,
    "Columns": 128,
    "EchoTime": 0.034,
    "EchoTrainLength": 1,
    "EffectiveEchoSpacing": 0.00056,
    "FieldOfView": [
      220.01,
      220.01,
      110.4
    ],
    "FlipAngle": 80,
    "GEImageTypeRIMPCode": 0,
    "ImageType": "ORIGINAL/PRIMARY/EPI/NONE",
    "ImagingFrequency": 127.76512,
    "InplanePhaseEncodingDirection": "COL",
    "InversionTime": 0,
    "MRAcquisitionType": "2D",
    "MagneticFieldStrength": 3,
    "Manufacturer": "GE MEDICAL SYSTEMS",
    "ManufacturersModelName": "DISCOVERY MR750",
    "NumberOfAverages": 1,
    "NumberOfEPIShots": 1,
    "NumberOfEchoes": 1,
    "NumberOfSlices": 46,
    "ParallelImagingReductionFactors": [
      0.5,
      1
    ],
    "PercentPhaseFieldOfView": 100,
    "PhaseEncodingDirection": "j",
    "PixelBandwidth": 3906.25,
    "PixelSpacing": [
      1.7188,
      1.7188
    ],
    "ReceiveCoilName": "8HRBRAIN",
    "RepetitionTime": 3,
    "Rows": 128,
    "SATFatWaterBone": 1,
    "ScanOptions": [
      "SAT_GEMS",
      "EPI_GEMS",
      "ACC_GEMS",
      "FS"
    ],
    "ScanningSequence": [
      "EP",
      "GR"
    ],
    "SequenceVariant": "SS",
    "SeriesDate": "18740326",
    "SeriesDescription": "fMRI-hands",
    "SeriesNumber": 7,
    "SeriesTime": "183104",
    "SliceThickness": 2.3,
    "SliceTiming": [
      0,
      1.5,
      0.06522,
      1.56522,
      0.13043,
      1.63043,
      0.19565,
      1.69565,
      0.26087,
      1.76087,
      0.32609,
      1.82609,
      0.3913,
      1.8913,
      0.45652,
      1.95652,
      0.52174,
      2.02174,
      0.58696,
      2.08696,
      0.65217,
      2.15217,
      0.71739,
      2.21739,
      0.78261,
      2.28261,
      0.84783,
      2.34783,
      0.91304,
      2.41304,
      0.97826,
      2.47826,
      1.04348,
      2.54348,
      1.1087,
      2.6087,
      1.17391,
      2.67391,
      1.23913,
      2.73913,
      1.30435,
      2.80435,
      1.36957,
      2.86957,
      1.43478,
      2.93478
    ],
    "SliceTimingComputationMethod": "SliceNumber*RepetitionTime/NumberOfSlices (interleaved ascending, odd first)",
    "SpacingBetweenSlices": 2.4,
    "StudyTime": "180055",
    "TaskDescription": "In an event-related design, participants were shown pictures of hands being stung by needles or poked with Q-tips. The stimulus set was kindly shared by Claus Lamm, and has been shown to be effective in previous work by him. After each picture, participants were asked to rate their perceived unpleasantness on a visual analog scale of 0-100.",
    "TaskInstructions": "",
    "TaskName": "Hands",
    "dummyScans": 5,
    "modality": "bold",
    "session_id": "2",
    "subject_id": "9040",
    "task_id": "hands"
  },
  "dummy_trs": 0,
  "dvars_nstd": 42.076297698093036,
  "dvars_std": 1.0453159011627902,
  "dvars_vstd": 0.9758882091627907,
  "efc": 0.4602653313459791,
  "fber": 22300.13671875,
  "fd_mean": 0.24191185887754899,
  "fd_num": 76,
  "fd_perc": 35.18518518518518,
  "fwhm_avg": 3.0040270678102536,
  "fwhm_x": 3.1305388414130086,
  "fwhm_y": 3.408581670285322,
  "fwhm_z": 2.4729606917324305,
  "gcor": 0.0246793,
  "gsr_x": -0.012842638418078423,
  "gsr_y": 0.027756335213780403,
  "provenance": {
    "md5sum": "cdba8c2fdad9960a63414607860265f9",
    "settings": {
      "fd_thres": 0.2,
      "hmc_fsl": false
    },
    "software": "mriqc",
    "version": "0.9.6"
  },
  "size_t": 216,
  "size_x": 128,
  "size_y": 128,
  "size_z": 46,
  "snr": 3.378392674470808,
  "spacing_tr": 3.0,
  "spacing_x": 1.7187999486923218,
  "spacing_y": 1.7187999486923218,
  "spacing_z": 2.3999977111816406,
  "summary_bg_k": 339.3602202361633,
  "summary_bg_mad": 38.58197784423828,
  "summary_bg_mean": 88.40225982666016,
  "summary_bg_median": 26.18055534362793,
  "summary_bg_n": 493769.0,
  "summary_bg_p05": 0.07407407462596893,
  "summary_bg_p95": 303.6648132324218,
  "summary_bg_stdv": 295.8538818359375,
  "summary_fg_k": 2.5319327794395523,
  "summary_fg_mad": 827.724609375,
  "summary_fg_mean": 3836.028076171875,
  "summary_fg_median": 3680.40283203125,
  "summary_fg_n": 166527.0,
  "summary_fg_p05": 2391.69033203125,
  "summary_fg_p95": 5916.25927734375,
  "summary_fg_stdv": 1089.391357421875,
  "tsnr": 31.376262664794922
}