{
  "aor": 0.0014046632124352333,
  "aqi": 0.005326511139896374,
  "bids_meta": {
    "AcquisitionDuration": 525.000256,
    "CogAtlasID": "trm_4c8a834779883",
    "Columns": 128,
    "EchoTime": 0.03,
    "EchoTrainLength": 1,
    "EffectiveEchoSpacing": 0.000464,
    "FieldOfView": [
      288,
      288,
      147
    ],
    "FlipAngle": 75,
    "GEImageTypeRIMPCode": 0,
    "ImageType": "ORIGINAL/PRIMARY/EPI/NONE",
    "ImagingFrequency": 127.765113,
    "InplanePhaseEncodingDirection": "COL",
    "InversionTime": 0,
    "MRAcquisitionType": "2D",
    "MagneticFieldStrength": 3,
    "Manufacturer": "GE MEDICAL SYSTEMS",
    "ManufacturersModelName": "DISCOVERY MR750",
    "NumberOfAverages": 1,
    "NumberOfEPIShots": 1,
    "NumberOfEchoes": 1,
    "NumberOfSlices": 49,
    "ParallelImagingReductionFactors": [
      0.5,
      1
    ],
    "PercentPhaseFieldOfView": 100,
    "PhaseEncodingDirection": "j",
    "PixelBandwidth": 3906.25,
    "PixelSpacing": [
      2.25,
      2.25
    ],
    "ReceiveCoilName": "8HRBRAIN",
    "RepetitionTime": 2.5,
    "Rows": 128,
    "SATFatWaterBone": 0,
    "ScanOptions": [
      "EPI_GEMS",
      "FILTERED_GEMS",
      "ACC_GEMS"
    ],
    "ScanningSequence": [
      "EP",
      "GR"
    ],
    "SequenceVariant": "SS",
    "SeriesDate": "18740224",
    "SeriesDescription": "RSN_BWRT_200vol_3mm",
    "SeriesNumber": 4,
    "SeriesTime": "175820",
    "SliceThickness": 3,
    "SliceTiming": [
      0,
      1.27551,
      0.05102,
      1.32653,
      0.10204,
      1.37755,
      0.15306,
      1.42857,
      0.20408,
      1.47959,
      0.2551,
      1.53061,
      0.30612,
      1.58163,
      0.35714,
      1.63265,
      0.40816,
      1.68367,
      0.45918,
      1.73469,
      0.5102,
      1.78571,
      0.56122,
      1.83673,
      0.61224,
      1.88776,
      0.66327,
      1.93878,
      0.71429,
      1.9898,
      0.76531,
      2.04082,
      0.81633,
      2.09184,
      0.86735,
      2.14286,
      0.91837,
      2.19388,
      0.96939,
      2.2449,
      1.02041,
      2.29592,
      1.07143,
      2.34694,
      1.12245,
      2.39796,
      1.17347,
      2.44898,
      1.22449
    ],
    "SliceTimingComputationMethod": "SliceNumber*RepetitionTime/NumberOfSlices (interleaved ascending, odd first)",
    "SpacingBetweenSlices": 3,
    "StudyTime": "174929",
    "TaskDescription": "Functional connectivity in the resting state was assessed during two eight-minute runs.",
    "TaskInstructions": "Participants were instructed to keep their eyes open and look at a white fixation cross presented against a gray background.",
    "TaskName": "Resting State",
    "dummyScans": 10,
    "modality": "bold",
    "session_id": "2",
    "subject_id": "9087",
    "task_id": "rest"
  },
  "dummy_trs": 0,
  "dvars_nstd": 24.466480295,
  "dvars_std": 1.2891911928125004,
  "dvars_vstd": 0.975001375729167,
  "efc": 0.34360012792713135,
  "fber": 13522676.0,
  "fd_mean": 0.10392692223612303,
  "fd_num": 14,
  "fd_perc": 7.253886010362694,
  "fwhm_avg": 3.2813470370370372,
  "fwhm_x": 3.243106666666667,
  "fwhm_y": 3.7872177777777782,
  "fwhm_z": 2.8137166666666666,
  "gcor": 0.016476,
  "gsr_x": -0.019864870235323906,
  "gsr_y": -0.002159938681870699,
  "provenance": {
    "md5sum": "d234cfd660f7e355440154832419de9a",
    "settings": {
      "fd_thres": 0.2,
      "hmc_fsl": false
    },
    "software": "mriqc",
    "version": "0.9.6"
  },
  "size_t": 193,
  "size_x": 128,
  "size_y": 128,
  "size_z": 49,
  "snr": 4.499992325472983,
  "spacing_tr": 2.5,
  "spacing_x": 2.25,
  "spacing_y": 2.25,
  "spacing_z": 3.0,
  "summary_bg_k": 79.5489138540985,
  "summary_bg_mad": 2.1432437896728516,
  "summary_bg_mean": 81.05146026611328,
  "summary_bg_median": 1.4455958604812622,
  "summary_bg_n": 620966.0,
  "summary_bg_p05": 0.0,
  "summary_bg_p95": 411.3108596801758,
  "summary_bg_stdv": 296.1838073730469,
  "summary_fg_k": 1.1524260386216083,
  "summary_fg_mad": 971.787841796875,
  "summary_fg_mean": 5070.4580078125,
  "summary_fg_median": 5081.79248046875,
  "summary_fg_n": 95047.0,
  "summary_fg_p05": 3152.549658203125,
  "summary_fg_p95": 6906.558056640624,
  "summary_fg_stdv": 1129.283203125,
  "tsnr": 66.58848571777344
}