{
  "aor": 0.002176120218579235,
  "aqi": 0.010547399617486337,
  "bids_meta": {
    "AcquisitionDuration": 723.000256,
    "Columns": 128,
    "EchoTime": 0.034,
    "EchoTrainLength": 1,
    "EffectiveEchoSpacing": 0.00056,
    "FieldOfView": [
      220.01,
      220.01,
      110.4
    ],
    "FlipAngle": 80,
    "GEImageTypeRIMPCode": 0,
    "ImageType": "ORIGINAL/PRIMARY/EPI/NONE",
    "ImagingFrequency": 127.765171,
    "InplanePhaseEncodingDirection": "COL",
    "InversionTime": 0,
    "MRAcquisitionType": "2D",
    "MagneticFieldStrength": 3,
    "Manufacturer": "GE MEDICAL SYSTEMS",
    "ManufacturersModelName": "DISCOVERY MR750",
    "NumberOfAverages": 1,
    "NumberOfEPIShots": 1,
    "NumberOfEchoes": 1,
    "NumberOfSlices": 46,
    "ParallelImagingReductionFactors": [
      0.5,
      1
    ],
    "PercentPhaseFieldOfView": 100,
    "PhaseEncodingDirection": "j",
    "PixelBandwidth": 3906.25,
    "PixelSpacing": [
      1.7188,
      1.7188
    ],
    "ReceiveCoilName": "8HRBRAIN",
    "RepetitionTime": 3,
    "Rows": 128,
    "SATFatWaterBone": 1,
    "ScanOptions": [
      "SAT_GEMS",
      "EPI_GEMS",
      "ACC_GEMS",
      "FS"
    ],
    "ScanningSequence": [
      "EP",
      "GR"
    ],
    "SequenceVariant": "SS",
    "SeriesDate": "18740223",
    "SeriesDescription": "fMRI-hands",
    "SeriesNumber": 7,
    "SeriesTime": "185813",
    "SliceThickness": 2.3,
    "SliceTiming": [
      0,
      1.5,
      0.06522,
      1.56522,
      0.13043,
      1.63043,
      0.19565,
      1.69565,
      0.26087,
      1.76087,
      0.32609,
      1.82609,
      0.3913,
      1.8913,
      0.45652,
      1.95652,
      0.52174,
      2.02174,
      0.58696,
      2.08696,
      0.65217,
      2.15217,
      0.71739,
      2.21739,
      0.78261,
      2.28261,
      0.84783,
      2.34783,
      0.91304,
      2.41304,
      0.97826,
      2.47826,
      1.04348,
      2.54348,
      1.1087,
      2.6087,
      1.17391,
      2.67391,
      1.23913,
      2.73913,
      1.30435,
      2.80435,
      1.36957,
      2.86957,
      1.43478,
      2.93478
    ],
    "SliceTimingComputationMethod": "SliceNumber*RepetitionTime/NumberOfSlices (interleaved ascending, odd first)",
    "SpacingBetweenSlices": 2.4,
    "StudyTime": "182604",
    "TaskDescription": "In an event-related design, participants were shown pictures of hands being stung by needles or poked with Q-tips. The stimulus set was kindly shared by Claus Lamm, and has been shown to be effective in previous work by him. After each picture, participants were asked to rate their perceived unpleasantness on a visual analog scale of 0-100.",
    "TaskInstructions": "",
    "TaskName": "Hands",
    "dummyScans": 5,
    "modality": "bold",
    "session_id": "1",
    "subject_id": "9026",
    "task_id": "hands"
  },
  "dummy_trs": 0,
  "dvars_nstd": 40.320563567747264,
  "dvars_std": 1.0734770024175821,
  "dvars_vstd": 1.0188073127472526,
  "efc": 0.481000415275152,
  "fber": 10448.5107421875,
  "fd_mean": 0.1877618638750007,
  "fd_num": 52,
  "fd_perc": 28.415300546448087,
  "fwhm_avg": 2.9298838031115886,
  "fwhm_x": 3.0792821491685,
  "fwhm_y": 3.388049903323816,
  "fwhm_z": 2.32231935684245,
  "gcor": 0.00757189,
  "gsr_x": -0.012164691463112831,
  "gsr_y": 0.024946019053459167,
  "provenance": {
    "md5sum": "a0040ce2d2c571efb3bb87e5f0724e8c",
    "settings": {
      "fd_thres": 0.2,
      "hmc_fsl": false
    },
    "software": "mriqc",
    "version": "0.9.6"
  },
  "size_t": 183,
  "size_x": 128,
  "size_y": 128,
  "size_z": 46,
  "snr": 3.277276262009889,
  "spacing_tr": 3.0,
  "spacing_x": 1.7187999486923218,
  "spacing_y": 1.7187999486923218,
  "spacing_z": 2.4000015258789062,
  "summary_bg_k": 151.41599360131428,
  "summary_bg_mad": 53.203548431396484,
  "summary_bg_mean": 99.65382385253906,
  "summary_bg_median": 36.174861907958984,
  "summary_bg_n": 476365.0,
  "summary_bg_p05": 0.04371584579348564,
  "summary_bg_p95": 367.56720581054685,
  "summary_bg_stdv": 233.11192321777344,
  "summary_fg_k": 1.5772842253873387,
  "summary_fg_mad": 868.7645263671875,
  "summary_fg_mean": 3846.939453125,
  "summary_fg_median": 3686.6884765625,
  "summary_fg_n": 178632.0,
  "summary_fg_p05": 2322.3423461914062,
  "summary_fg_p95": 6008.735058593747,
  "summary_fg_stdv": 1124.92138671875,
  "tsnr": 36.10245132446289
}