{
  "bids_meta": {
    "AcquisitionDuration": 238.55128,
    "Columns": 512,
    "EchoTime": 0.00281,
    "EchoTrainLength": 1,
    "EffectiveEchoSpacing": 0,
    "FieldOfView": [
      240.03,
      240.03,
      180
    ],
    "FlipAngle": 11,
    "GEImageTypeRIMPCode": 0,
    "ImageType": "ORIGINAL/PRIMARY/OTHER",
    "ImagingFrequency": 127.765065,
    "InplanePhaseEncodingDirection": "ROW",
    "InversionTime": 0.45,
    "MRAcquisitionType": "3D",
    "MagneticFieldStrength": 3,
    "Manufacturer": "GE MEDICAL SYSTEMS",
    "ManufacturersModelName": "DISCOVERY MR750",
    "NumberOfAverages": 1,
    "NumberOfEPIShots": 0,
    "NumberOfEchoes": 1,
    "NumberOfSlices": 180,
    "ParallelImagingReductionFactors": [
      0.571429,
      1
    ],
    "PercentPhaseFieldOfView": 100,
    "PhaseEncodingDirection": "i",
    "PixelBandwidth": 122.07,
    "PixelSpacing": [
      0.4688,
      0.4688
    ],
    "ReceiveCoilName": "8HRBRAIN",
    "RepetitionTime": 0.0064,
    "Rows": 512,
    "SATFatWaterBone": 0,
    "ScanOptions": [
      "FAST_GEMS",
      "EDR_GEMS",
      "FILTERED_GEMS",
      "ACC_GEMS"
    ],
    "ScanningSequence": "GR",
    "SequenceVariant": [
      "SS",
      "SK"
    ],
    "SeriesDate": "18740109",
    "SeriesDescription": "Sag3D_T1_1mm3",
    "SeriesNumber": 2,
    "SeriesTime": "193614",
    "SliceThickness": 1,
    "SpacingBetweenSlices": 1,
    "StudyTime": "193429",
    "modality": "T1w",
    "session_id": "2",
    "subject_id": "9034"
  },
  "cjv": 0.4115993183290697,
  "cnr": 3.2453657802802836,
  "efc": 0.6375376511701192,
  "fber": 156.26138305664062,
  "fwhm_avg": 6.338642891741074,
  "fwhm_x": 3.94351,
  "fwhm_y": 7.912009245636357,
  "fwhm_z": 7.160409429586865,
  "icvs_csf": 0.20903727164395947,
  "icvs_gm": 0.4274757249671299,
  "icvs_wm": 0.36348700338891066,
  "inu_med": 1.2160365581512451,
  "inu_range": 0.5019675254821776,
  "provenance": {
    "md5sum": "899a2fa43609d23b7ab9dbe792934b1e",
    "mriqc_pred": 0,
    "settings": {
      "testing": false
    },
    "software": "mriqc",
    "version": "0.9.6",
    "warnings": {
      "large_rot_frame": true,
      "small_air_mask": false
    }
  },
  "qi_1": 0.0,
  "qi_2": 0.00031879085565775554,
  "rpve_csf": 24.817618007463512,
  "rpve_gm": 12.824584596681744,
  "rpve_wm": 17.495747156239982,
  "size_x": 180,
  "size_y": 512,
  "size_z": 512,
  "snr_csf": 3.7955943491128723,
  "snr_gm": 13.22054655882269,
  "snr_total": 11.716036904192455,
  "snr_wm": 18.1319698046418,
  "snrd_csf": 16.328197937895123,
  "snrd_gm": 31.59114042949819,
  "snrd_total": 30.219662258283694,
  "snrd_wm": 42.73964840745778,
  "spacing_x": 1.0,
  "spacing_y": 0.46880000829696655,
  "spacing_z": 0.46880000829696655,
  "summary_bg_k": 2.552389213053531,
  "summary_bg_mad": 15.328704833984375,
  "summary_bg_mean": 53.624969482421875,
  "summary_bg_median": 51.715240478515625,
  "summary_bg_n": 8800814.0,
  "summary_bg_p05": 29.883267211914063,
  "summary_bg_p95": 83.96743125915525,
  "summary_bg_stdv": 17.10799217224121,
  "summary_csf_k": -0.4284252265149582,
  "summary_csf_mad": 110.50309753417969,
  "summary_csf_mean": 388.4186096191406,
  "summary_csf_median": 382.04278564453125,
  "summary_csf_n": 144259.0,
  "summary_csf_p05": 233.0430145263672,
  "summary_csf_p95": 553.0279907226563,
  "summary_csf_stdv": 100.65392303466797,
  "summary_gm_k": 0.24310953578929695,
  "summary_gm_mad": 53.833648681640625,
  "summary_gm_mean": 742.4859619140625,
  "summary_gm_median": 739.1610107421875,
  "summary_gm_n": 182980.0,
  "summary_gm_p05": 656.3489807128906,
  "summary_gm_p95": 840.4416198730469,
  "summary_gm_stdv": 55.90986633300781,
  "summary_wm_k": 0.2375539739190553,
  "summary_wm_mad": 53.53194808959961,
  "summary_wm_mean": 1002.749755859375,
  "summary_wm_median": 1000.0108032226562,
  "summary_wm_n": 1046648.0,
  "summary_wm_p05": 916.7262603759766,
  "summary_wm_p95": 1098.3237976074217,
  "summary_wm_stdv": 55.15177536010742,
  "tpm_overlap_csf": 0.20604579150676727,
  "tpm_overlap_gm": 0.4981459081172943,
  "tpm_overlap_wm": 0.5441228747367859,
  "wm2max": 0.4142177840823928
}