{
  "aor": 0.0011427551020408164,
  "aqi": 0.0028847743367346936,
  "bids_meta": {
    "AcquisitionDuration": 525.000256,
    "CogAtlasID": "trm_4c8a834779883",
    "Columns": 128,
    "EchoTime": 0.03,
    "EchoTrainLength": 1,
    "EffectiveEchoSpacing": 0.000464,
    "FieldOfView": [
      288,
      288,
      147
    ],
    "FlipAngle": 75,
    "GEImageTypeRIMPCode": 0,
    "ImageType": "ORIGINAL/PRIMARY/EPI/NONE",
    "ImagingFrequency": 127.765222,
    "InplanePhaseEncodingDirection": "COL",
    "InversionTime": 0,
    "MRAcquisitionType": "2D",
    "MagneticFieldStrength": 3,
    "Manufacturer": "GE MEDICAL SYSTEMS",
    "ManufacturersModelName": "DISCOVERY MR750",
    "NumberOfAverages": 1,
    "NumberOfEPIShots": 1,
    "NumberOfEchoes": 1,
    "NumberOfSlices": 49,
    "ParallelImagingReductionFactors": [
      0.5,
      1
    ],
    "PercentPhaseFieldOfView": 100,
    "PhaseEncodingDirection": "j",
    "PixelBandwidth": 3906.25,
    "PixelSpacing": [
      2.25,
      2.25
    ],
    "ReceiveCoilName": "8HRBRAIN",
    "RepetitionTime": 2.5,
    "Rows": 128,
    "SATFatWaterBone": 0,
    "ScanOptions": [
      "EPI_GEMS",
      "FILTERED_GEMS",
      "ACC_GEMS"
    ],
    "ScanningSequence": [
      "EP",
      "GR"
    ],
    "SequenceVariant": "SS",
    "SeriesDate": "18730408",
    "SeriesDescription": "RSN_BWRT_200vol_3mm",
    "SeriesNumber": 4,
    "SeriesTime": "191511",
    "SliceThickness": 3,
    "SliceTiming": [
      0,
      1.27551,
      0.05102,
      1.32653,
      0.10204,
      1.37755,
      0.15306,
      1.42857,
      0.20408,
      1.47959,
      0.2551,
      1.53061,
      0.30612,
      1.58163,
      0.35714,
      1.63265,
      0.40816,
      1.68367,
      0.45918,
      1.73469,
      0.5102,
      1.78571,
      0.56122,
      1.83673,
      0.61224,
      1.88776,
      0.66327,
      1.93878,
      0.71429,
      1.9898,
      0.76531,
      2.04082,
      0.81633,
      2.09184,
      0.86735,
      2.14286,
      0.91837,
      2.19388,
      0.96939,
      2.2449,
      1.02041,
      2.29592,
      1.07143,
      2.34694,
      1.12245,
      2.39796,
      1.17347,
      2.44898,
      1.22449
    ],
    "SliceTimingComputationMethod": "SliceNumber*RepetitionTime/NumberOfSlices (interleaved ascending, odd first)",
    "SpacingBetweenSlices": 3,
    "StudyTime": "190716",
    "TaskDescription": "Functional connectivity in the resting state was assessed during two eight-minute runs.",
    "TaskInstructions": "Participants were instructed to keep their eyes open and look at a white fixation cross presented against a gray background.",
    "TaskName": "Resting State",
    "dummyScans": 10,
    "modality": "bold",
    "session_id": "2",
    "subject_id": "9001",
    "task_id": "rest"
  },
  "dummy_trs": 0,
  "dvars_nstd": 17.917968168307684,
  "dvars_std": 1.1642239085641017,
  "dvars_vstd": 0.983014982615384,
  "efc": 0.30955492300798104,
  "fber": 118898832.0,
  "fd_mean": 0.07006343817671327,
  "fd_num": 7,
  "fd_perc": 3.5714285714285716,
  "fwhm_avg": 3.358000740740741,
  "fwhm_x": 3.396217777777778,
  "fwhm_y": 3.8424444444444443,
  "fwhm_z": 2.83534,
  "gcor": 0.0248938,
  "gsr_x": -0.016206923872232437,
  "gsr_y": -0.0006259082001633942,
  "provenance": {
    "md5sum": "cc669c2fdb1dd1e2fb12e080f16e54c4",
    "settings": {
      "fd_thres": 0.2,
      "hmc_fsl": false
    },
    "software": "mriqc",
    "version": "0.9.6"
  },
  "size_t": 196,
  "size_x": 128,
  "size_y": 128,
  "size_z": 49,
  "snr": 4.440392249311103,
  "spacing_tr": 2.5,
  "spacing_x": 2.25,
  "spacing_y": 2.25,
  "spacing_z": 3.0,
  "summary_bg_k": 61.96922056720561,
  "summary_bg_mad": 0.7186082005500793,
  "summary_bg_mean": 59.107521057128906,
  "summary_bg_median": 0.48469385504722595,
  "summary_bg_n": 637903.0,
  "summary_bg_p05": 0.0,
  "summary_bg_p95": 325.064785766602,
  "summary_bg_stdv": 218.2113037109375,
  "summary_fg_k": 0.9560648269959273,
  "summary_fg_mad": 914.1983642578125,
  "summary_fg_mean": 4675.251953125,
  "summary_fg_median": 4719.3720703125,
  "summary_fg_n": 79344.0,
  "summary_fg_p05": 2797.613146972656,
  "summary_fg_p95": 6361.098022460936,
  "summary_fg_stdv": 1062.821044921875,
  "tsnr": 81.38087463378906
}