{
  "bids_meta": {
    "AcquisitionDuration": 393.111008,
    "Columns": 512,
    "EchoTime": 0.12811,
    "EchoTrainLength": 140,
    "EffectiveEchoSpacing": 0,
    "FieldOfView": [
      240.03,
      240.03,
      87.6
    ],
    "FlipAngle": 90,
    "GEImageTypeRIMPCode": 0,
    "ImageType": "ORIGINAL/PRIMARY/OTHER",
    "ImagingFrequency": 127.765039,
    "InplanePhaseEncodingDirection": "ROW",
    "InversionTime": 1.859,
    "MRAcquisitionType": "3D",
    "MagneticFieldStrength": 3,
    "Manufacturer": "GE MEDICAL SYSTEMS",
    "ManufacturersModelName": "DISCOVERY MR750",
    "NumberOfAverages": 1,
    "NumberOfEPIShots": 1,
    "NumberOfEchoes": 1,
    "NumberOfSlices": 146,
    "ParallelImagingReductionFactors": [
      0.5,
      0.5
    ],
    "PercentPhaseFieldOfView": 100,
    "PhaseEncodingDirection": "i",
    "PixelBandwidth": 122.07,
    "PixelSpacing": [
      0.4688,
      0.4688
    ],
    "ReceiveCoilName": "8HRBRAIN",
    "RepetitionTime": 6,
    "Rows": 512,
    "SATFatWaterBone": 0,
    "ScanOptions": [
      "EDR_GEMS",
      "FILTERED_GEMS",
      "ACC_GEMS"
    ],
    "ScanningSequence": [
      "SE",
      "IR"
    ],
    "SequenceVariant": "SK",
    "SeriesDate": "18740328",
    "SeriesDescription": "Sag CUBE T2 flair",
    "SeriesNumber": 11,
    "SeriesTime": "191759",
    "SliceThickness": 1.2,
    "SpacingBetweenSlices": 0.600002,
    "StudyTime": "180127",
    "modality": "T2w",
    "session_id": "1",
    "subject_id": "9005"
  },
  "cjv": 0.5994605183968872,
  "cnr": 0.8206558875946249,
  "efc": 0.6330108520924301,
  "fber": 303.5862121582031,
  "fwhm_avg": 4.563672717611673,
  "fwhm_x": 4.164333167857601,
  "fwhm_y": 4.8803326781314915,
  "fwhm_z": 4.646352306845927,
  "icvs_csf": 0.4002656607098359,
  "icvs_gm": 0.4524846548551245,
  "icvs_wm": 0.14724968443503963,
  "inu_med": 1.1283588409423828,
  "inu_range": 0.6206475079059602,
  "provenance": {
    "md5sum": "0e36b9b8f9c7ed0b6ddc06f62fc76336",
    "settings": {
      "testing": false
    },
    "software": "mriqc",
    "version": "0.9.6",
    "warnings": {
      "large_rot_frame": true,
      "small_air_mask": false
    }
  },
  "qi_1": 0.0,
  "qi_2": 0.0006172099605259189,
  "rpve_csf": 15.498613327577631,
  "rpve_gm": 13.37510560160768,
  "rpve_wm": 38.079555607970754,
  "size_x": 292,
  "size_y": 512,
  "size_z": 512,
  "snr_csf": 12.839591988956553,
  "snr_gm": 14.986680408983318,
  "snr_total": 9.660642734167588,
  "snr_wm": 1.1556558045628946,
  "snrd_csf": 52.24629907487936,
  "snrd_gm": 43.76763069569932,
  "snrd_total": 40.5017290261296,
  "snrd_wm": 25.491257307810134,
  "spacing_x": 0.6000000238418579,
  "spacing_y": 0.46880000829696655,
  "spacing_z": 0.46880000829696655,
  "summary_bg_k": 84.21098771416796,
  "summary_bg_mad": 25.694473266601562,
  "summary_bg_mean": 76.36317443847656,
  "summary_bg_median": 69.33425903320312,
  "summary_bg_n": 16615502.0,
  "summary_bg_p05": 35.745750999450685,
  "summary_bg_p95": 139.96404800415036,
  "summary_bg_stdv": 37.19961929321289,
  "summary_csf_k": 0.4955699676540575,
  "summary_csf_mad": 154.08837890625,
  "summary_csf_mean": 2063.33251953125,
  "summary_csf_median": 2049.101806640625,
  "summary_csf_n": 735553.0,
  "summary_csf_p05": 1827.6089111328124,
  "summary_csf_p95": 2347.8446289062504,
  "summary_csf_stdv": 159.5923309326172,
  "summary_gm_k": -0.006673786951323368,
  "summary_gm_mad": 114.45718383789062,
  "summary_gm_mean": 1718.0457763671875,
  "summary_gm_median": 1716.568115234375,
  "summary_gm_n": 465054.0,
  "summary_gm_p05": 1532.3719421386718,
  "summary_gm_p95": 1909.5356140136719,
  "summary_gm_stdv": 114.53945922851562,
  "summary_wm_k": 5.149586573346108,
  "summary_wm_mad": 315.23614501953125,
  "summary_wm_mean": 1190.23974609375,
  "summary_wm_median": 999.76806640625,
  "summary_wm_n": 137795.0,
  "summary_wm_p05": 346.5121185302734,
  "summary_wm_p95": 3454.9784912109376,
  "summary_wm_stdv": 865.105712890625,
  "tpm_overlap_csf": 0.0816299244761467,
  "tpm_overlap_gm": 0.307809442281723,
  "tpm_overlap_wm": 0.09876517206430435,
  "wm2max": 0.20979724124473542
}