{
  "aor": 0.002913160621761658,
  "aqi": 0.00501031414507772,
  "bids_meta": {
    "AcquisitionDuration": 525.000256,
    "CogAtlasID": "trm_4c8a834779883",
    "Columns": 128,
    "EchoTime": 0.03,
    "EchoTrainLength": 1,
    "EffectiveEchoSpacing": 0.000464,
    "FieldOfView": [
      288,
      288,
      147
    ],
    "FlipAngle": 75,
    "GEImageTypeRIMPCode": 0,
    "ImageType": "ORIGINAL/PRIMARY/EPI/NONE",
    "ImagingFrequency": 127.765144,
    "InplanePhaseEncodingDirection": "COL",
    "InversionTime": 0,
    "MRAcquisitionType": "2D",
    "MagneticFieldStrength": 3,
    "Manufacturer": "GE MEDICAL SYSTEMS",
    "ManufacturersModelName": "DISCOVERY MR750",
    "NumberOfAverages": 1,
    "NumberOfEPIShots": 1,
    "NumberOfEchoes": 1,
    "NumberOfSlices": 49,
    "ParallelImagingReductionFactors": [
      0.5,
      1
    ],
    "PercentPhaseFieldOfView": 100,
    "PhaseEncodingDirection": "j",
    "PixelBandwidth": 3906.25,
    "PixelSpacing": [
      2.25,
      2.25
    ],
    "ReceiveCoilName": "8HRBRAIN",
    "RepetitionTime": 2.5,
    "Rows": 128,
    "SATFatWaterBone": 0,
    "ScanOptions": [
      "EPI_GEMS",
      "FILTERED_GEMS",
      "ACC_GEMS"
    ],
    "ScanningSequence": [
      "EP",
      "GR"
    ],
    "SequenceVariant": "SS",
    "SeriesDate": "18740116",
    "SeriesDescription": "RSN_BWRT_200vol_3mm",
    "SeriesNumber": 4,
    "SeriesTime": "194854",
    "SliceThickness": 3,
    "SliceTiming": [
      0,
      1.27551,
      0.05102,
      1.32653,
      0.10204,
      1.37755,
      0.15306,
      1.42857,
      0.20408,
      1.47959,
      0.2551,
      1.53061,
      0.30612,
      1.58163,
      0.35714,
      1.63265,
      0.40816,
      1.68367,
      0.45918,
      1.73469,
      0.5102,
      1.78571,
      0.56122,
      1.83673,
      0.61224,
      1.88776,
      0.66327,
      1.93878,
      0.71429,
      1.9898,
      0.76531,
      2.04082,
      0.81633,
      2.09184,
      0.86735,
      2.14286,
      0.91837,
      2.19388,
      0.96939,
      2.2449,
      1.02041,
      2.29592,
      1.07143,
      2.34694,
      1.12245,
      2.39796,
      1.17347,
      2.44898,
      1.22449
    ],
    "SliceTimingComputationMethod": "SliceNumber*RepetitionTime/NumberOfSlices (interleaved ascending, odd first)",
    "SpacingBetweenSlices": 3,
    "StudyTime": "194110",
    "TaskDescription": "Functional connectivity in the resting state was assessed during two eight-minute runs.",
    "TaskInstructions": "Participants were instructed to keep their eyes open and look at a white fixation cross presented against a gray background.",
    "TaskName": "Resting State",
    "dummyScans": 10,
    "modality": "bold",
    "session_id": "1",
    "subject_id": "9063",
    "task_id": "rest"
  },
  "dummy_trs": 0,
  "dvars_nstd": 16.919035141927075,
  "dvars_std": 1.0868556827083333,
  "dvars_vstd": 0.9849968611458335,
  "efc": 0.3378830421835751,
  "fber": 26074214.0,
  "fd_mean": 0.09502593327513764,
  "fd_num": 19,
  "fd_perc": 9.844559585492227,
  "fwhm_avg": 3.3767129629629626,
  "fwhm_x": 3.4120399999999997,
  "fwhm_y": 4.0380488888888895,
  "fwhm_z": 2.68005,
  "gcor": 0.0231501,
  "gsr_x": -0.021671202033758163,
  "gsr_y": 0.006442682817578316,
  "provenance": {
    "md5sum": "71c482f58143b3005a63d4aea88fe3a0",
    "settings": {
      "fd_thres": 0.2,
      "hmc_fsl": false
    },
    "software": "mriqc",
    "version": "0.9.6"
  },
  "size_t": 193,
  "size_x": 128,
  "size_y": 128,
  "size_z": 49,
  "snr": 4.226997800521119,
  "spacing_tr": 2.5,
  "spacing_x": 2.25,
  "spacing_y": 2.25,
  "spacing_z": 3.0,
  "summary_bg_k": 59.79701275806707,
  "summary_bg_mad": 1.4365109205245972,
  "summary_bg_mean": 79.29293060302734,
  "summary_bg_median": 0.96891188621521,
  "summary_bg_n": 621697.0,
  "summary_bg_p05": 0.0,
  "summary_bg_p95": 451.9088012695296,
  "summary_bg_stdv": 289.0333251953125,
  "summary_fg_k": 0.9900081241268328,
  "summary_fg_mad": 990.7659912109375,
  "summary_fg_mean": 4816.44189453125,
  "summary_fg_median": 4856.5595703125,
  "summary_fg_n": 91618.0,
  "summary_fg_p05": 2780.778356933594,
  "summary_fg_p95": 6646.720117187499,
  "summary_fg_stdv": 1148.9320068359375,
  "tsnr": 68.08197021484375
}