{
  "bids_meta": {
    "AcquisitionDuration": 393.108608,
    "Columns": 512,
    "EchoTime": 0.12777,
    "EchoTrainLength": 140,
    "EffectiveEchoSpacing": 0,
    "FieldOfView": [
      240.03,
      240.03,
      87.6
    ],
    "FlipAngle": 90,
    "GEImageTypeRIMPCode": 0,
    "ImageType": "ORIGINAL/PRIMARY/OTHER",
    "ImagingFrequency": 127.76508,
    "InplanePhaseEncodingDirection": "ROW",
    "InversionTime": 1.86,
    "MRAcquisitionType": "3D",
    "MagneticFieldStrength": 3,
    "Manufacturer": "GE MEDICAL SYSTEMS",
    "ManufacturersModelName": "DISCOVERY MR750",
    "NumberOfAverages": 1,
    "NumberOfEPIShots": 1,
    "NumberOfEchoes": 1,
    "NumberOfSlices": 146,
    "ParallelImagingReductionFactors": [
      0.5,
      0.5
    ],
    "PercentPhaseFieldOfView": 100,
    "PhaseEncodingDirection": "i",
    "PixelBandwidth": 122.07,
    "PixelSpacing": [
      0.4688,
      0.4688
    ],
    "ReceiveCoilName": "8HRBRAIN",
    "RepetitionTime": 6,
    "Rows": 512,
    "SATFatWaterBone": 0,
    "ScanOptions": [
      "EDR_GEMS",
      "FILTERED_GEMS",
      "ACC_GEMS"
    ],
    "ScanningSequence": [
      "SE",
      "IR"
    ],
    "SequenceVariant": "SK",
    "SeriesDate": "18740409",
    "SeriesDescription": "Sag CUBE T2 flair",
    "SeriesNumber": 11,
    "SeriesTime": "191510",
    "SliceThickness": 1.2,
    "SpacingBetweenSlices": 0.600002,
    "StudyTime": "175142",
    "modality": "T2w",
    "session_id": "1",
    "subject_id": "9089"
  },
  "cjv": 0.5846728060567409,
  "cnr": 0.9262191784010175,
  "efc": 0.6971816216247313,
  "fber": 73.48629760742188,
  "fwhm_avg": 4.660008210054109,
  "fwhm_x": 4.264133163891905,
  "fwhm_y": 5.005140696400416,
  "fwhm_z": 4.710750769870005,
  "icvs_csf": 0.41637129010207286,
  "icvs_gm": 0.44078083368683973,
  "icvs_wm": 0.14284787621108747,
  "inu_med": 1.13810133934021,
  "inu_range": 0.6003125518560409,
  "provenance": {
    "md5sum": "da91e13d1fd2548bab63ef4f44a7df9a",
    "settings": {
      "testing": false
    },
    "software": "mriqc",
    "version": "0.9.6",
    "warnings": {
      "large_rot_frame": true,
      "small_air_mask": false
    }
  },
  "qi_1": 0.0,
  "qi_2": 0.00043645828323420917,
  "rpve_csf": 13.301255134360469,
  "rpve_gm": 12.064706588740687,
  "rpve_wm": 34.90269490233746,
  "size_x": 292,
  "size_y": 512,
  "size_z": 512,
  "snr_csf": 13.96848311067048,
  "snr_gm": 15.41131780038796,
  "snr_total": 10.263248803715335,
  "snr_wm": 1.4099455000875636,
  "snrd_csf": 31.421015220616685,
  "snrd_gm": 25.84780692483018,
  "snrd_total": 24.261397734789018,
  "snrd_wm": 15.515371058920188,
  "spacing_x": 0.6000000238418579,
  "spacing_y": 0.46880000829696655,
  "spacing_z": 0.46880000829696655,
  "summary_bg_k": 3.8417254239301206,
  "summary_bg_mad": 42.2042350769043,
  "summary_bg_mean": 130.1227264404297,
  "summary_bg_median": 125.21524047851562,
  "summary_bg_n": 13285186.0,
  "summary_bg_p05": 63.262146949768066,
  "summary_bg_p95": 211.94872283935547,
  "summary_bg_stdv": 47.33122253417969,
  "summary_csf_k": 0.125397509723288,
  "summary_csf_mad": 142.4735107421875,
  "summary_csf_mean": 2028.5567626953125,
  "summary_csf_median": 2024.1585693359375,
  "summary_csf_n": 721300.0,
  "summary_csf_p05": 1796.904345703125,
  "summary_csf_p95": 2274.6656494140625,
  "summary_csf_stdv": 144.90887451171875,
  "summary_gm_k": 0.12618737700859928,
  "summary_gm_mad": 106.62031555175781,
  "summary_gm_mean": 1665.614990234375,
  "summary_gm_median": 1665.1295166015625,
  "summary_gm_n": 401671.0,
  "summary_gm_p05": 1489.1883544921875,
  "summary_gm_p95": 1843.893310546875,
  "summary_gm_stdv": 108.0457534790039,
  "summary_wm_k": 3.8701248641519266,
  "summary_wm_mad": 282.5502014160156,
  "summary_wm_mean": 1134.7900390625,
  "summary_wm_median": 999.5084838867188,
  "summary_wm_n": 142543.0,
  "summary_wm_p05": 360.77171325683594,
  "summary_wm_p95": 3022.6873779296875,
  "summary_wm_stdv": 708.8961791992188,
  "tpm_overlap_csf": 0.08662408590316772,
  "tpm_overlap_gm": 0.3249129354953766,
  "tpm_overlap_wm": 0.09712249040603638,
  "wm2max": 0.214479521940911
}