{
  "bids_meta": {
    "AcquisitionDuration": 393.115648,
    "Columns": 512,
    "EchoTime": 0.12868,
    "EchoTrainLength": 140,
    "EffectiveEchoSpacing": 0,
    "FieldOfView": [
      240.03,
      240.03,
      87.6
    ],
    "FlipAngle": 90,
    "GEImageTypeRIMPCode": 0,
    "ImageType": "ORIGINAL/PRIMARY/OTHER",
    "ImagingFrequency": 127.765126,
    "InplanePhaseEncodingDirection": "ROW",
    "InversionTime": 1.858,
    "MRAcquisitionType": "3D",
    "MagneticFieldStrength": 3,
    "Manufacturer": "GE MEDICAL SYSTEMS",
    "ManufacturersModelName": "DISCOVERY MR750",
    "NumberOfAverages": 1,
    "NumberOfEPIShots": 1,
    "NumberOfEchoes": 1,
    "NumberOfSlices": 146,
    "ParallelImagingReductionFactors": [
      0.5,
      0.5
    ],
    "PercentPhaseFieldOfView": 100,
    "PhaseEncodingDirection": "i",
    "PixelBandwidth": 122.07,
    "PixelSpacing": [
      0.4688,
      0.4688
    ],
    "ReceiveCoilName": "8HRBRAIN",
    "RepetitionTime": 6,
    "Rows": 512,
    "SATFatWaterBone": 0,
    "ScanOptions": [
      "EDR_GEMS",
      "FILTERED_GEMS",
      "ACC_GEMS"
    ],
    "ScanningSequence": [
      "SE",
      "IR"
    ],
    "SequenceVariant": "SK",
    "SeriesDate": "18740122",
    "SeriesDescription": "Sag CUBE T2 flair",
    "SeriesNumber": 11,
    "SeriesTime": "212719",
    "SliceThickness": 1.2,
    "SpacingBetweenSlices": 0.600002,
    "StudyTime": "201213",
    "modality": "T2w",
    "session_id": "1",
    "subject_id": "9081"
  },
  "cjv": 0.5303896631369348,
  "cnr": 1.8872035926239377,
  "efc": 0.6329484026300671,
  "fber": 240.74667358398438,
  "fwhm_avg": 5.1377285433432425,
  "fwhm_x": 4.719499812463927,
  "fwhm_y": 5.348357413875549,
  "fwhm_z": 5.3453284036902495,
  "icvs_csf": 0.4254477065238379,
  "icvs_gm": 0.43080756728076747,
  "icvs_wm": 0.14374472619539458,
  "inu_med": 1.2175363302230835,
  "inu_range": 0.6982276737689972,
  "provenance": {
    "md5sum": "7e1a71eac21495cd8b22238504c8c487",
    "settings": {
      "testing": false
    },
    "software": "mriqc",
    "version": "0.9.6",
    "warnings": {
      "large_rot_frame": true,
      "small_air_mask": false
    }
  },
  "qi_1": 0.0,
  "qi_2": 0.0007527695328670563,
  "rpve_csf": 13.282524348401358,
  "rpve_gm": 12.35093500775036,
  "rpve_wm": 33.210998152539474,
  "size_x": 292,
  "size_y": 512,
  "size_z": 512,
  "snr_csf": 12.412096102400874,
  "snr_gm": 15.212932830053441,
  "snr_total": 10.166245884588896,
  "snr_wm": 2.8737087213123744,
  "snrd_csf": 52.43178305186799,
  "snrd_gm": 41.19029018655724,
  "snrd_total": 39.31896772571381,
  "snrd_wm": 24.334829938716215,
  "spacing_x": 0.6000000238418579,
  "spacing_y": 0.46880000829696655,
  "spacing_z": 0.46880000829696655,
  "summary_bg_k": 20.261309516605756,
  "summary_bg_mad": 26.909040451049805,
  "summary_bg_mean": 86.47972106933594,
  "summary_bg_median": 80.39317321777344,
  "summary_bg_n": 17806309.0,
  "summary_bg_p05": 44.534735107421874,
  "summary_bg_p95": 148.6603057861327,
  "summary_bg_stdv": 35.132022857666016,
  "summary_csf_k": 0.3817930669824814,
  "summary_csf_mad": 169.63787841796875,
  "summary_csf_mean": 2169.204833984375,
  "summary_csf_median": 2153.58056640625,
  "summary_csf_n": 1293912.0,
  "summary_csf_p05": 1913.6306030273436,
  "summary_csf_p95": 2479.2580322265626,
  "summary_csf_stdv": 173.50653076171875,
  "summary_gm_k": -0.0738327629757749,
  "summary_gm_mad": 112.45326232910156,
  "summary_gm_mean": 1694.31103515625,
  "summary_gm_median": 1691.8480224609375,
  "summary_gm_n": 653192.0,
  "summary_gm_p05": 1516.1484313964843,
  "summary_gm_p95": 1881.29248046875,
  "summary_gm_stdv": 111.2110824584961,
  "summary_wm_k": 11.083529642583539,
  "summary_wm_mad": 254.74630737304688,
  "summary_wm_mean": 910.5374145507812,
  "summary_wm_median": 999.5276489257812,
  "summary_wm_n": 169838.0,
  "summary_wm_p05": 241.86161956787112,
  "summary_wm_p95": 1278.6777893066408,
  "summary_wm_stdv": 347.8169860839844,
  "tpm_overlap_csf": 0.10650470852851868,
  "tpm_overlap_gm": 0.3114689886569977,
  "tpm_overlap_wm": 0.14496546983718872,
  "wm2max": 0.1757617418642332
}