{
  "aor": 0.022572352941176467,
  "aqi": 0.004230109411764706,
  "bids_meta": {
    "AcquisitionDuration": 525.000256,
    "CogAtlasID": "trm_4c8a834779883",
    "Columns": 128,
    "EchoTime": 0.03,
    "EchoTrainLength": 1,
    "EffectiveEchoSpacing": 0.000464,
    "FieldOfView": [
      288,
      288,
      147
    ],
    "FlipAngle": 75,
    "GEImageTypeRIMPCode": 0,
    "ImageType": "ORIGINAL/PRIMARY/EPI/NONE",
    "ImagingFrequency": 127.765111,
    "InplanePhaseEncodingDirection": "COL",
    "InversionTime": 0,
    "MRAcquisitionType": "2D",
    "MagneticFieldStrength": 3,
    "Manufacturer": "GE MEDICAL SYSTEMS",
    "ManufacturersModelName": "DISCOVERY MR750",
    "NumberOfAverages": 1,
    "NumberOfEPIShots": 1,
    "NumberOfEchoes": 1,
    "NumberOfSlices": 49,
    "ParallelImagingReductionFactors": [
      0.5,
      1
    ],
    "PercentPhaseFieldOfView": 100,
    "PhaseEncodingDirection": "j",
    "PixelBandwidth": 3906.25,
    "PixelSpacing": [
      2.25,
      2.25
    ],
    "ReceiveCoilName": "8HRBRAIN",
    "RepetitionTime": 2.5,
    "Rows": 128,
    "SATFatWaterBone": 0,
    "ScanOptions": [
      "EPI_GEMS",
      "FILTERED_GEMS",
      "ACC_GEMS"
    ],
    "ScanningSequence": [
      "EP",
      "GR"
    ],
    "SequenceVariant": "SS",
    "SeriesDate": "18740511",
    "SeriesDescription": "RSN_BWRT_200vol_3mm",
    "SeriesNumber": 12,
    "SeriesTime": "211840",
    "SliceThickness": 3,
    "SliceTiming": [
      0,
      1.27551,
      0.05102,
      1.32653,
      0.10204,
      1.37755,
      0.15306,
      1.42857,
      0.20408,
      1.47959,
      0.2551,
      1.53061,
      0.30612,
      1.58163,
      0.35714,
      1.63265,
      0.40816,
      1.68367,
      0.45918,
      1.73469,
      0.5102,
      1.78571,
      0.56122,
      1.83673,
      0.61224,
      1.88776,
      0.66327,
      1.93878,
      0.71429,
      1.9898,
      0.76531,
      2.04082,
      0.81633,
      2.09184,
      0.86735,
      2.14286,
      0.91837,
      2.19388,
      0.96939,
      2.2449,
      1.02041,
      2.29592,
      1.07143,
      2.34694,
      1.12245,
      2.39796,
      1.17347,
      2.44898,
      1.22449
    ],
    "SliceTimingComputationMethod": "SliceNumber*RepetitionTime/NumberOfSlices (interleaved ascending, odd first)",
    "SpacingBetweenSlices": 3,
    "StudyTime": "195951",
    "TaskDescription": "Functional connectivity in the resting state was assessed during two eight-minute runs. Participants were asked to rate their sleepiness using the Karolinska Sleepiness Scale every 2 minutes",
    "TaskInstructions": "Participants were instructed to keep their eyes open and look at a white fixation cross presented against a gray background.",
    "TaskName": "Sleepiness",
    "dummyScans": 10,
    "modality": "bold",
    "session_id": "2",
    "subject_id": "9065",
    "task_id": "sleepiness"
  },
  "dummy_trs": 0,
  "dvars_nstd": 28.243922471875,
  "dvars_std": 1.3746899250000002,
  "dvars_vstd": 1.269949388125,
  "efc": 0.3430312371517968,
  "fber": 40112736.0,
  "fd_mean": 0.20706049014875477,
  "fd_num": 8,
  "fd_perc": 47.05882352941177,
  "fwhm_avg": 3.1828885185185185,
  "fwhm_x": 3.2139822222222225,
  "fwhm_y": 3.68944,
  "fwhm_z": 2.6452433333333336,
  "gcor": 0.0301875,
  "gsr_x": -0.02183333784341812,
  "gsr_y": -0.00031504419166594744,
  "provenance": {
    "md5sum": "79c4f551cba4bb3685542f136fbe1bbe",
    "settings": {
      "fd_thres": 0.2,
      "hmc_fsl": false
    },
    "software": "mriqc",
    "version": "0.9.6"
  },
  "size_t": 17,
  "size_x": 128,
  "size_y": 128,
  "size_z": 49,
  "snr": 4.448330391153934,
  "spacing_tr": 2.5,
  "spacing_x": 2.25,
  "spacing_y": 2.25,
  "spacing_z": 3.0,
  "summary_bg_k": 55.25483120346895,
  "summary_bg_mad": 1.3953903913497925,
  "summary_bg_mean": 87.89169311523438,
  "summary_bg_median": 0.9411764740943909,
  "summary_bg_n": 622826.0,
  "summary_bg_p05": 0.0,
  "summary_bg_p95": 452.9411926269531,
  "summary_bg_stdv": 307.980712890625,
  "summary_fg_k": 1.2262228172719372,
  "summary_fg_mad": 989.3318481445312,
  "summary_fg_mean": 4975.85205078125,
  "summary_fg_median": 5032.05908203125,
  "summary_fg_n": 93006.0,
  "summary_fg_p05": 2962.5588989257812,
  "summary_fg_p95": 6685.7352294921875,
  "summary_fg_stdv": 1131.2181396484375,
  "tsnr": 77.8589096069336
}