{
  "aor": 0.0025658549222797927,
  "aqi": 0.007311953523316062,
  "bids_meta": {
    "AcquisitionDuration": 525.000256,
    "CogAtlasID": "trm_4c8a834779883",
    "Columns": 128,
    "EchoTime": 0.03,
    "EchoTrainLength": 1,
    "EffectiveEchoSpacing": 0.000464,
    "FieldOfView": [
      288,
      288,
      147
    ],
    "FlipAngle": 75,
    "GEImageTypeRIMPCode": 0,
    "ImageType": "ORIGINAL/PRIMARY/EPI/NONE",
    "ImagingFrequency": 127.765135,
    "InplanePhaseEncodingDirection": "COL",
    "InversionTime": 0,
    "MRAcquisitionType": "2D",
    "MagneticFieldStrength": 3,
    "Manufacturer": "GE MEDICAL SYSTEMS",
    "ManufacturersModelName": "DISCOVERY MR750",
    "NumberOfAverages": 1,
    "NumberOfEPIShots": 1,
    "NumberOfEchoes": 1,
    "NumberOfSlices": 49,
    "ParallelImagingReductionFactors": [
      0.5,
      1
    ],
    "PercentPhaseFieldOfView": 100,
    "PhaseEncodingDirection": "j",
    "PixelBandwidth": 3906.25,
    "PixelSpacing": [
      2.25,
      2.25
    ],
    "ReceiveCoilName": "8HRBRAIN",
    "RepetitionTime": 2.5,
    "Rows": 128,
    "SATFatWaterBone": 0,
    "ScanOptions": [
      "EPI_GEMS",
      "FILTERED_GEMS",
      "ACC_GEMS"
    ],
    "ScanningSequence": [
      "EP",
      "GR"
    ],
    "SequenceVariant": "SS",
    "SeriesDate": "18740613",
    "SeriesDescription": "RSN_BWRT_200vol_3mm",
    "SeriesNumber": 4,
    "SeriesTime": "193440",
    "SliceThickness": 3,
    "SliceTiming": [
      0,
      1.27551,
      0.05102,
      1.32653,
      0.10204,
      1.37755,
      0.15306,
      1.42857,
      0.20408,
      1.47959,
      0.2551,
      1.53061,
      0.30612,
      1.58163,
      0.35714,
      1.63265,
      0.40816,
      1.68367,
      0.45918,
      1.73469,
      0.5102,
      1.78571,
      0.56122,
      1.83673,
      0.61224,
      1.88776,
      0.66327,
      1.93878,
      0.71429,
      1.9898,
      0.76531,
      2.04082,
      0.81633,
      2.09184,
      0.86735,
      2.14286,
      0.91837,
      2.19388,
      0.96939,
      2.2449,
      1.02041,
      2.29592,
      1.07143,
      2.34694,
      1.12245,
      2.39796,
      1.17347,
      2.44898,
      1.22449
    ],
    "SliceTimingComputationMethod": "SliceNumber*RepetitionTime/NumberOfSlices (interleaved ascending, odd first)",
    "SpacingBetweenSlices": 3,
    "StudyTime": "192649",
    "TaskDescription": "Functional connectivity in the resting state was assessed during two eight-minute runs.",
    "TaskInstructions": "Participants were instructed to keep their eyes open and look at a white fixation cross presented against a gray background.",
    "TaskName": "Resting State",
    "dummyScans": 10,
    "modality": "bold",
    "session_id": "2",
    "subject_id": "9011",
    "task_id": "rest"
  },
  "dummy_trs": 0,
  "dvars_nstd": 14.555922508281256,
  "dvars_std": 0.9889506128125002,
  "dvars_vstd": 0.9288388318749999,
  "efc": 0.3070553188308497,
  "fber": 57045328.0,
  "fd_mean": 0.07060145031095577,
  "fd_num": 3,
  "fd_perc": 1.5544041450777202,
  "fwhm_avg": 3.3316222222222223,
  "fwhm_x": 3.4793777777777777,
  "fwhm_y": 3.903702222222222,
  "fwhm_z": 2.6117866666666667,
  "gcor": 0.0207023,
  "gsr_x": -0.01258194912225008,
  "gsr_y": -0.0025685119908303022,
  "provenance": {
    "md5sum": "08b9604b3ee3fc6a53b490dd635938c7",
    "settings": {
      "fd_thres": 0.2,
      "hmc_fsl": false
    },
    "software": "mriqc",
    "version": "0.9.6"
  },
  "size_t": 193,
  "size_x": 128,
  "size_y": 128,
  "size_z": 49,
  "snr": 4.5376917384120095,
  "spacing_tr": 2.5,
  "spacing_x": 2.25,
  "spacing_y": 2.25,
  "spacing_z": 3.0,
  "summary_bg_k": 119.47493088686386,
  "summary_bg_mad": 1.0524170398712158,
  "summary_bg_mean": 52.628326416015625,
  "summary_bg_median": 0.7098445296287537,
  "summary_bg_n": 635970.0,
  "summary_bg_p05": 0.0,
  "summary_bg_p95": 244.07538528442348,
  "summary_bg_stdv": 204.6565704345703,
  "summary_fg_k": 1.443912020071183,
  "summary_fg_mad": 901.3262939453125,
  "summary_fg_mean": 4890.1396484375,
  "summary_fg_median": 4955.83154296875,
  "summary_fg_n": 80640.0,
  "summary_fg_p05": 2846.34130859375,
  "summary_fg_p95": 6526.2391357421875,
  "summary_fg_stdv": 1092.141357421875,
  "tsnr": 59.5239372253418
}