{
  "aor": 0.0038067222222222213,
  "aqi": 0.013879064166666667,
  "bids_meta": {
    "AcquisitionDuration": 723.000256,
    "Columns": 128,
    "EchoTime": 0.034,
    "EchoTrainLength": 1,
    "EffectiveEchoSpacing": 0.000532,
    "FieldOfView": [
      240,
      240,
      108
    ],
    "FlipAngle": 80,
    "GEImageTypeRIMPCode": 0,
    "ImageType": "ORIGINAL/PRIMARY/EPI/NONE",
    "ImagingFrequency": 127.765221,
    "InplanePhaseEncodingDirection": "COL",
    "InversionTime": 0,
    "MRAcquisitionType": "2D",
    "MagneticFieldStrength": 3,
    "Manufacturer": "GE MEDICAL SYSTEMS",
    "ManufacturersModelName": "DISCOVERY MR750",
    "NumberOfAverages": 1,
    "NumberOfEPIShots": 1,
    "NumberOfEchoes": 1,
    "NumberOfSlices": 45,
    "ParallelImagingReductionFactors": [
      0.5,
      1
    ],
    "PercentPhaseFieldOfView": 100,
    "PhaseEncodingDirection": "j",
    "PixelBandwidth": 3906.25,
    "PixelSpacing": [
      1.875,
      1.875
    ],
    "ReceiveCoilName": "8HRBRAIN",
    "RepetitionTime": 3,
    "Rows": 128,
    "SATFatWaterBone": 1,
    "ScanOptions": [
      "SAT_GEMS",
      "EPI_GEMS",
      "ACC_GEMS",
      "FS"
    ],
    "ScanningSequence": [
      "EP",
      "GR"
    ],
    "SequenceVariant": "SS",
    "SeriesDate": "18730317",
    "SeriesDescription": "fMRI-hands",
    "SeriesNumber": 8,
    "SeriesTime": "190459",
    "SliceThickness": 2.3,
    "SliceTiming": [
      0,
      1.53333,
      0.06667,
      1.6,
      0.13333,
      1.66667,
      0.2,
      1.73333,
      0.26667,
      1.8,
      0.33333,
      1.86667,
      0.4,
      1.93333,
      0.46667,
      2,
      0.53333,
      2.06667,
      0.6,
      2.13333,
      0.66667,
      2.2,
      0.73333,
      2.26667,
      0.8,
      2.33333,
      0.86667,
      2.4,
      0.93333,
      2.46667,
      1,
      2.53333,
      1.06667,
      2.6,
      1.13333,
      2.66667,
      1.2,
      2.73333,
      1.26667,
      2.8,
      1.33333,
      2.86667,
      1.4,
      2.93333,
      1.46667
    ],
    "SliceTimingComputationMethod": "SliceNumber*RepetitionTime/NumberOfSlices (interleaved ascending, odd first)",
    "SpacingBetweenSlices": 2.4,
    "StudyTime": "183339",
    "TaskDescription": "In an event-related design, participants were shown pictures of hands being stung by needles or poked with Q-tips. The stimulus set was kindly shared by Claus Lamm, and has been shown to be effective in previous work by him. After each picture, participants were asked to rate their perceived unpleasantness on a visual analog scale of 0-100.",
    "TaskInstructions": "",
    "TaskName": "Hands",
    "dummyScans": 5,
    "modality": "bold",
    "session_id": "2",
    "subject_id": "9037",
    "task_id": "hands"
  },
  "dummy_trs": 0,
  "dvars_nstd": 40.3680497706704,
  "dvars_std": 1.0527877118435756,
  "dvars_vstd": 0.997970028547486,
  "efc": 0.4772795346621495,
  "fber": 91159.3671875,
  "fd_mean": 0.23612680658331903,
  "fd_num": 65,
  "fd_perc": 36.111111111111114,
  "fwhm_avg": 3.1544615525991673,
  "fwhm_x": 3.179008,
  "fwhm_y": 3.6489866666666666,
  "fwhm_z": 2.6353899911308343,
  "gcor": 0.0157265,
  "gsr_x": -0.014124393463134766,
  "gsr_y": 0.03237006068229675,
  "provenance": {
    "md5sum": "d87937d19def13ff6a0ef1e2c85c08a2",
    "settings": {
      "fd_thres": 0.2,
      "hmc_fsl": false
    },
    "software": "mriqc",
    "version": "0.9.6"
  },
  "size_t": 180,
  "size_x": 128,
  "size_y": 128,
  "size_z": 45,
  "snr": 3.5256382564419018,
  "spacing_tr": 3.0,
  "spacing_x": 1.875,
  "spacing_y": 1.875,
  "spacing_z": 2.4000015258789062,
  "summary_bg_k": 132.77846629581487,
  "summary_bg_mad": 18.334848403930664,
  "summary_bg_mean": 107.73641967773438,
  "summary_bg_median": 12.405555725097656,
  "summary_bg_n": 476030.0,
  "summary_bg_p05": 0.06666667014360428,
  "summary_bg_p95": 478.93640441894524,
  "summary_bg_stdv": 352.6474609375,
  "summary_fg_k": 0.836202656455753,
  "summary_fg_mad": 979.32861328125,
  "summary_fg_mean": 3635.104248046875,
  "summary_fg_median": 3592.54443359375,
  "summary_fg_n": 167558.0,
  "summary_fg_p05": 2086.9000854492188,
  "summary_fg_p95": 5377.379638671874,
  "summary_fg_stdv": 1018.9739990234375,
  "tsnr": 33.38609313964844
}