{
  "bids_meta": {
    "AcquisitionDuration": 238.444688,
    "Columns": 512,
    "EchoTime": 0.00281,
    "EchoTrainLength": 1,
    "EffectiveEchoSpacing": 0,
    "FieldOfView": [
      240.03,
      240.03,
      180
    ],
    "FlipAngle": 11,
    "GEImageTypeRIMPCode": 0,
    "ImageType": "ORIGINAL/PRIMARY/OTHER",
    "ImagingFrequency": 127.765153,
    "InplanePhaseEncodingDirection": "ROW",
    "InversionTime": 0.45,
    "MRAcquisitionType": "3D",
    "MagneticFieldStrength": 3,
    "Manufacturer": "GE MEDICAL SYSTEMS",
    "ManufacturersModelName": "DISCOVERY MR750",
    "NumberOfAverages": 1,
    "NumberOfEPIShots": 0,
    "NumberOfEchoes": 1,
    "NumberOfSlices": 180,
    "ParallelImagingReductionFactors": [
      0.571429,
      1
    ],
    "PercentPhaseFieldOfView": 100,
    "PhaseEncodingDirection": "i",
    "PixelBandwidth": 122.07,
    "PixelSpacing": [
      0.4688,
      0.4688
    ],
    "ReceiveCoilName": "8HRBRAIN",
    "RepetitionTime": 0.0064,
    "Rows": 512,
    "SATFatWaterBone": 0,
    "ScanOptions": [
      "FAST_GEMS",
      "EDR_GEMS",
      "FILTERED_GEMS",
      "ACC_GEMS"
    ],
    "ScanningSequence": "GR",
    "SequenceVariant": [
      "SS",
      "SK"
    ],
    "SeriesDate": "18730115",
    "SeriesDescription": "Sag3D_T1_1mm3",
    "SeriesNumber": 2,
    "SeriesTime": "184328",
    "SliceThickness": 1,
    "SpacingBetweenSlices": 1,
    "StudyTime": "184215",
    "modality": "T1w",
    "session_id": "1",
    "subject_id": "9017"
  },
  "cjv": 0.39111494814031855,
  "cnr": 3.452453759008344,
  "efc": 0.6434304831827791,
  "fber": 136.8927764892578,
  "fwhm_avg": 6.376198477417939,
  "fwhm_x": 4.01953,
  "fwhm_y": 7.809449520489033,
  "fwhm_z": 7.299615911764785,
  "icvs_csf": 0.20983028022178618,
  "icvs_gm": 0.4133973562610839,
  "icvs_wm": 0.3767723635171299,
  "inu_med": 1.3720993995666504,
  "inu_range": 0.47753846645355136,
  "provenance": {
    "md5sum": "93bf94416053a73d20b790aabe6f956a",
    "mriqc_pred": 0,
    "settings": {
      "testing": false
    },
    "software": "mriqc",
    "version": "0.9.6",
    "warnings": {
      "large_rot_frame": true,
      "small_air_mask": false
    }
  },
  "qi_1": 0.0,
  "qi_2": 0.0003172806564593229,
  "rpve_csf": 22.627102725918984,
  "rpve_gm": 12.0357775046512,
  "rpve_wm": 15.802764644021275,
  "size_x": 180,
  "size_y": 512,
  "size_z": 512,
  "snr_csf": 3.9980794489556657,
  "snr_gm": 13.574270468506482,
  "snr_total": 11.429398825437735,
  "snr_wm": 16.715846558851055,
  "snrd_csf": 13.855579004233054,
  "snrd_gm": 28.04350355401126,
  "snrd_total": 27.009073277103454,
  "snrd_wm": 39.12813727306604,
  "spacing_x": 1.0,
  "spacing_y": 0.46880000829696655,
  "spacing_z": 0.46880000829696655,
  "summary_bg_k": 2.803505372416077,
  "summary_bg_mad": 16.743478775024414,
  "summary_bg_mean": 56.38139343261719,
  "summary_bg_median": 53.75848388671875,
  "summary_bg_n": 10485901.0,
  "summary_bg_p05": 30.855653762817383,
  "summary_bg_p95": 90.81803894042969,
  "summary_bg_stdv": 19.14227867126465,
  "summary_csf_k": -0.12949897828978507,
  "summary_csf_mad": 90.3951644897461,
  "summary_csf_mean": 361.8676452636719,
  "summary_csf_median": 354.1103820800781,
  "summary_csf_n": 145297.0,
  "summary_csf_p05": 230.0009979248047,
  "summary_csf_p95": 516.0646850585937,
  "summary_csf_stdv": 88.56981658935547,
  "summary_gm_k": 0.11013644861742522,
  "summary_gm_mad": 51.86664581298828,
  "summary_gm_mean": 718.0255737304688,
  "summary_gm_median": 716.714599609375,
  "summary_gm_n": 221013.0,
  "summary_gm_p05": 633.083935546875,
  "summary_gm_p95": 806.9101684570312,
  "summary_gm_stdv": 52.799373626708984,
  "summary_wm_k": 0.22833466595060248,
  "summary_wm_mad": 58.933349609375,
  "summary_wm_mean": 1000.6590576171875,
  "summary_wm_median": 1000.0072631835938,
  "summary_wm_n": 1209333.0,
  "summary_wm_p05": 904.3291381835937,
  "summary_wm_p95": 1099.7231689453124,
  "summary_wm_stdv": 59.823883056640625,
  "tpm_overlap_csf": 0.2073424756526947,
  "tpm_overlap_gm": 0.486945778131485,
  "tpm_overlap_wm": 0.5504039525985718,
  "wm2max": 0.40690750370646434
}