{
  "aor": 0.011878,
  "aqi": 0.0066707603,
  "bids_meta": {
    "AcquisitionDuration": 525.000256,
    "CogAtlasID": "trm_4c8a834779883",
    "Columns": 128,
    "EchoTime": 0.03,
    "EchoTrainLength": 1,
    "EffectiveEchoSpacing": 0.000464,
    "FieldOfView": [
      288,
      288,
      147
    ],
    "FlipAngle": 75,
    "GEImageTypeRIMPCode": 0,
    "ImageType": "ORIGINAL/PRIMARY/EPI/NONE",
    "ImagingFrequency": 127.765167,
    "InplanePhaseEncodingDirection": "COL",
    "InversionTime": 0,
    "MRAcquisitionType": "2D",
    "MagneticFieldStrength": 3,
    "Manufacturer": "GE MEDICAL SYSTEMS",
    "ManufacturersModelName": "DISCOVERY MR750",
    "NumberOfAverages": 1,
    "NumberOfEPIShots": 1,
    "NumberOfEchoes": 1,
    "NumberOfSlices": 49,
    "ParallelImagingReductionFactors": [
      0.5,
      1
    ],
    "PercentPhaseFieldOfView": 100,
    "PhaseEncodingDirection": "j",
    "PixelBandwidth": 3906.25,
    "PixelSpacing": [
      2.25,
      2.25
    ],
    "ReceiveCoilName": "8HRBRAIN",
    "RepetitionTime": 2.5,
    "Rows": 128,
    "SATFatWaterBone": 0,
    "ScanOptions": [
      "EPI_GEMS",
      "FILTERED_GEMS",
      "ACC_GEMS"
    ],
    "ScanningSequence": [
      "EP",
      "GR"
    ],
    "SequenceVariant": "SS",
    "SeriesDate": "18740509",
    "SeriesDescription": "RSN_BWRT_200vol_3mm",
    "SeriesNumber": 10,
    "SeriesTime": "213913",
    "SliceThickness": 3,
    "SliceTiming": [
      0,
      1.27551,
      0.05102,
      1.32653,
      0.10204,
      1.37755,
      0.15306,
      1.42857,
      0.20408,
      1.47959,
      0.2551,
      1.53061,
      0.30612,
      1.58163,
      0.35714,
      1.63265,
      0.40816,
      1.68367,
      0.45918,
      1.73469,
      0.5102,
      1.78571,
      0.56122,
      1.83673,
      0.61224,
      1.88776,
      0.66327,
      1.93878,
      0.71429,
      1.9898,
      0.76531,
      2.04082,
      0.81633,
      2.09184,
      0.86735,
      2.14286,
      0.91837,
      2.19388,
      0.96939,
      2.2449,
      1.02041,
      2.29592,
      1.07143,
      2.34694,
      1.12245,
      2.39796,
      1.17347,
      2.44898,
      1.22449
    ],
    "SliceTimingComputationMethod": "SliceNumber*RepetitionTime/NumberOfSlices (interleaved ascending, odd first)",
    "SpacingBetweenSlices": 3,
    "StudyTime": "202911",
    "TaskDescription": "Functional connectivity in the resting state was assessed during two eight-minute runs. Participants were asked to rate their sleepiness using the Karolinska Sleepiness Scale every 2 minutes",
    "TaskInstructions": "Participants were instructed to keep their eyes open and look at a white fixation cross presented against a gray background.",
    "TaskName": "Sleepiness",
    "dummyScans": 10,
    "modality": "bold",
    "session_id": "1",
    "subject_id": "9020",
    "task_id": "sleepiness"
  },
  "dummy_trs": 0,
  "dvars_nstd": 25.053247509547745,
  "dvars_std": 1.1302008105527641,
  "dvars_vstd": 1.0041360201507539,
  "efc": 0.31336149692451454,
  "fber": 24377730.0,
  "fd_mean": 0.342778838457022,
  "fd_num": 102,
  "fd_perc": 51.0,
  "fwhm_avg": 3.401784074074074,
  "fwhm_x": 3.5756755555555557,
  "fwhm_y": 3.6899866666666665,
  "fwhm_z": 2.93969,
  "gcor": 0.0589648,
  "gsr_x": -0.010013867169618607,
  "gsr_y": -0.002578155370429158,
  "provenance": {
    "md5sum": "1d5a2abc0d323c9f6bdc986bd6fb4b8a",
    "settings": {
      "fd_thres": 0.2,
      "hmc_fsl": false
    },
    "software": "mriqc",
    "version": "0.9.6"
  },
  "size_t": 200,
  "size_x": 128,
  "size_y": 128,
  "size_z": 49,
  "snr": 4.193697385417412,
  "spacing_tr": 2.5,
  "spacing_x": 2.25,
  "spacing_y": 2.25,
  "spacing_z": 3.0,
  "summary_bg_k": 95.15188084942433,
  "summary_bg_mad": 1.497428297996521,
  "summary_bg_mean": 50.21034240722656,
  "summary_bg_median": 1.0099999904632568,
  "summary_bg_n": 631712.0,
  "summary_bg_p05": 0.0,
  "summary_bg_p95": 233.1599884033203,
  "summary_bg_stdv": 191.22958374023438,
  "summary_fg_k": 0.8691393930598146,
  "summary_fg_mad": 908.5130615234375,
  "summary_fg_mean": 4770.26806640625,
  "summary_fg_median": 4724.9697265625,
  "summary_fg_n": 84856.0,
  "summary_fg_p05": 2921.5987548828125,
  "summary_fg_p95": 6741.56103515625,
  "summary_fg_stdv": 1126.6768798828125,
  "tsnr": 49.14618682861328
}