{
  "bids_meta": {
    "AcquisitionDuration": 238.444688,
    "Columns": 512,
    "EchoTime": 0.00281,
    "EchoTrainLength": 1,
    "EffectiveEchoSpacing": 0,
    "FieldOfView": [
      240.03,
      240.03,
      180
    ],
    "FlipAngle": 11,
    "GEImageTypeRIMPCode": 0,
    "ImageType": "ORIGINAL/PRIMARY/OTHER",
    "ImagingFrequency": 127.7652,
    "InplanePhaseEncodingDirection": "ROW",
    "InversionTime": 0.45,
    "MRAcquisitionType": "3D",
    "MagneticFieldStrength": 3,
    "Manufacturer": "GE MEDICAL SYSTEMS",
    "ManufacturersModelName": "DISCOVERY MR750",
    "NumberOfAverages": 1,
    "NumberOfEPIShots": 0,
    "NumberOfEchoes": 1,
    "NumberOfSlices": 180,
    "ParallelImagingReductionFactors": [
      0.571429,
      1
    ],
    "PercentPhaseFieldOfView": 100,
    "PhaseEncodingDirection": "i",
    "PixelBandwidth": 122.07,
    "PixelSpacing": [
      0.4688,
      0.4688
    ],
    "ReceiveCoilName": "8HRBRAIN",
    "RepetitionTime": 0.0064,
    "Rows": 512,
    "SATFatWaterBone": 0,
    "ScanOptions": [
      "FAST_GEMS",
      "EDR_GEMS",
      "FILTERED_GEMS",
      "ACC_GEMS"
    ],
    "ScanningSequence": "GR",
    "SequenceVariant": [
      "SS",
      "SK"
    ],
    "SeriesDate": "18730407",
    "SeriesDescription": "Sag3D_T1_1mm3",
    "SeriesNumber": 2,
    "SeriesTime": "184412",
    "SliceThickness": 1,
    "SpacingBetweenSlices": 1,
    "StudyTime": "184240",
    "modality": "T1w",
    "session_id": "2",
    "subject_id": "9013"
  },
  "cjv": 0.39044218744478215,
  "cnr": 3.4556855011241763,
  "efc": 0.6707890956490127,
  "fber": 144.89535522460938,
  "fwhm_avg": 6.662959906530815,
  "fwhm_x": 4.14513,
  "fwhm_y": 8.321672207669291,
  "fwhm_z": 7.522077511923153,
  "icvs_csf": 0.1972319526299591,
  "icvs_gm": 0.4187279848855608,
  "icvs_wm": 0.3840400624844801,
  "inu_med": 1.1830050945281982,
  "inu_range": 0.6054057329893112,
  "provenance": {
    "md5sum": "afbdc36444e80bd0d971da20133e8e73",
    "mriqc_pred": 0,
    "settings": {
      "testing": false
    },
    "software": "mriqc",
    "version": "0.9.6",
    "warnings": {
      "large_rot_frame": true,
      "small_air_mask": false
    }
  },
  "qi_1": 0.0,
  "qi_2": 0.00036038453361999454,
  "rpve_csf": 20.274650593224127,
  "rpve_gm": 10.199205436962247,
  "rpve_wm": 13.044865918138319,
  "size_x": 180,
  "size_y": 512,
  "size_z": 512,
  "snr_csf": 3.49766994779748,
  "snr_gm": 13.203674472868318,
  "snr_total": 11.542148471213551,
  "snr_wm": 17.925100992974855,
  "snrd_csf": 15.821591528998171,
  "snrd_gm": 30.59075210369556,
  "snrd_total": 29.56142280775038,
  "snrd_wm": 42.271924790557414,
  "spacing_x": 1.0,
  "spacing_y": 0.46880000829696655,
  "spacing_z": 0.46880000829696655,
  "summary_bg_k": 1.1355001970550802,
  "summary_bg_mad": 15.498358726501465,
  "summary_bg_mean": 52.37646484375,
  "summary_bg_median": 50.6690673828125,
  "summary_bg_n": 8103729.0,
  "summary_bg_p05": 28.634680938720702,
  "summary_bg_p95": 82.04109802246093,
  "summary_bg_stdv": 16.680967330932617,
  "summary_csf_k": -0.5400656147751621,
  "summary_csf_mad": 121.33969116210938,
  "summary_csf_mean": 374.73291015625,
  "summary_csf_median": 374.2864990234375,
  "summary_csf_n": 183973.0,
  "summary_csf_p05": 204.08596801757812,
  "summary_csf_p95": 542.9702270507812,
  "summary_csf_stdv": 107.00994873046875,
  "summary_gm_k": 0.08982824350174523,
  "summary_gm_mad": 54.054893493652344,
  "summary_gm_mean": 725.9124755859375,
  "summary_gm_median": 723.6759643554688,
  "summary_gm_n": 293010.0,
  "summary_gm_p05": 639.888754272461,
  "summary_gm_p95": 820.0803863525391,
  "summary_gm_stdv": 54.80858612060547,
  "summary_wm_k": 0.41452265917953746,
  "summary_wm_mad": 53.83907699584961,
  "summary_wm_mean": 1001.0672607421875,
  "summary_wm_median": 1000.0138549804688,
  "summary_wm_n": 1417512.0,
  "summary_wm_p05": 911.1403533935547,
  "summary_wm_p95": 1093.9270629882812,
  "summary_wm_stdv": 55.78844451904297,
  "tpm_overlap_csf": 0.1981389969587326,
  "tpm_overlap_gm": 0.4863041639328003,
  "tpm_overlap_wm": 0.5383614897727966,
  "wm2max": 0.430274099537913
}