{
  "bids_meta": {
    "AcquisitionDuration": 393.10976,
    "Columns": 512,
    "EchoTime": 0.12788,
    "EchoTrainLength": 140,
    "EffectiveEchoSpacing": 0,
    "FieldOfView": [
      240.03,
      240.03,
      87.6
    ],
    "FlipAngle": 90,
    "GEImageTypeRIMPCode": 0,
    "ImageType": "ORIGINAL/PRIMARY/OTHER",
    "ImagingFrequency": 127.765176,
    "InplanePhaseEncodingDirection": "ROW",
    "InversionTime": 1.86,
    "MRAcquisitionType": "3D",
    "MagneticFieldStrength": 3,
    "Manufacturer": "GE MEDICAL SYSTEMS",
    "ManufacturersModelName": "DISCOVERY MR750",
    "NumberOfAverages": 1,
    "NumberOfEPIShots": 1,
    "NumberOfEchoes": 1,
    "NumberOfSlices": 146,
    "ParallelImagingReductionFactors": [
      0.5,
      0.5
    ],
    "PercentPhaseFieldOfView": 100,
    "PhaseEncodingDirection": "i",
    "PixelBandwidth": 122.07,
    "PixelSpacing": [
      0.4688,
      0.4688
    ],
    "ReceiveCoilName": "8HRBRAIN",
    "RepetitionTime": 6,
    "Rows": 512,
    "SATFatWaterBone": 0,
    "ScanOptions": [
      "EDR_GEMS",
      "FILTERED_GEMS",
      "ACC_GEMS"
    ],
    "ScanningSequence": [
      "SE",
      "IR"
    ],
    "SequenceVariant": "SK",
    "SeriesDate": "18730315",
    "SeriesDescription": "Sag CUBE T2 flair",
    "SeriesNumber": 11,
    "SeriesTime": "214728",
    "SliceThickness": 1.2,
    "SpacingBetweenSlices": 0.600002,
    "StudyTime": "202937",
    "modality": "T2w",
    "session_id": "1",
    "subject_id": "9016"
  },
  "cjv": 0.3839131794777221,
  "cnr": 3.1910661991676674,
  "efc": 0.7515440457694422,
  "fber": 12.101727485656738,
  "fwhm_avg": 5.243687093984251,
  "fwhm_x": 4.565383151921306,
  "fwhm_y": 5.709534881886049,
  "fwhm_z": 5.456143248145397,
  "icvs_csf": 0.37187266924517953,
  "icvs_gm": 0.4553135549638708,
  "icvs_wm": 0.17281377579094961,
  "inu_med": 1.2785909175872803,
  "inu_range": 0.6269495487213135,
  "provenance": {
    "md5sum": "3b607038dca06817a568caec9c997e22",
    "settings": {
      "testing": false
    },
    "software": "mriqc",
    "version": "0.9.6",
    "warnings": {
      "large_rot_frame": true,
      "small_air_mask": false
    }
  },
  "qi_1": 0.0,
  "qi_2": 0.0002244382405272482,
  "rpve_csf": 12.848187612063382,
  "rpve_gm": 10.220690108264652,
  "rpve_wm": 26.903074473908532,
  "size_x": 292,
  "size_y": 512,
  "size_z": 512,
  "snr_csf": 9.405723401626496,
  "snr_gm": 13.236537803212482,
  "snr_total": 8.517453375709648,
  "snr_wm": 2.910098922289965,
  "snrd_csf": 13.266096683415277,
  "snrd_gm": 9.102441432791979,
  "snrd_total": 8.73783616297095,
  "snrd_wm": 3.8449703727055966,
  "spacing_x": 0.6000000238418579,
  "spacing_y": 0.46880000829696655,
  "spacing_z": 0.46880000829696655,
  "summary_bg_k": 0.8185214391698232,
  "summary_bg_mad": 170.32484436035156,
  "summary_bg_mean": 490.5336608886719,
  "summary_bg_median": 470.1056823730469,
  "summary_bg_n": 15048935.0,
  "summary_bg_p05": 227.46457519531253,
  "summary_bg_p95": 821.3066955566404,
  "summary_bg_stdv": 183.07301330566406,
  "summary_csf_k": 0.9646482022462104,
  "summary_csf_mad": 341.48681640625,
  "summary_csf_mean": 3493.4541015625,
  "summary_csf_median": 3448.97021484375,
  "summary_csf_n": 811121.0,
  "summary_csf_p05": 2975.13818359375,
  "summary_csf_p95": 4163.49072265625,
  "summary_csf_stdv": 366.688232421875,
  "summary_gm_k": 0.14237629961415088,
  "summary_gm_mad": 176.44703674316406,
  "summary_gm_mean": 2365.00048828125,
  "summary_gm_median": 2366.4873046875,
  "summary_gm_n": 299282.0,
  "summary_gm_p05": 2067.0844482421876,
  "summary_gm_p95": 2654.4133056640626,
  "summary_gm_stdv": 178.78416442871094,
  "summary_wm_k": 27.409817512330825,
  "summary_wm_mad": 348.3074951171875,
  "summary_wm_mean": 1016.9536743164062,
  "summary_wm_median": 999.6300048828125,
  "summary_wm_n": 428196.0,
  "summary_wm_p05": 502.3291549682617,
  "summary_wm_p95": 1575.6146850585938,
  "summary_wm_stdv": 343.5033874511719,
  "tpm_overlap_csf": 0.09618385136127472,
  "tpm_overlap_gm": 0.34362074732780457,
  "tpm_overlap_wm": 0.1096246987581253,
  "wm2max": 0.12069578322121098
}