{
  "bids_meta": {
    "AcquisitionDuration": 238.55128,
    "Columns": 512,
    "EchoTime": 0.00281,
    "EchoTrainLength": 1,
    "EffectiveEchoSpacing": 0,
    "FieldOfView": [
      240.03,
      240.03,
      180
    ],
    "FlipAngle": 11,
    "GEImageTypeRIMPCode": 0,
    "ImageType": "ORIGINAL/PRIMARY/OTHER",
    "ImagingFrequency": 127.765098,
    "InplanePhaseEncodingDirection": "ROW",
    "InversionTime": 0.45,
    "MRAcquisitionType": "3D",
    "MagneticFieldStrength": 3,
    "Manufacturer": "GE MEDICAL SYSTEMS",
    "ManufacturersModelName": "DISCOVERY MR750",
    "NumberOfAverages": 1,
    "NumberOfEPIShots": 0,
    "NumberOfEchoes": 1,
    "NumberOfSlices": 180,
    "ParallelImagingReductionFactors": [
      0.571429,
      1
    ],
    "PercentPhaseFieldOfView": 100,
    "PhaseEncodingDirection": "i",
    "PixelBandwidth": 122.07,
    "PixelSpacing": [
      0.4688,
      0.4688
    ],
    "ReceiveCoilName": "8HRBRAIN",
    "RepetitionTime": 0.0064,
    "Rows": 512,
    "SATFatWaterBone": 0,
    "ScanOptions": [
      "FAST_GEMS",
      "EDR_GEMS",
      "FILTERED_GEMS",
      "ACC_GEMS"
    ],
    "ScanningSequence": "GR",
    "SequenceVariant": [
      "SS",
      "SK"
    ],
    "SeriesDate": "18740113",
    "SeriesDescription": "Sag3D_T1_1mm3",
    "SeriesNumber": 2,
    "SeriesTime": "201528",
    "SliceThickness": 1,
    "SpacingBetweenSlices": 1,
    "StudyTime": "201342",
    "modality": "T1w",
    "session_id": "2",
    "subject_id": "9018"
  },
  "cjv": 0.3839799850227496,
  "cnr": 3.4821551120085927,
  "efc": 0.6293712737447923,
  "fber": 130.50030517578125,
  "fwhm_avg": 6.683589473670314,
  "fwhm_x": 4.11361,
  "fwhm_y": 8.371373571977376,
  "fwhm_z": 7.565784849033567,
  "icvs_csf": 0.20607948548715657,
  "icvs_gm": 0.4396822592989797,
  "icvs_wm": 0.3542382552138637,
  "inu_med": 1.2777152061462402,
  "inu_range": 0.5017740845680239,
  "provenance": {
    "md5sum": "364cdbe091ca8dcad51adb5d40a779ff",
    "mriqc_pred": 0,
    "settings": {
      "testing": false
    },
    "software": "mriqc",
    "version": "0.9.6",
    "warnings": {
      "large_rot_frame": true,
      "small_air_mask": false
    }
  },
  "qi_1": 0.0,
  "qi_2": 0.0003117527705773043,
  "rpve_csf": 28.872062196465237,
  "rpve_gm": 14.496963176646878,
  "rpve_wm": 20.40562441187395,
  "size_x": 180,
  "size_y": 512,
  "size_z": 512,
  "snr_csf": 3.8204200719155534,
  "snr_gm": 12.547480575000844,
  "snr_total": 10.980409531919634,
  "snr_wm": 16.573327948842508,
  "snrd_csf": 15.484979777084197,
  "snrd_gm": 30.693336159999912,
  "snrd_total": 29.877374944769823,
  "snrd_wm": 43.45380889722535,
  "spacing_x": 1.0,
  "spacing_y": 0.46880000829696655,
  "spacing_z": 0.46880000829696655,
  "summary_bg_k": 7.647897863838031,
  "summary_bg_mad": 15.076730728149414,
  "summary_bg_mean": 55.561180114746094,
  "summary_bg_median": 53.85173034667969,
  "summary_bg_n": 9296884.0,
  "summary_bg_p05": 31.695030498504636,
  "summary_bg_p95": 84.69764709472656,
  "summary_bg_stdv": 17.38437843322754,
  "summary_csf_k": -0.3331638880024652,
  "summary_csf_mad": 100.22473907470703,
  "summary_csf_mean": 359.91357421875,
  "summary_csf_median": 356.357666015625,
  "summary_csf_n": 133733.0,
  "summary_csf_p05": 213.3008544921875,
  "summary_csf_p95": 513.2049926757812,
  "summary_csf_stdv": 93.27674102783203,
  "summary_gm_k": 0.18306986470420838,
  "summary_gm_mad": 54.59815979003906,
  "summary_gm_mean": 708.2268676757812,
  "summary_gm_median": 706.349365234375,
  "summary_gm_n": 186594.0,
  "summary_gm_p05": 618.8136016845704,
  "summary_gm_p95": 804.53359375,
  "summary_gm_stdv": 56.293968200683594,
  "summary_wm_k": 0.21566868554290997,
  "summary_wm_mad": 58.160736083984375,
  "summary_wm_mean": 1000.2841186523438,
  "summary_wm_median": 1000.0076293945312,
  "summary_wm_n": 857163.0,
  "summary_wm_p05": 900.2900817871094,
  "summary_wm_p95": 1099.838916015625,
  "summary_wm_stdv": 60.33833694458008,
  "tpm_overlap_csf": 0.21150173246860504,
  "tpm_overlap_gm": 0.5044179558753967,
  "tpm_overlap_wm": 0.5278075337409973,
  "wm2max": 0.43842145544232963
}