{
  "bids_meta": {
    "AcquisitionDuration": 238.55128,
    "Columns": 512,
    "EchoTime": 0.00281,
    "EchoTrainLength": 1,
    "EffectiveEchoSpacing": 0,
    "FieldOfView": [
      240.03,
      240.03,
      180
    ],
    "FlipAngle": 11,
    "GEImageTypeRIMPCode": 0,
    "ImageType": "ORIGINAL/PRIMARY/OTHER",
    "ImagingFrequency": 127.765102,
    "InplanePhaseEncodingDirection": "ROW",
    "InversionTime": 0.45,
    "MRAcquisitionType": "3D",
    "MagneticFieldStrength": 3,
    "Manufacturer": "GE MEDICAL SYSTEMS",
    "ManufacturersModelName": "DISCOVERY MR750",
    "NumberOfAverages": 1,
    "NumberOfEPIShots": 0,
    "NumberOfEchoes": 1,
    "NumberOfSlices": 180,
    "ParallelImagingReductionFactors": [
      0.571429,
      1
    ],
    "PercentPhaseFieldOfView": 100,
    "PhaseEncodingDirection": "i",
    "PixelBandwidth": 122.07,
    "PixelSpacing": [
      0.4688,
      0.4688
    ],
    "ReceiveCoilName": "8HRBRAIN",
    "RepetitionTime": 0.0064,
    "Rows": 512,
    "SATFatWaterBone": 0,
    "ScanOptions": [
      "FAST_GEMS",
      "EDR_GEMS",
      "FILTERED_GEMS",
      "ACC_GEMS"
    ],
    "ScanningSequence": "GR",
    "SequenceVariant": [
      "SS",
      "SK"
    ],
    "SeriesDate": "18740127",
    "SeriesDescription": "Sag3D_T1_1mm3",
    "SeriesNumber": 2,
    "SeriesTime": "182647",
    "SliceThickness": 1,
    "SpacingBetweenSlices": 1,
    "StudyTime": "182455",
    "modality": "T1w",
    "session_id": "1",
    "subject_id": "9080"
  },
  "cjv": 0.37641684875423725,
  "cnr": 3.56810169790585,
  "efc": 0.6497332736151442,
  "fber": 151.49046325683594,
  "fwhm_avg": 6.584341124725726,
  "fwhm_x": 4.06226,
  "fwhm_y": 8.22822084413551,
  "fwhm_z": 7.462542530041668,
  "icvs_csf": 0.1959874998988529,
  "icvs_gm": 0.4083339535687867,
  "icvs_wm": 0.3956785465323604,
  "inu_med": 1.2322787046432495,
  "inu_range": 0.5938975811004639,
  "provenance": {
    "md5sum": "f1b0b83c88f31470f8f73cca6d7a0014",
    "mriqc_pred": 0,
    "settings": {
      "testing": false
    },
    "software": "mriqc",
    "version": "0.9.6",
    "warnings": {
      "large_rot_frame": true,
      "small_air_mask": false
    }
  },
  "qi_1": 0.00014583066635247567,
  "qi_2": 0.0003209417330980746,
  "rpve_csf": 25.18004913713998,
  "rpve_gm": 12.732372105326414,
  "rpve_wm": 15.711156852240487,
  "size_x": 180,
  "size_y": 512,
  "size_z": 512,
  "snr_csf": 3.5348807411042844,
  "snr_gm": 13.224008222282462,
  "snr_total": 11.584164428507592,
  "snr_wm": 17.99360432213603,
  "snrd_csf": 13.816555511078636,
  "snrd_gm": 29.30873131631697,
  "snrd_total": 28.01805453284446,
  "snrd_wm": 40.92887677113778,
  "spacing_x": 1.0,
  "spacing_y": 0.46880000829696655,
  "spacing_z": 0.46880000829696655,
  "summary_bg_k": 4.8569609612487055,
  "summary_bg_mad": 16.006755828857422,
  "summary_bg_mean": 53.32935333251953,
  "summary_bg_median": 51.21219253540039,
  "summary_bg_n": 10260126.0,
  "summary_bg_p05": 29.320969581604004,
  "summary_bg_p95": 84.30865478515625,
  "summary_bg_stdv": 17.61678123474121,
  "summary_csf_k": -0.24834143094615024,
  "summary_csf_mad": 95.91091918945312,
  "summary_csf_mean": 349.8545227050781,
  "summary_csf_median": 337.57586669921875,
  "summary_csf_n": 123806.0,
  "summary_csf_p05": 211.38373947143555,
  "summary_csf_p95": 522.1720428466797,
  "summary_csf_stdv": 95.49813079833984,
  "summary_gm_k": 0.23108478672025656,
  "summary_gm_mad": 52.32548141479492,
  "summary_gm_mean": 718.3475952148438,
  "summary_gm_median": 716.0916748046875,
  "summary_gm_n": 191122.0,
  "summary_gm_p05": 633.3183380126953,
  "summary_gm_p95": 811.511373901367,
  "summary_gm_stdv": 54.15073776245117,
  "summary_wm_k": 0.22232648975755387,
  "summary_wm_mad": 54.543636322021484,
  "summary_wm_mean": 999.6046142578125,
  "summary_wm_median": 1000.0032958984375,
  "summary_wm_n": 1200458.0,
  "summary_wm_p05": 908.0237396240234,
  "summary_wm_p95": 1090.064959716797,
  "summary_wm_stdv": 55.575462341308594,
  "tpm_overlap_csf": 0.21340174973011017,
  "tpm_overlap_gm": 0.48690447211265564,
  "tpm_overlap_wm": 0.5477534532546997,
  "wm2max": 0.467039809256517
}