{
  "aor": 0.008165260416666667,
  "aqi": 0.00915802078125,
  "bids_meta": {
    "AcquisitionDuration": 525.000256,
    "CogAtlasID": "trm_4c8a834779883",
    "Columns": 128,
    "EchoTime": 0.03,
    "EchoTrainLength": 1,
    "EffectiveEchoSpacing": 0.000464,
    "FieldOfView": [
      288,
      288,
      147
    ],
    "FlipAngle": 75,
    "GEImageTypeRIMPCode": 0,
    "ImageType": "ORIGINAL/PRIMARY/EPI/NONE",
    "ImagingFrequency": 127.765111,
    "InplanePhaseEncodingDirection": "COL",
    "InversionTime": 0,
    "MRAcquisitionType": "2D",
    "MagneticFieldStrength": 3,
    "Manufacturer": "GE MEDICAL SYSTEMS",
    "ManufacturersModelName": "DISCOVERY MR750",
    "NumberOfAverages": 1,
    "NumberOfEPIShots": 1,
    "NumberOfEchoes": 1,
    "NumberOfSlices": 49,
    "ParallelImagingReductionFactors": [
      0.5,
      1
    ],
    "PercentPhaseFieldOfView": 100,
    "PhaseEncodingDirection": "j",
    "PixelBandwidth": 3906.25,
    "PixelSpacing": [
      2.25,
      2.25
    ],
    "ReceiveCoilName": "8HRBRAIN",
    "RepetitionTime": 2.5,
    "Rows": 128,
    "SATFatWaterBone": 0,
    "ScanOptions": [
      "EPI_GEMS",
      "FILTERED_GEMS",
      "ACC_GEMS"
    ],
    "ScanningSequence": [
      "EP",
      "GR"
    ],
    "SequenceVariant": "SS",
    "SeriesDate": "18740427",
    "SeriesDescription": "RSN_BWRT_200vol_3mm",
    "SeriesNumber": 4,
    "SeriesTime": "181440",
    "SliceThickness": 3,
    "SliceTiming": [
      0,
      1.27551,
      0.05102,
      1.32653,
      0.10204,
      1.37755,
      0.15306,
      1.42857,
      0.20408,
      1.47959,
      0.2551,
      1.53061,
      0.30612,
      1.58163,
      0.35714,
      1.63265,
      0.40816,
      1.68367,
      0.45918,
      1.73469,
      0.5102,
      1.78571,
      0.56122,
      1.83673,
      0.61224,
      1.88776,
      0.66327,
      1.93878,
      0.71429,
      1.9898,
      0.76531,
      2.04082,
      0.81633,
      2.09184,
      0.86735,
      2.14286,
      0.91837,
      2.19388,
      0.96939,
      2.2449,
      1.02041,
      2.29592,
      1.07143,
      2.34694,
      1.12245,
      2.39796,
      1.17347,
      2.44898,
      1.22449
    ],
    "SliceTimingComputationMethod": "SliceNumber*RepetitionTime/NumberOfSlices (interleaved ascending, odd first)",
    "SpacingBetweenSlices": 3,
    "StudyTime": "180658",
    "TaskDescription": "Functional connectivity in the resting state was assessed during two eight-minute runs.",
    "TaskInstructions": "Participants were instructed to keep their eyes open and look at a white fixation cross presented against a gray background.",
    "TaskName": "Resting State",
    "dummyScans": 10,
    "modality": "bold",
    "session_id": "2",
    "subject_id": "9046",
    "task_id": "rest"
  },
  "dummy_trs": 0,
  "dvars_nstd": 21.82889671717277,
  "dvars_std": 1.0916422196335083,
  "dvars_vstd": 0.9728128250261778,
  "efc": 0.3311921523544307,
  "fber": 18041404.0,
  "fd_mean": 0.18338785753891404,
  "fd_num": 42,
  "fd_perc": 21.875,
  "fwhm_avg": 3.3237829629629636,
  "fwhm_x": 3.334488888888889,
  "fwhm_y": 3.915706666666667,
  "fwhm_z": 2.7211533333333335,
  "gcor": 0.0233715,
  "gsr_x": -0.015863658860325813,
  "gsr_y": 0.006934531033039093,
  "provenance": {
    "md5sum": "e59fc1c2a3d8f021c3271a7343ab6365",
    "settings": {
      "fd_thres": 0.2,
      "hmc_fsl": false
    },
    "software": "mriqc",
    "version": "0.9.6"
  },
  "size_t": 192,
  "size_x": 128,
  "size_y": 128,
  "size_z": 49,
  "snr": 4.4192465499355125,
  "spacing_tr": 2.5,
  "spacing_x": 2.25,
  "spacing_y": 2.25,
  "spacing_z": 3.0,
  "summary_bg_k": 119.49437614527332,
  "summary_bg_mad": 1.9150279760360718,
  "summary_bg_mean": 73.3503189086914,
  "summary_bg_median": 1.2916667461395264,
  "summary_bg_n": 624110.0,
  "summary_bg_p05": 0.0,
  "summary_bg_p95": 346.1487136840817,
  "summary_bg_stdv": 269.4799499511719,
  "summary_fg_k": 0.8197564450762171,
  "summary_fg_mad": 1053.1883544921875,
  "summary_fg_mean": 5204.3779296875,
  "summary_fg_median": 5227.25,
  "summary_fg_n": 90059.0,
  "summary_fg_p05": 3140.4032714843747,
  "summary_fg_p95": 7079.16044921875,
  "summary_fg_stdv": 1182.830810546875,
  "tsnr": 46.41390609741211
}