{
  "aor": 0.008511135135135135,
  "aqi": 0.02240398,
  "bids_meta": {
    "AcquisitionDuration": 723.000256,
    "Columns": 128,
    "EchoTime": 0.034,
    "EchoTrainLength": 1,
    "EffectiveEchoSpacing": 0.000532,
    "FieldOfView": [
      240,
      240,
      108
    ],
    "FlipAngle": 80,
    "GEImageTypeRIMPCode": 0,
    "ImageType": "ORIGINAL/PRIMARY/EPI/NONE",
    "ImagingFrequency": 127.765294,
    "InplanePhaseEncodingDirection": "COL",
    "InversionTime": 0,
    "MRAcquisitionType": "2D",
    "MagneticFieldStrength": 3,
    "Manufacturer": "GE MEDICAL SYSTEMS",
    "ManufacturersModelName": "DISCOVERY MR750",
    "NumberOfAverages": 1,
    "NumberOfEPIShots": 1,
    "NumberOfEchoes": 1,
    "NumberOfSlices": 45,
    "ParallelImagingReductionFactors": [
      0.5,
      1
    ],
    "PercentPhaseFieldOfView": 100,
    "PhaseEncodingDirection": "j",
    "PixelBandwidth": 3906.25,
    "PixelSpacing": [
      1.875,
      1.875
    ],
    "ReceiveCoilName": "8HRBRAIN",
    "RepetitionTime": 3,
    "Rows": 128,
    "SATFatWaterBone": 1,
    "ScanOptions": [
      "SAT_GEMS",
      "EPI_GEMS",
      "ACC_GEMS",
      "FS"
    ],
    "ScanningSequence": [
      "EP",
      "GR"
    ],
    "SequenceVariant": "SS",
    "SeriesDate": "18730416",
    "SeriesDescription": "fMRI-hands",
    "SeriesNumber": 8,
    "SeriesTime": "210832",
    "SliceThickness": 2.3,
    "SliceTiming": [
      0,
      1.53333,
      0.06667,
      1.6,
      0.13333,
      1.66667,
      0.2,
      1.73333,
      0.26667,
      1.8,
      0.33333,
      1.86667,
      0.4,
      1.93333,
      0.46667,
      2,
      0.53333,
      2.06667,
      0.6,
      2.13333,
      0.66667,
      2.2,
      0.73333,
      2.26667,
      0.8,
      2.33333,
      0.86667,
      2.4,
      0.93333,
      2.46667,
      1,
      2.53333,
      1.06667,
      2.6,
      1.13333,
      2.66667,
      1.2,
      2.73333,
      1.26667,
      2.8,
      1.33333,
      2.86667,
      1.4,
      2.93333,
      1.46667
    ],
    "SliceTimingComputationMethod": "SliceNumber*RepetitionTime/NumberOfSlices (interleaved ascending, odd first)",
    "SpacingBetweenSlices": 2.4,
    "StudyTime": "203621",
    "TaskDescription": "In an event-related design, participants were shown pictures of hands being stung by needles or poked with Q-tips. The stimulus set was kindly shared by Claus Lamm, and has been shown to be effective in previous work by him. After each picture, participants were asked to rate their perceived unpleasantness on a visual analog scale of 0-100.",
    "TaskInstructions": "",
    "TaskName": "Hands",
    "dummyScans": 5,
    "modality": "bold",
    "session_id": "1",
    "subject_id": "9067",
    "task_id": "hands"
  },
  "dummy_trs": 0,
  "dvars_nstd": 48.61742234233697,
  "dvars_std": 1.0932880130434783,
  "dvars_vstd": 1.0443016914130439,
  "efc": 0.4203148240917519,
  "fber": 165964.734375,
  "fd_mean": 0.47073665652703883,
  "fd_num": 107,
  "fd_perc": 57.83783783783784,
  "fwhm_avg": 3.117413299744212,
  "fwhm_x": 3.2583306666666667,
  "fwhm_y": 3.582154666666667,
  "fwhm_z": 2.511754565899303,
  "gcor": 0.0439238,
  "gsr_x": -0.009286523796617985,
  "gsr_y": 0.0160763468593359,
  "provenance": {
    "md5sum": "37861db0c0364f732ac0f16f72d301d1",
    "settings": {
      "fd_thres": 0.2,
      "hmc_fsl": false
    },
    "software": "mriqc",
    "version": "0.9.6"
  },
  "size_t": 185,
  "size_x": 128,
  "size_y": 128,
  "size_z": 45,
  "snr": 3.8387479776996876,
  "spacing_tr": 3.0,
  "spacing_x": 1.875,
  "spacing_y": 1.875,
  "spacing_z": 2.3999996185302734,
  "summary_bg_k": 144.4873540692297,
  "summary_bg_mad": 13.752138137817383,
  "summary_bg_mean": 83.70386505126953,
  "summary_bg_median": 9.31891918182373,
  "summary_bg_n": 516016.0,
  "summary_bg_p05": 0.0486486479640007,
  "summary_bg_p95": 349.82432556152344,
  "summary_bg_stdv": 247.1157989501953,
  "summary_fg_k": 0.9341039302778427,
  "summary_fg_mad": 902.4561157226562,
  "summary_fg_mean": 3704.287109375,
  "summary_fg_median": 3679.7353515625,
  "summary_fg_n": 131210.0,
  "summary_fg_p05": 2184.7600341796874,
  "summary_fg_p95": 5278.256054687499,
  "summary_fg_stdv": 958.5733032226562,
  "tsnr": 27.76565933227539
}