{
  "aor": 0.0076139499999999995,
  "aqi": 0.0093115483,
  "bids_meta": {
    "AcquisitionDuration": 525.000256,
    "CogAtlasID": "trm_4c8a834779883",
    "Columns": 128,
    "EchoTime": 0.03,
    "EchoTrainLength": 1,
    "EffectiveEchoSpacing": 0.000464,
    "FieldOfView": [
      288,
      288,
      147
    ],
    "FlipAngle": 75,
    "GEImageTypeRIMPCode": 0,
    "ImageType": "ORIGINAL/PRIMARY/EPI/NONE",
    "ImagingFrequency": 127.765165,
    "InplanePhaseEncodingDirection": "COL",
    "InversionTime": 0,
    "MRAcquisitionType": "2D",
    "MagneticFieldStrength": 3,
    "Manufacturer": "GE MEDICAL SYSTEMS",
    "ManufacturersModelName": "DISCOVERY MR750",
    "NumberOfAverages": 1,
    "NumberOfEPIShots": 1,
    "NumberOfEchoes": 1,
    "NumberOfSlices": 49,
    "ParallelImagingReductionFactors": [
      0.5,
      1
    ],
    "PercentPhaseFieldOfView": 100,
    "PhaseEncodingDirection": "j",
    "PixelBandwidth": 3906.25,
    "PixelSpacing": [
      2.25,
      2.25
    ],
    "ReceiveCoilName": "8HRBRAIN",
    "RepetitionTime": 2.5,
    "Rows": 128,
    "SATFatWaterBone": 0,
    "ScanOptions": [
      "EPI_GEMS",
      "FILTERED_GEMS",
      "ACC_GEMS"
    ],
    "ScanningSequence": [
      "EP",
      "GR"
    ],
    "SequenceVariant": "SS",
    "SeriesDate": "18740513",
    "SeriesDescription": "RSN_BWRT_200vol_3mm",
    "SeriesNumber": 10,
    "SeriesTime": "191426",
    "SliceThickness": 3,
    "SliceTiming": [
      0,
      1.27551,
      0.05102,
      1.32653,
      0.10204,
      1.37755,
      0.15306,
      1.42857,
      0.20408,
      1.47959,
      0.2551,
      1.53061,
      0.30612,
      1.58163,
      0.35714,
      1.63265,
      0.40816,
      1.68367,
      0.45918,
      1.73469,
      0.5102,
      1.78571,
      0.56122,
      1.83673,
      0.61224,
      1.88776,
      0.66327,
      1.93878,
      0.71429,
      1.9898,
      0.76531,
      2.04082,
      0.81633,
      2.09184,
      0.86735,
      2.14286,
      0.91837,
      2.19388,
      0.96939,
      2.2449,
      1.02041,
      2.29592,
      1.07143,
      2.34694,
      1.12245,
      2.39796,
      1.17347,
      2.44898,
      1.22449
    ],
    "SliceTimingComputationMethod": "SliceNumber*RepetitionTime/NumberOfSlices (interleaved ascending, odd first)",
    "SpacingBetweenSlices": 3,
    "StudyTime": "181314",
    "TaskDescription": "Functional connectivity in the resting state was assessed during two eight-minute runs. Participants were asked to rate their sleepiness using the Karolinska Sleepiness Scale every 2 minutes",
    "TaskInstructions": "Participants were instructed to keep their eyes open and look at a white fixation cross presented against a gray background.",
    "TaskName": "Sleepiness",
    "dummyScans": 10,
    "modality": "bold",
    "session_id": "2",
    "subject_id": "9003",
    "task_id": "sleepiness"
  },
  "dummy_trs": 0,
  "dvars_nstd": 23.3051249537186,
  "dvars_std": 1.090130544924624,
  "dvars_vstd": 0.9973175562814066,
  "efc": 0.33822418425282563,
  "fber": 23873692.0,
  "fd_mean": 0.1963493539743743,
  "fd_num": 75,
  "fd_perc": 37.5,
  "fwhm_avg": 3.2111781481481483,
  "fwhm_x": 3.3455555555555554,
  "fwhm_y": 3.608435555555556,
  "fwhm_z": 2.679543333333333,
  "gcor": 0.0316367,
  "gsr_x": -0.014217458665370941,
  "gsr_y": 0.0007384720956906676,
  "provenance": {
    "md5sum": "2d068b395e17a71113438e566fed32b3",
    "settings": {
      "fd_thres": 0.2,
      "hmc_fsl": false
    },
    "software": "mriqc",
    "version": "0.9.6"
  },
  "size_t": 200,
  "size_x": 128,
  "size_y": 128,
  "size_z": 49,
  "snr": 4.556588206830851,
  "spacing_tr": 2.5,
  "spacing_x": 2.25,
  "spacing_y": 2.25,
  "spacing_z": 3.0,
  "summary_bg_k": 115.23867241841579,
  "summary_bg_mad": 1.5641453266143799,
  "summary_bg_mean": 68.02464294433594,
  "summary_bg_median": 1.0549999475479126,
  "summary_bg_n": 620615.0,
  "summary_bg_p05": 0.0,
  "summary_bg_p95": 342.6544891357412,
  "summary_bg_stdv": 247.99000549316406,
  "summary_fg_k": 1.5380202601204411,
  "summary_fg_mad": 860.8728637695312,
  "summary_fg_mean": 4753.52685546875,
  "summary_fg_median": 4798.634765625,
  "summary_fg_n": 93557.0,
  "summary_fg_p05": 2852.75986328125,
  "summary_fg_p95": 6376.7947265625,
  "summary_fg_stdv": 1053.114501953125,
  "tsnr": 49.737281799316406
}