{
  "aor": 0.0009423958333333333,
  "aqi": 0.004477490208333333,
  "bids_meta": {
    "AcquisitionDuration": 525.000256,
    "CogAtlasID": "trm_4c8a834779883",
    "Columns": 128,
    "EchoTime": 0.03,
    "EchoTrainLength": 1,
    "EffectiveEchoSpacing": 0.000464,
    "FieldOfView": [
      288,
      288,
      147
    ],
    "FlipAngle": 75,
    "GEImageTypeRIMPCode": 0,
    "ImageType": "ORIGINAL/PRIMARY/EPI/NONE",
    "ImagingFrequency": 127.765124,
    "InplanePhaseEncodingDirection": "COL",
    "InversionTime": 0,
    "MRAcquisitionType": "2D",
    "MagneticFieldStrength": 3,
    "Manufacturer": "GE MEDICAL SYSTEMS",
    "ManufacturersModelName": "DISCOVERY MR750",
    "NumberOfAverages": 1,
    "NumberOfEPIShots": 1,
    "NumberOfEchoes": 1,
    "NumberOfSlices": 49,
    "ParallelImagingReductionFactors": [
      0.5,
      1
    ],
    "PercentPhaseFieldOfView": 100,
    "PhaseEncodingDirection": "j",
    "PixelBandwidth": 3906.25,
    "PixelSpacing": [
      2.25,
      2.25
    ],
    "ReceiveCoilName": "8HRBRAIN",
    "RepetitionTime": 2.5,
    "Rows": 128,
    "SATFatWaterBone": 0,
    "ScanOptions": [
      "EPI_GEMS",
      "FILTERED_GEMS",
      "ACC_GEMS"
    ],
    "ScanningSequence": [
      "EP",
      "GR"
    ],
    "SequenceVariant": "SS",
    "SeriesDate": "18740511",
    "SeriesDescription": "RSN_BWRT_200vol_3mm",
    "SeriesNumber": 4,
    "SeriesTime": "200722",
    "SliceThickness": 3,
    "SliceTiming": [
      0,
      1.27551,
      0.05102,
      1.32653,
      0.10204,
      1.37755,
      0.15306,
      1.42857,
      0.20408,
      1.47959,
      0.2551,
      1.53061,
      0.30612,
      1.58163,
      0.35714,
      1.63265,
      0.40816,
      1.68367,
      0.45918,
      1.73469,
      0.5102,
      1.78571,
      0.56122,
      1.83673,
      0.61224,
      1.88776,
      0.66327,
      1.93878,
      0.71429,
      1.9898,
      0.76531,
      2.04082,
      0.81633,
      2.09184,
      0.86735,
      2.14286,
      0.91837,
      2.19388,
      0.96939,
      2.2449,
      1.02041,
      2.29592,
      1.07143,
      2.34694,
      1.12245,
      2.39796,
      1.17347,
      2.44898,
      1.22449
    ],
    "SliceTimingComputationMethod": "SliceNumber*RepetitionTime/NumberOfSlices (interleaved ascending, odd first)",
    "SpacingBetweenSlices": 3,
    "StudyTime": "195951",
    "TaskDescription": "Functional connectivity in the resting state was assessed during two eight-minute runs.",
    "TaskInstructions": "Participants were instructed to keep their eyes open and look at a white fixation cross presented against a gray background.",
    "TaskName": "Resting State",
    "dummyScans": 10,
    "modality": "bold",
    "session_id": "2",
    "subject_id": "9065",
    "task_id": "rest"
  },
  "dummy_trs": 0,
  "dvars_nstd": 24.862700377382204,
  "dvars_std": 1.1700757003664926,
  "dvars_vstd": 0.9698485572251309,
  "efc": 0.34667116811768883,
  "fber": 35684248.0,
  "fd_mean": 0.17961139567659204,
  "fd_num": 68,
  "fd_perc": 35.416666666666664,
  "fwhm_avg": 3.1886085185185187,
  "fwhm_x": 3.2603999999999997,
  "fwhm_y": 3.6846755555555557,
  "fwhm_z": 2.62075,
  "gcor": 0.0914882,
  "gsr_x": -0.02123498171567917,
  "gsr_y": 0.003825309220701456,
  "provenance": {
    "md5sum": "3d5e95b2d7aa3337299aa8bfc6c44d3c",
    "settings": {
      "fd_thres": 0.2,
      "hmc_fsl": false
    },
    "software": "mriqc",
    "version": "0.9.6"
  },
  "size_t": 192,
  "size_x": 128,
  "size_y": 128,
  "size_z": 49,
  "snr": 4.271328231231225,
  "spacing_tr": 2.5,
  "spacing_x": 2.25,
  "spacing_y": 2.25,
  "spacing_z": 3.0,
  "summary_bg_k": 55.90612085335689,
  "summary_bg_mad": 1.2972769737243652,
  "summary_bg_mean": 81.49385833740234,
  "summary_bg_median": 0.875,
  "summary_bg_n": 617567.0,
  "summary_bg_p05": 0.0,
  "summary_bg_p95": 387.1755279541013,
  "summary_bg_stdv": 284.34759521484375,
  "summary_fg_k": 1.3900632547766323,
  "summary_fg_mad": 954.9156494140625,
  "summary_fg_mean": 4839.6083984375,
  "summary_fg_median": 4878.73974609375,
  "summary_fg_n": 96804.0,
  "summary_fg_p05": 2864.8703125,
  "summary_fg_p95": 6613.057690429687,
  "summary_fg_stdv": 1142.2008056640625,
  "tsnr": 67.93777465820312
}