{
  "aor": 0.0061849230769230774,
  "aqi": 0.010105157743589744,
  "bids_meta": {
    "AcquisitionDuration": 723.000256,
    "Columns": 128,
    "EchoTime": 0.034,
    "EchoTrainLength": 1,
    "EffectiveEchoSpacing": 0.000532,
    "FieldOfView": [
      240,
      240,
      108
    ],
    "FlipAngle": 80,
    "GEImageTypeRIMPCode": 0,
    "ImageType": "ORIGINAL/PRIMARY/EPI/NONE",
    "ImagingFrequency": 127.76526,
    "InplanePhaseEncodingDirection": "COL",
    "InversionTime": 0,
    "MRAcquisitionType": "2D",
    "MagneticFieldStrength": 3,
    "Manufacturer": "GE MEDICAL SYSTEMS",
    "ManufacturersModelName": "DISCOVERY MR750",
    "NumberOfAverages": 1,
    "NumberOfEPIShots": 1,
    "NumberOfEchoes": 1,
    "NumberOfSlices": 45,
    "ParallelImagingReductionFactors": [
      0.5,
      1
    ],
    "PercentPhaseFieldOfView": 100,
    "PhaseEncodingDirection": "j",
    "PixelBandwidth": 3906.25,
    "PixelSpacing": [
      1.875,
      1.875
    ],
    "ReceiveCoilName": "8HRBRAIN",
    "RepetitionTime": 3,
    "Rows": 128,
    "SATFatWaterBone": 1,
    "ScanOptions": [
      "SAT_GEMS",
      "EPI_GEMS",
      "ACC_GEMS",
      "FS"
    ],
    "ScanningSequence": [
      "EP",
      "GR"
    ],
    "SequenceVariant": "SS",
    "SeriesDate": "18730404",
    "SeriesDescription": "fMRI-hands",
    "SeriesNumber": 8,
    "SeriesTime": "200537",
    "SliceThickness": 2.3,
    "SliceTiming": [
      0,
      1.53333,
      0.06667,
      1.6,
      0.13333,
      1.66667,
      0.2,
      1.73333,
      0.26667,
      1.8,
      0.33333,
      1.86667,
      0.4,
      1.93333,
      0.46667,
      2,
      0.53333,
      2.06667,
      0.6,
      2.13333,
      0.66667,
      2.2,
      0.73333,
      2.26667,
      0.8,
      2.33333,
      0.86667,
      2.4,
      0.93333,
      2.46667,
      1,
      2.53333,
      1.06667,
      2.6,
      1.13333,
      2.66667,
      1.2,
      2.73333,
      1.26667,
      2.8,
      1.33333,
      2.86667,
      1.4,
      2.93333,
      1.46667
    ],
    "SliceTimingComputationMethod": "SliceNumber*RepetitionTime/NumberOfSlices (interleaved ascending, odd first)",
    "SpacingBetweenSlices": 2.4,
    "StudyTime": "193209",
    "TaskDescription": "In an event-related design, participants were shown pictures of hands being stung by needles or poked with Q-tips. The stimulus set was kindly shared by Claus Lamm, and has been shown to be effective in previous work by him. After each picture, participants were asked to rate their perceived unpleasantness on a visual analog scale of 0-100.",
    "TaskInstructions": "",
    "TaskName": "Hands",
    "dummyScans": 5,
    "modality": "bold",
    "session_id": "1",
    "subject_id": "9077",
    "task_id": "hands"
  },
  "dummy_trs": 0,
  "dvars_nstd": 34.91266471804125,
  "dvars_std": 1.0281312252577328,
  "dvars_vstd": 1.0211672261340206,
  "efc": 0.4164406409156042,
  "fber": 289828.9375,
  "fd_mean": 0.18539454578882025,
  "fd_num": 46,
  "fd_perc": 23.58974358974359,
  "fwhm_avg": 3.2115033540789155,
  "fwhm_x": 3.242144,
  "fwhm_y": 3.606672,
  "fwhm_z": 2.7856940622367463,
  "gcor": 0.0280222,
  "gsr_x": -0.011238370090723038,
  "gsr_y": 0.014127813279628754,
  "provenance": {
    "md5sum": "b0bc45a26618df529abfae74fd9956c3",
    "settings": {
      "fd_thres": 0.2,
      "hmc_fsl": false
    },
    "software": "mriqc",
    "version": "0.9.6"
  },
  "size_t": 195,
  "size_x": 128,
  "size_y": 128,
  "size_z": 45,
  "snr": 3.4343695085298287,
  "spacing_tr": 3.0,
  "spacing_x": 1.875,
  "spacing_y": 1.875,
  "spacing_z": 2.4000015258789062,
  "summary_bg_k": 310.0274199345785,
  "summary_bg_mad": 11.351410865783691,
  "summary_bg_mean": 69.74340057373047,
  "summary_bg_median": 7.6769232749938965,
  "summary_bg_n": 513340.0,
  "summary_bg_p05": 0.025641025975346565,
  "summary_bg_p95": 247.7589874267578,
  "summary_bg_stdv": 230.40541076660156,
  "summary_fg_k": 1.8326661271527636,
  "summary_fg_mad": 998.6810302734375,
  "summary_fg_mean": 4050.564697265625,
  "summary_fg_median": 3973.47705078125,
  "summary_fg_n": 135511.0,
  "summary_fg_p05": 2308.8974609375,
  "summary_fg_p95": 6041.09765625,
  "summary_fg_stdv": 1156.969970703125,
  "tsnr": 35.999481201171875
}