{
  "aor": 0.0014214942528735632,
  "aqi": 0.010215565287356322,
  "bids_meta": {
    "AcquisitionDuration": 723.000256,
    "Columns": 128,
    "EchoTime": 0.034,
    "EchoTrainLength": 1,
    "EffectiveEchoSpacing": 0.00056,
    "FieldOfView": [
      220.01,
      220.01,
      110.4
    ],
    "FlipAngle": 80,
    "GEImageTypeRIMPCode": 0,
    "ImageType": "ORIGINAL/PRIMARY/EPI/NONE",
    "ImagingFrequency": 127.76515,
    "InplanePhaseEncodingDirection": "COL",
    "InversionTime": 0,
    "MRAcquisitionType": "2D",
    "MagneticFieldStrength": 3,
    "Manufacturer": "GE MEDICAL SYSTEMS",
    "ManufacturersModelName": "DISCOVERY MR750",
    "NumberOfAverages": 1,
    "NumberOfEPIShots": 1,
    "NumberOfEchoes": 1,
    "NumberOfSlices": 46,
    "ParallelImagingReductionFactors": [
      0.5,
      1
    ],
    "PercentPhaseFieldOfView": 100,
    "PhaseEncodingDirection": "j",
    "PixelBandwidth": 3906.25,
    "PixelSpacing": [
      1.7188,
      1.7188
    ],
    "ReceiveCoilName": "8HRBRAIN",
    "RepetitionTime": 3,
    "Rows": 128,
    "SATFatWaterBone": 1,
    "ScanOptions": [
      "SAT_GEMS",
      "EPI_GEMS",
      "ACC_GEMS",
      "FS"
    ],
    "ScanningSequence": [
      "EP",
      "GR"
    ],
    "SequenceVariant": "SS",
    "SeriesDate": "18740111",
    "SeriesDescription": "fMRI-hands",
    "SeriesNumber": 7,
    "SeriesTime": "184853",
    "SliceThickness": 2.3,
    "SliceTiming": [
      0,
      1.5,
      0.06522,
      1.56522,
      0.13043,
      1.63043,
      0.19565,
      1.69565,
      0.26087,
      1.76087,
      0.32609,
      1.82609,
      0.3913,
      1.8913,
      0.45652,
      1.95652,
      0.52174,
      2.02174,
      0.58696,
      2.08696,
      0.65217,
      2.15217,
      0.71739,
      2.21739,
      0.78261,
      2.28261,
      0.84783,
      2.34783,
      0.91304,
      2.41304,
      0.97826,
      2.47826,
      1.04348,
      2.54348,
      1.1087,
      2.6087,
      1.17391,
      2.67391,
      1.23913,
      2.73913,
      1.30435,
      2.80435,
      1.36957,
      2.86957,
      1.43478,
      2.93478
    ],
    "SliceTimingComputationMethod": "SliceNumber*RepetitionTime/NumberOfSlices (interleaved ascending, odd first)",
    "SpacingBetweenSlices": 2.4,
    "StudyTime": "181424",
    "TaskDescription": "In an event-related design, participants were shown pictures of hands being stung by needles or poked with Q-tips. The stimulus set was kindly shared by Claus Lamm, and has been shown to be effective in previous work by him. After each picture, participants were asked to rate their perceived unpleasantness on a visual analog scale of 0-100.",
    "TaskInstructions": "",
    "TaskName": "Hands",
    "dummyScans": 5,
    "modality": "bold",
    "session_id": "1",
    "subject_id": "9087",
    "task_id": "hands"
  },
  "dummy_trs": 0,
  "dvars_nstd": 38.71586007994222,
  "dvars_std": 1.069845437630057,
  "dvars_vstd": 1.015134114855491,
  "efc": 0.5008400454850974,
  "fber": 7043.0625,
  "fd_mean": 0.1276740306933914,
  "fd_num": 20,
  "fd_perc": 11.494252873563218,
  "fwhm_avg": 2.937582955092244,
  "fwhm_x": 2.995165320965196,
  "fwhm_y": 3.404439245214029,
  "fwhm_z": 2.4131442990975067,
  "gcor": 0.0101483,
  "gsr_x": -2.3770397092448547e-05,
  "gsr_y": 0.01879161410033703,
  "provenance": {
    "md5sum": "b6e693bbc3458182bf0416866aa070de",
    "settings": {
      "fd_thres": 0.2,
      "hmc_fsl": false
    },
    "software": "mriqc",
    "version": "0.9.6"
  },
  "size_t": 174,
  "size_x": 128,
  "size_y": 128,
  "size_z": 46,
  "snr": 3.050527047808762,
  "spacing_tr": 3.0,
  "spacing_x": 1.7187999486923218,
  "spacing_y": 1.7187999486923218,
  "spacing_z": 2.4000015258789062,
  "summary_bg_k": 80.50488782933643,
  "summary_bg_mad": 62.644203186035156,
  "summary_bg_mean": 125.80763244628906,
  "summary_bg_median": 42.88505554199219,
  "summary_bg_n": 468710.0,
  "summary_bg_p05": 0.08620689809322357,
  "summary_bg_p95": 540.5023010253901,
  "summary_bg_stdv": 292.4674987792969,
  "summary_fg_k": 1.8002069423857883,
  "summary_fg_mad": 927.214599609375,
  "summary_fg_mean": 3714.578125,
  "summary_fg_median": 3569.988525390625,
  "summary_fg_n": 188885.0,
  "summary_fg_p05": 2066.5103515625,
  "summary_fg_p95": 5909.480371093747,
  "summary_fg_stdv": 1170.28271484375,
  "tsnr": 33.4944953918457
}