{
  "bids_meta": {
    "AcquisitionDuration": 393.10272,
    "Columns": 512,
    "EchoTime": 0.12698,
    "EchoTrainLength": 140,
    "EffectiveEchoSpacing": 0,
    "FieldOfView": [
      240.03,
      240.03,
      87.6
    ],
    "FlipAngle": 90,
    "GEImageTypeRIMPCode": 0,
    "ImageType": "ORIGINAL/PRIMARY/OTHER",
    "ImagingFrequency": 127.765103,
    "InplanePhaseEncodingDirection": "ROW",
    "InversionTime": 1.862,
    "MRAcquisitionType": "3D",
    "MagneticFieldStrength": 3,
    "Manufacturer": "GE MEDICAL SYSTEMS",
    "ManufacturersModelName": "DISCOVERY MR750",
    "NumberOfAverages": 1,
    "NumberOfEPIShots": 1,
    "NumberOfEchoes": 1,
    "NumberOfSlices": 146,
    "ParallelImagingReductionFactors": [
      0.5,
      0.5
    ],
    "PercentPhaseFieldOfView": 100,
    "PhaseEncodingDirection": "i",
    "PixelBandwidth": 122.07,
    "PixelSpacing": [
      0.4688,
      0.4688
    ],
    "ReceiveCoilName": "8HRBRAIN",
    "RepetitionTime": 6,
    "Rows": 512,
    "SATFatWaterBone": 0,
    "ScanOptions": [
      "EDR_GEMS",
      "FILTERED_GEMS",
      "ACC_GEMS"
    ],
    "ScanningSequence": [
      "SE",
      "IR"
    ],
    "SequenceVariant": "SK",
    "SeriesDate": "18740112",
    "SeriesDescription": "Sag CUBE T2 flair",
    "SeriesNumber": 11,
    "SeriesTime": "214354",
    "SliceThickness": 1.2,
    "SpacingBetweenSlices": 0.600002,
    "StudyTime": "202717",
    "modality": "T2w",
    "session_id": "1",
    "subject_id": "9098"
  },
  "cjv": 0.7965184182209563,
  "cnr": 0.6154554500670602,
  "efc": 0.6028971736165407,
  "fber": 324.8626708984375,
  "fwhm_avg": 4.208425854907695,
  "fwhm_x": 3.8303331811295678,
  "fwhm_y": 4.499040022763685,
  "fwhm_z": 4.295904360829832,
  "icvs_csf": 0.4103908709613179,
  "icvs_gm": 0.4363877884085661,
  "icvs_wm": 0.15322134063011597,
  "inu_med": 1.1232895851135254,
  "inu_range": 0.5153977036476134,
  "provenance": {
    "md5sum": "7a10f2577ad7c3b221cd6b666809970b",
    "settings": {
      "testing": false
    },
    "software": "mriqc",
    "version": "0.9.6",
    "warnings": {
      "large_rot_frame": true,
      "small_air_mask": false
    }
  },
  "qi_1": 0.0,
  "qi_2": 0.0006890690999328353,
  "rpve_csf": 17.44226111020187,
  "rpve_gm": 15.73737214270406,
  "rpve_wm": 42.60515104169867,
  "size_x": 292,
  "size_y": 512,
  "size_z": 512,
  "snr_csf": 15.66563556465773,
  "snr_gm": 15.465432571941596,
  "snr_total": 10.72872733758909,
  "snr_wm": 1.055113876167943,
  "snrd_csf": 58.71162008851161,
  "snrd_gm": 50.10908072796991,
  "snrd_total": 46.798836877790116,
  "snrd_wm": 31.57580981688884,
  "spacing_x": 0.6000000238418579,
  "spacing_y": 0.46880000829696655,
  "spacing_z": 0.46880000829696655,
  "summary_bg_k": 16.91251689252055,
  "summary_bg_mad": 20.742597579956055,
  "summary_bg_mean": 69.90038299560547,
  "summary_bg_median": 65.7490234375,
  "summary_bg_n": 17534509.0,
  "summary_bg_p05": 37.41616592407227,
  "summary_bg_p95": 115.43380737304686,
  "summary_bg_stdv": 26.771821975708008,
  "summary_csf_k": 0.4651915075430546,
  "summary_csf_mad": 113.65027618408203,
  "summary_csf_mean": 1865.994873046875,
  "summary_csf_median": 1858.897705078125,
  "summary_csf_n": 574190.0,
  "summary_csf_p05": 1684.0657165527343,
  "summary_csf_p95": 2071.8945556640624,
  "summary_csf_stdv": 118.66075134277344,
  "summary_gm_k": -0.0719528199369921,
  "summary_gm_mad": 104.16022491455078,
  "summary_gm_mean": 1587.11962890625,
  "summary_gm_median": 1586.5284423828125,
  "summary_gm_n": 357571.0,
  "summary_gm_p05": 1419.3508911132812,
  "summary_gm_p95": 1755.9239501953125,
  "summary_gm_stdv": 102.58531188964844,
  "summary_wm_k": 1.0080956818496531,
  "summary_wm_mad": 363.22967529296875,
  "summary_wm_mean": 1356.365234375,
  "summary_wm_median": 999.7373657226562,
  "summary_wm_n": 137423.0,
  "summary_wm_p05": 367.9043029785156,
  "summary_wm_p95": 3237.4756835937496,
  "summary_wm_stdv": 947.5126342773438,
  "tpm_overlap_csf": 0.07568684220314026,
  "tpm_overlap_gm": 0.3221128582954407,
  "tpm_overlap_wm": 0.09650710970163345,
  "wm2max": 0.20801197553363662
}