{
  "aor": 0.008353177083333335,
  "aqi": 0.008906044427083334,
  "bids_meta": {
    "AcquisitionDuration": 525.000256,
    "CogAtlasID": "trm_4c8a834779883",
    "Columns": 128,
    "EchoTime": 0.03,
    "EchoTrainLength": 1,
    "EffectiveEchoSpacing": 0.000464,
    "FieldOfView": [
      288,
      288,
      147
    ],
    "FlipAngle": 75,
    "GEImageTypeRIMPCode": 0,
    "ImageType": "ORIGINAL/PRIMARY/EPI/NONE",
    "ImagingFrequency": 127.76513,
    "InplanePhaseEncodingDirection": "COL",
    "InversionTime": 0,
    "MRAcquisitionType": "2D",
    "MagneticFieldStrength": 3,
    "Manufacturer": "GE MEDICAL SYSTEMS",
    "ManufacturersModelName": "DISCOVERY MR750",
    "NumberOfAverages": 1,
    "NumberOfEPIShots": 1,
    "NumberOfEchoes": 1,
    "NumberOfSlices": 49,
    "ParallelImagingReductionFactors": [
      0.5,
      1
    ],
    "PercentPhaseFieldOfView": 100,
    "PhaseEncodingDirection": "j",
    "PixelBandwidth": 3906.25,
    "PixelSpacing": [
      2.25,
      2.25
    ],
    "ReceiveCoilName": "8HRBRAIN",
    "RepetitionTime": 2.5,
    "Rows": 128,
    "SATFatWaterBone": 0,
    "ScanOptions": [
      "EPI_GEMS",
      "FILTERED_GEMS",
      "ACC_GEMS"
    ],
    "ScanningSequence": [
      "EP",
      "GR"
    ],
    "SequenceVariant": "SS",
    "SeriesDate": "18740322",
    "SeriesDescription": "RSN_BWRT_200vol_3mm",
    "SeriesNumber": 4,
    "SeriesTime": "181352",
    "SliceThickness": 3,
    "SliceTiming": [
      0,
      1.27551,
      0.05102,
      1.32653,
      0.10204,
      1.37755,
      0.15306,
      1.42857,
      0.20408,
      1.47959,
      0.2551,
      1.53061,
      0.30612,
      1.58163,
      0.35714,
      1.63265,
      0.40816,
      1.68367,
      0.45918,
      1.73469,
      0.5102,
      1.78571,
      0.56122,
      1.83673,
      0.61224,
      1.88776,
      0.66327,
      1.93878,
      0.71429,
      1.9898,
      0.76531,
      2.04082,
      0.81633,
      2.09184,
      0.86735,
      2.14286,
      0.91837,
      2.19388,
      0.96939,
      2.2449,
      1.02041,
      2.29592,
      1.07143,
      2.34694,
      1.12245,
      2.39796,
      1.17347,
      2.44898,
      1.22449
    ],
    "SliceTimingComputationMethod": "SliceNumber*RepetitionTime/NumberOfSlices (interleaved ascending, odd first)",
    "SpacingBetweenSlices": 3,
    "StudyTime": "180550",
    "TaskDescription": "Functional connectivity in the resting state was assessed during two eight-minute runs.",
    "TaskInstructions": "Participants were instructed to keep their eyes open and look at a white fixation cross presented against a gray background.",
    "TaskName": "Resting State",
    "dummyScans": 10,
    "modality": "bold",
    "session_id": "1",
    "subject_id": "9049",
    "task_id": "rest"
  },
  "dummy_trs": 0,
  "dvars_nstd": 23.656545120104727,
  "dvars_std": 1.0338503993193713,
  "dvars_vstd": 0.9280633249738217,
  "efc": 0.32198468341379616,
  "fber": 45275704.0,
  "fd_mean": 0.23493068572760978,
  "fd_num": 65,
  "fd_perc": 33.854166666666664,
  "fwhm_avg": 3.2628792592592593,
  "fwhm_x": 3.2908844444444445,
  "fwhm_y": 3.808346666666667,
  "fwhm_z": 2.6894066666666667,
  "gcor": 0.0482252,
  "gsr_x": -0.010039543733000755,
  "gsr_y": 0.0016081742942333221,
  "provenance": {
    "md5sum": "3f0615166bc8c1ce752811b4bd5e64ea",
    "settings": {
      "fd_thres": 0.2,
      "hmc_fsl": false
    },
    "software": "mriqc",
    "version": "0.9.6"
  },
  "size_t": 192,
  "size_x": 128,
  "size_y": 128,
  "size_z": 49,
  "snr": 4.5541052662942185,
  "spacing_tr": 2.5,
  "spacing_x": 2.25,
  "spacing_y": 2.25,
  "spacing_z": 3.0,
  "summary_bg_k": 208.90589436324876,
  "summary_bg_mad": 1.204614281654358,
  "summary_bg_mean": 46.85222244262695,
  "summary_bg_median": 0.8125,
  "summary_bg_n": 622556.0,
  "summary_bg_p05": 0.0,
  "summary_bg_p95": 220.72135543823242,
  "summary_bg_stdv": 185.3921661376953,
  "summary_fg_k": 0.8344948082810726,
  "summary_fg_mad": 992.6948852539062,
  "summary_fg_mean": 5195.427734375,
  "summary_fg_median": 5247.66162109375,
  "summary_fg_n": 91361.0,
  "summary_fg_p05": 3085.38037109375,
  "summary_fg_p95": 6987.90625,
  "summary_fg_stdv": 1152.2862548828125,
  "tsnr": 46.71925354003906
}