{
  "bids_meta": {
    "AcquisitionDuration": 238.55128,
    "Columns": 512,
    "EchoTime": 0.00281,
    "EchoTrainLength": 1,
    "EffectiveEchoSpacing": 0,
    "FieldOfView": [
      240.03,
      240.03,
      180
    ],
    "FlipAngle": 11,
    "GEImageTypeRIMPCode": 0,
    "ImageType": "ORIGINAL/PRIMARY/OTHER",
    "ImagingFrequency": 127.765075,
    "InplanePhaseEncodingDirection": "ROW",
    "InversionTime": 0.45,
    "MRAcquisitionType": "3D",
    "MagneticFieldStrength": 3,
    "Manufacturer": "GE MEDICAL SYSTEMS",
    "ManufacturersModelName": "DISCOVERY MR750",
    "NumberOfAverages": 1,
    "NumberOfEPIShots": 0,
    "NumberOfEchoes": 1,
    "NumberOfSlices": 180,
    "ParallelImagingReductionFactors": [
      0.571429,
      1
    ],
    "PercentPhaseFieldOfView": 100,
    "PhaseEncodingDirection": "i",
    "PixelBandwidth": 122.07,
    "PixelSpacing": [
      0.4688,
      0.4688
    ],
    "ReceiveCoilName": "8HRBRAIN",
    "RepetitionTime": 0.0064,
    "Rows": 512,
    "SATFatWaterBone": 0,
    "ScanOptions": [
      "FAST_GEMS",
      "EDR_GEMS",
      "FILTERED_GEMS",
      "ACC_GEMS"
    ],
    "ScanningSequence": "GR",
    "SequenceVariant": [
      "SS",
      "SK"
    ],
    "SeriesDate": "18740203",
    "SeriesDescription": "Sag3D_T1_1mm3",
    "SeriesNumber": 2,
    "SeriesTime": "183234",
    "SliceThickness": 1,
    "SpacingBetweenSlices": 1,
    "StudyTime": "183032",
    "modality": "T1w",
    "session_id": "1",
    "subject_id": "9061"
  },
  "cjv": 0.33751452359774703,
  "cnr": 3.980437223265233,
  "efc": 0.6533231759843844,
  "fber": 145.50421142578125,
  "fwhm_avg": 6.574076540610728,
  "fwhm_x": 4.14002,
  "fwhm_y": 8.187521186152752,
  "fwhm_z": 7.394688435679431,
  "icvs_csf": 0.2139168287130628,
  "icvs_gm": 0.4076776344801726,
  "icvs_wm": 0.3784055368067646,
  "inu_med": 1.2779597043991089,
  "inu_range": 0.46647768020629865,
  "provenance": {
    "md5sum": "1dd03aa9c559d059605d8d7eadb98d1e",
    "mriqc_pred": 0,
    "settings": {
      "testing": false
    },
    "software": "mriqc",
    "version": "0.9.6",
    "warnings": {
      "large_rot_frame": true,
      "small_air_mask": false
    }
  },
  "qi_1": 0.0,
  "qi_2": 0.00030772166031131464,
  "rpve_csf": 21.162487747380556,
  "rpve_gm": 11.601162734781058,
  "rpve_wm": 15.256539226888084,
  "size_x": 180,
  "size_y": 512,
  "size_z": 512,
  "snr_csf": 3.959755961063752,
  "snr_gm": 13.695877038570703,
  "snr_total": 12.664685945346589,
  "snr_wm": 20.33842483640531,
  "snrd_csf": 16.551794005733665,
  "snrd_gm": 30.433338403944976,
  "snrd_total": 29.984027836325197,
  "snrd_wm": 42.966951099296956,
  "spacing_x": 1.0,
  "spacing_y": 0.46880000829696655,
  "spacing_z": 0.46880000829696655,
  "summary_bg_k": 2.1311031024244267,
  "summary_bg_mad": 15.247511863708496,
  "summary_bg_mean": 50.724483489990234,
  "summary_bg_median": 48.87415313720703,
  "summary_bg_n": 8718838.0,
  "summary_bg_p05": 27.437862110137942,
  "summary_bg_p95": 80.3368064880371,
  "summary_bg_stdv": 16.69020652770996,
  "summary_csf_k": -0.4378024152823117,
  "summary_csf_mad": 108.25715637207031,
  "summary_csf_mean": 381.6580505371094,
  "summary_csf_median": 385.2231140136719,
  "summary_csf_n": 164448.0,
  "summary_csf_p05": 221.40144119262698,
  "summary_csf_p95": 530.4839874267577,
  "summary_csf_stdv": 97.28426361083984,
  "summary_gm_k": 0.2015367017103067,
  "summary_gm_mad": 50.209259033203125,
  "summary_gm_mean": 711.346923828125,
  "summary_gm_median": 708.2993774414062,
  "summary_gm_n": 224522.0,
  "summary_gm_p05": 631.4259674072266,
  "summary_gm_p95": 801.5900360107421,
  "summary_gm_stdv": 51.71613311767578,
  "summary_wm_k": 0.23750982735764392,
  "summary_wm_mad": 48.245338439941406,
  "summary_wm_mean": 1000.1162109375,
  "summary_wm_median": 1000.004150390625,
  "summary_wm_n": 1312586.0,
  "summary_wm_p05": 919.8641052246094,
  "summary_wm_p95": 1080.9473876953125,
  "summary_wm_stdv": 49.1682014465332,
  "tpm_overlap_csf": 0.20547489821910858,
  "tpm_overlap_gm": 0.4896479547023773,
  "tpm_overlap_wm": 0.5572181940078735,
  "wm2max": 0.4380445203586134
}