{
  "aor": 0.0052732989690721654,
  "aqi": 0.004187068814432989,
  "bids_meta": {
    "AcquisitionDuration": 525.000256,
    "CogAtlasID": "trm_4c8a834779883",
    "Columns": 128,
    "EchoTime": 0.03,
    "EchoTrainLength": 1,
    "EffectiveEchoSpacing": 0.000464,
    "FieldOfView": [
      288,
      288,
      147
    ],
    "FlipAngle": 75,
    "GEImageTypeRIMPCode": 0,
    "ImageType": "ORIGINAL/PRIMARY/EPI/NONE",
    "ImagingFrequency": 127.765118,
    "InplanePhaseEncodingDirection": "COL",
    "InversionTime": 0,
    "MRAcquisitionType": "2D",
    "MagneticFieldStrength": 3,
    "Manufacturer": "GE MEDICAL SYSTEMS",
    "ManufacturersModelName": "DISCOVERY MR750",
    "NumberOfAverages": 1,
    "NumberOfEPIShots": 1,
    "NumberOfEchoes": 1,
    "NumberOfSlices": 49,
    "ParallelImagingReductionFactors": [
      0.5,
      1
    ],
    "PercentPhaseFieldOfView": 100,
    "PhaseEncodingDirection": "j",
    "PixelBandwidth": 3906.25,
    "PixelSpacing": [
      2.25,
      2.25
    ],
    "ReceiveCoilName": "8HRBRAIN",
    "RepetitionTime": 2.5,
    "Rows": 128,
    "SATFatWaterBone": 0,
    "ScanOptions": [
      "EPI_GEMS",
      "FILTERED_GEMS",
      "ACC_GEMS"
    ],
    "ScanningSequence": [
      "EP",
      "GR"
    ],
    "SequenceVariant": "SS",
    "SeriesDate": "18740512",
    "SeriesDescription": "RSN_BWRT_200vol_3mm",
    "SeriesNumber": 4,
    "SeriesTime": "175931",
    "SliceThickness": 3,
    "SliceTiming": [
      0,
      1.27551,
      0.05102,
      1.32653,
      0.10204,
      1.37755,
      0.15306,
      1.42857,
      0.20408,
      1.47959,
      0.2551,
      1.53061,
      0.30612,
      1.58163,
      0.35714,
      1.63265,
      0.40816,
      1.68367,
      0.45918,
      1.73469,
      0.5102,
      1.78571,
      0.56122,
      1.83673,
      0.61224,
      1.88776,
      0.66327,
      1.93878,
      0.71429,
      1.9898,
      0.76531,
      2.04082,
      0.81633,
      2.09184,
      0.86735,
      2.14286,
      0.91837,
      2.19388,
      0.96939,
      2.2449,
      1.02041,
      2.29592,
      1.07143,
      2.34694,
      1.12245,
      2.39796,
      1.17347,
      2.44898,
      1.22449
    ],
    "SliceTimingComputationMethod": "SliceNumber*RepetitionTime/NumberOfSlices (interleaved ascending, odd first)",
    "SpacingBetweenSlices": 3,
    "StudyTime": "175110",
    "TaskDescription": "Functional connectivity in the resting state was assessed during two eight-minute runs.",
    "TaskInstructions": "Participants were instructed to keep their eyes open and look at a white fixation cross presented against a gray background.",
    "TaskName": "Resting State",
    "dummyScans": 10,
    "modality": "bold",
    "session_id": "2",
    "subject_id": "9062",
    "task_id": "rest"
  },
  "dummy_trs": 0,
  "dvars_nstd": 17.021839527305705,
  "dvars_std": 1.188926497202072,
  "dvars_vstd": 1.0563975903626943,
  "efc": 0.31187876546807997,
  "fber": 92805776.0,
  "fd_mean": 0.09167683826232229,
  "fd_num": 14,
  "fd_perc": 7.216494845360825,
  "fwhm_avg": 3.418096296296296,
  "fwhm_x": 3.4105422222222224,
  "fwhm_y": 4.055186666666667,
  "fwhm_z": 2.78856,
  "gcor": 0.0374264,
  "gsr_x": -0.015353265218436718,
  "gsr_y": 0.004059364553540945,
  "provenance": {
    "md5sum": "9069e54a179224c4c3b09a519072e7ae",
    "settings": {
      "fd_thres": 0.2,
      "hmc_fsl": false
    },
    "software": "mriqc",
    "version": "0.9.6"
  },
  "size_t": 194,
  "size_x": 128,
  "size_y": 128,
  "size_z": 49,
  "snr": 4.668161627072711,
  "spacing_tr": 2.5,
  "spacing_x": 2.25,
  "spacing_y": 2.25,
  "spacing_z": 3.0,
  "summary_bg_k": 111.98955747266022,
  "summary_bg_mad": 0.8635776042938232,
  "summary_bg_mean": 60.874107360839844,
  "summary_bg_median": 0.5824742317199707,
  "summary_bg_n": 636307.0,
  "summary_bg_p05": 0.0,
  "summary_bg_p95": 281.900500488281,
  "summary_bg_stdv": 241.69607543945312,
  "summary_fg_k": 1.2309264350246938,
  "summary_fg_mad": 958.4567260742188,
  "summary_fg_mean": 5051.3974609375,
  "summary_fg_median": 5115.17529296875,
  "summary_fg_n": 81215.0,
  "summary_fg_p05": 3082.662353515625,
  "summary_fg_p95": 6702.007421875,
  "summary_fg_stdv": 1095.751220703125,
  "tsnr": 77.57363891601562
}