{
  "bids_meta": {
    "AcquisitionDuration": 238.444688,
    "Columns": 512,
    "EchoTime": 0.00281,
    "EchoTrainLength": 1,
    "EffectiveEchoSpacing": 0,
    "FieldOfView": [
      240.03,
      240.03,
      180
    ],
    "FlipAngle": 11,
    "GEImageTypeRIMPCode": 0,
    "ImageType": "ORIGINAL/PRIMARY/OTHER",
    "ImagingFrequency": 127.765168,
    "InplanePhaseEncodingDirection": "ROW",
    "InversionTime": 0.45,
    "MRAcquisitionType": "3D",
    "MagneticFieldStrength": 3,
    "Manufacturer": "GE MEDICAL SYSTEMS",
    "ManufacturersModelName": "DISCOVERY MR750",
    "NumberOfAverages": 1,
    "NumberOfEPIShots": 0,
    "NumberOfEchoes": 1,
    "NumberOfSlices": 180,
    "ParallelImagingReductionFactors": [
      0.571429,
      1
    ],
    "PercentPhaseFieldOfView": 100,
    "PhaseEncodingDirection": "i",
    "PixelBandwidth": 122.07,
    "PixelSpacing": [
      0.4688,
      0.4688
    ],
    "ReceiveCoilName": "8HRBRAIN",
    "RepetitionTime": 0.0064,
    "Rows": 512,
    "SATFatWaterBone": 0,
    "ScanOptions": [
      "FAST_GEMS",
      "EDR_GEMS",
      "FILTERED_GEMS",
      "ACC_GEMS"
    ],
    "ScanningSequence": "GR",
    "SequenceVariant": [
      "SS",
      "SK"
    ],
    "SeriesDate": "18730408",
    "SeriesDescription": "Sag3D_T1_1mm3",
    "SeriesNumber": 2,
    "SeriesTime": "190854",
    "SliceThickness": 1,
    "SpacingBetweenSlices": 1,
    "StudyTime": "190716",
    "modality": "T1w",
    "session_id": "2",
    "subject_id": "9001"
  },
  "cjv": 0.3702244837484124,
  "cnr": 3.613247893872146,
  "efc": 0.6523740943433798,
  "fber": 162.4745330810547,
  "fwhm_avg": 6.799644546431928,
  "fwhm_x": 4.26073,
  "fwhm_y": 8.37241879380188,
  "fwhm_z": 7.765784845493906,
  "icvs_csf": 0.1888939955372774,
  "icvs_gm": 0.42835165892894445,
  "icvs_wm": 0.38275434553377813,
  "inu_med": 1.1676733493804932,
  "inu_range": 0.588873341679573,
  "provenance": {
    "md5sum": "c8dd355a697638831d031960e7ef6c8b",
    "mriqc_pred": 0,
    "settings": {
      "testing": false
    },
    "software": "mriqc",
    "version": "0.9.6",
    "warnings": {
      "large_rot_frame": true,
      "small_air_mask": false
    }
  },
  "qi_1": 0.0,
  "qi_2": 0.00032754431942262554,
  "rpve_csf": 26.621710896866244,
  "rpve_gm": 13.00816410449471,
  "rpve_wm": 17.112644020866377,
  "size_x": 180,
  "size_y": 512,
  "size_z": 512,
  "snr_csf": 3.5053536437229424,
  "snr_gm": 12.654997408298533,
  "snr_total": 11.65449020808449,
  "snr_wm": 18.803119572231992,
  "snrd_csf": 14.54437603005337,
  "snrd_gm": 30.89461002605139,
  "snrd_total": 29.579782720460855,
  "snrd_wm": 43.300362105277806,
  "spacing_x": 1.0,
  "spacing_y": 0.46880000829696655,
  "spacing_z": 0.46880000829696655,
  "summary_bg_k": 1.9035069567340637,
  "summary_bg_mad": 15.130156517028809,
  "summary_bg_mean": 51.75349044799805,
  "summary_bg_median": 49.70661544799805,
  "summary_bg_n": 8447578.0,
  "summary_bg_p05": 28.754087162017825,
  "summary_bg_p95": 81.90410079956054,
  "summary_bg_stdv": 16.739530563354492,
  "summary_csf_k": 0.7281513349705815,
  "summary_csf_mad": 94.14553833007812,
  "summary_csf_mean": 351.37921142578125,
  "summary_csf_median": 335.89752197265625,
  "summary_csf_n": 117244.0,
  "summary_csf_p05": 214.13567581176756,
  "summary_csf_p95": 520.4879394531249,
  "summary_csf_stdv": 95.82373809814453,
  "summary_gm_k": 0.20920916553068025,
  "summary_gm_mad": 54.570556640625,
  "summary_gm_mean": 716.380615234375,
  "summary_gm_median": 713.500732421875,
  "summary_gm_n": 212042.0,
  "summary_gm_p05": 628.6255157470704,
  "summary_gm_p95": 814.5374389648438,
  "summary_gm_stdv": 56.38081359863281,
  "summary_wm_k": 0.21750383862802547,
  "summary_wm_mad": 51.501243591308594,
  "summary_wm_mean": 1000.0626831054688,
  "summary_wm_median": 1000.0074462890625,
  "summary_wm_n": 1120971.0,
  "summary_wm_p05": 912.0237731933594,
  "summary_wm_p95": 1087.4112548828125,
  "summary_wm_stdv": 53.18303680419922,
  "tpm_overlap_csf": 0.21781355142593384,
  "tpm_overlap_gm": 0.5044443011283875,
  "tpm_overlap_wm": 0.5471908450126648,
  "wm2max": 0.49744155302622495
}