{
  "aor": 0.0011460795454545454,
  "aqi": 0.006212148636363637,
  "bids_meta": {
    "AcquisitionDuration": 723.000256,
    "Columns": 128,
    "EchoTime": 0.034,
    "EchoTrainLength": 1,
    "EffectiveEchoSpacing": 0.00056,
    "FieldOfView": [
      220.01,
      220.01,
      110.4
    ],
    "FlipAngle": 80,
    "GEImageTypeRIMPCode": 0,
    "ImageType": "ORIGINAL/PRIMARY/EPI/NONE",
    "ImagingFrequency": 127.765214,
    "InplanePhaseEncodingDirection": "COL",
    "InversionTime": 0,
    "MRAcquisitionType": "2D",
    "MagneticFieldStrength": 3,
    "Manufacturer": "GE MEDICAL SYSTEMS",
    "ManufacturersModelName": "DISCOVERY MR750",
    "NumberOfAverages": 1,
    "NumberOfEPIShots": 1,
    "NumberOfEchoes": 1,
    "NumberOfSlices": 46,
    "ParallelImagingReductionFactors": [
      0.5,
      1
    ],
    "PercentPhaseFieldOfView": 100,
    "PhaseEncodingDirection": "j",
    "PixelBandwidth": 3906.25,
    "PixelSpacing": [
      1.7188,
      1.7188
    ],
    "ReceiveCoilName": "8HRBRAIN",
    "RepetitionTime": 3,
    "Rows": 128,
    "SATFatWaterBone": 1,
    "ScanOptions": [
      "SAT_GEMS",
      "EPI_GEMS",
      "ACC_GEMS",
      "FS"
    ],
    "ScanningSequence": [
      "EP",
      "GR"
    ],
    "SequenceVariant": "SS",
    "SeriesDate": "18731229",
    "SeriesDescription": "fMRI-hands",
    "SeriesNumber": 7,
    "SeriesTime": "184138",
    "SliceThickness": 2.3,
    "SliceTiming": [
      0,
      1.5,
      0.06522,
      1.56522,
      0.13043,
      1.63043,
      0.19565,
      1.69565,
      0.26087,
      1.76087,
      0.32609,
      1.82609,
      0.3913,
      1.8913,
      0.45652,
      1.95652,
      0.52174,
      2.02174,
      0.58696,
      2.08696,
      0.65217,
      2.15217,
      0.71739,
      2.21739,
      0.78261,
      2.28261,
      0.84783,
      2.34783,
      0.91304,
      2.41304,
      0.97826,
      2.47826,
      1.04348,
      2.54348,
      1.1087,
      2.6087,
      1.17391,
      2.67391,
      1.23913,
      2.73913,
      1.30435,
      2.80435,
      1.36957,
      2.86957,
      1.43478,
      2.93478
    ],
    "SliceTimingComputationMethod": "SliceNumber*RepetitionTime/NumberOfSlices (interleaved ascending, odd first)",
    "SpacingBetweenSlices": 2.4,
    "StudyTime": "181044",
    "TaskDescription": "In an event-related design, participants were shown pictures of hands being stung by needles or poked with Q-tips. The stimulus set was kindly shared by Claus Lamm, and has been shown to be effective in previous work by him. After each picture, participants were asked to rate their perceived unpleasantness on a visual analog scale of 0-100.",
    "TaskInstructions": "",
    "TaskName": "Hands",
    "dummyScans": 5,
    "modality": "bold",
    "session_id": "2",
    "subject_id": "9085",
    "task_id": "hands"
  },
  "dummy_trs": 0,
  "dvars_nstd": 28.245420913599993,
  "dvars_std": 1.0336996118857136,
  "dvars_vstd": 1.032431723028571,
  "efc": 0.4730872976160714,
  "fber": 35727.1640625,
  "fd_mean": 0.053118722892450794,
  "fd_num": 1,
  "fd_perc": 0.5681818181818182,
  "fwhm_avg": 3.0286602660150517,
  "fwhm_x": 3.2086631164935153,
  "fwhm_y": 3.5256691766894925,
  "fwhm_z": 2.3516485048621463,
  "gcor": 0.0105979,
  "gsr_x": -0.0084233358502388,
  "gsr_y": 0.022519968450069427,
  "provenance": {
    "md5sum": "38a14d1dff3b3ee29f66713dc220721e",
    "settings": {
      "fd_thres": 0.2,
      "hmc_fsl": false
    },
    "software": "mriqc",
    "version": "0.9.6"
  },
  "size_t": 176,
  "size_x": 128,
  "size_y": 128,
  "size_z": 46,
  "snr": 3.889859658181755,
  "spacing_tr": 3.0,
  "spacing_x": 1.7187999486923218,
  "spacing_y": 1.7187999486923218,
  "spacing_z": 2.4000015258789062,
  "summary_bg_k": 229.71776810432817,
  "summary_bg_mad": 30.393346786499023,
  "summary_bg_mean": 81.86299896240234,
  "summary_bg_median": 20.511363983154297,
  "summary_bg_n": 482211.0,
  "summary_bg_p05": 0.005681818351149559,
  "summary_bg_p95": 282.8409118652344,
  "summary_bg_stdv": 251.0001220703125,
  "summary_fg_k": 1.1620421253172903,
  "summary_fg_mad": 880.7164306640625,
  "summary_fg_mean": 3765.970458984375,
  "summary_fg_median": 3757.67626953125,
  "summary_fg_n": 173593.0,
  "summary_fg_p05": 2227.379541015625,
  "summary_fg_p95": 5362.24228515625,
  "summary_fg_stdv": 966.0156860351562,
  "tsnr": 45.76676940917969
}