{
  "aor": 0.014183799999999998,
  "aqi": 0.010714950699999998,
  "bids_meta": {
    "AcquisitionDuration": 525.000256,
    "CogAtlasID": "trm_4c8a834779883",
    "Columns": 128,
    "EchoTime": 0.03,
    "EchoTrainLength": 1,
    "EffectiveEchoSpacing": 0.000464,
    "FieldOfView": [
      288,
      288,
      147
    ],
    "FlipAngle": 75,
    "GEImageTypeRIMPCode": 0,
    "ImageType": "ORIGINAL/PRIMARY/EPI/NONE",
    "ImagingFrequency": 127.765176,
    "InplanePhaseEncodingDirection": "COL",
    "InversionTime": 0,
    "MRAcquisitionType": "2D",
    "MagneticFieldStrength": 3,
    "Manufacturer": "GE MEDICAL SYSTEMS",
    "ManufacturersModelName": "DISCOVERY MR750",
    "NumberOfAverages": 1,
    "NumberOfEPIShots": 1,
    "NumberOfEchoes": 1,
    "NumberOfSlices": 49,
    "ParallelImagingReductionFactors": [
      0.5,
      1
    ],
    "PercentPhaseFieldOfView": 100,
    "PhaseEncodingDirection": "j",
    "PixelBandwidth": 3906.25,
    "PixelSpacing": [
      2.25,
      2.25
    ],
    "ReceiveCoilName": "8HRBRAIN",
    "RepetitionTime": 2.5,
    "Rows": 128,
    "SATFatWaterBone": 0,
    "ScanOptions": [
      "EPI_GEMS",
      "FILTERED_GEMS",
      "ACC_GEMS"
    ],
    "ScanningSequence": [
      "EP",
      "GR"
    ],
    "SequenceVariant": "SS",
    "SeriesDate": "18740504",
    "SeriesDescription": "RSN_BWRT_200vol_3mm",
    "SeriesNumber": 10,
    "SeriesTime": "203702",
    "SliceThickness": 3,
    "SliceTiming": [
      0,
      1.27551,
      0.05102,
      1.32653,
      0.10204,
      1.37755,
      0.15306,
      1.42857,
      0.20408,
      1.47959,
      0.2551,
      1.53061,
      0.30612,
      1.58163,
      0.35714,
      1.63265,
      0.40816,
      1.68367,
      0.45918,
      1.73469,
      0.5102,
      1.78571,
      0.56122,
      1.83673,
      0.61224,
      1.88776,
      0.66327,
      1.93878,
      0.71429,
      1.9898,
      0.76531,
      2.04082,
      0.81633,
      2.09184,
      0.86735,
      2.14286,
      0.91837,
      2.19388,
      0.96939,
      2.2449,
      1.02041,
      2.29592,
      1.07143,
      2.34694,
      1.12245,
      2.39796,
      1.17347,
      2.44898,
      1.22449
    ],
    "SliceTimingComputationMethod": "SliceNumber*RepetitionTime/NumberOfSlices (interleaved ascending, odd first)",
    "SpacingBetweenSlices": 3,
    "StudyTime": "193301",
    "TaskDescription": "Functional connectivity in the resting state was assessed during two eight-minute runs. Participants were asked to rate their sleepiness using the Karolinska Sleepiness Scale every 2 minutes",
    "TaskInstructions": "Participants were instructed to keep their eyes open and look at a white fixation cross presented against a gray background.",
    "TaskName": "Sleepiness",
    "dummyScans": 10,
    "modality": "bold",
    "session_id": "2",
    "subject_id": "9093",
    "task_id": "sleepiness"
  },
  "dummy_trs": 0,
  "dvars_nstd": 21.27208139889447,
  "dvars_std": 0.9919564230653264,
  "dvars_vstd": 0.9418228926633164,
  "efc": 0.31996204082203034,
  "fber": 20251130.0,
  "fd_mean": 0.24677380514698846,
  "fd_num": 41,
  "fd_perc": 20.5,
  "fwhm_avg": 3.3857962962962964,
  "fwhm_x": 3.3649555555555555,
  "fwhm_y": 4.06396,
  "fwhm_z": 2.7284733333333335,
  "gcor": 0.0235055,
  "gsr_x": -0.01671537570655346,
  "gsr_y": 0.007745290640741587,
  "provenance": {
    "md5sum": "6fdcfe627f61e90a6416d8ecfc18acab",
    "settings": {
      "fd_thres": 0.2,
      "hmc_fsl": false
    },
    "software": "mriqc",
    "version": "0.9.6"
  },
  "size_t": 200,
  "size_x": 128,
  "size_y": 128,
  "size_z": 49,
  "snr": 4.2556894035975406,
  "spacing_tr": 2.5,
  "spacing_x": 2.25,
  "spacing_y": 2.25,
  "spacing_z": 3.0,
  "summary_bg_k": 112.16823836545342,
  "summary_bg_mad": 1.7272316217422485,
  "summary_bg_mean": 64.73204040527344,
  "summary_bg_median": 1.1649999618530273,
  "summary_bg_n": 629560.0,
  "summary_bg_p05": 0.0,
  "summary_bg_p95": 327.29498291015625,
  "summary_bg_stdv": 235.84149169921875,
  "summary_fg_k": 1.1280898160566775,
  "summary_fg_mad": 951.11865234375,
  "summary_fg_mean": 4995.0126953125,
  "summary_fg_median": 5038.1845703125,
  "summary_fg_n": 85020.0,
  "summary_fg_p05": 2815.669921875,
  "summary_fg_p95": 6869.050805664063,
  "summary_fg_stdv": 1183.8634033203125,
  "tsnr": 42.00121307373047
}