{
  "bids_meta": {
    "AcquisitionDuration": 238.55128,
    "Columns": 512,
    "EchoTime": 0.00281,
    "EchoTrainLength": 1,
    "EffectiveEchoSpacing": 0,
    "FieldOfView": [
      240.03,
      240.03,
      180
    ],
    "FlipAngle": 11,
    "GEImageTypeRIMPCode": 0,
    "ImageType": "ORIGINAL/PRIMARY/OTHER",
    "ImagingFrequency": 127.765034,
    "InplanePhaseEncodingDirection": "ROW",
    "InversionTime": 0.45,
    "MRAcquisitionType": "3D",
    "MagneticFieldStrength": 3,
    "Manufacturer": "GE MEDICAL SYSTEMS",
    "ManufacturersModelName": "DISCOVERY MR750",
    "NumberOfAverages": 1,
    "NumberOfEPIShots": 0,
    "NumberOfEchoes": 1,
    "NumberOfSlices": 180,
    "ParallelImagingReductionFactors": [
      0.571429,
      1
    ],
    "PercentPhaseFieldOfView": 100,
    "PhaseEncodingDirection": "i",
    "PixelBandwidth": 122.07,
    "PixelSpacing": [
      0.4688,
      0.4688
    ],
    "ReceiveCoilName": "8HRBRAIN",
    "RepetitionTime": 0.0064,
    "Rows": 512,
    "SATFatWaterBone": 0,
    "ScanOptions": [
      "FAST_GEMS",
      "EDR_GEMS",
      "FILTERED_GEMS",
      "ACC_GEMS"
    ],
    "ScanningSequence": "GR",
    "SequenceVariant": [
      "SS",
      "SK"
    ],
    "SeriesDate": "18740321",
    "SeriesDescription": "Sag3D_T1_1mm3",
    "SeriesNumber": 2,
    "SeriesTime": "194701",
    "SliceThickness": 1,
    "SpacingBetweenSlices": 1,
    "StudyTime": "194508",
    "modality": "T1w",
    "session_id": "2",
    "subject_id": "9072"
  },
  "cjv": 0.3542197970976027,
  "cnr": 3.6587090382082557,
  "efc": 0.6303352294265011,
  "fber": 195.47071838378906,
  "fwhm_avg": 6.5117128899712435,
  "fwhm_x": 4.16272,
  "fwhm_y": 7.843621874833046,
  "fwhm_z": 7.528796795080685,
  "icvs_csf": 0.20187240952447397,
  "icvs_gm": 0.395608333744857,
  "icvs_wm": 0.4025192567306691,
  "inu_med": 1.2737560272216797,
  "inu_range": 0.5569692611694335,
  "provenance": {
    "md5sum": "7f3c9ede590d9fb8c115281052654503",
    "mriqc_pred": 0,
    "settings": {
      "testing": false
    },
    "software": "mriqc",
    "version": "0.9.6",
    "warnings": {
      "large_rot_frame": true,
      "small_air_mask": false
    }
  },
  "qi_1": 4.331080140450742e-06,
  "qi_2": 0.00037112544875045925,
  "rpve_csf": 26.845941556207073,
  "rpve_gm": 14.119622545380704,
  "rpve_wm": 16.959014544207502,
  "size_x": 180,
  "size_y": 512,
  "size_z": 512,
  "snr_csf": 3.663946580057547,
  "snr_gm": 13.823338978558535,
  "snr_total": 12.287541564908608,
  "snr_wm": 19.375339136109744,
  "snrd_csf": 16.834037959295628,
  "snrd_gm": 34.66580527346303,
  "snrd_total": 33.105692681972336,
  "snrd_wm": 47.81723481315836,
  "spacing_x": 1.0,
  "spacing_y": 0.46880000829696655,
  "spacing_z": 0.46880000829696655,
  "summary_bg_k": 3.1728059568833284,
  "summary_bg_mad": 13.700923919677734,
  "summary_bg_mean": 49.106101989746094,
  "summary_bg_median": 47.300376892089844,
  "summary_bg_n": 9114914.0,
  "summary_bg_p05": 27.99494924545288,
  "summary_bg_p95": 76.50732498168944,
  "summary_bg_stdv": 15.384932518005371,
  "summary_csf_k": 0.712949592702695,
  "summary_csf_mad": 89.27900695800781,
  "summary_csf_mean": 365.3430480957031,
  "summary_csf_median": 352.05169677734375,
  "summary_csf_n": 114843.0,
  "summary_csf_p05": 225.12293853759766,
  "summary_csf_p95": 539.9125549316406,
  "summary_csf_stdv": 96.0849609375,
  "summary_gm_k": 0.6040555210274317,
  "summary_gm_mad": 49.09346389770508,
  "summary_gm_mean": 726.6055908203125,
  "summary_gm_median": 724.968994140625,
  "summary_gm_n": 157725.0,
  "summary_gm_p05": 643.9614379882813,
  "summary_gm_p95": 815.4074096679686,
  "summary_gm_stdv": 52.44512176513672,
  "summary_wm_k": 0.8859376672636539,
  "summary_wm_mad": 48.330081939697266,
  "summary_wm_mean": 1000.3239135742188,
  "summary_wm_median": 1000.0059814453125,
  "summary_wm_n": 1125920.0,
  "summary_wm_p05": 917.5191497802734,
  "summary_wm_p95": 1085.0400390625,
  "summary_wm_stdv": 51.61228561401367,
  "tpm_overlap_csf": 0.19978784024715424,
  "tpm_overlap_gm": 0.4759444296360016,
  "tpm_overlap_wm": 0.5475212335586548,
  "wm2max": 0.4159998571487785
}