{
  "bids_meta": {
    "AcquisitionDuration": 238.55128,
    "Columns": 512,
    "EchoTime": 0.00281,
    "EchoTrainLength": 1,
    "EffectiveEchoSpacing": 0,
    "FieldOfView": [
      240.03,
      240.03,
      180
    ],
    "FlipAngle": 11,
    "GEImageTypeRIMPCode": 0,
    "ImageType": "ORIGINAL/PRIMARY/OTHER",
    "ImagingFrequency": 127.765075,
    "InplanePhaseEncodingDirection": "ROW",
    "InversionTime": 0.45,
    "MRAcquisitionType": "3D",
    "MagneticFieldStrength": 3,
    "Manufacturer": "GE MEDICAL SYSTEMS",
    "ManufacturersModelName": "DISCOVERY MR750",
    "NumberOfAverages": 1,
    "NumberOfEPIShots": 0,
    "NumberOfEchoes": 1,
    "NumberOfSlices": 180,
    "ParallelImagingReductionFactors": [
      0.571429,
      1
    ],
    "PercentPhaseFieldOfView": 100,
    "PhaseEncodingDirection": "i",
    "PixelBandwidth": 122.07,
    "PixelSpacing": [
      0.4688,
      0.4688
    ],
    "ReceiveCoilName": "8HRBRAIN",
    "RepetitionTime": 0.0064,
    "Rows": 512,
    "SATFatWaterBone": 0,
    "ScanOptions": [
      "FAST_GEMS",
      "EDR_GEMS",
      "FILTERED_GEMS",
      "ACC_GEMS"
    ],
    "ScanningSequence": "GR",
    "SequenceVariant": [
      "SS",
      "SK"
    ],
    "SeriesDate": "18740508",
    "SeriesDescription": "Sag3D_T1_1mm3",
    "SeriesNumber": 2,
    "SeriesTime": "181035",
    "SliceThickness": 1,
    "SpacingBetweenSlices": 1,
    "StudyTime": "180848",
    "modality": "T1w",
    "session_id": "2",
    "subject_id": "9094"
  },
  "cjv": 0.4604341807559921,
  "cnr": 2.913292098587122,
  "efc": 0.6463595093028381,
  "fber": 129.23609924316406,
  "fwhm_avg": 6.413399772459781,
  "fwhm_x": 3.81136,
  "fwhm_y": 7.888502420113821,
  "fwhm_z": 7.540336897265522,
  "icvs_csf": 0.22899166254796452,
  "icvs_gm": 0.40705719200093055,
  "icvs_wm": 0.36395114545110496,
  "inu_med": 1.3475698232650757,
  "inu_range": 0.38709448575973515,
  "provenance": {
    "md5sum": "fcf48528f79b11243d3be2f04dc165b2",
    "mriqc_pred": 0,
    "settings": {
      "testing": false
    },
    "software": "mriqc",
    "version": "0.9.6",
    "warnings": {
      "large_rot_frame": true,
      "small_air_mask": false
    }
  },
  "qi_1": 0.0,
  "qi_2": 0.00030533211633274455,
  "rpve_csf": 32.102784294509426,
  "rpve_gm": 17.9860841601232,
  "rpve_wm": 23.34679350996621,
  "size_x": 180,
  "size_y": 512,
  "size_z": 512,
  "snr_csf": 3.874268594420531,
  "snr_gm": 13.779758217432589,
  "snr_total": 10.79396415264651,
  "snr_wm": 14.727865646086412,
  "snrd_csf": 14.855347497866498,
  "snrd_gm": 29.740705291265883,
  "snrd_total": 28.250259710146114,
  "snrd_wm": 40.15472634130597,
  "spacing_x": 1.0,
  "spacing_y": 0.46880000829696655,
  "spacing_z": 0.46880000829696655,
  "summary_bg_k": 8.711166016094017,
  "summary_bg_mad": 16.31549644470215,
  "summary_bg_mean": 57.01557922363281,
  "summary_bg_median": 54.02946853637695,
  "summary_bg_n": 7859563.0,
  "summary_bg_p05": 31.078206443786623,
  "summary_bg_p95": 92.65267944335932,
  "summary_bg_stdv": 20.63433837890625,
  "summary_csf_k": -0.19819864525940822,
  "summary_csf_mad": 99.10133361816406,
  "summary_csf_mean": 370.92340087890625,
  "summary_csf_median": 369.9571228027344,
  "summary_csf_n": 152493.0,
  "summary_csf_p05": 216.35876159667967,
  "summary_csf_p95": 528.1327270507812,
  "summary_csf_stdv": 95.49051666259766,
  "summary_gm_k": 0.05196984887219358,
  "summary_gm_mad": 53.21369171142578,
  "summary_gm_mean": 741.0989379882812,
  "summary_gm_median": 740.66162109375,
  "summary_gm_n": 117985.0,
  "summary_gm_p05": 653.7255615234376,
  "summary_gm_p95": 830.70654296875,
  "summary_gm_stdv": 53.7497444152832,
  "summary_wm_k": 0.324216465345029,
  "summary_wm_mad": 66.20012664794922,
  "summary_wm_mean": 1005.0693359375,
  "summary_wm_median": 1000.0120849609375,
  "summary_wm_n": 757855.0,
  "summary_wm_p05": 902.7864013671874,
  "summary_wm_p95": 1125.5613769531249,
  "summary_wm_stdv": 67.89927673339844,
  "tpm_overlap_csf": 0.21779902279376984,
  "tpm_overlap_gm": 0.4790510833263397,
  "tpm_overlap_wm": 0.5380927324295044,
  "wm2max": 0.4032875218281791
}