{
  "bids_meta": {
    "AcquisitionDuration": 238.55128,
    "Columns": 512,
    "EchoTime": 0.00281,
    "EchoTrainLength": 1,
    "EffectiveEchoSpacing": 0,
    "FieldOfView": [
      240.03,
      240.03,
      180
    ],
    "FlipAngle": 11,
    "GEImageTypeRIMPCode": 0,
    "ImageType": "ORIGINAL/PRIMARY/OTHER",
    "ImagingFrequency": 127.76513,
    "InplanePhaseEncodingDirection": "ROW",
    "InversionTime": 0.45,
    "MRAcquisitionType": "3D",
    "MagneticFieldStrength": 3,
    "Manufacturer": "GE MEDICAL SYSTEMS",
    "ManufacturersModelName": "DISCOVERY MR750",
    "NumberOfAverages": 1,
    "NumberOfEPIShots": 0,
    "NumberOfEchoes": 1,
    "NumberOfSlices": 180,
    "ParallelImagingReductionFactors": [
      0.571429,
      1
    ],
    "PercentPhaseFieldOfView": 100,
    "PhaseEncodingDirection": "i",
    "PixelBandwidth": 122.07,
    "PixelSpacing": [
      0.4688,
      0.4688
    ],
    "ReceiveCoilName": "8HRBRAIN",
    "RepetitionTime": 0.0064,
    "Rows": 512,
    "SATFatWaterBone": 0,
    "ScanOptions": [
      "FAST_GEMS",
      "EDR_GEMS",
      "FILTERED_GEMS",
      "ACC_GEMS"
    ],
    "ScanningSequence": "GR",
    "SequenceVariant": [
      "SS",
      "SK"
    ],
    "SeriesDate": "18731210",
    "SeriesDescription": "Sag3D_T1_1mm3",
    "SeriesNumber": 2,
    "SeriesTime": "183733",
    "SliceThickness": 1,
    "SpacingBetweenSlices": 1,
    "StudyTime": "183542",
    "modality": "T1w",
    "session_id": "2",
    "subject_id": "9074"
  },
  "cjv": 0.32151405009039713,
  "cnr": 4.076500827130265,
  "efc": 0.6381059764067812,
  "fber": 184.89462280273438,
  "fwhm_avg": 6.685563717648513,
  "fwhm_x": 4.20763,
  "fwhm_y": 8.21544354060738,
  "fwhm_z": 7.633617612338162,
  "icvs_csf": 0.21282656473247927,
  "icvs_gm": 0.40422804483708324,
  "icvs_wm": 0.38294539043043746,
  "inu_med": 1.1251659393310547,
  "inu_range": 0.40185771882534027,
  "provenance": {
    "md5sum": "d0d7f6ed4911cc5f4c851cce61a93c90",
    "mriqc_pred": 0,
    "settings": {
      "testing": false
    },
    "software": "mriqc",
    "version": "0.9.6",
    "warnings": {
      "large_rot_frame": true,
      "small_air_mask": false
    }
  },
  "qi_1": 1.0568121671959045e-05,
  "qi_2": 0.00033406360339241747,
  "rpve_csf": 24.23511513196247,
  "rpve_gm": 13.265063421323278,
  "rpve_wm": 17.093604390697347,
  "size_x": 180,
  "size_y": 512,
  "size_z": 512,
  "snr_csf": 3.4321723574541303,
  "snr_gm": 13.389564046115499,
  "snr_total": 13.23033597160854,
  "snr_wm": 22.869271511255988,
  "snrd_csf": 18.09245345146836,
  "snrd_gm": 36.36207371300466,
  "snrd_total": 35.15239626179376,
  "snrd_wm": 51.00266162090827,
  "spacing_x": 1.0,
  "spacing_y": 0.46880000829696655,
  "spacing_z": 0.46880000829696655,
  "summary_bg_k": 2.7693566675752983,
  "summary_bg_mad": 12.845200538635254,
  "summary_bg_mean": 46.79255676269531,
  "summary_bg_median": 45.15605926513672,
  "summary_bg_n": 9615076.0,
  "summary_bg_p05": 26.765014171600342,
  "summary_bg_p95": 72.53847312927246,
  "summary_bg_stdv": 14.539082527160645,
  "summary_csf_k": 10.545740966058675,
  "summary_csf_mad": 111.6737289428711,
  "summary_csf_mean": 370.4665222167969,
  "summary_csf_median": 354.73712158203125,
  "summary_csf_n": 171465.0,
  "summary_csf_p05": 226.34487609863282,
  "summary_csf_p95": 546.796447753906,
  "summary_csf_stdv": 103.35614013671875,
  "summary_gm_k": 0.37423411489574043,
  "summary_gm_mad": 50.635475158691406,
  "summary_gm_mean": 716.4965209960938,
  "summary_gm_median": 712.9479370117188,
  "summary_gm_n": 207840.0,
  "summary_gm_p05": 635.77294921875,
  "summary_gm_p95": 811.0376922607421,
  "summary_gm_stdv": 53.24641036987305,
  "summary_wm_k": 0.4101228297842088,
  "summary_wm_mad": 41.65728759765625,
  "summary_wm_mean": 1000.0684814453125,
  "summary_wm_median": 1000.004638671875,
  "summary_wm_n": 1212782.0,
  "summary_wm_p05": 928.3915710449219,
  "summary_wm_p95": 1071.7947875976563,
  "summary_wm_stdv": 43.72698211669922,
  "tpm_overlap_csf": 0.22261938452720642,
  "tpm_overlap_gm": 0.49684274196624756,
  "tpm_overlap_wm": 0.5726402997970581,
  "wm2max": 0.48525066566182945
}