{
  "bids_meta": {
    "AcquisitionDuration": 238.55128,
    "Columns": 512,
    "EchoTime": 0.00281,
    "EchoTrainLength": 1,
    "EffectiveEchoSpacing": 0,
    "FieldOfView": [
      240.03,
      240.03,
      180
    ],
    "FlipAngle": 11,
    "GEImageTypeRIMPCode": 0,
    "ImageType": "ORIGINAL/PRIMARY/OTHER",
    "ImagingFrequency": 127.765127,
    "InplanePhaseEncodingDirection": "ROW",
    "InversionTime": 0.45,
    "MRAcquisitionType": "3D",
    "MagneticFieldStrength": 3,
    "Manufacturer": "GE MEDICAL SYSTEMS",
    "ManufacturersModelName": "DISCOVERY MR750",
    "NumberOfAverages": 1,
    "NumberOfEPIShots": 0,
    "NumberOfEchoes": 1,
    "NumberOfSlices": 180,
    "ParallelImagingReductionFactors": [
      0.571429,
      1
    ],
    "PercentPhaseFieldOfView": 100,
    "PhaseEncodingDirection": "i",
    "PixelBandwidth": 122.07,
    "PixelSpacing": [
      0.4688,
      0.4688
    ],
    "ReceiveCoilName": "8HRBRAIN",
    "RepetitionTime": 0.0064,
    "Rows": 512,
    "SATFatWaterBone": 0,
    "ScanOptions": [
      "FAST_GEMS",
      "EDR_GEMS",
      "FILTERED_GEMS",
      "ACC_GEMS"
    ],
    "ScanningSequence": "GR",
    "SequenceVariant": [
      "SS",
      "SK"
    ],
    "SeriesDate": "18740101",
    "SeriesDescription": "Sag3D_T1_1mm3",
    "SeriesNumber": 2,
    "SeriesTime": "180322",
    "SliceThickness": 1,
    "SpacingBetweenSlices": 1,
    "StudyTime": "180133",
    "modality": "T1w",
    "session_id": "1",
    "subject_id": "9033"
  },
  "cjv": 0.40192551362375945,
  "cnr": 3.3564234680939182,
  "efc": 0.6347982986137914,
  "fber": 153.7530059814453,
  "fwhm_avg": 5.987745707159469,
  "fwhm_x": 3.80735,
  "fwhm_y": 7.314910280094782,
  "fwhm_z": 6.840976841383626,
  "icvs_csf": 0.20978217723767037,
  "icvs_gm": 0.4070877338344967,
  "icvs_wm": 0.38313008892783296,
  "inu_med": 1.2812634706497192,
  "inu_range": 0.44604120254516566,
  "provenance": {
    "md5sum": "c200f57172e57371bc064776b2112b46",
    "mriqc_pred": 0,
    "settings": {
      "testing": false
    },
    "software": "mriqc",
    "version": "0.9.6",
    "warnings": {
      "large_rot_frame": true,
      "small_air_mask": false
    }
  },
  "qi_1": 7.224723456300738e-05,
  "qi_2": 0.0003896079196990356,
  "rpve_csf": 23.886903963076264,
  "rpve_gm": 12.677355419648823,
  "rpve_wm": 15.87530744780001,
  "size_x": 180,
  "size_y": 512,
  "size_z": 512,
  "snr_csf": 4.361117839641539,
  "snr_gm": 13.93027908104146,
  "snr_total": 12.108992708273519,
  "snr_wm": 18.035581204137557,
  "snrd_csf": 14.364963269265461,
  "snrd_gm": 32.17593400930389,
  "snrd_total": 30.082562076380395,
  "snrd_wm": 43.706788950571834,
  "spacing_x": 1.0,
  "spacing_y": 0.46880000829696655,
  "spacing_z": 0.46880000829696655,
  "summary_bg_k": 5.19154941964524,
  "summary_bg_mad": 14.989511489868164,
  "summary_bg_mean": 52.90277099609375,
  "summary_bg_median": 50.49073791503906,
  "summary_bg_n": 10842428.0,
  "summary_bg_p05": 29.71472873687744,
  "summary_bg_p95": 84.16927223205569,
  "summary_bg_stdv": 17.643001556396484,
  "summary_csf_k": 15.358082277319035,
  "summary_csf_mad": 65.73106384277344,
  "summary_csf_mean": 338.97918701171875,
  "summary_csf_median": 328.670166015625,
  "summary_csf_n": 200927.0,
  "summary_csf_p05": 235.85479125976562,
  "summary_csf_p95": 479.0174499511719,
  "summary_csf_stdv": 75.36355590820312,
  "summary_gm_k": 0.1784512111632539,
  "summary_gm_mad": 51.93437957763672,
  "summary_gm_mean": 736.5311279296875,
  "summary_gm_median": 736.1849365234375,
  "summary_gm_n": 203954.0,
  "summary_gm_p05": 650.4105957031251,
  "summary_gm_p95": 823.7219818115233,
  "summary_gm_stdv": 52.847694396972656,
  "summary_wm_k": 0.2477701830073431,
  "summary_wm_mad": 54.10394287109375,
  "summary_wm_mean": 1000.5980834960938,
  "summary_wm_median": 1000.0107421875,
  "summary_wm_n": 1169015.0,
  "summary_wm_p05": 910.4078002929687,
  "summary_wm_p95": 1092.476318359375,
  "summary_wm_stdv": 55.44652557373047,
  "tpm_overlap_csf": 0.2163868248462677,
  "tpm_overlap_gm": 0.47342196106910706,
  "tpm_overlap_wm": 0.5547834038734436,
  "wm2max": 0.3985717796687063
}