{
  "aor": 0.0021496,
  "aqi": 0.00326269345,
  "bids_meta": {
    "AcquisitionDuration": 525.000256,
    "CogAtlasID": "trm_4c8a834779883",
    "Columns": 128,
    "EchoTime": 0.03,
    "EchoTrainLength": 1,
    "EffectiveEchoSpacing": 0.000464,
    "FieldOfView": [
      288,
      288,
      147
    ],
    "FlipAngle": 75,
    "GEImageTypeRIMPCode": 0,
    "ImageType": "ORIGINAL/PRIMARY/EPI/NONE",
    "ImagingFrequency": 127.765177,
    "InplanePhaseEncodingDirection": "COL",
    "InversionTime": 0,
    "MRAcquisitionType": "2D",
    "MagneticFieldStrength": 3,
    "Manufacturer": "GE MEDICAL SYSTEMS",
    "ManufacturersModelName": "DISCOVERY MR750",
    "NumberOfAverages": 1,
    "NumberOfEPIShots": 1,
    "NumberOfEchoes": 1,
    "NumberOfSlices": 49,
    "ParallelImagingReductionFactors": [
      0.5,
      1
    ],
    "PercentPhaseFieldOfView": 100,
    "PhaseEncodingDirection": "j",
    "PixelBandwidth": 3906.25,
    "PixelSpacing": [
      2.25,
      2.25
    ],
    "ReceiveCoilName": "8HRBRAIN",
    "RepetitionTime": 2.5,
    "Rows": 128,
    "SATFatWaterBone": 0,
    "ScanOptions": [
      "EPI_GEMS",
      "FILTERED_GEMS",
      "ACC_GEMS"
    ],
    "ScanningSequence": [
      "EP",
      "GR"
    ],
    "SequenceVariant": "SS",
    "SeriesDate": "18740429",
    "SeriesDescription": "RSN_BWRT_200vol_3mm",
    "SeriesNumber": 10,
    "SeriesTime": "205207",
    "SliceThickness": 3,
    "SliceTiming": [
      0,
      1.27551,
      0.05102,
      1.32653,
      0.10204,
      1.37755,
      0.15306,
      1.42857,
      0.20408,
      1.47959,
      0.2551,
      1.53061,
      0.30612,
      1.58163,
      0.35714,
      1.63265,
      0.40816,
      1.68367,
      0.45918,
      1.73469,
      0.5102,
      1.78571,
      0.56122,
      1.83673,
      0.61224,
      1.88776,
      0.66327,
      1.93878,
      0.71429,
      1.9898,
      0.76531,
      2.04082,
      0.81633,
      2.09184,
      0.86735,
      2.14286,
      0.91837,
      2.19388,
      0.96939,
      2.2449,
      1.02041,
      2.29592,
      1.07143,
      2.34694,
      1.12245,
      2.39796,
      1.17347,
      2.44898,
      1.22449
    ],
    "SliceTimingComputationMethod": "SliceNumber*RepetitionTime/NumberOfSlices (interleaved ascending, odd first)",
    "SpacingBetweenSlices": 3,
    "StudyTime": "195024",
    "TaskDescription": "Functional connectivity in the resting state was assessed during two eight-minute runs. Participants were asked to rate their sleepiness using the Karolinska Sleepiness Scale every 2 minutes",
    "TaskInstructions": "Participants were instructed to keep their eyes open and look at a white fixation cross presented against a gray background.",
    "TaskName": "Sleepiness",
    "dummyScans": 10,
    "modality": "bold",
    "session_id": "2",
    "subject_id": "9002",
    "task_id": "sleepiness"
  },
  "dummy_trs": 0,
  "dvars_nstd": 24.110952837437218,
  "dvars_std": 1.2757525013567834,
  "dvars_vstd": 1.0027347165326634,
  "efc": 0.33749544450884217,
  "fber": 79864296.0,
  "fd_mean": 0.11423776441128641,
  "fd_num": 17,
  "fd_perc": 8.5,
  "fwhm_avg": 3.261597777777778,
  "fwhm_x": 3.2364977777777777,
  "fwhm_y": 3.7772755555555557,
  "fwhm_z": 2.77102,
  "gcor": 0.0210527,
  "gsr_x": -0.018688345327973366,
  "gsr_y": 0.002334717195481062,
  "provenance": {
    "md5sum": "ab32992dac8cd1b91d4c2237e59da5de",
    "settings": {
      "fd_thres": 0.2,
      "hmc_fsl": false
    },
    "software": "mriqc",
    "version": "0.9.6"
  },
  "size_t": 200,
  "size_x": 128,
  "size_y": 128,
  "size_z": 49,
  "snr": 4.351231568239393,
  "spacing_tr": 2.5,
  "spacing_x": 2.25,
  "spacing_y": 2.25,
  "spacing_z": 3.0,
  "summary_bg_k": 126.00956567982857,
  "summary_bg_mad": 0.9192134141921997,
  "summary_bg_mean": 73.96846771240234,
  "summary_bg_median": 0.6200000047683716,
  "summary_bg_n": 621494.0,
  "summary_bg_p05": 0.0,
  "summary_bg_p95": 382.2002319335934,
  "summary_bg_stdv": 281.45062255859375,
  "summary_fg_k": 0.9746934565875476,
  "summary_fg_mad": 1020.0303344726562,
  "summary_fg_mean": 5020.68115234375,
  "summary_fg_median": 4984.02978515625,
  "summary_fg_n": 93941.0,
  "summary_fg_p05": 3240.760009765625,
  "summary_fg_p95": 6997.625,
  "summary_fg_stdv": 1145.423583984375,
  "tsnr": 85.10840606689453
}