{
  "bids_meta": {
    "AcquisitionDuration": 238.444688,
    "Columns": 512,
    "EchoTime": 0.00281,
    "EchoTrainLength": 1,
    "EffectiveEchoSpacing": 0,
    "FieldOfView": [
      240.03,
      240.03,
      180
    ],
    "FlipAngle": 11,
    "GEImageTypeRIMPCode": 0,
    "ImageType": "ORIGINAL/PRIMARY/OTHER",
    "ImagingFrequency": 127.765254,
    "InplanePhaseEncodingDirection": "ROW",
    "InversionTime": 0.45,
    "MRAcquisitionType": "3D",
    "MagneticFieldStrength": 3,
    "Manufacturer": "GE MEDICAL SYSTEMS",
    "ManufacturersModelName": "DISCOVERY MR750",
    "NumberOfAverages": 1,
    "NumberOfEPIShots": 0,
    "NumberOfEchoes": 1,
    "NumberOfSlices": 180,
    "ParallelImagingReductionFactors": [
      0.571429,
      1
    ],
    "PercentPhaseFieldOfView": 100,
    "PhaseEncodingDirection": "i",
    "PixelBandwidth": 122.07,
    "PixelSpacing": [
      0.4688,
      0.4688
    ],
    "ReceiveCoilName": "8HRBRAIN",
    "RepetitionTime": 0.0064,
    "Rows": 512,
    "SATFatWaterBone": 0,
    "ScanOptions": [
      "FAST_GEMS",
      "EDR_GEMS",
      "FILTERED_GEMS",
      "ACC_GEMS"
    ],
    "ScanningSequence": "GR",
    "SequenceVariant": [
      "SS",
      "SK"
    ],
    "SeriesDate": "18730311",
    "SeriesDescription": "Sag3D_T1_1mm3",
    "SeriesNumber": 2,
    "SeriesTime": "203521",
    "SliceThickness": 1,
    "SpacingBetweenSlices": 1,
    "StudyTime": "203354",
    "modality": "T1w",
    "session_id": "1",
    "subject_id": "9007"
  },
  "cjv": 0.3551174407103901,
  "cnr": 3.714259770440512,
  "efc": 0.6829257565171469,
  "fber": 115.57042694091797,
  "fwhm_avg": 6.254555885011352,
  "fwhm_x": 3.9004,
  "fwhm_y": 7.773016074034867,
  "fwhm_z": 7.0902515809991895,
  "icvs_csf": 0.19529044473128093,
  "icvs_gm": 0.4181439051138332,
  "icvs_wm": 0.38656565015488586,
  "inu_med": 1.1451809406280518,
  "inu_range": 0.5805341780185692,
  "provenance": {
    "md5sum": "678ad782945ff06b6b7a57b4f4a95722",
    "mriqc_pred": 0,
    "settings": {
      "testing": false
    },
    "software": "mriqc",
    "version": "0.9.6",
    "warnings": {
      "large_rot_frame": true,
      "small_air_mask": false
    }
  },
  "qi_1": 0.0,
  "qi_2": 0.00034585641765656153,
  "rpve_csf": 21.377011452163643,
  "rpve_gm": 10.740055356454068,
  "rpve_wm": 13.878834808763004,
  "size_x": 180,
  "size_y": 512,
  "size_z": 512,
  "snr_csf": 3.078743635605636,
  "snr_gm": 12.320453828363434,
  "snr_total": 10.99788611266458,
  "snr_wm": 17.594460874024666,
  "snrd_csf": 10.76829163320931,
  "snrd_gm": 24.509735093791505,
  "snrd_total": 23.54021290035881,
  "snrd_wm": 35.342611974075616,
  "spacing_x": 1.0,
  "spacing_y": 0.46880000829696655,
  "spacing_z": 0.46880000829696655,
  "summary_bg_k": 1.2142084613904878,
  "summary_bg_mad": 18.536916732788086,
  "summary_bg_mean": 57.85586929321289,
  "summary_bg_median": 54.941314697265625,
  "summary_bg_n": 9131636.0,
  "summary_bg_p05": 30.438952922821045,
  "summary_bg_p95": 95.16738510131836,
  "summary_bg_stdv": 20.282079696655273,
  "summary_csf_k": -0.19088600207310247,
  "summary_csf_mad": 97.99647521972656,
  "summary_csf_mean": 317.9813537597656,
  "summary_csf_median": 304.6860656738281,
  "summary_csf_n": 110070.0,
  "summary_csf_p05": 174.51355056762696,
  "summary_csf_p95": 497.4998092651365,
  "summary_csf_stdv": 98.9639663696289,
  "summary_gm_k": 0.31871443706074976,
  "summary_gm_mad": 54.060142517089844,
  "summary_gm_mean": 695.6779174804688,
  "summary_gm_median": 693.4967041015625,
  "summary_gm_n": 235846.0,
  "summary_gm_p05": 606.9648895263672,
  "summary_gm_p95": 792.3835601806641,
  "summary_gm_stdv": 56.288124084472656,
  "summary_wm_k": 0.3594463459532724,
  "summary_wm_mad": 54.788143157958984,
  "summary_wm_mean": 1000.935546875,
  "summary_wm_median": 1000.0101928710938,
  "summary_wm_n": 1366083.0,
  "summary_wm_p05": 909.3740173339844,
  "summary_wm_p95": 1095.7911499023437,
  "summary_wm_stdv": 56.83662796020508,
  "tpm_overlap_csf": 0.20287805795669556,
  "tpm_overlap_gm": 0.47937673330307007,
  "tpm_overlap_wm": 0.537750244140625,
  "wm2max": 0.5608284699907337
}