{
  "aor": 0.0118296875,
  "aqi": 0.008182369583333333,
  "bids_meta": {
    "AcquisitionDuration": 525.000256,
    "CogAtlasID": "trm_4c8a834779883",
    "Columns": 128,
    "EchoTime": 0.03,
    "EchoTrainLength": 1,
    "EffectiveEchoSpacing": 0.000464,
    "FieldOfView": [
      288,
      288,
      147
    ],
    "FlipAngle": 75,
    "GEImageTypeRIMPCode": 0,
    "ImageType": "ORIGINAL/PRIMARY/EPI/NONE",
    "ImagingFrequency": 127.765152,
    "InplanePhaseEncodingDirection": "COL",
    "InversionTime": 0,
    "MRAcquisitionType": "2D",
    "MagneticFieldStrength": 3,
    "Manufacturer": "GE MEDICAL SYSTEMS",
    "ManufacturersModelName": "DISCOVERY MR750",
    "NumberOfAverages": 1,
    "NumberOfEPIShots": 1,
    "NumberOfEchoes": 1,
    "NumberOfSlices": 49,
    "ParallelImagingReductionFactors": [
      0.5,
      1
    ],
    "PercentPhaseFieldOfView": 100,
    "PhaseEncodingDirection": "j",
    "PixelBandwidth": 3906.25,
    "PixelSpacing": [
      2.25,
      2.25
    ],
    "ReceiveCoilName": "8HRBRAIN",
    "RepetitionTime": 2.5,
    "Rows": 128,
    "SATFatWaterBone": 0,
    "ScanOptions": [
      "EPI_GEMS",
      "FILTERED_GEMS",
      "ACC_GEMS"
    ],
    "ScanningSequence": [
      "EP",
      "GR"
    ],
    "SequenceVariant": "SS",
    "SeriesDate": "18740406",
    "SeriesDescription": "RSN_BWRT_200vol_3mm",
    "SeriesNumber": 4,
    "SeriesTime": "195617",
    "SliceThickness": 3,
    "SliceTiming": [
      0,
      1.27551,
      0.05102,
      1.32653,
      0.10204,
      1.37755,
      0.15306,
      1.42857,
      0.20408,
      1.47959,
      0.2551,
      1.53061,
      0.30612,
      1.58163,
      0.35714,
      1.63265,
      0.40816,
      1.68367,
      0.45918,
      1.73469,
      0.5102,
      1.78571,
      0.56122,
      1.83673,
      0.61224,
      1.88776,
      0.66327,
      1.93878,
      0.71429,
      1.9898,
      0.76531,
      2.04082,
      0.81633,
      2.09184,
      0.86735,
      2.14286,
      0.91837,
      2.19388,
      0.96939,
      2.2449,
      1.02041,
      2.29592,
      1.07143,
      2.34694,
      1.12245,
      2.39796,
      1.17347,
      2.44898,
      1.22449
    ],
    "SliceTimingComputationMethod": "SliceNumber*RepetitionTime/NumberOfSlices (interleaved ascending, odd first)",
    "SpacingBetweenSlices": 3,
    "StudyTime": "194825",
    "TaskDescription": "Functional connectivity in the resting state was assessed during two eight-minute runs.",
    "TaskInstructions": "Participants were instructed to keep their eyes open and look at a white fixation cross presented against a gray background.",
    "TaskName": "Resting State",
    "dummyScans": 10,
    "modality": "bold",
    "session_id": "1",
    "subject_id": "9093",
    "task_id": "rest"
  },
  "dummy_trs": 0,
  "dvars_nstd": 21.680338964659693,
  "dvars_std": 1.206001386806282,
  "dvars_vstd": 1.016611565811518,
  "efc": 0.31735080691127626,
  "fber": 35207928.0,
  "fd_mean": 0.11136837814776432,
  "fd_num": 22,
  "fd_perc": 11.458333333333334,
  "fwhm_avg": 3.46342962962963,
  "fwhm_x": 3.450257777777778,
  "fwhm_y": 4.113911111111111,
  "fwhm_z": 2.82612,
  "gcor": 0.00501713,
  "gsr_x": -0.01656896062195301,
  "gsr_y": 0.010593702085316181,
  "provenance": {
    "md5sum": "454247eda697245ae203be09ec835465",
    "settings": {
      "fd_thres": 0.2,
      "hmc_fsl": false
    },
    "software": "mriqc",
    "version": "0.9.6"
  },
  "size_t": 192,
  "size_x": 128,
  "size_y": 128,
  "size_z": 49,
  "snr": 3.978682813929022,
  "spacing_tr": 2.5,
  "spacing_x": 2.25,
  "spacing_y": 2.25,
  "spacing_z": 3.0,
  "summary_bg_k": 117.82124564547293,
  "summary_bg_mad": 1.2586675882339478,
  "summary_bg_mean": 61.18151092529297,
  "summary_bg_median": 0.8489583730697632,
  "summary_bg_n": 629865.0,
  "summary_bg_p05": 0.0,
  "summary_bg_p95": 290.68541870117116,
  "summary_bg_stdv": 228.5655517578125,
  "summary_fg_k": 0.7360666178680968,
  "summary_fg_mad": 1017.018798828125,
  "summary_fg_mean": 4853.388671875,
  "summary_fg_median": 4844.11474609375,
  "summary_fg_n": 84704.0,
  "summary_fg_p05": 2698.6617431640625,
  "summary_fg_p95": 6886.998364257811,
  "summary_fg_stdv": 1217.510009765625,
  "tsnr": 53.77920150756836
}