{
  "aor": 0.0015219095477386935,
  "aqi": 0.011967224422110552,
  "bids_meta": {
    "AcquisitionDuration": 723.000256,
    "Columns": 128,
    "EchoTime": 0.034,
    "EchoTrainLength": 1,
    "EffectiveEchoSpacing": 0.00056,
    "FieldOfView": [
      220.01,
      220.01,
      110.4
    ],
    "FlipAngle": 80,
    "GEImageTypeRIMPCode": 0,
    "ImageType": "ORIGINAL/PRIMARY/EPI/NONE",
    "ImagingFrequency": 127.765134,
    "InplanePhaseEncodingDirection": "COL",
    "InversionTime": 0,
    "MRAcquisitionType": "2D",
    "MagneticFieldStrength": 3,
    "Manufacturer": "GE MEDICAL SYSTEMS",
    "ManufacturersModelName": "DISCOVERY MR750",
    "NumberOfAverages": 1,
    "NumberOfEPIShots": 1,
    "NumberOfEchoes": 1,
    "NumberOfSlices": 46,
    "ParallelImagingReductionFactors": [
      0.5,
      1
    ],
    "PercentPhaseFieldOfView": 100,
    "PhaseEncodingDirection": "j",
    "PixelBandwidth": 3906.25,
    "PixelSpacing": [
      1.7188,
      1.7188
    ],
    "ReceiveCoilName": "8HRBRAIN",
    "RepetitionTime": 3,
    "Rows": 128,
    "SATFatWaterBone": 1,
    "ScanOptions": [
      "SAT_GEMS",
      "EPI_GEMS",
      "ACC_GEMS",
      "FS"
    ],
    "ScanningSequence": [
      "EP",
      "GR"
    ],
    "SequenceVariant": "SS",
    "SeriesDate": "18740525",
    "SeriesDescription": "fMRI-hands",
    "SeriesNumber": 6,
    "SeriesTime": "204958",
    "SliceThickness": 2.3,
    "SliceTiming": [
      0,
      1.5,
      0.06522,
      1.56522,
      0.13043,
      1.63043,
      0.19565,
      1.69565,
      0.26087,
      1.76087,
      0.32609,
      1.82609,
      0.3913,
      1.8913,
      0.45652,
      1.95652,
      0.52174,
      2.02174,
      0.58696,
      2.08696,
      0.65217,
      2.15217,
      0.71739,
      2.21739,
      0.78261,
      2.28261,
      0.84783,
      2.34783,
      0.91304,
      2.41304,
      0.97826,
      2.47826,
      1.04348,
      2.54348,
      1.1087,
      2.6087,
      1.17391,
      2.67391,
      1.23913,
      2.73913,
      1.30435,
      2.80435,
      1.36957,
      2.86957,
      1.43478,
      2.93478
    ],
    "SliceTimingComputationMethod": "SliceNumber*RepetitionTime/NumberOfSlices (interleaved ascending, odd first)",
    "SpacingBetweenSlices": 2.4,
    "StudyTime": "202239",
    "TaskDescription": "In an event-related design, participants were shown pictures of hands being stung by needles or poked with Q-tips. The stimulus set was kindly shared by Claus Lamm, and has been shown to be effective in previous work by him. After each picture, participants were asked to rate their perceived unpleasantness on a visual analog scale of 0-100.",
    "TaskInstructions": "",
    "TaskName": "Hands",
    "dummyScans": 5,
    "modality": "bold",
    "session_id": "1",
    "subject_id": "9096",
    "task_id": "hands"
  },
  "dummy_trs": 0,
  "dvars_nstd": 50.62352987712122,
  "dvars_std": 1.1079505179292928,
  "dvars_vstd": 1.046498760555555,
  "efc": 0.46640545479719114,
  "fber": 11264.568359375,
  "fd_mean": 0.25499579787339016,
  "fd_num": 112,
  "fd_perc": 56.28140703517588,
  "fwhm_avg": 2.998356776989277,
  "fwhm_x": 3.1332558533628596,
  "fwhm_y": 3.52323724736393,
  "fwhm_z": 2.3385772302410417,
  "gcor": 0.00517699,
  "gsr_x": -0.011568010784685612,
  "gsr_y": 0.03145204484462738,
  "provenance": {
    "md5sum": "9d32395c29e74790bb38d33d4c44eaca",
    "settings": {
      "fd_thres": 0.2,
      "hmc_fsl": false
    },
    "software": "mriqc",
    "version": "0.9.6"
  },
  "size_t": 199,
  "size_x": 128,
  "size_y": 128,
  "size_z": 46,
  "snr": 3.0994300200679143,
  "spacing_tr": 3.0,
  "spacing_x": 1.7187999486923218,
  "spacing_y": 1.7187999486923218,
  "spacing_z": 2.3999977111816406,
  "summary_bg_k": 320.8349309351139,
  "summary_bg_mad": 53.77599334716797,
  "summary_bg_mean": 104.30286407470703,
  "summary_bg_median": 36.67839050292969,
  "summary_bg_n": 486881.0,
  "summary_bg_p05": 0.07035175710916519,
  "summary_bg_p95": 367.5728454589844,
  "summary_bg_stdv": 338.209716796875,
  "summary_fg_k": 1.11895244711567,
  "summary_fg_mad": 961.963134765625,
  "summary_fg_mean": 3988.71484375,
  "summary_fg_median": 3771.7412109375,
  "summary_fg_n": 170346.0,
  "summary_fg_p05": 2410.6231079101562,
  "summary_fg_p95": 6432.8314208984375,
  "summary_fg_stdv": 1216.910888671875,
  "tsnr": 32.1739501953125
}