{
  "aor": 0.0033326,
  "aqi": 0.0057810679500000005,
  "bids_meta": {
    "AcquisitionDuration": 525.000256,
    "CogAtlasID": "trm_4c8a834779883",
    "Columns": 128,
    "EchoTime": 0.03,
    "EchoTrainLength": 1,
    "EffectiveEchoSpacing": 0.000464,
    "FieldOfView": [
      288,
      288,
      147
    ],
    "FlipAngle": 75,
    "GEImageTypeRIMPCode": 0,
    "ImageType": "ORIGINAL/PRIMARY/EPI/NONE",
    "ImagingFrequency": 127.765139,
    "InplanePhaseEncodingDirection": "COL",
    "InversionTime": 0,
    "MRAcquisitionType": "2D",
    "MagneticFieldStrength": 3,
    "Manufacturer": "GE MEDICAL SYSTEMS",
    "ManufacturersModelName": "DISCOVERY MR750",
    "NumberOfAverages": 1,
    "NumberOfEPIShots": 1,
    "NumberOfEchoes": 1,
    "NumberOfSlices": 49,
    "ParallelImagingReductionFactors": [
      0.5,
      1
    ],
    "PercentPhaseFieldOfView": 100,
    "PhaseEncodingDirection": "j",
    "PixelBandwidth": 3906.25,
    "PixelSpacing": [
      2.25,
      2.25
    ],
    "ReceiveCoilName": "8HRBRAIN",
    "RepetitionTime": 2.5,
    "Rows": 128,
    "SATFatWaterBone": 0,
    "ScanOptions": [
      "EPI_GEMS",
      "FILTERED_GEMS",
      "ACC_GEMS"
    ],
    "ScanningSequence": [
      "EP",
      "GR"
    ],
    "SequenceVariant": "SS",
    "SeriesDate": "18740413",
    "SeriesDescription": "RSN_BWRT_200vol_3mm",
    "SeriesNumber": 10,
    "SeriesTime": "210236",
    "SliceThickness": 3,
    "SliceTiming": [
      0,
      1.27551,
      0.05102,
      1.32653,
      0.10204,
      1.37755,
      0.15306,
      1.42857,
      0.20408,
      1.47959,
      0.2551,
      1.53061,
      0.30612,
      1.58163,
      0.35714,
      1.63265,
      0.40816,
      1.68367,
      0.45918,
      1.73469,
      0.5102,
      1.78571,
      0.56122,
      1.83673,
      0.61224,
      1.88776,
      0.66327,
      1.93878,
      0.71429,
      1.9898,
      0.76531,
      2.04082,
      0.81633,
      2.09184,
      0.86735,
      2.14286,
      0.91837,
      2.19388,
      0.96939,
      2.2449,
      1.02041,
      2.29592,
      1.07143,
      2.34694,
      1.12245,
      2.39796,
      1.17347,
      2.44898,
      1.22449
    ],
    "SliceTimingComputationMethod": "SliceNumber*RepetitionTime/NumberOfSlices (interleaved ascending, odd first)",
    "SpacingBetweenSlices": 3,
    "StudyTime": "200346",
    "TaskDescription": "Functional connectivity in the resting state was assessed during two eight-minute runs. Participants were asked to rate their sleepiness using the Karolinska Sleepiness Scale every 2 minutes",
    "TaskInstructions": "Participants were instructed to keep their eyes open and look at a white fixation cross presented against a gray background.",
    "TaskName": "Sleepiness",
    "dummyScans": 10,
    "modality": "bold",
    "session_id": "2",
    "subject_id": "9036",
    "task_id": "sleepiness"
  },
  "dummy_trs": 0,
  "dvars_nstd": 27.62083500251257,
  "dvars_std": 1.2146858674371868,
  "dvars_vstd": 0.9998193189447238,
  "efc": 0.33179316924520463,
  "fber": 28618086.0,
  "fd_mean": 0.22948112052412853,
  "fd_num": 92,
  "fd_perc": 46.0,
  "fwhm_avg": 3.414325925925926,
  "fwhm_x": 3.4731466666666666,
  "fwhm_y": 3.9796977777777776,
  "fwhm_z": 2.7901333333333334,
  "gcor": 0.0302327,
  "gsr_x": -0.017553072422742844,
  "gsr_y": 0.003265389474108815,
  "provenance": {
    "md5sum": "384a722895eabdfba13fcf651f55ea9d",
    "settings": {
      "fd_thres": 0.2,
      "hmc_fsl": false
    },
    "software": "mriqc",
    "version": "0.9.6"
  },
  "size_t": 200,
  "size_x": 128,
  "size_y": 128,
  "size_z": 49,
  "snr": 4.401999162104397,
  "spacing_tr": 2.5,
  "spacing_x": 2.25,
  "spacing_y": 2.25,
  "spacing_z": 3.0,
  "summary_bg_k": 65.35095932038423,
  "summary_bg_mad": 1.5270802974700928,
  "summary_bg_mean": 83.17385864257812,
  "summary_bg_median": 1.0299999713897705,
  "summary_bg_n": 629045.0,
  "summary_bg_p05": 0.0,
  "summary_bg_p95": 455.94898071289026,
  "summary_bg_stdv": 279.6998596191406,
  "summary_fg_k": 1.6067675521273168,
  "summary_fg_mad": 890.9140014648438,
  "summary_fg_mean": 4848.24755859375,
  "summary_fg_median": 4924.677734375,
  "summary_fg_n": 87246.0,
  "summary_fg_p05": 2776.6612548828125,
  "summary_fg_p95": 6540.9971923828125,
  "summary_fg_stdv": 1118.730224609375,
  "tsnr": 65.06676483154297
}