{
  "aor": 0.0025799453551912568,
  "aqi": 0.00974395,
  "bids_meta": {
    "AcquisitionDuration": 723.000256,
    "Columns": 128,
    "EchoTime": 0.034,
    "EchoTrainLength": 1,
    "EffectiveEchoSpacing": 0.00056,
    "FieldOfView": [
      220.01,
      220.01,
      110.4
    ],
    "FlipAngle": 80,
    "GEImageTypeRIMPCode": 0,
    "ImageType": "ORIGINAL/PRIMARY/EPI/NONE",
    "ImagingFrequency": 127.7651,
    "InplanePhaseEncodingDirection": "COL",
    "InversionTime": 0,
    "MRAcquisitionType": "2D",
    "MagneticFieldStrength": 3,
    "Manufacturer": "GE MEDICAL SYSTEMS",
    "ManufacturersModelName": "DISCOVERY MR750",
    "NumberOfAverages": 1,
    "NumberOfEPIShots": 1,
    "NumberOfEchoes": 1,
    "NumberOfSlices": 46,
    "ParallelImagingReductionFactors": [
      0.5,
      1
    ],
    "PercentPhaseFieldOfView": 100,
    "PhaseEncodingDirection": "j",
    "PixelBandwidth": 3906.25,
    "PixelSpacing": [
      1.7188,
      1.7188
    ],
    "ReceiveCoilName": "8HRBRAIN",
    "RepetitionTime": 3,
    "Rows": 128,
    "SATFatWaterBone": 1,
    "ScanOptions": [
      "SAT_GEMS",
      "EPI_GEMS",
      "ACC_GEMS",
      "FS"
    ],
    "ScanningSequence": [
      "EP",
      "GR"
    ],
    "SequenceVariant": "SS",
    "SeriesDate": "18740328",
    "SeriesDescription": "fMRI-hands",
    "SeriesNumber": 7,
    "SeriesTime": "183423",
    "SliceThickness": 2.3,
    "SliceTiming": [
      0,
      1.5,
      0.06522,
      1.56522,
      0.13043,
      1.63043,
      0.19565,
      1.69565,
      0.26087,
      1.76087,
      0.32609,
      1.82609,
      0.3913,
      1.8913,
      0.45652,
      1.95652,
      0.52174,
      2.02174,
      0.58696,
      2.08696,
      0.65217,
      2.15217,
      0.71739,
      2.21739,
      0.78261,
      2.28261,
      0.84783,
      2.34783,
      0.91304,
      2.41304,
      0.97826,
      2.47826,
      1.04348,
      2.54348,
      1.1087,
      2.6087,
      1.17391,
      2.67391,
      1.23913,
      2.73913,
      1.30435,
      2.80435,
      1.36957,
      2.86957,
      1.43478,
      2.93478
    ],
    "SliceTimingComputationMethod": "SliceNumber*RepetitionTime/NumberOfSlices (interleaved ascending, odd first)",
    "SpacingBetweenSlices": 2.4,
    "StudyTime": "180127",
    "TaskDescription": "In an event-related design, participants were shown pictures of hands being stung by needles or poked with Q-tips. The stimulus set was kindly shared by Claus Lamm, and has been shown to be effective in previous work by him. After each picture, participants were asked to rate their perceived unpleasantness on a visual analog scale of 0-100.",
    "TaskInstructions": "",
    "TaskName": "Hands",
    "dummyScans": 5,
    "modality": "bold",
    "session_id": "1",
    "subject_id": "9005",
    "task_id": "hands"
  },
  "dummy_trs": 0,
  "dvars_nstd": 39.70753153115386,
  "dvars_std": 1.0551163635164842,
  "dvars_vstd": 1.0048780305494502,
  "efc": 0.5021021593440801,
  "fber": 5969.03466796875,
  "fd_mean": 0.2043184067055234,
  "fd_num": 47,
  "fd_perc": 25.683060109289617,
  "fwhm_avg": 3.113812476688197,
  "fwhm_x": 3.251588414493514,
  "fwhm_y": 3.489975668526035,
  "fwhm_z": 2.599873347045042,
  "gcor": 0.00888751,
  "gsr_x": 0.00013490997662302107,
  "gsr_y": 0.021882131695747375,
  "provenance": {
    "md5sum": "302dcfc65e0a01544160d496dc8c0192",
    "settings": {
      "fd_thres": 0.2,
      "hmc_fsl": false
    },
    "software": "mriqc",
    "version": "0.9.6"
  },
  "size_t": 183,
  "size_x": 128,
  "size_y": 128,
  "size_z": 46,
  "snr": 2.6903426739750604,
  "spacing_tr": 3.0,
  "spacing_x": 1.7187999486923218,
  "spacing_y": 1.7187999486923218,
  "spacing_z": 2.4000015258789062,
  "summary_bg_k": 185.2986647938824,
  "summary_bg_mad": 69.37444305419922,
  "summary_bg_mean": 126.40518951416016,
  "summary_bg_median": 47.896175384521484,
  "summary_bg_n": 457261.0,
  "summary_bg_p05": 0.16939890384674072,
  "summary_bg_p95": 439.33331298828125,
  "summary_bg_stdv": 350.7167663574219,
  "summary_fg_k": 1.4428356609552742,
  "summary_fg_mad": 1052.00732421875,
  "summary_fg_mean": 3996.807373046875,
  "summary_fg_median": 3766.84423828125,
  "summary_fg_n": 198622.0,
  "summary_fg_p05": 2034.9898071289062,
  "summary_fg_p95": 6778.884423828124,
  "summary_fg_stdv": 1400.1319580078125,
  "tsnr": 32.880794525146484
}