{
  "aor": 0.006748296703296704,
  "aqi": 0.016004781593406594,
  "bids_meta": {
    "AcquisitionDuration": 723.000256,
    "Columns": 128,
    "EchoTime": 0.034,
    "EchoTrainLength": 1,
    "EffectiveEchoSpacing": 0.00056,
    "FieldOfView": [
      220.01,
      220.01,
      110.4
    ],
    "FlipAngle": 80,
    "GEImageTypeRIMPCode": 0,
    "ImageType": "ORIGINAL/PRIMARY/EPI/NONE",
    "ImagingFrequency": 127.765203,
    "InplanePhaseEncodingDirection": "COL",
    "InversionTime": 0,
    "MRAcquisitionType": "2D",
    "MagneticFieldStrength": 3,
    "Manufacturer": "GE MEDICAL SYSTEMS",
    "ManufacturersModelName": "DISCOVERY MR750",
    "NumberOfAverages": 1,
    "NumberOfEPIShots": 1,
    "NumberOfEchoes": 1,
    "NumberOfSlices": 46,
    "ParallelImagingReductionFactors": [
      0.5,
      1
    ],
    "PercentPhaseFieldOfView": 100,
    "PhaseEncodingDirection": "j",
    "PixelBandwidth": 3906.25,
    "PixelSpacing": [
      1.7188,
      1.7188
    ],
    "ReceiveCoilName": "8HRBRAIN",
    "RepetitionTime": 3,
    "Rows": 128,
    "SATFatWaterBone": 1,
    "ScanOptions": [
      "SAT_GEMS",
      "EPI_GEMS",
      "ACC_GEMS",
      "FS"
    ],
    "ScanningSequence": [
      "EP",
      "GR"
    ],
    "SequenceVariant": "SS",
    "SeriesDate": "18731226",
    "SeriesDescription": "fMRI-hands",
    "SeriesNumber": 7,
    "SeriesTime": "204404",
    "SliceThickness": 2.3,
    "SliceTiming": [
      0,
      1.5,
      0.06522,
      1.56522,
      0.13043,
      1.63043,
      0.19565,
      1.69565,
      0.26087,
      1.76087,
      0.32609,
      1.82609,
      0.3913,
      1.8913,
      0.45652,
      1.95652,
      0.52174,
      2.02174,
      0.58696,
      2.08696,
      0.65217,
      2.15217,
      0.71739,
      2.21739,
      0.78261,
      2.28261,
      0.84783,
      2.34783,
      0.91304,
      2.41304,
      0.97826,
      2.47826,
      1.04348,
      2.54348,
      1.1087,
      2.6087,
      1.17391,
      2.67391,
      1.23913,
      2.73913,
      1.30435,
      2.80435,
      1.36957,
      2.86957,
      1.43478,
      2.93478
    ],
    "SliceTimingComputationMethod": "SliceNumber*RepetitionTime/NumberOfSlices (interleaved ascending, odd first)",
    "SpacingBetweenSlices": 2.4,
    "StudyTime": "201115",
    "TaskDescription": "In an event-related design, participants were shown pictures of hands being stung by needles or poked with Q-tips. The stimulus set was kindly shared by Claus Lamm, and has been shown to be effective in previous work by him. After each picture, participants were asked to rate their perceived unpleasantness on a visual analog scale of 0-100.",
    "TaskInstructions": "",
    "TaskName": "Hands",
    "dummyScans": 5,
    "modality": "bold",
    "session_id": "2",
    "subject_id": "9100",
    "task_id": "hands"
  },
  "dummy_trs": 0,
  "dvars_nstd": 41.7524103722652,
  "dvars_std": 0.9998052359116022,
  "dvars_vstd": 1.0158812621546962,
  "efc": 0.5282003647620164,
  "fber": 4804.19482421875,
  "fd_mean": 0.25757580674576014,
  "fd_num": 41,
  "fd_perc": 22.52747252747253,
  "fwhm_avg": 3.1334900310929856,
  "fwhm_x": 3.227397117518183,
  "fwhm_y": 3.568524658536604,
  "fwhm_z": 2.6045483172241695,
  "gcor": 0.0189356,
  "gsr_x": 0.0075790067203342915,
  "gsr_y": 0.026049189269542694,
  "provenance": {
    "md5sum": "6f109143812d6cd42bff3826cefa7868",
    "settings": {
      "fd_thres": 0.2,
      "hmc_fsl": false
    },
    "software": "mriqc",
    "version": "0.9.6"
  },
  "size_t": 182,
  "size_x": 128,
  "size_y": 128,
  "size_z": 46,
  "snr": 3.447352863779588,
  "spacing_tr": 3.0,
  "spacing_x": 1.7187999486923218,
  "spacing_y": 1.7187999486923218,
  "spacing_z": 2.3999977111816406,
  "summary_bg_k": 52.560004603995004,
  "summary_bg_mad": 69.34017181396484,
  "summary_bg_mean": 166.96490478515625,
  "summary_bg_median": 49.28571701049805,
  "summary_bg_n": 455548.0,
  "summary_bg_p05": 0.1428571492433548,
  "summary_bg_p95": 953.0035705566404,
  "summary_bg_stdv": 388.8553771972656,
  "summary_fg_k": 1.3782369158762728,
  "summary_fg_mad": 904.1879272460938,
  "summary_fg_mean": 3504.907958984375,
  "summary_fg_median": 3455.96435546875,
  "summary_fg_n": 199080.0,
  "summary_fg_p05": 1971.15283203125,
  "summary_fg_p95": 5221.259960937499,
  "summary_fg_stdv": 1002.4954833984375,
  "tsnr": 28.06412124633789
}