{
  "aor": 0.003045945945945946,
  "aqi": 0.00964183027027027,
  "bids_meta": {
    "AcquisitionDuration": 723.000256,
    "Columns": 128,
    "EchoTime": 0.034,
    "EchoTrainLength": 1,
    "EffectiveEchoSpacing": 0.00056,
    "FieldOfView": [
      220.01,
      220.01,
      110.4
    ],
    "FlipAngle": 80,
    "GEImageTypeRIMPCode": 0,
    "ImageType": "ORIGINAL/PRIMARY/EPI/NONE",
    "ImagingFrequency": 127.765134,
    "InplanePhaseEncodingDirection": "COL",
    "InversionTime": 0,
    "MRAcquisitionType": "2D",
    "MagneticFieldStrength": 3,
    "Manufacturer": "GE MEDICAL SYSTEMS",
    "ManufacturersModelName": "DISCOVERY MR750",
    "NumberOfAverages": 1,
    "NumberOfEPIShots": 1,
    "NumberOfEchoes": 1,
    "NumberOfSlices": 46,
    "ParallelImagingReductionFactors": [
      0.5,
      1
    ],
    "PercentPhaseFieldOfView": 100,
    "PhaseEncodingDirection": "j",
    "PixelBandwidth": 3906.25,
    "PixelSpacing": [
      1.7188,
      1.7188
    ],
    "ReceiveCoilName": "8HRBRAIN",
    "RepetitionTime": 3,
    "Rows": 128,
    "SATFatWaterBone": 1,
    "ScanOptions": [
      "SAT_GEMS",
      "EPI_GEMS",
      "ACC_GEMS",
      "FS"
    ],
    "ScanningSequence": [
      "EP",
      "GR"
    ],
    "SequenceVariant": "SS",
    "SeriesDate": "18740403",
    "SeriesDescription": "fMRI-hands",
    "SeriesNumber": 7,
    "SeriesTime": "184218",
    "SliceThickness": 2.3,
    "SliceTiming": [
      0,
      1.5,
      0.06522,
      1.56522,
      0.13043,
      1.63043,
      0.19565,
      1.69565,
      0.26087,
      1.76087,
      0.32609,
      1.82609,
      0.3913,
      1.8913,
      0.45652,
      1.95652,
      0.52174,
      2.02174,
      0.58696,
      2.08696,
      0.65217,
      2.15217,
      0.71739,
      2.21739,
      0.78261,
      2.28261,
      0.84783,
      2.34783,
      0.91304,
      2.41304,
      0.97826,
      2.47826,
      1.04348,
      2.54348,
      1.1087,
      2.6087,
      1.17391,
      2.67391,
      1.23913,
      2.73913,
      1.30435,
      2.80435,
      1.36957,
      2.86957,
      1.43478,
      2.93478
    ],
    "SliceTimingComputationMethod": "SliceNumber*RepetitionTime/NumberOfSlices (interleaved ascending, odd first)",
    "SpacingBetweenSlices": 2.4,
    "StudyTime": "181144",
    "TaskDescription": "In an event-related design, participants were shown pictures of hands being stung by needles or poked with Q-tips. The stimulus set was kindly shared by Claus Lamm, and has been shown to be effective in previous work by him. After each picture, participants were asked to rate their perceived unpleasantness on a visual analog scale of 0-100.",
    "TaskInstructions": "",
    "TaskName": "Hands",
    "dummyScans": 5,
    "modality": "bold",
    "session_id": "2",
    "subject_id": "9039",
    "task_id": "hands"
  },
  "dummy_trs": 0,
  "dvars_nstd": 45.608911306956514,
  "dvars_std": 1.113504022282609,
  "dvars_vstd": 1.051999242771739,
  "efc": 0.5178700000242504,
  "fber": 4315.3134765625,
  "fd_mean": 0.17494588955773505,
  "fd_num": 55,
  "fd_perc": 29.72972972972973,
  "fwhm_avg": 2.9648682113086955,
  "fwhm_x": 3.0542996024604494,
  "fwhm_y": 3.2823191577892574,
  "fwhm_z": 2.5579858736763805,
  "gcor": 0.00792873,
  "gsr_x": -0.006323652341961861,
  "gsr_y": 0.022129621356725693,
  "provenance": {
    "md5sum": "1a572df07308472a4dc284eeada9a3f2",
    "settings": {
      "fd_thres": 0.2,
      "hmc_fsl": false
    },
    "software": "mriqc",
    "version": "0.9.6"
  },
  "size_t": 185,
  "size_x": 128,
  "size_y": 128,
  "size_z": 46,
  "snr": 2.869060220915944,
  "spacing_tr": 3.0,
  "spacing_x": 1.7187999486923218,
  "spacing_y": 1.7187999486923218,
  "spacing_z": 2.4000015258789062,
  "summary_bg_k": 240.9175676555853,
  "summary_bg_mad": 71.2290267944336,
  "summary_bg_mean": 105.24674987792969,
  "summary_bg_median": 49.43783950805664,
  "summary_bg_n": 443974.0,
  "summary_bg_p05": 0.054054055362939835,
  "summary_bg_p95": 366.178656005859,
  "summary_bg_stdv": 260.3447570800781,
  "summary_fg_k": 1.6760755275940982,
  "summary_fg_mad": 909.6045532226562,
  "summary_fg_mean": 3497.43896484375,
  "summary_fg_median": 3324.043212890625,
  "summary_fg_n": 210424.0,
  "summary_fg_p05": 1926.3148925781252,
  "summary_fg_p95": 5773.394604492184,
  "summary_fg_stdv": 1158.579833984375,
  "tsnr": 33.586219787597656
}