{
  "aor": 0.004735497076023392,
  "aqi": 0.011937745789473684,
  "bids_meta": {
    "AcquisitionDuration": 723.000256,
    "Columns": 128,
    "EchoTime": 0.034,
    "EchoTrainLength": 1,
    "EffectiveEchoSpacing": 0.00056,
    "FieldOfView": [
      220.01,
      220.01,
      110.4
    ],
    "FlipAngle": 80,
    "GEImageTypeRIMPCode": 0,
    "ImageType": "ORIGINAL/PRIMARY/EPI/NONE",
    "ImagingFrequency": 127.76514,
    "InplanePhaseEncodingDirection": "COL",
    "InversionTime": 0,
    "MRAcquisitionType": "2D",
    "MagneticFieldStrength": 3,
    "Manufacturer": "GE MEDICAL SYSTEMS",
    "ManufacturersModelName": "DISCOVERY MR750",
    "NumberOfAverages": 1,
    "NumberOfEPIShots": 1,
    "NumberOfEchoes": 1,
    "NumberOfSlices": 46,
    "ParallelImagingReductionFactors": [
      0.5,
      1
    ],
    "PercentPhaseFieldOfView": 100,
    "PhaseEncodingDirection": "j",
    "PixelBandwidth": 3906.25,
    "PixelSpacing": [
      1.7188,
      1.7188
    ],
    "ReceiveCoilName": "8HRBRAIN",
    "RepetitionTime": 3,
    "Rows": 128,
    "SATFatWaterBone": 1,
    "ScanOptions": [
      "SAT_GEMS",
      "EPI_GEMS",
      "ACC_GEMS",
      "FS"
    ],
    "ScanningSequence": [
      "EP",
      "GR"
    ],
    "SequenceVariant": "SS",
    "SeriesDate": "18740312",
    "SeriesDescription": "fMRI-hands",
    "SeriesNumber": 8,
    "SeriesTime": "184942",
    "SliceThickness": 2.3,
    "SliceTiming": [
      0,
      1.5,
      0.06522,
      1.56522,
      0.13043,
      1.63043,
      0.19565,
      1.69565,
      0.26087,
      1.76087,
      0.32609,
      1.82609,
      0.3913,
      1.8913,
      0.45652,
      1.95652,
      0.52174,
      2.02174,
      0.58696,
      2.08696,
      0.65217,
      2.15217,
      0.71739,
      2.21739,
      0.78261,
      2.28261,
      0.84783,
      2.34783,
      0.91304,
      2.41304,
      0.97826,
      2.47826,
      1.04348,
      2.54348,
      1.1087,
      2.6087,
      1.17391,
      2.67391,
      1.23913,
      2.73913,
      1.30435,
      2.80435,
      1.36957,
      2.86957,
      1.43478,
      2.93478
    ],
    "SliceTimingComputationMethod": "SliceNumber*RepetitionTime/NumberOfSlices (interleaved ascending, odd first)",
    "SpacingBetweenSlices": 2.4,
    "StudyTime": "181829",
    "TaskDescription": "In an event-related design, participants were shown pictures of hands being stung by needles or poked with Q-tips. The stimulus set was kindly shared by Claus Lamm, and has been shown to be effective in previous work by him. After each picture, participants were asked to rate their perceived unpleasantness on a visual analog scale of 0-100.",
    "TaskInstructions": "",
    "TaskName": "Hands",
    "dummyScans": 5,
    "modality": "bold",
    "session_id": "2",
    "subject_id": "9063",
    "task_id": "hands"
  },
  "dummy_trs": 0,
  "dvars_nstd": 38.800922685235285,
  "dvars_std": 1.0899472397647059,
  "dvars_vstd": 1.0418294555294112,
  "efc": 0.4961739606324523,
  "fber": 12352.6767578125,
  "fd_mean": 0.13753321667804827,
  "fd_num": 26,
  "fd_perc": 15.2046783625731,
  "fwhm_avg": 2.964761908020979,
  "fwhm_x": 3.0912905274650573,
  "fwhm_y": 3.4623517440337612,
  "fwhm_z": 2.340643452564119,
  "gcor": 0.0120371,
  "gsr_x": -0.01563285104930401,
  "gsr_y": 0.037526264786720276,
  "provenance": {
    "md5sum": "573ee4974764bd7a8a30cdd48719f7ca",
    "settings": {
      "fd_thres": 0.2,
      "hmc_fsl": false
    },
    "software": "mriqc",
    "version": "0.9.6"
  },
  "size_t": 171,
  "size_x": 128,
  "size_y": 128,
  "size_z": 46,
  "snr": 3.769473625104554,
  "spacing_tr": 3.0,
  "spacing_x": 1.7187999486923218,
  "spacing_y": 1.7187999486923218,
  "spacing_z": 2.399993896484375,
  "summary_bg_k": 123.66720594581565,
  "summary_bg_mad": 44.99394607543945,
  "summary_bg_mean": 122.79454040527344,
  "summary_bg_median": 30.55847930908203,
  "summary_bg_n": 476546.0,
  "summary_bg_p05": 0.02923976629972458,
  "summary_bg_p95": 570.9970703125,
  "summary_bg_stdv": 355.1689758300781,
  "summary_fg_k": 1.2545742652933667,
  "summary_fg_mad": 836.73388671875,
  "summary_fg_mean": 3440.962646484375,
  "summary_fg_median": 3424.403564453125,
  "summary_fg_n": 179121.0,
  "summary_fg_p05": 1983.134521484375,
  "summary_fg_p95": 4900.20458984375,
  "summary_fg_stdv": 908.4541625976562,
  "tsnr": 34.882164001464844
}