{
  "bids_meta": {
    "AcquisitionDuration": 238.444688,
    "Columns": 512,
    "EchoTime": 0.00281,
    "EchoTrainLength": 1,
    "EffectiveEchoSpacing": 0,
    "FieldOfView": [
      240.03,
      240.03,
      180
    ],
    "FlipAngle": 11,
    "GEImageTypeRIMPCode": 0,
    "ImageType": "ORIGINAL/PRIMARY/OTHER",
    "ImagingFrequency": 127.765177,
    "InplanePhaseEncodingDirection": "ROW",
    "InversionTime": 0.45,
    "MRAcquisitionType": "3D",
    "MagneticFieldStrength": 3,
    "Manufacturer": "GE MEDICAL SYSTEMS",
    "ManufacturersModelName": "DISCOVERY MR750",
    "NumberOfAverages": 1,
    "NumberOfEPIShots": 0,
    "NumberOfEchoes": 1,
    "NumberOfSlices": 180,
    "ParallelImagingReductionFactors": [
      0.571429,
      1
    ],
    "PercentPhaseFieldOfView": 100,
    "PhaseEncodingDirection": "i",
    "PixelBandwidth": 122.07,
    "PixelSpacing": [
      0.4688,
      0.4688
    ],
    "ReceiveCoilName": "8HRBRAIN",
    "RepetitionTime": 0.0064,
    "Rows": 512,
    "SATFatWaterBone": 0,
    "ScanOptions": [
      "FAST_GEMS",
      "EDR_GEMS",
      "FILTERED_GEMS",
      "ACC_GEMS"
    ],
    "ScanningSequence": "GR",
    "SequenceVariant": [
      "SS",
      "SK"
    ],
    "SeriesDate": "18730429",
    "SeriesDescription": "Sag3D_T1_1mm3",
    "SeriesNumber": 2,
    "SeriesTime": "201617",
    "SliceThickness": 1,
    "SpacingBetweenSlices": 1,
    "StudyTime": "201431",
    "modality": "T1w",
    "session_id": "2",
    "subject_id": "9082"
  },
  "cjv": 0.35358958119646927,
  "cnr": 3.7136077821510165,
  "efc": 0.6270752155230563,
  "fber": 151.29580688476562,
  "fwhm_avg": 6.402344460935034,
  "fwhm_x": 4.00377,
  "fwhm_y": 7.986774602674911,
  "fwhm_z": 7.2164887801301925,
  "icvs_csf": 0.22298593128298969,
  "icvs_gm": 0.43385913180424546,
  "icvs_wm": 0.34315493691276483,
  "inu_med": 1.2342177629470825,
  "inu_range": 0.4989563643932342,
  "provenance": {
    "md5sum": "231c18a0a8f6d49d0e0919306f328456",
    "mriqc_pred": 0,
    "settings": {
      "testing": false
    },
    "software": "mriqc",
    "version": "0.9.6",
    "warnings": {
      "large_rot_frame": true,
      "small_air_mask": false
    }
  },
  "qi_1": 6.753881007096815e-06,
  "qi_2": 0.0003438358709739691,
  "rpve_csf": 28.854372113276877,
  "rpve_gm": 15.700476441205996,
  "rpve_wm": 22.972024236489382,
  "size_x": 180,
  "size_y": 512,
  "size_z": 512,
  "snr_csf": 3.5534442959077346,
  "snr_gm": 12.69362366381519,
  "snr_total": 11.38069404928291,
  "snr_wm": 17.89501418812581,
  "snrd_csf": 16.067209004685438,
  "snrd_gm": 31.314995533143854,
  "snrd_total": 30.668640625515337,
  "snrd_wm": 44.623717338716716,
  "spacing_x": 1.0,
  "spacing_y": 0.46880000829696655,
  "spacing_z": 0.46880000829696655,
  "summary_bg_k": 1.9991382944466496,
  "summary_bg_mad": 14.681429862976074,
  "summary_bg_mean": 52.67061233520508,
  "summary_bg_median": 50.723995208740234,
  "summary_bg_n": 8046992.0,
  "summary_bg_p05": 30.031776809692385,
  "summary_bg_p95": 82.22937774658203,
  "summary_bg_stdv": 16.45546531677246,
  "summary_csf_k": -0.5134234470266668,
  "summary_csf_mad": 112.10726928710938,
  "summary_csf_mean": 366.9728698730469,
  "summary_csf_median": 360.06182861328125,
  "summary_csf_n": 134098.0,
  "summary_csf_p05": 210.55360641479493,
  "summary_csf_p95": 533.5432708740234,
  "summary_csf_stdv": 101.32717895507812,
  "summary_gm_k": 0.33983996733240396,
  "summary_gm_mad": 52.670475006103516,
  "summary_gm_mean": 705.7720336914062,
  "summary_gm_median": 701.7606201171875,
  "summary_gm_n": 197930.0,
  "summary_gm_p05": 621.9303588867188,
  "summary_gm_p95": 804.0901550292967,
  "summary_gm_stdv": 55.284358978271484,
  "summary_wm_k": 0.32766279436314916,
  "summary_wm_mad": 52.785804748535156,
  "summary_wm_mean": 999.5947265625,
  "summary_wm_median": 1000.0054931640625,
  "summary_wm_n": 817686.0,
  "summary_wm_p05": 905.3956909179688,
  "summary_wm_p95": 1090.5308837890625,
  "summary_wm_stdv": 55.88175964355469,
  "tpm_overlap_csf": 0.21039773523807526,
  "tpm_overlap_gm": 0.5046661496162415,
  "tpm_overlap_wm": 0.5510514974594116,
  "wm2max": 0.45434125692227717
}