{
  "aor": 0.0017245789473684212,
  "aqi": 0.015677075000000002,
  "bids_meta": {
    "AcquisitionDuration": 723.000256,
    "Columns": 128,
    "EchoTime": 0.034,
    "EchoTrainLength": 1,
    "EffectiveEchoSpacing": 0.00056,
    "FieldOfView": [
      220.01,
      220.01,
      110.4
    ],
    "FlipAngle": 80,
    "GEImageTypeRIMPCode": 0,
    "ImageType": "ORIGINAL/PRIMARY/EPI/NONE",
    "ImagingFrequency": 127.765196,
    "InplanePhaseEncodingDirection": "COL",
    "InversionTime": 0,
    "MRAcquisitionType": "2D",
    "MagneticFieldStrength": 3,
    "Manufacturer": "GE MEDICAL SYSTEMS",
    "ManufacturersModelName": "DISCOVERY MR750",
    "NumberOfAverages": 1,
    "NumberOfEPIShots": 1,
    "NumberOfEchoes": 1,
    "NumberOfSlices": 46,
    "ParallelImagingReductionFactors": [
      0.5,
      1
    ],
    "PercentPhaseFieldOfView": 100,
    "PhaseEncodingDirection": "j",
    "PixelBandwidth": 3906.25,
    "PixelSpacing": [
      1.7188,
      1.7188
    ],
    "ReceiveCoilName": "8HRBRAIN",
    "RepetitionTime": 3,
    "Rows": 128,
    "SATFatWaterBone": 1,
    "ScanOptions": [
      "SAT_GEMS",
      "EPI_GEMS",
      "ACC_GEMS",
      "FS"
    ],
    "ScanningSequence": [
      "EP",
      "GR"
    ],
    "SequenceVariant": "SS",
    "SeriesDate": "18740401",
    "SeriesDescription": "fMRI-hands",
    "SeriesNumber": 7,
    "SeriesTime": "201219",
    "SliceThickness": 2.3,
    "SliceTiming": [
      0,
      1.5,
      0.06522,
      1.56522,
      0.13043,
      1.63043,
      0.19565,
      1.69565,
      0.26087,
      1.76087,
      0.32609,
      1.82609,
      0.3913,
      1.8913,
      0.45652,
      1.95652,
      0.52174,
      2.02174,
      0.58696,
      2.08696,
      0.65217,
      2.15217,
      0.71739,
      2.21739,
      0.78261,
      2.28261,
      0.84783,
      2.34783,
      0.91304,
      2.41304,
      0.97826,
      2.47826,
      1.04348,
      2.54348,
      1.1087,
      2.6087,
      1.17391,
      2.67391,
      1.23913,
      2.73913,
      1.30435,
      2.80435,
      1.36957,
      2.86957,
      1.43478,
      2.93478
    ],
    "SliceTimingComputationMethod": "SliceNumber*RepetitionTime/NumberOfSlices (interleaved ascending, odd first)",
    "SpacingBetweenSlices": 2.4,
    "StudyTime": "194416",
    "TaskDescription": "In an event-related design, participants were shown pictures of hands being stung by needles or poked with Q-tips. The stimulus set was kindly shared by Claus Lamm, and has been shown to be effective in previous work by him. After each picture, participants were asked to rate their perceived unpleasantness on a visual analog scale of 0-100.",
    "TaskInstructions": "",
    "TaskName": "Hands",
    "dummyScans": 5,
    "modality": "bold",
    "session_id": "1",
    "subject_id": "9058",
    "task_id": "hands"
  },
  "dummy_trs": 0,
  "dvars_nstd": 41.52146711804232,
  "dvars_std": 1.0436032526984125,
  "dvars_vstd": 0.9929263067724867,
  "efc": 0.4514207672584181,
  "fber": 7639.1875,
  "fd_mean": 0.2629278714249727,
  "fd_num": 93,
  "fd_perc": 48.94736842105263,
  "fwhm_avg": 3.059390533351646,
  "fwhm_x": 3.254997769959494,
  "fwhm_y": 3.536159053660758,
  "fwhm_z": 2.387014776434685,
  "gcor": 0.0069955,
  "gsr_x": -0.006287169177085161,
  "gsr_y": 0.024962671101093292,
  "provenance": {
    "md5sum": "4774efefbf355397a1bef39a3d5b3499",
    "settings": {
      "fd_thres": 0.2,
      "hmc_fsl": false
    },
    "software": "mriqc",
    "version": "0.9.6"
  },
  "size_t": 190,
  "size_x": 128,
  "size_y": 128,
  "size_z": 46,
  "snr": 3.3661746437823625,
  "spacing_tr": 3.0,
  "spacing_x": 1.7187999486923218,
  "spacing_y": 1.7187999486923218,
  "spacing_z": 2.3999977111816406,
  "summary_bg_k": 133.41446317155356,
  "summary_bg_mad": 60.7593879699707,
  "summary_bg_mean": 113.76689910888672,
  "summary_bg_median": 41.634212493896484,
  "summary_bg_n": 510362.0,
  "summary_bg_p05": 0.12631580233573914,
  "summary_bg_p95": 451.9316101074219,
  "summary_bg_stdv": 274.2438659667969,
  "summary_fg_k": 1.5993791010845406,
  "summary_fg_mad": 819.7813110351562,
  "summary_fg_mean": 3726.26416015625,
  "summary_fg_median": 3612.537109375,
  "summary_fg_n": 149720.0,
  "summary_fg_p05": 2067.9244018554687,
  "summary_fg_p95": 5704.759619140625,
  "summary_fg_stdv": 1073.18408203125,
  "tsnr": 32.130332946777344
}