{
  "aor": 0.0164005,
  "aqi": 0.012980618800000001,
  "bids_meta": {
    "AcquisitionDuration": 525.000256,
    "CogAtlasID": "trm_4c8a834779883",
    "Columns": 128,
    "EchoTime": 0.03,
    "EchoTrainLength": 1,
    "EffectiveEchoSpacing": 0.000464,
    "FieldOfView": [
      288,
      288,
      147
    ],
    "FlipAngle": 75,
    "GEImageTypeRIMPCode": 0,
    "ImageType": "ORIGINAL/PRIMARY/EPI/NONE",
    "ImagingFrequency": 127.765272,
    "InplanePhaseEncodingDirection": "COL",
    "InversionTime": 0,
    "MRAcquisitionType": "2D",
    "MagneticFieldStrength": 3,
    "Manufacturer": "GE MEDICAL SYSTEMS",
    "ManufacturersModelName": "DISCOVERY MR750",
    "NumberOfAverages": 1,
    "NumberOfEPIShots": 1,
    "NumberOfEchoes": 1,
    "NumberOfSlices": 49,
    "ParallelImagingReductionFactors": [
      0.5,
      1
    ],
    "PercentPhaseFieldOfView": 100,
    "PhaseEncodingDirection": "j",
    "PixelBandwidth": 3906.25,
    "PixelSpacing": [
      2.25,
      2.25
    ],
    "ReceiveCoilName": "8HRBRAIN",
    "RepetitionTime": 2.5,
    "Rows": 128,
    "SATFatWaterBone": 0,
    "ScanOptions": [
      "EPI_GEMS",
      "FILTERED_GEMS",
      "ACC_GEMS"
    ],
    "ScanningSequence": [
      "EP",
      "GR"
    ],
    "SequenceVariant": "SS",
    "SeriesDate": "18730401",
    "SeriesDescription": "RSN_BWRT_200vol_3mm",
    "SeriesNumber": 10,
    "SeriesTime": "221758",
    "SliceThickness": 3,
    "SliceTiming": [
      0,
      1.27551,
      0.05102,
      1.32653,
      0.10204,
      1.37755,
      0.15306,
      1.42857,
      0.20408,
      1.47959,
      0.2551,
      1.53061,
      0.30612,
      1.58163,
      0.35714,
      1.63265,
      0.40816,
      1.68367,
      0.45918,
      1.73469,
      0.5102,
      1.78571,
      0.56122,
      1.83673,
      0.61224,
      1.88776,
      0.66327,
      1.93878,
      0.71429,
      1.9898,
      0.76531,
      2.04082,
      0.81633,
      2.09184,
      0.86735,
      2.14286,
      0.91837,
      2.19388,
      0.96939,
      2.2449,
      1.02041,
      2.29592,
      1.07143,
      2.34694,
      1.12245,
      2.39796,
      1.17347,
      2.44898,
      1.22449
    ],
    "SliceTimingComputationMethod": "SliceNumber*RepetitionTime/NumberOfSlices (interleaved ascending, odd first)",
    "SpacingBetweenSlices": 3,
    "StudyTime": "211438",
    "TaskDescription": "Functional connectivity in the resting state was assessed during two eight-minute runs. Participants were asked to rate their sleepiness using the Karolinska Sleepiness Scale every 2 minutes",
    "TaskInstructions": "Participants were instructed to keep their eyes open and look at a white fixation cross presented against a gray background.",
    "TaskName": "Sleepiness",
    "dummyScans": 10,
    "modality": "bold",
    "session_id": "1",
    "subject_id": "9082",
    "task_id": "sleepiness"
  },
  "dummy_trs": 0,
  "dvars_nstd": 36.4154425149749,
  "dvars_std": 1.0271858231658293,
  "dvars_vstd": 0.9990689509547742,
  "efc": 0.26867984222689045,
  "fber": 40629796.0,
  "fd_mean": 0.5976445365083396,
  "fd_num": 121,
  "fd_perc": 60.5,
  "fwhm_avg": 3.5911496296296295,
  "fwhm_x": 3.6711599999999995,
  "fwhm_y": 4.151568888888889,
  "fwhm_z": 2.95072,
  "gcor": 0.0985356,
  "gsr_x": -0.01122088823467493,
  "gsr_y": -0.0006984185893088579,
  "provenance": {
    "md5sum": "e8837dde6be4af575e442a34250354dc",
    "settings": {
      "fd_thres": 0.2,
      "hmc_fsl": false
    },
    "software": "mriqc",
    "version": "0.9.6"
  },
  "size_t": 200,
  "size_x": 128,
  "size_y": 128,
  "size_z": 49,
  "snr": 4.173130714088198,
  "spacing_tr": 2.5,
  "spacing_x": 2.25,
  "spacing_y": 2.25,
  "spacing_z": 3.0,
  "summary_bg_k": 207.22946495715414,
  "summary_bg_mad": 1.3491679430007935,
  "summary_bg_mean": 47.315895080566406,
  "summary_bg_median": 0.9099999666213989,
  "summary_bg_n": 657387.0,
  "summary_bg_p05": 0.0,
  "summary_bg_p95": 206.00048980712822,
  "summary_bg_stdv": 202.0702667236328,
  "summary_fg_k": 0.6322559225247155,
  "summary_fg_mad": 1219.2437744140625,
  "summary_fg_mean": 5514.365234375,
  "summary_fg_median": 5562.302734375,
  "summary_fg_n": 62936.0,
  "summary_fg_p05": 3075.68115234375,
  "summary_fg_p95": 7544.973388671875,
  "summary_fg_stdv": 1332.874267578125,
  "tsnr": 31.227054595947266
}