{
  "aor": 0.013762901554404145,
  "aqi": 0.014878553886010363,
  "bids_meta": {
    "AcquisitionDuration": 525.000256,
    "CogAtlasID": "trm_4c8a834779883",
    "Columns": 128,
    "EchoTime": 0.03,
    "EchoTrainLength": 1,
    "EffectiveEchoSpacing": 0.000464,
    "FieldOfView": [
      288,
      288,
      147
    ],
    "FlipAngle": 75,
    "GEImageTypeRIMPCode": 0,
    "ImageType": "ORIGINAL/PRIMARY/EPI/NONE",
    "ImagingFrequency": 127.765141,
    "InplanePhaseEncodingDirection": "COL",
    "InversionTime": 0,
    "MRAcquisitionType": "2D",
    "MagneticFieldStrength": 3,
    "Manufacturer": "GE MEDICAL SYSTEMS",
    "ManufacturersModelName": "DISCOVERY MR750",
    "NumberOfAverages": 1,
    "NumberOfEPIShots": 1,
    "NumberOfEchoes": 1,
    "NumberOfSlices": 49,
    "ParallelImagingReductionFactors": [
      0.5,
      1
    ],
    "PercentPhaseFieldOfView": 100,
    "PhaseEncodingDirection": "j",
    "PixelBandwidth": 3906.25,
    "PixelSpacing": [
      2.25,
      2.25
    ],
    "ReceiveCoilName": "8HRBRAIN",
    "RepetitionTime": 2.5,
    "Rows": 128,
    "SATFatWaterBone": 0,
    "ScanOptions": [
      "EPI_GEMS",
      "FILTERED_GEMS",
      "ACC_GEMS"
    ],
    "ScanningSequence": [
      "EP",
      "GR"
    ],
    "SequenceVariant": "SS",
    "SeriesDate": "18740429",
    "SeriesDescription": "RSN_BWRT_200vol_3mm",
    "SeriesNumber": 4,
    "SeriesTime": "201223",
    "SliceThickness": 3,
    "SliceTiming": [
      0,
      1.27551,
      0.05102,
      1.32653,
      0.10204,
      1.37755,
      0.15306,
      1.42857,
      0.20408,
      1.47959,
      0.2551,
      1.53061,
      0.30612,
      1.58163,
      0.35714,
      1.63265,
      0.40816,
      1.68367,
      0.45918,
      1.73469,
      0.5102,
      1.78571,
      0.56122,
      1.83673,
      0.61224,
      1.88776,
      0.66327,
      1.93878,
      0.71429,
      1.9898,
      0.76531,
      2.04082,
      0.81633,
      2.09184,
      0.86735,
      2.14286,
      0.91837,
      2.19388,
      0.96939,
      2.2449,
      1.02041,
      2.29592,
      1.07143,
      2.34694,
      1.12245,
      2.39796,
      1.17347,
      2.44898,
      1.22449
    ],
    "SliceTimingComputationMethod": "SliceNumber*RepetitionTime/NumberOfSlices (interleaved ascending, odd first)",
    "SpacingBetweenSlices": 3,
    "StudyTime": "200449",
    "TaskDescription": "Functional connectivity in the resting state was assessed during two eight-minute runs.",
    "TaskInstructions": "Participants were instructed to keep their eyes open and look at a white fixation cross presented against a gray background.",
    "TaskName": "Resting State",
    "dummyScans": 10,
    "modality": "bold",
    "session_id": "2",
    "subject_id": "9058",
    "task_id": "rest"
  },
  "dummy_trs": 0,
  "dvars_nstd": 25.5213898965625,
  "dvars_std": 0.9824697724479164,
  "dvars_vstd": 0.9359244046354167,
  "efc": 0.30324022738526957,
  "fber": 18705834.0,
  "fd_mean": 0.27624006210320917,
  "fd_num": 74,
  "fd_perc": 38.3419689119171,
  "fwhm_avg": 3.4595185185185184,
  "fwhm_x": 3.5819866666666664,
  "fwhm_y": 4.0210622222222225,
  "fwhm_z": 2.775506666666667,
  "gcor": 0.0448752,
  "gsr_x": -0.01592848263680935,
  "gsr_y": -0.00010557618224993348,
  "provenance": {
    "md5sum": "b81320a89ce8d69b229eccc98e570081",
    "settings": {
      "fd_thres": 0.2,
      "hmc_fsl": false
    },
    "software": "mriqc",
    "version": "0.9.6"
  },
  "size_t": 193,
  "size_x": 128,
  "size_y": 128,
  "size_z": 49,
  "snr": 4.569155378820977,
  "spacing_tr": 2.5,
  "spacing_x": 2.25,
  "spacing_y": 2.25,
  "spacing_z": 3.0,
  "summary_bg_k": 105.81959495187239,
  "summary_bg_mad": 1.7821954488754272,
  "summary_bg_mean": 65.40473175048828,
  "summary_bg_median": 1.2020725011825562,
  "summary_bg_n": 643350.0,
  "summary_bg_p05": 0.0,
  "summary_bg_p95": 305.0569763183594,
  "summary_bg_stdv": 243.51695251464844,
  "summary_fg_k": 1.6080190145294244,
  "summary_fg_mad": 850.8218383789062,
  "summary_fg_mean": 4869.8330078125,
  "summary_fg_median": 4947.35205078125,
  "summary_fg_n": 74399.0,
  "summary_fg_p05": 2769.991650390625,
  "summary_fg_p95": 6463.571191406249,
  "summary_fg_stdv": 1082.764404296875,
  "tsnr": 36.57596969604492
}