{
  "aor": 0.0038858910891089106,
  "aqi": 0.011243874306930694,
  "bids_meta": {
    "AcquisitionDuration": 723.000256,
    "Columns": 128,
    "EchoTime": 0.034,
    "EchoTrainLength": 1,
    "EffectiveEchoSpacing": 0.00056,
    "FieldOfView": [
      220.01,
      220.01,
      110.4
    ],
    "FlipAngle": 80,
    "GEImageTypeRIMPCode": 0,
    "ImageType": "ORIGINAL/PRIMARY/EPI/NONE",
    "ImagingFrequency": 127.76516,
    "InplanePhaseEncodingDirection": "COL",
    "InversionTime": 0,
    "MRAcquisitionType": "2D",
    "MagneticFieldStrength": 3,
    "Manufacturer": "GE MEDICAL SYSTEMS",
    "ManufacturersModelName": "DISCOVERY MR750",
    "NumberOfAverages": 1,
    "NumberOfEPIShots": 1,
    "NumberOfEchoes": 1,
    "NumberOfSlices": 46,
    "ParallelImagingReductionFactors": [
      0.5,
      1
    ],
    "PercentPhaseFieldOfView": 100,
    "PhaseEncodingDirection": "j",
    "PixelBandwidth": 3906.25,
    "PixelSpacing": [
      1.7188,
      1.7188
    ],
    "ReceiveCoilName": "8HRBRAIN",
    "RepetitionTime": 3,
    "Rows": 128,
    "SATFatWaterBone": 1,
    "ScanOptions": [
      "SAT_GEMS",
      "EPI_GEMS",
      "ACC_GEMS",
      "FS"
    ],
    "ScanningSequence": [
      "EP",
      "GR"
    ],
    "SequenceVariant": "SS",
    "SeriesDate": "18740509",
    "SeriesDescription": "fMRI-hands",
    "SeriesNumber": 7,
    "SeriesTime": "205849",
    "SliceThickness": 2.3,
    "SliceTiming": [
      0,
      1.5,
      0.06522,
      1.56522,
      0.13043,
      1.63043,
      0.19565,
      1.69565,
      0.26087,
      1.76087,
      0.32609,
      1.82609,
      0.3913,
      1.8913,
      0.45652,
      1.95652,
      0.52174,
      2.02174,
      0.58696,
      2.08696,
      0.65217,
      2.15217,
      0.71739,
      2.21739,
      0.78261,
      2.28261,
      0.84783,
      2.34783,
      0.91304,
      2.41304,
      0.97826,
      2.47826,
      1.04348,
      2.54348,
      1.1087,
      2.6087,
      1.17391,
      2.67391,
      1.23913,
      2.73913,
      1.30435,
      2.80435,
      1.36957,
      2.86957,
      1.43478,
      2.93478
    ],
    "SliceTimingComputationMethod": "SliceNumber*RepetitionTime/NumberOfSlices (interleaved ascending, odd first)",
    "SpacingBetweenSlices": 2.4,
    "StudyTime": "202911",
    "TaskDescription": "In an event-related design, participants were shown pictures of hands being stung by needles or poked with Q-tips. The stimulus set was kindly shared by Claus Lamm, and has been shown to be effective in previous work by him. After each picture, participants were asked to rate their perceived unpleasantness on a visual analog scale of 0-100.",
    "TaskInstructions": "",
    "TaskName": "Hands",
    "dummyScans": 5,
    "modality": "bold",
    "session_id": "1",
    "subject_id": "9020",
    "task_id": "hands"
  },
  "dummy_trs": 0,
  "dvars_nstd": 43.51244768925373,
  "dvars_std": 1.0653669528855718,
  "dvars_vstd": 1.016668006268657,
  "efc": 0.46802841011313995,
  "fber": 6724.88037109375,
  "fd_mean": 0.386422085684908,
  "fd_num": 138,
  "fd_perc": 68.31683168316832,
  "fwhm_avg": 3.1578996390405885,
  "fwhm_x": 3.4075402460047584,
  "fwhm_y": 3.393885370102617,
  "fwhm_z": 2.672273301014391,
  "gcor": 0.0115109,
  "gsr_x": -0.0004154233611188829,
  "gsr_y": 0.014175026677548885,
  "provenance": {
    "md5sum": "15c5be314c170a70866edc3d6c96ee65",
    "settings": {
      "fd_thres": 0.2,
      "hmc_fsl": false
    },
    "software": "mriqc",
    "version": "0.9.6"
  },
  "size_t": 202,
  "size_x": 128,
  "size_y": 128,
  "size_z": 46,
  "snr": 2.599496111770463,
  "spacing_tr": 3.0,
  "spacing_x": 1.7187999486923218,
  "spacing_y": 1.7187999486923218,
  "spacing_z": 2.4000015258789062,
  "summary_bg_k": 88.71517523504716,
  "summary_bg_mad": 60.59585952758789,
  "summary_bg_mean": 97.4478988647461,
  "summary_bg_median": 41.62376022338867,
  "summary_bg_n": 484675.0,
  "summary_bg_p05": 0.13861386477947235,
  "summary_bg_p95": 365.0014831542968,
  "summary_bg_stdv": 215.03091430664062,
  "summary_fg_k": 2.562381465570607,
  "summary_fg_mad": 886.933837890625,
  "summary_fg_mean": 3689.41162109375,
  "summary_fg_median": 3405.18310546875,
  "summary_fg_n": 173863.0,
  "summary_fg_p05": 2054.575610351563,
  "summary_fg_p95": 6336.931982421875,
  "summary_fg_stdv": 1309.9359130859375,
  "tsnr": 32.250701904296875
}