{
  "aor": 0.0036193333333333338,
  "aqi": 0.007363668222222222,
  "bids_meta": {
    "AcquisitionDuration": 723.000256,
    "Columns": 128,
    "EchoTime": 0.034,
    "EchoTrainLength": 1,
    "EffectiveEchoSpacing": 0.000532,
    "FieldOfView": [
      240,
      240,
      108
    ],
    "FlipAngle": 80,
    "GEImageTypeRIMPCode": 0,
    "ImageType": "ORIGINAL/PRIMARY/EPI/NONE",
    "ImagingFrequency": 127.765269,
    "InplanePhaseEncodingDirection": "COL",
    "InversionTime": 0,
    "MRAcquisitionType": "2D",
    "MagneticFieldStrength": 3,
    "Manufacturer": "GE MEDICAL SYSTEMS",
    "ManufacturersModelName": "DISCOVERY MR750",
    "NumberOfAverages": 1,
    "NumberOfEPIShots": 1,
    "NumberOfEchoes": 1,
    "NumberOfSlices": 45,
    "ParallelImagingReductionFactors": [
      0.5,
      1
    ],
    "PercentPhaseFieldOfView": 100,
    "PhaseEncodingDirection": "j",
    "PixelBandwidth": 3906.25,
    "PixelSpacing": [
      1.875,
      1.875
    ],
    "ReceiveCoilName": "8HRBRAIN",
    "RepetitionTime": 3,
    "Rows": 128,
    "SATFatWaterBone": 1,
    "ScanOptions": [
      "SAT_GEMS",
      "EPI_GEMS",
      "ACC_GEMS",
      "FS"
    ],
    "ScanningSequence": [
      "EP",
      "GR"
    ],
    "SequenceVariant": "SS",
    "SeriesDate": "18730514",
    "SeriesDescription": "fMRI-hands",
    "SeriesNumber": 8,
    "SeriesTime": "191208",
    "SliceThickness": 2.3,
    "SliceTiming": [
      0,
      1.53333,
      0.06667,
      1.6,
      0.13333,
      1.66667,
      0.2,
      1.73333,
      0.26667,
      1.8,
      0.33333,
      1.86667,
      0.4,
      1.93333,
      0.46667,
      2,
      0.53333,
      2.06667,
      0.6,
      2.13333,
      0.66667,
      2.2,
      0.73333,
      2.26667,
      0.8,
      2.33333,
      0.86667,
      2.4,
      0.93333,
      2.46667,
      1,
      2.53333,
      1.06667,
      2.6,
      1.13333,
      2.66667,
      1.2,
      2.73333,
      1.26667,
      2.8,
      1.33333,
      2.86667,
      1.4,
      2.93333,
      1.46667
    ],
    "SliceTimingComputationMethod": "SliceNumber*RepetitionTime/NumberOfSlices (interleaved ascending, odd first)",
    "SpacingBetweenSlices": 2.4,
    "StudyTime": "184108",
    "TaskDescription": "In an event-related design, participants were shown pictures of hands being stung by needles or poked with Q-tips. The stimulus set was kindly shared by Claus Lamm, and has been shown to be effective in previous work by him. After each picture, participants were asked to rate their perceived unpleasantness on a visual analog scale of 0-100.",
    "TaskInstructions": "",
    "TaskName": "Hands",
    "dummyScans": 5,
    "modality": "bold",
    "session_id": "2",
    "subject_id": "9067",
    "task_id": "hands"
  },
  "dummy_trs": 0,
  "dvars_nstd": 30.538004646256983,
  "dvars_std": 1.090480867206704,
  "dvars_vstd": 1.042952315363128,
  "efc": 0.4235900716639996,
  "fber": 306102.34375,
  "fd_mean": 0.09587191601408006,
  "fd_num": 23,
  "fd_perc": 12.777777777777779,
  "fwhm_avg": 3.032993740494051,
  "fwhm_x": 3.1882186666666663,
  "fwhm_y": 3.4687413333333335,
  "fwhm_z": 2.442021221482153,
  "gcor": 0.0338413,
  "gsr_x": -0.009656358510255814,
  "gsr_y": 0.01588853821158409,
  "provenance": {
    "md5sum": "26e436a7bfca8d1f7e43deea20d2ee0d",
    "settings": {
      "fd_thres": 0.2,
      "hmc_fsl": false
    },
    "software": "mriqc",
    "version": "0.9.6"
  },
  "size_t": 180,
  "size_x": 128,
  "size_y": 128,
  "size_z": 45,
  "snr": 3.8074095306292044,
  "spacing_tr": 3.0,
  "spacing_x": 1.875,
  "spacing_y": 1.875,
  "spacing_z": 2.3999996185302734,
  "summary_bg_k": 114.17313009951019,
  "summary_bg_mad": 10.081695556640625,
  "summary_bg_mean": 77.42705535888672,
  "summary_bg_median": 6.800000190734863,
  "summary_bg_n": 511512.0,
  "summary_bg_p05": 0.0,
  "summary_bg_p95": 329.83667602538856,
  "summary_bg_stdv": 229.36634826660156,
  "summary_fg_k": 0.9871447842306571,
  "summary_fg_mad": 888.5565185546875,
  "summary_fg_mean": 3629.150390625,
  "summary_fg_median": 3609.40576171875,
  "summary_fg_n": 135047.0,
  "summary_fg_p05": 2103.389501953125,
  "summary_fg_p95": 5161.75810546875,
  "summary_fg_stdv": 947.9916381835938,
  "tsnr": 46.22959899902344
}