{
  "bids_meta": {
    "AcquisitionDuration": 238.55128,
    "Columns": 512,
    "EchoTime": 0.00281,
    "EchoTrainLength": 1,
    "EffectiveEchoSpacing": 0,
    "FieldOfView": [
      240.03,
      240.03,
      180
    ],
    "FlipAngle": 11,
    "GEImageTypeRIMPCode": 0,
    "ImageType": "ORIGINAL/PRIMARY/OTHER",
    "ImagingFrequency": 127.765171,
    "InplanePhaseEncodingDirection": "ROW",
    "InversionTime": 0.45,
    "MRAcquisitionType": "3D",
    "MagneticFieldStrength": 3,
    "Manufacturer": "GE MEDICAL SYSTEMS",
    "ManufacturersModelName": "DISCOVERY MR750",
    "NumberOfAverages": 1,
    "NumberOfEPIShots": 0,
    "NumberOfEchoes": 1,
    "NumberOfSlices": 180,
    "ParallelImagingReductionFactors": [
      0.571429,
      1
    ],
    "PercentPhaseFieldOfView": 100,
    "PhaseEncodingDirection": "i",
    "PixelBandwidth": 122.07,
    "PixelSpacing": [
      0.4688,
      0.4688
    ],
    "ReceiveCoilName": "8HRBRAIN",
    "RepetitionTime": 0.0064,
    "Rows": 512,
    "SATFatWaterBone": 0,
    "ScanOptions": [
      "FAST_GEMS",
      "EDR_GEMS",
      "FILTERED_GEMS",
      "ACC_GEMS"
    ],
    "ScanningSequence": "GR",
    "SequenceVariant": [
      "SS",
      "SK"
    ],
    "SeriesDate": "18731130",
    "SeriesDescription": "Sag3D_T1_1mm3",
    "SeriesNumber": 2,
    "SeriesTime": "180730",
    "SliceThickness": 1,
    "SpacingBetweenSlices": 1,
    "StudyTime": "180537",
    "modality": "T1w",
    "session_id": "1",
    "subject_id": "9100"
  },
  "cjv": 0.38243349839451785,
  "cnr": 3.4508704738418756,
  "efc": 0.6787006341084969,
  "fber": 142.51991271972656,
  "fwhm_avg": 6.389432243132444,
  "fwhm_x": 4.07139,
  "fwhm_y": 7.869816413618593,
  "fwhm_z": 7.22709031577874,
  "icvs_csf": 0.22227601830084007,
  "icvs_gm": 0.41899938748770427,
  "icvs_wm": 0.35872459421145564,
  "inu_med": 1.1505533456802368,
  "inu_range": 0.5460746288299558,
  "provenance": {
    "md5sum": "8d3daf4035aaafafd976d8e03001d1f0",
    "mriqc_pred": 0,
    "settings": {
      "testing": false
    },
    "software": "mriqc",
    "version": "0.9.6",
    "warnings": {
      "large_rot_frame": true,
      "small_air_mask": false
    }
  },
  "qi_1": 0.0,
  "qi_2": 0.0003660762728484012,
  "rpve_csf": 19.330670878907995,
  "rpve_gm": 10.688712323300992,
  "rpve_wm": 14.728380291268493,
  "size_x": 180,
  "size_y": 512,
  "size_z": 512,
  "snr_csf": 3.5222928464935914,
  "snr_gm": 12.486163678425521,
  "snr_total": 11.395012576535201,
  "snr_wm": 18.176581204686492,
  "snrd_csf": 14.552127802462952,
  "snrd_gm": 30.145707255568233,
  "snrd_total": 28.885316446159937,
  "snrd_wm": 41.95811428044863,
  "spacing_x": 1.0,
  "spacing_y": 0.46880000829696655,
  "spacing_z": 0.46880000829696655,
  "summary_bg_k": 1.9284804980548493,
  "summary_bg_mad": 15.614291191101074,
  "summary_bg_mean": 52.79785919189453,
  "summary_bg_median": 50.06112289428711,
  "summary_bg_n": 8796858.0,
  "summary_bg_p05": 29.184576511383057,
  "summary_bg_p95": 85.9120189666748,
  "summary_bg_stdv": 17.828998565673828,
  "summary_csf_k": -0.2357601327225165,
  "summary_csf_mad": 98.61702728271484,
  "summary_csf_mean": 359.482421875,
  "summary_csf_median": 346.830322265625,
  "summary_csf_n": 194727.0,
  "summary_csf_p05": 215.81451873779298,
  "summary_csf_p95": 534.3462280273437,
  "summary_csf_stdv": 98.46694946289062,
  "summary_gm_k": 0.3521540867642936,
  "summary_gm_mad": 54.362430572509766,
  "summary_gm_mean": 723.8582153320312,
  "summary_gm_median": 718.4822387695312,
  "summary_gm_n": 254750.0,
  "summary_gm_p05": 638.6090362548828,
  "summary_gm_p95": 828.6439788818359,
  "summary_gm_stdv": 57.54216003417969,
  "summary_wm_k": 0.271595475202314,
  "summary_wm_mad": 53.30513381958008,
  "summary_wm_mean": 999.6141357421875,
  "summary_wm_median": 1000.0150146484375,
  "summary_wm_n": 1290856.0,
  "summary_wm_p05": 908.4307250976562,
  "summary_wm_p95": 1089.3053588867188,
  "summary_wm_stdv": 55.01665115356445,
  "tpm_overlap_csf": 0.19659774005413055,
  "tpm_overlap_gm": 0.47348669171333313,
  "tpm_overlap_wm": 0.5241677165031433,
  "wm2max": 0.5466725204889724
}