{
  "aor": 0.00215895,
  "aqi": 0.00451157455,
  "bids_meta": {
    "AcquisitionDuration": 525.000256,
    "CogAtlasID": "trm_4c8a834779883",
    "Columns": 128,
    "EchoTime": 0.03,
    "EchoTrainLength": 1,
    "EffectiveEchoSpacing": 0.000464,
    "FieldOfView": [
      288,
      288,
      147
    ],
    "FlipAngle": 75,
    "GEImageTypeRIMPCode": 0,
    "ImageType": "ORIGINAL/PRIMARY/EPI/NONE",
    "ImagingFrequency": 127.765155,
    "InplanePhaseEncodingDirection": "COL",
    "InversionTime": 0,
    "MRAcquisitionType": "2D",
    "MagneticFieldStrength": 3,
    "Manufacturer": "GE MEDICAL SYSTEMS",
    "ManufacturersModelName": "DISCOVERY MR750",
    "NumberOfAverages": 1,
    "NumberOfEPIShots": 1,
    "NumberOfEchoes": 1,
    "NumberOfSlices": 49,
    "ParallelImagingReductionFactors": [
      0.5,
      1
    ],
    "PercentPhaseFieldOfView": 100,
    "PhaseEncodingDirection": "j",
    "PixelBandwidth": 3906.25,
    "PixelSpacing": [
      2.25,
      2.25
    ],
    "ReceiveCoilName": "8HRBRAIN",
    "RepetitionTime": 2.5,
    "Rows": 128,
    "SATFatWaterBone": 0,
    "ScanOptions": [
      "EPI_GEMS",
      "FILTERED_GEMS",
      "ACC_GEMS"
    ],
    "ScanningSequence": [
      "EP",
      "GR"
    ],
    "SequenceVariant": "SS",
    "SeriesDate": "18740408",
    "SeriesDescription": "RSN_BWRT_200vol_3mm",
    "SeriesNumber": 10,
    "SeriesTime": "185654",
    "SliceThickness": 3,
    "SliceTiming": [
      0,
      1.27551,
      0.05102,
      1.32653,
      0.10204,
      1.37755,
      0.15306,
      1.42857,
      0.20408,
      1.47959,
      0.2551,
      1.53061,
      0.30612,
      1.58163,
      0.35714,
      1.63265,
      0.40816,
      1.68367,
      0.45918,
      1.73469,
      0.5102,
      1.78571,
      0.56122,
      1.83673,
      0.61224,
      1.88776,
      0.66327,
      1.93878,
      0.71429,
      1.9898,
      0.76531,
      2.04082,
      0.81633,
      2.09184,
      0.86735,
      2.14286,
      0.91837,
      2.19388,
      0.96939,
      2.2449,
      1.02041,
      2.29592,
      1.07143,
      2.34694,
      1.12245,
      2.39796,
      1.17347,
      2.44898,
      1.22449
    ],
    "SliceTimingComputationMethod": "SliceNumber*RepetitionTime/NumberOfSlices (interleaved ascending, odd first)",
    "SpacingBetweenSlices": 3,
    "StudyTime": "175302",
    "TaskDescription": "Functional connectivity in the resting state was assessed during two eight-minute runs. Participants were asked to rate their sleepiness using the Karolinska Sleepiness Scale every 2 minutes",
    "TaskInstructions": "Participants were instructed to keep their eyes open and look at a white fixation cross presented against a gray background.",
    "TaskName": "Sleepiness",
    "dummyScans": 10,
    "modality": "bold",
    "session_id": "2",
    "subject_id": "9026",
    "task_id": "sleepiness"
  },
  "dummy_trs": 0,
  "dvars_nstd": 15.111622542361804,
  "dvars_std": 1.039863386130653,
  "dvars_vstd": 0.9770282919095471,
  "efc": 0.3158090539888599,
  "fber": 58159692.0,
  "fd_mean": 0.11968972203376221,
  "fd_num": 25,
  "fd_perc": 12.5,
  "fwhm_avg": 3.243632962962963,
  "fwhm_x": 3.3048533333333334,
  "fwhm_y": 3.795955555555556,
  "fwhm_z": 2.63009,
  "gcor": 0.0163412,
  "gsr_x": -0.014245586469769478,
  "gsr_y": 0.0020572186913341284,
  "provenance": {
    "md5sum": "f9acf1fed7470667d0d229abcff12293",
    "settings": {
      "fd_thres": 0.2,
      "hmc_fsl": false
    },
    "software": "mriqc",
    "version": "0.9.6"
  },
  "size_t": 200,
  "size_x": 128,
  "size_y": 128,
  "size_z": 49,
  "snr": 4.702872272717493,
  "spacing_tr": 2.5,
  "spacing_x": 2.25,
  "spacing_y": 2.25,
  "spacing_z": 3.0,
  "summary_bg_k": 96.34256325898234,
  "summary_bg_mad": 1.0897126197814941,
  "summary_bg_mean": 57.26606369018555,
  "summary_bg_median": 0.73499995470047,
  "summary_bg_n": 630550.0,
  "summary_bg_p05": 0.0,
  "summary_bg_p95": 265.1627563476559,
  "summary_bg_stdv": 211.91587829589844,
  "summary_fg_k": 1.3683575905974905,
  "summary_fg_mad": 935.5364990234375,
  "summary_fg_mean": 5154.12744140625,
  "summary_fg_median": 5157.4873046875,
  "summary_fg_n": 84150.0,
  "summary_fg_p05": 3256.9002319335937,
  "summary_fg_p95": 6895.29404296875,
  "summary_fg_stdv": 1096.6610107421875,
  "tsnr": 74.00994873046875
}