{
  "aor": 0.0028443930635838155,
  "aqi": 0.010979480404624277,
  "bids_meta": {
    "AcquisitionDuration": 723.000256,
    "Columns": 128,
    "EchoTime": 0.034,
    "EchoTrainLength": 1,
    "EffectiveEchoSpacing": 0.000532,
    "FieldOfView": [
      240,
      240,
      108
    ],
    "FlipAngle": 80,
    "GEImageTypeRIMPCode": 0,
    "ImageType": "ORIGINAL/PRIMARY/EPI/NONE",
    "ImagingFrequency": 127.765232,
    "InplanePhaseEncodingDirection": "COL",
    "InversionTime": 0,
    "MRAcquisitionType": "2D",
    "MagneticFieldStrength": 3,
    "Manufacturer": "GE MEDICAL SYSTEMS",
    "ManufacturersModelName": "DISCOVERY MR750",
    "NumberOfAverages": 1,
    "NumberOfEPIShots": 1,
    "NumberOfEchoes": 1,
    "NumberOfSlices": 45,
    "ParallelImagingReductionFactors": [
      0.5,
      1
    ],
    "PercentPhaseFieldOfView": 100,
    "PhaseEncodingDirection": "j",
    "PixelBandwidth": 3906.25,
    "PixelSpacing": [
      1.875,
      1.875
    ],
    "ReceiveCoilName": "8HRBRAIN",
    "RepetitionTime": 3,
    "Rows": 128,
    "SATFatWaterBone": 1,
    "ScanOptions": [
      "SAT_GEMS",
      "EPI_GEMS",
      "ACC_GEMS",
      "FS"
    ],
    "ScanningSequence": [
      "EP",
      "GR"
    ],
    "SequenceVariant": "SS",
    "SeriesDate": "18730309",
    "SeriesDescription": "fMRI-hands",
    "SeriesNumber": 8,
    "SeriesTime": "191113",
    "SliceThickness": 2.3,
    "SliceTiming": [
      0,
      1.53333,
      0.06667,
      1.6,
      0.13333,
      1.66667,
      0.2,
      1.73333,
      0.26667,
      1.8,
      0.33333,
      1.86667,
      0.4,
      1.93333,
      0.46667,
      2,
      0.53333,
      2.06667,
      0.6,
      2.13333,
      0.66667,
      2.2,
      0.73333,
      2.26667,
      0.8,
      2.33333,
      0.86667,
      2.4,
      0.93333,
      2.46667,
      1,
      2.53333,
      1.06667,
      2.6,
      1.13333,
      2.66667,
      1.2,
      2.73333,
      1.26667,
      2.8,
      1.33333,
      2.86667,
      1.4,
      2.93333,
      1.46667
    ],
    "SliceTimingComputationMethod": "SliceNumber*RepetitionTime/NumberOfSlices (interleaved ascending, odd first)",
    "SpacingBetweenSlices": 2.4,
    "StudyTime": "184037",
    "TaskDescription": "In an event-related design, participants were shown pictures of hands being stung by needles or poked with Q-tips. The stimulus set was kindly shared by Claus Lamm, and has been shown to be effective in previous work by him. After each picture, participants were asked to rate their perceived unpleasantness on a visual analog scale of 0-100.",
    "TaskInstructions": "",
    "TaskName": "Hands",
    "dummyScans": 5,
    "modality": "bold",
    "session_id": "2",
    "subject_id": "9073",
    "task_id": "hands"
  },
  "dummy_trs": 0,
  "dvars_nstd": 32.34272728395348,
  "dvars_std": 0.9819069019767439,
  "dvars_vstd": 0.9661441501162792,
  "efc": 0.4630658205108744,
  "fber": 17511.892578125,
  "fd_mean": 0.10504281519674857,
  "fd_num": 15,
  "fd_perc": 8.670520231213873,
  "fwhm_avg": 3.1539201729754933,
  "fwhm_x": 3.174208,
  "fwhm_y": 3.646266666666667,
  "fwhm_z": 2.641285852259813,
  "gcor": 0.0129084,
  "gsr_x": -0.015399039722979069,
  "gsr_y": 0.024691138416528702,
  "provenance": {
    "md5sum": "932a56de36ecefcc437d32d213bb817b",
    "settings": {
      "fd_thres": 0.2,
      "hmc_fsl": false
    },
    "software": "mriqc",
    "version": "0.9.6"
  },
  "size_t": 173,
  "size_x": 128,
  "size_y": 128,
  "size_z": 45,
  "snr": 3.8932431051868135,
  "spacing_tr": 3.0,
  "spacing_x": 1.875,
  "spacing_y": 1.875,
  "spacing_z": 2.3999977111816406,
  "summary_bg_k": 68.70114969168515,
  "summary_bg_mad": 40.690147399902344,
  "summary_bg_mean": 126.61111450195312,
  "summary_bg_median": 27.473987579345703,
  "summary_bg_n": 497893.0,
  "summary_bg_p05": 0.0,
  "summary_bg_p95": 581.804614257811,
  "summary_bg_stdv": 330.27545166015625,
  "summary_fg_k": 0.7722644404260035,
  "summary_fg_mad": 852.864990234375,
  "summary_fg_mean": 3547.6123046875,
  "summary_fg_median": 3537.72265625,
  "summary_fg_n": 147828.0,
  "summary_fg_p05": 2105.3189453125,
  "summary_fg_p95": 5058.662377929687,
  "summary_fg_stdv": 908.6796264648438,
  "tsnr": 36.57054138183594
}