{
  "aor": 0.005689944444444444,
  "aqi": 0.010009558277777778,
  "bids_meta": {
    "AcquisitionDuration": 723.000256,
    "Columns": 128,
    "EchoTime": 0.034,
    "EchoTrainLength": 1,
    "EffectiveEchoSpacing": 0.00056,
    "FieldOfView": [
      220.01,
      220.01,
      110.4
    ],
    "FlipAngle": 80,
    "GEImageTypeRIMPCode": 0,
    "ImageType": "ORIGINAL/PRIMARY/EPI/NONE",
    "ImagingFrequency": 127.765152,
    "InplanePhaseEncodingDirection": "COL",
    "InversionTime": 0,
    "MRAcquisitionType": "2D",
    "MagneticFieldStrength": 3,
    "Manufacturer": "GE MEDICAL SYSTEMS",
    "ManufacturersModelName": "DISCOVERY MR750",
    "NumberOfAverages": 1,
    "NumberOfEPIShots": 1,
    "NumberOfEchoes": 1,
    "NumberOfSlices": 46,
    "ParallelImagingReductionFactors": [
      0.5,
      1
    ],
    "PercentPhaseFieldOfView": 100,
    "PhaseEncodingDirection": "j",
    "PixelBandwidth": 3906.25,
    "PixelSpacing": [
      1.7188,
      1.7188
    ],
    "ReceiveCoilName": "8HRBRAIN",
    "RepetitionTime": 3,
    "Rows": 128,
    "SATFatWaterBone": 1,
    "ScanOptions": [
      "SAT_GEMS",
      "EPI_GEMS",
      "ACC_GEMS",
      "FS"
    ],
    "ScanningSequence": [
      "EP",
      "GR"
    ],
    "SequenceVariant": "SS",
    "SeriesDate": "18740306",
    "SeriesDescription": "fMRI-hands",
    "SeriesNumber": 7,
    "SeriesTime": "184612",
    "SliceThickness": 2.3,
    "SliceTiming": [
      0,
      1.5,
      0.06522,
      1.56522,
      0.13043,
      1.63043,
      0.19565,
      1.69565,
      0.26087,
      1.76087,
      0.32609,
      1.82609,
      0.3913,
      1.8913,
      0.45652,
      1.95652,
      0.52174,
      2.02174,
      0.58696,
      2.08696,
      0.65217,
      2.15217,
      0.71739,
      2.21739,
      0.78261,
      2.28261,
      0.84783,
      2.34783,
      0.91304,
      2.41304,
      0.97826,
      2.47826,
      1.04348,
      2.54348,
      1.1087,
      2.6087,
      1.17391,
      2.67391,
      1.23913,
      2.73913,
      1.30435,
      2.80435,
      1.36957,
      2.86957,
      1.43478,
      2.93478
    ],
    "SliceTimingComputationMethod": "SliceNumber*RepetitionTime/NumberOfSlices (interleaved ascending, odd first)",
    "SpacingBetweenSlices": 2.4,
    "StudyTime": "181315",
    "TaskDescription": "In an event-related design, participants were shown pictures of hands being stung by needles or poked with Q-tips. The stimulus set was kindly shared by Claus Lamm, and has been shown to be effective in previous work by him. After each picture, participants were asked to rate their perceived unpleasantness on a visual analog scale of 0-100.",
    "TaskInstructions": "",
    "TaskName": "Hands",
    "dummyScans": 5,
    "modality": "bold",
    "session_id": "1",
    "subject_id": "9039",
    "task_id": "hands"
  },
  "dummy_trs": 0,
  "dvars_nstd": 46.92357835787709,
  "dvars_std": 1.0991096953631287,
  "dvars_vstd": 1.0974330698324013,
  "efc": 0.5201207496511266,
  "fber": 4957.67822265625,
  "fd_mean": 0.23815703245062697,
  "fd_num": 60,
  "fd_perc": 33.333333333333336,
  "fwhm_avg": 3.009199698969873,
  "fwhm_x": 3.1532698171904543,
  "fwhm_y": 3.3202642368833195,
  "fwhm_z": 2.5540650428358442,
  "gcor": 0.00622421,
  "gsr_x": -0.007062244229018688,
  "gsr_y": 0.02476215921342373,
  "provenance": {
    "md5sum": "dd69543c941dc28ab1435e78297346f3",
    "settings": {
      "fd_thres": 0.2,
      "hmc_fsl": false
    },
    "software": "mriqc",
    "version": "0.9.6"
  },
  "size_t": 180,
  "size_x": 128,
  "size_y": 128,
  "size_z": 46,
  "snr": 2.683223360879338,
  "spacing_tr": 3.0,
  "spacing_x": 1.7187999486923218,
  "spacing_y": 1.7187999486923218,
  "spacing_z": 2.4000015258789062,
  "summary_bg_k": 194.99299701615703,
  "summary_bg_mad": 68.0267333984375,
  "summary_bg_mean": 112.56396484375,
  "summary_bg_median": 46.650001525878906,
  "summary_bg_n": 439006.0,
  "summary_bg_p05": 0.10000000149011612,
  "summary_bg_p95": 411.01807403564453,
  "summary_bg_stdv": 278.7267150878906,
  "summary_fg_k": 1.6415614443836546,
  "summary_fg_mad": 972.4100341796875,
  "summary_fg_mean": 3581.220947265625,
  "summary_fg_median": 3371.74462890625,
  "summary_fg_n": 214574.0,
  "summary_fg_p05": 1896.2700561523438,
  "summary_fg_p95": 6125.792773437498,
  "summary_fg_stdv": 1256.599365234375,
  "tsnr": 30.488718032836914
}