{
  "bids_meta": {
    "AcquisitionDuration": 238.444688,
    "Columns": 512,
    "EchoTime": 0.00281,
    "EchoTrainLength": 1,
    "EffectiveEchoSpacing": 0,
    "FieldOfView": [
      240.03,
      240.03,
      180
    ],
    "FlipAngle": 11,
    "GEImageTypeRIMPCode": 0,
    "ImageType": "ORIGINAL/PRIMARY/OTHER",
    "ImagingFrequency": 127.765184,
    "InplanePhaseEncodingDirection": "ROW",
    "InversionTime": 0.45,
    "MRAcquisitionType": "3D",
    "MagneticFieldStrength": 3,
    "Manufacturer": "GE MEDICAL SYSTEMS",
    "ManufacturersModelName": "DISCOVERY MR750",
    "NumberOfAverages": 1,
    "NumberOfEPIShots": 0,
    "NumberOfEchoes": 1,
    "NumberOfSlices": 180,
    "ParallelImagingReductionFactors": [
      0.571429,
      1
    ],
    "PercentPhaseFieldOfView": 100,
    "PhaseEncodingDirection": "i",
    "PixelBandwidth": 122.07,
    "PixelSpacing": [
      0.4688,
      0.4688
    ],
    "ReceiveCoilName": "8HRBRAIN",
    "RepetitionTime": 0.0064,
    "Rows": 512,
    "SATFatWaterBone": 0,
    "ScanOptions": [
      "FAST_GEMS",
      "EDR_GEMS",
      "FILTERED_GEMS",
      "ACC_GEMS"
    ],
    "ScanningSequence": "GR",
    "SequenceVariant": [
      "SS",
      "SK"
    ],
    "SeriesDate": "18730514",
    "SeriesDescription": "Sag3D_T1_1mm3",
    "SeriesNumber": 2,
    "SeriesTime": "184251",
    "SliceThickness": 1,
    "SpacingBetweenSlices": 1,
    "StudyTime": "184108",
    "modality": "T1w",
    "session_id": "2",
    "subject_id": "9067"
  },
  "cjv": 0.3634554556824407,
  "cnr": 3.6237707011405176,
  "efc": 0.6366193798946536,
  "fber": 160.41506958007812,
  "fwhm_avg": 6.288039718922826,
  "fwhm_x": 4.00243,
  "fwhm_y": 7.660196110161282,
  "fwhm_z": 7.201493046607195,
  "icvs_csf": 0.21008512217356393,
  "icvs_gm": 0.4235133314533731,
  "icvs_wm": 0.36640154637306294,
  "inu_med": 1.2504994869232178,
  "inu_range": 0.5129800468683243,
  "provenance": {
    "md5sum": "a34593fef5d984da588f68d2232f4d70",
    "mriqc_pred": 0,
    "settings": {
      "testing": false
    },
    "software": "mriqc",
    "version": "0.9.6",
    "warnings": {
      "large_rot_frame": true,
      "small_air_mask": false
    }
  },
  "qi_1": 0.0,
  "qi_2": 0.0002854097739339678,
  "rpve_csf": 25.435645673982144,
  "rpve_gm": 13.289796137959296,
  "rpve_wm": 18.01444897048585,
  "size_x": 180,
  "size_y": 512,
  "size_z": 512,
  "snr_csf": 3.3809015729766627,
  "snr_gm": 12.846542777424172,
  "snr_total": 11.858268830323178,
  "snr_wm": 19.347362140568706,
  "snrd_csf": 15.758369106063544,
  "snrd_gm": 31.287470436824698,
  "snrd_total": 30.211593017881274,
  "snrd_wm": 43.58893951075559,
  "spacing_x": 1.0,
  "spacing_y": 0.46880000829696655,
  "spacing_z": 0.46880000829696655,
  "summary_bg_k": 1.4215014258359133,
  "summary_bg_mad": 15.03003978729248,
  "summary_bg_mean": 52.27363204956055,
  "summary_bg_median": 50.33136749267578,
  "summary_bg_n": 9681869.0,
  "summary_bg_p05": 29.388908767700197,
  "summary_bg_p95": 82.0306976318359,
  "summary_bg_stdv": 16.48536491394043,
  "summary_csf_k": -0.5168769927992001,
  "summary_csf_mad": 118.55487823486328,
  "summary_csf_mean": 369.1151123046875,
  "summary_csf_median": 361.526123046875,
  "summary_csf_n": 132493.0,
  "summary_csf_p05": 202.3975036621094,
  "summary_csf_p95": 542.4346923828124,
  "summary_csf_stdv": 106.93146514892578,
  "summary_gm_k": 0.3256759193167955,
  "summary_gm_mad": 53.679813385009766,
  "summary_gm_mean": 720.2854614257812,
  "summary_gm_median": 717.7924194335938,
  "summary_gm_n": 195169.0,
  "summary_gm_p05": 632.9663452148437,
  "summary_gm_p95": 816.9042846679688,
  "summary_gm_stdv": 55.87422180175781,
  "summary_wm_k": 0.38936588247548265,
  "summary_wm_mad": 48.894020080566406,
  "summary_wm_mean": 999.6312255859375,
  "summary_wm_median": 1000.0108642578125,
  "summary_wm_n": 990907.0,
  "summary_wm_p05": 913.5407104492188,
  "summary_wm_p95": 1084.0158813476562,
  "summary_wm_stdv": 51.68716812133789,
  "tpm_overlap_csf": 0.20118753612041473,
  "tpm_overlap_gm": 0.4902840852737427,
  "tpm_overlap_wm": 0.5354408025741577,
  "wm2max": 0.4526407637635377
}