{
  "aor": 0.001062070707070707,
  "aqi": 0.005783873535353536,
  "bids_meta": {
    "AcquisitionDuration": 723.000256,
    "Columns": 128,
    "EchoTime": 0.034,
    "EchoTrainLength": 1,
    "EffectiveEchoSpacing": 0.000532,
    "FieldOfView": [
      240,
      240,
      108
    ],
    "FlipAngle": 80,
    "GEImageTypeRIMPCode": 0,
    "ImageType": "ORIGINAL/PRIMARY/EPI/NONE",
    "ImagingFrequency": 127.765287,
    "InplanePhaseEncodingDirection": "COL",
    "InversionTime": 0,
    "MRAcquisitionType": "2D",
    "MagneticFieldStrength": 3,
    "Manufacturer": "GE MEDICAL SYSTEMS",
    "ManufacturersModelName": "DISCOVERY MR750",
    "NumberOfAverages": 1,
    "NumberOfEPIShots": 1,
    "NumberOfEchoes": 1,
    "NumberOfSlices": 45,
    "ParallelImagingReductionFactors": [
      0.5,
      1
    ],
    "PercentPhaseFieldOfView": 100,
    "PhaseEncodingDirection": "j",
    "PixelBandwidth": 3906.25,
    "PixelSpacing": [
      1.875,
      1.875
    ],
    "ReceiveCoilName": "8HRBRAIN",
    "RepetitionTime": 3,
    "Rows": 128,
    "SATFatWaterBone": 1,
    "ScanOptions": [
      "SAT_GEMS",
      "EPI_GEMS",
      "ACC_GEMS",
      "FS"
    ],
    "ScanningSequence": [
      "EP",
      "GR"
    ],
    "SequenceVariant": "SS",
    "SeriesDate": "18730126",
    "SeriesDescription": "fMRI-hands",
    "SeriesNumber": 8,
    "SeriesTime": "205657",
    "SliceThickness": 2.3,
    "SliceTiming": [
      0,
      1.53333,
      0.06667,
      1.6,
      0.13333,
      1.66667,
      0.2,
      1.73333,
      0.26667,
      1.8,
      0.33333,
      1.86667,
      0.4,
      1.93333,
      0.46667,
      2,
      0.53333,
      2.06667,
      0.6,
      2.13333,
      0.66667,
      2.2,
      0.73333,
      2.26667,
      0.8,
      2.33333,
      0.86667,
      2.4,
      0.93333,
      2.46667,
      1,
      2.53333,
      1.06667,
      2.6,
      1.13333,
      2.66667,
      1.2,
      2.73333,
      1.26667,
      2.8,
      1.33333,
      2.86667,
      1.4,
      2.93333,
      1.46667
    ],
    "SliceTimingComputationMethod": "SliceNumber*RepetitionTime/NumberOfSlices (interleaved ascending, odd first)",
    "SpacingBetweenSlices": 2.4,
    "StudyTime": "202447",
    "TaskDescription": "In an event-related design, participants were shown pictures of hands being stung by needles or poked with Q-tips. The stimulus set was kindly shared by Claus Lamm, and has been shown to be effective in previous work by him. After each picture, participants were asked to rate their perceived unpleasantness on a visual analog scale of 0-100.",
    "TaskInstructions": "",
    "TaskName": "Hands",
    "dummyScans": 5,
    "modality": "bold",
    "session_id": "2",
    "subject_id": "9070",
    "task_id": "hands"
  },
  "dummy_trs": 0,
  "dvars_nstd": 27.541625986243655,
  "dvars_std": 1.0471501523857862,
  "dvars_vstd": 1.017712911573604,
  "efc": 0.44208404985624516,
  "fber": 313786.5625,
  "fd_mean": 0.055844206771330215,
  "fd_num": 8,
  "fd_perc": 4.040404040404041,
  "fwhm_avg": 3.0818927203108983,
  "fwhm_x": 3.1436106666666666,
  "fwhm_y": 3.48664,
  "fwhm_z": 2.6154274942660276,
  "gcor": 0.00901918,
  "gsr_x": -0.011189510114490986,
  "gsr_y": 0.016677813604474068,
  "provenance": {
    "md5sum": "d97d504b614ae75cfee9b8f4dd58db21",
    "settings": {
      "fd_thres": 0.2,
      "hmc_fsl": false
    },
    "software": "mriqc",
    "version": "0.9.6"
  },
  "size_t": 198,
  "size_x": 128,
  "size_y": 128,
  "size_z": 45,
  "snr": 3.8723208503535766,
  "spacing_tr": 3.0,
  "spacing_x": 1.875,
  "spacing_y": 1.875,
  "spacing_z": 2.3999977111816406,
  "summary_bg_k": 128.21349021441847,
  "summary_bg_mad": 9.72676944732666,
  "summary_bg_mean": 71.15959930419922,
  "summary_bg_median": 6.560606002807617,
  "summary_bg_n": 498174.0,
  "summary_bg_p05": 0.0,
  "summary_bg_p95": 295.51690979003894,
  "summary_bg_stdv": 208.8192596435547,
  "summary_fg_k": 1.206821506722135,
  "summary_fg_mad": 827.228515625,
  "summary_fg_mean": 3598.979736328125,
  "summary_fg_median": 3577.636474609375,
  "summary_fg_n": 147282.0,
  "summary_fg_p05": 2094.333666992188,
  "summary_fg_p95": 5104.443847656249,
  "summary_fg_stdv": 923.8966674804688,
  "tsnr": 46.99248504638672
}