{
  "bids_meta": {
    "AcquisitionDuration": 238.55128,
    "Columns": 512,
    "EchoTime": 0.00281,
    "EchoTrainLength": 1,
    "EffectiveEchoSpacing": 0,
    "FieldOfView": [
      240.03,
      240.03,
      180
    ],
    "FlipAngle": 11,
    "GEImageTypeRIMPCode": 0,
    "ImageType": "ORIGINAL/PRIMARY/OTHER",
    "ImagingFrequency": 127.765081,
    "InplanePhaseEncodingDirection": "ROW",
    "InversionTime": 0.45,
    "MRAcquisitionType": "3D",
    "MagneticFieldStrength": 3,
    "Manufacturer": "GE MEDICAL SYSTEMS",
    "ManufacturersModelName": "DISCOVERY MR750",
    "NumberOfAverages": 1,
    "NumberOfEPIShots": 0,
    "NumberOfEchoes": 1,
    "NumberOfSlices": 180,
    "ParallelImagingReductionFactors": [
      0.571429,
      1
    ],
    "PercentPhaseFieldOfView": 100,
    "PhaseEncodingDirection": "i",
    "PixelBandwidth": 122.07,
    "PixelSpacing": [
      0.4688,
      0.4688
    ],
    "ReceiveCoilName": "8HRBRAIN",
    "RepetitionTime": 0.0064,
    "Rows": 512,
    "SATFatWaterBone": 0,
    "ScanOptions": [
      "FAST_GEMS",
      "EDR_GEMS",
      "FILTERED_GEMS",
      "ACC_GEMS"
    ],
    "ScanningSequence": "GR",
    "SequenceVariant": [
      "SS",
      "SK"
    ],
    "SeriesDate": "18740504",
    "SeriesDescription": "Sag3D_T1_1mm3",
    "SeriesNumber": 2,
    "SeriesTime": "193855",
    "SliceThickness": 1,
    "SpacingBetweenSlices": 1,
    "StudyTime": "193720",
    "modality": "T1w",
    "session_id": "2",
    "subject_id": "9005"
  },
  "cjv": 0.46264178016539254,
  "cnr": 2.960664829946622,
  "efc": 0.6547135963494441,
  "fber": 129.53187561035156,
  "fwhm_avg": 6.211881562895719,
  "fwhm_x": 3.93829,
  "fwhm_y": 7.506420515613226,
  "fwhm_z": 7.1909341730739325,
  "icvs_csf": 0.21755739662578363,
  "icvs_gm": 0.4039423244382396,
  "icvs_wm": 0.3785002789359768,
  "inu_med": 1.2503072023391724,
  "inu_range": 0.5682662725448608,
  "provenance": {
    "md5sum": "4c94806bc94fd2a55f6067d598a39b60",
    "mriqc_pred": 0,
    "settings": {
      "testing": false
    },
    "software": "mriqc",
    "version": "0.9.6",
    "warnings": {
      "large_rot_frame": true,
      "small_air_mask": false
    }
  },
  "qi_1": 0.00027701985774445054,
  "qi_2": 0.00028027690933518114,
  "rpve_csf": 23.955068044072483,
  "rpve_gm": 12.921852763979908,
  "rpve_wm": 16.184790480544894,
  "size_x": 180,
  "size_y": 512,
  "size_z": 512,
  "snr_csf": 3.9838326529940504,
  "snr_gm": 12.538670033147884,
  "snr_total": 10.808047127859746,
  "snr_wm": 15.901638697437305,
  "snrd_csf": 12.089516342035745,
  "snrd_gm": 27.560181198019443,
  "snrd_total": 25.66186652678004,
  "snrd_wm": 37.335902040284935,
  "spacing_x": 1.0,
  "spacing_y": 0.46880000829696655,
  "spacing_z": 0.46880000829696655,
  "summary_bg_k": 10.145978427864955,
  "summary_bg_mad": 17.547359466552734,
  "summary_bg_mean": 57.52958679199219,
  "summary_bg_median": 55.18360900878906,
  "summary_bg_n": 9118522.0,
  "summary_bg_p05": 30.85339422225952,
  "summary_bg_p95": 91.51185607910156,
  "summary_bg_stdv": 20.013477325439453,
  "summary_csf_k": 35.329440385566855,
  "summary_csf_mad": 62.80409240722656,
  "summary_csf_mean": 335.2622985839844,
  "summary_csf_median": 323.8090515136719,
  "summary_csf_n": 219622.0,
  "summary_csf_p05": 231.4824531555176,
  "summary_csf_p95": 479.67212829589806,
  "summary_csf_stdv": 81.28060150146484,
  "summary_gm_k": 0.06316612465049731,
  "summary_gm_mad": 57.963966369628906,
  "summary_gm_mean": 738.542236328125,
  "summary_gm_median": 738.1797485351562,
  "summary_gm_n": 176312.0,
  "summary_gm_p05": 641.7805847167969,
  "summary_gm_p95": 836.0446807861329,
  "summary_gm_stdv": 58.87208557128906,
  "summary_wm_k": 0.058396699307849964,
  "summary_wm_mad": 63.17216491699219,
  "summary_wm_mean": 1002.0533447265625,
  "summary_wm_median": 1000.0154418945312,
  "summary_wm_n": 1089536.0,
  "summary_wm_p05": 902.3780822753906,
  "summary_wm_p95": 1108.2781677246094,
  "summary_wm_stdv": 62.887542724609375,
  "tpm_overlap_csf": 0.2015203833580017,
  "tpm_overlap_gm": 0.4499364197254181,
  "tpm_overlap_wm": 0.5192347764968872,
  "wm2max": 0.44265321063760077
}