{
  "aor": 0.014629999999999999,
  "aqi": 0.0103474481,
  "bids_meta": {
    "AcquisitionDuration": 525.000256,
    "CogAtlasID": "trm_4c8a834779883",
    "Columns": 128,
    "EchoTime": 0.03,
    "EchoTrainLength": 1,
    "EffectiveEchoSpacing": 0.000464,
    "FieldOfView": [
      288,
      288,
      147
    ],
    "FlipAngle": 75,
    "GEImageTypeRIMPCode": 0,
    "ImageType": "ORIGINAL/PRIMARY/EPI/NONE",
    "ImagingFrequency": 127.76518,
    "InplanePhaseEncodingDirection": "COL",
    "InversionTime": 0,
    "MRAcquisitionType": "2D",
    "MagneticFieldStrength": 3,
    "Manufacturer": "GE MEDICAL SYSTEMS",
    "ManufacturersModelName": "DISCOVERY MR750",
    "NumberOfAverages": 1,
    "NumberOfEPIShots": 1,
    "NumberOfEchoes": 1,
    "NumberOfSlices": 49,
    "ParallelImagingReductionFactors": [
      0.5,
      1
    ],
    "PercentPhaseFieldOfView": 100,
    "PhaseEncodingDirection": "j",
    "PixelBandwidth": 3906.25,
    "PixelSpacing": [
      2.25,
      2.25
    ],
    "ReceiveCoilName": "8HRBRAIN",
    "RepetitionTime": 2.5,
    "Rows": 128,
    "SATFatWaterBone": 0,
    "ScanOptions": [
      "EPI_GEMS",
      "FILTERED_GEMS",
      "ACC_GEMS"
    ],
    "ScanningSequence": [
      "EP",
      "GR"
    ],
    "SequenceVariant": "SS",
    "SeriesDate": "18740322",
    "SeriesDescription": "RSN_BWRT_200vol_3mm",
    "SeriesNumber": 10,
    "SeriesTime": "190752",
    "SliceThickness": 3,
    "SliceTiming": [
      0,
      1.27551,
      0.05102,
      1.32653,
      0.10204,
      1.37755,
      0.15306,
      1.42857,
      0.20408,
      1.47959,
      0.2551,
      1.53061,
      0.30612,
      1.58163,
      0.35714,
      1.63265,
      0.40816,
      1.68367,
      0.45918,
      1.73469,
      0.5102,
      1.78571,
      0.56122,
      1.83673,
      0.61224,
      1.88776,
      0.66327,
      1.93878,
      0.71429,
      1.9898,
      0.76531,
      2.04082,
      0.81633,
      2.09184,
      0.86735,
      2.14286,
      0.91837,
      2.19388,
      0.96939,
      2.2449,
      1.02041,
      2.29592,
      1.07143,
      2.34694,
      1.12245,
      2.39796,
      1.17347,
      2.44898,
      1.22449
    ],
    "SliceTimingComputationMethod": "SliceNumber*RepetitionTime/NumberOfSlices (interleaved ascending, odd first)",
    "SpacingBetweenSlices": 3,
    "StudyTime": "180550",
    "TaskDescription": "Functional connectivity in the resting state was assessed during two eight-minute runs. Participants were asked to rate their sleepiness using the Karolinska Sleepiness Scale every 2 minutes",
    "TaskInstructions": "Participants were instructed to keep their eyes open and look at a white fixation cross presented against a gray background.",
    "TaskName": "Sleepiness",
    "dummyScans": 10,
    "modality": "bold",
    "session_id": "1",
    "subject_id": "9049",
    "task_id": "sleepiness"
  },
  "dummy_trs": 0,
  "dvars_nstd": 30.125258771859276,
  "dvars_std": 1.194867942010051,
  "dvars_vstd": 1.0297014907035178,
  "efc": 0.32107559250771744,
  "fber": 25761582.0,
  "fd_mean": 0.31144203835667983,
  "fd_num": 75,
  "fd_perc": 37.5,
  "fwhm_avg": 3.2019377777777778,
  "fwhm_x": 3.2111955555555554,
  "fwhm_y": 3.7440844444444443,
  "fwhm_z": 2.650533333333333,
  "gcor": 0.0559026,
  "gsr_x": -0.009452255442738533,
  "gsr_y": 0.0028512782882899046,
  "provenance": {
    "md5sum": "a8f4384cd8dcaa7045001aead7cc488b",
    "settings": {
      "fd_thres": 0.2,
      "hmc_fsl": false
    },
    "software": "mriqc",
    "version": "0.9.6"
  },
  "size_t": 200,
  "size_x": 128,
  "size_y": 128,
  "size_z": 49,
  "snr": 4.869331206525886,
  "spacing_tr": 2.5,
  "spacing_x": 2.25,
  "spacing_y": 2.25,
  "spacing_z": 3.0,
  "summary_bg_k": 261.28674973922085,
  "summary_bg_mad": 1.5715583562850952,
  "summary_bg_mean": 45.17512893676758,
  "summary_bg_median": 1.059999942779541,
  "summary_bg_n": 624438.0,
  "summary_bg_p05": 0.0,
  "summary_bg_p95": 209.63574523925794,
  "summary_bg_stdv": 180.2244110107422,
  "summary_fg_k": 1.0817283173155277,
  "summary_fg_mad": 926.337158203125,
  "summary_fg_mean": 5123.3193359375,
  "summary_fg_median": 5168.7421875,
  "summary_fg_n": 90538.0,
  "summary_fg_p05": 3202.8609008789062,
  "summary_fg_p95": 6758.649121093747,
  "summary_fg_stdv": 1061.4832763671875,
  "tsnr": 44.62354278564453
}