{
  "aor": 0.012457950000000002,
  "aqi": 0.01293862285,
  "bids_meta": {
    "AcquisitionDuration": 525.000256,
    "CogAtlasID": "trm_4c8a834779883",
    "Columns": 128,
    "EchoTime": 0.03,
    "EchoTrainLength": 1,
    "EffectiveEchoSpacing": 0.000464,
    "FieldOfView": [
      288,
      288,
      147
    ],
    "FlipAngle": 75,
    "GEImageTypeRIMPCode": 0,
    "ImageType": "ORIGINAL/PRIMARY/EPI/NONE",
    "ImagingFrequency": 127.765301,
    "InplanePhaseEncodingDirection": "COL",
    "InversionTime": 0,
    "MRAcquisitionType": "2D",
    "MagneticFieldStrength": 3,
    "Manufacturer": "GE MEDICAL SYSTEMS",
    "ManufacturersModelName": "DISCOVERY MR750",
    "NumberOfAverages": 1,
    "NumberOfEPIShots": 1,
    "NumberOfEchoes": 1,
    "NumberOfSlices": 49,
    "ParallelImagingReductionFactors": [
      0.5,
      1
    ],
    "PercentPhaseFieldOfView": 100,
    "PhaseEncodingDirection": "j",
    "PixelBandwidth": 3906.25,
    "PixelSpacing": [
      2.25,
      2.25
    ],
    "ReceiveCoilName": "8HRBRAIN",
    "RepetitionTime": 2.5,
    "Rows": 128,
    "SATFatWaterBone": 0,
    "ScanOptions": [
      "EPI_GEMS",
      "FILTERED_GEMS",
      "ACC_GEMS"
    ],
    "ScanningSequence": [
      "EP",
      "GR"
    ],
    "SequenceVariant": "SS",
    "SeriesDate": "18730416",
    "SeriesDescription": "RSN_BWRT_200vol_3mm",
    "SeriesNumber": 10,
    "SeriesTime": "213908",
    "SliceThickness": 3,
    "SliceTiming": [
      0,
      1.27551,
      0.05102,
      1.32653,
      0.10204,
      1.37755,
      0.15306,
      1.42857,
      0.20408,
      1.47959,
      0.2551,
      1.53061,
      0.30612,
      1.58163,
      0.35714,
      1.63265,
      0.40816,
      1.68367,
      0.45918,
      1.73469,
      0.5102,
      1.78571,
      0.56122,
      1.83673,
      0.61224,
      1.88776,
      0.66327,
      1.93878,
      0.71429,
      1.9898,
      0.76531,
      2.04082,
      0.81633,
      2.09184,
      0.86735,
      2.14286,
      0.91837,
      2.19388,
      0.96939,
      2.2449,
      1.02041,
      2.29592,
      1.07143,
      2.34694,
      1.12245,
      2.39796,
      1.17347,
      2.44898,
      1.22449
    ],
    "SliceTimingComputationMethod": "SliceNumber*RepetitionTime/NumberOfSlices (interleaved ascending, odd first)",
    "SpacingBetweenSlices": 3,
    "StudyTime": "203621",
    "TaskDescription": "Functional connectivity in the resting state was assessed during two eight-minute runs. Participants were asked to rate their sleepiness using the Karolinska Sleepiness Scale every 2 minutes",
    "TaskInstructions": "Participants were instructed to keep their eyes open and look at a white fixation cross presented against a gray background.",
    "TaskName": "Sleepiness",
    "dummyScans": 10,
    "modality": "bold",
    "session_id": "1",
    "subject_id": "9067",
    "task_id": "sleepiness"
  },
  "dummy_trs": 0,
  "dvars_nstd": 27.08226259025127,
  "dvars_std": 0.9691921479396984,
  "dvars_vstd": 0.9281154372361813,
  "efc": 0.3004705273517589,
  "fber": 29353898.0,
  "fd_mean": 0.3633853392749865,
  "fd_num": 76,
  "fd_perc": 38.0,
  "fwhm_avg": 3.4464481481481486,
  "fwhm_x": 3.5881644444444447,
  "fwhm_y": 3.936386666666667,
  "fwhm_z": 2.8147933333333337,
  "gcor": 0.065202,
  "gsr_x": -0.0145088080316782,
  "gsr_y": 0.001979953609406948,
  "provenance": {
    "md5sum": "7adab8c78b3a11319449845f438f1c07",
    "settings": {
      "fd_thres": 0.2,
      "hmc_fsl": false
    },
    "software": "mriqc",
    "version": "0.9.6"
  },
  "size_t": 200,
  "size_x": 128,
  "size_y": 128,
  "size_z": 49,
  "snr": 4.488087661285197,
  "spacing_tr": 2.5,
  "spacing_x": 2.25,
  "spacing_y": 2.25,
  "spacing_z": 3.0,
  "summary_bg_k": 110.61531244754715,
  "summary_bg_mad": 1.5270802974700928,
  "summary_bg_mean": 62.41178894042969,
  "summary_bg_median": 1.0299999713897705,
  "summary_bg_n": 642375.0,
  "summary_bg_p05": 0.0,
  "summary_bg_p95": 300.102999877929,
  "summary_bg_stdv": 237.8317413330078,
  "summary_fg_k": 0.7711704050515054,
  "summary_fg_mad": 1019.0150146484375,
  "summary_fg_mean": 5207.16796875,
  "summary_fg_median": 5175.9951171875,
  "summary_fg_n": 74780.0,
  "summary_fg_p05": 3197.625891113281,
  "summary_fg_p95": 7095.151904296875,
  "summary_fg_stdv": 1153.266357421875,
  "tsnr": 37.294349670410156
}