{
  "aor": 0.00122419689119171,
  "aqi": 0.005764536735751295,
  "bids_meta": {
    "AcquisitionDuration": 525.000256,
    "CogAtlasID": "trm_4c8a834779883",
    "Columns": 128,
    "EchoTime": 0.03,
    "EchoTrainLength": 1,
    "EffectiveEchoSpacing": 0.000464,
    "FieldOfView": [
      288,
      288,
      147
    ],
    "FlipAngle": 75,
    "GEImageTypeRIMPCode": 0,
    "ImageType": "ORIGINAL/PRIMARY/EPI/NONE",
    "ImagingFrequency": 127.765095,
    "InplanePhaseEncodingDirection": "COL",
    "InversionTime": 0,
    "MRAcquisitionType": "2D",
    "MagneticFieldStrength": 3,
    "Manufacturer": "GE MEDICAL SYSTEMS",
    "ManufacturersModelName": "DISCOVERY MR750",
    "NumberOfAverages": 1,
    "NumberOfEPIShots": 1,
    "NumberOfEchoes": 1,
    "NumberOfSlices": 49,
    "ParallelImagingReductionFactors": [
      0.5,
      1
    ],
    "PercentPhaseFieldOfView": 100,
    "PhaseEncodingDirection": "j",
    "PixelBandwidth": 3906.25,
    "PixelSpacing": [
      2.25,
      2.25
    ],
    "ReceiveCoilName": "8HRBRAIN",
    "RepetitionTime": 2.5,
    "Rows": 128,
    "SATFatWaterBone": 0,
    "ScanOptions": [
      "EPI_GEMS",
      "FILTERED_GEMS",
      "ACC_GEMS"
    ],
    "ScanningSequence": [
      "EP",
      "GR"
    ],
    "SequenceVariant": "SS",
    "SeriesDate": "18740305",
    "SeriesDescription": "RSN_BWRT_200vol_3mm",
    "SeriesNumber": 4,
    "SeriesTime": "182025",
    "SliceThickness": 3,
    "SliceTiming": [
      0,
      1.27551,
      0.05102,
      1.32653,
      0.10204,
      1.37755,
      0.15306,
      1.42857,
      0.20408,
      1.47959,
      0.2551,
      1.53061,
      0.30612,
      1.58163,
      0.35714,
      1.63265,
      0.40816,
      1.68367,
      0.45918,
      1.73469,
      0.5102,
      1.78571,
      0.56122,
      1.83673,
      0.61224,
      1.88776,
      0.66327,
      1.93878,
      0.71429,
      1.9898,
      0.76531,
      2.04082,
      0.81633,
      2.09184,
      0.86735,
      2.14286,
      0.91837,
      2.19388,
      0.96939,
      2.2449,
      1.02041,
      2.29592,
      1.07143,
      2.34694,
      1.12245,
      2.39796,
      1.17347,
      2.44898,
      1.22449
    ],
    "SliceTimingComputationMethod": "SliceNumber*RepetitionTime/NumberOfSlices (interleaved ascending, odd first)",
    "SpacingBetweenSlices": 3,
    "StudyTime": "181129",
    "TaskDescription": "Functional connectivity in the resting state was assessed during two eight-minute runs.",
    "TaskInstructions": "Participants were instructed to keep their eyes open and look at a white fixation cross presented against a gray background.",
    "TaskName": "Resting State",
    "dummyScans": 10,
    "modality": "bold",
    "session_id": "1",
    "subject_id": "9040",
    "task_id": "rest"
  },
  "dummy_trs": 0,
  "dvars_nstd": 22.374483257604158,
  "dvars_std": 1.26286945234375,
  "dvars_vstd": 0.9498827468229168,
  "efc": 0.3075732246793734,
  "fber": 88483016.0,
  "fd_mean": 0.0997932095886392,
  "fd_num": 10,
  "fd_perc": 5.181347150259067,
  "fwhm_avg": 3.2934792592592594,
  "fwhm_x": 3.2719822222222223,
  "fwhm_y": 3.752568888888889,
  "fwhm_z": 2.8558866666666667,
  "gcor": 0.00850715,
  "gsr_x": -0.012393157929182053,
  "gsr_y": 0.001049364567734301,
  "provenance": {
    "md5sum": "3dcc79d44f3fddb207dca39ac22d6826",
    "settings": {
      "fd_thres": 0.2,
      "hmc_fsl": false
    },
    "software": "mriqc",
    "version": "0.9.6"
  },
  "size_t": 193,
  "size_x": 128,
  "size_y": 128,
  "size_z": 49,
  "snr": 4.751770189974361,
  "spacing_tr": 2.5,
  "spacing_x": 2.25,
  "spacing_y": 2.25,
  "spacing_z": 3.0,
  "summary_bg_k": 195.89986558509761,
  "summary_bg_mad": 0.829642653465271,
  "summary_bg_mean": 46.471858978271484,
  "summary_bg_median": 0.559585452079773,
  "summary_bg_n": 635883.0,
  "summary_bg_p05": 0.0,
  "summary_bg_p95": 226.07254028320312,
  "summary_bg_stdv": 178.7142333984375,
  "summary_fg_k": 1.2037543567907028,
  "summary_fg_mad": 866.8764038085938,
  "summary_fg_mean": 4933.3662109375,
  "summary_fg_median": 4904.611328125,
  "summary_fg_n": 82163.0,
  "summary_fg_p05": 3242.9662109375,
  "summary_fg_p95": 6669.255078124999,
  "summary_fg_stdv": 1032.1588134765625,
  "tsnr": 73.13968658447266
}