{
  "aor": 0.006344670050761421,
  "aqi": 0.004496510659898477,
  "bids_meta": {
    "AcquisitionDuration": 525.000256,
    "CogAtlasID": "trm_4c8a834779883",
    "Columns": 128,
    "EchoTime": 0.03,
    "EchoTrainLength": 1,
    "EffectiveEchoSpacing": 0.000464,
    "FieldOfView": [
      288,
      288,
      147
    ],
    "FlipAngle": 75,
    "GEImageTypeRIMPCode": 0,
    "ImageType": "ORIGINAL/PRIMARY/EPI/NONE",
    "ImagingFrequency": 127.765245,
    "InplanePhaseEncodingDirection": "COL",
    "InversionTime": 0,
    "MRAcquisitionType": "2D",
    "MagneticFieldStrength": 3,
    "Manufacturer": "GE MEDICAL SYSTEMS",
    "ManufacturersModelName": "DISCOVERY MR750",
    "NumberOfAverages": 1,
    "NumberOfEPIShots": 1,
    "NumberOfEchoes": 1,
    "NumberOfSlices": 49,
    "ParallelImagingReductionFactors": [
      0.5,
      1
    ],
    "PercentPhaseFieldOfView": 100,
    "PhaseEncodingDirection": "j",
    "PixelBandwidth": 3906.25,
    "PixelSpacing": [
      2.25,
      2.25
    ],
    "ReceiveCoilName": "8HRBRAIN",
    "RepetitionTime": 2.5,
    "Rows": 128,
    "SATFatWaterBone": 0,
    "ScanOptions": [
      "EPI_GEMS",
      "FILTERED_GEMS",
      "ACC_GEMS"
    ],
    "ScanningSequence": [
      "EP",
      "GR"
    ],
    "SequenceVariant": "SS",
    "SeriesDate": "18730401",
    "SeriesDescription": "RSN_BWRT_200vol_3mm",
    "SeriesNumber": 4,
    "SeriesTime": "183857",
    "SliceThickness": 3,
    "SliceTiming": [
      0,
      1.27551,
      0.05102,
      1.32653,
      0.10204,
      1.37755,
      0.15306,
      1.42857,
      0.20408,
      1.47959,
      0.2551,
      1.53061,
      0.30612,
      1.58163,
      0.35714,
      1.63265,
      0.40816,
      1.68367,
      0.45918,
      1.73469,
      0.5102,
      1.78571,
      0.56122,
      1.83673,
      0.61224,
      1.88776,
      0.66327,
      1.93878,
      0.71429,
      1.9898,
      0.76531,
      2.04082,
      0.81633,
      2.09184,
      0.86735,
      2.14286,
      0.91837,
      2.19388,
      0.96939,
      2.2449,
      1.02041,
      2.29592,
      1.07143,
      2.34694,
      1.12245,
      2.39796,
      1.17347,
      2.44898,
      1.22449
    ],
    "SliceTimingComputationMethod": "SliceNumber*RepetitionTime/NumberOfSlices (interleaved ascending, odd first)",
    "SpacingBetweenSlices": 3,
    "StudyTime": "183031",
    "TaskDescription": "Functional connectivity in the resting state was assessed during two eight-minute runs.",
    "TaskInstructions": "Participants were instructed to keep their eyes open and look at a white fixation cross presented against a gray background.",
    "TaskName": "Resting State",
    "dummyScans": 10,
    "modality": "bold",
    "session_id": "2",
    "subject_id": "9019",
    "task_id": "rest"
  },
  "dummy_trs": 0,
  "dvars_nstd": 16.655080343163274,
  "dvars_std": 1.1274387444897953,
  "dvars_vstd": 1.0405132070408163,
  "efc": 0.3079615037564301,
  "fber": 137559664.0,
  "fd_mean": 0.10308546570206692,
  "fd_num": 20,
  "fd_perc": 10.152284263959391,
  "fwhm_avg": 3.3710811111111116,
  "fwhm_x": 3.4000311111111112,
  "fwhm_y": 3.953715555555556,
  "fwhm_z": 2.7594966666666667,
  "gcor": 0.0308431,
  "gsr_x": -0.012180938385426998,
  "gsr_y": 0.0010715523967519403,
  "provenance": {
    "md5sum": "3aebffb526c5dc20238ef630d353594d",
    "settings": {
      "fd_thres": 0.2,
      "hmc_fsl": false
    },
    "software": "mriqc",
    "version": "0.9.6"
  },
  "size_t": 197,
  "size_x": 128,
  "size_y": 128,
  "size_z": 49,
  "snr": 4.714927911631397,
  "spacing_tr": 2.5,
  "spacing_x": 2.25,
  "spacing_y": 2.25,
  "spacing_z": 3.0,
  "summary_bg_k": 130.51624791426042,
  "summary_bg_mad": 0.7375381588935852,
  "summary_bg_mean": 48.94760513305664,
  "summary_bg_median": 0.4974619150161743,
  "summary_bg_n": 632658.0,
  "summary_bg_p05": 0.0,
  "summary_bg_p95": 227.83755493164062,
  "summary_bg_stdv": 200.02464294433594,
  "summary_fg_k": 0.8039104752495811,
  "summary_fg_mad": 1040.7491455078125,
  "summary_fg_mean": 5571.99462890625,
  "summary_fg_median": 5585.27392578125,
  "summary_fg_n": 82751.0,
  "summary_fg_p05": 3550.9998779296875,
  "summary_fg_p95": 7534.532958984375,
  "summary_fg_stdv": 1184.5865478515625,
  "tsnr": 72.52127075195312
}