{
  "aor": 0.00855695,
  "aqi": 0.0094739869,
  "bids_meta": {
    "AcquisitionDuration": 525.000256,
    "CogAtlasID": "trm_4c8a834779883",
    "Columns": 128,
    "EchoTime": 0.03,
    "EchoTrainLength": 1,
    "EffectiveEchoSpacing": 0.000464,
    "FieldOfView": [
      288,
      288,
      147
    ],
    "FlipAngle": 75,
    "GEImageTypeRIMPCode": 0,
    "ImageType": "ORIGINAL/PRIMARY/EPI/NONE",
    "ImagingFrequency": 127.765133,
    "InplanePhaseEncodingDirection": "COL",
    "InversionTime": 0,
    "MRAcquisitionType": "2D",
    "MagneticFieldStrength": 3,
    "Manufacturer": "GE MEDICAL SYSTEMS",
    "ManufacturersModelName": "DISCOVERY MR750",
    "NumberOfAverages": 1,
    "NumberOfEPIShots": 1,
    "NumberOfEchoes": 1,
    "NumberOfSlices": 49,
    "ParallelImagingReductionFactors": [
      0.5,
      1
    ],
    "PercentPhaseFieldOfView": 100,
    "PhaseEncodingDirection": "j",
    "PixelBandwidth": 3906.25,
    "PixelSpacing": [
      2.25,
      2.25
    ],
    "ReceiveCoilName": "8HRBRAIN",
    "RepetitionTime": 2.5,
    "Rows": 128,
    "SATFatWaterBone": 0,
    "ScanOptions": [
      "EPI_GEMS",
      "FILTERED_GEMS",
      "ACC_GEMS"
    ],
    "ScanningSequence": [
      "EP",
      "GR"
    ],
    "SequenceVariant": "SS",
    "SeriesDate": "18740112",
    "SeriesDescription": "RSN_BWRT_200vol_3mm",
    "SeriesNumber": 10,
    "SeriesTime": "213335",
    "SliceThickness": 3,
    "SliceTiming": [
      0,
      1.27551,
      0.05102,
      1.32653,
      0.10204,
      1.37755,
      0.15306,
      1.42857,
      0.20408,
      1.47959,
      0.2551,
      1.53061,
      0.30612,
      1.58163,
      0.35714,
      1.63265,
      0.40816,
      1.68367,
      0.45918,
      1.73469,
      0.5102,
      1.78571,
      0.56122,
      1.83673,
      0.61224,
      1.88776,
      0.66327,
      1.93878,
      0.71429,
      1.9898,
      0.76531,
      2.04082,
      0.81633,
      2.09184,
      0.86735,
      2.14286,
      0.91837,
      2.19388,
      0.96939,
      2.2449,
      1.02041,
      2.29592,
      1.07143,
      2.34694,
      1.12245,
      2.39796,
      1.17347,
      2.44898,
      1.22449
    ],
    "SliceTimingComputationMethod": "SliceNumber*RepetitionTime/NumberOfSlices (interleaved ascending, odd first)",
    "SpacingBetweenSlices": 3,
    "StudyTime": "202717",
    "TaskDescription": "Functional connectivity in the resting state was assessed during two eight-minute runs. Participants were asked to rate their sleepiness using the Karolinska Sleepiness Scale every 2 minutes",
    "TaskInstructions": "Participants were instructed to keep their eyes open and look at a white fixation cross presented against a gray background.",
    "TaskName": "Sleepiness",
    "dummyScans": 10,
    "modality": "bold",
    "session_id": "1",
    "subject_id": "9098",
    "task_id": "sleepiness"
  },
  "dummy_trs": 0,
  "dvars_nstd": 30.012911236030163,
  "dvars_std": 1.2084027063819092,
  "dvars_vstd": 1.0190779144723612,
  "efc": 0.3077369816907614,
  "fber": 41009412.0,
  "fd_mean": 0.22322238587498702,
  "fd_num": 57,
  "fd_perc": 28.5,
  "fwhm_avg": 3.381250740740741,
  "fwhm_x": 3.479257777777778,
  "fwhm_y": 3.8758711111111115,
  "fwhm_z": 2.7886233333333332,
  "gcor": 0.044274,
  "gsr_x": -0.015933437272906303,
  "gsr_y": 0.0006744794663973153,
  "provenance": {
    "md5sum": "cf22a0d40c826ca3b43a288a46c2f1fb",
    "settings": {
      "fd_thres": 0.2,
      "hmc_fsl": false
    },
    "software": "mriqc",
    "version": "0.9.6"
  },
  "size_t": 200,
  "size_x": 128,
  "size_y": 128,
  "size_z": 49,
  "snr": 4.67677207061751,
  "spacing_tr": 2.5,
  "spacing_x": 2.25,
  "spacing_y": 2.25,
  "spacing_z": 3.0,
  "summary_bg_k": 154.45271302401562,
  "summary_bg_mad": 1.2157338857650757,
  "summary_bg_mean": 60.90696334838867,
  "summary_bg_median": 0.8199999928474426,
  "summary_bg_n": 640060.0,
  "summary_bg_p05": 0.0,
  "summary_bg_p95": 268.4549865722656,
  "summary_bg_stdv": 248.48748779296875,
  "summary_fg_k": 1.4648981853838556,
  "summary_fg_mad": 823.19970703125,
  "summary_fg_mean": 4878.205078125,
  "summary_fg_median": 4937.205078125,
  "summary_fg_n": 77629.0,
  "summary_fg_p05": 2871.26298828125,
  "summary_fg_p95": 6465.147070312499,
  "summary_fg_stdv": 1055.6796875,
  "tsnr": 48.88633346557617
}