{
  "aor": 0.0008941999999999999,
  "aqi": 0.0069850075,
  "bids_meta": {
    "AcquisitionDuration": 525.000256,
    "CogAtlasID": "trm_4c8a834779883",
    "Columns": 128,
    "EchoTime": 0.03,
    "EchoTrainLength": 1,
    "EffectiveEchoSpacing": 0.000464,
    "FieldOfView": [
      288,
      288,
      147
    ],
    "FlipAngle": 75,
    "GEImageTypeRIMPCode": 0,
    "ImageType": "ORIGINAL/PRIMARY/EPI/NONE",
    "ImagingFrequency": 127.765161,
    "InplanePhaseEncodingDirection": "COL",
    "InversionTime": 0,
    "MRAcquisitionType": "2D",
    "MagneticFieldStrength": 3,
    "Manufacturer": "GE MEDICAL SYSTEMS",
    "ManufacturersModelName": "DISCOVERY MR750",
    "NumberOfAverages": 1,
    "NumberOfEPIShots": 1,
    "NumberOfEchoes": 1,
    "NumberOfSlices": 49,
    "ParallelImagingReductionFactors": [
      0.5,
      1
    ],
    "PercentPhaseFieldOfView": 100,
    "PhaseEncodingDirection": "j",
    "PixelBandwidth": 3906.25,
    "PixelSpacing": [
      2.25,
      2.25
    ],
    "ReceiveCoilName": "8HRBRAIN",
    "RepetitionTime": 2.5,
    "Rows": 128,
    "SATFatWaterBone": 0,
    "ScanOptions": [
      "EPI_GEMS",
      "FILTERED_GEMS",
      "ACC_GEMS"
    ],
    "ScanningSequence": [
      "EP",
      "GR"
    ],
    "SequenceVariant": "SS",
    "SeriesDate": "18731114",
    "SeriesDescription": "RSN_BWRT_200vol_3mm",
    "SeriesNumber": 4,
    "SeriesTime": "184446",
    "SliceThickness": 3,
    "SliceTiming": [
      0,
      1.27551,
      0.05102,
      1.32653,
      0.10204,
      1.37755,
      0.15306,
      1.42857,
      0.20408,
      1.47959,
      0.2551,
      1.53061,
      0.30612,
      1.58163,
      0.35714,
      1.63265,
      0.40816,
      1.68367,
      0.45918,
      1.73469,
      0.5102,
      1.78571,
      0.56122,
      1.83673,
      0.61224,
      1.88776,
      0.66327,
      1.93878,
      0.71429,
      1.9898,
      0.76531,
      2.04082,
      0.81633,
      2.09184,
      0.86735,
      2.14286,
      0.91837,
      2.19388,
      0.96939,
      2.2449,
      1.02041,
      2.29592,
      1.07143,
      2.34694,
      1.12245,
      2.39796,
      1.17347,
      2.44898,
      1.22449
    ],
    "SliceTimingComputationMethod": "SliceNumber*RepetitionTime/NumberOfSlices (interleaved ascending, odd first)",
    "SpacingBetweenSlices": 3,
    "StudyTime": "183239",
    "TaskDescription": "Functional connectivity in the resting state was assessed during two eight-minute runs.",
    "TaskInstructions": "Participants were instructed to keep their eyes open and look at a white fixation cross presented against a gray background.",
    "TaskName": "Resting State",
    "dummyScans": 10,
    "modality": "bold",
    "session_id": "1",
    "subject_id": "9056",
    "task_id": "rest"
  },
  "dummy_trs": 0,
  "dvars_nstd": 19.87211021331658,
  "dvars_std": 1.1454097461306536,
  "dvars_vstd": 0.931097350954774,
  "efc": 0.34336476354801737,
  "fber": 87803384.0,
  "fd_mean": 0.08471899529378626,
  "fd_num": 10,
  "fd_perc": 5.0,
  "fwhm_avg": 3.3247844444444445,
  "fwhm_x": 3.276088888888889,
  "fwhm_y": 3.967604444444445,
  "fwhm_z": 2.73066,
  "gcor": 0.0487557,
  "gsr_x": -0.014563401229679585,
  "gsr_y": -4.58390559288091e-06,
  "provenance": {
    "md5sum": "7a0dcf4c825a69d6b8a1af92f709842e",
    "settings": {
      "fd_thres": 0.2,
      "hmc_fsl": false
    },
    "software": "mriqc",
    "version": "0.9.6"
  },
  "size_t": 200,
  "size_x": 128,
  "size_y": 128,
  "size_z": 49,
  "snr": 4.52641710069273,
  "spacing_tr": 2.5,
  "spacing_x": 2.25,
  "spacing_y": 2.25,
  "spacing_z": 3.0,
  "summary_bg_k": 68.69147359102492,
  "summary_bg_mad": 0.8673222661018372,
  "summary_bg_mean": 73.44343566894531,
  "summary_bg_median": 0.5849999785423279,
  "summary_bg_n": 614496.0,
  "summary_bg_p05": 0.0,
  "summary_bg_p95": 371.8612365722656,
  "summary_bg_stdv": 288.70037841796875,
  "summary_fg_k": 1.079594212474154,
  "summary_fg_mad": 1009.4819946289062,
  "summary_fg_mean": 5200.3310546875,
  "summary_fg_median": 5220.93994140625,
  "summary_fg_n": 97821.0,
  "summary_fg_p05": 3205.849853515625,
  "summary_fg_p95": 7031.830078125,
  "summary_fg_stdv": 1153.4317626953125,
  "tsnr": 58.526023864746094
}