{
  "bids_meta": {
    "AcquisitionDuration": 238.55128,
    "Columns": 512,
    "EchoTime": 0.00281,
    "EchoTrainLength": 1,
    "EffectiveEchoSpacing": 0,
    "FieldOfView": [
      240.03,
      240.03,
      180
    ],
    "FlipAngle": 11,
    "GEImageTypeRIMPCode": 0,
    "ImageType": "ORIGINAL/PRIMARY/OTHER",
    "ImagingFrequency": 127.765034,
    "InplanePhaseEncodingDirection": "ROW",
    "InversionTime": 0.45,
    "MRAcquisitionType": "3D",
    "MagneticFieldStrength": 3,
    "Manufacturer": "GE MEDICAL SYSTEMS",
    "ManufacturersModelName": "DISCOVERY MR750",
    "NumberOfAverages": 1,
    "NumberOfEPIShots": 0,
    "NumberOfEchoes": 1,
    "NumberOfSlices": 180,
    "ParallelImagingReductionFactors": [
      0.571429,
      1
    ],
    "PercentPhaseFieldOfView": 100,
    "PhaseEncodingDirection": "i",
    "PixelBandwidth": 122.07,
    "PixelSpacing": [
      0.4688,
      0.4688
    ],
    "ReceiveCoilName": "8HRBRAIN",
    "RepetitionTime": 0.0064,
    "Rows": 512,
    "SATFatWaterBone": 0,
    "ScanOptions": [
      "FAST_GEMS",
      "EDR_GEMS",
      "FILTERED_GEMS",
      "ACC_GEMS"
    ],
    "ScanningSequence": "GR",
    "SequenceVariant": [
      "SS",
      "SK"
    ],
    "SeriesDate": "18740326",
    "SeriesDescription": "Sag3D_T1_1mm3",
    "SeriesNumber": 2,
    "SeriesTime": "180255",
    "SliceThickness": 1,
    "SpacingBetweenSlices": 1,
    "StudyTime": "180055",
    "modality": "T1w",
    "session_id": "2",
    "subject_id": "9040"
  },
  "cjv": 0.3934862871452643,
  "cnr": 3.4470339215121775,
  "efc": 0.6318584567388977,
  "fber": 197.63218688964844,
  "fwhm_avg": 6.08504576206067,
  "fwhm_x": 3.76335,
  "fwhm_y": 7.552068978969148,
  "fwhm_z": 6.939718307212861,
  "icvs_csf": 0.21559633858013252,
  "icvs_gm": 0.4093022977928031,
  "icvs_wm": 0.3751013636270644,
  "inu_med": 1.2514989376068115,
  "inu_range": 0.45110110640525813,
  "provenance": {
    "md5sum": "a0b2bbd4df7ff47a02e0483e658f49f9",
    "mriqc_pred": 0,
    "settings": {
      "testing": false
    },
    "software": "mriqc",
    "version": "0.9.6",
    "warnings": {
      "large_rot_frame": true,
      "small_air_mask": false
    }
  },
  "qi_1": 0.0,
  "qi_2": 0.000887014061546087,
  "rpve_csf": 26.90409627927329,
  "rpve_gm": 14.59771150045231,
  "rpve_wm": 18.687511066940836,
  "size_x": 180,
  "size_y": 512,
  "size_z": 512,
  "snr_csf": 3.6724139029201996,
  "snr_gm": 14.198175560296646,
  "snr_total": 12.54789685256508,
  "snr_wm": 19.773101094478392,
  "snrd_csf": 15.802450423208645,
  "snrd_gm": 35.40041220952388,
  "snrd_total": 32.950111046954994,
  "snrd_wm": 47.647470508132464,
  "spacing_x": 1.0,
  "spacing_y": 0.46880000829696655,
  "spacing_z": 0.46880000829696655,
  "summary_bg_k": 5.953635676302575,
  "summary_bg_mad": 13.74980640411377,
  "summary_bg_mean": 48.96380615234375,
  "summary_bg_median": 46.81780242919922,
  "summary_bg_n": 8952342.0,
  "summary_bg_p05": 27.565697002410886,
  "summary_bg_p95": 77.51270103454587,
  "summary_bg_stdv": 16.257566452026367,
  "summary_csf_k": 3.1750797992875084,
  "summary_csf_mad": 78.29296112060547,
  "summary_csf_mean": 349.94525146484375,
  "summary_csf_median": 331.6571044921875,
  "summary_csf_n": 162318.0,
  "summary_csf_p05": 228.29209671020507,
  "summary_csf_p95": 519.1882171630859,
  "summary_csf_stdv": 90.31010437011719,
  "summary_gm_k": 0.07335614108640565,
  "summary_gm_mad": 51.79357147216797,
  "summary_gm_mean": 743.75146484375,
  "summary_gm_median": 742.9732666015625,
  "summary_gm_n": 160118.0,
  "summary_gm_p05": 658.9131439208984,
  "summary_gm_p95": 831.2149169921875,
  "summary_gm_stdv": 52.32862091064453,
  "summary_wm_k": 0.2765307771110117,
  "summary_wm_mad": 49.347198486328125,
  "summary_wm_mean": 1000.6471557617188,
  "summary_wm_median": 1000.0108642578125,
  "summary_wm_n": 966595.0,
  "summary_wm_p05": 918.5539855957031,
  "summary_wm_p95": 1084.7676635742187,
  "summary_wm_stdv": 50.57427978515625,
  "tpm_overlap_csf": 0.21096356213092804,
  "tpm_overlap_gm": 0.4670168459415436,
  "tpm_overlap_wm": 0.5310295820236206,
  "wm2max": 0.4167396764145598
}