{
  "aor": 0.006772295918367347,
  "aqi": 0.010601503316326531,
  "bids_meta": {
    "AcquisitionDuration": 525.000256,
    "CogAtlasID": "trm_4c8a834779883",
    "Columns": 128,
    "EchoTime": 0.03,
    "EchoTrainLength": 1,
    "EffectiveEchoSpacing": 0.000464,
    "FieldOfView": [
      288,
      288,
      147
    ],
    "FlipAngle": 75,
    "GEImageTypeRIMPCode": 0,
    "ImageType": "ORIGINAL/PRIMARY/EPI/NONE",
    "ImagingFrequency": 127.765155,
    "InplanePhaseEncodingDirection": "COL",
    "InversionTime": 0,
    "MRAcquisitionType": "2D",
    "MagneticFieldStrength": 3,
    "Manufacturer": "GE MEDICAL SYSTEMS",
    "ManufacturersModelName": "DISCOVERY MR750",
    "NumberOfAverages": 1,
    "NumberOfEPIShots": 1,
    "NumberOfEchoes": 1,
    "NumberOfSlices": 49,
    "ParallelImagingReductionFactors": [
      0.5,
      1
    ],
    "PercentPhaseFieldOfView": 100,
    "PhaseEncodingDirection": "j",
    "PixelBandwidth": 3906.25,
    "PixelSpacing": [
      2.25,
      2.25
    ],
    "ReceiveCoilName": "8HRBRAIN",
    "RepetitionTime": 2.5,
    "Rows": 128,
    "SATFatWaterBone": 0,
    "ScanOptions": [
      "EPI_GEMS",
      "FILTERED_GEMS",
      "ACC_GEMS"
    ],
    "ScanningSequence": [
      "EP",
      "GR"
    ],
    "SequenceVariant": "SS",
    "SeriesDate": "18740127",
    "SeriesDescription": "RSN_BWRT_200vol_3mm",
    "SeriesNumber": 10,
    "SeriesTime": "193339",
    "SliceThickness": 3,
    "SliceTiming": [
      0,
      1.27551,
      0.05102,
      1.32653,
      0.10204,
      1.37755,
      0.15306,
      1.42857,
      0.20408,
      1.47959,
      0.2551,
      1.53061,
      0.30612,
      1.58163,
      0.35714,
      1.63265,
      0.40816,
      1.68367,
      0.45918,
      1.73469,
      0.5102,
      1.78571,
      0.56122,
      1.83673,
      0.61224,
      1.88776,
      0.66327,
      1.93878,
      0.71429,
      1.9898,
      0.76531,
      2.04082,
      0.81633,
      2.09184,
      0.86735,
      2.14286,
      0.91837,
      2.19388,
      0.96939,
      2.2449,
      1.02041,
      2.29592,
      1.07143,
      2.34694,
      1.12245,
      2.39796,
      1.17347,
      2.44898,
      1.22449
    ],
    "SliceTimingComputationMethod": "SliceNumber*RepetitionTime/NumberOfSlices (interleaved ascending, odd first)",
    "SpacingBetweenSlices": 3,
    "StudyTime": "182455",
    "TaskDescription": "Functional connectivity in the resting state was assessed during two eight-minute runs. Participants were asked to rate their sleepiness using the Karolinska Sleepiness Scale every 2 minutes",
    "TaskInstructions": "Participants were instructed to keep their eyes open and look at a white fixation cross presented against a gray background.",
    "TaskName": "Sleepiness",
    "dummyScans": 10,
    "modality": "bold",
    "session_id": "1",
    "subject_id": "9080",
    "task_id": "sleepiness"
  },
  "dummy_trs": 0,
  "dvars_nstd": 27.864259426307687,
  "dvars_std": 1.0164811716923077,
  "dvars_vstd": 0.9445071759487175,
  "efc": 0.328305531698666,
  "fber": 18586152.0,
  "fd_mean": 0.3372986311978602,
  "fd_num": 91,
  "fd_perc": 46.42857142857143,
  "fwhm_avg": 3.3281855555555553,
  "fwhm_x": 3.40012,
  "fwhm_y": 3.86616,
  "fwhm_z": 2.7182766666666667,
  "gcor": 0.0912657,
  "gsr_x": -0.02148749865591526,
  "gsr_y": 0.002304468536749482,
  "provenance": {
    "md5sum": "abd5fe47b9b4a56a77dd553acd17c5ee",
    "settings": {
      "fd_thres": 0.2,
      "hmc_fsl": false
    },
    "software": "mriqc",
    "version": "0.9.6"
  },
  "size_t": 196,
  "size_x": 128,
  "size_y": 128,
  "size_z": 49,
  "snr": 4.714272720076169,
  "spacing_tr": 2.5,
  "spacing_x": 2.25,
  "spacing_y": 2.25,
  "spacing_z": 3.0,
  "summary_bg_k": 48.867856017837575,
  "summary_bg_mad": 1.7851741313934326,
  "summary_bg_mean": 83.66889953613281,
  "summary_bg_median": 1.204081654548645,
  "summary_bg_n": 631071.0,
  "summary_bg_p05": 0.0,
  "summary_bg_p95": 435.61988830566406,
  "summary_bg_stdv": 299.4237060546875,
  "summary_fg_k": 1.4505638671725531,
  "summary_fg_mad": 924.6370849609375,
  "summary_fg_mean": 4941.87060546875,
  "summary_fg_median": 4986.92578125,
  "summary_fg_n": 83802.0,
  "summary_fg_p05": 3088.277600097656,
  "summary_fg_p95": 6572.815893554687,
  "summary_fg_stdv": 1057.829345703125,
  "tsnr": 42.2624626159668
}