{
  "bids_meta": {
    "AcquisitionDuration": 238.55128,
    "Columns": 512,
    "EchoTime": 0.00281,
    "EchoTrainLength": 1,
    "EffectiveEchoSpacing": 0,
    "FieldOfView": [
      240.03,
      240.03,
      180
    ],
    "FlipAngle": 11,
    "GEImageTypeRIMPCode": 0,
    "ImageType": "ORIGINAL/PRIMARY/OTHER",
    "ImagingFrequency": 127.764983,
    "InplanePhaseEncodingDirection": "ROW",
    "InversionTime": 0.45,
    "MRAcquisitionType": "3D",
    "MagneticFieldStrength": 3,
    "Manufacturer": "GE MEDICAL SYSTEMS",
    "ManufacturersModelName": "DISCOVERY MR750",
    "NumberOfAverages": 1,
    "NumberOfEPIShots": 0,
    "NumberOfEchoes": 1,
    "NumberOfSlices": 180,
    "ParallelImagingReductionFactors": [
      0.571429,
      1
    ],
    "PercentPhaseFieldOfView": 100,
    "PhaseEncodingDirection": "i",
    "PixelBandwidth": 122.07,
    "PixelSpacing": [
      0.4688,
      0.4688
    ],
    "ReceiveCoilName": "8HRBRAIN",
    "RepetitionTime": 0.0064,
    "Rows": 512,
    "SATFatWaterBone": 0,
    "ScanOptions": [
      "FAST_GEMS",
      "EDR_GEMS",
      "FILTERED_GEMS",
      "ACC_GEMS"
    ],
    "ScanningSequence": "GR",
    "SequenceVariant": [
      "SS",
      "SK"
    ],
    "SeriesDate": "18740126",
    "SeriesDescription": "Sag3D_T1_1mm3",
    "SeriesNumber": 2,
    "SeriesTime": "191041",
    "SliceThickness": 1,
    "SpacingBetweenSlices": 1,
    "StudyTime": "190858",
    "modality": "T1w",
    "session_id": "1",
    "subject_id": "9086"
  },
  "cjv": 0.4416389592327256,
  "cnr": 3.0508623342038788,
  "efc": 0.6224887889478466,
  "fber": 161.31358337402344,
  "fwhm_avg": 6.001946571663713,
  "fwhm_x": 3.83052,
  "fwhm_y": 7.228178199718531,
  "fwhm_z": 6.947141515272609,
  "icvs_csf": 0.23226743371028102,
  "icvs_gm": 0.4078758125386914,
  "icvs_wm": 0.3598567537510276,
  "inu_med": 1.3752572536468506,
  "inu_range": 0.42343273758888245,
  "provenance": {
    "md5sum": "92f17f829f198f547fdcfba86101fe83",
    "mriqc_pred": 0,
    "settings": {
      "testing": false
    },
    "software": "mriqc",
    "version": "0.9.6",
    "warnings": {
      "large_rot_frame": true,
      "small_air_mask": false
    }
  },
  "qi_1": 6.972653253938055e-07,
  "qi_2": 0.0002853668285202275,
  "rpve_csf": 23.095897464224137,
  "rpve_gm": 13.10746492985972,
  "rpve_wm": 17.257366810672394,
  "size_x": 180,
  "size_y": 512,
  "size_z": 512,
  "snr_csf": 4.227106542692537,
  "snr_gm": 13.832486159421375,
  "snr_total": 11.84032084138965,
  "snr_wm": 17.461369822055033,
  "snrd_csf": 16.373143921927944,
  "snrd_gm": 35.73721263686441,
  "snrd_total": 33.17677034283526,
  "snrd_wm": 47.41995446971342,
  "spacing_x": 1.0,
  "spacing_y": 0.46880000829696655,
  "spacing_z": 0.46880000829696655,
  "summary_bg_k": 23.80191032178382,
  "summary_bg_mad": 13.81574535369873,
  "summary_bg_mean": 50.34251022338867,
  "summary_bg_median": 48.289554595947266,
  "summary_bg_n": 9433204.0,
  "summary_bg_p05": 28.448658180236816,
  "summary_bg_p95": 79.14737701416016,
  "summary_bg_stdv": 16.52259063720703,
  "summary_csf_k": 0.2631595272802496,
  "summary_csf_mad": 74.37861633300781,
  "summary_csf_mean": 359.51959228515625,
  "summary_csf_median": 345.2825927734375,
  "summary_csf_n": 274588.0,
  "summary_csf_p05": 248.09359588623045,
  "summary_csf_p95": 516.0040771484374,
  "summary_csf_stdv": 81.68281555175781,
  "summary_gm_k": -0.024237545260008098,
  "summary_gm_mad": 54.75638198852539,
  "summary_gm_mean": 755.1887817382812,
  "summary_gm_median": 753.6388549804688,
  "summary_gm_n": 215743.0,
  "summary_gm_p05": 668.4411315917969,
  "summary_gm_p95": 847.1918273925781,
  "summary_gm_stdv": 54.48312759399414,
  "summary_wm_k": 1.2866919262452683,
  "summary_wm_mad": 54.05009841918945,
  "summary_wm_mean": 1001.5928955078125,
  "summary_wm_median": 1000.0086059570312,
  "summary_wm_n": 1046639.0,
  "summary_wm_p05": 911.9743591308593,
  "summary_wm_p95": 1094.6565063476562,
  "summary_wm_stdv": 57.26974105834961,
  "tpm_overlap_csf": 0.208226278424263,
  "tpm_overlap_gm": 0.46422210335731506,
  "tpm_overlap_wm": 0.536045491695404,
  "wm2max": 0.38809453103934327
}