{
  "aor": 0.0081569,
  "aqi": 0.007248805,
  "bids_meta": {
    "AcquisitionDuration": 525.000256,
    "CogAtlasID": "trm_4c8a834779883",
    "Columns": 128,
    "EchoTime": 0.03,
    "EchoTrainLength": 1,
    "EffectiveEchoSpacing": 0.000464,
    "FieldOfView": [
      288,
      288,
      147
    ],
    "FlipAngle": 75,
    "GEImageTypeRIMPCode": 0,
    "ImageType": "ORIGINAL/PRIMARY/EPI/NONE",
    "ImagingFrequency": 127.765238,
    "InplanePhaseEncodingDirection": "COL",
    "InversionTime": 0,
    "MRAcquisitionType": "2D",
    "MagneticFieldStrength": 3,
    "Manufacturer": "GE MEDICAL SYSTEMS",
    "ManufacturersModelName": "DISCOVERY MR750",
    "NumberOfAverages": 1,
    "NumberOfEPIShots": 1,
    "NumberOfEchoes": 1,
    "NumberOfSlices": 49,
    "ParallelImagingReductionFactors": [
      0.5,
      1
    ],
    "PercentPhaseFieldOfView": 100,
    "PhaseEncodingDirection": "j",
    "PixelBandwidth": 3906.25,
    "PixelSpacing": [
      2.25,
      2.25
    ],
    "ReceiveCoilName": "8HRBRAIN",
    "RepetitionTime": 2.5,
    "Rows": 128,
    "SATFatWaterBone": 0,
    "ScanOptions": [
      "EPI_GEMS",
      "FILTERED_GEMS",
      "ACC_GEMS"
    ],
    "ScanningSequence": [
      "EP",
      "GR"
    ],
    "SequenceVariant": "SS",
    "SeriesDate": "18730502",
    "SeriesDescription": "RSN_BWRT_200vol_3mm",
    "SeriesNumber": 4,
    "SeriesTime": "182832",
    "SliceThickness": 3,
    "SliceTiming": [
      0,
      1.27551,
      0.05102,
      1.32653,
      0.10204,
      1.37755,
      0.15306,
      1.42857,
      0.20408,
      1.47959,
      0.2551,
      1.53061,
      0.30612,
      1.58163,
      0.35714,
      1.63265,
      0.40816,
      1.68367,
      0.45918,
      1.73469,
      0.5102,
      1.78571,
      0.56122,
      1.83673,
      0.61224,
      1.88776,
      0.66327,
      1.93878,
      0.71429,
      1.9898,
      0.76531,
      2.04082,
      0.81633,
      2.09184,
      0.86735,
      2.14286,
      0.91837,
      2.19388,
      0.96939,
      2.2449,
      1.02041,
      2.29592,
      1.07143,
      2.34694,
      1.12245,
      2.39796,
      1.17347,
      2.44898,
      1.22449
    ],
    "SliceTimingComputationMethod": "SliceNumber*RepetitionTime/NumberOfSlices (interleaved ascending, odd first)",
    "SpacingBetweenSlices": 3,
    "StudyTime": "182054",
    "TaskDescription": "Functional connectivity in the resting state was assessed during two eight-minute runs.",
    "TaskInstructions": "Participants were instructed to keep their eyes open and look at a white fixation cross presented against a gray background.",
    "TaskName": "Resting State",
    "dummyScans": 10,
    "modality": "bold",
    "session_id": "2",
    "subject_id": "9077",
    "task_id": "rest"
  },
  "dummy_trs": 0,
  "dvars_nstd": 22.019589486331665,
  "dvars_std": 1.0930790248743725,
  "dvars_vstd": 1.018301236281407,
  "efc": 0.30091321840848984,
  "fber": 365911552.0,
  "fd_mean": 0.1786457159350697,
  "fd_num": 43,
  "fd_perc": 21.5,
  "fwhm_avg": 3.4648137037037032,
  "fwhm_x": 3.489257777777778,
  "fwhm_y": 4.05192,
  "fwhm_z": 2.853263333333333,
  "gcor": 0.0623388,
  "gsr_x": -0.011412384919822216,
  "gsr_y": -0.0008115736418403685,
  "provenance": {
    "md5sum": "91c90f9013d1fe3a252fa123617ce741",
    "settings": {
      "fd_thres": 0.2,
      "hmc_fsl": false
    },
    "software": "mriqc",
    "version": "0.9.6"
  },
  "size_t": 200,
  "size_x": 128,
  "size_y": 128,
  "size_z": 49,
  "snr": 4.270210168807115,
  "spacing_tr": 2.5,
  "spacing_x": 2.25,
  "spacing_y": 2.25,
  "spacing_z": 3.0,
  "summary_bg_k": 184.44382183231858,
  "summary_bg_mad": 0.42254164814949036,
  "summary_bg_mean": 42.978797912597656,
  "summary_bg_median": 0.2849999964237213,
  "summary_bg_n": 635385.0,
  "summary_bg_p05": 0.0,
  "summary_bg_p95": 176.84500122070312,
  "summary_bg_stdv": 188.857177734375,
  "summary_fg_k": 1.0643892900843896,
  "summary_fg_mad": 1003.1585083007812,
  "summary_fg_mean": 5083.05419921875,
  "summary_fg_median": 5080.955078125,
  "summary_fg_n": 80551.0,
  "summary_fg_p05": 2954.2698974609375,
  "summary_fg_p95": 6959.934814453125,
  "summary_fg_stdv": 1189.853271484375,
  "tsnr": 51.35421371459961
}