{
  "aor": 0.011288645833333335,
  "aqi": 0.00858468359375,
  "bids_meta": {
    "AcquisitionDuration": 525.000256,
    "CogAtlasID": "trm_4c8a834779883",
    "Columns": 128,
    "EchoTime": 0.03,
    "EchoTrainLength": 1,
    "EffectiveEchoSpacing": 0.000464,
    "FieldOfView": [
      288,
      288,
      147
    ],
    "FlipAngle": 75,
    "GEImageTypeRIMPCode": 0,
    "ImageType": "ORIGINAL/PRIMARY/EPI/NONE",
    "ImagingFrequency": 127.765223,
    "InplanePhaseEncodingDirection": "COL",
    "InversionTime": 0,
    "MRAcquisitionType": "2D",
    "MagneticFieldStrength": 3,
    "Manufacturer": "GE MEDICAL SYSTEMS",
    "ManufacturersModelName": "DISCOVERY MR750",
    "NumberOfAverages": 1,
    "NumberOfEPIShots": 1,
    "NumberOfEchoes": 1,
    "NumberOfSlices": 49,
    "ParallelImagingReductionFactors": [
      0.5,
      1
    ],
    "PercentPhaseFieldOfView": 100,
    "PhaseEncodingDirection": "j",
    "PixelBandwidth": 3906.25,
    "PixelSpacing": [
      2.25,
      2.25
    ],
    "ReceiveCoilName": "8HRBRAIN",
    "RepetitionTime": 2.5,
    "Rows": 128,
    "SATFatWaterBone": 0,
    "ScanOptions": [
      "EPI_GEMS",
      "FILTERED_GEMS",
      "ACC_GEMS"
    ],
    "ScanningSequence": [
      "EP",
      "GR"
    ],
    "SequenceVariant": "SS",
    "SeriesDate": "18730312",
    "SeriesDescription": "RSN_BWRT_200vol_3mm",
    "SeriesNumber": 4,
    "SeriesTime": "181107",
    "SliceThickness": 3,
    "SliceTiming": [
      0,
      1.27551,
      0.05102,
      1.32653,
      0.10204,
      1.37755,
      0.15306,
      1.42857,
      0.20408,
      1.47959,
      0.2551,
      1.53061,
      0.30612,
      1.58163,
      0.35714,
      1.63265,
      0.40816,
      1.68367,
      0.45918,
      1.73469,
      0.5102,
      1.78571,
      0.56122,
      1.83673,
      0.61224,
      1.88776,
      0.66327,
      1.93878,
      0.71429,
      1.9898,
      0.76531,
      2.04082,
      0.81633,
      2.09184,
      0.86735,
      2.14286,
      0.91837,
      2.19388,
      0.96939,
      2.2449,
      1.02041,
      2.29592,
      1.07143,
      2.34694,
      1.12245,
      2.39796,
      1.17347,
      2.44898,
      1.22449
    ],
    "SliceTimingComputationMethod": "SliceNumber*RepetitionTime/NumberOfSlices (interleaved ascending, odd first)",
    "SpacingBetweenSlices": 3,
    "StudyTime": "180039",
    "TaskDescription": "Functional connectivity in the resting state was assessed during two eight-minute runs.",
    "TaskInstructions": "Participants were instructed to keep their eyes open and look at a white fixation cross presented against a gray background.",
    "TaskName": "Resting State",
    "dummyScans": 10,
    "modality": "bold",
    "session_id": "1",
    "subject_id": "9022",
    "task_id": "rest"
  },
  "dummy_trs": 0,
  "dvars_nstd": 22.667974297329852,
  "dvars_std": 1.1105538888481676,
  "dvars_vstd": 1.0029279516753926,
  "efc": 0.30177865948336025,
  "fber": 32335426.0,
  "fd_mean": 0.2084857433726832,
  "fd_num": 28,
  "fd_perc": 14.583333333333334,
  "fwhm_avg": 3.3028633333333333,
  "fwhm_x": 3.4026755555555557,
  "fwhm_y": 3.915724444444445,
  "fwhm_z": 2.59019,
  "gcor": 0.0445187,
  "gsr_x": -0.017528321593999863,
  "gsr_y": 0.0010634148493409157,
  "provenance": {
    "md5sum": "bb42219215095ec2217073c103cd0fd3",
    "settings": {
      "fd_thres": 0.2,
      "hmc_fsl": false
    },
    "software": "mriqc",
    "version": "0.9.6"
  },
  "size_t": 192,
  "size_x": 128,
  "size_y": 128,
  "size_z": 49,
  "snr": 4.958220129196954,
  "spacing_tr": 2.5,
  "spacing_x": 2.25,
  "spacing_y": 2.25,
  "spacing_z": 3.0,
  "summary_bg_k": 86.6272782044745,
  "summary_bg_mad": 1.474880337715149,
  "summary_bg_mean": 75.08329010009766,
  "summary_bg_median": 0.9947916865348816,
  "summary_bg_n": 646171.0,
  "summary_bg_p05": 0.0,
  "summary_bg_p95": 383.7239685058594,
  "summary_bg_stdv": 279.6575927734375,
  "summary_fg_k": 1.6722128813302994,
  "summary_fg_mad": 859.6233520507812,
  "summary_fg_mean": 5190.05078125,
  "summary_fg_median": 5289.02099609375,
  "summary_fg_n": 71502.0,
  "summary_fg_p05": 3153.2912231445316,
  "summary_fg_p95": 6729.69052734375,
  "summary_fg_stdv": 1066.710205078125,
  "tsnr": 51.30261993408203
}