{
  "aor": 0.014995249999999998,
  "aqi": 0.009364430350000001,
  "bids_meta": {
    "AcquisitionDuration": 525.000256,
    "CogAtlasID": "trm_4c8a834779883",
    "Columns": 128,
    "EchoTime": 0.03,
    "EchoTrainLength": 1,
    "EffectiveEchoSpacing": 0.000464,
    "FieldOfView": [
      288,
      288,
      147
    ],
    "FlipAngle": 75,
    "GEImageTypeRIMPCode": 0,
    "ImageType": "ORIGINAL/PRIMARY/EPI/NONE",
    "ImagingFrequency": 127.765295,
    "InplanePhaseEncodingDirection": "COL",
    "InversionTime": 0,
    "MRAcquisitionType": "2D",
    "MagneticFieldStrength": 3,
    "Manufacturer": "GE MEDICAL SYSTEMS",
    "ManufacturersModelName": "DISCOVERY MR750",
    "NumberOfAverages": 1,
    "NumberOfEPIShots": 1,
    "NumberOfEchoes": 1,
    "NumberOfSlices": 49,
    "ParallelImagingReductionFactors": [
      0.5,
      1
    ],
    "PercentPhaseFieldOfView": 100,
    "PhaseEncodingDirection": "j",
    "PixelBandwidth": 3906.25,
    "PixelSpacing": [
      2.25,
      2.25
    ],
    "ReceiveCoilName": "8HRBRAIN",
    "RepetitionTime": 2.5,
    "Rows": 128,
    "SATFatWaterBone": 0,
    "ScanOptions": [
      "EPI_GEMS",
      "FILTERED_GEMS",
      "ACC_GEMS"
    ],
    "ScanningSequence": [
      "EP",
      "GR"
    ],
    "SequenceVariant": "SS",
    "SeriesDate": "18730301",
    "SeriesDescription": "RSN_BWRT_200vol_3mm",
    "SeriesNumber": 10,
    "SeriesTime": "212457",
    "SliceThickness": 3,
    "SliceTiming": [
      0,
      1.27551,
      0.05102,
      1.32653,
      0.10204,
      1.37755,
      0.15306,
      1.42857,
      0.20408,
      1.47959,
      0.2551,
      1.53061,
      0.30612,
      1.58163,
      0.35714,
      1.63265,
      0.40816,
      1.68367,
      0.45918,
      1.73469,
      0.5102,
      1.78571,
      0.56122,
      1.83673,
      0.61224,
      1.88776,
      0.66327,
      1.93878,
      0.71429,
      1.9898,
      0.76531,
      2.04082,
      0.81633,
      2.09184,
      0.86735,
      2.14286,
      0.91837,
      2.19388,
      0.96939,
      2.2449,
      1.02041,
      2.29592,
      1.07143,
      2.34694,
      1.12245,
      2.39796,
      1.17347,
      2.44898,
      1.22449
    ],
    "SliceTimingComputationMethod": "SliceNumber*RepetitionTime/NumberOfSlices (interleaved ascending, odd first)",
    "SpacingBetweenSlices": 3,
    "StudyTime": "201916",
    "TaskDescription": "Functional connectivity in the resting state was assessed during two eight-minute runs. Participants were asked to rate their sleepiness using the Karolinska Sleepiness Scale every 2 minutes",
    "TaskInstructions": "Participants were instructed to keep their eyes open and look at a white fixation cross presented against a gray background.",
    "TaskName": "Sleepiness",
    "dummyScans": 10,
    "modality": "bold",
    "session_id": "1",
    "subject_id": "9050",
    "task_id": "sleepiness"
  },
  "dummy_trs": 0,
  "dvars_nstd": 22.984408550954768,
  "dvars_std": 0.9065426686432162,
  "dvars_vstd": 0.9018506993467339,
  "efc": 0.3153164602325382,
  "fber": 33194226.0,
  "fd_mean": 0.18492146709561605,
  "fd_num": 35,
  "fd_perc": 17.5,
  "fwhm_avg": 3.4463988888888886,
  "fwhm_x": 3.4811199999999998,
  "fwhm_y": 4.03964,
  "fwhm_z": 2.818436666666667,
  "gcor": 0.096217,
  "gsr_x": -0.014322340488433838,
  "gsr_y": 0.002277124673128128,
  "provenance": {
    "md5sum": "787e153b284bf5bb8aca9452904e4cb2",
    "settings": {
      "fd_thres": 0.2,
      "hmc_fsl": false
    },
    "software": "mriqc",
    "version": "0.9.6"
  },
  "size_t": 200,
  "size_x": 128,
  "size_y": 128,
  "size_z": 49,
  "snr": 4.405522494386321,
  "spacing_tr": 2.5,
  "spacing_x": 2.25,
  "spacing_y": 2.25,
  "spacing_z": 3.0,
  "summary_bg_k": 91.86033793199941,
  "summary_bg_mad": 1.4307111501693726,
  "summary_bg_mean": 60.11604690551758,
  "summary_bg_median": 0.9649999737739563,
  "summary_bg_n": 630617.0,
  "summary_bg_p05": 0.0,
  "summary_bg_p95": 294.1719848632808,
  "summary_bg_stdv": 227.10508728027344,
  "summary_fg_k": 0.7389609838910829,
  "summary_fg_mad": 1119.498291015625,
  "summary_fg_mean": 5314.34765625,
  "summary_fg_median": 5314.77734375,
  "summary_fg_n": 84998.0,
  "summary_fg_p05": 3321.6123657226562,
  "summary_fg_p95": 7299.281323242187,
  "summary_fg_stdv": 1206.3826904296875,
  "tsnr": 39.3330192565918
}