{
  "aor": 0.0036512499999999995,
  "aqi": 0.007392388854166667,
  "bids_meta": {
    "AcquisitionDuration": 525.000256,
    "CogAtlasID": "trm_4c8a834779883",
    "Columns": 128,
    "EchoTime": 0.03,
    "EchoTrainLength": 1,
    "EffectiveEchoSpacing": 0.000464,
    "FieldOfView": [
      288,
      288,
      147
    ],
    "FlipAngle": 75,
    "GEImageTypeRIMPCode": 0,
    "ImageType": "ORIGINAL/PRIMARY/EPI/NONE",
    "ImagingFrequency": 127.765103,
    "InplanePhaseEncodingDirection": "COL",
    "InversionTime": 0,
    "MRAcquisitionType": "2D",
    "MagneticFieldStrength": 3,
    "Manufacturer": "GE MEDICAL SYSTEMS",
    "ManufacturersModelName": "DISCOVERY MR750",
    "NumberOfAverages": 1,
    "NumberOfEPIShots": 1,
    "NumberOfEchoes": 1,
    "NumberOfSlices": 49,
    "ParallelImagingReductionFactors": [
      0.5,
      1
    ],
    "PercentPhaseFieldOfView": 100,
    "PhaseEncodingDirection": "j",
    "PixelBandwidth": 3906.25,
    "PixelSpacing": [
      2.25,
      2.25
    ],
    "ReceiveCoilName": "8HRBRAIN",
    "RepetitionTime": 2.5,
    "Rows": 128,
    "SATFatWaterBone": 0,
    "ScanOptions": [
      "EPI_GEMS",
      "FILTERED_GEMS",
      "ACC_GEMS"
    ],
    "ScanningSequence": [
      "EP",
      "GR"
    ],
    "SequenceVariant": "SS",
    "SeriesDate": "18740112",
    "SeriesDescription": "RSN_BWRT_200vol_3mm",
    "SeriesNumber": 4,
    "SeriesTime": "203601",
    "SliceThickness": 3,
    "SliceTiming": [
      0,
      1.27551,
      0.05102,
      1.32653,
      0.10204,
      1.37755,
      0.15306,
      1.42857,
      0.20408,
      1.47959,
      0.2551,
      1.53061,
      0.30612,
      1.58163,
      0.35714,
      1.63265,
      0.40816,
      1.68367,
      0.45918,
      1.73469,
      0.5102,
      1.78571,
      0.56122,
      1.83673,
      0.61224,
      1.88776,
      0.66327,
      1.93878,
      0.71429,
      1.9898,
      0.76531,
      2.04082,
      0.81633,
      2.09184,
      0.86735,
      2.14286,
      0.91837,
      2.19388,
      0.96939,
      2.2449,
      1.02041,
      2.29592,
      1.07143,
      2.34694,
      1.12245,
      2.39796,
      1.17347,
      2.44898,
      1.22449
    ],
    "SliceTimingComputationMethod": "SliceNumber*RepetitionTime/NumberOfSlices (interleaved ascending, odd first)",
    "SpacingBetweenSlices": 3,
    "StudyTime": "202717",
    "TaskDescription": "Functional connectivity in the resting state was assessed during two eight-minute runs.",
    "TaskInstructions": "Participants were instructed to keep their eyes open and look at a white fixation cross presented against a gray background.",
    "TaskName": "Resting State",
    "dummyScans": 10,
    "modality": "bold",
    "session_id": "1",
    "subject_id": "9098",
    "task_id": "rest"
  },
  "dummy_trs": 0,
  "dvars_nstd": 26.879923606335087,
  "dvars_std": 1.2298929098952882,
  "dvars_vstd": 0.9494373851832454,
  "efc": 0.31240601053668776,
  "fber": 33830188.0,
  "fd_mean": 0.10420008500099563,
  "fd_num": 11,
  "fd_perc": 5.729166666666667,
  "fwhm_avg": 3.4385188888888893,
  "fwhm_x": 3.5123688888888887,
  "fwhm_y": 3.9903777777777782,
  "fwhm_z": 2.8128100000000003,
  "gcor": 0.037872,
  "gsr_x": -0.01645076833665371,
  "gsr_y": 0.00275588920339942,
  "provenance": {
    "md5sum": "cdd4ebb12130f5829f24c792b729f7ed",
    "settings": {
      "fd_thres": 0.2,
      "hmc_fsl": false
    },
    "software": "mriqc",
    "version": "0.9.6"
  },
  "size_t": 192,
  "size_x": 128,
  "size_y": 128,
  "size_z": 49,
  "snr": 4.449106874630653,
  "spacing_tr": 2.5,
  "spacing_x": 2.25,
  "spacing_y": 2.25,
  "spacing_z": 3.0,
  "summary_bg_k": 125.97205247036459,
  "summary_bg_mad": 1.312720775604248,
  "summary_bg_mean": 61.340389251708984,
  "summary_bg_median": 0.8854166865348816,
  "summary_bg_n": 636568.0,
  "summary_bg_p05": 0.0,
  "summary_bg_p95": 260.62814178466846,
  "summary_bg_stdv": 250.6819610595703,
  "summary_fg_k": 1.214681586199731,
  "summary_fg_mad": 863.9321899414062,
  "summary_fg_mean": 4733.43017578125,
  "summary_fg_median": 4802.8076171875,
  "summary_fg_n": 80381.0,
  "summary_fg_p05": 2685.182373046875,
  "summary_fg_p95": 6367.53662109375,
  "summary_fg_stdv": 1079.4925537109375,
  "tsnr": 55.6217041015625
}