{
  "aor": 0.0019464,
  "aqi": 0.0059359252,
  "bids_meta": {
    "AcquisitionDuration": 525.000256,
    "CogAtlasID": "trm_4c8a834779883",
    "Columns": 128,
    "EchoTime": 0.03,
    "EchoTrainLength": 1,
    "EffectiveEchoSpacing": 0.000464,
    "FieldOfView": [
      288,
      288,
      147
    ],
    "FlipAngle": 75,
    "GEImageTypeRIMPCode": 0,
    "ImageType": "ORIGINAL/PRIMARY/EPI/NONE",
    "ImagingFrequency": 127.765267,
    "InplanePhaseEncodingDirection": "COL",
    "InversionTime": 0,
    "MRAcquisitionType": "2D",
    "MagneticFieldStrength": 3,
    "Manufacturer": "GE MEDICAL SYSTEMS",
    "ManufacturersModelName": "DISCOVERY MR750",
    "NumberOfAverages": 1,
    "NumberOfEPIShots": 1,
    "NumberOfEchoes": 1,
    "NumberOfSlices": 49,
    "ParallelImagingReductionFactors": [
      0.5,
      1
    ],
    "PercentPhaseFieldOfView": 100,
    "PhaseEncodingDirection": "j",
    "PixelBandwidth": 3906.25,
    "PixelSpacing": [
      2.25,
      2.25
    ],
    "ReceiveCoilName": "8HRBRAIN",
    "RepetitionTime": 2.5,
    "Rows": 128,
    "SATFatWaterBone": 0,
    "ScanOptions": [
      "EPI_GEMS",
      "FILTERED_GEMS",
      "ACC_GEMS"
    ],
    "ScanningSequence": [
      "EP",
      "GR"
    ],
    "SequenceVariant": "SS",
    "SeriesDate": "18730219",
    "SeriesDescription": "RSN_BWRT_200vol_3mm",
    "SeriesNumber": 10,
    "SeriesTime": "195142",
    "SliceThickness": 3,
    "SliceTiming": [
      0,
      1.27551,
      0.05102,
      1.32653,
      0.10204,
      1.37755,
      0.15306,
      1.42857,
      0.20408,
      1.47959,
      0.2551,
      1.53061,
      0.30612,
      1.58163,
      0.35714,
      1.63265,
      0.40816,
      1.68367,
      0.45918,
      1.73469,
      0.5102,
      1.78571,
      0.56122,
      1.83673,
      0.61224,
      1.88776,
      0.66327,
      1.93878,
      0.71429,
      1.9898,
      0.76531,
      2.04082,
      0.81633,
      2.09184,
      0.86735,
      2.14286,
      0.91837,
      2.19388,
      0.96939,
      2.2449,
      1.02041,
      2.29592,
      1.07143,
      2.34694,
      1.12245,
      2.39796,
      1.17347,
      2.44898,
      1.22449
    ],
    "SliceTimingComputationMethod": "SliceNumber*RepetitionTime/NumberOfSlices (interleaved ascending, odd first)",
    "SpacingBetweenSlices": 3,
    "StudyTime": "184838",
    "TaskDescription": "Functional connectivity in the resting state was assessed during two eight-minute runs. Participants were asked to rate their sleepiness using the Karolinska Sleepiness Scale every 2 minutes",
    "TaskInstructions": "Participants were instructed to keep their eyes open and look at a white fixation cross presented against a gray background.",
    "TaskName": "Sleepiness",
    "dummyScans": 10,
    "modality": "bold",
    "session_id": "2",
    "subject_id": "9057",
    "task_id": "sleepiness"
  },
  "dummy_trs": 0,
  "dvars_nstd": 19.05468791201005,
  "dvars_std": 1.154774174723618,
  "dvars_vstd": 0.9780695622110548,
  "efc": 0.30232851107612,
  "fber": 200219376.0,
  "fd_mean": 0.07723366250472789,
  "fd_num": 10,
  "fd_perc": 5.0,
  "fwhm_avg": 3.21191,
  "fwhm_x": 3.2732977777777776,
  "fwhm_y": 3.732955555555556,
  "fwhm_z": 2.6294766666666667,
  "gcor": 0.0810073,
  "gsr_x": -0.014101722277700901,
  "gsr_y": -0.0008691452676430345,
  "provenance": {
    "md5sum": "d711e9832377f372d4b1b20331ab85e4",
    "settings": {
      "fd_thres": 0.2,
      "hmc_fsl": false
    },
    "software": "mriqc",
    "version": "0.9.6"
  },
  "size_t": 200,
  "size_x": 128,
  "size_y": 128,
  "size_z": 49,
  "snr": 4.992256959813093,
  "spacing_tr": 2.5,
  "spacing_x": 2.25,
  "spacing_y": 2.25,
  "spacing_z": 3.0,
  "summary_bg_k": 101.34745428992765,
  "summary_bg_mad": 0.6078669428825378,
  "summary_bg_mean": 55.181549072265625,
  "summary_bg_median": 0.4099999964237213,
  "summary_bg_n": 639926.0,
  "summary_bg_p05": 0.0,
  "summary_bg_p95": 245.86749649047852,
  "summary_bg_stdv": 232.3140106201172,
  "summary_fg_k": 1.3904573949847512,
  "summary_fg_mad": 928.346435546875,
  "summary_fg_mean": 5260.1484375,
  "summary_fg_median": 5302.080078125,
  "summary_fg_n": 76979.0,
  "summary_fg_p05": 3416.3968994140623,
  "summary_fg_p95": 6895.441015624996,
  "summary_fg_stdv": 1062.0538330078125,
  "tsnr": 66.57756805419922
}