{
  "bids_meta": {
    "AcquisitionDuration": 238.444688,
    "Columns": 512,
    "EchoTime": 0.00281,
    "EchoTrainLength": 1,
    "EffectiveEchoSpacing": 0,
    "FieldOfView": [
      240.03,
      240.03,
      180
    ],
    "FlipAngle": 11,
    "GEImageTypeRIMPCode": 0,
    "ImageType": "ORIGINAL/PRIMARY/OTHER",
    "ImagingFrequency": 127.765206,
    "InplanePhaseEncodingDirection": "ROW",
    "InversionTime": 0.45,
    "MRAcquisitionType": "3D",
    "MagneticFieldStrength": 3,
    "Manufacturer": "GE MEDICAL SYSTEMS",
    "ManufacturersModelName": "DISCOVERY MR750",
    "NumberOfAverages": 1,
    "NumberOfEPIShots": 0,
    "NumberOfEchoes": 1,
    "NumberOfSlices": 180,
    "ParallelImagingReductionFactors": [
      0.571429,
      1
    ],
    "PercentPhaseFieldOfView": 100,
    "PhaseEncodingDirection": "i",
    "PixelBandwidth": 122.07,
    "PixelSpacing": [
      0.4688,
      0.4688
    ],
    "ReceiveCoilName": "8HRBRAIN",
    "RepetitionTime": 0.0064,
    "Rows": 512,
    "SATFatWaterBone": 0,
    "ScanOptions": [
      "FAST_GEMS",
      "EDR_GEMS",
      "FILTERED_GEMS",
      "ACC_GEMS"
    ],
    "ScanningSequence": "GR",
    "SequenceVariant": [
      "SS",
      "SK"
    ],
    "SeriesDate": "18721230",
    "SeriesDescription": "Sag3D_T1_1mm3",
    "SeriesNumber": 2,
    "SeriesTime": "202218",
    "SliceThickness": 1,
    "SpacingBetweenSlices": 1,
    "StudyTime": "202038",
    "modality": "T1w",
    "session_id": "1",
    "subject_id": "9035"
  },
  "cjv": 0.35409397252190744,
  "cnr": 3.758802472539361,
  "efc": 0.6754811538070812,
  "fber": 143.44863891601562,
  "fwhm_avg": 6.8336123389753896,
  "fwhm_x": 4.29431,
  "fwhm_y": 8.38664660924973,
  "fwhm_z": 7.819880407676438,
  "icvs_csf": 0.2126591068750187,
  "icvs_gm": 0.4127420869672886,
  "icvs_wm": 0.3745988061576927,
  "inu_med": 1.1298130750656128,
  "inu_range": 0.5411485195159911,
  "provenance": {
    "md5sum": "e177063d9a9540b716a544c248ea7a59",
    "mriqc_pred": 0,
    "settings": {
      "testing": false
    },
    "software": "mriqc",
    "version": "0.9.6",
    "warnings": {
      "large_rot_frame": true,
      "small_air_mask": false
    }
  },
  "qi_1": 0.0,
  "qi_2": 0.00030099217220310674,
  "rpve_csf": 18.709468265738,
  "rpve_gm": 10.112977227561748,
  "rpve_wm": 13.272884190545321,
  "size_x": 180,
  "size_y": 512,
  "size_z": 512,
  "snr_csf": 3.761015956330681,
  "snr_gm": 13.699808756792429,
  "snr_total": 12.205741611580743,
  "snr_wm": 19.15640012161912,
  "snrd_csf": 16.21677376420425,
  "snrd_gm": 29.282054638346708,
  "snrd_total": 28.822848681820886,
  "snrd_wm": 40.9697176429117,
  "spacing_x": 1.0,
  "spacing_y": 0.46880000829696655,
  "spacing_z": 0.46880000829696655,
  "summary_bg_k": 1.2814460819145168,
  "summary_bg_mad": 15.99082088470459,
  "summary_bg_mean": 52.688514709472656,
  "summary_bg_median": 50.2998161315918,
  "summary_bg_n": 9357467.0,
  "summary_bg_p05": 28.540454864501953,
  "summary_bg_p95": 85.15462112426755,
  "summary_bg_stdv": 17.70123863220215,
  "summary_csf_k": -0.5834051061243479,
  "summary_csf_mad": 120.7541732788086,
  "summary_csf_mean": 389.64190673828125,
  "summary_csf_median": 395.82525634765625,
  "summary_csf_n": 217645.0,
  "summary_csf_p05": 218.03703918457032,
  "summary_csf_p95": 549.3937011718749,
  "summary_csf_stdv": 105.2439956665039,
  "summary_gm_k": 0.33872717307105926,
  "summary_gm_mad": 50.20523452758789,
  "summary_gm_mean": 717.2213134765625,
  "summary_gm_median": 714.7276611328125,
  "summary_gm_n": 300279.0,
  "summary_gm_p05": 636.3747192382813,
  "summary_gm_p95": 807.5717468261719,
  "summary_gm_stdv": 52.1705436706543,
  "summary_wm_k": 0.2873595782673637,
  "summary_wm_mad": 50.80962371826172,
  "summary_wm_mean": 999.9698486328125,
  "summary_wm_median": 1000.004638671875,
  "summary_wm_n": 1445172.0,
  "summary_wm_p05": 914.2629180908203,
  "summary_wm_p95": 1085.39990234375,
  "summary_wm_stdv": 52.20209884643555,
  "tpm_overlap_csf": 0.20110778510570526,
  "tpm_overlap_gm": 0.4805000424385071,
  "tpm_overlap_wm": 0.5413528680801392,
  "wm2max": 0.4734415597486832
}