{
  "aor": 0.000998288770053476,
  "aqi": 0.008644798395721926,
  "bids_meta": {
    "AcquisitionDuration": 723.000256,
    "Columns": 128,
    "EchoTime": 0.034,
    "EchoTrainLength": 1,
    "EffectiveEchoSpacing": 0.00056,
    "FieldOfView": [
      220.01,
      220.01,
      110.4
    ],
    "FlipAngle": 80,
    "GEImageTypeRIMPCode": 0,
    "ImageType": "ORIGINAL/PRIMARY/EPI/NONE",
    "ImagingFrequency": 127.765181,
    "InplanePhaseEncodingDirection": "COL",
    "InversionTime": 0,
    "MRAcquisitionType": "2D",
    "MagneticFieldStrength": 3,
    "Manufacturer": "GE MEDICAL SYSTEMS",
    "ManufacturersModelName": "DISCOVERY MR750",
    "NumberOfAverages": 1,
    "NumberOfEPIShots": 1,
    "NumberOfEchoes": 1,
    "NumberOfSlices": 46,
    "ParallelImagingReductionFactors": [
      0.5,
      1
    ],
    "PercentPhaseFieldOfView": 100,
    "PhaseEncodingDirection": "j",
    "PixelBandwidth": 3906.25,
    "PixelSpacing": [
      1.7188,
      1.7188
    ],
    "ReceiveCoilName": "8HRBRAIN",
    "RepetitionTime": 3,
    "Rows": 128,
    "SATFatWaterBone": 1,
    "ScanOptions": [
      "SAT_GEMS",
      "EPI_GEMS",
      "ACC_GEMS",
      "FS"
    ],
    "ScanningSequence": [
      "EP",
      "GR"
    ],
    "SequenceVariant": "SS",
    "SeriesDate": "18740112",
    "SeriesDescription": "fMRI-hands",
    "SeriesNumber": 8,
    "SeriesTime": "184356",
    "SliceThickness": 2.3,
    "SliceTiming": [
      0,
      1.5,
      0.06522,
      1.56522,
      0.13043,
      1.63043,
      0.19565,
      1.69565,
      0.26087,
      1.76087,
      0.32609,
      1.82609,
      0.3913,
      1.8913,
      0.45652,
      1.95652,
      0.52174,
      2.02174,
      0.58696,
      2.08696,
      0.65217,
      2.15217,
      0.71739,
      2.21739,
      0.78261,
      2.28261,
      0.84783,
      2.34783,
      0.91304,
      2.41304,
      0.97826,
      2.47826,
      1.04348,
      2.54348,
      1.1087,
      2.6087,
      1.17391,
      2.67391,
      1.23913,
      2.73913,
      1.30435,
      2.80435,
      1.36957,
      2.86957,
      1.43478,
      2.93478
    ],
    "SliceTimingComputationMethod": "SliceNumber*RepetitionTime/NumberOfSlices (interleaved ascending, odd first)",
    "SpacingBetweenSlices": 2.4,
    "StudyTime": "181346",
    "TaskDescription": "In an event-related design, participants were shown pictures of hands being stung by needles or poked with Q-tips. The stimulus set was kindly shared by Claus Lamm, and has been shown to be effective in previous work by him. After each picture, participants were asked to rate their perceived unpleasantness on a visual analog scale of 0-100.",
    "TaskInstructions": "",
    "TaskName": "Hands",
    "dummyScans": 5,
    "modality": "bold",
    "session_id": "2",
    "subject_id": "9042",
    "task_id": "hands"
  },
  "dummy_trs": 0,
  "dvars_nstd": 33.341847973440856,
  "dvars_std": 1.081585028817204,
  "dvars_vstd": 1.022608908387097,
  "efc": 0.4980019413926781,
  "fber": 9171.951171875,
  "fd_mean": 0.06845180855941373,
  "fd_num": 9,
  "fd_perc": 4.81283422459893,
  "fwhm_avg": 3.0650424551919735,
  "fwhm_x": 3.2573715191576507,
  "fwhm_y": 3.5062951942633616,
  "fwhm_z": 2.4314606521549087,
  "gcor": 0.014978,
  "gsr_x": -0.002362227765843272,
  "gsr_y": 0.022559240460395813,
  "provenance": {
    "md5sum": "47b0bef70b5a31e43e1a74f7cc6f3510",
    "settings": {
      "fd_thres": 0.2,
      "hmc_fsl": false
    },
    "software": "mriqc",
    "version": "0.9.6"
  },
  "size_t": 187,
  "size_x": 128,
  "size_y": 128,
  "size_z": 46,
  "snr": 3.9323325808800536,
  "spacing_tr": 3.0,
  "spacing_x": 1.7187999486923218,
  "spacing_y": 1.7187999486923218,
  "spacing_z": 2.3999977111816406,
  "summary_bg_k": 141.6045687376401,
  "summary_bg_mad": 55.125850677490234,
  "summary_bg_mean": 116.07795715332031,
  "summary_bg_median": 37.45454788208008,
  "summary_bg_n": 470370.0,
  "summary_bg_p05": 0.0,
  "summary_bg_p95": 467.81043243408203,
  "summary_bg_stdv": 350.96533203125,
  "summary_fg_k": 1.603073093358991,
  "summary_fg_mad": 797.564697265625,
  "summary_fg_mean": 3626.772216796875,
  "summary_fg_median": 3607.3076171875,
  "summary_fg_n": 184398.0,
  "summary_fg_p05": 2156.356652832031,
  "summary_fg_p95": 5114.974755859375,
  "summary_fg_stdv": 917.343017578125,
  "tsnr": 42.2226676940918
}