{
  "aor": 0.005587599999999999,
  "aqi": 0.008497807049999999,
  "bids_meta": {
    "AcquisitionDuration": 525.000256,
    "CogAtlasID": "trm_4c8a834779883",
    "Columns": 128,
    "EchoTime": 0.03,
    "EchoTrainLength": 1,
    "EffectiveEchoSpacing": 0.000464,
    "FieldOfView": [
      288,
      288,
      147
    ],
    "FlipAngle": 75,
    "GEImageTypeRIMPCode": 0,
    "ImageType": "ORIGINAL/PRIMARY/EPI/NONE",
    "ImagingFrequency": 127.76529,
    "InplanePhaseEncodingDirection": "COL",
    "InversionTime": 0,
    "MRAcquisitionType": "2D",
    "MagneticFieldStrength": 3,
    "Manufacturer": "GE MEDICAL SYSTEMS",
    "ManufacturersModelName": "DISCOVERY MR750",
    "NumberOfAverages": 1,
    "NumberOfEPIShots": 1,
    "NumberOfEchoes": 1,
    "NumberOfSlices": 49,
    "ParallelImagingReductionFactors": [
      0.5,
      1
    ],
    "PercentPhaseFieldOfView": 100,
    "PhaseEncodingDirection": "j",
    "PixelBandwidth": 3906.25,
    "PixelSpacing": [
      2.25,
      2.25
    ],
    "ReceiveCoilName": "8HRBRAIN",
    "RepetitionTime": 2.5,
    "Rows": 128,
    "SATFatWaterBone": 0,
    "ScanOptions": [
      "EPI_GEMS",
      "FILTERED_GEMS",
      "ACC_GEMS"
    ],
    "ScanningSequence": [
      "EP",
      "GR"
    ],
    "SequenceVariant": "SS",
    "SeriesDate": "18740419",
    "SeriesDescription": "RSN_BWRT_200vol_3mm",
    "SeriesNumber": 10,
    "SeriesTime": "190523",
    "SliceThickness": 3,
    "SliceTiming": [
      0,
      1.27551,
      0.05102,
      1.32653,
      0.10204,
      1.37755,
      0.15306,
      1.42857,
      0.20408,
      1.47959,
      0.2551,
      1.53061,
      0.30612,
      1.58163,
      0.35714,
      1.63265,
      0.40816,
      1.68367,
      0.45918,
      1.73469,
      0.5102,
      1.78571,
      0.56122,
      1.83673,
      0.61224,
      1.88776,
      0.66327,
      1.93878,
      0.71429,
      1.9898,
      0.76531,
      2.04082,
      0.81633,
      2.09184,
      0.86735,
      2.14286,
      0.91837,
      2.19388,
      0.96939,
      2.2449,
      1.02041,
      2.29592,
      1.07143,
      2.34694,
      1.12245,
      2.39796,
      1.17347,
      2.44898,
      1.22449
    ],
    "SliceTimingComputationMethod": "SliceNumber*RepetitionTime/NumberOfSlices (interleaved ascending, odd first)",
    "SpacingBetweenSlices": 3,
    "StudyTime": "180134",
    "TaskDescription": "Functional connectivity in the resting state was assessed during two eight-minute runs. Participants were asked to rate their sleepiness using the Karolinska Sleepiness Scale every 2 minutes",
    "TaskInstructions": "Participants were instructed to keep their eyes open and look at a white fixation cross presented against a gray background.",
    "TaskName": "Sleepiness",
    "dummyScans": 10,
    "modality": "bold",
    "session_id": "1",
    "subject_id": "9038",
    "task_id": "sleepiness"
  },
  "dummy_trs": 0,
  "dvars_nstd": 29.206850080804013,
  "dvars_std": 1.2565828055276382,
  "dvars_vstd": 1.0084191734170855,
  "efc": 0.2976945343673761,
  "fber": 111156864.0,
  "fd_mean": 0.19144779927784422,
  "fd_num": 46,
  "fd_perc": 23.0,
  "fwhm_avg": 3.3073385185185185,
  "fwhm_x": 3.305697777777778,
  "fwhm_y": 3.9386977777777776,
  "fwhm_z": 2.6776199999999997,
  "gcor": 0.0367105,
  "gsr_x": -0.013576184399425983,
  "gsr_y": 0.0009977732552215457,
  "provenance": {
    "md5sum": "2f42e8d5570c8fcda1253b9e1ed67e43",
    "settings": {
      "fd_thres": 0.2,
      "hmc_fsl": false
    },
    "software": "mriqc",
    "version": "0.9.6"
  },
  "size_t": 200,
  "size_x": 128,
  "size_y": 128,
  "size_z": 49,
  "snr": 4.682189365086283,
  "spacing_tr": 2.5,
  "spacing_x": 2.25,
  "spacing_y": 2.25,
  "spacing_z": 3.0,
  "summary_bg_k": 153.7182334470547,
  "summary_bg_mad": 0.7338880896568298,
  "summary_bg_mean": 49.49502182006836,
  "summary_bg_median": 0.4949999749660492,
  "summary_bg_n": 643692.0,
  "summary_bg_p05": 0.0,
  "summary_bg_p95": 229.7662437438953,
  "summary_bg_stdv": 196.1439971923828,
  "summary_fg_k": 1.2842092435250008,
  "summary_fg_mad": 740.3336181640625,
  "summary_fg_mean": 4469.1552734375,
  "summary_fg_median": 4586.65478515625,
  "summary_fg_n": 74508.0,
  "summary_fg_p05": 2516.819445800781,
  "summary_fg_p95": 5851.52919921875,
  "summary_fg_stdv": 979.589599609375,
  "tsnr": 56.82096481323242
}