{
  "aor": 0.00518445,
  "aqi": 0.0191929836,
  "bids_meta": {
    "AcquisitionDuration": 723.000256,
    "Columns": 128,
    "EchoTime": 0.034,
    "EchoTrainLength": 1,
    "EffectiveEchoSpacing": 0.00056,
    "FieldOfView": [
      220.01,
      220.01,
      110.4
    ],
    "FlipAngle": 80,
    "GEImageTypeRIMPCode": 0,
    "ImageType": "ORIGINAL/PRIMARY/EPI/NONE",
    "ImagingFrequency": 127.765155,
    "InplanePhaseEncodingDirection": "COL",
    "InversionTime": 0,
    "MRAcquisitionType": "2D",
    "MagneticFieldStrength": 3,
    "Manufacturer": "GE MEDICAL SYSTEMS",
    "ManufacturersModelName": "DISCOVERY MR750",
    "NumberOfAverages": 1,
    "NumberOfEPIShots": 1,
    "NumberOfEchoes": 1,
    "NumberOfSlices": 46,
    "ParallelImagingReductionFactors": [
      0.5,
      1
    ],
    "PercentPhaseFieldOfView": 100,
    "PhaseEncodingDirection": "j",
    "PixelBandwidth": 3906.25,
    "PixelSpacing": [
      1.7188,
      1.7188
    ],
    "ReceiveCoilName": "8HRBRAIN",
    "RepetitionTime": 3,
    "Rows": 128,
    "SATFatWaterBone": 1,
    "ScanOptions": [
      "SAT_GEMS",
      "EPI_GEMS",
      "ACC_GEMS",
      "FS"
    ],
    "ScanningSequence": [
      "EP",
      "GR"
    ],
    "SequenceVariant": "SS",
    "SeriesDate": "18740531",
    "SeriesDescription": "fMRI-hands",
    "SeriesNumber": 7,
    "SeriesTime": "202602",
    "SliceThickness": 2.3,
    "SliceTiming": [
      0,
      1.5,
      0.06522,
      1.56522,
      0.13043,
      1.63043,
      0.19565,
      1.69565,
      0.26087,
      1.76087,
      0.32609,
      1.82609,
      0.3913,
      1.8913,
      0.45652,
      1.95652,
      0.52174,
      2.02174,
      0.58696,
      2.08696,
      0.65217,
      2.15217,
      0.71739,
      2.21739,
      0.78261,
      2.28261,
      0.84783,
      2.34783,
      0.91304,
      2.41304,
      0.97826,
      2.47826,
      1.04348,
      2.54348,
      1.1087,
      2.6087,
      1.17391,
      2.67391,
      1.23913,
      2.73913,
      1.30435,
      2.80435,
      1.36957,
      2.86957,
      1.43478,
      2.93478
    ],
    "SliceTimingComputationMethod": "SliceNumber*RepetitionTime/NumberOfSlices (interleaved ascending, odd first)",
    "SpacingBetweenSlices": 2.4,
    "StudyTime": "195639",
    "TaskDescription": "In an event-related design, participants were shown pictures of hands being stung by needles or poked with Q-tips. The stimulus set was kindly shared by Claus Lamm, and has been shown to be effective in previous work by him. After each picture, participants were asked to rate their perceived unpleasantness on a visual analog scale of 0-100.",
    "TaskInstructions": "",
    "TaskName": "Hands",
    "dummyScans": 5,
    "modality": "bold",
    "session_id": "2",
    "subject_id": "9023",
    "task_id": "hands"
  },
  "dummy_trs": 0,
  "dvars_nstd": 45.65320295798994,
  "dvars_std": 1.0063465939698497,
  "dvars_vstd": 1.062935892713568,
  "efc": 0.5087035380923907,
  "fber": 7350.98486328125,
  "fd_mean": 0.3332694511471129,
  "fd_num": 118,
  "fd_perc": 59.0,
  "fwhm_avg": 3.1744253255022215,
  "fwhm_x": 3.264207684127832,
  "fwhm_y": 3.716849075344948,
  "fwhm_z": 2.542219217033884,
  "gcor": 0.0200802,
  "gsr_x": -0.0041972566395998,
  "gsr_y": 0.02834630198776722,
  "provenance": {
    "md5sum": "deef2767634e1988d69427427281f3db",
    "settings": {
      "fd_thres": 0.2,
      "hmc_fsl": false
    },
    "software": "mriqc",
    "version": "0.9.6"
  },
  "size_t": 200,
  "size_x": 128,
  "size_y": 128,
  "size_z": 46,
  "snr": 3.5037026626709915,
  "spacing_tr": 3.0,
  "spacing_x": 1.7187999486923218,
  "spacing_y": 1.7187999486923218,
  "spacing_z": 2.4000015258789062,
  "summary_bg_k": 131.82171105916615,
  "summary_bg_mad": 60.645843505859375,
  "summary_bg_mean": 130.1197509765625,
  "summary_bg_median": 41.869998931884766,
  "summary_bg_n": 461285.0,
  "summary_bg_p05": 0.12999999523162842,
  "summary_bg_p95": 621.0219726562492,
  "summary_bg_stdv": 334.8486633300781,
  "summary_fg_k": 1.1487626437943366,
  "summary_fg_mad": 807.7366333007812,
  "summary_fg_mean": 3693.55908203125,
  "summary_fg_median": 3605.27490234375,
  "summary_fg_n": 192939.0,
  "summary_fg_p05": 2057.59248046875,
  "summary_fg_p95": 5594.938183593752,
  "summary_fg_stdv": 1028.9873046875,
  "tsnr": 28.020357131958008
}