{
  "aor": 0.026208600000000006,
  "aqi": 0.02892579885,
  "bids_meta": {
    "AcquisitionDuration": 525.000256,
    "CogAtlasID": "trm_4c8a834779883",
    "Columns": 128,
    "EchoTime": 0.03,
    "EchoTrainLength": 1,
    "EffectiveEchoSpacing": 0.000464,
    "FieldOfView": [
      288,
      288,
      147
    ],
    "FlipAngle": 75,
    "GEImageTypeRIMPCode": 0,
    "ImageType": "ORIGINAL/PRIMARY/EPI/NONE",
    "ImagingFrequency": 127.765128,
    "InplanePhaseEncodingDirection": "COL",
    "InversionTime": 0,
    "MRAcquisitionType": "2D",
    "MagneticFieldStrength": 3,
    "Manufacturer": "GE MEDICAL SYSTEMS",
    "ManufacturersModelName": "DISCOVERY MR750",
    "NumberOfAverages": 1,
    "NumberOfEPIShots": 1,
    "NumberOfEchoes": 1,
    "NumberOfSlices": 49,
    "ParallelImagingReductionFactors": [
      0.5,
      1
    ],
    "PercentPhaseFieldOfView": 100,
    "PhaseEncodingDirection": "j",
    "PixelBandwidth": 3906.25,
    "PixelSpacing": [
      2.25,
      2.25
    ],
    "ReceiveCoilName": "8HRBRAIN",
    "RepetitionTime": 2.5,
    "Rows": 128,
    "SATFatWaterBone": 0,
    "ScanOptions": [
      "EPI_GEMS",
      "FILTERED_GEMS",
      "ACC_GEMS"
    ],
    "ScanningSequence": [
      "EP",
      "GR"
    ],
    "SequenceVariant": "SS",
    "SeriesDate": "18740310",
    "SeriesDescription": "RSN_BWRT_200vol_3mm",
    "SeriesNumber": 10,
    "SeriesTime": "191916",
    "SliceThickness": 3,
    "SliceTiming": [
      0,
      1.27551,
      0.05102,
      1.32653,
      0.10204,
      1.37755,
      0.15306,
      1.42857,
      0.20408,
      1.47959,
      0.2551,
      1.53061,
      0.30612,
      1.58163,
      0.35714,
      1.63265,
      0.40816,
      1.68367,
      0.45918,
      1.73469,
      0.5102,
      1.78571,
      0.56122,
      1.83673,
      0.61224,
      1.88776,
      0.66327,
      1.93878,
      0.71429,
      1.9898,
      0.76531,
      2.04082,
      0.81633,
      2.09184,
      0.86735,
      2.14286,
      0.91837,
      2.19388,
      0.96939,
      2.2449,
      1.02041,
      2.29592,
      1.07143,
      2.34694,
      1.12245,
      2.39796,
      1.17347,
      2.44898,
      1.22449
    ],
    "SliceTimingComputationMethod": "SliceNumber*RepetitionTime/NumberOfSlices (interleaved ascending, odd first)",
    "SpacingBetweenSlices": 3,
    "StudyTime": "181605",
    "TaskDescription": "Functional connectivity in the resting state was assessed during two eight-minute runs. Participants were asked to rate their sleepiness using the Karolinska Sleepiness Scale every 2 minutes",
    "TaskInstructions": "Participants were instructed to keep their eyes open and look at a white fixation cross presented against a gray background.",
    "TaskName": "Sleepiness",
    "dummyScans": 10,
    "modality": "bold",
    "session_id": "2",
    "subject_id": "9079",
    "task_id": "sleepiness"
  },
  "dummy_trs": 0,
  "dvars_nstd": 66.42313470306536,
  "dvars_std": 1.227588438040201,
  "dvars_vstd": 1.140682151507538,
  "efc": 0.3337557081437686,
  "fber": 6492428.5,
  "fd_mean": 0.9745408975385214,
  "fd_num": 186,
  "fd_perc": 93.0,
  "fwhm_avg": 3.436575555555556,
  "fwhm_x": 3.463884444444444,
  "fwhm_y": 3.9120088888888893,
  "fwhm_z": 2.9338333333333337,
  "gcor": 0.131782,
  "gsr_x": -0.013083078898489475,
  "gsr_y": 0.002491789637133479,
  "provenance": {
    "md5sum": "ff32d32d4cd522feb6c07939707ad044",
    "settings": {
      "fd_thres": 0.2,
      "hmc_fsl": false
    },
    "software": "mriqc",
    "version": "0.9.6"
  },
  "size_t": 200,
  "size_x": 128,
  "size_y": 128,
  "size_z": 49,
  "snr": 4.43245188864647,
  "spacing_tr": 2.5,
  "spacing_x": 2.25,
  "spacing_y": 2.25,
  "spacing_z": 3.0,
  "summary_bg_k": 116.56757407143378,
  "summary_bg_mad": 2.9207262992858887,
  "summary_bg_mean": 66.28314208984375,
  "summary_bg_median": 1.96999990940094,
  "summary_bg_n": 622909.0,
  "summary_bg_p05": 0.0,
  "summary_bg_p95": 325.25398559570283,
  "summary_bg_stdv": 229.18344116210938,
  "summary_fg_k": 0.8633715806844005,
  "summary_fg_mad": 933.134521484375,
  "summary_fg_mean": 4883.57470703125,
  "summary_fg_median": 4882.69970703125,
  "summary_fg_n": 91767.0,
  "summary_fg_p05": 2975.313916015625,
  "summary_fg_p95": 6701.105908203124,
  "summary_fg_stdv": 1101.5738525390625,
  "tsnr": 21.142559051513672
}