{
  "bids_meta": {
    "AcquisitionDuration": 238.444688,
    "Columns": 512,
    "EchoTime": 0.00281,
    "EchoTrainLength": 1,
    "EffectiveEchoSpacing": 0,
    "FieldOfView": [
      240.03,
      240.03,
      180
    ],
    "FlipAngle": 11,
    "GEImageTypeRIMPCode": 0,
    "ImageType": "ORIGINAL/PRIMARY/OTHER",
    "ImagingFrequency": 127.765184,
    "InplanePhaseEncodingDirection": "ROW",
    "InversionTime": 0.45,
    "MRAcquisitionType": "3D",
    "MagneticFieldStrength": 3,
    "Manufacturer": "GE MEDICAL SYSTEMS",
    "ManufacturersModelName": "DISCOVERY MR750",
    "NumberOfAverages": 1,
    "NumberOfEPIShots": 0,
    "NumberOfEchoes": 1,
    "NumberOfSlices": 180,
    "ParallelImagingReductionFactors": [
      0.571429,
      1
    ],
    "PercentPhaseFieldOfView": 100,
    "PhaseEncodingDirection": "i",
    "PixelBandwidth": 122.07,
    "PixelSpacing": [
      0.4688,
      0.4688
    ],
    "ReceiveCoilName": "8HRBRAIN",
    "RepetitionTime": 0.0064,
    "Rows": 512,
    "SATFatWaterBone": 0,
    "ScanOptions": [
      "FAST_GEMS",
      "EDR_GEMS",
      "FILTERED_GEMS",
      "ACC_GEMS"
    ],
    "ScanningSequence": "GR",
    "SequenceVariant": [
      "SS",
      "SK"
    ],
    "SeriesDate": "18730226",
    "SeriesDescription": "Sag3D_T1_1mm3",
    "SeriesNumber": 2,
    "SeriesTime": "200509",
    "SliceThickness": 1,
    "SpacingBetweenSlices": 1,
    "StudyTime": "200348",
    "modality": "T1w",
    "session_id": "1",
    "subject_id": "9044"
  },
  "cjv": 0.3879857949817741,
  "cnr": 3.5135117510074343,
  "efc": 0.6558533782607598,
  "fber": 142.4658966064453,
  "fwhm_avg": 6.280833928507569,
  "fwhm_x": 4.0242,
  "fwhm_y": 7.618109933431733,
  "fwhm_z": 7.200191852090975,
  "icvs_csf": 0.22845197562935768,
  "icvs_gm": 0.4085416659893103,
  "icvs_wm": 0.36300635838133205,
  "inu_med": 1.2640517950057983,
  "inu_range": 0.43501126766204834,
  "provenance": {
    "md5sum": "f8b66ebea3aa7315545b758ec76c6f6e",
    "mriqc_pred": 0,
    "settings": {
      "testing": false
    },
    "software": "mriqc",
    "version": "0.9.6",
    "warnings": {
      "large_rot_frame": true,
      "small_air_mask": false
    }
  },
  "qi_1": 0.0,
  "qi_2": 0.0002905815078153594,
  "rpve_csf": 20.651174961269263,
  "rpve_gm": 11.692647668108775,
  "rpve_wm": 15.8490760243739,
  "size_x": 180,
  "size_y": 512,
  "size_z": 512,
  "snr_csf": 4.192826742275996,
  "snr_gm": 13.614467448669789,
  "snr_total": 11.84202919009987,
  "snr_wm": 17.718793379353826,
  "snrd_csf": 16.72833282409655,
  "snrd_gm": 30.990202119587412,
  "snrd_total": 30.23560631868025,
  "snrd_wm": 42.988284012356786,
  "spacing_x": 1.0,
  "spacing_y": 0.46880000829696655,
  "spacing_z": 0.46880000829696655,
  "summary_bg_k": 11.202134463846786,
  "summary_bg_mad": 15.240204811096191,
  "summary_bg_mean": 52.316104888916016,
  "summary_bg_median": 49.765419006347656,
  "summary_bg_n": 10009796.0,
  "summary_bg_p05": 28.735427379608154,
  "summary_bg_p95": 84.64056015014648,
  "summary_bg_stdv": 17.922847747802734,
  "summary_csf_k": -0.37582319841719203,
  "summary_csf_mad": 101.67964935302734,
  "summary_csf_mean": 384.87176513671875,
  "summary_csf_median": 389.145263671875,
  "summary_csf_n": 189499.0,
  "summary_csf_p05": 229.94111328125,
  "summary_csf_p95": 527.3032470703125,
  "summary_csf_stdv": 92.81190490722656,
  "summary_gm_k": 0.1256961000127732,
  "summary_gm_mad": 52.205806732177734,
  "summary_gm_mean": 722.1586303710938,
  "summary_gm_median": 720.9140625,
  "summary_gm_n": 203247.0,
  "summary_gm_p05": 637.3040344238282,
  "summary_gm_p95": 810.7362426757811,
  "summary_gm_stdv": 52.951927185058594,
  "summary_wm_k": 0.17408366344171844,
  "summary_wm_mad": 56.08378982543945,
  "summary_wm_mean": 1001.1522216796875,
  "summary_wm_median": 1000.0211791992188,
  "summary_wm_n": 1188723.0,
  "summary_wm_p05": 910.1403198242188,
  "summary_wm_p95": 1095.7028076171873,
  "summary_wm_stdv": 56.43842315673828,
  "tpm_overlap_csf": 0.18232232332229614,
  "tpm_overlap_gm": 0.46191897988319397,
  "tpm_overlap_wm": 0.5283271074295044,
  "wm2max": 0.4329196853705608
}