{
  "bids_meta": {
    "AcquisitionDuration": 238.444688,
    "Columns": 512,
    "EchoTime": 0.00281,
    "EchoTrainLength": 1,
    "EffectiveEchoSpacing": 0,
    "FieldOfView": [
      240.03,
      240.03,
      180
    ],
    "FlipAngle": 11,
    "GEImageTypeRIMPCode": 0,
    "ImageType": "ORIGINAL/PRIMARY/OTHER",
    "ImagingFrequency": 127.765175,
    "InplanePhaseEncodingDirection": "ROW",
    "InversionTime": 0.45,
    "MRAcquisitionType": "3D",
    "MagneticFieldStrength": 3,
    "Manufacturer": "GE MEDICAL SYSTEMS",
    "ManufacturersModelName": "DISCOVERY MR750",
    "NumberOfAverages": 1,
    "NumberOfEPIShots": 0,
    "NumberOfEchoes": 1,
    "NumberOfSlices": 180,
    "ParallelImagingReductionFactors": [
      0.571429,
      1
    ],
    "PercentPhaseFieldOfView": 100,
    "PhaseEncodingDirection": "i",
    "PixelBandwidth": 122.07,
    "PixelSpacing": [
      0.4688,
      0.4688
    ],
    "ReceiveCoilName": "8HRBRAIN",
    "RepetitionTime": 0.0064,
    "Rows": 512,
    "SATFatWaterBone": 0,
    "ScanOptions": [
      "FAST_GEMS",
      "EDR_GEMS",
      "FILTERED_GEMS",
      "ACC_GEMS"
    ],
    "ScanningSequence": "GR",
    "SequenceVariant": [
      "SS",
      "SK"
    ],
    "SeriesDate": "18730401",
    "SeriesDescription": "Sag3D_T1_1mm3",
    "SeriesNumber": 2,
    "SeriesTime": "183233",
    "SliceThickness": 1,
    "SpacingBetweenSlices": 1,
    "StudyTime": "183031",
    "modality": "T1w",
    "session_id": "2",
    "subject_id": "9019"
  },
  "cjv": 0.32648731887451643,
  "cnr": 4.017463865901843,
  "efc": 0.6235419397207016,
  "fber": 169.44833374023438,
  "fwhm_avg": 6.162228047580899,
  "fwhm_x": 3.79671,
  "fwhm_y": 7.496544235924538,
  "fwhm_z": 7.193429906818158,
  "icvs_csf": 0.19214322467947623,
  "icvs_gm": 0.43203594698311143,
  "icvs_wm": 0.3758208283374123,
  "inu_med": 1.2274580001831055,
  "inu_range": 0.4826942980289459,
  "provenance": {
    "md5sum": "2659a030c081e69e4b54ac50da51b317",
    "mriqc_pred": 0,
    "settings": {
      "testing": false
    },
    "software": "mriqc",
    "version": "0.9.6",
    "warnings": {
      "large_rot_frame": true,
      "small_air_mask": false
    }
  },
  "qi_1": 0.0,
  "qi_2": 0.0003653143498907626,
  "rpve_csf": 26.099500240092222,
  "rpve_gm": 12.678014244808901,
  "rpve_wm": 17.018957590559367,
  "size_x": 180,
  "size_y": 512,
  "size_z": 512,
  "snr_csf": 3.7386959478709993,
  "snr_gm": 12.465998069821396,
  "snr_total": 11.776462508502277,
  "snr_wm": 19.124693507814435,
  "snrd_csf": 12.807218717683215,
  "snrd_gm": 29.082374074235283,
  "snrd_total": 28.069516171937607,
  "snrd_wm": 42.31895572389432,
  "spacing_x": 1.0,
  "spacing_y": 0.46880000829696655,
  "spacing_z": 0.46880000829696655,
  "summary_bg_k": 1.5297342799504499,
  "summary_bg_mad": 15.480961799621582,
  "summary_bg_mean": 51.125335693359375,
  "summary_bg_median": 49.166072845458984,
  "summary_bg_n": 9361103.0,
  "summary_bg_p05": 27.434697151184082,
  "summary_bg_p95": 81.72570037841797,
  "summary_bg_stdv": 16.981487274169922,
  "summary_csf_k": 0.4782965512008346,
  "summary_csf_mad": 74.4092788696289,
  "summary_csf_mean": 310.6999206542969,
  "summary_csf_median": 302.6363220214844,
  "summary_csf_n": 113525.0,
  "summary_csf_p05": 191.0023010253906,
  "summary_csf_p95": 458.8419067382811,
  "summary_csf_stdv": 80.94667053222656,
  "summary_gm_k": 0.46577666203327484,
  "summary_gm_mad": 51.86714172363281,
  "summary_gm_mean": 690.7324829101562,
  "summary_gm_median": 687.220458984375,
  "summary_gm_n": 244514.0,
  "summary_gm_p05": 606.350863647461,
  "summary_gm_p95": 787.8970672607422,
  "summary_gm_stdv": 55.127479553222656,
  "summary_wm_k": 0.280382251564681,
  "summary_wm_mad": 50.252288818359375,
  "summary_wm_mean": 999.0029296875,
  "summary_wm_median": 1000.002685546875,
  "summary_wm_n": 1088849.0,
  "summary_wm_p05": 910.9817626953125,
  "summary_wm_p95": 1083.1957519531252,
  "summary_wm_stdv": 52.288536071777344,
  "tpm_overlap_csf": 0.20921196043491364,
  "tpm_overlap_gm": 0.4932575821876526,
  "tpm_overlap_wm": 0.5322083234786987,
  "wm2max": 0.406794678511589
}