{
  "bids_meta": {
    "AcquisitionDuration": 238.55128,
    "Columns": 512,
    "EchoTime": 0.00281,
    "EchoTrainLength": 1,
    "EffectiveEchoSpacing": 0,
    "FieldOfView": [
      240.03,
      240.03,
      180
    ],
    "FlipAngle": 11,
    "GEImageTypeRIMPCode": 0,
    "ImageType": "ORIGINAL/PRIMARY/OTHER",
    "ImagingFrequency": 127.765,
    "InplanePhaseEncodingDirection": "ROW",
    "InversionTime": 0.45,
    "MRAcquisitionType": "3D",
    "MagneticFieldStrength": 3,
    "Manufacturer": "GE MEDICAL SYSTEMS",
    "ManufacturersModelName": "DISCOVERY MR750",
    "NumberOfAverages": 1,
    "NumberOfEPIShots": 0,
    "NumberOfEchoes": 1,
    "NumberOfSlices": 180,
    "ParallelImagingReductionFactors": [
      0.571429,
      1
    ],
    "PercentPhaseFieldOfView": 100,
    "PhaseEncodingDirection": "i",
    "PixelBandwidth": 122.07,
    "PixelSpacing": [
      0.4688,
      0.4688
    ],
    "ReceiveCoilName": "8HRBRAIN",
    "RepetitionTime": 0.0064,
    "Rows": 512,
    "SATFatWaterBone": 0,
    "ScanOptions": [
      "FAST_GEMS",
      "EDR_GEMS",
      "FILTERED_GEMS",
      "ACC_GEMS"
    ],
    "ScanningSequence": "GR",
    "SequenceVariant": [
      "SS",
      "SK"
    ],
    "SeriesDate": "18740516",
    "SeriesDescription": "Sag3D_T1_1mm3",
    "SeriesNumber": 2,
    "SeriesTime": "181631",
    "SliceThickness": 1,
    "SpacingBetweenSlices": 1,
    "StudyTime": "181435",
    "modality": "T1w",
    "session_id": "1",
    "subject_id": "9048"
  },
  "cjv": 0.43468938071374524,
  "cnr": 3.104343671778127,
  "efc": 0.6546874759570003,
  "fber": 144.8401336669922,
  "fwhm_avg": 6.094283225403326,
  "fwhm_x": 3.84471,
  "fwhm_y": 7.3924060125116355,
  "fwhm_z": 7.045733663698344,
  "icvs_csf": 0.2131323068196685,
  "icvs_gm": 0.3940083314200657,
  "icvs_wm": 0.3928593617602658,
  "inu_med": 1.2384543418884277,
  "inu_range": 0.5390435695648192,
  "provenance": {
    "md5sum": "8fab34035a86e2a8e342e4d4d1052555",
    "mriqc_pred": 0,
    "settings": {
      "testing": false
    },
    "software": "mriqc",
    "version": "0.9.6",
    "warnings": {
      "large_rot_frame": true,
      "small_air_mask": false
    }
  },
  "qi_1": 6.378086710196929e-06,
  "qi_2": 0.00034244593663997443,
  "rpve_csf": 25.10248722514088,
  "rpve_gm": 13.62392651238113,
  "rpve_wm": 16.3986719479649,
  "size_x": 180,
  "size_y": 512,
  "size_z": 512,
  "snr_csf": 3.9827038812043614,
  "snr_gm": 12.984258968143626,
  "snr_total": 11.682244645371396,
  "snr_wm": 18.079771086766197,
  "snrd_csf": 14.378123773179265,
  "snrd_gm": 32.03631013926366,
  "snrd_total": 29.783347170750332,
  "snrd_wm": 42.93560759980807,
  "spacing_x": 1.0,
  "spacing_y": 0.46880000829696655,
  "spacing_z": 0.46880000829696655,
  "summary_bg_k": 137.00872819921335,
  "summary_bg_mad": 15.258744239807129,
  "summary_bg_mean": 52.8857536315918,
  "summary_bg_median": 50.936222076416016,
  "summary_bg_n": 8655748.0,
  "summary_bg_p05": 28.771482467651367,
  "summary_bg_p95": 83.32537574768065,
  "summary_bg_stdv": 18.037555694580078,
  "summary_csf_k": 1.4547152007738031,
  "summary_csf_mad": 74.74210357666016,
  "summary_csf_mean": 347.0442810058594,
  "summary_csf_median": 334.88006591796875,
  "summary_csf_n": 176882.0,
  "summary_csf_p05": 228.9293556213379,
  "summary_csf_p95": 509.32950592041004,
  "summary_csf_stdv": 84.08335876464844,
  "summary_gm_k": 0.20843080643196865,
  "summary_gm_mad": 56.00804901123047,
  "summary_gm_mean": 748.36572265625,
  "summary_gm_median": 746.1558837890625,
  "summary_gm_n": 164718.0,
  "summary_gm_p05": 657.9125671386719,
  "summary_gm_p95": 846.2454376220703,
  "summary_gm_stdv": 57.46601486206055,
  "summary_wm_k": 0.227922334710573,
  "summary_wm_mad": 54.339988708496094,
  "summary_wm_mean": 1000.7754516601562,
  "summary_wm_median": 1000.0108032226562,
  "summary_wm_n": 1157936.0,
  "summary_wm_p05": 911.66943359375,
  "summary_wm_p95": 1092.880615234375,
  "summary_wm_stdv": 55.31100845336914,
  "tpm_overlap_csf": 0.20493116974830627,
  "tpm_overlap_gm": 0.4529784619808197,
  "tpm_overlap_wm": 0.5423786640167236,
  "wm2max": 0.4413734627521207
}