{
  "bids_meta": {
    "AcquisitionDuration": 393.115648,
    "Columns": 512,
    "EchoTime": 0.12868,
    "EchoTrainLength": 140,
    "EffectiveEchoSpacing": 0,
    "FieldOfView": [
      240.03,
      240.03,
      87.6
    ],
    "FlipAngle": 90,
    "GEImageTypeRIMPCode": 0,
    "ImageType": "ORIGINAL/PRIMARY/OTHER",
    "ImagingFrequency": 127.765101,
    "InplanePhaseEncodingDirection": "ROW",
    "InversionTime": 1.858,
    "MRAcquisitionType": "3D",
    "MagneticFieldStrength": 3,
    "Manufacturer": "GE MEDICAL SYSTEMS",
    "ManufacturersModelName": "DISCOVERY MR750",
    "NumberOfAverages": 1,
    "NumberOfEPIShots": 1,
    "NumberOfEchoes": 1,
    "NumberOfSlices": 146,
    "ParallelImagingReductionFactors": [
      0.5,
      0.5
    ],
    "PercentPhaseFieldOfView": 100,
    "PhaseEncodingDirection": "i",
    "PixelBandwidth": 122.07,
    "PixelSpacing": [
      0.4688,
      0.4688
    ],
    "ReceiveCoilName": "8HRBRAIN",
    "RepetitionTime": 6,
    "Rows": 512,
    "SATFatWaterBone": 0,
    "ScanOptions": [
      "EDR_GEMS",
      "FILTERED_GEMS",
      "ACC_GEMS"
    ],
    "ScanningSequence": [
      "SE",
      "IR"
    ],
    "SequenceVariant": "SK",
    "SeriesDate": "18740417",
    "SeriesDescription": "Sag CUBE T2 flair",
    "SeriesNumber": 11,
    "SeriesTime": "210607",
    "SliceThickness": 1.2,
    "SpacingBetweenSlices": 0.600002,
    "StudyTime": "195624",
    "modality": "T2w",
    "session_id": "1",
    "subject_id": "9075"
  },
  "cjv": 0.9047771434490989,
  "cnr": 0.5656979795500549,
  "efc": 0.6538565908322981,
  "fber": 355.72698974609375,
  "fwhm_avg": 4.1424842567288085,
  "fwhm_x": 3.699999852975216,
  "fwhm_y": 4.575575857586605,
  "fwhm_z": 4.151877059624605,
  "icvs_csf": 0.4165701484748624,
  "icvs_gm": 0.45184834479405706,
  "icvs_wm": 0.13158150673108054,
  "inu_med": 1.1214063167572021,
  "inu_range": 0.5201141119003295,
  "provenance": {
    "md5sum": "5a2a4f6674448609a4d2c85b1349b27e",
    "settings": {
      "testing": false
    },
    "software": "mriqc",
    "version": "0.9.6",
    "warnings": {
      "large_rot_frame": true,
      "small_air_mask": false
    }
  },
  "qi_1": 0.0,
  "qi_2": 0.0006604792035567947,
  "rpve_csf": 14.18928581147465,
  "rpve_gm": 12.921931522969812,
  "rpve_wm": 39.41120234968044,
  "size_x": 292,
  "size_y": 512,
  "size_z": 512,
  "snr_csf": 15.130900239756352,
  "snr_gm": 16.185548420104865,
  "snr_total": 10.738014774481519,
  "snr_wm": 0.8975956635833318,
  "snrd_csf": 62.01784349534831,
  "snrd_gm": 50.94838680007272,
  "snrd_total": 48.0540824267853,
  "snrd_wm": 31.19601698493488,
  "spacing_x": 0.6000000238418579,
  "spacing_y": 0.46880000829696655,
  "spacing_z": 0.46880000829696655,
  "summary_bg_k": 1011.758498825583,
  "summary_bg_mad": 20.987918853759766,
  "summary_bg_mean": 66.82828521728516,
  "summary_bg_median": 60.91242599487305,
  "summary_bg_n": 16614539.0,
  "summary_bg_p05": 33.21411361694336,
  "summary_bg_p95": 117.6976089477539,
  "summary_bg_stdv": 37.516807556152344,
  "summary_csf_k": 0.16311425749617348,
  "summary_csf_mad": 129.20167541503906,
  "summary_csf_mean": 1991.6590576171875,
  "summary_csf_median": 1986.80078125,
  "summary_csf_n": 749004.0,
  "summary_csf_p05": 1784.3875122070312,
  "summary_csf_p95": 2215.432995605469,
  "summary_csf_stdv": 131.3074188232422,
  "summary_gm_k": 0.0434792491217042,
  "summary_gm_mad": 100.24586486816406,
  "summary_gm_mean": 1635.5068359375,
  "summary_gm_median": 1632.18017578125,
  "summary_gm_n": 650742.0,
  "summary_gm_p05": 1475.4793029785155,
  "summary_gm_p95": 1807.3995971679688,
  "summary_gm_stdv": 100.84174346923828,
  "summary_wm_k": -0.03721865579027339,
  "summary_wm_mad": 472.2844543457031,
  "summary_wm_mean": 1445.93310546875,
  "summary_wm_median": 999.3941650390625,
  "summary_wm_n": 97885.0,
  "summary_wm_p05": 288.8807495117187,
  "summary_wm_p95": 3721.6002929687506,
  "summary_wm_stdv": 1113.40673828125,
  "tpm_overlap_csf": 0.08673220127820969,
  "tpm_overlap_gm": 0.2982628643512726,
  "tpm_overlap_wm": 0.08196073770523071,
  "wm2max": 0.24281973938435283
}