{
  "aor": 0.002565027322404372,
  "aqi": 0.012295463278688521,
  "bids_meta": {
    "AcquisitionDuration": 723.000256,
    "Columns": 128,
    "EchoTime": 0.034,
    "EchoTrainLength": 1,
    "EffectiveEchoSpacing": 0.00056,
    "FieldOfView": [
      220.01,
      220.01,
      110.4
    ],
    "FlipAngle": 80,
    "GEImageTypeRIMPCode": 0,
    "ImageType": "ORIGINAL/PRIMARY/EPI/NONE",
    "ImagingFrequency": 127.765141,
    "InplanePhaseEncodingDirection": "COL",
    "InversionTime": 0,
    "MRAcquisitionType": "2D",
    "MagneticFieldStrength": 3,
    "Manufacturer": "GE MEDICAL SYSTEMS",
    "ManufacturersModelName": "DISCOVERY MR750",
    "NumberOfAverages": 1,
    "NumberOfEPIShots": 1,
    "NumberOfEchoes": 1,
    "NumberOfSlices": 46,
    "ParallelImagingReductionFactors": [
      0.5,
      1
    ],
    "PercentPhaseFieldOfView": 100,
    "PhaseEncodingDirection": "j",
    "PixelBandwidth": 3906.25,
    "PixelSpacing": [
      1.7188,
      1.7188
    ],
    "ReceiveCoilName": "8HRBRAIN",
    "RepetitionTime": 3,
    "Rows": 128,
    "SATFatWaterBone": 1,
    "ScanOptions": [
      "SAT_GEMS",
      "EPI_GEMS",
      "ACC_GEMS",
      "FS"
    ],
    "ScanningSequence": [
      "EP",
      "GR"
    ],
    "SequenceVariant": "SS",
    "SeriesDate": "18740112",
    "SeriesDescription": "fMRI-hands",
    "SeriesNumber": 7,
    "SeriesTime": "205750",
    "SliceThickness": 2.3,
    "SliceTiming": [
      0,
      1.5,
      0.06522,
      1.56522,
      0.13043,
      1.63043,
      0.19565,
      1.69565,
      0.26087,
      1.76087,
      0.32609,
      1.82609,
      0.3913,
      1.8913,
      0.45652,
      1.95652,
      0.52174,
      2.02174,
      0.58696,
      2.08696,
      0.65217,
      2.15217,
      0.71739,
      2.21739,
      0.78261,
      2.28261,
      0.84783,
      2.34783,
      0.91304,
      2.41304,
      0.97826,
      2.47826,
      1.04348,
      2.54348,
      1.1087,
      2.6087,
      1.17391,
      2.67391,
      1.23913,
      2.73913,
      1.30435,
      2.80435,
      1.36957,
      2.86957,
      1.43478,
      2.93478
    ],
    "SliceTimingComputationMethod": "SliceNumber*RepetitionTime/NumberOfSlices (interleaved ascending, odd first)",
    "SpacingBetweenSlices": 2.4,
    "StudyTime": "202717",
    "TaskDescription": "In an event-related design, participants were shown pictures of hands being stung by needles or poked with Q-tips. The stimulus set was kindly shared by Claus Lamm, and has been shown to be effective in previous work by him. After each picture, participants were asked to rate their perceived unpleasantness on a visual analog scale of 0-100.",
    "TaskInstructions": "",
    "TaskName": "Hands",
    "dummyScans": 5,
    "modality": "bold",
    "session_id": "1",
    "subject_id": "9098",
    "task_id": "hands"
  },
  "dummy_trs": 0,
  "dvars_nstd": 35.081201469230756,
  "dvars_std": 1.0060495915384624,
  "dvars_vstd": 1.0411540414835165,
  "efc": 0.4596044952292133,
  "fber": 36598.6796875,
  "fd_mean": 0.17680623652787575,
  "fd_num": 41,
  "fd_perc": 22.404371584699454,
  "fwhm_avg": 3.0020395183923,
  "fwhm_x": 3.202013127931033,
  "fwhm_y": 3.412590281063582,
  "fwhm_z": 2.391515146182285,
  "gcor": 0.0053669,
  "gsr_x": -0.005912632215768099,
  "gsr_y": 0.023739874362945557,
  "provenance": {
    "md5sum": "ef4177a786274202dd7c21cfef1245e5",
    "settings": {
      "fd_thres": 0.2,
      "hmc_fsl": false
    },
    "software": "mriqc",
    "version": "0.9.6"
  },
  "size_t": 183,
  "size_x": 128,
  "size_y": 128,
  "size_z": 46,
  "snr": 3.146028504421559,
  "spacing_tr": 3.0,
  "spacing_x": 1.7187999486923218,
  "spacing_y": 1.7187999486923218,
  "spacing_z": 2.4000015258789062,
  "summary_bg_k": 193.5926744034782,
  "summary_bg_mad": 28.696048736572266,
  "summary_bg_mean": 99.73124694824219,
  "summary_bg_median": 19.387977600097656,
  "summary_bg_n": 494754.0,
  "summary_bg_p05": 0.027322404086589813,
  "summary_bg_p95": 367.2477920532225,
  "summary_bg_stdv": 297.4333190917969,
  "summary_fg_k": 1.6298276790348885,
  "summary_fg_mad": 823.7191162109375,
  "summary_fg_mean": 3707.19091796875,
  "summary_fg_median": 3552.294921875,
  "summary_fg_n": 162823.0,
  "summary_fg_p05": 2043.2797729492188,
  "summary_fg_p95": 5881.44560546875,
  "summary_fg_stdv": 1129.1328125,
  "tsnr": 32.931549072265625
}