{
  "aor": 0.0015371910112359551,
  "aqi": 0.008677321011235955,
  "bids_meta": {
    "AcquisitionDuration": 723.000256,
    "Columns": 128,
    "EchoTime": 0.034,
    "EchoTrainLength": 1,
    "EffectiveEchoSpacing": 0.00056,
    "FieldOfView": [
      220.01,
      220.01,
      110.4
    ],
    "FlipAngle": 80,
    "GEImageTypeRIMPCode": 0,
    "ImageType": "ORIGINAL/PRIMARY/EPI/NONE",
    "ImagingFrequency": 127.76515,
    "InplanePhaseEncodingDirection": "COL",
    "InversionTime": 0,
    "MRAcquisitionType": "2D",
    "MagneticFieldStrength": 3,
    "Manufacturer": "GE MEDICAL SYSTEMS",
    "ManufacturersModelName": "DISCOVERY MR750",
    "NumberOfAverages": 1,
    "NumberOfEPIShots": 1,
    "NumberOfEchoes": 1,
    "NumberOfSlices": 46,
    "ParallelImagingReductionFactors": [
      0.5,
      1
    ],
    "PercentPhaseFieldOfView": 100,
    "PhaseEncodingDirection": "j",
    "PixelBandwidth": 3906.25,
    "PixelSpacing": [
      1.7188,
      1.7188
    ],
    "ReceiveCoilName": "8HRBRAIN",
    "RepetitionTime": 3,
    "Rows": 128,
    "SATFatWaterBone": 1,
    "ScanOptions": [
      "SAT_GEMS",
      "EPI_GEMS",
      "ACC_GEMS",
      "FS"
    ],
    "ScanningSequence": [
      "EP",
      "GR"
    ],
    "SequenceVariant": "SS",
    "SeriesDate": "18740511",
    "SeriesDescription": "fMRI-hands",
    "SeriesNumber": 7,
    "SeriesTime": "203050",
    "SliceThickness": 2.3,
    "SliceTiming": [
      0,
      1.5,
      0.06522,
      1.56522,
      0.13043,
      1.63043,
      0.19565,
      1.69565,
      0.26087,
      1.76087,
      0.32609,
      1.82609,
      0.3913,
      1.8913,
      0.45652,
      1.95652,
      0.52174,
      2.02174,
      0.58696,
      2.08696,
      0.65217,
      2.15217,
      0.71739,
      2.21739,
      0.78261,
      2.28261,
      0.84783,
      2.34783,
      0.91304,
      2.41304,
      0.97826,
      2.47826,
      1.04348,
      2.54348,
      1.1087,
      2.6087,
      1.17391,
      2.67391,
      1.23913,
      2.73913,
      1.30435,
      2.80435,
      1.36957,
      2.86957,
      1.43478,
      2.93478
    ],
    "SliceTimingComputationMethod": "SliceNumber*RepetitionTime/NumberOfSlices (interleaved ascending, odd first)",
    "SpacingBetweenSlices": 2.4,
    "StudyTime": "195951",
    "TaskDescription": "In an event-related design, participants were shown pictures of hands being stung by needles or poked with Q-tips. The stimulus set was kindly shared by Claus Lamm, and has been shown to be effective in previous work by him. After each picture, participants were asked to rate their perceived unpleasantness on a visual analog scale of 0-100.",
    "TaskInstructions": "",
    "TaskName": "Hands",
    "dummyScans": 5,
    "modality": "bold",
    "session_id": "2",
    "subject_id": "9065",
    "task_id": "hands"
  },
  "dummy_trs": 0,
  "dvars_nstd": 42.5276394857627,
  "dvars_std": 1.1181397598305083,
  "dvars_vstd": 1.0556085982485872,
  "efc": 0.5119744274982616,
  "fber": 6346.3408203125,
  "fd_mean": 0.16319205759863278,
  "fd_num": 38,
  "fd_perc": 21.348314606741575,
  "fwhm_avg": 2.7932873008608703,
  "fwhm_x": 2.944048261026461,
  "fwhm_y": 3.183552573505173,
  "fwhm_z": 2.252261068050977,
  "gcor": 0.0186465,
  "gsr_x": -0.0074211787432432175,
  "gsr_y": 0.029504647478461266,
  "provenance": {
    "md5sum": "ad1e869b280dc41edc1f46dd36601503",
    "settings": {
      "fd_thres": 0.2,
      "hmc_fsl": false
    },
    "software": "mriqc",
    "version": "0.9.6"
  },
  "size_t": 178,
  "size_x": 128,
  "size_y": 128,
  "size_z": 46,
  "snr": 3.2202049033652864,
  "spacing_tr": 3.0,
  "spacing_x": 1.7187999486923218,
  "spacing_y": 1.7187999486923218,
  "spacing_z": 2.4000015258789062,
  "summary_bg_k": 93.82633545903789,
  "summary_bg_mad": 65.88418579101562,
  "summary_bg_mean": 124.75521850585938,
  "summary_bg_median": 44.7696647644043,
  "summary_bg_n": 456767.0,
  "summary_bg_p05": 0.01123595517128706,
  "summary_bg_p95": 484.5382141113271,
  "summary_bg_stdv": 289.85992431640625,
  "summary_fg_k": 1.970644063920986,
  "summary_fg_mad": 812.8782958984375,
  "summary_fg_mean": 3720.821044921875,
  "summary_fg_median": 3587.8876953125,
  "summary_fg_n": 198066.0,
  "summary_fg_p05": 2126.697998046875,
  "summary_fg_p95": 5873.0491943359375,
  "summary_fg_stdv": 1114.1771240234375,
  "tsnr": 38.16734313964844
}