{
  "aor": 0.004059101123595505,
  "aqi": 0.014231097134831458,
  "bids_meta": {
    "AcquisitionDuration": 723.000256,
    "Columns": 128,
    "EchoTime": 0.034,
    "EchoTrainLength": 1,
    "EffectiveEchoSpacing": 0.000532,
    "FieldOfView": [
      240,
      240,
      108
    ],
    "FlipAngle": 80,
    "GEImageTypeRIMPCode": 0,
    "ImageType": "ORIGINAL/PRIMARY/EPI/NONE",
    "ImagingFrequency": 127.765206,
    "InplanePhaseEncodingDirection": "COL",
    "InversionTime": 0,
    "MRAcquisitionType": "2D",
    "MagneticFieldStrength": 3,
    "Manufacturer": "GE MEDICAL SYSTEMS",
    "ManufacturersModelName": "DISCOVERY MR750",
    "NumberOfAverages": 1,
    "NumberOfEPIShots": 1,
    "NumberOfEchoes": 1,
    "NumberOfSlices": 45,
    "ParallelImagingReductionFactors": [
      0.5,
      1
    ],
    "PercentPhaseFieldOfView": 100,
    "PhaseEncodingDirection": "j",
    "PixelBandwidth": 3906.25,
    "PixelSpacing": [
      1.875,
      1.875
    ],
    "ReceiveCoilName": "8HRBRAIN",
    "RepetitionTime": 3,
    "Rows": 128,
    "SATFatWaterBone": 1,
    "ScanOptions": [
      "SAT_GEMS",
      "EPI_GEMS",
      "ACC_GEMS",
      "FS"
    ],
    "ScanningSequence": [
      "EP",
      "GR"
    ],
    "SequenceVariant": "SS",
    "SeriesDate": "18730617",
    "SeriesDescription": "fMRI-hands",
    "SeriesNumber": 8,
    "SeriesTime": "180331",
    "SliceThickness": 2.3,
    "SliceTiming": [
      0,
      1.53333,
      0.06667,
      1.6,
      0.13333,
      1.66667,
      0.2,
      1.73333,
      0.26667,
      1.8,
      0.33333,
      1.86667,
      0.4,
      1.93333,
      0.46667,
      2,
      0.53333,
      2.06667,
      0.6,
      2.13333,
      0.66667,
      2.2,
      0.73333,
      2.26667,
      0.8,
      2.33333,
      0.86667,
      2.4,
      0.93333,
      2.46667,
      1,
      2.53333,
      1.06667,
      2.6,
      1.13333,
      2.66667,
      1.2,
      2.73333,
      1.26667,
      2.8,
      1.33333,
      2.86667,
      1.4,
      2.93333,
      1.46667
    ],
    "SliceTimingComputationMethod": "SliceNumber*RepetitionTime/NumberOfSlices (interleaved ascending, odd first)",
    "SpacingBetweenSlices": 2.4,
    "StudyTime": "173044",
    "TaskDescription": "In an event-related design, participants were shown pictures of hands being stung by needles or poked with Q-tips. The stimulus set was kindly shared by Claus Lamm, and has been shown to be effective in previous work by him. After each picture, participants were asked to rate their perceived unpleasantness on a visual analog scale of 0-100.",
    "TaskInstructions": "",
    "TaskName": "Hands",
    "dummyScans": 5,
    "modality": "bold",
    "session_id": "2",
    "subject_id": "9076",
    "task_id": "hands"
  },
  "dummy_trs": 0,
  "dvars_nstd": 36.21569103271187,
  "dvars_std": 1.042049241299435,
  "dvars_vstd": 1.0753038157062154,
  "efc": 0.4565785860981191,
  "fber": 75965.890625,
  "fd_mean": 0.23123783277120635,
  "fd_num": 55,
  "fd_perc": 30.89887640449438,
  "fwhm_avg": 3.057699100546509,
  "fwhm_x": 3.0598666666666667,
  "fwhm_y": 3.525024,
  "fwhm_z": 2.58820663497286,
  "gcor": 0.0513596,
  "gsr_x": -0.005020120181143284,
  "gsr_y": 0.011814568191766739,
  "provenance": {
    "md5sum": "81a13dc0aadde427077cff7ae73a6b64",
    "settings": {
      "fd_thres": 0.2,
      "hmc_fsl": false
    },
    "software": "mriqc",
    "version": "0.9.6"
  },
  "size_t": 178,
  "size_x": 128,
  "size_y": 128,
  "size_z": 45,
  "snr": 3.9097003975867586,
  "spacing_tr": 3.0,
  "spacing_x": 1.875,
  "spacing_y": 1.875,
  "spacing_z": 2.3999977111816406,
  "summary_bg_k": 65.7797366563499,
  "summary_bg_mad": 20.373287200927734,
  "summary_bg_mean": 90.40876007080078,
  "summary_bg_median": 13.752809524536133,
  "summary_bg_n": 494877.0,
  "summary_bg_p05": 0.016853932291269302,
  "summary_bg_p95": 423.3370727539049,
  "summary_bg_stdv": 238.43336486816406,
  "summary_fg_k": 1.0755201311809124,
  "summary_fg_mad": 822.2235107421875,
  "summary_fg_mean": 3540.155517578125,
  "summary_fg_median": 3528.9970703125,
  "summary_fg_n": 151802.0,
  "summary_fg_p05": 2082.185583496094,
  "summary_fg_p95": 5022.767578125,
  "summary_fg_stdv": 902.6229858398438,
  "tsnr": 33.5568733215332
}