{
  "aor": 0.004030088888888889,
  "aqi": 0.013401953155555554,
  "bids_meta": {
    "AcquisitionDuration": 723.000256,
    "Columns": 128,
    "EchoTime": 0.034,
    "EchoTrainLength": 1,
    "EffectiveEchoSpacing": 0.000532,
    "FieldOfView": [
      240,
      240,
      108
    ],
    "FlipAngle": 80,
    "GEImageTypeRIMPCode": 0,
    "ImageType": "ORIGINAL/PRIMARY/EPI/NONE",
    "ImagingFrequency": 127.765232,
    "InplanePhaseEncodingDirection": "COL",
    "InversionTime": 0,
    "MRAcquisitionType": "2D",
    "MagneticFieldStrength": 3,
    "Manufacturer": "GE MEDICAL SYSTEMS",
    "ManufacturersModelName": "DISCOVERY MR750",
    "NumberOfAverages": 1,
    "NumberOfEPIShots": 1,
    "NumberOfEchoes": 1,
    "NumberOfSlices": 45,
    "ParallelImagingReductionFactors": [
      0.5,
      1
    ],
    "PercentPhaseFieldOfView": 100,
    "PhaseEncodingDirection": "j",
    "PixelBandwidth": 3906.25,
    "PixelSpacing": [
      1.875,
      1.875
    ],
    "ReceiveCoilName": "8HRBRAIN",
    "RepetitionTime": 3,
    "Rows": 128,
    "SATFatWaterBone": 1,
    "ScanOptions": [
      "SAT_GEMS",
      "EPI_GEMS",
      "ACC_GEMS",
      "FS"
    ],
    "ScanningSequence": [
      "EP",
      "GR"
    ],
    "SequenceVariant": "SS",
    "SeriesDate": "18730226",
    "SeriesDescription": "fMRI-hands",
    "SeriesNumber": 13,
    "SeriesTime": "210525",
    "SliceThickness": 2.3,
    "SliceTiming": [
      0,
      1.53333,
      0.06667,
      1.6,
      0.13333,
      1.66667,
      0.2,
      1.73333,
      0.26667,
      1.8,
      0.33333,
      1.86667,
      0.4,
      1.93333,
      0.46667,
      2,
      0.53333,
      2.06667,
      0.6,
      2.13333,
      0.66667,
      2.2,
      0.73333,
      2.26667,
      0.8,
      2.33333,
      0.86667,
      2.4,
      0.93333,
      2.46667,
      1,
      2.53333,
      1.06667,
      2.6,
      1.13333,
      2.66667,
      1.2,
      2.73333,
      1.26667,
      2.8,
      1.33333,
      2.86667,
      1.4,
      2.93333,
      1.46667
    ],
    "SliceTimingComputationMethod": "SliceNumber*RepetitionTime/NumberOfSlices (interleaved ascending, odd first)",
    "SpacingBetweenSlices": 2.4,
    "StudyTime": "200348",
    "TaskDescription": "In an event-related design, participants were shown pictures of hands being stung by needles or poked with Q-tips. The stimulus set was kindly shared by Claus Lamm, and has been shown to be effective in previous work by him. After each picture, participants were asked to rate their perceived unpleasantness on a visual analog scale of 0-100.",
    "TaskInstructions": "",
    "TaskName": "Hands",
    "dummyScans": 5,
    "modality": "bold",
    "session_id": "1",
    "subject_id": "9044",
    "task_id": "hands"
  },
  "dummy_trs": 0,
  "dvars_nstd": 37.45944107406251,
  "dvars_std": 1.1140783990625,
  "dvars_vstd": 0.9930509809821423,
  "efc": 0.47230058256603213,
  "fber": 30065.015625,
  "fd_mean": 0.12723912976628227,
  "fd_num": 29,
  "fd_perc": 12.88888888888889,
  "fwhm_avg": 3.0023452430971465,
  "fwhm_x": 3.048325333333333,
  "fwhm_y": 3.3126453333333337,
  "fwhm_z": 2.6460650626247726,
  "gcor": 0.0208313,
  "gsr_x": -0.0038478032220155,
  "gsr_y": 0.01301000639796257,
  "provenance": {
    "md5sum": "4db6ee57d5fca42061ba6fc5371b5f73",
    "settings": {
      "fd_thres": 0.2,
      "hmc_fsl": false
    },
    "software": "mriqc",
    "version": "0.9.6"
  },
  "size_t": 225,
  "size_x": 128,
  "size_y": 128,
  "size_z": 45,
  "snr": 3.631380491661224,
  "spacing_tr": 3.0,
  "spacing_x": 1.875,
  "spacing_y": 1.875,
  "spacing_z": 2.399993896484375,
  "summary_bg_k": 42.49935847674939,
  "summary_bg_mad": 35.4374885559082,
  "summary_bg_mean": 116.18567657470703,
  "summary_bg_median": 23.995555877685547,
  "summary_bg_n": 482267.0,
  "summary_bg_p05": 0.04444444552063942,
  "summary_bg_p95": 515.8551147460932,
  "summary_bg_stdv": 293.0881652832031,
  "summary_fg_k": 1.8489463618316337,
  "summary_fg_mad": 978.3233032226562,
  "summary_fg_mean": 4064.879638671875,
  "summary_fg_median": 3993.54443359375,
  "summary_fg_n": 163682.0,
  "summary_fg_p05": 2504.677587890625,
  "summary_fg_p95": 5975.379443359374,
  "summary_fg_stdv": 1099.7283935546875,
  "tsnr": 33.81485366821289
}