{
  "bids_meta": {
    "AcquisitionDuration": 238.55128,
    "Columns": 512,
    "EchoTime": 0.00281,
    "EchoTrainLength": 1,
    "EffectiveEchoSpacing": 0,
    "FieldOfView": [
      240.03,
      240.03,
      180
    ],
    "FlipAngle": 11,
    "GEImageTypeRIMPCode": 0,
    "ImageType": "ORIGINAL/PRIMARY/OTHER",
    "ImagingFrequency": 127.765074,
    "InplanePhaseEncodingDirection": "ROW",
    "InversionTime": 0.45,
    "MRAcquisitionType": "3D",
    "MagneticFieldStrength": 3,
    "Manufacturer": "GE MEDICAL SYSTEMS",
    "ManufacturersModelName": "DISCOVERY MR750",
    "NumberOfAverages": 1,
    "NumberOfEPIShots": 0,
    "NumberOfEchoes": 1,
    "NumberOfSlices": 180,
    "ParallelImagingReductionFactors": [
      0.571429,
      1
    ],
    "PercentPhaseFieldOfView": 100,
    "PhaseEncodingDirection": "i",
    "PixelBandwidth": 122.07,
    "PixelSpacing": [
      0.4688,
      0.4688
    ],
    "ReceiveCoilName": "8HRBRAIN",
    "RepetitionTime": 0.0064,
    "Rows": 512,
    "SATFatWaterBone": 0,
    "ScanOptions": [
      "FAST_GEMS",
      "EDR_GEMS",
      "FILTERED_GEMS",
      "ACC_GEMS"
    ],
    "ScanningSequence": "GR",
    "SequenceVariant": [
      "SS",
      "SK"
    ],
    "SeriesDate": "18740111",
    "SeriesDescription": "Sag3D_T1_1mm3",
    "SeriesNumber": 2,
    "SeriesTime": "181631",
    "SliceThickness": 1,
    "SpacingBetweenSlices": 1,
    "StudyTime": "181435",
    "modality": "T1w",
    "session_id": "2",
    "subject_id": "9055"
  },
  "cjv": 0.3563848299080201,
  "cnr": 3.617883288776436,
  "efc": 0.6636533993857544,
  "fber": 165.64979553222656,
  "fwhm_avg": 6.228426067398426,
  "fwhm_x": 3.88338,
  "fwhm_y": 7.70610054620892,
  "fwhm_z": 7.095797655986357,
  "icvs_csf": 0.21651098707681293,
  "icvs_gm": 0.44446316582881096,
  "icvs_wm": 0.3390258470943761,
  "inu_med": 1.177648663520813,
  "inu_range": 0.5793129354715348,
  "provenance": {
    "md5sum": "7bbaf79065a9ecf1990be4760075760f",
    "mriqc_pred": 0,
    "settings": {
      "testing": false
    },
    "software": "mriqc",
    "version": "0.9.6",
    "warnings": {
      "large_rot_frame": true,
      "small_air_mask": false
    }
  },
  "qi_1": 0.0,
  "qi_2": 0.0011598224774458249,
  "rpve_csf": 26.178409950514673,
  "rpve_gm": 13.538734402239472,
  "rpve_wm": 19.948772013489116,
  "size_x": 180,
  "size_y": 512,
  "size_z": 512,
  "snr_csf": 3.8349504673129977,
  "snr_gm": 12.283639240690182,
  "snr_total": 10.680948114207043,
  "snr_wm": 15.92425463461795,
  "snrd_csf": 13.822878628169143,
  "snrd_gm": 30.988555087761885,
  "snrd_total": 29.9135960083312,
  "snrd_wm": 44.92935430906258,
  "spacing_x": 1.0,
  "spacing_y": 0.46880000829696655,
  "spacing_z": 0.46880000829696655,
  "summary_bg_k": 1.6400048322457819,
  "summary_bg_mad": 14.581618309020996,
  "summary_bg_mean": 48.35285186767578,
  "summary_bg_median": 46.24998474121094,
  "summary_bg_n": 8139105.0,
  "summary_bg_p05": 26.36677360534668,
  "summary_bg_p95": 77.60577850341795,
  "summary_bg_stdv": 16.09902000427246,
  "summary_csf_k": 0.6978837948284813,
  "summary_csf_mad": 68.06224822998047,
  "summary_csf_mean": 321.6134948730469,
  "summary_csf_median": 307.6610412597656,
  "summary_csf_n": 137125.0,
  "summary_csf_p05": 213.77108459472657,
  "summary_csf_p95": 480.75123901367186,
  "summary_csf_stdv": 80.22526550292969,
  "summary_gm_k": 0.5476892538923424,
  "summary_gm_mad": 52.260643005371094,
  "summary_gm_mean": 694.0889282226562,
  "summary_gm_median": 689.7239990234375,
  "summary_gm_n": 206909.0,
  "summary_gm_p05": 609.7828369140625,
  "summary_gm_p95": 794.8677001953124,
  "summary_gm_stdv": 56.14967346191406,
  "summary_wm_k": 0.514250707786216,
  "summary_wm_mad": 58.32045364379883,
  "summary_wm_mean": 996.6295166015625,
  "summary_wm_median": 1000.0096435546875,
  "summary_wm_n": 827795.0,
  "summary_wm_p05": 885.2438293457031,
  "summary_wm_p95": 1093.2207397460936,
  "summary_wm_stdv": 62.797855377197266,
  "tpm_overlap_csf": 0.2016889899969101,
  "tpm_overlap_gm": 0.49104419350624084,
  "tpm_overlap_wm": 0.5073831677436829,
  "wm2max": 0.5475487967406519
}