{
  "aor": 0.0012228021978021978,
  "aqi": 0.009015963241758242,
  "bids_meta": {
    "AcquisitionDuration": 723.000256,
    "Columns": 128,
    "EchoTime": 0.034,
    "EchoTrainLength": 1,
    "EffectiveEchoSpacing": 0.00056,
    "FieldOfView": [
      220.01,
      220.01,
      110.4
    ],
    "FlipAngle": 80,
    "GEImageTypeRIMPCode": 0,
    "ImageType": "ORIGINAL/PRIMARY/EPI/NONE",
    "ImagingFrequency": 127.765168,
    "InplanePhaseEncodingDirection": "COL",
    "InversionTime": 0,
    "MRAcquisitionType": "2D",
    "MagneticFieldStrength": 3,
    "Manufacturer": "GE MEDICAL SYSTEMS",
    "ManufacturersModelName": "DISCOVERY MR750",
    "NumberOfAverages": 1,
    "NumberOfEPIShots": 1,
    "NumberOfEchoes": 1,
    "NumberOfSlices": 46,
    "ParallelImagingReductionFactors": [
      0.5,
      1
    ],
    "PercentPhaseFieldOfView": 100,
    "PhaseEncodingDirection": "j",
    "PixelBandwidth": 3906.25,
    "PixelSpacing": [
      1.7188,
      1.7188
    ],
    "ReceiveCoilName": "8HRBRAIN",
    "RepetitionTime": 3,
    "Rows": 128,
    "SATFatWaterBone": 1,
    "ScanOptions": [
      "SAT_GEMS",
      "EPI_GEMS",
      "ACC_GEMS",
      "FS"
    ],
    "ScanningSequence": [
      "EP",
      "GR"
    ],
    "SequenceVariant": "SS",
    "SeriesDate": "18740116",
    "SeriesDescription": "fMRI-hands",
    "SeriesNumber": 7,
    "SeriesTime": "201058",
    "SliceThickness": 2.3,
    "SliceTiming": [
      0,
      1.5,
      0.06522,
      1.56522,
      0.13043,
      1.63043,
      0.19565,
      1.69565,
      0.26087,
      1.76087,
      0.32609,
      1.82609,
      0.3913,
      1.8913,
      0.45652,
      1.95652,
      0.52174,
      2.02174,
      0.58696,
      2.08696,
      0.65217,
      2.15217,
      0.71739,
      2.21739,
      0.78261,
      2.28261,
      0.84783,
      2.34783,
      0.91304,
      2.41304,
      0.97826,
      2.47826,
      1.04348,
      2.54348,
      1.1087,
      2.6087,
      1.17391,
      2.67391,
      1.23913,
      2.73913,
      1.30435,
      2.80435,
      1.36957,
      2.86957,
      1.43478,
      2.93478
    ],
    "SliceTimingComputationMethod": "SliceNumber*RepetitionTime/NumberOfSlices (interleaved ascending, odd first)",
    "SpacingBetweenSlices": 2.4,
    "StudyTime": "194110",
    "TaskDescription": "In an event-related design, participants were shown pictures of hands being stung by needles or poked with Q-tips. The stimulus set was kindly shared by Claus Lamm, and has been shown to be effective in previous work by him. After each picture, participants were asked to rate their perceived unpleasantness on a visual analog scale of 0-100.",
    "TaskInstructions": "",
    "TaskName": "Hands",
    "dummyScans": 5,
    "modality": "bold",
    "session_id": "1",
    "subject_id": "9063",
    "task_id": "hands"
  },
  "dummy_trs": 0,
  "dvars_nstd": 36.6615594683978,
  "dvars_std": 1.0638884795027619,
  "dvars_vstd": 1.0404290889502763,
  "efc": 0.5003599210309542,
  "fber": 15643.646484375,
  "fd_mean": 0.10297862420435688,
  "fd_num": 18,
  "fd_perc": 9.89010989010989,
  "fwhm_avg": 3.0460348874612415,
  "fwhm_x": 3.163096440709294,
  "fwhm_y": 3.5521062265826875,
  "fwhm_z": 2.4229019950917436,
  "gcor": 0.00654699,
  "gsr_x": -0.016161877661943436,
  "gsr_y": 0.0355798676609993,
  "provenance": {
    "md5sum": "88ddbc1c4134ffb3f07c46403dbfdc58",
    "settings": {
      "fd_thres": 0.2,
      "hmc_fsl": false
    },
    "software": "mriqc",
    "version": "0.9.6"
  },
  "size_t": 182,
  "size_x": 128,
  "size_y": 128,
  "size_z": 46,
  "snr": 3.5946446815509896,
  "spacing_tr": 3.0,
  "spacing_x": 1.7187999486923218,
  "spacing_y": 1.7187999486923218,
  "spacing_z": 2.399993896484375,
  "summary_bg_k": 98.79178513967497,
  "summary_bg_mad": 40.233917236328125,
  "summary_bg_mean": 120.62943267822266,
  "summary_bg_median": 27.230770111083984,
  "summary_bg_n": 470854.0,
  "summary_bg_p05": 0.021978022530674934,
  "summary_bg_p95": 589.6192626953123,
  "summary_bg_stdv": 318.8832092285156,
  "summary_fg_k": 0.9374031709768946,
  "summary_fg_mad": 931.8480834960938,
  "summary_fg_mean": 3466.798828125,
  "summary_fg_median": 3439.247314453125,
  "summary_fg_n": 183641.0,
  "summary_fg_p05": 1975.0054931640625,
  "summary_fg_p95": 5020.65380859375,
  "summary_fg_stdv": 956.7671508789062,
  "tsnr": 36.132572174072266
}