{
  "aor": 0.0009531472081218275,
  "aqi": 0.00904258035532995,
  "bids_meta": {
    "AcquisitionDuration": 723.000256,
    "Columns": 128,
    "EchoTime": 0.034,
    "EchoTrainLength": 1,
    "EffectiveEchoSpacing": 0.00056,
    "FieldOfView": [
      220.01,
      220.01,
      110.4
    ],
    "FlipAngle": 80,
    "GEImageTypeRIMPCode": 0,
    "ImageType": "ORIGINAL/PRIMARY/EPI/NONE",
    "ImagingFrequency": 127.765201,
    "InplanePhaseEncodingDirection": "COL",
    "InversionTime": 0,
    "MRAcquisitionType": "2D",
    "MagneticFieldStrength": 3,
    "Manufacturer": "GE MEDICAL SYSTEMS",
    "ManufacturersModelName": "DISCOVERY MR750",
    "NumberOfAverages": 1,
    "NumberOfEPIShots": 1,
    "NumberOfEchoes": 1,
    "NumberOfSlices": 46,
    "ParallelImagingReductionFactors": [
      0.5,
      1
    ],
    "PercentPhaseFieldOfView": 100,
    "PhaseEncodingDirection": "j",
    "PixelBandwidth": 3906.25,
    "PixelSpacing": [
      1.7188,
      1.7188
    ],
    "ReceiveCoilName": "8HRBRAIN",
    "RepetitionTime": 3,
    "Rows": 128,
    "SATFatWaterBone": 1,
    "ScanOptions": [
      "SAT_GEMS",
      "EPI_GEMS",
      "ACC_GEMS",
      "FS"
    ],
    "ScanningSequence": [
      "EP",
      "GR"
    ],
    "SequenceVariant": "SS",
    "SeriesDate": "18740103",
    "SeriesDescription": "fMRI-hands",
    "SeriesNumber": 7,
    "SeriesTime": "203159",
    "SliceThickness": 2.3,
    "SliceTiming": [
      0,
      1.5,
      0.06522,
      1.56522,
      0.13043,
      1.63043,
      0.19565,
      1.69565,
      0.26087,
      1.76087,
      0.32609,
      1.82609,
      0.3913,
      1.8913,
      0.45652,
      1.95652,
      0.52174,
      2.02174,
      0.58696,
      2.08696,
      0.65217,
      2.15217,
      0.71739,
      2.21739,
      0.78261,
      2.28261,
      0.84783,
      2.34783,
      0.91304,
      2.41304,
      0.97826,
      2.47826,
      1.04348,
      2.54348,
      1.1087,
      2.6087,
      1.17391,
      2.67391,
      1.23913,
      2.73913,
      1.30435,
      2.80435,
      1.36957,
      2.86957,
      1.43478,
      2.93478
    ],
    "SliceTimingComputationMethod": "SliceNumber*RepetitionTime/NumberOfSlices (interleaved ascending, odd first)",
    "SpacingBetweenSlices": 2.4,
    "StudyTime": "200253",
    "TaskDescription": "In an event-related design, participants were shown pictures of hands being stung by needles or poked with Q-tips. The stimulus set was kindly shared by Claus Lamm, and has been shown to be effective in previous work by him. After each picture, participants were asked to rate their perceived unpleasantness on a visual analog scale of 0-100.",
    "TaskInstructions": "",
    "TaskName": "Hands",
    "dummyScans": 5,
    "modality": "bold",
    "session_id": "2",
    "subject_id": "9084",
    "task_id": "hands"
  },
  "dummy_trs": 0,
  "dvars_nstd": 30.348399600153073,
  "dvars_std": 1.0606617361734691,
  "dvars_vstd": 0.9985830509183672,
  "efc": 0.45851453125674907,
  "fber": 78681.5546875,
  "fd_mean": 0.06443052152901187,
  "fd_num": 5,
  "fd_perc": 2.5380710659898478,
  "fwhm_avg": 2.9480305086744045,
  "fwhm_x": 3.083971467437407,
  "fwhm_y": 3.4798465083446852,
  "fwhm_z": 2.2802735502411204,
  "gcor": 0.0092431,
  "gsr_x": -0.00959858763962984,
  "gsr_y": 0.021012308076024055,
  "provenance": {
    "md5sum": "38fcf1cd4def0ac7eeb39d3232bab2a0",
    "settings": {
      "fd_thres": 0.2,
      "hmc_fsl": false
    },
    "software": "mriqc",
    "version": "0.9.6"
  },
  "size_t": 197,
  "size_x": 128,
  "size_y": 128,
  "size_z": 46,
  "snr": 4.055079884512827,
  "spacing_tr": 3.0,
  "spacing_x": 1.7187999486923218,
  "spacing_y": 1.7187999486923218,
  "spacing_z": 2.4000015258789062,
  "summary_bg_k": 150.05926889465252,
  "summary_bg_mad": 21.147777557373047,
  "summary_bg_mean": 87.01528930664062,
  "summary_bg_median": 14.269035339355469,
  "summary_bg_n": 496602.0,
  "summary_bg_p05": 0.015228426083922386,
  "summary_bg_p95": 326.8367935180657,
  "summary_bg_stdv": 261.464599609375,
  "summary_fg_k": 1.7183690548425545,
  "summary_fg_mad": 811.0963745117188,
  "summary_fg_mean": 3846.89111328125,
  "summary_fg_median": 3815.035400390625,
  "summary_fg_n": 161115.0,
  "summary_fg_p05": 2403.630395507813,
  "summary_fg_p95": 5399.759423828125,
  "summary_fg_stdv": 940.8010864257812,
  "tsnr": 43.79875946044922
}