{
  "aor": 0.003319399141630901,
  "aqi": 0.012024759742489271,
  "bids_meta": {
    "AcquisitionDuration": 723.000256,
    "Columns": 128,
    "EchoTime": 0.034,
    "EchoTrainLength": 1,
    "EffectiveEchoSpacing": 0.00056,
    "FieldOfView": [
      220.01,
      220.01,
      110.4
    ],
    "FlipAngle": 80,
    "GEImageTypeRIMPCode": 0,
    "ImageType": "ORIGINAL/PRIMARY/EPI/NONE",
    "ImagingFrequency": 127.765162,
    "InplanePhaseEncodingDirection": "COL",
    "InversionTime": 0,
    "MRAcquisitionType": "2D",
    "MagneticFieldStrength": 3,
    "Manufacturer": "GE MEDICAL SYSTEMS",
    "ManufacturersModelName": "DISCOVERY MR750",
    "NumberOfAverages": 1,
    "NumberOfEPIShots": 1,
    "NumberOfEchoes": 1,
    "NumberOfSlices": 46,
    "ParallelImagingReductionFactors": [
      0.5,
      1
    ],
    "PercentPhaseFieldOfView": 100,
    "PhaseEncodingDirection": "j",
    "PixelBandwidth": 3906.25,
    "PixelSpacing": [
      1.7188,
      1.7188
    ],
    "ReceiveCoilName": "8HRBRAIN",
    "RepetitionTime": 3,
    "Rows": 128,
    "SATFatWaterBone": 1,
    "ScanOptions": [
      "SAT_GEMS",
      "EPI_GEMS",
      "ACC_GEMS",
      "FS"
    ],
    "ScanningSequence": [
      "EP",
      "GR"
    ],
    "SequenceVariant": "SS",
    "SeriesDate": "18731219",
    "SeriesDescription": "fMRI-hands",
    "SeriesNumber": 7,
    "SeriesTime": "183916",
    "SliceThickness": 2.3,
    "SliceTiming": [
      0,
      1.5,
      0.06522,
      1.56522,
      0.13043,
      1.63043,
      0.19565,
      1.69565,
      0.26087,
      1.76087,
      0.32609,
      1.82609,
      0.3913,
      1.8913,
      0.45652,
      1.95652,
      0.52174,
      2.02174,
      0.58696,
      2.08696,
      0.65217,
      2.15217,
      0.71739,
      2.21739,
      0.78261,
      2.28261,
      0.84783,
      2.34783,
      0.91304,
      2.41304,
      0.97826,
      2.47826,
      1.04348,
      2.54348,
      1.1087,
      2.6087,
      1.17391,
      2.67391,
      1.23913,
      2.73913,
      1.30435,
      2.80435,
      1.36957,
      2.86957,
      1.43478,
      2.93478
    ],
    "SliceTimingComputationMethod": "SliceNumber*RepetitionTime/NumberOfSlices (interleaved ascending, odd first)",
    "SpacingBetweenSlices": 2.4,
    "StudyTime": "180253",
    "TaskDescription": "In an event-related design, participants were shown pictures of hands being stung by needles or poked with Q-tips. The stimulus set was kindly shared by Claus Lamm, and has been shown to be effective in previous work by him. After each picture, participants were asked to rate their perceived unpleasantness on a visual analog scale of 0-100.",
    "TaskInstructions": "",
    "TaskName": "Hands",
    "dummyScans": 5,
    "modality": "bold",
    "session_id": "1",
    "subject_id": "9042",
    "task_id": "hands"
  },
  "dummy_trs": 0,
  "dvars_nstd": 41.12021964189654,
  "dvars_std": 1.076528400948276,
  "dvars_vstd": 1.0800986334482758,
  "efc": 0.4977089291522254,
  "fber": 8782.4501953125,
  "fd_mean": 0.169764107683595,
  "fd_num": 53,
  "fd_perc": 22.746781115879827,
  "fwhm_avg": 3.17667501369847,
  "fwhm_x": 3.382697331602482,
  "fwhm_y": 3.630050143268236,
  "fwhm_z": 2.517277566224692,
  "gcor": 0.0161164,
  "gsr_x": -0.003152077551931143,
  "gsr_y": 0.0234216395765543,
  "provenance": {
    "md5sum": "bdbab9b174a79de63a5954c5fb5a0d56",
    "settings": {
      "fd_thres": 0.2,
      "hmc_fsl": false
    },
    "software": "mriqc",
    "version": "0.9.6"
  },
  "size_t": 233,
  "size_x": 128,
  "size_y": 128,
  "size_z": 46,
  "snr": 3.7278682616248267,
  "spacing_tr": 3.0,
  "spacing_x": 1.7187999486923218,
  "spacing_y": 1.7187999486923218,
  "spacing_z": 2.4000015258789062,
  "summary_bg_k": 107.70198875738375,
  "summary_bg_mad": 58.20963668823242,
  "summary_bg_mean": 116.6893310546875,
  "summary_bg_median": 39.60085678100586,
  "summary_bg_n": 470161.0,
  "summary_bg_p05": 0.03433476388454437,
  "summary_bg_p95": 454.75537109375,
  "summary_bg_stdv": 293.31573486328125,
  "summary_fg_k": 1.4235050978173769,
  "summary_fg_mad": 880.9171142578125,
  "summary_fg_mean": 3730.592529296875,
  "summary_fg_median": 3704.1416015625,
  "summary_fg_n": 184126.0,
  "summary_fg_p05": 2127.5181884765625,
  "summary_fg_p95": 5346.99365234375,
  "summary_fg_stdv": 993.6326293945312,
  "tsnr": 32.27537536621094
}