{
  "aor": 0.00372514450867052,
  "aqi": 0.010863442485549133,
  "bids_meta": {
    "AcquisitionDuration": 723.000256,
    "Columns": 128,
    "EchoTime": 0.034,
    "EchoTrainLength": 1,
    "EffectiveEchoSpacing": 0.000532,
    "FieldOfView": [
      240,
      240,
      108
    ],
    "FlipAngle": 80,
    "GEImageTypeRIMPCode": 0,
    "ImageType": "ORIGINAL/PRIMARY/EPI/NONE",
    "ImagingFrequency": 127.765207,
    "InplanePhaseEncodingDirection": "COL",
    "InversionTime": 0,
    "MRAcquisitionType": "2D",
    "MagneticFieldStrength": 3,
    "Manufacturer": "GE MEDICAL SYSTEMS",
    "ManufacturersModelName": "DISCOVERY MR750",
    "NumberOfAverages": 1,
    "NumberOfEPIShots": 1,
    "NumberOfEchoes": 1,
    "NumberOfSlices": 45,
    "ParallelImagingReductionFactors": [
      0.5,
      1
    ],
    "PercentPhaseFieldOfView": 100,
    "PhaseEncodingDirection": "j",
    "PixelBandwidth": 3906.25,
    "PixelSpacing": [
      1.875,
      1.875
    ],
    "ReceiveCoilName": "8HRBRAIN",
    "RepetitionTime": 3,
    "Rows": 128,
    "SATFatWaterBone": 1,
    "ScanOptions": [
      "SAT_GEMS",
      "EPI_GEMS",
      "ACC_GEMS",
      "FS"
    ],
    "ScanningSequence": [
      "EP",
      "GR"
    ],
    "SequenceVariant": "SS",
    "SeriesDate": "18730527",
    "SeriesDescription": "fMRI-hands",
    "SeriesNumber": 8,
    "SeriesTime": "174136",
    "SliceThickness": 2.3,
    "SliceTiming": [
      0,
      1.53333,
      0.06667,
      1.6,
      0.13333,
      1.66667,
      0.2,
      1.73333,
      0.26667,
      1.8,
      0.33333,
      1.86667,
      0.4,
      1.93333,
      0.46667,
      2,
      0.53333,
      2.06667,
      0.6,
      2.13333,
      0.66667,
      2.2,
      0.73333,
      2.26667,
      0.8,
      2.33333,
      0.86667,
      2.4,
      0.93333,
      2.46667,
      1,
      2.53333,
      1.06667,
      2.6,
      1.13333,
      2.66667,
      1.2,
      2.73333,
      1.26667,
      2.8,
      1.33333,
      2.86667,
      1.4,
      2.93333,
      1.46667
    ],
    "SliceTimingComputationMethod": "SliceNumber*RepetitionTime/NumberOfSlices (interleaved ascending, odd first)",
    "SpacingBetweenSlices": 2.4,
    "StudyTime": "170112",
    "TaskDescription": "In an event-related design, participants were shown pictures of hands being stung by needles or poked with Q-tips. The stimulus set was kindly shared by Claus Lamm, and has been shown to be effective in previous work by him. After each picture, participants were asked to rate their perceived unpleasantness on a visual analog scale of 0-100.",
    "TaskInstructions": "",
    "TaskName": "Hands",
    "dummyScans": 5,
    "modality": "bold",
    "session_id": "1",
    "subject_id": "9076",
    "task_id": "hands"
  },
  "dummy_trs": 0,
  "dvars_nstd": 30.446701039127905,
  "dvars_std": 1.068302156976744,
  "dvars_vstd": 1.0185042904651165,
  "efc": 0.458344162395547,
  "fber": 73080.515625,
  "fd_mean": 0.10819301591943753,
  "fd_num": 18,
  "fd_perc": 10.404624277456648,
  "fwhm_avg": 3.018625318487789,
  "fwhm_x": 3.015952,
  "fwhm_y": 3.4651840000000003,
  "fwhm_z": 2.5747399554633668,
  "gcor": 0.0209736,
  "gsr_x": -0.006102774757891893,
  "gsr_y": 0.011354715563356876,
  "provenance": {
    "md5sum": "3ff5a8b07372993420f8ab60b0e39a93",
    "settings": {
      "fd_thres": 0.2,
      "hmc_fsl": false
    },
    "software": "mriqc",
    "version": "0.9.6"
  },
  "size_t": 173,
  "size_x": 128,
  "size_y": 128,
  "size_z": 45,
  "snr": 3.931699759922287,
  "spacing_tr": 3.0,
  "spacing_x": 1.875,
  "spacing_y": 1.875,
  "spacing_z": 2.3999977111816406,
  "summary_bg_k": 57.267411867571575,
  "summary_bg_mad": 21.202068328857422,
  "summary_bg_mean": 91.68424224853516,
  "summary_bg_median": 14.306358337402344,
  "summary_bg_n": 493731.0,
  "summary_bg_p05": 0.005780346691608429,
  "summary_bg_p95": 434.4479675292969,
  "summary_bg_stdv": 240.57801818847656,
  "summary_fg_k": 1.0879962350347165,
  "summary_fg_mad": 854.1033935546875,
  "summary_fg_mean": 3616.17431640625,
  "summary_fg_median": 3610.43359375,
  "summary_fg_n": 152656.0,
  "summary_fg_p05": 2146.5533447265625,
  "summary_fg_p95": 5119.650146484375,
  "summary_fg_stdv": 918.2852172851562,
  "tsnr": 38.50830841064453
}