{
  "aor": 0.0037268393782383417,
  "aqi": 0.004624721502590674,
  "bids_meta": {
    "AcquisitionDuration": 525.000256,
    "CogAtlasID": "trm_4c8a834779883",
    "Columns": 128,
    "EchoTime": 0.03,
    "EchoTrainLength": 1,
    "EffectiveEchoSpacing": 0.000464,
    "FieldOfView": [
      288,
      288,
      147
    ],
    "FlipAngle": 75,
    "GEImageTypeRIMPCode": 0,
    "ImageType": "ORIGINAL/PRIMARY/EPI/NONE",
    "ImagingFrequency": 127.765231,
    "InplanePhaseEncodingDirection": "COL",
    "InversionTime": 0,
    "MRAcquisitionType": "2D",
    "MagneticFieldStrength": 3,
    "Manufacturer": "GE MEDICAL SYSTEMS",
    "ManufacturersModelName": "DISCOVERY MR750",
    "NumberOfAverages": 1,
    "NumberOfEPIShots": 1,
    "NumberOfEchoes": 1,
    "NumberOfSlices": 49,
    "ParallelImagingReductionFactors": [
      0.5,
      1
    ],
    "PercentPhaseFieldOfView": 100,
    "PhaseEncodingDirection": "j",
    "PixelBandwidth": 3906.25,
    "PixelSpacing": [
      2.25,
      2.25
    ],
    "ReceiveCoilName": "8HRBRAIN",
    "RepetitionTime": 2.5,
    "Rows": 128,
    "SATFatWaterBone": 0,
    "ScanOptions": [
      "EPI_GEMS",
      "FILTERED_GEMS",
      "ACC_GEMS"
    ],
    "ScanningSequence": [
      "EP",
      "GR"
    ],
    "SequenceVariant": "SS",
    "SeriesDate": "18730209",
    "SeriesDescription": "RSN_BWRT_200vol_3mm",
    "SeriesNumber": 4,
    "SeriesTime": "203218",
    "SliceThickness": 3,
    "SliceTiming": [
      0,
      1.27551,
      0.05102,
      1.32653,
      0.10204,
      1.37755,
      0.15306,
      1.42857,
      0.20408,
      1.47959,
      0.2551,
      1.53061,
      0.30612,
      1.58163,
      0.35714,
      1.63265,
      0.40816,
      1.68367,
      0.45918,
      1.73469,
      0.5102,
      1.78571,
      0.56122,
      1.83673,
      0.61224,
      1.88776,
      0.66327,
      1.93878,
      0.71429,
      1.9898,
      0.76531,
      2.04082,
      0.81633,
      2.09184,
      0.86735,
      2.14286,
      0.91837,
      2.19388,
      0.96939,
      2.2449,
      1.02041,
      2.29592,
      1.07143,
      2.34694,
      1.12245,
      2.39796,
      1.17347,
      2.44898,
      1.22449
    ],
    "SliceTimingComputationMethod": "SliceNumber*RepetitionTime/NumberOfSlices (interleaved ascending, odd first)",
    "SpacingBetweenSlices": 3,
    "StudyTime": "202226",
    "TaskDescription": "Functional connectivity in the resting state was assessed during two eight-minute runs.",
    "TaskInstructions": "Participants were instructed to keep their eyes open and look at a white fixation cross presented against a gray background.",
    "TaskName": "Resting State",
    "dummyScans": 10,
    "modality": "bold",
    "session_id": "1",
    "subject_id": "9073",
    "task_id": "rest"
  },
  "dummy_trs": 0,
  "dvars_nstd": 21.397960603385417,
  "dvars_std": 1.1156358909375002,
  "dvars_vstd": 0.9922528638020833,
  "efc": 0.34311104138865234,
  "fber": 15958096.0,
  "fd_mean": 0.12222194445193862,
  "fd_num": 28,
  "fd_perc": 14.507772020725389,
  "fwhm_avg": 3.3853892592592594,
  "fwhm_x": 3.3998,
  "fwhm_y": 4.006431111111111,
  "fwhm_z": 2.7499366666666667,
  "gcor": 0.053083,
  "gsr_x": -0.026111189275979996,
  "gsr_y": 0.004973543807864189,
  "provenance": {
    "md5sum": "9fbb4a8357d60760eb0665874dd178df",
    "settings": {
      "fd_thres": 0.2,
      "hmc_fsl": false
    },
    "software": "mriqc",
    "version": "0.9.6"
  },
  "size_t": 193,
  "size_x": 128,
  "size_y": 128,
  "size_z": 49,
  "snr": 4.5011156949382105,
  "spacing_tr": 2.5,
  "spacing_x": 2.25,
  "spacing_y": 2.25,
  "spacing_z": 3.0,
  "summary_bg_k": 42.603508572350165,
  "summary_bg_mad": 2.0356974601745605,
  "summary_bg_mean": 110.44815826416016,
  "summary_bg_median": 1.3730570077896118,
  "summary_bg_n": 626331.0,
  "summary_bg_p05": 0.0,
  "summary_bg_p95": 628.733154296875,
  "summary_bg_stdv": 369.11376953125,
  "summary_fg_k": 1.031120248094477,
  "summary_fg_mad": 996.3970336914062,
  "summary_fg_mean": 5055.626953125,
  "summary_fg_median": 5110.26416015625,
  "summary_fg_n": 87626.0,
  "summary_fg_p05": 3035.8873291015625,
  "summary_fg_p95": 6815.1099853515625,
  "summary_fg_stdv": 1135.3262939453125,
  "tsnr": 63.52998733520508
}