{
  "aor": 0.001165854922279793,
  "aqi": 0.0027786163212435233,
  "bids_meta": {
    "AcquisitionDuration": 525.000256,
    "CogAtlasID": "trm_4c8a834779883",
    "Columns": 128,
    "EchoTime": 0.03,
    "EchoTrainLength": 1,
    "EffectiveEchoSpacing": 0.000464,
    "FieldOfView": [
      288,
      288,
      147
    ],
    "FlipAngle": 75,
    "GEImageTypeRIMPCode": 0,
    "ImageType": "ORIGINAL/PRIMARY/EPI/NONE",
    "ImagingFrequency": 127.765161,
    "InplanePhaseEncodingDirection": "COL",
    "InversionTime": 0,
    "MRAcquisitionType": "2D",
    "MagneticFieldStrength": 3,
    "Manufacturer": "GE MEDICAL SYSTEMS",
    "ManufacturersModelName": "DISCOVERY MR750",
    "NumberOfAverages": 1,
    "NumberOfEPIShots": 1,
    "NumberOfEchoes": 1,
    "NumberOfSlices": 49,
    "ParallelImagingReductionFactors": [
      0.5,
      1
    ],
    "PercentPhaseFieldOfView": 100,
    "PhaseEncodingDirection": "j",
    "PixelBandwidth": 3906.25,
    "PixelSpacing": [
      2.25,
      2.25
    ],
    "ReceiveCoilName": "8HRBRAIN",
    "RepetitionTime": 2.5,
    "Rows": 128,
    "SATFatWaterBone": 0,
    "ScanOptions": [
      "EPI_GEMS",
      "FILTERED_GEMS",
      "ACC_GEMS"
    ],
    "ScanningSequence": [
      "EP",
      "GR"
    ],
    "SequenceVariant": "SS",
    "SeriesDate": "18731118",
    "SeriesDescription": "RSN_BWRT_200vol_3mm",
    "SeriesNumber": 4,
    "SeriesTime": "204424",
    "SliceThickness": 3,
    "SliceTiming": [
      0,
      1.27551,
      0.05102,
      1.32653,
      0.10204,
      1.37755,
      0.15306,
      1.42857,
      0.20408,
      1.47959,
      0.2551,
      1.53061,
      0.30612,
      1.58163,
      0.35714,
      1.63265,
      0.40816,
      1.68367,
      0.45918,
      1.73469,
      0.5102,
      1.78571,
      0.56122,
      1.83673,
      0.61224,
      1.88776,
      0.66327,
      1.93878,
      0.71429,
      1.9898,
      0.76531,
      2.04082,
      0.81633,
      2.09184,
      0.86735,
      2.14286,
      0.91837,
      2.19388,
      0.96939,
      2.2449,
      1.02041,
      2.29592,
      1.07143,
      2.34694,
      1.12245,
      2.39796,
      1.17347,
      2.44898,
      1.22449
    ],
    "SliceTimingComputationMethod": "SliceNumber*RepetitionTime/NumberOfSlices (interleaved ascending, odd first)",
    "SpacingBetweenSlices": 3,
    "StudyTime": "203409",
    "TaskDescription": "Functional connectivity in the resting state was assessed during two eight-minute runs.",
    "TaskInstructions": "Participants were instructed to keep their eyes open and look at a white fixation cross presented against a gray background.",
    "TaskName": "Resting State",
    "dummyScans": 10,
    "modality": "bold",
    "session_id": "1",
    "subject_id": "9059",
    "task_id": "rest"
  },
  "dummy_trs": 0,
  "dvars_nstd": 14.43021589052084,
  "dvars_std": 1.0954817202604168,
  "dvars_vstd": 0.9790041430208336,
  "efc": 0.3024817063514902,
  "fber": 66606992.0,
  "fd_mean": 0.052863381617091455,
  "fd_num": 6,
  "fd_perc": 3.1088082901554404,
  "fwhm_avg": 3.3949025925925924,
  "fwhm_x": 3.4623066666666666,
  "fwhm_y": 3.9854444444444446,
  "fwhm_z": 2.7369566666666665,
  "gcor": 0.0317893,
  "gsr_x": -0.014778869226574898,
  "gsr_y": 0.002210434293374419,
  "provenance": {
    "md5sum": "1f4937b160d572afed7fbf21d4c4350b",
    "settings": {
      "fd_thres": 0.2,
      "hmc_fsl": false
    },
    "software": "mriqc",
    "version": "0.9.6"
  },
  "size_t": 193,
  "size_x": 128,
  "size_y": 128,
  "size_z": 49,
  "snr": 4.4413733640900475,
  "spacing_tr": 2.5,
  "spacing_x": 2.25,
  "spacing_y": 2.25,
  "spacing_z": 3.0,
  "summary_bg_k": 73.50990292359783,
  "summary_bg_mad": 1.0370533466339111,
  "summary_bg_mean": 62.21053695678711,
  "summary_bg_median": 0.6994818449020386,
  "summary_bg_n": 641062.0,
  "summary_bg_p05": 0.0,
  "summary_bg_p95": 318.8175979614248,
  "summary_bg_stdv": 227.9913330078125,
  "summary_fg_k": 1.3222328416741318,
  "summary_fg_mad": 1026.874755859375,
  "summary_fg_mean": 5336.20458984375,
  "summary_fg_median": 5382.32373046875,
  "summary_fg_n": 76396.0,
  "summary_fg_p05": 3135.8523559570312,
  "summary_fg_p95": 7183.481689453125,
  "summary_fg_stdv": 1211.852294921875,
  "tsnr": 84.62569427490234
}