{
  "aor": 0.0014018032786885244,
  "aqi": 0.010795601256830599,
  "bids_meta": {
    "AcquisitionDuration": 723.000256,
    "Columns": 128,
    "EchoTime": 0.034,
    "EchoTrainLength": 1,
    "EffectiveEchoSpacing": 0.00056,
    "FieldOfView": [
      220.01,
      220.01,
      110.4
    ],
    "FlipAngle": 80,
    "GEImageTypeRIMPCode": 0,
    "ImageType": "ORIGINAL/PRIMARY/EPI/NONE",
    "ImagingFrequency": 127.765105,
    "InplanePhaseEncodingDirection": "COL",
    "InversionTime": 0,
    "MRAcquisitionType": "2D",
    "MagneticFieldStrength": 3,
    "Manufacturer": "GE MEDICAL SYSTEMS",
    "ManufacturersModelName": "DISCOVERY MR750",
    "NumberOfAverages": 1,
    "NumberOfEPIShots": 1,
    "NumberOfEchoes": 1,
    "NumberOfSlices": 46,
    "ParallelImagingReductionFactors": [
      0.5,
      1
    ],
    "PercentPhaseFieldOfView": 100,
    "PhaseEncodingDirection": "j",
    "PixelBandwidth": 3906.25,
    "PixelSpacing": [
      1.7188,
      1.7188
    ],
    "ReceiveCoilName": "8HRBRAIN",
    "RepetitionTime": 3,
    "Rows": 128,
    "SATFatWaterBone": 1,
    "ScanOptions": [
      "SAT_GEMS",
      "EPI_GEMS",
      "ACC_GEMS",
      "FS"
    ],
    "ScanningSequence": [
      "EP",
      "GR"
    ],
    "SequenceVariant": "SS",
    "SeriesDate": "18740504",
    "SeriesDescription": "fMRI-hands",
    "SeriesNumber": 7,
    "SeriesTime": "181313",
    "SliceThickness": 2.3,
    "SliceTiming": [
      0,
      1.5,
      0.06522,
      1.56522,
      0.13043,
      1.63043,
      0.19565,
      1.69565,
      0.26087,
      1.76087,
      0.32609,
      1.82609,
      0.3913,
      1.8913,
      0.45652,
      1.95652,
      0.52174,
      2.02174,
      0.58696,
      2.08696,
      0.65217,
      2.15217,
      0.71739,
      2.21739,
      0.78261,
      2.28261,
      0.84783,
      2.34783,
      0.91304,
      2.41304,
      0.97826,
      2.47826,
      1.04348,
      2.54348,
      1.1087,
      2.6087,
      1.17391,
      2.67391,
      1.23913,
      2.73913,
      1.30435,
      2.80435,
      1.36957,
      2.86957,
      1.43478,
      2.93478
    ],
    "SliceTimingComputationMethod": "SliceNumber*RepetitionTime/NumberOfSlices (interleaved ascending, odd first)",
    "SpacingBetweenSlices": 2.4,
    "StudyTime": "174417",
    "TaskDescription": "In an event-related design, participants were shown pictures of hands being stung by needles or poked with Q-tips. The stimulus set was kindly shared by Claus Lamm, and has been shown to be effective in previous work by him. After each picture, participants were asked to rate their perceived unpleasantness on a visual analog scale of 0-100.",
    "TaskInstructions": "",
    "TaskName": "Hands",
    "dummyScans": 5,
    "modality": "bold",
    "session_id": "2",
    "subject_id": "9009",
    "task_id": "hands"
  },
  "dummy_trs": 0,
  "dvars_nstd": 39.99658580401098,
  "dvars_std": 1.0622646043406594,
  "dvars_vstd": 1.0168464843956047,
  "efc": 0.46543232166272863,
  "fber": 4882.98974609375,
  "fd_mean": 0.18247719651252617,
  "fd_num": 49,
  "fd_perc": 26.775956284153004,
  "fwhm_avg": 2.9814052780820597,
  "fwhm_x": 3.036351033155761,
  "fwhm_y": 3.4063999155076043,
  "fwhm_z": 2.501464885582815,
  "gcor": 0.0128719,
  "gsr_x": -0.015746623277664185,
  "gsr_y": 0.03201135993003845,
  "provenance": {
    "md5sum": "5ef2b42435effd48ddba3c2ee3aaafae",
    "settings": {
      "fd_thres": 0.2,
      "hmc_fsl": false
    },
    "software": "mriqc",
    "version": "0.9.6"
  },
  "size_t": 183,
  "size_x": 128,
  "size_y": 128,
  "size_z": 46,
  "snr": 3.1173768388582395,
  "spacing_tr": 3.0,
  "spacing_x": 1.7187999486923218,
  "spacing_y": 1.7187999486923218,
  "spacing_z": 2.3999977111816406,
  "summary_bg_k": 252.4370068414653,
  "summary_bg_mad": 71.96696472167969,
  "summary_bg_mean": 112.68568420410156,
  "summary_bg_median": 49.24589920043945,
  "summary_bg_n": 498983.0,
  "summary_bg_p05": 0.054644808173179626,
  "summary_bg_p95": 379.59943542480414,
  "summary_bg_stdv": 302.9347839355469,
  "summary_fg_k": 2.3140111756395196,
  "summary_fg_mad": 821.2646484375,
  "summary_fg_mean": 3601.727294921875,
  "summary_fg_median": 3451.480712890625,
  "summary_fg_n": 161953.0,
  "summary_fg_p05": 2030.7015625000001,
  "summary_fg_p95": 5700.18115234375,
  "summary_fg_stdv": 1107.1712646484375,
  "tsnr": 34.63676452636719
}