{
  "bids_meta": {
    "AcquisitionDuration": 393.09232,
    "Columns": 512,
    "EchoTime": 0.12572,
    "EchoTrainLength": 140,
    "EffectiveEchoSpacing": 0,
    "FieldOfView": [
      240.03,
      240.03,
      87.6
    ],
    "FlipAngle": 90,
    "GEImageTypeRIMPCode": 0,
    "ImageType": "ORIGINAL/PRIMARY/OTHER",
    "ImagingFrequency": 127.765165,
    "InplanePhaseEncodingDirection": "ROW",
    "InversionTime": 1.864,
    "MRAcquisitionType": "3D",
    "MagneticFieldStrength": 3,
    "Manufacturer": "GE MEDICAL SYSTEMS",
    "ManufacturersModelName": "DISCOVERY MR750",
    "NumberOfAverages": 1,
    "NumberOfEPIShots": 1,
    "NumberOfEchoes": 1,
    "NumberOfSlices": 146,
    "ParallelImagingReductionFactors": [
      0.5,
      0.5
    ],
    "PercentPhaseFieldOfView": 100,
    "PhaseEncodingDirection": "i",
    "PixelBandwidth": 122.07,
    "PixelSpacing": [
      0.4688,
      0.4688
    ],
    "ReceiveCoilName": "8HRBRAIN",
    "RepetitionTime": 6,
    "Rows": 512,
    "SATFatWaterBone": 0,
    "ScanOptions": [
      "EDR_GEMS",
      "FILTERED_GEMS",
      "ACC_GEMS"
    ],
    "ScanningSequence": [
      "SE",
      "IR"
    ],
    "SequenceVariant": "SK",
    "SeriesDate": "18731205",
    "SeriesDescription": "Sag CUBE T2 flair",
    "SeriesNumber": 11,
    "SeriesTime": "214047",
    "SliceThickness": 1.2,
    "SpacingBetweenSlices": 0.600002,
    "StudyTime": "201914",
    "modality": "T2w",
    "session_id": "1",
    "subject_id": "9084"
  },
  "cjv": 0.5998412004002655,
  "cnr": 1.5175030127494744,
  "efc": 0.5937671900997549,
  "fber": 671.5804443359375,
  "fwhm_avg": 4.565735573513358,
  "fwhm_x": 4.107083170132511,
  "fwhm_y": 4.907508445568615,
  "fwhm_z": 4.682615104838948,
  "icvs_csf": 0.4518144481915936,
  "icvs_gm": 0.4232253307973737,
  "icvs_wm": 0.12496022101103268,
  "inu_med": 1.098526120185852,
  "inu_range": 0.5886841893196102,
  "provenance": {
    "md5sum": "edaad3661821a867709c204cb25ffa43",
    "settings": {
      "testing": false
    },
    "software": "mriqc",
    "version": "0.9.6",
    "warnings": {
      "large_rot_frame": true,
      "small_air_mask": false
    }
  },
  "qi_1": 0.0,
  "qi_2": 0.001054159760783828,
  "rpve_csf": 14.25135377624787,
  "rpve_gm": 14.339576317755979,
  "rpve_wm": 43.24650069597379,
  "size_x": 292,
  "size_y": 512,
  "size_z": 512,
  "snr_csf": 14.633087880677165,
  "snr_gm": 18.21788252497714,
  "snr_total": 11.653666181394263,
  "snr_wm": 2.110028138528478,
  "snrd_csf": 76.82772290152366,
  "snrd_gm": 65.65369690699984,
  "snrd_total": 60.112727596515164,
  "snrd_wm": 37.856762981022015,
  "spacing_x": 0.6000000238418579,
  "spacing_y": 0.46880000829696655,
  "spacing_z": 0.46880000829696655,
  "summary_bg_k": 12.23841636732166,
  "summary_bg_mad": 17.291004180908203,
  "summary_bg_mean": 54.57798767089844,
  "summary_bg_median": 51.447689056396484,
  "summary_bg_n": 11957421.0,
  "summary_bg_p05": 27.649303436279297,
  "summary_bg_p95": 91.40076446533203,
  "summary_bg_stdv": 21.385011672973633,
  "summary_csf_k": 0.35784785528127916,
  "summary_csf_mad": 135.92721557617188,
  "summary_csf_mean": 2037.9351806640625,
  "summary_csf_median": 2027.712890625,
  "summary_csf_n": 915962.0,
  "summary_csf_p05": 1829.975848388672,
  "summary_csf_p95": 2281.2465576171876,
  "summary_csf_stdv": 138.57032775878906,
  "summary_gm_k": 0.0030852605956956936,
  "summary_gm_mad": 94.9155044555664,
  "summary_gm_mean": 1733.52880859375,
  "summary_gm_median": 1732.7969970703125,
  "summary_gm_n": 495167.0,
  "summary_gm_p05": 1578.2365844726564,
  "summary_gm_p95": 1891.3866577148438,
  "summary_gm_stdv": 95.11507415771484,
  "summary_wm_k": 8.200421653413892,
  "summary_wm_mad": 345.1544189453125,
  "summary_wm_mean": 974.0980224609375,
  "summary_wm_median": 999.1529541015625,
  "summary_wm_n": 90854.0,
  "summary_wm_p05": 257.9396728515625,
  "summary_wm_p95": 1414.4600097656244,
  "summary_wm_stdv": 473.5232849121094,
  "tpm_overlap_csf": 0.10202550888061523,
  "tpm_overlap_gm": 0.29430902004241943,
  "tpm_overlap_wm": 0.09783907979726791,
  "wm2max": 0.18684259369499903
}