{
  "aor": 0.0008333333333333334,
  "aqi": 0.002537718802083333,
  "bids_meta": {
    "AcquisitionDuration": 525.000256,
    "CogAtlasID": "trm_4c8a834779883",
    "Columns": 128,
    "EchoTime": 0.03,
    "EchoTrainLength": 1,
    "EffectiveEchoSpacing": 0.000464,
    "FieldOfView": [
      288,
      288,
      147
    ],
    "FlipAngle": 75,
    "GEImageTypeRIMPCode": 0,
    "ImageType": "ORIGINAL/PRIMARY/EPI/NONE",
    "ImagingFrequency": 127.765293,
    "InplanePhaseEncodingDirection": "COL",
    "InversionTime": 0,
    "MRAcquisitionType": "2D",
    "MagneticFieldStrength": 3,
    "Manufacturer": "GE MEDICAL SYSTEMS",
    "ManufacturersModelName": "DISCOVERY MR750",
    "NumberOfAverages": 1,
    "NumberOfEPIShots": 1,
    "NumberOfEchoes": 1,
    "NumberOfSlices": 49,
    "ParallelImagingReductionFactors": [
      0.5,
      1
    ],
    "PercentPhaseFieldOfView": 100,
    "PhaseEncodingDirection": "j",
    "PixelBandwidth": 3906.25,
    "PixelSpacing": [
      2.25,
      2.25
    ],
    "ReceiveCoilName": "8HRBRAIN",
    "RepetitionTime": 2.5,
    "Rows": 128,
    "SATFatWaterBone": 0,
    "ScanOptions": [
      "EPI_GEMS",
      "FILTERED_GEMS",
      "ACC_GEMS"
    ],
    "ScanningSequence": [
      "EP",
      "GR"
    ],
    "SequenceVariant": "SS",
    "SeriesDate": "18721229",
    "SeriesDescription": "RSN_BWRT_200vol_3mm",
    "SeriesNumber": 4,
    "SeriesTime": "201727",
    "SliceThickness": 3,
    "SliceTiming": [
      0,
      1.27551,
      0.05102,
      1.32653,
      0.10204,
      1.37755,
      0.15306,
      1.42857,
      0.20408,
      1.47959,
      0.2551,
      1.53061,
      0.30612,
      1.58163,
      0.35714,
      1.63265,
      0.40816,
      1.68367,
      0.45918,
      1.73469,
      0.5102,
      1.78571,
      0.56122,
      1.83673,
      0.61224,
      1.88776,
      0.66327,
      1.93878,
      0.71429,
      1.9898,
      0.76531,
      2.04082,
      0.81633,
      2.09184,
      0.86735,
      2.14286,
      0.91837,
      2.19388,
      0.96939,
      2.2449,
      1.02041,
      2.29592,
      1.07143,
      2.34694,
      1.12245,
      2.39796,
      1.17347,
      2.44898,
      1.22449
    ],
    "SliceTimingComputationMethod": "SliceNumber*RepetitionTime/NumberOfSlices (interleaved ascending, odd first)",
    "SpacingBetweenSlices": 3,
    "StudyTime": "200848",
    "TaskDescription": "Functional connectivity in the resting state was assessed during two eight-minute runs.",
    "TaskInstructions": "Participants were instructed to keep their eyes open and look at a white fixation cross presented against a gray background.",
    "TaskName": "Resting State",
    "dummyScans": 10,
    "modality": "bold",
    "session_id": "1",
    "subject_id": "9070",
    "task_id": "rest"
  },
  "dummy_trs": 0,
  "dvars_nstd": 17.41971045863874,
  "dvars_std": 1.1618449226178016,
  "dvars_vstd": 0.9744601575392674,
  "efc": 0.32547703065286643,
  "fber": 237821984.0,
  "fd_mean": 0.059011721083962736,
  "fd_num": 4,
  "fd_perc": 2.0833333333333335,
  "fwhm_avg": 3.470844444444444,
  "fwhm_x": 3.5452355555555553,
  "fwhm_y": 4.045831111111111,
  "fwhm_z": 2.8214666666666663,
  "gcor": 0.0214134,
  "gsr_x": -0.015247076749801636,
  "gsr_y": 0.00557611882686615,
  "provenance": {
    "md5sum": "508522c200104d9165bb5ac88683af66",
    "settings": {
      "fd_thres": 0.2,
      "hmc_fsl": false
    },
    "software": "mriqc",
    "version": "0.9.6"
  },
  "size_t": 192,
  "size_x": 128,
  "size_y": 128,
  "size_z": 49,
  "snr": 4.169019012868991,
  "spacing_tr": 2.5,
  "spacing_x": 2.25,
  "spacing_y": 2.25,
  "spacing_z": 3.0,
  "summary_bg_k": 90.10532722213394,
  "summary_bg_mad": 0.6100290417671204,
  "summary_bg_mean": 61.183349609375,
  "summary_bg_median": 0.4114583432674408,
  "summary_bg_n": 622140.0,
  "summary_bg_p05": 0.0,
  "summary_bg_p95": 287.3916671752915,
  "summary_bg_stdv": 236.45455932617188,
  "summary_fg_k": 0.6524511817632308,
  "summary_fg_mad": 1258.883544921875,
  "summary_fg_mean": 5717.42919921875,
  "summary_fg_median": 5724.5107421875,
  "summary_fg_n": 91311.0,
  "summary_fg_p05": 3299.4193115234375,
  "summary_fg_p95": 7903.03662109375,
  "summary_fg_stdv": 1373.099853515625,
  "tsnr": 86.98605346679688
}