{
  "aor": 0.003596839378238342,
  "aqi": 0.009737301502590674,
  "bids_meta": {
    "AcquisitionDuration": 525.000256,
    "CogAtlasID": "trm_4c8a834779883",
    "Columns": 128,
    "EchoTime": 0.03,
    "EchoTrainLength": 1,
    "EffectiveEchoSpacing": 0.000464,
    "FieldOfView": [
      288,
      288,
      147
    ],
    "FlipAngle": 75,
    "GEImageTypeRIMPCode": 0,
    "ImageType": "ORIGINAL/PRIMARY/EPI/NONE",
    "ImagingFrequency": 127.765162,
    "InplanePhaseEncodingDirection": "COL",
    "InversionTime": 0,
    "MRAcquisitionType": "2D",
    "MagneticFieldStrength": 3,
    "Manufacturer": "GE MEDICAL SYSTEMS",
    "ManufacturersModelName": "DISCOVERY MR750",
    "NumberOfAverages": 1,
    "NumberOfEPIShots": 1,
    "NumberOfEchoes": 1,
    "NumberOfSlices": 49,
    "ParallelImagingReductionFactors": [
      0.5,
      1
    ],
    "PercentPhaseFieldOfView": 100,
    "PhaseEncodingDirection": "j",
    "PixelBandwidth": 3906.25,
    "PixelSpacing": [
      2.25,
      2.25
    ],
    "ReceiveCoilName": "8HRBRAIN",
    "RepetitionTime": 2.5,
    "Rows": 128,
    "SATFatWaterBone": 0,
    "ScanOptions": [
      "EPI_GEMS",
      "FILTERED_GEMS",
      "ACC_GEMS"
    ],
    "ScanningSequence": [
      "EP",
      "GR"
    ],
    "SequenceVariant": "SS",
    "SeriesDate": "18740219",
    "SeriesDescription": "RSN_BWRT_200vol_3mm",
    "SeriesNumber": 4,
    "SeriesTime": "203759",
    "SliceThickness": 3,
    "SliceTiming": [
      0,
      1.27551,
      0.05102,
      1.32653,
      0.10204,
      1.37755,
      0.15306,
      1.42857,
      0.20408,
      1.47959,
      0.2551,
      1.53061,
      0.30612,
      1.58163,
      0.35714,
      1.63265,
      0.40816,
      1.68367,
      0.45918,
      1.73469,
      0.5102,
      1.78571,
      0.56122,
      1.83673,
      0.61224,
      1.88776,
      0.66327,
      1.93878,
      0.71429,
      1.9898,
      0.76531,
      2.04082,
      0.81633,
      2.09184,
      0.86735,
      2.14286,
      0.91837,
      2.19388,
      0.96939,
      2.2449,
      1.02041,
      2.29592,
      1.07143,
      2.34694,
      1.12245,
      2.39796,
      1.17347,
      2.44898,
      1.22449
    ],
    "SliceTimingComputationMethod": "SliceNumber*RepetitionTime/NumberOfSlices (interleaved ascending, odd first)",
    "SpacingBetweenSlices": 3,
    "StudyTime": "203022",
    "TaskDescription": "Functional connectivity in the resting state was assessed during two eight-minute runs.",
    "TaskInstructions": "Participants were instructed to keep their eyes open and look at a white fixation cross presented against a gray background.",
    "TaskName": "Resting State",
    "dummyScans": 10,
    "modality": "bold",
    "session_id": "2",
    "subject_id": "9081",
    "task_id": "rest"
  },
  "dummy_trs": 0,
  "dvars_nstd": 24.508154193437488,
  "dvars_std": 1.0598225644791668,
  "dvars_vstd": 0.9595919921874998,
  "efc": 0.3486451906495321,
  "fber": 1683063.25,
  "fd_mean": 0.3135349640258681,
  "fd_num": 109,
  "fd_perc": 56.476683937823836,
  "fwhm_avg": 3.497806666666667,
  "fwhm_x": 3.535511111111111,
  "fwhm_y": 4.000822222222222,
  "fwhm_z": 2.9570866666666666,
  "gcor": 0.043285,
  "gsr_x": -0.012360844761133194,
  "gsr_y": 0.004649532027542591,
  "provenance": {
    "md5sum": "dabb816f52829bc50e20e2b2446547ce",
    "settings": {
      "fd_thres": 0.2,
      "hmc_fsl": false
    },
    "software": "mriqc",
    "version": "0.9.6"
  },
  "size_t": 193,
  "size_x": 128,
  "size_y": 128,
  "size_z": 49,
  "snr": 4.349429425812101,
  "spacing_tr": 2.5,
  "spacing_x": 2.25,
  "spacing_y": 2.25,
  "spacing_z": 3.0,
  "summary_bg_k": 58.2381025816412,
  "summary_bg_mad": 5.776771545410156,
  "summary_bg_mean": 100.59241485595703,
  "summary_bg_median": 3.8963730335235596,
  "summary_bg_n": 622722.0,
  "summary_bg_p05": 0.0,
  "summary_bg_p95": 536.6497222900362,
  "summary_bg_stdv": 342.23150634765625,
  "summary_fg_k": 0.8588515512879309,
  "summary_fg_mad": 937.5231323242188,
  "summary_fg_mean": 4618.26953125,
  "summary_fg_median": 4670.76416015625,
  "summary_fg_n": 91894.0,
  "summary_fg_p05": 2689.6584594726564,
  "summary_fg_p95": 6298.558056640624,
  "summary_fg_stdv": 1073.8739013671875,
  "tsnr": 44.802616119384766
}