{
  "aor": 0.002659481865284974,
  "aqi": 0.006033631658031088,
  "bids_meta": {
    "AcquisitionDuration": 525.000256,
    "CogAtlasID": "trm_4c8a834779883",
    "Columns": 128,
    "EchoTime": 0.03,
    "EchoTrainLength": 1,
    "EffectiveEchoSpacing": 0.000464,
    "FieldOfView": [
      288,
      288,
      147
    ],
    "FlipAngle": 75,
    "GEImageTypeRIMPCode": 0,
    "ImageType": "ORIGINAL/PRIMARY/EPI/NONE",
    "ImagingFrequency": 127.76507,
    "InplanePhaseEncodingDirection": "COL",
    "InversionTime": 0,
    "MRAcquisitionType": "2D",
    "MagneticFieldStrength": 3,
    "Manufacturer": "GE MEDICAL SYSTEMS",
    "ManufacturersModelName": "DISCOVERY MR750",
    "NumberOfAverages": 1,
    "NumberOfEPIShots": 1,
    "NumberOfEchoes": 1,
    "NumberOfSlices": 49,
    "ParallelImagingReductionFactors": [
      0.5,
      1
    ],
    "PercentPhaseFieldOfView": 100,
    "PhaseEncodingDirection": "j",
    "PixelBandwidth": 3906.25,
    "PixelSpacing": [
      2.25,
      2.25
    ],
    "ReceiveCoilName": "8HRBRAIN",
    "RepetitionTime": 2.5,
    "Rows": 128,
    "SATFatWaterBone": 0,
    "ScanOptions": [
      "EPI_GEMS",
      "FILTERED_GEMS",
      "ACC_GEMS"
    ],
    "ScanningSequence": [
      "EP",
      "GR"
    ],
    "SequenceVariant": "SS",
    "SeriesDate": "18740328",
    "SeriesDescription": "RSN_BWRT_200vol_3mm",
    "SeriesNumber": 4,
    "SeriesTime": "180931",
    "SliceThickness": 3,
    "SliceTiming": [
      0,
      1.27551,
      0.05102,
      1.32653,
      0.10204,
      1.37755,
      0.15306,
      1.42857,
      0.20408,
      1.47959,
      0.2551,
      1.53061,
      0.30612,
      1.58163,
      0.35714,
      1.63265,
      0.40816,
      1.68367,
      0.45918,
      1.73469,
      0.5102,
      1.78571,
      0.56122,
      1.83673,
      0.61224,
      1.88776,
      0.66327,
      1.93878,
      0.71429,
      1.9898,
      0.76531,
      2.04082,
      0.81633,
      2.09184,
      0.86735,
      2.14286,
      0.91837,
      2.19388,
      0.96939,
      2.2449,
      1.02041,
      2.29592,
      1.07143,
      2.34694,
      1.12245,
      2.39796,
      1.17347,
      2.44898,
      1.22449
    ],
    "SliceTimingComputationMethod": "SliceNumber*RepetitionTime/NumberOfSlices (interleaved ascending, odd first)",
    "SpacingBetweenSlices": 3,
    "StudyTime": "180127",
    "TaskDescription": "Functional connectivity in the resting state was assessed during two eight-minute runs.",
    "TaskInstructions": "Participants were instructed to keep their eyes open and look at a white fixation cross presented against a gray background.",
    "TaskName": "Resting State",
    "dummyScans": 10,
    "modality": "bold",
    "session_id": "1",
    "subject_id": "9005",
    "task_id": "rest"
  },
  "dummy_trs": 0,
  "dvars_nstd": 16.511005992656248,
  "dvars_std": 1.0479701694791674,
  "dvars_vstd": 0.9489091892187501,
  "efc": 0.3361330206450354,
  "fber": 16254372.0,
  "fd_mean": 0.08956130106076136,
  "fd_num": 6,
  "fd_perc": 3.1088082901554404,
  "fwhm_avg": 3.350665925925926,
  "fwhm_x": 3.454075555555556,
  "fwhm_y": 3.811368888888889,
  "fwhm_z": 2.7865533333333334,
  "gcor": 0.00998933,
  "gsr_x": -0.009953049011528492,
  "gsr_y": 0.0002778278139885515,
  "provenance": {
    "md5sum": "439d1a2afc2a784b048384b81094b3ce",
    "settings": {
      "fd_thres": 0.2,
      "hmc_fsl": false
    },
    "software": "mriqc",
    "version": "0.9.6"
  },
  "size_t": 193,
  "size_x": 128,
  "size_y": 128,
  "size_z": 49,
  "snr": 4.094237413685649,
  "spacing_tr": 2.5,
  "spacing_x": 2.25,
  "spacing_y": 2.25,
  "spacing_z": 3.0,
  "summary_bg_k": 181.7633227064928,
  "summary_bg_mad": 2.004969835281372,
  "summary_bg_mean": 63.16134262084961,
  "summary_bg_median": 1.352331519126892,
  "summary_bg_n": 617167.0,
  "summary_bg_p05": 0.0,
  "summary_bg_p95": 276.5906677246094,
  "summary_bg_stdv": 264.80303955078125,
  "summary_fg_k": 0.7472696021517371,
  "summary_fg_mad": 1099.188232421875,
  "summary_fg_mean": 5179.4814453125,
  "summary_fg_median": 5228.388671875,
  "summary_fg_n": 96810.0,
  "summary_fg_p05": 2848.9898071289062,
  "summary_fg_p95": 7202.31875,
  "summary_fg_stdv": 1277.0050048828125,
  "tsnr": 61.589988708496094
}