{
  "bids_meta": {
    "AcquisitionDuration": 238.55128,
    "Columns": 512,
    "EchoTime": 0.00281,
    "EchoTrainLength": 1,
    "EffectiveEchoSpacing": 0,
    "FieldOfView": [
      240.03,
      240.03,
      180
    ],
    "FlipAngle": 11,
    "GEImageTypeRIMPCode": 0,
    "ImageType": "ORIGINAL/PRIMARY/OTHER",
    "ImagingFrequency": 127.76514,
    "InplanePhaseEncodingDirection": "ROW",
    "InversionTime": 0.45,
    "MRAcquisitionType": "3D",
    "MagneticFieldStrength": 3,
    "Manufacturer": "GE MEDICAL SYSTEMS",
    "ManufacturersModelName": "DISCOVERY MR750",
    "NumberOfAverages": 1,
    "NumberOfEPIShots": 0,
    "NumberOfEchoes": 1,
    "NumberOfSlices": 180,
    "ParallelImagingReductionFactors": [
      0.571429,
      1
    ],
    "PercentPhaseFieldOfView": 100,
    "PhaseEncodingDirection": "i",
    "PixelBandwidth": 122.07,
    "PixelSpacing": [
      0.4688,
      0.4688
    ],
    "ReceiveCoilName": "8HRBRAIN",
    "RepetitionTime": 0.0064,
    "Rows": 512,
    "SATFatWaterBone": 0,
    "ScanOptions": [
      "FAST_GEMS",
      "EDR_GEMS",
      "FILTERED_GEMS",
      "ACC_GEMS"
    ],
    "ScanningSequence": "GR",
    "SequenceVariant": [
      "SS",
      "SK"
    ],
    "SeriesDate": "18740624",
    "SeriesDescription": "Sag3D_T1_1mm3",
    "SeriesNumber": 2,
    "SeriesTime": "194223",
    "SliceThickness": 1,
    "SpacingBetweenSlices": 1,
    "StudyTime": "194044",
    "modality": "T1w",
    "session_id": "2",
    "subject_id": "9096"
  },
  "cjv": 0.38201110053168574,
  "cnr": 3.5429953044531475,
  "efc": 0.6220484925485703,
  "fber": 139.06588745117188,
  "fwhm_avg": 6.64351833744747,
  "fwhm_x": 4.2364,
  "fwhm_y": 8.216638079835386,
  "fwhm_z": 7.477516932507022,
  "icvs_csf": 0.2332563931366289,
  "icvs_gm": 0.4048474860015654,
  "icvs_wm": 0.36189612086180567,
  "inu_med": 1.2895622253417969,
  "inu_range": 0.4752321064472198,
  "provenance": {
    "md5sum": "d05d62846f7bfb881d4773d6eb9409a0",
    "mriqc_pred": 0,
    "settings": {
      "testing": false
    },
    "software": "mriqc",
    "version": "0.9.6",
    "warnings": {
      "large_rot_frame": true,
      "small_air_mask": false
    }
  },
  "qi_1": 0.0,
  "qi_2": 0.00042099598960407297,
  "rpve_csf": 25.732100779409098,
  "rpve_gm": 14.750981781520917,
  "rpve_wm": 19.414210342966427,
  "size_x": 180,
  "size_y": 512,
  "size_z": 512,
  "snr_csf": 4.210834969583422,
  "snr_gm": 13.921487030142053,
  "snr_total": 12.336567281781887,
  "snr_wm": 18.877379845620183,
  "snrd_csf": 15.040372463080201,
  "snrd_gm": 33.64665309514605,
  "snrd_total": 31.59950637995695,
  "snrd_wm": 46.111493581644595,
  "spacing_x": 1.0,
  "spacing_y": 0.46880000829696655,
  "spacing_z": 0.46880000829696655,
  "summary_bg_k": 3.781211655316019,
  "summary_bg_mad": 14.207709312438965,
  "summary_bg_mean": 51.41618728637695,
  "summary_bg_median": 49.49916458129883,
  "summary_bg_n": 8693201.0,
  "summary_bg_p05": 29.15285873413086,
  "summary_bg_p95": 80.11808013916016,
  "summary_bg_stdv": 16.36540985107422,
  "summary_csf_k": 0.5981512464944565,
  "summary_csf_mad": 66.49202728271484,
  "summary_csf_mean": 339.4758605957031,
  "summary_csf_median": 326.1752014160156,
  "summary_csf_n": 238506.0,
  "summary_csf_p05": 234.51681518554688,
  "summary_csf_p95": 490.5353775024414,
  "summary_csf_stdv": 77.46076965332031,
  "summary_gm_k": 0.06257393191216831,
  "summary_gm_mad": 51.95967102050781,
  "summary_gm_mean": 729.985107421875,
  "summary_gm_median": 729.6829833984375,
  "summary_gm_n": 194450.0,
  "summary_gm_p05": 644.5374908447266,
  "summary_gm_p95": 816.6856475830078,
  "summary_gm_stdv": 52.41402053833008,
  "summary_wm_k": 0.28690353379902644,
  "summary_wm_mad": 51.305782318115234,
  "summary_wm_mean": 1001.8846435546875,
  "summary_wm_median": 1000.0035400390625,
  "summary_wm_n": 977153.0,
  "summary_wm_p05": 918.1503295898438,
  "summary_wm_p95": 1092.1683349609375,
  "summary_wm_stdv": 52.97361373901367,
  "tpm_overlap_csf": 0.21189622581005096,
  "tpm_overlap_gm": 0.4655134975910187,
  "tpm_overlap_wm": 0.5431178212165833,
  "wm2max": 0.3968279139944192
}