{
  "aor": 0.004794639175257731,
  "aqi": 0.004187502474226805,
  "bids_meta": {
    "AcquisitionDuration": 525.000256,
    "CogAtlasID": "trm_4c8a834779883",
    "Columns": 128,
    "EchoTime": 0.03,
    "EchoTrainLength": 1,
    "EffectiveEchoSpacing": 0.000464,
    "FieldOfView": [
      288,
      288,
      147
    ],
    "FlipAngle": 75,
    "GEImageTypeRIMPCode": 0,
    "ImageType": "ORIGINAL/PRIMARY/EPI/NONE",
    "ImagingFrequency": 127.765207,
    "InplanePhaseEncodingDirection": "COL",
    "InversionTime": 0,
    "MRAcquisitionType": "2D",
    "MagneticFieldStrength": 3,
    "Manufacturer": "GE MEDICAL SYSTEMS",
    "ManufacturersModelName": "DISCOVERY MR750",
    "NumberOfAverages": 1,
    "NumberOfEPIShots": 1,
    "NumberOfEchoes": 1,
    "NumberOfSlices": 49,
    "ParallelImagingReductionFactors": [
      0.5,
      1
    ],
    "PercentPhaseFieldOfView": 100,
    "PhaseEncodingDirection": "j",
    "PixelBandwidth": 3906.25,
    "PixelSpacing": [
      2.25,
      2.25
    ],
    "ReceiveCoilName": "8HRBRAIN",
    "RepetitionTime": 2.5,
    "Rows": 128,
    "SATFatWaterBone": 0,
    "ScanOptions": [
      "EPI_GEMS",
      "FILTERED_GEMS",
      "ACC_GEMS"
    ],
    "ScanningSequence": [
      "EP",
      "GR"
    ],
    "SequenceVariant": "SS",
    "SeriesDate": "18730226",
    "SeriesDescription": "RSN_BWRT_200vol_3mm",
    "SeriesNumber": 4,
    "SeriesTime": "201212",
    "SliceThickness": 3,
    "SliceTiming": [
      0,
      1.27551,
      0.05102,
      1.32653,
      0.10204,
      1.37755,
      0.15306,
      1.42857,
      0.20408,
      1.47959,
      0.2551,
      1.53061,
      0.30612,
      1.58163,
      0.35714,
      1.63265,
      0.40816,
      1.68367,
      0.45918,
      1.73469,
      0.5102,
      1.78571,
      0.56122,
      1.83673,
      0.61224,
      1.88776,
      0.66327,
      1.93878,
      0.71429,
      1.9898,
      0.76531,
      2.04082,
      0.81633,
      2.09184,
      0.86735,
      2.14286,
      0.91837,
      2.19388,
      0.96939,
      2.2449,
      1.02041,
      2.29592,
      1.07143,
      2.34694,
      1.12245,
      2.39796,
      1.17347,
      2.44898,
      1.22449
    ],
    "SliceTimingComputationMethod": "SliceNumber*RepetitionTime/NumberOfSlices (interleaved ascending, odd first)",
    "SpacingBetweenSlices": 3,
    "StudyTime": "200348",
    "TaskDescription": "Functional connectivity in the resting state was assessed during two eight-minute runs.",
    "TaskInstructions": "Participants were instructed to keep their eyes open and look at a white fixation cross presented against a gray background.",
    "TaskName": "Resting State",
    "dummyScans": 10,
    "modality": "bold",
    "session_id": "1",
    "subject_id": "9044",
    "task_id": "rest"
  },
  "dummy_trs": 0,
  "dvars_nstd": 16.55971837419689,
  "dvars_std": 1.0672479633678753,
  "dvars_vstd": 0.9833394179274606,
  "efc": 0.34674924880749025,
  "fber": 12370345.0,
  "fd_mean": 0.0743614997800874,
  "fd_num": 7,
  "fd_perc": 3.6082474226804124,
  "fwhm_avg": 3.3336911111111114,
  "fwhm_x": 3.4429866666666666,
  "fwhm_y": 3.788026666666666,
  "fwhm_z": 2.7700600000000004,
  "gcor": 0.0429836,
  "gsr_x": -0.01613830029964447,
  "gsr_y": -0.0006138607277534902,
  "provenance": {
    "md5sum": "911870401f5411fe622fef446d0d1031",
    "settings": {
      "fd_thres": 0.2,
      "hmc_fsl": false
    },
    "software": "mriqc",
    "version": "0.9.6"
  },
  "size_t": 194,
  "size_x": 128,
  "size_y": 128,
  "size_z": 49,
  "snr": 4.5532676305383735,
  "spacing_tr": 2.5,
  "spacing_x": 2.25,
  "spacing_y": 2.25,
  "spacing_z": 3.0,
  "summary_bg_k": 60.65158347440739,
  "summary_bg_mad": 2.4455294609069824,
  "summary_bg_mean": 88.53878021240234,
  "summary_bg_median": 1.6494845151901245,
  "summary_bg_n": 615464.0,
  "summary_bg_p05": 0.0,
  "summary_bg_p95": 445.45126647949184,
  "summary_bg_stdv": 320.90155029296875,
  "summary_fg_k": 0.8272350942521496,
  "summary_fg_mad": 1124.064453125,
  "summary_fg_mean": 5576.005859375,
  "summary_fg_median": 5543.484375,
  "summary_fg_n": 97849.0,
  "summary_fg_p05": 3575.145166015625,
  "summary_fg_p95": 7576.902832031248,
  "summary_fg_stdv": 1217.4676513671875,
  "tsnr": 69.31727600097656
}