{
  "aor": 0.010141489361702128,
  "aqi": 0.02890130787234043,
  "bids_meta": {
    "AcquisitionDuration": 723.000256,
    "Columns": 128,
    "EchoTime": 0.034,
    "EchoTrainLength": 1,
    "EffectiveEchoSpacing": 0.00056,
    "FieldOfView": [
      220.01,
      220.01,
      110.4
    ],
    "FlipAngle": 80,
    "GEImageTypeRIMPCode": 0,
    "ImageType": "ORIGINAL/PRIMARY/EPI/NONE",
    "ImagingFrequency": 127.765113,
    "InplanePhaseEncodingDirection": "COL",
    "InversionTime": 0,
    "MRAcquisitionType": "2D",
    "MagneticFieldStrength": 3,
    "Manufacturer": "GE MEDICAL SYSTEMS",
    "ManufacturersModelName": "DISCOVERY MR750",
    "NumberOfAverages": 1,
    "NumberOfEPIShots": 1,
    "NumberOfEchoes": 1,
    "NumberOfSlices": 46,
    "ParallelImagingReductionFactors": [
      0.5,
      1
    ],
    "PercentPhaseFieldOfView": 100,
    "PhaseEncodingDirection": "j",
    "PixelBandwidth": 3906.25,
    "PixelSpacing": [
      1.7188,
      1.7188
    ],
    "ReceiveCoilName": "8HRBRAIN",
    "RepetitionTime": 3,
    "Rows": 128,
    "SATFatWaterBone": 1,
    "ScanOptions": [
      "SAT_GEMS",
      "EPI_GEMS",
      "ACC_GEMS",
      "FS"
    ],
    "ScanningSequence": [
      "EP",
      "GR"
    ],
    "SequenceVariant": "SS",
    "SeriesDate": "18740310",
    "SeriesDescription": "fMRI-hands",
    "SeriesNumber": 7,
    "SeriesTime": "184620",
    "SliceThickness": 2.3,
    "SliceTiming": [
      0,
      1.5,
      0.06522,
      1.56522,
      0.13043,
      1.63043,
      0.19565,
      1.69565,
      0.26087,
      1.76087,
      0.32609,
      1.82609,
      0.3913,
      1.8913,
      0.45652,
      1.95652,
      0.52174,
      2.02174,
      0.58696,
      2.08696,
      0.65217,
      2.15217,
      0.71739,
      2.21739,
      0.78261,
      2.28261,
      0.84783,
      2.34783,
      0.91304,
      2.41304,
      0.97826,
      2.47826,
      1.04348,
      2.54348,
      1.1087,
      2.6087,
      1.17391,
      2.67391,
      1.23913,
      2.73913,
      1.30435,
      2.80435,
      1.36957,
      2.86957,
      1.43478,
      2.93478
    ],
    "SliceTimingComputationMethod": "SliceNumber*RepetitionTime/NumberOfSlices (interleaved ascending, odd first)",
    "SpacingBetweenSlices": 2.4,
    "StudyTime": "181605",
    "TaskDescription": "In an event-related design, participants were shown pictures of hands being stung by needles or poked with Q-tips. The stimulus set was kindly shared by Claus Lamm, and has been shown to be effective in previous work by him. After each picture, participants were asked to rate their perceived unpleasantness on a visual analog scale of 0-100.",
    "TaskInstructions": "",
    "TaskName": "Hands",
    "dummyScans": 5,
    "modality": "bold",
    "session_id": "2",
    "subject_id": "9079",
    "task_id": "hands"
  },
  "dummy_trs": 0,
  "dvars_nstd": 90.17860381962562,
  "dvars_std": 1.231392720695187,
  "dvars_vstd": 1.1412264417647056,
  "efc": 0.49926048091794756,
  "fber": 4157.96728515625,
  "fd_mean": 0.8155924879628865,
  "fd_num": 160,
  "fd_perc": 85.1063829787234,
  "fwhm_avg": 3.1344371243939353,
  "fwhm_x": 3.218879546865974,
  "fwhm_y": 3.6139167939386083,
  "fwhm_z": 2.5705150323772226,
  "gcor": 0.0528034,
  "gsr_x": 0.0048456452786922455,
  "gsr_y": 0.02007540501654148,
  "provenance": {
    "md5sum": "6222be065160751ed3590496d3d8b48f",
    "settings": {
      "fd_thres": 0.2,
      "hmc_fsl": false
    },
    "software": "mriqc",
    "version": "0.9.6"
  },
  "size_t": 188,
  "size_x": 128,
  "size_y": 128,
  "size_z": 46,
  "snr": 3.1149124713421275,
  "spacing_tr": 3.0,
  "spacing_x": 1.7187999486923218,
  "spacing_y": 1.7187999486923218,
  "spacing_z": 2.4000015258789062,
  "summary_bg_k": 165.16674460339945,
  "summary_bg_mad": 77.95491027832031,
  "summary_bg_mean": 123.09851837158203,
  "summary_bg_median": 54.01063537597656,
  "summary_bg_n": 468429.0,
  "summary_bg_p05": 0.21276594698429108,
  "summary_bg_p95": 445.39678955078045,
  "summary_bg_stdv": 291.026611328125,
  "summary_fg_k": 1.1459338406106783,
  "summary_fg_mad": 955.2454223632812,
  "summary_fg_mean": 3695.5009765625,
  "summary_fg_median": 3557.44140625,
  "summary_fg_n": 188077.0,
  "summary_fg_p05": 2054.023291015625,
  "summary_fg_p95": 5852.157421875,
  "summary_fg_stdv": 1142.0648193359375,
  "tsnr": 18.936622619628906
}