{
  "aor": 0.005620259067357512,
  "aqi": 0.0055729370984455955,
  "bids_meta": {
    "AcquisitionDuration": 525.000256,
    "CogAtlasID": "trm_4c8a834779883",
    "Columns": 128,
    "EchoTime": 0.03,
    "EchoTrainLength": 1,
    "EffectiveEchoSpacing": 0.000464,
    "FieldOfView": [
      288,
      288,
      147
    ],
    "FlipAngle": 75,
    "GEImageTypeRIMPCode": 0,
    "ImageType": "ORIGINAL/PRIMARY/EPI/NONE",
    "ImagingFrequency": 127.765277,
    "InplanePhaseEncodingDirection": "COL",
    "InversionTime": 0,
    "MRAcquisitionType": "2D",
    "MagneticFieldStrength": 3,
    "Manufacturer": "GE MEDICAL SYSTEMS",
    "ManufacturersModelName": "DISCOVERY MR750",
    "NumberOfAverages": 1,
    "NumberOfEPIShots": 1,
    "NumberOfEchoes": 1,
    "NumberOfSlices": 49,
    "ParallelImagingReductionFactors": [
      0.5,
      1
    ],
    "PercentPhaseFieldOfView": 100,
    "PhaseEncodingDirection": "j",
    "PixelBandwidth": 3906.25,
    "PixelSpacing": [
      2.25,
      2.25
    ],
    "ReceiveCoilName": "8HRBRAIN",
    "RepetitionTime": 2.5,
    "Rows": 128,
    "SATFatWaterBone": 0,
    "ScanOptions": [
      "EPI_GEMS",
      "FILTERED_GEMS",
      "ACC_GEMS"
    ],
    "ScanningSequence": [
      "EP",
      "GR"
    ],
    "SequenceVariant": "SS",
    "SeriesDate": "18730311",
    "SeriesDescription": "RSN_BWRT_200vol_3mm",
    "SeriesNumber": 4,
    "SeriesTime": "204152",
    "SliceThickness": 3,
    "SliceTiming": [
      0,
      1.27551,
      0.05102,
      1.32653,
      0.10204,
      1.37755,
      0.15306,
      1.42857,
      0.20408,
      1.47959,
      0.2551,
      1.53061,
      0.30612,
      1.58163,
      0.35714,
      1.63265,
      0.40816,
      1.68367,
      0.45918,
      1.73469,
      0.5102,
      1.78571,
      0.56122,
      1.83673,
      0.61224,
      1.88776,
      0.66327,
      1.93878,
      0.71429,
      1.9898,
      0.76531,
      2.04082,
      0.81633,
      2.09184,
      0.86735,
      2.14286,
      0.91837,
      2.19388,
      0.96939,
      2.2449,
      1.02041,
      2.29592,
      1.07143,
      2.34694,
      1.12245,
      2.39796,
      1.17347,
      2.44898,
      1.22449
    ],
    "SliceTimingComputationMethod": "SliceNumber*RepetitionTime/NumberOfSlices (interleaved ascending, odd first)",
    "SpacingBetweenSlices": 3,
    "StudyTime": "203354",
    "TaskDescription": "Functional connectivity in the resting state was assessed during two eight-minute runs.",
    "TaskInstructions": "Participants were instructed to keep their eyes open and look at a white fixation cross presented against a gray background.",
    "TaskName": "Resting State",
    "dummyScans": 10,
    "modality": "bold",
    "session_id": "1",
    "subject_id": "9007",
    "task_id": "rest"
  },
  "dummy_trs": 0,
  "dvars_nstd": 20.826620211145826,
  "dvars_std": 1.0219351444270837,
  "dvars_vstd": 0.9462193569270837,
  "efc": 0.35561609675123956,
  "fber": 25372268.0,
  "fd_mean": 0.1113875701232389,
  "fd_num": 14,
  "fd_perc": 7.253886010362694,
  "fwhm_avg": 3.359159259259259,
  "fwhm_x": 3.3524177777777777,
  "fwhm_y": 3.95796,
  "fwhm_z": 2.7670999999999997,
  "gcor": 0.0425654,
  "gsr_x": -0.02477119490504265,
  "gsr_y": 0.007929197512567043,
  "provenance": {
    "md5sum": "658889d54c1beb37c32cfb76e30d166a",
    "settings": {
      "fd_thres": 0.2,
      "hmc_fsl": false
    },
    "software": "mriqc",
    "version": "0.9.6"
  },
  "size_t": 193,
  "size_x": 128,
  "size_y": 128,
  "size_z": 49,
  "snr": 3.986888484663323,
  "spacing_tr": 2.5,
  "spacing_x": 2.25,
  "spacing_y": 2.25,
  "spacing_z": 3.0,
  "summary_bg_k": 40.55761386100866,
  "summary_bg_mad": 1.5133297443389893,
  "summary_bg_mean": 107.14966583251953,
  "summary_bg_median": 1.0207253694534302,
  "summary_bg_n": 613660.0,
  "summary_bg_p05": 0.0,
  "summary_bg_p95": 652.5554199218735,
  "summary_bg_stdv": 379.1567687988281,
  "summary_fg_k": 0.6027595920855982,
  "summary_fg_mad": 1136.068603515625,
  "summary_fg_mean": 4951.79931640625,
  "summary_fg_median": 4943.326171875,
  "summary_fg_n": 99276.0,
  "summary_fg_p05": 2843.6061401367188,
  "summary_fg_p95": 7006.3857421875,
  "summary_fg_stdv": 1239.8895263671875,
  "tsnr": 53.170475006103516
}