{
  "bids_meta": {
    "AcquisitionDuration": 393.10048,
    "Columns": 512,
    "EchoTime": 0.12675,
    "EchoTrainLength": 140,
    "EffectiveEchoSpacing": 0,
    "FieldOfView": [
      240.03,
      240.03,
      87.6
    ],
    "FlipAngle": 90,
    "GEImageTypeRIMPCode": 0,
    "ImageType": "ORIGINAL/PRIMARY/OTHER",
    "ImagingFrequency": 127.765078,
    "InplanePhaseEncodingDirection": "ROW",
    "InversionTime": 1.862,
    "MRAcquisitionType": "3D",
    "MagneticFieldStrength": 3,
    "Manufacturer": "GE MEDICAL SYSTEMS",
    "ManufacturersModelName": "DISCOVERY MR750",
    "NumberOfAverages": 1,
    "NumberOfEPIShots": 1,
    "NumberOfEchoes": 1,
    "NumberOfSlices": 146,
    "ParallelImagingReductionFactors": [
      0.5,
      0.5
    ],
    "PercentPhaseFieldOfView": 100,
    "PhaseEncodingDirection": "i",
    "PixelBandwidth": 122.07,
    "PixelSpacing": [
      0.4688,
      0.4688
    ],
    "ReceiveCoilName": "8HRBRAIN",
    "RepetitionTime": 6,
    "Rows": 512,
    "SATFatWaterBone": 0,
    "ScanOptions": [
      "EDR_GEMS",
      "FILTERED_GEMS",
      "ACC_GEMS"
    ],
    "ScanningSequence": [
      "SE",
      "IR"
    ],
    "SequenceVariant": "SK",
    "SeriesDate": "18740606",
    "SeriesDescription": "Sag CUBE T2 flair",
    "SeriesNumber": 10,
    "SeriesTime": "191954",
    "SliceThickness": 1.2,
    "SpacingBetweenSlices": 0.600002,
    "StudyTime": "181123",
    "modality": "T2w",
    "session_id": "1",
    "subject_id": "9029"
  },
  "cjv": 0.6709152169294819,
  "cnr": 0.7467251955000528,
  "efc": 0.6311432408010459,
  "fber": 282.5526123046875,
  "fwhm_avg": 4.3243040469719025,
  "fwhm_x": 3.9396998434503936,
  "fwhm_y": 4.700085241048527,
  "fwhm_z": 4.333127056416787,
  "icvs_csf": 0.4259400811633229,
  "icvs_gm": 0.44089604251685033,
  "icvs_wm": 0.13316387631982682,
  "inu_med": 1.1556999683380127,
  "inu_range": 0.5705064386129378,
  "provenance": {
    "md5sum": "647110f925c724fe5604a68321dd5c46",
    "settings": {
      "testing": false
    },
    "software": "mriqc",
    "version": "0.9.6",
    "warnings": {
      "large_rot_frame": true,
      "small_air_mask": false
    }
  },
  "qi_1": 0.0,
  "qi_2": 0.0005471321784063316,
  "rpve_csf": 17.094712927013905,
  "rpve_gm": 15.953637972949151,
  "rpve_wm": 47.37479423964208,
  "size_x": 292,
  "size_y": 512,
  "size_z": 512,
  "snr_csf": 13.653771078217094,
  "snr_gm": 15.41697434320575,
  "snr_total": 10.079418526911587,
  "snr_wm": 1.1675101593119188,
  "snrd_csf": 48.564957754505954,
  "snrd_gm": 38.89680415636825,
  "snrd_total": 37.03457541709831,
  "snrd_wm": 23.641964340420728,
  "spacing_x": 0.6000000238418579,
  "spacing_y": 0.46880000829696655,
  "spacing_z": 0.46880000829696655,
  "summary_bg_k": 179.8308535161633,
  "summary_bg_mad": 27.688156127929688,
  "summary_bg_mean": 76.65850067138672,
  "summary_bg_median": 68.3309326171875,
  "summary_bg_n": 13743083.0,
  "summary_bg_p05": 33.03131942749023,
  "summary_bg_p95": 148.09570007324214,
  "summary_bg_stdv": 40.66263961791992,
  "summary_csf_k": 0.23760678190253914,
  "summary_csf_mad": 147.55630493164062,
  "summary_csf_mean": 2061.033203125,
  "summary_csf_median": 2052.51025390625,
  "summary_csf_n": 669416.0,
  "summary_csf_p05": 1829.4507751464844,
  "summary_csf_p95": 2321.6138916015625,
  "summary_csf_stdv": 150.32540893554688,
  "summary_gm_k": -0.020071781879031914,
  "summary_gm_mad": 106.84056854248047,
  "summary_gm_mean": 1644.692138671875,
  "summary_gm_median": 1643.9031982421875,
  "summary_gm_n": 417237.0,
  "summary_gm_p05": 1470.7173095703126,
  "summary_gm_p95": 1820.6986572265625,
  "summary_gm_stdv": 106.62930297851562,
  "summary_wm_k": 2.466908456198661,
  "summary_wm_mad": 325.7107238769531,
  "summary_wm_mean": 1163.083251953125,
  "summary_wm_median": 999.1849365234375,
  "summary_wm_n": 67686.0,
  "summary_wm_p05": 241.79986953735352,
  "summary_wm_p95": 3316.0914306640625,
  "summary_wm_stdv": 855.8191528320312,
  "tpm_overlap_csf": 0.09422584623098373,
  "tpm_overlap_gm": 0.3020171523094177,
  "tpm_overlap_wm": 0.09877558797597885,
  "wm2max": 0.19213621185829632
}