{
  "aor": 0.0021205729166666664,
  "aqi": 0.005409292916666667,
  "bids_meta": {
    "AcquisitionDuration": 525.000256,
    "CogAtlasID": "trm_4c8a834779883",
    "Columns": 128,
    "EchoTime": 0.03,
    "EchoTrainLength": 1,
    "EffectiveEchoSpacing": 0.000464,
    "FieldOfView": [
      288,
      288,
      147
    ],
    "FlipAngle": 75,
    "GEImageTypeRIMPCode": 0,
    "ImageType": "ORIGINAL/PRIMARY/EPI/NONE",
    "ImagingFrequency": 127.765101,
    "InplanePhaseEncodingDirection": "COL",
    "InversionTime": 0,
    "MRAcquisitionType": "2D",
    "MagneticFieldStrength": 3,
    "Manufacturer": "GE MEDICAL SYSTEMS",
    "ManufacturersModelName": "DISCOVERY MR750",
    "NumberOfAverages": 1,
    "NumberOfEPIShots": 1,
    "NumberOfEchoes": 1,
    "NumberOfSlices": 49,
    "ParallelImagingReductionFactors": [
      0.5,
      1
    ],
    "PercentPhaseFieldOfView": 100,
    "PhaseEncodingDirection": "j",
    "PixelBandwidth": 3906.25,
    "PixelSpacing": [
      2.25,
      2.25
    ],
    "ReceiveCoilName": "8HRBRAIN",
    "RepetitionTime": 2.5,
    "Rows": 128,
    "SATFatWaterBone": 0,
    "ScanOptions": [
      "EPI_GEMS",
      "FILTERED_GEMS",
      "ACC_GEMS"
    ],
    "ScanningSequence": [
      "EP",
      "GR"
    ],
    "SequenceVariant": "SS",
    "SeriesDate": "18740417",
    "SeriesDescription": "RSN_BWRT_200vol_3mm",
    "SeriesNumber": 4,
    "SeriesTime": "200325",
    "SliceThickness": 3,
    "SliceTiming": [
      0,
      1.27551,
      0.05102,
      1.32653,
      0.10204,
      1.37755,
      0.15306,
      1.42857,
      0.20408,
      1.47959,
      0.2551,
      1.53061,
      0.30612,
      1.58163,
      0.35714,
      1.63265,
      0.40816,
      1.68367,
      0.45918,
      1.73469,
      0.5102,
      1.78571,
      0.56122,
      1.83673,
      0.61224,
      1.88776,
      0.66327,
      1.93878,
      0.71429,
      1.9898,
      0.76531,
      2.04082,
      0.81633,
      2.09184,
      0.86735,
      2.14286,
      0.91837,
      2.19388,
      0.96939,
      2.2449,
      1.02041,
      2.29592,
      1.07143,
      2.34694,
      1.12245,
      2.39796,
      1.17347,
      2.44898,
      1.22449
    ],
    "SliceTimingComputationMethod": "SliceNumber*RepetitionTime/NumberOfSlices (interleaved ascending, odd first)",
    "SpacingBetweenSlices": 3,
    "StudyTime": "195624",
    "TaskDescription": "Functional connectivity in the resting state was assessed during two eight-minute runs.",
    "TaskInstructions": "Participants were instructed to keep their eyes open and look at a white fixation cross presented against a gray background.",
    "TaskName": "Resting State",
    "dummyScans": 10,
    "modality": "bold",
    "session_id": "1",
    "subject_id": "9075",
    "task_id": "rest"
  },
  "dummy_trs": 0,
  "dvars_nstd": 19.81997108958114,
  "dvars_std": 1.1798793237172767,
  "dvars_vstd": 1.0154805509947646,
  "efc": 0.34790450632363856,
  "fber": 29502330.0,
  "fd_mean": 0.0811491572537474,
  "fd_num": 9,
  "fd_perc": 4.6875,
  "fwhm_avg": 3.122030740740741,
  "fwhm_x": 3.1740266666666668,
  "fwhm_y": 3.613702222222222,
  "fwhm_z": 2.5783633333333333,
  "gcor": 0.0288438,
  "gsr_x": -0.020381154492497444,
  "gsr_y": 0.001216738484799862,
  "provenance": {
    "md5sum": "3fc9cb76b81e031c5b27e0920566a691",
    "settings": {
      "fd_thres": 0.2,
      "hmc_fsl": false
    },
    "software": "mriqc",
    "version": "0.9.6"
  },
  "size_t": 192,
  "size_x": 128,
  "size_y": 128,
  "size_z": 49,
  "snr": 4.42811612572217,
  "spacing_tr": 2.5,
  "spacing_x": 2.25,
  "spacing_y": 2.25,
  "spacing_z": 3.0,
  "summary_bg_k": 61.395384669704654,
  "summary_bg_mad": 1.3049988746643066,
  "summary_bg_mean": 81.26448059082031,
  "summary_bg_median": 0.8802083730697632,
  "summary_bg_n": 618526.0,
  "summary_bg_p05": 0.0,
  "summary_bg_p95": 431.5911560058594,
  "summary_bg_stdv": 277.93804931640625,
  "summary_fg_k": 1.3361502895193391,
  "summary_fg_mad": 875.00537109375,
  "summary_fg_mean": 4612.9228515625,
  "summary_fg_median": 4617.52099609375,
  "summary_fg_n": 96251.0,
  "summary_fg_p05": 2858.9610595703125,
  "summary_fg_p95": 6327.447998046875,
  "summary_fg_stdv": 1042.767822265625,
  "tsnr": 70.22738647460938
}