{
  "aor": 0.002612033898305085,
  "aqi": 0.00817795836158192,
  "bids_meta": {
    "AcquisitionDuration": 723.000256,
    "Columns": 128,
    "EchoTime": 0.034,
    "EchoTrainLength": 1,
    "EffectiveEchoSpacing": 0.000532,
    "FieldOfView": [
      240,
      240,
      108
    ],
    "FlipAngle": 80,
    "GEImageTypeRIMPCode": 0,
    "ImageType": "ORIGINAL/PRIMARY/EPI/NONE",
    "ImagingFrequency": 127.765278,
    "InplanePhaseEncodingDirection": "COL",
    "InversionTime": 0,
    "MRAcquisitionType": "2D",
    "MagneticFieldStrength": 3,
    "Manufacturer": "GE MEDICAL SYSTEMS",
    "ManufacturersModelName": "DISCOVERY MR750",
    "NumberOfAverages": 1,
    "NumberOfEPIShots": 1,
    "NumberOfEchoes": 1,
    "NumberOfSlices": 45,
    "ParallelImagingReductionFactors": [
      0.5,
      1
    ],
    "PercentPhaseFieldOfView": 100,
    "PhaseEncodingDirection": "j",
    "PixelBandwidth": 3906.25,
    "PixelSpacing": [
      1.875,
      1.875
    ],
    "ReceiveCoilName": "8HRBRAIN",
    "RepetitionTime": 3,
    "Rows": 128,
    "SATFatWaterBone": 1,
    "ScanOptions": [
      "SAT_GEMS",
      "EPI_GEMS",
      "ACC_GEMS",
      "FS"
    ],
    "ScanningSequence": [
      "EP",
      "GR"
    ],
    "SequenceVariant": "SS",
    "SeriesDate": "18730429",
    "SeriesDescription": "fMRI-hands",
    "SeriesNumber": 8,
    "SeriesTime": "204714",
    "SliceThickness": 2.3,
    "SliceTiming": [
      0,
      1.53333,
      0.06667,
      1.6,
      0.13333,
      1.66667,
      0.2,
      1.73333,
      0.26667,
      1.8,
      0.33333,
      1.86667,
      0.4,
      1.93333,
      0.46667,
      2,
      0.53333,
      2.06667,
      0.6,
      2.13333,
      0.66667,
      2.2,
      0.73333,
      2.26667,
      0.8,
      2.33333,
      0.86667,
      2.4,
      0.93333,
      2.46667,
      1,
      2.53333,
      1.06667,
      2.6,
      1.13333,
      2.66667,
      1.2,
      2.73333,
      1.26667,
      2.8,
      1.33333,
      2.86667,
      1.4,
      2.93333,
      1.46667
    ],
    "SliceTimingComputationMethod": "SliceNumber*RepetitionTime/NumberOfSlices (interleaved ascending, odd first)",
    "SpacingBetweenSlices": 2.4,
    "StudyTime": "201431",
    "TaskDescription": "In an event-related design, participants were shown pictures of hands being stung by needles or poked with Q-tips. The stimulus set was kindly shared by Claus Lamm, and has been shown to be effective in previous work by him. After each picture, participants were asked to rate their perceived unpleasantness on a visual analog scale of 0-100.",
    "TaskInstructions": "",
    "TaskName": "Hands",
    "dummyScans": 5,
    "modality": "bold",
    "session_id": "2",
    "subject_id": "9082",
    "task_id": "hands"
  },
  "dummy_trs": 0,
  "dvars_nstd": 31.605657772954533,
  "dvars_std": 1.0461520695454547,
  "dvars_vstd": 1.0028582722159098,
  "efc": 0.37628800644807436,
  "fber": 582491.0625,
  "fd_mean": 0.14252892935135925,
  "fd_num": 33,
  "fd_perc": 18.64406779661017,
  "fwhm_avg": 3.152802358740722,
  "fwhm_x": 3.2506666666666666,
  "fwhm_y": 3.63104,
  "fwhm_z": 2.5767004095555004,
  "gcor": 0.0157628,
  "gsr_x": -0.01233165618032217,
  "gsr_y": 0.013331153430044651,
  "provenance": {
    "md5sum": "3cb8712cd7217134fc65e3b8fd2661b8",
    "settings": {
      "fd_thres": 0.2,
      "hmc_fsl": false
    },
    "software": "mriqc",
    "version": "0.9.6"
  },
  "size_t": 177,
  "size_x": 128,
  "size_y": 128,
  "size_z": 45,
  "snr": 3.6755299500561764,
  "spacing_tr": 3.0,
  "spacing_x": 1.875,
  "spacing_y": 1.875,
  "spacing_z": 2.3999996185302734,
  "summary_bg_k": 255.6802401928445,
  "summary_bg_mad": 7.3795061111450195,
  "summary_bg_mean": 56.030696868896484,
  "summary_bg_median": 4.977401256561279,
  "summary_bg_n": 539926.0,
  "summary_bg_p05": 0.0,
  "summary_bg_p95": 224.27683639526367,
  "summary_bg_stdv": 179.91110229492188,
  "summary_fg_k": 0.9825479443193661,
  "summary_fg_mad": 876.6533813476562,
  "summary_fg_mean": 3609.908447265625,
  "summary_fg_median": 3596.491455078125,
  "summary_fg_n": 109935.0,
  "summary_fg_p05": 1990.4299438476564,
  "summary_fg_p95": 5194.624951171874,
  "summary_fg_stdv": 978.4915771484375,
  "tsnr": 41.404258728027344
}