{
  "aor": 0.003326443298969072,
  "aqi": 0.0068626668556701015,
  "bids_meta": {
    "AcquisitionDuration": 525.000256,
    "CogAtlasID": "trm_4c8a834779883",
    "Columns": 128,
    "EchoTime": 0.03,
    "EchoTrainLength": 1,
    "EffectiveEchoSpacing": 0.000464,
    "FieldOfView": [
      288,
      288,
      147
    ],
    "FlipAngle": 75,
    "GEImageTypeRIMPCode": 0,
    "ImageType": "ORIGINAL/PRIMARY/EPI/NONE",
    "ImagingFrequency": 127.765176,
    "InplanePhaseEncodingDirection": "COL",
    "InversionTime": 0,
    "MRAcquisitionType": "2D",
    "MagneticFieldStrength": 3,
    "Manufacturer": "GE MEDICAL SYSTEMS",
    "ManufacturersModelName": "DISCOVERY MR750",
    "NumberOfAverages": 1,
    "NumberOfEPIShots": 1,
    "NumberOfEchoes": 1,
    "NumberOfSlices": 49,
    "ParallelImagingReductionFactors": [
      0.5,
      1
    ],
    "PercentPhaseFieldOfView": 100,
    "PhaseEncodingDirection": "j",
    "PixelBandwidth": 3906.25,
    "PixelSpacing": [
      2.25,
      2.25
    ],
    "ReceiveCoilName": "8HRBRAIN",
    "RepetitionTime": 2.5,
    "Rows": 128,
    "SATFatWaterBone": 0,
    "ScanOptions": [
      "EPI_GEMS",
      "FILTERED_GEMS",
      "ACC_GEMS"
    ],
    "ScanningSequence": [
      "EP",
      "GR"
    ],
    "SequenceVariant": "SS",
    "SeriesDate": "18740410",
    "SeriesDescription": "RSN_BWRT_200vol_3mm",
    "SeriesNumber": 10,
    "SeriesTime": "193037",
    "SliceThickness": 3,
    "SliceTiming": [
      0,
      1.27551,
      0.05102,
      1.32653,
      0.10204,
      1.37755,
      0.15306,
      1.42857,
      0.20408,
      1.47959,
      0.2551,
      1.53061,
      0.30612,
      1.58163,
      0.35714,
      1.63265,
      0.40816,
      1.68367,
      0.45918,
      1.73469,
      0.5102,
      1.78571,
      0.56122,
      1.83673,
      0.61224,
      1.88776,
      0.66327,
      1.93878,
      0.71429,
      1.9898,
      0.76531,
      2.04082,
      0.81633,
      2.09184,
      0.86735,
      2.14286,
      0.91837,
      2.19388,
      0.96939,
      2.2449,
      1.02041,
      2.29592,
      1.07143,
      2.34694,
      1.12245,
      2.39796,
      1.17347,
      2.44898,
      1.22449
    ],
    "SliceTimingComputationMethod": "SliceNumber*RepetitionTime/NumberOfSlices (interleaved ascending, odd first)",
    "SpacingBetweenSlices": 3,
    "StudyTime": "182545",
    "TaskDescription": "Functional connectivity in the resting state was assessed during two eight-minute runs. Participants were asked to rate their sleepiness using the Karolinska Sleepiness Scale every 2 minutes",
    "TaskInstructions": "Participants were instructed to keep their eyes open and look at a white fixation cross presented against a gray background.",
    "TaskName": "Sleepiness",
    "dummyScans": 10,
    "modality": "bold",
    "session_id": "1",
    "subject_id": "9047",
    "task_id": "sleepiness"
  },
  "dummy_trs": 0,
  "dvars_nstd": 22.264710802383426,
  "dvars_std": 1.146719963937824,
  "dvars_vstd": 1.0086292224870472,
  "efc": 0.3394384431937109,
  "fber": 55998696.0,
  "fd_mean": 0.2279872606216222,
  "fd_num": 79,
  "fd_perc": 40.72164948453608,
  "fwhm_avg": 3.17186,
  "fwhm_x": 3.1519644444444443,
  "fwhm_y": 3.607862222222222,
  "fwhm_z": 2.7557533333333333,
  "gcor": 0.0396973,
  "gsr_x": -0.014931049197912216,
  "gsr_y": -0.002441748743876815,
  "provenance": {
    "md5sum": "1e57ae0278f2dd95b0c9b569310aa6ba",
    "settings": {
      "fd_thres": 0.2,
      "hmc_fsl": false
    },
    "software": "mriqc",
    "version": "0.9.6"
  },
  "size_t": 194,
  "size_x": 128,
  "size_y": 128,
  "size_z": 49,
  "snr": 4.967624124987817,
  "spacing_tr": 2.5,
  "spacing_x": 2.25,
  "spacing_y": 2.25,
  "spacing_z": 3.0,
  "summary_bg_k": 71.65514804042786,
  "summary_bg_mad": 1.0852036476135254,
  "summary_bg_mean": 63.80423355102539,
  "summary_bg_median": 0.7319587469100952,
  "summary_bg_n": 619151.0,
  "summary_bg_p05": 0.0,
  "summary_bg_p95": 317.96905517578125,
  "summary_bg_stdv": 228.8562469482422,
  "summary_fg_k": 1.4353746499130988,
  "summary_fg_mad": 862.4003295898438,
  "summary_fg_mean": 4963.43408203125,
  "summary_fg_median": 4995.97900390625,
  "summary_fg_n": 96003.0,
  "summary_fg_p05": 3222.190185546875,
  "summary_fg_p95": 6536.18701171875,
  "summary_fg_stdv": 1005.7026977539062,
  "tsnr": 58.23358917236328
}