{
  "aor": 0.0011047,
  "aqi": 0.00254866335,
  "bids_meta": {
    "AcquisitionDuration": 525.000256,
    "CogAtlasID": "trm_4c8a834779883",
    "Columns": 128,
    "EchoTime": 0.03,
    "EchoTrainLength": 1,
    "EffectiveEchoSpacing": 0.000464,
    "FieldOfView": [
      288,
      288,
      147
    ],
    "FlipAngle": 75,
    "GEImageTypeRIMPCode": 0,
    "ImageType": "ORIGINAL/PRIMARY/EPI/NONE",
    "ImagingFrequency": 127.765142,
    "InplanePhaseEncodingDirection": "COL",
    "InversionTime": 0,
    "MRAcquisitionType": "2D",
    "MagneticFieldStrength": 3,
    "Manufacturer": "GE MEDICAL SYSTEMS",
    "ManufacturersModelName": "DISCOVERY MR750",
    "NumberOfAverages": 1,
    "NumberOfEPIShots": 1,
    "NumberOfEchoes": 1,
    "NumberOfSlices": 49,
    "ParallelImagingReductionFactors": [
      0.5,
      1
    ],
    "PercentPhaseFieldOfView": 100,
    "PhaseEncodingDirection": "j",
    "PixelBandwidth": 3906.25,
    "PixelSpacing": [
      2.25,
      2.25
    ],
    "ReceiveCoilName": "8HRBRAIN",
    "RepetitionTime": 2.5,
    "Rows": 128,
    "SATFatWaterBone": 0,
    "ScanOptions": [
      "EPI_GEMS",
      "FILTERED_GEMS",
      "ACC_GEMS"
    ],
    "ScanningSequence": [
      "EP",
      "GR"
    ],
    "SequenceVariant": "SS",
    "SeriesDate": "18740512",
    "SeriesDescription": "RSN_BWRT_200vol_3mm",
    "SeriesNumber": 10,
    "SeriesTime": "185604",
    "SliceThickness": 3,
    "SliceTiming": [
      0,
      1.27551,
      0.05102,
      1.32653,
      0.10204,
      1.37755,
      0.15306,
      1.42857,
      0.20408,
      1.47959,
      0.2551,
      1.53061,
      0.30612,
      1.58163,
      0.35714,
      1.63265,
      0.40816,
      1.68367,
      0.45918,
      1.73469,
      0.5102,
      1.78571,
      0.56122,
      1.83673,
      0.61224,
      1.88776,
      0.66327,
      1.93878,
      0.71429,
      1.9898,
      0.76531,
      2.04082,
      0.81633,
      2.09184,
      0.86735,
      2.14286,
      0.91837,
      2.19388,
      0.96939,
      2.2449,
      1.02041,
      2.29592,
      1.07143,
      2.34694,
      1.12245,
      2.39796,
      1.17347,
      2.44898,
      1.22449
    ],
    "SliceTimingComputationMethod": "SliceNumber*RepetitionTime/NumberOfSlices (interleaved ascending, odd first)",
    "SpacingBetweenSlices": 3,
    "StudyTime": "175110",
    "TaskDescription": "Functional connectivity in the resting state was assessed during two eight-minute runs. Participants were asked to rate their sleepiness using the Karolinska Sleepiness Scale every 2 minutes",
    "TaskInstructions": "Participants were instructed to keep their eyes open and look at a white fixation cross presented against a gray background.",
    "TaskName": "Sleepiness",
    "dummyScans": 10,
    "modality": "bold",
    "session_id": "2",
    "subject_id": "9062",
    "task_id": "sleepiness"
  },
  "dummy_trs": 0,
  "dvars_nstd": 15.474530799899496,
  "dvars_std": 1.1704904850251263,
  "dvars_vstd": 0.9844639863316585,
  "efc": 0.3084601299274413,
  "fber": 98217528.0,
  "fd_mean": 0.044601611296148105,
  "fd_num": 3,
  "fd_perc": 1.5,
  "fwhm_avg": 3.330839259259259,
  "fwhm_x": 3.358373333333333,
  "fwhm_y": 3.9322977777777783,
  "fwhm_z": 2.7018466666666665,
  "gcor": 0.0243405,
  "gsr_x": -0.015447842888534069,
  "gsr_y": 0.000867770635522902,
  "provenance": {
    "md5sum": "33a1a53291d076214624e5ae50983690",
    "settings": {
      "fd_thres": 0.2,
      "hmc_fsl": false
    },
    "software": "mriqc",
    "version": "0.9.6"
  },
  "size_t": 200,
  "size_x": 128,
  "size_y": 128,
  "size_z": 49,
  "snr": 4.896556789751214,
  "spacing_tr": 2.5,
  "spacing_x": 2.25,
  "spacing_y": 2.25,
  "spacing_z": 3.0,
  "summary_bg_k": 103.64765987866441,
  "summary_bg_mad": 0.8524962663650513,
  "summary_bg_mean": 62.78654479980469,
  "summary_bg_median": 0.574999988079071,
  "summary_bg_n": 639121.0,
  "summary_bg_p05": 0.0,
  "summary_bg_p95": 285.17498779296875,
  "summary_bg_stdv": 254.78140258789062,
  "summary_fg_k": 1.4634380401264364,
  "summary_fg_mad": 902.445068359375,
  "summary_fg_mean": 5144.1806640625,
  "summary_fg_median": 5200.6796875,
  "summary_fg_n": 78577.0,
  "summary_fg_p05": 3230.30185546875,
  "summary_fg_p95": 6748.783984375,
  "summary_fg_stdv": 1062.102783203125,
  "tsnr": 98.63954162597656
}