{
  "aor": 0.00867419689119171,
  "aqi": 0.017177702331606218,
  "bids_meta": {
    "AcquisitionDuration": 723.000256,
    "Columns": 128,
    "EchoTime": 0.034,
    "EchoTrainLength": 1,
    "EffectiveEchoSpacing": 0.000532,
    "FieldOfView": [
      240,
      240,
      108
    ],
    "FlipAngle": 80,
    "GEImageTypeRIMPCode": 0,
    "ImageType": "ORIGINAL/PRIMARY/EPI/NONE",
    "ImagingFrequency": 127.765285,
    "InplanePhaseEncodingDirection": "COL",
    "InversionTime": 0,
    "MRAcquisitionType": "2D",
    "MagneticFieldStrength": 3,
    "Manufacturer": "GE MEDICAL SYSTEMS",
    "ManufacturersModelName": "DISCOVERY MR750",
    "NumberOfAverages": 1,
    "NumberOfEPIShots": 1,
    "NumberOfEchoes": 1,
    "NumberOfSlices": 45,
    "ParallelImagingReductionFactors": [
      0.5,
      1
    ],
    "PercentPhaseFieldOfView": 100,
    "PhaseEncodingDirection": "j",
    "PixelBandwidth": 3906.25,
    "PixelSpacing": [
      1.875,
      1.875
    ],
    "ReceiveCoilName": "8HRBRAIN",
    "RepetitionTime": 3,
    "Rows": 128,
    "SATFatWaterBone": 1,
    "ScanOptions": [
      "SAT_GEMS",
      "EPI_GEMS",
      "ACC_GEMS",
      "FS"
    ],
    "ScanningSequence": [
      "EP",
      "GR"
    ],
    "SequenceVariant": "SS",
    "SeriesDate": "18730407",
    "SeriesDescription": "fMRI-hands",
    "SeriesNumber": 8,
    "SeriesTime": "191409",
    "SliceThickness": 2.3,
    "SliceTiming": [
      0,
      1.53333,
      0.06667,
      1.6,
      0.13333,
      1.66667,
      0.2,
      1.73333,
      0.26667,
      1.8,
      0.33333,
      1.86667,
      0.4,
      1.93333,
      0.46667,
      2,
      0.53333,
      2.06667,
      0.6,
      2.13333,
      0.66667,
      2.2,
      0.73333,
      2.26667,
      0.8,
      2.33333,
      0.86667,
      2.4,
      0.93333,
      2.46667,
      1,
      2.53333,
      1.06667,
      2.6,
      1.13333,
      2.66667,
      1.2,
      2.73333,
      1.26667,
      2.8,
      1.33333,
      2.86667,
      1.4,
      2.93333,
      1.46667
    ],
    "SliceTimingComputationMethod": "SliceNumber*RepetitionTime/NumberOfSlices (interleaved ascending, odd first)",
    "SpacingBetweenSlices": 2.4,
    "StudyTime": "184240",
    "TaskDescription": "In an event-related design, participants were shown pictures of hands being stung by needles or poked with Q-tips. The stimulus set was kindly shared by Claus Lamm, and has been shown to be effective in previous work by him. After each picture, participants were asked to rate their perceived unpleasantness on a visual analog scale of 0-100.",
    "TaskInstructions": "",
    "TaskName": "Hands",
    "dummyScans": 5,
    "modality": "bold",
    "session_id": "2",
    "subject_id": "9013",
    "task_id": "hands"
  },
  "dummy_trs": 0,
  "dvars_nstd": 38.780247946354166,
  "dvars_std": 0.9765850660937501,
  "dvars_vstd": 0.9663731509895833,
  "efc": 0.48288246569908333,
  "fber": 105673.390625,
  "fd_mean": 0.32747984540475455,
  "fd_num": 54,
  "fd_perc": 27.979274611398964,
  "fwhm_avg": 3.101735478805893,
  "fwhm_x": 3.139392,
  "fwhm_y": 3.6110453333333337,
  "fwhm_z": 2.5547691030843445,
  "gcor": 0.0247212,
  "gsr_x": -0.012307185679674149,
  "gsr_y": 0.030633866786956787,
  "provenance": {
    "md5sum": "2cd448ca16826ec57787b20279f2893e",
    "settings": {
      "fd_thres": 0.2,
      "hmc_fsl": false
    },
    "software": "mriqc",
    "version": "0.9.6"
  },
  "size_t": 193,
  "size_x": 128,
  "size_y": 128,
  "size_z": 45,
  "snr": 3.798272596860151,
  "spacing_tr": 3.0,
  "spacing_x": 1.875,
  "spacing_y": 1.875,
  "spacing_z": 2.3999977111816406,
  "summary_bg_k": 105.62256746754034,
  "summary_bg_mad": 19.00496482849121,
  "summary_bg_mean": 109.74030303955078,
  "summary_bg_median": 12.849740982055664,
  "summary_bg_n": 473619.0,
  "summary_bg_p05": 0.05699481815099716,
  "summary_bg_p95": 477.73159484863254,
  "summary_bg_stdv": 319.8695068359375,
  "summary_fg_k": 1.1872215179707144,
  "summary_fg_mad": 957.1384887695312,
  "summary_fg_mean": 3891.957763671875,
  "summary_fg_median": 3867.833984375,
  "summary_fg_n": 170897.0,
  "summary_fg_p05": 2347.9024902343754,
  "summary_fg_p95": 5559.066113281249,
  "summary_fg_stdv": 1018.3109741210938,
  "tsnr": 29.64551544189453
}