{
  "aor": 0.00480645,
  "aqi": 0.00713362225,
  "bids_meta": {
    "AcquisitionDuration": 525.000256,
    "CogAtlasID": "trm_4c8a834779883",
    "Columns": 128,
    "EchoTime": 0.03,
    "EchoTrainLength": 1,
    "EffectiveEchoSpacing": 0.000464,
    "FieldOfView": [
      288,
      288,
      147
    ],
    "FlipAngle": 75,
    "GEImageTypeRIMPCode": 0,
    "ImageType": "ORIGINAL/PRIMARY/EPI/NONE",
    "ImagingFrequency": 127.765167,
    "InplanePhaseEncodingDirection": "COL",
    "InversionTime": 0,
    "MRAcquisitionType": "2D",
    "MagneticFieldStrength": 3,
    "Manufacturer": "GE MEDICAL SYSTEMS",
    "ManufacturersModelName": "DISCOVERY MR750",
    "NumberOfAverages": 1,
    "NumberOfEPIShots": 1,
    "NumberOfEchoes": 1,
    "NumberOfSlices": 49,
    "ParallelImagingReductionFactors": [
      0.5,
      1
    ],
    "PercentPhaseFieldOfView": 100,
    "PhaseEncodingDirection": "j",
    "PixelBandwidth": 3906.25,
    "PixelSpacing": [
      2.25,
      2.25
    ],
    "ReceiveCoilName": "8HRBRAIN",
    "RepetitionTime": 2.5,
    "Rows": 128,
    "SATFatWaterBone": 0,
    "ScanOptions": [
      "EPI_GEMS",
      "FILTERED_GEMS",
      "ACC_GEMS"
    ],
    "ScanningSequence": [
      "EP",
      "GR"
    ],
    "SequenceVariant": "SS",
    "SeriesDate": "18740320",
    "SeriesDescription": "RSN_BWRT_200vol_3mm",
    "SeriesNumber": 10,
    "SeriesTime": "205159",
    "SliceThickness": 3,
    "SliceTiming": [
      0,
      1.27551,
      0.05102,
      1.32653,
      0.10204,
      1.37755,
      0.15306,
      1.42857,
      0.20408,
      1.47959,
      0.2551,
      1.53061,
      0.30612,
      1.58163,
      0.35714,
      1.63265,
      0.40816,
      1.68367,
      0.45918,
      1.73469,
      0.5102,
      1.78571,
      0.56122,
      1.83673,
      0.61224,
      1.88776,
      0.66327,
      1.93878,
      0.71429,
      1.9898,
      0.76531,
      2.04082,
      0.81633,
      2.09184,
      0.86735,
      2.14286,
      0.91837,
      2.19388,
      0.96939,
      2.2449,
      1.02041,
      2.29592,
      1.07143,
      2.34694,
      1.12245,
      2.39796,
      1.17347,
      2.44898,
      1.22449
    ],
    "SliceTimingComputationMethod": "SliceNumber*RepetitionTime/NumberOfSlices (interleaved ascending, odd first)",
    "SpacingBetweenSlices": 3,
    "StudyTime": "194839",
    "TaskDescription": "Functional connectivity in the resting state was assessed during two eight-minute runs. Participants were asked to rate their sleepiness using the Karolinska Sleepiness Scale every 2 minutes",
    "TaskInstructions": "Participants were instructed to keep their eyes open and look at a white fixation cross presented against a gray background.",
    "TaskName": "Sleepiness",
    "dummyScans": 10,
    "modality": "bold",
    "session_id": "1",
    "subject_id": "9003",
    "task_id": "sleepiness"
  },
  "dummy_trs": 0,
  "dvars_nstd": 25.14746371718594,
  "dvars_std": 1.242895832713568,
  "dvars_vstd": 0.9870197816080403,
  "efc": 0.33874060704923303,
  "fber": 17345292.0,
  "fd_mean": 0.1977765195912932,
  "fd_num": 66,
  "fd_perc": 33.0,
  "fwhm_avg": 3.237073703703704,
  "fwhm_x": 3.3826266666666664,
  "fwhm_y": 3.639657777777778,
  "fwhm_z": 2.6889366666666668,
  "gcor": 0.0225274,
  "gsr_x": -0.013691342435777187,
  "gsr_y": 0.00193388806656003,
  "provenance": {
    "md5sum": "722a433067eb3af39cffd4c1818ad089",
    "settings": {
      "fd_thres": 0.2,
      "hmc_fsl": false
    },
    "software": "mriqc",
    "version": "0.9.6"
  },
  "size_t": 200,
  "size_x": 128,
  "size_y": 128,
  "size_z": 49,
  "snr": 4.482801284308222,
  "spacing_tr": 2.5,
  "spacing_x": 2.25,
  "spacing_y": 2.25,
  "spacing_z": 3.0,
  "summary_bg_k": 124.60833651637986,
  "summary_bg_mad": 1.831013798713684,
  "summary_bg_mean": 69.03485107421875,
  "summary_bg_median": 1.2350000143051147,
  "summary_bg_n": 619980.0,
  "summary_bg_p05": 0.0,
  "summary_bg_p95": 354.09049682617115,
  "summary_bg_stdv": 250.4910430908203,
  "summary_fg_k": 1.3736670599944976,
  "summary_fg_mad": 896.2403564453125,
  "summary_fg_mean": 4828.2158203125,
  "summary_fg_median": 4854.6669921875,
  "summary_fg_n": 94198.0,
  "summary_fg_p05": 2899.0472656250004,
  "summary_fg_p95": 6523.722729492187,
  "summary_fg_stdv": 1082.9481201171875,
  "tsnr": 58.09090805053711
}