{
  "aor": 0.002261623036649215,
  "aqi": 0.010744265811518324,
  "bids_meta": {
    "AcquisitionDuration": 723.000256,
    "Columns": 128,
    "EchoTime": 0.034,
    "EchoTrainLength": 1,
    "EffectiveEchoSpacing": 0.00056,
    "FieldOfView": [
      220.01,
      220.01,
      110.4
    ],
    "FlipAngle": 80,
    "GEImageTypeRIMPCode": 0,
    "ImageType": "ORIGINAL/PRIMARY/EPI/NONE",
    "ImagingFrequency": 127.765128,
    "InplanePhaseEncodingDirection": "COL",
    "InversionTime": 0,
    "MRAcquisitionType": "2D",
    "MagneticFieldStrength": 3,
    "Manufacturer": "GE MEDICAL SYSTEMS",
    "ManufacturersModelName": "DISCOVERY MR750",
    "NumberOfAverages": 1,
    "NumberOfEPIShots": 1,
    "NumberOfEchoes": 1,
    "NumberOfSlices": 46,
    "ParallelImagingReductionFactors": [
      0.5,
      1
    ],
    "PercentPhaseFieldOfView": 100,
    "PhaseEncodingDirection": "j",
    "PixelBandwidth": 3906.25,
    "PixelSpacing": [
      1.7188,
      1.7188
    ],
    "ReceiveCoilName": "8HRBRAIN",
    "RepetitionTime": 3,
    "Rows": 128,
    "SATFatWaterBone": 1,
    "ScanOptions": [
      "SAT_GEMS",
      "EPI_GEMS",
      "ACC_GEMS",
      "FS"
    ],
    "ScanningSequence": [
      "EP",
      "GR"
    ],
    "SequenceVariant": "SS",
    "SeriesDate": "18740515",
    "SeriesDescription": "fMRI-hands",
    "SeriesNumber": 7,
    "SeriesTime": "201447",
    "SliceThickness": 2.3,
    "SliceTiming": [
      0,
      1.5,
      0.06522,
      1.56522,
      0.13043,
      1.63043,
      0.19565,
      1.69565,
      0.26087,
      1.76087,
      0.32609,
      1.82609,
      0.3913,
      1.8913,
      0.45652,
      1.95652,
      0.52174,
      2.02174,
      0.58696,
      2.08696,
      0.65217,
      2.15217,
      0.71739,
      2.21739,
      0.78261,
      2.28261,
      0.84783,
      2.34783,
      0.91304,
      2.41304,
      0.97826,
      2.47826,
      1.04348,
      2.54348,
      1.1087,
      2.6087,
      1.17391,
      2.67391,
      1.23913,
      2.73913,
      1.30435,
      2.80435,
      1.36957,
      2.86957,
      1.43478,
      2.93478
    ],
    "SliceTimingComputationMethod": "SliceNumber*RepetitionTime/NumberOfSlices (interleaved ascending, odd first)",
    "SpacingBetweenSlices": 2.4,
    "StudyTime": "194631",
    "TaskDescription": "In an event-related design, participants were shown pictures of hands being stung by needles or poked with Q-tips. The stimulus set was kindly shared by Claus Lamm, and has been shown to be effective in previous work by him. After each picture, participants were asked to rate their perceived unpleasantness on a visual analog scale of 0-100.",
    "TaskInstructions": "",
    "TaskName": "Hands",
    "dummyScans": 5,
    "modality": "bold",
    "session_id": "2",
    "subject_id": "9075",
    "task_id": "hands"
  },
  "dummy_trs": 0,
  "dvars_nstd": 45.442281171052635,
  "dvars_std": 1.0689305117368424,
  "dvars_vstd": 1.0124868706842105,
  "efc": 0.5127471485726585,
  "fber": 3918.37646484375,
  "fd_mean": 0.2223876396704606,
  "fd_num": 81,
  "fd_perc": 42.40837696335078,
  "fwhm_avg": 2.9610599712489467,
  "fwhm_x": 3.0290843352427763,
  "fwhm_y": 3.3688388252544206,
  "fwhm_z": 2.4852567532496432,
  "gcor": 0.0101873,
  "gsr_x": 0.004459184128791094,
  "gsr_y": 0.022922219708561897,
  "provenance": {
    "md5sum": "6cd08930bc5588ac9a8e49f165f94858",
    "settings": {
      "fd_thres": 0.2,
      "hmc_fsl": false
    },
    "software": "mriqc",
    "version": "0.9.6"
  },
  "size_t": 191,
  "size_x": 128,
  "size_y": 128,
  "size_z": 46,
  "snr": 2.806755530205472,
  "spacing_tr": 3.0,
  "spacing_x": 1.7187999486923218,
  "spacing_y": 1.7187999486923218,
  "spacing_z": 2.4000015258789062,
  "summary_bg_k": 76.79460101938598,
  "summary_bg_mad": 79.08247375488281,
  "summary_bg_mean": 155.7206573486328,
  "summary_bg_median": 54.17801284790039,
  "summary_bg_n": 463091.0,
  "summary_bg_p05": 0.13089005649089813,
  "summary_bg_p95": 689.7041931152344,
  "summary_bg_stdv": 337.2378234863281,
  "summary_fg_k": 1.801964812342364,
  "summary_fg_mad": 962.325439453125,
  "summary_fg_mean": 3670.0009765625,
  "summary_fg_median": 3458.64404296875,
  "summary_fg_n": 193879.0,
  "summary_fg_p05": 2039.58642578125,
  "summary_fg_p95": 6061.412939453125,
  "summary_fg_stdv": 1232.2537841796875,
  "tsnr": 30.546070098876953
}