{
  "bids_meta": {
    "AcquisitionDuration": 393.10976,
    "Columns": 512,
    "EchoTime": 0.12788,
    "EchoTrainLength": 140,
    "EffectiveEchoSpacing": 0,
    "FieldOfView": [
      240.03,
      240.03,
      87.6
    ],
    "FlipAngle": 90,
    "GEImageTypeRIMPCode": 0,
    "ImageType": "ORIGINAL/PRIMARY/OTHER",
    "ImagingFrequency": 127.765143,
    "InplanePhaseEncodingDirection": "ROW",
    "InversionTime": 1.86,
    "MRAcquisitionType": "3D",
    "MagneticFieldStrength": 3,
    "Manufacturer": "GE MEDICAL SYSTEMS",
    "ManufacturersModelName": "DISCOVERY MR750",
    "NumberOfAverages": 1,
    "NumberOfEPIShots": 1,
    "NumberOfEchoes": 1,
    "NumberOfSlices": 146,
    "ParallelImagingReductionFactors": [
      0.5,
      0.5
    ],
    "PercentPhaseFieldOfView": 100,
    "PhaseEncodingDirection": "i",
    "PixelBandwidth": 122.07,
    "PixelSpacing": [
      0.4688,
      0.4688
    ],
    "ReceiveCoilName": "8HRBRAIN",
    "RepetitionTime": 6,
    "Rows": 512,
    "SATFatWaterBone": 0,
    "ScanOptions": [
      "EDR_GEMS",
      "FILTERED_GEMS",
      "ACC_GEMS"
    ],
    "ScanningSequence": [
      "SE",
      "IR"
    ],
    "SequenceVariant": "SK",
    "SeriesDate": "18731225",
    "SeriesDescription": "Sag CUBE T2 flair",
    "SeriesNumber": 11,
    "SeriesTime": "211625",
    "SliceThickness": 1.2,
    "SpacingBetweenSlices": 0.600002,
    "StudyTime": "195848",
    "modality": "T2w",
    "session_id": "1",
    "subject_id": "9071"
  },
  "cjv": 0.7613044901940047,
  "cnr": 1.3116305221130053,
  "efc": 0.612176207868484,
  "fber": 650.12890625,
  "fwhm_avg": 4.81521184753787,
  "fwhm_x": 4.3008831624315915,
  "fwhm_y": 5.210793423136138,
  "fwhm_z": 4.933958957045878,
  "icvs_csf": 0.45849939191429884,
  "icvs_gm": 0.41084155211802237,
  "icvs_wm": 0.1306590559676788,
  "inu_med": 1.08664870262146,
  "inu_range": 0.6534811139106751,
  "provenance": {
    "md5sum": "6bfb5db13a5b60ae0e872f6d71ca5bf8",
    "settings": {
      "testing": false
    },
    "software": "mriqc",
    "version": "0.9.6",
    "warnings": {
      "large_rot_frame": true,
      "small_air_mask": false
    }
  },
  "qi_1": 0.0,
  "qi_2": 0.0006583444381389587,
  "rpve_csf": 13.941350911438539,
  "rpve_gm": 14.219360237507171,
  "rpve_wm": 41.007104535707825,
  "size_x": 292,
  "size_y": 512,
  "size_z": 512,
  "snr_csf": 13.621669632398067,
  "snr_gm": 15.31489025603603,
  "snr_total": 10.389490410587284,
  "snr_wm": 2.2319113433277553,
  "snrd_csf": 73.8434825711331,
  "snrd_gm": 65.70377828409745,
  "snrd_total": 60.16754522352905,
  "snrd_wm": 40.955374815356585,
  "spacing_x": 0.6000000238418579,
  "spacing_y": 0.46880000829696655,
  "spacing_z": 0.46880000829696655,
  "summary_bg_k": 23.218582863253296,
  "summary_bg_mad": 15.979696273803711,
  "summary_bg_mean": 50.03215789794922,
  "summary_bg_median": 45.545005798339844,
  "summary_bg_n": 17185055.0,
  "summary_bg_p05": 24.707475090026854,
  "summary_bg_p95": 89.99763488769531,
  "summary_bg_stdv": 23.085514068603516,
  "summary_csf_k": 0.9569604084370824,
  "summary_csf_mad": 122.97689819335938,
  "summary_csf_mean": 1811.81494140625,
  "summary_csf_median": 1801.146240234375,
  "summary_csf_n": 961809.0,
  "summary_csf_p05": 1615.499169921875,
  "summary_csf_p95": 2045.6133544921875,
  "summary_csf_stdv": 132.22647094726562,
  "summary_gm_k": 0.12139288915120927,
  "summary_gm_mad": 103.86034393310547,
  "summary_gm_mean": 1606.090087890625,
  "summary_gm_median": 1602.607421875,
  "summary_gm_n": 391275.0,
  "summary_gm_p05": 1439.4660766601562,
  "summary_gm_p95": 1783.1219604492187,
  "summary_gm_stdv": 104.64360809326172,
  "summary_wm_k": 7.442546470688638,
  "summary_wm_mad": 355.6998291015625,
  "summary_wm_mean": 947.1613159179688,
  "summary_wm_median": 998.9591064453125,
  "summary_wm_n": 105092.0,
  "summary_wm_p05": 243.14135055541993,
  "summary_wm_p95": 1395.3843200683593,
  "summary_wm_stdv": 447.5779724121094,
  "tpm_overlap_csf": 0.0989854633808136,
  "tpm_overlap_gm": 0.3042900264263153,
  "tpm_overlap_wm": 0.10608138889074326,
  "wm2max": 0.2728598101542871
}