{
  "aor": 0.0016100555555555555,
  "aqi": 0.009262706888888889,
  "bids_meta": {
    "AcquisitionDuration": 723.000256,
    "Columns": 128,
    "EchoTime": 0.034,
    "EchoTrainLength": 1,
    "EffectiveEchoSpacing": 0.000532,
    "FieldOfView": [
      240,
      240,
      108
    ],
    "FlipAngle": 80,
    "GEImageTypeRIMPCode": 0,
    "ImageType": "ORIGINAL/PRIMARY/EPI/NONE",
    "ImagingFrequency": 127.765261,
    "InplanePhaseEncodingDirection": "COL",
    "InversionTime": 0,
    "MRAcquisitionType": "2D",
    "MagneticFieldStrength": 3,
    "Manufacturer": "GE MEDICAL SYSTEMS",
    "ManufacturersModelName": "DISCOVERY MR750",
    "NumberOfAverages": 1,
    "NumberOfEPIShots": 1,
    "NumberOfEchoes": 1,
    "NumberOfSlices": 45,
    "ParallelImagingReductionFactors": [
      0.5,
      1
    ],
    "PercentPhaseFieldOfView": 100,
    "PhaseEncodingDirection": "j",
    "PixelBandwidth": 3906.25,
    "PixelSpacing": [
      1.875,
      1.875
    ],
    "ReceiveCoilName": "8HRBRAIN",
    "RepetitionTime": 3,
    "Rows": 128,
    "SATFatWaterBone": 1,
    "ScanOptions": [
      "SAT_GEMS",
      "EPI_GEMS",
      "ACC_GEMS",
      "FS"
    ],
    "ScanningSequence": [
      "EP",
      "GR"
    ],
    "SequenceVariant": "SS",
    "SeriesDate": "18730408",
    "SeriesDescription": "fMRI-hands",
    "SeriesNumber": 8,
    "SeriesTime": "192123",
    "SliceThickness": 2.3,
    "SliceTiming": [
      0,
      1.53333,
      0.06667,
      1.6,
      0.13333,
      1.66667,
      0.2,
      1.73333,
      0.26667,
      1.8,
      0.33333,
      1.86667,
      0.4,
      1.93333,
      0.46667,
      2,
      0.53333,
      2.06667,
      0.6,
      2.13333,
      0.66667,
      2.2,
      0.73333,
      2.26667,
      0.8,
      2.33333,
      0.86667,
      2.4,
      0.93333,
      2.46667,
      1,
      2.53333,
      1.06667,
      2.6,
      1.13333,
      2.66667,
      1.2,
      2.73333,
      1.26667,
      2.8,
      1.33333,
      2.86667,
      1.4,
      2.93333,
      1.46667
    ],
    "SliceTimingComputationMethod": "SliceNumber*RepetitionTime/NumberOfSlices (interleaved ascending, odd first)",
    "SpacingBetweenSlices": 2.4,
    "StudyTime": "185041",
    "TaskDescription": "In an event-related design, participants were shown pictures of hands being stung by needles or poked with Q-tips. The stimulus set was kindly shared by Claus Lamm, and has been shown to be effective in previous work by him. After each picture, participants were asked to rate their perceived unpleasantness on a visual analog scale of 0-100.",
    "TaskInstructions": "",
    "TaskName": "Hands",
    "dummyScans": 5,
    "modality": "bold",
    "session_id": "2",
    "subject_id": "9090",
    "task_id": "hands"
  },
  "dummy_trs": 0,
  "dvars_nstd": 32.990908585307274,
  "dvars_std": 1.0602132341899446,
  "dvars_vstd": 1.005177340502793,
  "efc": 0.4531611176259713,
  "fber": 79777.015625,
  "fd_mean": 0.12021073534930167,
  "fd_num": 22,
  "fd_perc": 12.222222222222221,
  "fwhm_avg": 3.000717580884423,
  "fwhm_x": 3.0184053333333334,
  "fwhm_y": 3.481824,
  "fwhm_z": 2.5019234093199354,
  "gcor": 0.0462522,
  "gsr_x": 0.0009748783195391297,
  "gsr_y": 0.015875618904829025,
  "provenance": {
    "md5sum": "3e602f459b9cbf130bf4176047f9b360",
    "settings": {
      "fd_thres": 0.2,
      "hmc_fsl": false
    },
    "software": "mriqc",
    "version": "0.9.6"
  },
  "size_t": 180,
  "size_x": 128,
  "size_y": 128,
  "size_z": 45,
  "snr": 3.41385157851512,
  "spacing_tr": 3.0,
  "spacing_x": 1.875,
  "spacing_y": 1.875,
  "spacing_z": 2.4000015258789062,
  "summary_bg_k": 73.70510678721955,
  "summary_bg_mad": 20.14691734313965,
  "summary_bg_mean": 101.94121551513672,
  "summary_bg_median": 13.588889122009277,
  "summary_bg_n": 493130.0,
  "summary_bg_p05": 0.0,
  "summary_bg_p95": 442.7869659423826,
  "summary_bg_stdv": 295.0650329589844,
  "summary_fg_k": 1.1141601333058038,
  "summary_fg_mad": 946.86376953125,
  "summary_fg_mean": 3651.943603515625,
  "summary_fg_median": 3594.4833984375,
  "summary_fg_n": 151021.0,
  "summary_fg_p05": 2013.0889892578125,
  "summary_fg_p95": 5467.078125,
  "summary_fg_stdv": 1052.907958984375,
  "tsnr": 39.34873962402344
}