{
  "aor": 0.00720978813559322,
  "aqi": 0.01882934063559322,
  "bids_meta": {
    "AcquisitionDuration": 723.000256,
    "Columns": 128,
    "EchoTime": 0.034,
    "EchoTrainLength": 1,
    "EffectiveEchoSpacing": 0.00056,
    "FieldOfView": [
      220.01,
      220.01,
      110.4
    ],
    "FlipAngle": 80,
    "GEImageTypeRIMPCode": 0,
    "ImageType": "ORIGINAL/PRIMARY/EPI/NONE",
    "ImagingFrequency": 127.765147,
    "InplanePhaseEncodingDirection": "COL",
    "InversionTime": 0,
    "MRAcquisitionType": "2D",
    "MagneticFieldStrength": 3,
    "Manufacturer": "GE MEDICAL SYSTEMS",
    "ManufacturersModelName": "DISCOVERY MR750",
    "NumberOfAverages": 1,
    "NumberOfEPIShots": 1,
    "NumberOfEchoes": 1,
    "NumberOfSlices": 46,
    "ParallelImagingReductionFactors": [
      0.5,
      1
    ],
    "PercentPhaseFieldOfView": 100,
    "PhaseEncodingDirection": "j",
    "PixelBandwidth": 3906.25,
    "PixelSpacing": [
      1.7188,
      1.7188
    ],
    "ReceiveCoilName": "8HRBRAIN",
    "RepetitionTime": 3,
    "Rows": 128,
    "SATFatWaterBone": 1,
    "ScanOptions": [
      "SAT_GEMS",
      "EPI_GEMS",
      "ACC_GEMS",
      "FS"
    ],
    "ScanningSequence": [
      "EP",
      "GR"
    ],
    "SequenceVariant": "SS",
    "SeriesDate": "18731216",
    "SeriesDescription": "fMRI-hands",
    "SeriesNumber": 7,
    "SeriesTime": "203740",
    "SliceThickness": 2.3,
    "SliceTiming": [
      0,
      1.5,
      0.06522,
      1.56522,
      0.13043,
      1.63043,
      0.19565,
      1.69565,
      0.26087,
      1.76087,
      0.32609,
      1.82609,
      0.3913,
      1.8913,
      0.45652,
      1.95652,
      0.52174,
      2.02174,
      0.58696,
      2.08696,
      0.65217,
      2.15217,
      0.71739,
      2.21739,
      0.78261,
      2.28261,
      0.84783,
      2.34783,
      0.91304,
      2.41304,
      0.97826,
      2.47826,
      1.04348,
      2.54348,
      1.1087,
      2.6087,
      1.17391,
      2.67391,
      1.23913,
      2.73913,
      1.30435,
      2.80435,
      1.36957,
      2.86957,
      1.43478,
      2.93478
    ],
    "SliceTimingComputationMethod": "SliceNumber*RepetitionTime/NumberOfSlices (interleaved ascending, odd first)",
    "SpacingBetweenSlices": 2.4,
    "StudyTime": "200225",
    "TaskDescription": "In an event-related design, participants were shown pictures of hands being stung by needles or poked with Q-tips. The stimulus set was kindly shared by Claus Lamm, and has been shown to be effective in previous work by him. After each picture, participants were asked to rate their perceived unpleasantness on a visual analog scale of 0-100.",
    "TaskInstructions": "",
    "TaskName": "Hands",
    "dummyScans": 5,
    "modality": "bold",
    "session_id": "1",
    "subject_id": "9018",
    "task_id": "hands"
  },
  "dummy_trs": 0,
  "dvars_nstd": 45.044240237361706,
  "dvars_std": 1.0455883726808513,
  "dvars_vstd": 1.0691604610212764,
  "efc": 0.44036123844313413,
  "fber": 13070.0537109375,
  "fd_mean": 0.34697973670000276,
  "fd_num": 117,
  "fd_perc": 49.57627118644068,
  "fwhm_avg": 3.2223751480573974,
  "fwhm_x": 3.3492263043059256,
  "fwhm_y": 3.8392426093685272,
  "fwhm_z": 2.478656530497739,
  "gcor": 0.035312,
  "gsr_x": -0.01069568283855915,
  "gsr_y": 0.02647172100841999,
  "provenance": {
    "md5sum": "03c9e19ffdff1f5fcd1816e694eb155f",
    "settings": {
      "fd_thres": 0.2,
      "hmc_fsl": false
    },
    "software": "mriqc",
    "version": "0.9.6"
  },
  "size_t": 236,
  "size_x": 128,
  "size_y": 128,
  "size_z": 46,
  "snr": 4.112253215032833,
  "spacing_tr": 3.0,
  "spacing_x": 1.7187999486923218,
  "spacing_y": 1.7187999486923218,
  "spacing_z": 2.3999977111816406,
  "summary_bg_k": 249.7822727937659,
  "summary_bg_mad": 50.458740234375,
  "summary_bg_mean": 96.12405395507812,
  "summary_bg_median": 34.43220520019531,
  "summary_bg_n": 518135.0,
  "summary_bg_p05": 0.0762711837887764,
  "summary_bg_p95": 357.88219604492167,
  "summary_bg_stdv": 265.7994079589844,
  "summary_fg_k": 1.2507838486509018,
  "summary_fg_mad": 761.4261474609375,
  "summary_fg_mean": 3547.15185546875,
  "summary_fg_median": 3531.79443359375,
  "summary_fg_n": 141664.0,
  "summary_fg_p05": 2170.9740844726566,
  "summary_fg_p95": 4955.334301757812,
  "summary_fg_stdv": 858.843505859375,
  "tsnr": 28.637779235839844
}