{
  "bids_meta": {
    "AcquisitionDuration": 238.55128,
    "Columns": 512,
    "EchoTime": 0.00281,
    "EchoTrainLength": 1,
    "EffectiveEchoSpacing": 0,
    "FieldOfView": [
      240.03,
      240.03,
      180
    ],
    "FlipAngle": 11,
    "GEImageTypeRIMPCode": 0,
    "ImageType": "ORIGINAL/PRIMARY/OTHER",
    "ImagingFrequency": 127.765034,
    "InplanePhaseEncodingDirection": "ROW",
    "InversionTime": 0.45,
    "MRAcquisitionType": "3D",
    "MagneticFieldStrength": 3,
    "Manufacturer": "GE MEDICAL SYSTEMS",
    "ManufacturersModelName": "DISCOVERY MR750",
    "NumberOfAverages": 1,
    "NumberOfEPIShots": 0,
    "NumberOfEchoes": 1,
    "NumberOfSlices": 180,
    "ParallelImagingReductionFactors": [
      0.571429,
      1
    ],
    "PercentPhaseFieldOfView": 100,
    "PhaseEncodingDirection": "i",
    "PixelBandwidth": 122.07,
    "PixelSpacing": [
      0.4688,
      0.4688
    ],
    "ReceiveCoilName": "8HRBRAIN",
    "RepetitionTime": 0.0064,
    "Rows": 512,
    "SATFatWaterBone": 0,
    "ScanOptions": [
      "FAST_GEMS",
      "EDR_GEMS",
      "FILTERED_GEMS",
      "ACC_GEMS"
    ],
    "ScanningSequence": "GR",
    "SequenceVariant": [
      "SS",
      "SK"
    ],
    "SeriesDate": "18740409",
    "SeriesDescription": "Sag3D_T1_1mm3",
    "SeriesNumber": 2,
    "SeriesTime": "175339",
    "SliceThickness": 1,
    "SpacingBetweenSlices": 1,
    "StudyTime": "175142",
    "modality": "T1w",
    "session_id": "1",
    "subject_id": "9089"
  },
  "cjv": 0.43973252582747757,
  "cnr": 3.07971718761275,
  "efc": 0.6672532724927954,
  "fber": 136.4275360107422,
  "fwhm_avg": 6.2173431329377244,
  "fwhm_x": 3.96758,
  "fwhm_y": 7.402026319508608,
  "fwhm_z": 7.2824230793045635,
  "icvs_csf": 0.21453493008580937,
  "icvs_gm": 0.3833405999163583,
  "icvs_wm": 0.4021244699978323,
  "inu_med": 1.322153091430664,
  "inu_range": 0.521610820293426,
  "provenance": {
    "md5sum": "594bad3eb3a1b1c6f27afc1311010b5c",
    "mriqc_pred": 0,
    "settings": {
      "testing": false
    },
    "software": "mriqc",
    "version": "0.9.6",
    "warnings": {
      "large_rot_frame": true,
      "small_air_mask": false
    }
  },
  "qi_1": 0.0,
  "qi_2": 0.0002759518150370995,
  "rpve_csf": 21.86609031700789,
  "rpve_gm": 12.266148521258936,
  "rpve_wm": 14.154425199395542,
  "size_x": 180,
  "size_y": 512,
  "size_z": 512,
  "snr_csf": 3.1114697549357078,
  "snr_gm": 13.180507342443574,
  "snr_total": 10.954485394807541,
  "snr_wm": 16.571479087043343,
  "snrd_csf": 14.255337189170211,
  "snrd_gm": 29.869311985648885,
  "snrd_total": 28.17664224240626,
  "snrd_wm": 40.40527755239968,
  "spacing_x": 1.0,
  "spacing_y": 0.46880000829696655,
  "spacing_z": 0.46880000829696655,
  "summary_bg_k": 23.24918890330606,
  "summary_bg_mad": 16.21430206298828,
  "summary_bg_mean": 54.39850997924805,
  "summary_bg_median": 51.46422576904297,
  "summary_bg_n": 8245606.0,
  "summary_bg_p05": 29.133033275604248,
  "summary_bg_p95": 89.73001670837402,
  "summary_bg_stdv": 19.539260864257812,
  "summary_csf_k": 32.37898642756497,
  "summary_csf_mad": 91.3109130859375,
  "summary_csf_mean": 367.7965393066406,
  "summary_csf_median": 352.81256103515625,
  "summary_csf_n": 202546.0,
  "summary_csf_p05": 228.09537887573242,
  "summary_csf_p95": 531.5531311035156,
  "summary_csf_stdv": 113.39068603515625,
  "summary_gm_k": 0.37477942433200706,
  "summary_gm_mad": 54.04896926879883,
  "summary_gm_mean": 738.011474609375,
  "summary_gm_median": 739.250732421875,
  "summary_gm_n": 137776.0,
  "summary_gm_p05": 643.8558502197266,
  "summary_gm_p95": 827.1188507080078,
  "summary_gm_stdv": 56.086463928222656,
  "summary_wm_k": 0.09917479178027255,
  "summary_wm_mad": 60.61566162109375,
  "summary_wm_mean": 1003.0172729492188,
  "summary_wm_median": 1000.0106811523438,
  "summary_wm_n": 1270440.0,
  "summary_wm_p05": 909.5910003662109,
  "summary_wm_p95": 1106.5035522460937,
  "summary_wm_stdv": 60.34526443481445,
  "tpm_overlap_csf": 0.2042573094367981,
  "tpm_overlap_gm": 0.44228821992874146,
  "tpm_overlap_wm": 0.5309515595436096,
  "wm2max": 0.3982924513537117
}