{
  "aor": 0.0064491145833333345,
  "aqi": 0.0048872372916666665,
  "bids_meta": {
    "AcquisitionDuration": 525.000256,
    "CogAtlasID": "trm_4c8a834779883",
    "Columns": 128,
    "EchoTime": 0.03,
    "EchoTrainLength": 1,
    "EffectiveEchoSpacing": 0.000464,
    "FieldOfView": [
      288,
      288,
      147
    ],
    "FlipAngle": 75,
    "GEImageTypeRIMPCode": 0,
    "ImageType": "ORIGINAL/PRIMARY/EPI/NONE",
    "ImagingFrequency": 127.765278,
    "InplanePhaseEncodingDirection": "COL",
    "InversionTime": 0,
    "MRAcquisitionType": "2D",
    "MagneticFieldStrength": 3,
    "Manufacturer": "GE MEDICAL SYSTEMS",
    "ManufacturersModelName": "DISCOVERY MR750",
    "NumberOfAverages": 1,
    "NumberOfEPIShots": 1,
    "NumberOfEchoes": 1,
    "NumberOfSlices": 49,
    "ParallelImagingReductionFactors": [
      0.5,
      1
    ],
    "PercentPhaseFieldOfView": 100,
    "PhaseEncodingDirection": "j",
    "PixelBandwidth": 3906.25,
    "PixelSpacing": [
      2.25,
      2.25
    ],
    "ReceiveCoilName": "8HRBRAIN",
    "RepetitionTime": 2.5,
    "Rows": 128,
    "SATFatWaterBone": 0,
    "ScanOptions": [
      "EPI_GEMS",
      "FILTERED_GEMS",
      "ACC_GEMS"
    ],
    "ScanningSequence": [
      "EP",
      "GR"
    ],
    "SequenceVariant": "SS",
    "SeriesDate": "18730301",
    "SeriesDescription": "RSN_BWRT_200vol_3mm",
    "SeriesNumber": 4,
    "SeriesTime": "202850",
    "SliceThickness": 3,
    "SliceTiming": [
      0,
      1.27551,
      0.05102,
      1.32653,
      0.10204,
      1.37755,
      0.15306,
      1.42857,
      0.20408,
      1.47959,
      0.2551,
      1.53061,
      0.30612,
      1.58163,
      0.35714,
      1.63265,
      0.40816,
      1.68367,
      0.45918,
      1.73469,
      0.5102,
      1.78571,
      0.56122,
      1.83673,
      0.61224,
      1.88776,
      0.66327,
      1.93878,
      0.71429,
      1.9898,
      0.76531,
      2.04082,
      0.81633,
      2.09184,
      0.86735,
      2.14286,
      0.91837,
      2.19388,
      0.96939,
      2.2449,
      1.02041,
      2.29592,
      1.07143,
      2.34694,
      1.12245,
      2.39796,
      1.17347,
      2.44898,
      1.22449
    ],
    "SliceTimingComputationMethod": "SliceNumber*RepetitionTime/NumberOfSlices (interleaved ascending, odd first)",
    "SpacingBetweenSlices": 3,
    "StudyTime": "201916",
    "TaskDescription": "Functional connectivity in the resting state was assessed during two eight-minute runs.",
    "TaskInstructions": "Participants were instructed to keep their eyes open and look at a white fixation cross presented against a gray background.",
    "TaskName": "Resting State",
    "dummyScans": 10,
    "modality": "bold",
    "session_id": "1",
    "subject_id": "9050",
    "task_id": "rest"
  },
  "dummy_trs": 0,
  "dvars_nstd": 20.51767161513089,
  "dvars_std": 1.0232973640314136,
  "dvars_vstd": 0.9368225161780109,
  "efc": 0.31674704436996265,
  "fber": 77490200.0,
  "fd_mean": 0.11958362919884842,
  "fd_num": 20,
  "fd_perc": 10.416666666666666,
  "fwhm_avg": 3.4431185185185185,
  "fwhm_x": 3.4648266666666667,
  "fwhm_y": 4.046582222222223,
  "fwhm_z": 2.8179466666666664,
  "gcor": 0.0558259,
  "gsr_x": -0.014397778548300266,
  "gsr_y": 0.0027071223594248295,
  "provenance": {
    "md5sum": "51a7904b7aa61cd8843c12d5f79c5a75",
    "settings": {
      "fd_thres": 0.2,
      "hmc_fsl": false
    },
    "software": "mriqc",
    "version": "0.9.6"
  },
  "size_t": 192,
  "size_x": 128,
  "size_y": 128,
  "size_z": 49,
  "snr": 4.262197746578299,
  "spacing_tr": 2.5,
  "spacing_x": 2.25,
  "spacing_y": 2.25,
  "spacing_z": 3.0,
  "summary_bg_k": 96.95980982522117,
  "summary_bg_mad": 0.9497920870780945,
  "summary_bg_mean": 59.00975799560547,
  "summary_bg_median": 0.640625,
  "summary_bg_n": 628630.0,
  "summary_bg_p05": 0.0,
  "summary_bg_p95": 282.94324035644456,
  "summary_bg_stdv": 229.9979705810547,
  "summary_fg_k": 0.7045167563180224,
  "summary_fg_mad": 1147.769775390625,
  "summary_fg_mean": 5347.57470703125,
  "summary_fg_median": 5331.3388671875,
  "summary_fg_n": 86452.0,
  "summary_fg_p05": 3291.9760864257814,
  "summary_fg_p95": 7436.83046875,
  "summary_fg_stdv": 1250.83544921875,
  "tsnr": 56.83526611328125
}