{
  "bids_meta": {
    "AcquisitionDuration": 238.55128,
    "Columns": 512,
    "EchoTime": 0.00281,
    "EchoTrainLength": 1,
    "EffectiveEchoSpacing": 0,
    "FieldOfView": [
      240.03,
      240.03,
      180
    ],
    "FlipAngle": 11,
    "GEImageTypeRIMPCode": 0,
    "ImageType": "ORIGINAL/PRIMARY/OTHER",
    "ImagingFrequency": 127.76518,
    "InplanePhaseEncodingDirection": "ROW",
    "InversionTime": 0.45,
    "MRAcquisitionType": "3D",
    "MagneticFieldStrength": 3,
    "Manufacturer": "GE MEDICAL SYSTEMS",
    "ManufacturersModelName": "DISCOVERY MR750",
    "NumberOfAverages": 1,
    "NumberOfEPIShots": 0,
    "NumberOfEchoes": 1,
    "NumberOfSlices": 180,
    "ParallelImagingReductionFactors": [
      0.571429,
      1
    ],
    "PercentPhaseFieldOfView": 100,
    "PhaseEncodingDirection": "i",
    "PixelBandwidth": 122.07,
    "PixelSpacing": [
      0.4688,
      0.4688
    ],
    "ReceiveCoilName": "8HRBRAIN",
    "RepetitionTime": 0.0064,
    "Rows": 512,
    "SATFatWaterBone": 0,
    "ScanOptions": [
      "FAST_GEMS",
      "EDR_GEMS",
      "FILTERED_GEMS",
      "ACC_GEMS"
    ],
    "ScanningSequence": "GR",
    "SequenceVariant": [
      "SS",
      "SK"
    ],
    "SeriesDate": "18740201",
    "SeriesDescription": "Sag3D_T1_1mm3",
    "SeriesNumber": 2,
    "SeriesTime": "201307",
    "SliceThickness": 1,
    "SpacingBetweenSlices": 1,
    "StudyTime": "201105",
    "modality": "T1w",
    "session_id": "2",
    "subject_id": "9088"
  },
  "cjv": 0.34818131349438103,
  "cnr": 3.6655467970711064,
  "efc": 0.6379290520160307,
  "fber": 168.34275817871094,
  "fwhm_avg": 7.060867285283531,
  "fwhm_x": 4.55276,
  "fwhm_y": 8.703284828901742,
  "fwhm_z": 7.926557026948851,
  "icvs_csf": 0.21402733939229568,
  "icvs_gm": 0.404951585299504,
  "icvs_wm": 0.38102107530820034,
  "inu_med": 1.087093472480774,
  "inu_range": 0.528683602809906,
  "provenance": {
    "md5sum": "c7800bfd55c325fdc662fb9cef4a99e5",
    "mriqc_pred": 0,
    "settings": {
      "testing": false
    },
    "software": "mriqc",
    "version": "0.9.6",
    "warnings": {
      "large_rot_frame": true,
      "small_air_mask": false
    }
  },
  "qi_1": 0.0019599788305338117,
  "qi_2": 0.00035930479692470387,
  "rpve_csf": 23.49172911333021,
  "rpve_gm": 12.830255271177409,
  "rpve_wm": 16.427963752769976,
  "size_x": 180,
  "size_y": 512,
  "size_z": 512,
  "snr_csf": 3.798158184720231,
  "snr_gm": 13.721823544934438,
  "snr_total": 13.116374383905217,
  "snr_wm": 21.82914142206098,
  "snrd_csf": 18.104694124204254,
  "snrd_gm": 31.166017979846075,
  "snrd_total": 30.596792925752656,
  "snrd_wm": 42.519666673207645,
  "spacing_x": 1.0,
  "spacing_y": 0.46880000829696655,
  "spacing_z": 0.46880000829696655,
  "summary_bg_k": 38.00815511109624,
  "summary_bg_mad": 15.407917976379395,
  "summary_bg_mean": 52.999271392822266,
  "summary_bg_median": 50.677616119384766,
  "summary_bg_n": 9498959.0,
  "summary_bg_p05": 29.1912073135376,
  "summary_bg_p95": 83.5280990600586,
  "summary_bg_stdv": 18.831443786621094,
  "summary_csf_k": -0.7282954330024634,
  "summary_csf_mad": 134.34036254882812,
  "summary_csf_mean": 424.6270446777344,
  "summary_csf_median": 425.7978210449219,
  "summary_csf_n": 177542.0,
  "summary_csf_p05": 246.59881439208985,
  "summary_csf_p95": 594.3775695800781,
  "summary_csf_stdv": 112.1060791015625,
  "summary_gm_k": 0.5921859141590815,
  "summary_gm_mad": 48.923702239990234,
  "summary_gm_mean": 736.7295532226562,
  "summary_gm_median": 732.982421875,
  "summary_gm_n": 199252.0,
  "summary_gm_p05": 656.2853851318359,
  "summary_gm_p95": 832.8439910888671,
  "summary_gm_stdv": 53.41714096069336,
  "summary_wm_k": 0.3773948397466458,
  "summary_wm_mad": 44.04850769042969,
  "summary_wm_mean": 1000.2861938476562,
  "summary_wm_median": 1000.0048217773438,
  "summary_wm_n": 1204679.0,
  "summary_wm_p05": 925.5901306152344,
  "summary_wm_p95": 1075.66103515625,
  "summary_wm_stdv": 45.810523986816406,
  "tpm_overlap_csf": 0.1933753937482834,
  "tpm_overlap_gm": 0.48212456703186035,
  "tpm_overlap_wm": 0.5545910596847534,
  "wm2max": 0.5146779704542692
}