{
  "bids_meta": {
    "AcquisitionDuration": 393.115776,
    "Columns": 512,
    "EchoTime": 0.12879,
    "EchoTrainLength": 140,
    "EffectiveEchoSpacing": 0,
    "FieldOfView": [
      240.03,
      240.03,
      87.6
    ],
    "FlipAngle": 90,
    "GEImageTypeRIMPCode": 0,
    "ImageType": "ORIGINAL/PRIMARY/OTHER",
    "ImagingFrequency": 127.765222,
    "InplanePhaseEncodingDirection": "ROW",
    "InversionTime": 1.857,
    "MRAcquisitionType": "3D",
    "MagneticFieldStrength": 3,
    "Manufacturer": "GE MEDICAL SYSTEMS",
    "ManufacturersModelName": "DISCOVERY MR750",
    "NumberOfAverages": 1,
    "NumberOfEPIShots": 1,
    "NumberOfEchoes": 1,
    "NumberOfSlices": 146,
    "ParallelImagingReductionFactors": [
      0.5,
      0.5
    ],
    "PercentPhaseFieldOfView": 100,
    "PhaseEncodingDirection": "i",
    "PixelBandwidth": 122.07,
    "PixelSpacing": [
      0.4688,
      0.4688
    ],
    "ReceiveCoilName": "8HRBRAIN",
    "RepetitionTime": 6,
    "Rows": 512,
    "SATFatWaterBone": 0,
    "ScanOptions": [
      "EDR_GEMS",
      "FILTERED_GEMS",
      "ACC_GEMS"
    ],
    "ScanningSequence": [
      "SE",
      "IR"
    ],
    "SequenceVariant": "SK",
    "SeriesDate": "18730126",
    "SeriesDescription": "Sag CUBE T2 flair",
    "SeriesNumber": 13,
    "SeriesTime": "200439",
    "SliceThickness": 1.2,
    "SpacingBetweenSlices": 0.600002,
    "StudyTime": "182359",
    "modality": "T2w",
    "session_id": "1",
    "subject_id": "9091"
  },
  "cjv": 0.6416838638544099,
  "cnr": 1.1657234397031002,
  "efc": 0.6499085580166658,
  "fber": 376.6849060058594,
  "fwhm_avg": 5.427447119814198,
  "fwhm_x": 4.736266478464346,
  "fwhm_y": 6.124551939387366,
  "fwhm_z": 5.421522941590882,
  "icvs_csf": 0.45528554143102457,
  "icvs_gm": 0.40548223835722413,
  "icvs_wm": 0.13923222021175127,
  "inu_med": 1.0676720142364502,
  "inu_range": 0.6828560203313826,
  "provenance": {
    "md5sum": "54ae3e2f2b4c5570e89f0b9dc7b4b2bf",
    "settings": {
      "testing": false
    },
    "software": "mriqc",
    "version": "0.9.6",
    "warnings": {
      "large_rot_frame": true,
      "small_air_mask": false
    }
  },
  "qi_1": 0.0,
  "qi_2": 0.0009693941368783809,
  "rpve_csf": 10.869322320504166,
  "rpve_gm": 11.180103539775958,
  "rpve_wm": 30.13212546965179,
  "size_x": 292,
  "size_y": 512,
  "size_z": 512,
  "snr_csf": 17.035835996252825,
  "snr_gm": 15.141474040945328,
  "snr_total": 11.655795238814575,
  "snr_wm": 2.7900756792455708,
  "snrd_csf": 61.28509049581358,
  "snrd_gm": 51.92789192913638,
  "snrd_total": 49.818038469530165,
  "snrd_wm": 36.24113298364055,
  "spacing_x": 0.6000000238418579,
  "spacing_y": 0.46880000829696655,
  "spacing_z": 0.46880000829696655,
  "summary_bg_k": 3.478815846775019,
  "summary_bg_mad": 18.07231903076172,
  "summary_bg_mean": 53.790618896484375,
  "summary_bg_median": 50.6384391784668,
  "summary_bg_n": 15370712.0,
  "summary_bg_p05": 25.914026451110843,
  "summary_bg_p95": 92.66556892395019,
  "summary_bg_stdv": 21.355836868286133,
  "summary_csf_k": 0.6879958920434808,
  "summary_csf_mad": 93.89404296875,
  "summary_csf_mean": 1697.33544921875,
  "summary_csf_median": 1690.5849609375,
  "summary_csf_n": 1358320.0,
  "summary_csf_p05": 1547.188916015625,
  "summary_csf_p95": 1870.8341064453125,
  "summary_csf_stdv": 99.23694610595703,
  "summary_gm_k": 0.1138671094464434,
  "summary_gm_mad": 93.18187713623047,
  "summary_gm_mean": 1439.0162353515625,
  "summary_gm_median": 1432.461181640625,
  "summary_gm_n": 611888.0,
  "summary_gm_p05": 1294.7613830566406,
  "summary_gm_p95": 1605.7595397949221,
  "summary_gm_stdv": 94.60505676269531,
  "summary_wm_k": 6.216796472915789,
  "summary_wm_mad": 184.49295043945312,
  "summary_wm_mean": 968.9763793945312,
  "summary_wm_median": 999.7327880859375,
  "summary_wm_n": 217191.0,
  "summary_wm_p05": 321.0011901855469,
  "summary_wm_p95": 1293.6406860351562,
  "summary_wm_stdv": 358.3166198730469,
  "tpm_overlap_csf": 0.10210210084915161,
  "tpm_overlap_gm": 0.2950705587863922,
  "tpm_overlap_wm": 0.11976835131645203,
  "wm2max": 0.32300377809444736
}