{
  "aor": 0.0011812,
  "aqi": 0.0046576706,
  "bids_meta": {
    "AcquisitionDuration": 525.000256,
    "CogAtlasID": "trm_4c8a834779883",
    "Columns": 128,
    "EchoTime": 0.03,
    "EchoTrainLength": 1,
    "EffectiveEchoSpacing": 0.000464,
    "FieldOfView": [
      288,
      288,
      147
    ],
    "FlipAngle": 75,
    "GEImageTypeRIMPCode": 0,
    "ImageType": "ORIGINAL/PRIMARY/EPI/NONE",
    "ImagingFrequency": 127.765186,
    "InplanePhaseEncodingDirection": "COL",
    "InversionTime": 0,
    "MRAcquisitionType": "2D",
    "MagneticFieldStrength": 3,
    "Manufacturer": "GE MEDICAL SYSTEMS",
    "ManufacturersModelName": "DISCOVERY MR750",
    "NumberOfAverages": 1,
    "NumberOfEPIShots": 1,
    "NumberOfEchoes": 1,
    "NumberOfSlices": 49,
    "ParallelImagingReductionFactors": [
      0.5,
      1
    ],
    "PercentPhaseFieldOfView": 100,
    "PhaseEncodingDirection": "j",
    "PixelBandwidth": 3906.25,
    "PixelSpacing": [
      2.25,
      2.25
    ],
    "ReceiveCoilName": "8HRBRAIN",
    "RepetitionTime": 2.5,
    "Rows": 128,
    "SATFatWaterBone": 0,
    "ScanOptions": [
      "EPI_GEMS",
      "FILTERED_GEMS",
      "ACC_GEMS"
    ],
    "ScanningSequence": [
      "EP",
      "GR"
    ],
    "SequenceVariant": "SS",
    "SeriesDate": "18740103",
    "SeriesDescription": "RSN_BWRT_200vol_3mm",
    "SeriesNumber": 10,
    "SeriesTime": "210709",
    "SliceThickness": 3,
    "SliceTiming": [
      0,
      1.27551,
      0.05102,
      1.32653,
      0.10204,
      1.37755,
      0.15306,
      1.42857,
      0.20408,
      1.47959,
      0.2551,
      1.53061,
      0.30612,
      1.58163,
      0.35714,
      1.63265,
      0.40816,
      1.68367,
      0.45918,
      1.73469,
      0.5102,
      1.78571,
      0.56122,
      1.83673,
      0.61224,
      1.88776,
      0.66327,
      1.93878,
      0.71429,
      1.9898,
      0.76531,
      2.04082,
      0.81633,
      2.09184,
      0.86735,
      2.14286,
      0.91837,
      2.19388,
      0.96939,
      2.2449,
      1.02041,
      2.29592,
      1.07143,
      2.34694,
      1.12245,
      2.39796,
      1.17347,
      2.44898,
      1.22449
    ],
    "SliceTimingComputationMethod": "SliceNumber*RepetitionTime/NumberOfSlices (interleaved ascending, odd first)",
    "SpacingBetweenSlices": 3,
    "StudyTime": "200253",
    "TaskDescription": "Functional connectivity in the resting state was assessed during two eight-minute runs. Participants were asked to rate their sleepiness using the Karolinska Sleepiness Scale every 2 minutes",
    "TaskInstructions": "Participants were instructed to keep their eyes open and look at a white fixation cross presented against a gray background.",
    "TaskName": "Sleepiness",
    "dummyScans": 10,
    "modality": "bold",
    "session_id": "2",
    "subject_id": "9084",
    "task_id": "sleepiness"
  },
  "dummy_trs": 0,
  "dvars_nstd": 14.87759045728643,
  "dvars_std": 1.0657357974371857,
  "dvars_vstd": 0.9709809510552763,
  "efc": 0.29711592358830596,
  "fber": 160921744.0,
  "fd_mean": 0.09499877248038878,
  "fd_num": 17,
  "fd_perc": 8.5,
  "fwhm_avg": 3.2197674202021687,
  "fwhm_x": 3.303697777777778,
  "fwhm_y": 3.764351111111111,
  "fwhm_z": 2.5912533717176163,
  "gcor": 0.0541776,
  "gsr_x": -0.012712132185697556,
  "gsr_y": -0.002135606948286295,
  "provenance": {
    "md5sum": "30b74e6ca231465bbf092b41a2880587",
    "settings": {
      "fd_thres": 0.2,
      "hmc_fsl": false
    },
    "software": "mriqc",
    "version": "0.9.6"
  },
  "size_t": 200,
  "size_x": 128,
  "size_y": 128,
  "size_z": 49,
  "snr": 5.167335426252056,
  "spacing_tr": 2.5,
  "spacing_x": 2.25,
  "spacing_y": 2.25,
  "spacing_z": 3.0000038146972656,
  "summary_bg_k": 104.22244807038233,
  "summary_bg_mad": 0.7042360305786133,
  "summary_bg_mean": 51.92123031616211,
  "summary_bg_median": 0.4749999940395355,
  "summary_bg_n": 642505.0,
  "summary_bg_p05": 0.0,
  "summary_bg_p95": 237.31899108886682,
  "summary_bg_stdv": 212.20504760742188,
  "summary_fg_k": 1.7625455024310517,
  "summary_fg_mad": 898.3157958984375,
  "summary_fg_mean": 5414.72802734375,
  "summary_fg_median": 5474.4599609375,
  "summary_fg_n": 75093.0,
  "summary_fg_p05": 3527.808984375,
  "summary_fg_p95": 7013.86474609375,
  "summary_fg_stdv": 1059.4287109375,
  "tsnr": 73.12295532226562
}