{
  "aor": 0.0034493499999999995,
  "aqi": 0.0055712637499999995,
  "bids_meta": {
    "AcquisitionDuration": 525.000256,
    "CogAtlasID": "trm_4c8a834779883",
    "Columns": 128,
    "EchoTime": 0.03,
    "EchoTrainLength": 1,
    "EffectiveEchoSpacing": 0.000464,
    "FieldOfView": [
      288,
      288,
      147
    ],
    "FlipAngle": 75,
    "GEImageTypeRIMPCode": 0,
    "ImageType": "ORIGINAL/PRIMARY/EPI/NONE",
    "ImagingFrequency": 127.765293,
    "InplanePhaseEncodingDirection": "COL",
    "InversionTime": 0,
    "MRAcquisitionType": "2D",
    "MagneticFieldStrength": 3,
    "Manufacturer": "GE MEDICAL SYSTEMS",
    "ManufacturersModelName": "DISCOVERY MR750",
    "NumberOfAverages": 1,
    "NumberOfEPIShots": 1,
    "NumberOfEchoes": 1,
    "NumberOfSlices": 49,
    "ParallelImagingReductionFactors": [
      0.5,
      1
    ],
    "PercentPhaseFieldOfView": 100,
    "PhaseEncodingDirection": "j",
    "PixelBandwidth": 3906.25,
    "PixelSpacing": [
      2.25,
      2.25
    ],
    "ReceiveCoilName": "8HRBRAIN",
    "RepetitionTime": 2.5,
    "Rows": 128,
    "SATFatWaterBone": 0,
    "ScanOptions": [
      "EPI_GEMS",
      "FILTERED_GEMS",
      "ACC_GEMS"
    ],
    "ScanningSequence": [
      "EP",
      "GR"
    ],
    "SequenceVariant": "SS",
    "SeriesDate": "18730311",
    "SeriesDescription": "RSN_BWRT_200vol_3mm",
    "SeriesNumber": 10,
    "SeriesTime": "213551",
    "SliceThickness": 3,
    "SliceTiming": [
      0,
      1.27551,
      0.05102,
      1.32653,
      0.10204,
      1.37755,
      0.15306,
      1.42857,
      0.20408,
      1.47959,
      0.2551,
      1.53061,
      0.30612,
      1.58163,
      0.35714,
      1.63265,
      0.40816,
      1.68367,
      0.45918,
      1.73469,
      0.5102,
      1.78571,
      0.56122,
      1.83673,
      0.61224,
      1.88776,
      0.66327,
      1.93878,
      0.71429,
      1.9898,
      0.76531,
      2.04082,
      0.81633,
      2.09184,
      0.86735,
      2.14286,
      0.91837,
      2.19388,
      0.96939,
      2.2449,
      1.02041,
      2.29592,
      1.07143,
      2.34694,
      1.12245,
      2.39796,
      1.17347,
      2.44898,
      1.22449
    ],
    "SliceTimingComputationMethod": "SliceNumber*RepetitionTime/NumberOfSlices (interleaved ascending, odd first)",
    "SpacingBetweenSlices": 3,
    "StudyTime": "203354",
    "TaskDescription": "Functional connectivity in the resting state was assessed during two eight-minute runs. Participants were asked to rate their sleepiness using the Karolinska Sleepiness Scale every 2 minutes",
    "TaskInstructions": "Participants were instructed to keep their eyes open and look at a white fixation cross presented against a gray background.",
    "TaskName": "Sleepiness",
    "dummyScans": 10,
    "modality": "bold",
    "session_id": "1",
    "subject_id": "9007",
    "task_id": "sleepiness"
  },
  "dummy_trs": 0,
  "dvars_nstd": 21.206466962160814,
  "dvars_std": 1.040835282663316,
  "dvars_vstd": 0.9433026035678395,
  "efc": 0.35233530489244236,
  "fber": 11084124.0,
  "fd_mean": 0.15565292908917555,
  "fd_num": 28,
  "fd_perc": 14.0,
  "fwhm_avg": 3.3211488888888887,
  "fwhm_x": 3.340622222222222,
  "fwhm_y": 3.8803511111111115,
  "fwhm_z": 2.7424733333333333,
  "gcor": 0.0351577,
  "gsr_x": -0.024834558367729187,
  "gsr_y": 0.007032189518213272,
  "provenance": {
    "md5sum": "543d44047a1032b003e9a7132769b4c3",
    "settings": {
      "fd_thres": 0.2,
      "hmc_fsl": false
    },
    "software": "mriqc",
    "version": "0.9.6"
  },
  "size_t": 200,
  "size_x": 128,
  "size_y": 128,
  "size_z": 49,
  "snr": 4.076937353210565,
  "spacing_tr": 2.5,
  "spacing_x": 2.25,
  "spacing_y": 2.25,
  "spacing_z": 3.0,
  "summary_bg_k": 42.01738354162219,
  "summary_bg_mad": 2.320272445678711,
  "summary_bg_mean": 110.36654663085938,
  "summary_bg_median": 1.5649999380111694,
  "summary_bg_n": 617728.0,
  "summary_bg_p05": 0.0,
  "summary_bg_p95": 661.3815063476565,
  "summary_bg_stdv": 389.5954284667969,
  "summary_fg_k": 0.6428982295220291,
  "summary_fg_mad": 1110.58056640625,
  "summary_fg_mean": 4947.8720703125,
  "summary_fg_median": 4960.2646484375,
  "summary_fg_n": 95863.0,
  "summary_fg_p05": 2844.527368164063,
  "summary_fg_p95": 6913.437060546874,
  "summary_fg_stdv": 1216.6580810546875,
  "tsnr": 52.301029205322266
}