{
  "bids_meta": {
    "AcquisitionDuration": 393.10976,
    "Columns": 512,
    "EchoTime": 0.12788,
    "EchoTrainLength": 140,
    "EffectiveEchoSpacing": 0,
    "FieldOfView": [
      240.03,
      240.03,
      87.6
    ],
    "FlipAngle": 90,
    "GEImageTypeRIMPCode": 0,
    "ImageType": "ORIGINAL/PRIMARY/OTHER",
    "ImagingFrequency": 127.765175,
    "InplanePhaseEncodingDirection": "ROW",
    "InversionTime": 1.86,
    "MRAcquisitionType": "3D",
    "MagneticFieldStrength": 3,
    "Manufacturer": "GE MEDICAL SYSTEMS",
    "ManufacturersModelName": "DISCOVERY MR750",
    "NumberOfAverages": 1,
    "NumberOfEPIShots": 1,
    "NumberOfEchoes": 1,
    "NumberOfSlices": 146,
    "ParallelImagingReductionFactors": [
      0.5,
      0.5
    ],
    "PercentPhaseFieldOfView": 100,
    "PhaseEncodingDirection": "i",
    "PixelBandwidth": 122.07,
    "PixelSpacing": [
      0.4688,
      0.4688
    ],
    "ReceiveCoilName": "8HRBRAIN",
    "RepetitionTime": 6,
    "Rows": 512,
    "SATFatWaterBone": 0,
    "ScanOptions": [
      "EDR_GEMS",
      "FILTERED_GEMS",
      "ACC_GEMS"
    ],
    "ScanningSequence": [
      "SE",
      "IR"
    ],
    "SequenceVariant": "SK",
    "SeriesDate": "18730330",
    "SeriesDescription": "Sag CUBE T2 flair",
    "SeriesNumber": 11,
    "SeriesTime": "204400",
    "SliceThickness": 1.2,
    "SpacingBetweenSlices": 0.600002,
    "StudyTime": "193338",
    "modality": "T2w",
    "session_id": "1",
    "subject_id": "9012"
  },
  "cjv": 0.6371885804273806,
  "cnr": 1.3748086498214422,
  "efc": 0.6402602562402235,
  "fber": 299.2300720214844,
  "fwhm_avg": 4.834937653185073,
  "fwhm_x": 4.279599829943981,
  "fwhm_y": 5.354564751649648,
  "fwhm_z": 4.87064837796159,
  "icvs_csf": 0.4416544747573677,
  "icvs_gm": 0.4326790106954172,
  "icvs_wm": 0.12566651454721514,
  "inu_med": 1.1112301349639893,
  "inu_range": 0.6955292046070098,
  "provenance": {
    "md5sum": "e8f0f3030d1718a6218b9d032b667968",
    "settings": {
      "testing": false
    },
    "software": "mriqc",
    "version": "0.9.6",
    "warnings": {
      "large_rot_frame": true,
      "small_air_mask": false
    }
  },
  "qi_1": 0.0,
  "qi_2": 0.0006230384283122919,
  "rpve_csf": 12.204120714967347,
  "rpve_gm": 11.831794258655476,
  "rpve_wm": 35.92820503622082,
  "size_x": 292,
  "size_y": 512,
  "size_z": 512,
  "snr_csf": 13.190945279063383,
  "snr_gm": 14.46912521421654,
  "snr_total": 9.967962074308893,
  "snr_wm": 2.243815729646759,
  "snrd_csf": 51.38228376063608,
  "snrd_gm": 41.55829620144569,
  "snrd_total": 39.46044679445409,
  "snrd_wm": 25.440760421280494,
  "spacing_x": 0.6000000238418579,
  "spacing_y": 0.46880000829696655,
  "spacing_z": 0.46880000829696655,
  "summary_bg_k": 8.010556303534496,
  "summary_bg_mad": 25.729385375976562,
  "summary_bg_mean": 73.05493927001953,
  "summary_bg_median": 67.6910629272461,
  "summary_bg_n": 15888447.0,
  "summary_bg_p05": 34.071881484985354,
  "summary_bg_p95": 129.87835845947262,
  "summary_bg_stdv": 31.364267349243164,
  "summary_csf_k": 0.4262693357727714,
  "summary_csf_mad": 149.180419921875,
  "summary_csf_mean": 2029.515380859375,
  "summary_csf_median": 2017.9532470703125,
  "summary_csf_n": 1140842.0,
  "summary_csf_p05": 1799.8255615234375,
  "summary_csf_p95": 2297.9916381835938,
  "summary_csf_stdv": 152.98011779785156,
  "summary_gm_k": -0.03824069138924102,
  "summary_gm_mad": 113.74502563476562,
  "summary_gm_mean": 1633.473388671875,
  "summary_gm_median": 1632.132568359375,
  "summary_gm_n": 632210.0,
  "summary_gm_p05": 1451.1873718261718,
  "summary_gm_p95": 1820.7570678710936,
  "summary_gm_stdv": 112.80096435546875,
  "summary_wm_k": 11.692756525752179,
  "summary_wm_mad": 289.5885009765625,
  "summary_wm_mean": 936.9951171875,
  "summary_wm_median": 999.143310546875,
  "summary_wm_n": 84909.0,
  "summary_wm_p05": 246.70431518554688,
  "summary_wm_p95": 1340.3466064453123,
  "summary_wm_stdv": 445.28497314453125,
  "tpm_overlap_csf": 0.09942711144685745,
  "tpm_overlap_gm": 0.2893619239330292,
  "tpm_overlap_wm": 0.10690659284591675,
  "wm2max": 0.21515884472986008
}