{
  "bids_meta": {
    "AcquisitionDuration": 238.444688,
    "Columns": 512,
    "EchoTime": 0.00281,
    "EchoTrainLength": 1,
    "EffectiveEchoSpacing": 0,
    "FieldOfView": [
      240.03,
      240.03,
      180
    ],
    "FlipAngle": 11,
    "GEImageTypeRIMPCode": 0,
    "ImageType": "ORIGINAL/PRIMARY/OTHER",
    "ImagingFrequency": 127.765208,
    "InplanePhaseEncodingDirection": "ROW",
    "InversionTime": 0.45,
    "MRAcquisitionType": "3D",
    "MagneticFieldStrength": 3,
    "Manufacturer": "GE MEDICAL SYSTEMS",
    "ManufacturersModelName": "DISCOVERY MR750",
    "NumberOfAverages": 1,
    "NumberOfEPIShots": 0,
    "NumberOfEchoes": 1,
    "NumberOfSlices": 180,
    "ParallelImagingReductionFactors": [
      0.571429,
      1
    ],
    "PercentPhaseFieldOfView": 100,
    "PhaseEncodingDirection": "i",
    "PixelBandwidth": 122.07,
    "PixelSpacing": [
      0.4688,
      0.4688
    ],
    "ReceiveCoilName": "8HRBRAIN",
    "RepetitionTime": 0.0064,
    "Rows": 512,
    "SATFatWaterBone": 0,
    "ScanOptions": [
      "FAST_GEMS",
      "EDR_GEMS",
      "FILTERED_GEMS",
      "ACC_GEMS"
    ],
    "ScanningSequence": "GR",
    "SequenceVariant": [
      "SS",
      "SK"
    ],
    "SeriesDate": "18730402",
    "SeriesDescription": "Sag3D_T1_1mm3",
    "SeriesNumber": 2,
    "SeriesTime": "182618",
    "SliceThickness": 1,
    "SpacingBetweenSlices": 1,
    "StudyTime": "182446",
    "modality": "T1w",
    "session_id": "2",
    "subject_id": "9053"
  },
  "cjv": 0.38223127662356504,
  "cnr": 3.5144611019887666,
  "efc": 0.646079593463325,
  "fber": 145.10194396972656,
  "fwhm_avg": 6.178228115925353,
  "fwhm_x": 3.85913,
  "fwhm_y": 7.6583829702616315,
  "fwhm_z": 7.017171377514428,
  "icvs_csf": 0.19813512805948613,
  "icvs_gm": 0.4405972066964902,
  "icvs_wm": 0.36126766524402365,
  "inu_med": 1.2175087928771973,
  "inu_range": 0.5071387022733689,
  "provenance": {
    "md5sum": "1458c691b7853e2163623be2cca9b34e",
    "mriqc_pred": 0,
    "settings": {
      "testing": false
    },
    "software": "mriqc",
    "version": "0.9.6",
    "warnings": {
      "large_rot_frame": true,
      "small_air_mask": false
    }
  },
  "qi_1": 0.0,
  "qi_2": 0.0003431979311983714,
  "rpve_csf": 23.935376597846844,
  "rpve_gm": 11.866260496280594,
  "rpve_wm": 16.77539830288647,
  "size_x": 180,
  "size_y": 512,
  "size_z": 512,
  "snr_csf": 3.170997642691171,
  "snr_gm": 12.498759974074202,
  "snr_total": 11.073212692945326,
  "snr_wm": 17.549880462070607,
  "snrd_csf": 13.927780861699734,
  "snrd_gm": 29.012584465950578,
  "snrd_total": 27.931914254326486,
  "snrd_wm": 40.855377435329146,
  "spacing_x": 1.0,
  "spacing_y": 0.46880000829696655,
  "spacing_z": 0.46880000829696655,
  "summary_bg_k": 2.4198674308623698,
  "summary_bg_mad": 16.03573226928711,
  "summary_bg_mean": 54.299346923828125,
  "summary_bg_median": 51.75970458984375,
  "summary_bg_n": 9210415.0,
  "summary_bg_p05": 30.05275230407715,
  "summary_bg_p95": 87.22780838012694,
  "summary_bg_stdv": 18.112808227539062,
  "summary_csf_k": -0.6278248079668596,
  "summary_csf_mad": 120.65045166015625,
  "summary_csf_mean": 351.484619140625,
  "summary_csf_median": 340.909423828125,
  "summary_csf_n": 116726.0,
  "summary_csf_p05": 191.59263229370117,
  "summary_csf_p95": 529.4228668212891,
  "summary_csf_stdv": 107.50811004638672,
  "summary_gm_k": 0.15632314972147743,
  "summary_gm_mad": 55.06287384033203,
  "summary_gm_mean": 714.1734008789062,
  "summary_gm_median": 710.1392211914062,
  "summary_gm_n": 271661.0,
  "summary_gm_p05": 627.5968627929688,
  "summary_gm_p95": 815.0714721679688,
  "summary_gm_stdv": 56.81666946411133,
  "summary_wm_k": 0.1707861802857522,
  "summary_wm_mad": 55.736534118652344,
  "summary_wm_mean": 999.2299194335938,
  "summary_wm_median": 1000.0145263671875,
  "summary_wm_n": 1101712.0,
  "summary_wm_p05": 903.4401672363281,
  "summary_wm_p95": 1091.2834106445312,
  "summary_wm_stdv": 56.98124694824219,
  "tpm_overlap_csf": 0.20698030292987823,
  "tpm_overlap_gm": 0.5004578232765198,
  "tpm_overlap_wm": 0.5414309501647949,
  "wm2max": 0.4338674769459938
}