{
  "aor": 0.00128195,
  "aqi": 0.00656922365,
  "bids_meta": {
    "AcquisitionDuration": 525.000256,
    "CogAtlasID": "trm_4c8a834779883",
    "Columns": 128,
    "EchoTime": 0.03,
    "EchoTrainLength": 1,
    "EffectiveEchoSpacing": 0.000464,
    "FieldOfView": [
      288,
      288,
      147
    ],
    "FlipAngle": 75,
    "GEImageTypeRIMPCode": 0,
    "ImageType": "ORIGINAL/PRIMARY/EPI/NONE",
    "ImagingFrequency": 127.765184,
    "InplanePhaseEncodingDirection": "COL",
    "InversionTime": 0,
    "MRAcquisitionType": "2D",
    "MagneticFieldStrength": 3,
    "Manufacturer": "GE MEDICAL SYSTEMS",
    "ManufacturersModelName": "DISCOVERY MR750",
    "NumberOfAverages": 1,
    "NumberOfEPIShots": 1,
    "NumberOfEchoes": 1,
    "NumberOfSlices": 49,
    "ParallelImagingReductionFactors": [
      0.5,
      1
    ],
    "PercentPhaseFieldOfView": 100,
    "PhaseEncodingDirection": "j",
    "PixelBandwidth": 3906.25,
    "PixelSpacing": [
      2.25,
      2.25
    ],
    "ReceiveCoilName": "8HRBRAIN",
    "RepetitionTime": 2.5,
    "Rows": 128,
    "SATFatWaterBone": 0,
    "ScanOptions": [
      "EPI_GEMS",
      "FILTERED_GEMS",
      "ACC_GEMS"
    ],
    "ScanningSequence": [
      "EP",
      "GR"
    ],
    "SequenceVariant": "SS",
    "SeriesDate": "18740118",
    "SeriesDescription": "RSN_BWRT_200vol_3mm",
    "SeriesNumber": 10,
    "SeriesTime": "191450",
    "SliceThickness": 3,
    "SliceTiming": [
      0,
      1.27551,
      0.05102,
      1.32653,
      0.10204,
      1.37755,
      0.15306,
      1.42857,
      0.20408,
      1.47959,
      0.2551,
      1.53061,
      0.30612,
      1.58163,
      0.35714,
      1.63265,
      0.40816,
      1.68367,
      0.45918,
      1.73469,
      0.5102,
      1.78571,
      0.56122,
      1.83673,
      0.61224,
      1.88776,
      0.66327,
      1.93878,
      0.71429,
      1.9898,
      0.76531,
      2.04082,
      0.81633,
      2.09184,
      0.86735,
      2.14286,
      0.91837,
      2.19388,
      0.96939,
      2.2449,
      1.02041,
      2.29592,
      1.07143,
      2.34694,
      1.12245,
      2.39796,
      1.17347,
      2.44898,
      1.22449
    ],
    "SliceTimingComputationMethod": "SliceNumber*RepetitionTime/NumberOfSlices (interleaved ascending, odd first)",
    "SpacingBetweenSlices": 3,
    "StudyTime": "181026",
    "TaskDescription": "Functional connectivity in the resting state was assessed during two eight-minute runs. Participants were asked to rate their sleepiness using the Karolinska Sleepiness Scale every 2 minutes",
    "TaskInstructions": "Participants were instructed to keep their eyes open and look at a white fixation cross presented against a gray background.",
    "TaskName": "Sleepiness",
    "dummyScans": 10,
    "modality": "bold",
    "session_id": "2",
    "subject_id": "9041",
    "task_id": "sleepiness"
  },
  "dummy_trs": 0,
  "dvars_nstd": 22.0168208457789,
  "dvars_std": 1.1116611701507542,
  "dvars_vstd": 0.9654682819095479,
  "efc": 0.3031936114498286,
  "fber": 78547096.0,
  "fd_mean": 0.1355392921281662,
  "fd_num": 43,
  "fd_perc": 21.5,
  "fwhm_avg": 3.450314844753162,
  "fwhm_x": 3.557208888888889,
  "fwhm_y": 4.101662222222222,
  "fwhm_z": 2.692073423148375,
  "gcor": 0.0648352,
  "gsr_x": -0.01615910232067108,
  "gsr_y": -0.0021754400804638863,
  "provenance": {
    "md5sum": "a4a783f3c02cad6cd90bf41f67dc6346",
    "settings": {
      "fd_thres": 0.2,
      "hmc_fsl": false
    },
    "software": "mriqc",
    "version": "0.9.6"
  },
  "size_t": 200,
  "size_x": 128,
  "size_y": 128,
  "size_z": 49,
  "snr": 4.831048087591848,
  "spacing_tr": 2.5,
  "spacing_x": 2.25,
  "spacing_y": 2.25,
  "spacing_z": 2.9999961853027344,
  "summary_bg_k": 87.85008428037335,
  "summary_bg_mad": 0.9562784433364868,
  "summary_bg_mean": 65.50376892089844,
  "summary_bg_median": 0.6449999809265137,
  "summary_bg_n": 642859.0,
  "summary_bg_p05": 0.0,
  "summary_bg_p95": 307.6399841308594,
  "summary_bg_stdv": 260.2984619140625,
  "summary_fg_k": 1.6851877030770908,
  "summary_fg_mad": 918.568359375,
  "summary_fg_mean": 5197.541015625,
  "summary_fg_median": 5272.65966796875,
  "summary_fg_n": 74503.0,
  "summary_fg_p05": 3198.2094482421876,
  "summary_fg_p95": 6800.8900390624985,
  "summary_fg_stdv": 1091.40380859375,
  "tsnr": 60.77793884277344
}