{
  "bids_meta": {
    "AcquisitionDuration": 238.55128,
    "Columns": 512,
    "EchoTime": 0.00281,
    "EchoTrainLength": 1,
    "EffectiveEchoSpacing": 0,
    "FieldOfView": [
      240.03,
      240.03,
      180
    ],
    "FlipAngle": 11,
    "GEImageTypeRIMPCode": 0,
    "ImageType": "ORIGINAL/PRIMARY/OTHER",
    "ImagingFrequency": 127.76516,
    "InplanePhaseEncodingDirection": "ROW",
    "InversionTime": 0.45,
    "MRAcquisitionType": "3D",
    "MagneticFieldStrength": 3,
    "Manufacturer": "GE MEDICAL SYSTEMS",
    "ManufacturersModelName": "DISCOVERY MR750",
    "NumberOfAverages": 1,
    "NumberOfEPIShots": 0,
    "NumberOfEchoes": 1,
    "NumberOfSlices": 180,
    "ParallelImagingReductionFactors": [
      0.571429,
      1
    ],
    "PercentPhaseFieldOfView": 100,
    "PhaseEncodingDirection": "i",
    "PixelBandwidth": 122.07,
    "PixelSpacing": [
      0.4688,
      0.4688
    ],
    "ReceiveCoilName": "8HRBRAIN",
    "RepetitionTime": 0.0064,
    "Rows": 512,
    "SATFatWaterBone": 0,
    "ScanOptions": [
      "FAST_GEMS",
      "EDR_GEMS",
      "FILTERED_GEMS",
      "ACC_GEMS"
    ],
    "ScanningSequence": "GR",
    "SequenceVariant": [
      "SS",
      "SK"
    ],
    "SeriesDate": "18740509",
    "SeriesDescription": "Sag3D_T1_1mm3",
    "SeriesNumber": 2,
    "SeriesTime": "203057",
    "SliceThickness": 1,
    "SpacingBetweenSlices": 1,
    "StudyTime": "202911",
    "modality": "T1w",
    "session_id": "1",
    "subject_id": "9020"
  },
  "cjv": 0.40930804584999764,
  "cnr": 3.33451382336401,
  "efc": 0.6074952133880722,
  "fber": 149.2744140625,
  "fwhm_avg": 6.8252268222329215,
  "fwhm_x": 4.42022,
  "fwhm_y": 8.402410260847873,
  "fwhm_z": 7.653050205850893,
  "icvs_csf": 0.22054115777241917,
  "icvs_gm": 0.40467192449416367,
  "icvs_wm": 0.37478691773341716,
  "inu_med": 1.2972475290298462,
  "inu_range": 0.5683164596557617,
  "provenance": {
    "md5sum": "4ea82c8813740f938930beba9b5324d9",
    "mriqc_pred": 0,
    "settings": {
      "testing": false
    },
    "software": "mriqc",
    "version": "0.9.6",
    "warnings": {
      "large_rot_frame": true,
      "small_air_mask": false
    }
  },
  "qi_1": 1.440713401532621e-05,
  "qi_2": 0.00037224890940185974,
  "rpve_csf": 25.59347048520503,
  "rpve_gm": 14.223140035764954,
  "rpve_wm": 18.1180504023347,
  "size_x": 180,
  "size_y": 512,
  "size_z": 512,
  "snr_csf": 3.9142424032320537,
  "snr_gm": 13.955143692715094,
  "snr_total": 11.904160704741491,
  "snr_wm": 17.84309601827732,
  "snrd_csf": 14.186374436403979,
  "snrd_gm": 32.062107621373805,
  "snrd_total": 29.915637528341886,
  "snrd_wm": 43.498430527247876,
  "spacing_x": 1.0,
  "spacing_y": 0.46880000829696655,
  "spacing_z": 0.46880000829696655,
  "summary_bg_k": 30.959024232979417,
  "summary_bg_mad": 15.06128215789795,
  "summary_bg_mean": 53.51918029785156,
  "summary_bg_median": 51.5627555847168,
  "summary_bg_n": 11447735.0,
  "summary_bg_p05": 30.634206199646,
  "summary_bg_p95": 83.0150466918945,
  "summary_bg_stdv": 16.912199020385742,
  "summary_csf_k": 2.687067246388727,
  "summary_csf_mad": 69.1424789428711,
  "summary_csf_mean": 344.21917724609375,
  "summary_csf_median": 326.13818359375,
  "summary_csf_n": 206367.0,
  "summary_csf_p05": 237.17302703857422,
  "summary_csf_p95": 509.4172485351562,
  "summary_csf_stdv": 83.32069396972656,
  "summary_gm_k": -0.019494596495911676,
  "summary_gm_mad": 53.034793853759766,
  "summary_gm_mean": 738.5556030273438,
  "summary_gm_median": 737.093017578125,
  "summary_gm_n": 202959.0,
  "summary_gm_p05": 654.1911804199219,
  "summary_gm_p95": 827.5984008789062,
  "summary_gm_stdv": 52.818603515625,
  "summary_wm_k": 0.21111034279844842,
  "summary_wm_mad": 54.5787467956543,
  "summary_wm_mean": 999.8717041015625,
  "summary_wm_median": 1000.0087890625,
  "summary_wm_n": 1065851.0,
  "summary_wm_p05": 907.2539367675781,
  "summary_wm_p95": 1091.5851440429688,
  "summary_wm_stdv": 56.044551849365234,
  "tpm_overlap_csf": 0.21871614456176758,
  "tpm_overlap_gm": 0.47719889879226685,
  "tpm_overlap_wm": 0.5548084378242493,
  "wm2max": 0.39501748034921563
}