{
  "bids_meta": {
    "AcquisitionDuration": 393.099328,
    "Columns": 512,
    "EchoTime": 0.12663,
    "EchoTrainLength": 140,
    "EffectiveEchoSpacing": 0,
    "FieldOfView": [
      240.03,
      240.03,
      87.6
    ],
    "FlipAngle": 90,
    "GEImageTypeRIMPCode": 0,
    "ImageType": "ORIGINAL/PRIMARY/OTHER",
    "ImagingFrequency": 127.765145,
    "InplanePhaseEncodingDirection": "ROW",
    "InversionTime": 1.862,
    "MRAcquisitionType": "3D",
    "MagneticFieldStrength": 3,
    "Manufacturer": "GE MEDICAL SYSTEMS",
    "ManufacturersModelName": "DISCOVERY MR750",
    "NumberOfAverages": 1,
    "NumberOfEPIShots": 1,
    "NumberOfEchoes": 1,
    "NumberOfSlices": 146,
    "ParallelImagingReductionFactors": [
      0.5,
      0.5
    ],
    "PercentPhaseFieldOfView": 100,
    "PhaseEncodingDirection": "i",
    "PixelBandwidth": 122.07,
    "PixelSpacing": [
      0.4688,
      0.4688
    ],
    "ReceiveCoilName": "8HRBRAIN",
    "RepetitionTime": 6,
    "Rows": 512,
    "SATFatWaterBone": 0,
    "ScanOptions": [
      "EDR_GEMS",
      "FILTERED_GEMS",
      "ACC_GEMS"
    ],
    "ScanningSequence": [
      "SE",
      "IR"
    ],
    "SequenceVariant": "SK",
    "SeriesDate": "18740509",
    "SeriesDescription": "Sag CUBE T2 flair",
    "SeriesNumber": 11,
    "SeriesTime": "214909",
    "SliceThickness": 1.2,
    "SpacingBetweenSlices": 0.600002,
    "StudyTime": "202911",
    "modality": "T2w",
    "session_id": "1",
    "subject_id": "9020"
  },
  "cjv": 3.862855385648704,
  "cnr": 0.35869967845503786,
  "efc": 0.6026193181007253,
  "fber": 348.2018127441406,
  "fwhm_avg": 4.811755172691145,
  "fwhm_x": 4.390299825545159,
  "fwhm_y": 5.162393253344274,
  "fwhm_z": 4.882572439184001,
  "icvs_csf": 0.4097727754935586,
  "icvs_gm": 0.44735260148346406,
  "icvs_wm": 0.14287462302297732,
  "inu_med": 1.1280512809753418,
  "inu_range": 0.6397176027297973,
  "provenance": {
    "md5sum": "835a039a8671c1d916cc644c63fd0bf6",
    "settings": {
      "testing": false
    },
    "software": "mriqc",
    "version": "0.9.6",
    "warnings": {
      "large_rot_frame": true,
      "small_air_mask": false
    }
  },
  "qi_1": 0.0,
  "qi_2": 0.0006385368285547367,
  "rpve_csf": 15.2114201309277,
  "rpve_gm": 13.631054368129579,
  "rpve_wm": 39.90947686927752,
  "size_x": 292,
  "size_y": 512,
  "size_z": 512,
  "snr_csf": 14.838283350247584,
  "snr_gm": 14.982355461480598,
  "snr_total": 10.464456131364491,
  "snr_wm": 1.5727295823652887,
  "snrd_csf": 44.60413087105749,
  "snrd_gm": 36.90470369222465,
  "snrd_total": 43.12343621250171,
  "snrd_wm": 47.86147407422298,
  "spacing_x": 0.6000000238418579,
  "spacing_y": 0.46880000829696655,
  "spacing_z": 0.46880000829696655,
  "summary_bg_k": 14.124417331206399,
  "summary_bg_mad": 13.757673263549805,
  "summary_bg_mean": 37.3244743347168,
  "summary_bg_median": 33.25244140625,
  "summary_bg_n": 16833811.0,
  "summary_bg_p05": 15.921948909759521,
  "summary_bg_p95": 72.79373931884766,
  "summary_bg_stdv": 19.600826263427734,
  "summary_csf_k": 0.3311367393116518,
  "summary_csf_mad": 61.05717086791992,
  "summary_csf_mean": 940.7941284179688,
  "summary_csf_median": 936.6737670898438,
  "summary_csf_n": 637711.0,
  "summary_csf_p05": 844.3229370117188,
  "summary_csf_p95": 1051.5249633789062,
  "summary_csf_stdv": 63.125431060791016,
  "summary_gm_k": -0.05086985810023892,
  "summary_gm_mad": 52.00898742675781,
  "summary_gm_mean": 775.5869750976562,
  "summary_gm_median": 774.988037109375,
  "summary_gm_n": 481388.0,
  "summary_gm_p05": 691.741732788086,
  "summary_gm_p95": 861.8441955566407,
  "summary_gm_stdv": 51.726661682128906,
  "summary_wm_k": -1.2622706808131083,
  "summary_wm_mad": 836.79150390625,
  "summary_wm_mean": 1034.595458984375,
  "summary_wm_median": 1005.0770263671875,
  "summary_wm_n": 167974.0,
  "summary_wm_p05": 215.96467514038085,
  "summary_wm_p95": 2049.187536621094,
  "summary_wm_stdv": 639.0634765625,
  "tpm_overlap_csf": 0.08213356137275696,
  "tpm_overlap_gm": 0.32320475578308105,
  "tpm_overlap_wm": 0.08484151214361191,
  "wm2max": 0.41308161457657455
}