{
  "aor": 0.0019858000000000002,
  "aqi": 0.00350286945,
  "bids_meta": {
    "AcquisitionDuration": 525.000256,
    "CogAtlasID": "trm_4c8a834779883",
    "Columns": 128,
    "EchoTime": 0.03,
    "EchoTrainLength": 1,
    "EffectiveEchoSpacing": 0.000464,
    "FieldOfView": [
      288,
      288,
      147
    ],
    "FlipAngle": 75,
    "GEImageTypeRIMPCode": 0,
    "ImageType": "ORIGINAL/PRIMARY/EPI/NONE",
    "ImagingFrequency": 127.765092,
    "InplanePhaseEncodingDirection": "COL",
    "InversionTime": 0,
    "MRAcquisitionType": "2D",
    "MagneticFieldStrength": 3,
    "Manufacturer": "GE MEDICAL SYSTEMS",
    "ManufacturersModelName": "DISCOVERY MR750",
    "NumberOfAverages": 1,
    "NumberOfEPIShots": 1,
    "NumberOfEchoes": 1,
    "NumberOfSlices": 49,
    "ParallelImagingReductionFactors": [
      0.5,
      1
    ],
    "PercentPhaseFieldOfView": 100,
    "PhaseEncodingDirection": "j",
    "PixelBandwidth": 3906.25,
    "PixelSpacing": [
      2.25,
      2.25
    ],
    "ReceiveCoilName": "8HRBRAIN",
    "RepetitionTime": 2.5,
    "Rows": 128,
    "SATFatWaterBone": 0,
    "ScanOptions": [
      "EPI_GEMS",
      "FILTERED_GEMS",
      "ACC_GEMS"
    ],
    "ScanningSequence": [
      "EP",
      "GR"
    ],
    "SequenceVariant": "SS",
    "SeriesDate": "18740421",
    "SeriesDescription": "RSN_BWRT_200vol_3mm",
    "SeriesNumber": 11,
    "SeriesTime": "185857",
    "SliceThickness": 3,
    "SliceTiming": [
      0,
      1.27551,
      0.05102,
      1.32653,
      0.10204,
      1.37755,
      0.15306,
      1.42857,
      0.20408,
      1.47959,
      0.2551,
      1.53061,
      0.30612,
      1.58163,
      0.35714,
      1.63265,
      0.40816,
      1.68367,
      0.45918,
      1.73469,
      0.5102,
      1.78571,
      0.56122,
      1.83673,
      0.61224,
      1.88776,
      0.66327,
      1.93878,
      0.71429,
      1.9898,
      0.76531,
      2.04082,
      0.81633,
      2.09184,
      0.86735,
      2.14286,
      0.91837,
      2.19388,
      0.96939,
      2.2449,
      1.02041,
      2.29592,
      1.07143,
      2.34694,
      1.12245,
      2.39796,
      1.17347,
      2.44898,
      1.22449
    ],
    "SliceTimingComputationMethod": "SliceNumber*RepetitionTime/NumberOfSlices (interleaved ascending, odd first)",
    "SpacingBetweenSlices": 3,
    "StudyTime": "175313",
    "TaskDescription": "Functional connectivity in the resting state was assessed during two eight-minute runs. Participants were asked to rate their sleepiness using the Karolinska Sleepiness Scale every 2 minutes",
    "TaskInstructions": "Participants were instructed to keep their eyes open and look at a white fixation cross presented against a gray background.",
    "TaskName": "Sleepiness",
    "dummyScans": 10,
    "modality": "bold",
    "session_id": "2",
    "subject_id": "9014",
    "task_id": "sleepiness"
  },
  "dummy_trs": 0,
  "dvars_nstd": 21.530508415025125,
  "dvars_std": 1.198574428140704,
  "dvars_vstd": 0.9988083026633165,
  "efc": 0.34690749447655395,
  "fber": 12427320.0,
  "fd_mean": 0.14042284325807589,
  "fd_num": 26,
  "fd_perc": 13.0,
  "fwhm_avg": 3.2740766666666663,
  "fwhm_x": 3.2573333333333334,
  "fwhm_y": 3.8173466666666664,
  "fwhm_z": 2.74755,
  "gcor": 0.0245854,
  "gsr_x": -0.01784425973892212,
  "gsr_y": 0.008635524660348892,
  "provenance": {
    "md5sum": "30e1238967228ccb88f9691aed26fc06",
    "settings": {
      "fd_thres": 0.2,
      "hmc_fsl": false
    },
    "software": "mriqc",
    "version": "0.9.6"
  },
  "size_t": 200,
  "size_x": 128,
  "size_y": 128,
  "size_z": 49,
  "snr": 4.53106225660077,
  "spacing_tr": 2.5,
  "spacing_x": 2.25,
  "spacing_y": 2.25,
  "spacing_z": 3.0,
  "summary_bg_k": 123.10965871267662,
  "summary_bg_mad": 2.2164902687072754,
  "summary_bg_mean": 73.5526351928711,
  "summary_bg_median": 1.4950000047683716,
  "summary_bg_n": 615572.0,
  "summary_bg_p05": 0.0,
  "summary_bg_p95": 349.2522521972654,
  "summary_bg_stdv": 249.06077575683594,
  "summary_fg_k": 1.15625831126267,
  "summary_fg_mad": 976.2935791015625,
  "summary_fg_mean": 4926.19921875,
  "summary_fg_median": 4956.32470703125,
  "summary_fg_n": 98599.0,
  "summary_fg_p05": 3032.01201171875,
  "summary_fg_p95": 6628.334033203125,
  "summary_fg_stdv": 1093.849365234375,
  "tsnr": 80.2828369140625
}