{
  "aor": 0.0016072395833333336,
  "aqi": 0.004266510416666667,
  "bids_meta": {
    "AcquisitionDuration": 525.000256,
    "CogAtlasID": "trm_4c8a834779883",
    "Columns": 128,
    "EchoTime": 0.03,
    "EchoTrainLength": 1,
    "EffectiveEchoSpacing": 0.000464,
    "FieldOfView": [
      288,
      288,
      147
    ],
    "FlipAngle": 75,
    "GEImageTypeRIMPCode": 0,
    "ImageType": "ORIGINAL/PRIMARY/EPI/NONE",
    "ImagingFrequency": 127.765147,
    "InplanePhaseEncodingDirection": "COL",
    "InversionTime": 0,
    "MRAcquisitionType": "2D",
    "MagneticFieldStrength": 3,
    "Manufacturer": "GE MEDICAL SYSTEMS",
    "ManufacturersModelName": "DISCOVERY MR750",
    "NumberOfAverages": 1,
    "NumberOfEPIShots": 1,
    "NumberOfEchoes": 1,
    "NumberOfSlices": 49,
    "ParallelImagingReductionFactors": [
      0.5,
      1
    ],
    "PercentPhaseFieldOfView": 100,
    "PhaseEncodingDirection": "j",
    "PixelBandwidth": 3906.25,
    "PixelSpacing": [
      2.25,
      2.25
    ],
    "ReceiveCoilName": "8HRBRAIN",
    "RepetitionTime": 2.5,
    "Rows": 128,
    "SATFatWaterBone": 0,
    "ScanOptions": [
      "EPI_GEMS",
      "FILTERED_GEMS",
      "ACC_GEMS"
    ],
    "ScanningSequence": [
      "EP",
      "GR"
    ],
    "SequenceVariant": "SS",
    "SeriesDate": "18740624",
    "SeriesDescription": "RSN_BWRT_200vol_3mm",
    "SeriesNumber": 4,
    "SeriesTime": "194757",
    "SliceThickness": 3,
    "SliceTiming": [
      0,
      1.27551,
      0.05102,
      1.32653,
      0.10204,
      1.37755,
      0.15306,
      1.42857,
      0.20408,
      1.47959,
      0.2551,
      1.53061,
      0.30612,
      1.58163,
      0.35714,
      1.63265,
      0.40816,
      1.68367,
      0.45918,
      1.73469,
      0.5102,
      1.78571,
      0.56122,
      1.83673,
      0.61224,
      1.88776,
      0.66327,
      1.93878,
      0.71429,
      1.9898,
      0.76531,
      2.04082,
      0.81633,
      2.09184,
      0.86735,
      2.14286,
      0.91837,
      2.19388,
      0.96939,
      2.2449,
      1.02041,
      2.29592,
      1.07143,
      2.34694,
      1.12245,
      2.39796,
      1.17347,
      2.44898,
      1.22449
    ],
    "SliceTimingComputationMethod": "SliceNumber*RepetitionTime/NumberOfSlices (interleaved ascending, odd first)",
    "SpacingBetweenSlices": 3,
    "StudyTime": "194044",
    "TaskDescription": "Functional connectivity in the resting state was assessed during two eight-minute runs.",
    "TaskInstructions": "Participants were instructed to keep their eyes open and look at a white fixation cross presented against a gray background.",
    "TaskName": "Resting State",
    "dummyScans": 10,
    "modality": "bold",
    "session_id": "2",
    "subject_id": "9096",
    "task_id": "rest"
  },
  "dummy_trs": 0,
  "dvars_nstd": 18.691279975549737,
  "dvars_std": 1.1402620408900521,
  "dvars_vstd": 0.9790686453926701,
  "efc": 0.31250886220508123,
  "fber": 105968192.0,
  "fd_mean": 0.15642100033078318,
  "fd_num": 37,
  "fd_perc": 19.270833333333332,
  "fwhm_avg": 3.360418208820279,
  "fwhm_x": 3.4588622222222223,
  "fwhm_y": 3.857808888888889,
  "fwhm_z": 2.7645835153497256,
  "gcor": 0.0137174,
  "gsr_x": -0.01216910220682621,
  "gsr_y": 0.005383512005209923,
  "provenance": {
    "md5sum": "c8a022c4aa80fbf1517255e1a6373057",
    "settings": {
      "fd_thres": 0.2,
      "hmc_fsl": false
    },
    "software": "mriqc",
    "version": "0.9.6"
  },
  "size_t": 192,
  "size_x": 128,
  "size_y": 128,
  "size_z": 49,
  "snr": 4.5177001812521365,
  "spacing_tr": 2.5,
  "spacing_x": 2.25,
  "spacing_y": 2.25,
  "spacing_z": 2.9999961853027344,
  "summary_bg_k": 282.3751073641663,
  "summary_bg_mad": 0.7799105644226074,
  "summary_bg_mean": 49.736915588378906,
  "summary_bg_median": 0.5260416865348816,
  "summary_bg_n": 631079.0,
  "summary_bg_p05": 0.0,
  "summary_bg_p95": 245.60105133056592,
  "summary_bg_stdv": 188.79248046875,
  "summary_fg_k": 0.8788916334268038,
  "summary_fg_mad": 956.7880859375,
  "summary_fg_mean": 4962.44677734375,
  "summary_fg_median": 4924.7607421875,
  "summary_fg_n": 84559.0,
  "summary_fg_p05": 3231.5074462890625,
  "summary_fg_p95": 6853.2046875,
  "summary_fg_stdv": 1090.0970458984375,
  "tsnr": 77.91262817382812
}