{
  "bids_meta": {
    "AcquisitionDuration": 238.55128,
    "Columns": 512,
    "EchoTime": 0.00281,
    "EchoTrainLength": 1,
    "EffectiveEchoSpacing": 0,
    "FieldOfView": [
      240.03,
      240.03,
      180
    ],
    "FlipAngle": 11,
    "GEImageTypeRIMPCode": 0,
    "ImageType": "ORIGINAL/PRIMARY/OTHER",
    "ImagingFrequency": 127.765135,
    "InplanePhaseEncodingDirection": "ROW",
    "InversionTime": 0.45,
    "MRAcquisitionType": "3D",
    "MagneticFieldStrength": 3,
    "Manufacturer": "GE MEDICAL SYSTEMS",
    "ManufacturersModelName": "DISCOVERY MR750",
    "NumberOfAverages": 1,
    "NumberOfEPIShots": 0,
    "NumberOfEchoes": 1,
    "NumberOfSlices": 180,
    "ParallelImagingReductionFactors": [
      0.571429,
      1
    ],
    "PercentPhaseFieldOfView": 100,
    "PhaseEncodingDirection": "i",
    "PixelBandwidth": 122.07,
    "PixelSpacing": [
      0.4688,
      0.4688
    ],
    "ReceiveCoilName": "8HRBRAIN",
    "RepetitionTime": 0.0064,
    "Rows": 512,
    "SATFatWaterBone": 0,
    "ScanOptions": [
      "FAST_GEMS",
      "EDR_GEMS",
      "FILTERED_GEMS",
      "ACC_GEMS"
    ],
    "ScanningSequence": "GR",
    "SequenceVariant": [
      "SS",
      "SK"
    ],
    "SeriesDate": "18740511",
    "SeriesDescription": "Sag3D_T1_1mm3",
    "SeriesNumber": 2,
    "SeriesTime": "195004",
    "SliceThickness": 1,
    "SpacingBetweenSlices": 1,
    "StudyTime": "194804",
    "modality": "T1w",
    "session_id": "2",
    "subject_id": "9025"
  },
  "cjv": 0.4126616286602993,
  "cnr": 3.280157407587132,
  "efc": 0.6026775042169639,
  "fber": 209.12503051757812,
  "fwhm_avg": 6.471873083847384,
  "fwhm_x": 4.12364,
  "fwhm_y": 7.8605160724862655,
  "fwhm_z": 7.431463179055885,
  "icvs_csf": 0.2457469745869571,
  "icvs_gm": 0.38298402071144194,
  "icvs_wm": 0.37126900470160096,
  "inu_med": 1.2124266624450684,
  "inu_range": 0.51985964179039,
  "provenance": {
    "md5sum": "33b670c6ee3848701b36fc7bb8e8a71c",
    "mriqc_pred": 0,
    "settings": {
      "testing": false
    },
    "software": "mriqc",
    "version": "0.9.6",
    "warnings": {
      "large_rot_frame": true,
      "small_air_mask": false
    }
  },
  "qi_1": 0.0,
  "qi_2": 0.0011741432137833726,
  "rpve_csf": 24.383443563138098,
  "rpve_gm": 14.81965869410932,
  "rpve_wm": 18.446924598291858,
  "size_x": 180,
  "size_y": 512,
  "size_z": 512,
  "snr_csf": 4.20992318190396,
  "snr_gm": 13.492793656734252,
  "snr_total": 12.097579751267531,
  "snr_wm": 18.59002241516438,
  "snrd_csf": 16.743656035057032,
  "snrd_gm": 38.437385673333985,
  "snrd_total": 35.633654420062186,
  "snrd_wm": 51.71992155179555,
  "spacing_x": 1.0,
  "spacing_y": 0.46880000829696655,
  "spacing_z": 0.46880000829696655,
  "summary_bg_k": 2.0785511307239224,
  "summary_bg_mad": 12.667099952697754,
  "summary_bg_mean": 46.523677825927734,
  "summary_bg_median": 44.93048095703125,
  "summary_bg_n": 9833768.0,
  "summary_bg_p05": 26.775526142120363,
  "summary_bg_p95": 71.94451141357422,
  "summary_bg_stdv": 14.232264518737793,
  "summary_csf_k": 0.8533392919851348,
  "summary_csf_mad": 63.26514434814453,
  "summary_csf_mean": 338.7233581542969,
  "summary_csf_median": 323.73956298828125,
  "summary_csf_n": 253172.0,
  "summary_csf_p05": 237.58849945068363,
  "summary_csf_p95": 492.0302795410156,
  "summary_csf_stdv": 76.89900970458984,
  "summary_gm_k": 0.18764742449113747,
  "summary_gm_mad": 53.557647705078125,
  "summary_gm_mean": 745.102294921875,
  "summary_gm_median": 743.1890869140625,
  "summary_gm_n": 140650.0,
  "summary_gm_p05": 658.3341430664063,
  "summary_gm_p95": 839.0364135742187,
  "summary_gm_stdv": 55.08024978637695,
  "summary_wm_k": 0.1646505441433006,
  "summary_wm_mad": 52.42153549194336,
  "summary_wm_mean": 1001.4716186523438,
  "summary_wm_median": 1000.0076904296875,
  "summary_wm_n": 972322.0,
  "summary_wm_p05": 915.6665710449219,
  "summary_wm_p95": 1093.3592346191408,
  "summary_wm_stdv": 53.79268264770508,
  "tpm_overlap_csf": 0.21094296872615814,
  "tpm_overlap_gm": 0.4489040970802307,
  "tpm_overlap_wm": 0.5337854623794556,
  "wm2max": 0.4229076120203543
}