{
  "aor": 0.005445208333333333,
  "aqi": 0.005265070885416667,
  "bids_meta": {
    "AcquisitionDuration": 525.000256,
    "CogAtlasID": "trm_4c8a834779883",
    "Columns": 128,
    "EchoTime": 0.03,
    "EchoTrainLength": 1,
    "EffectiveEchoSpacing": 0.000464,
    "FieldOfView": [
      288,
      288,
      147
    ],
    "FlipAngle": 75,
    "GEImageTypeRIMPCode": 0,
    "ImageType": "ORIGINAL/PRIMARY/EPI/NONE",
    "ImagingFrequency": 127.765229,
    "InplanePhaseEncodingDirection": "COL",
    "InversionTime": 0,
    "MRAcquisitionType": "2D",
    "MagneticFieldStrength": 3,
    "Manufacturer": "GE MEDICAL SYSTEMS",
    "ManufacturersModelName": "DISCOVERY MR750",
    "NumberOfAverages": 1,
    "NumberOfEPIShots": 1,
    "NumberOfEchoes": 1,
    "NumberOfSlices": 49,
    "ParallelImagingReductionFactors": [
      0.5,
      1
    ],
    "PercentPhaseFieldOfView": 100,
    "PhaseEncodingDirection": "j",
    "PixelBandwidth": 3906.25,
    "PixelSpacing": [
      2.25,
      2.25
    ],
    "ReceiveCoilName": "8HRBRAIN",
    "RepetitionTime": 2.5,
    "Rows": 128,
    "SATFatWaterBone": 0,
    "ScanOptions": [
      "EPI_GEMS",
      "FILTERED_GEMS",
      "ACC_GEMS"
    ],
    "ScanningSequence": [
      "EP",
      "GR"
    ],
    "SequenceVariant": "SS",
    "SeriesDate": "18730127",
    "SeriesDescription": "RSN_BWRT_200vol_3mm",
    "SeriesNumber": 4,
    "SeriesTime": "195651",
    "SliceThickness": 3,
    "SliceTiming": [
      0,
      1.27551,
      0.05102,
      1.32653,
      0.10204,
      1.37755,
      0.15306,
      1.42857,
      0.20408,
      1.47959,
      0.2551,
      1.53061,
      0.30612,
      1.58163,
      0.35714,
      1.63265,
      0.40816,
      1.68367,
      0.45918,
      1.73469,
      0.5102,
      1.78571,
      0.56122,
      1.83673,
      0.61224,
      1.88776,
      0.66327,
      1.93878,
      0.71429,
      1.9898,
      0.76531,
      2.04082,
      0.81633,
      2.09184,
      0.86735,
      2.14286,
      0.91837,
      2.19388,
      0.96939,
      2.2449,
      1.02041,
      2.29592,
      1.07143,
      2.34694,
      1.12245,
      2.39796,
      1.17347,
      2.44898,
      1.22449
    ],
    "SliceTimingComputationMethod": "SliceNumber*RepetitionTime/NumberOfSlices (interleaved ascending, odd first)",
    "SpacingBetweenSlices": 3,
    "StudyTime": "194851",
    "TaskDescription": "Functional connectivity in the resting state was assessed during two eight-minute runs.",
    "TaskInstructions": "Participants were instructed to keep their eyes open and look at a white fixation cross presented against a gray background.",
    "TaskName": "Resting State",
    "dummyScans": 10,
    "modality": "bold",
    "session_id": "2",
    "subject_id": "9035",
    "task_id": "rest"
  },
  "dummy_trs": 0,
  "dvars_nstd": 16.6153732370157,
  "dvars_std": 1.0885539762303662,
  "dvars_vstd": 1.0214116950785341,
  "efc": 0.35693112307105745,
  "fber": 74760368.0,
  "fd_mean": 0.10753339974327239,
  "fd_num": 18,
  "fd_perc": 9.375,
  "fwhm_avg": 3.3770725925925924,
  "fwhm_x": 3.4002488888888887,
  "fwhm_y": 3.9685422222222226,
  "fwhm_z": 2.762426666666667,
  "gcor": 0.0555292,
  "gsr_x": -0.020529069006443024,
  "gsr_y": 0.0006889900541864336,
  "provenance": {
    "md5sum": "006f900eb795a2370d3f765711c854ec",
    "settings": {
      "fd_thres": 0.2,
      "hmc_fsl": false
    },
    "software": "mriqc",
    "version": "0.9.6"
  },
  "size_t": 192,
  "size_x": 128,
  "size_y": 128,
  "size_z": 49,
  "snr": 4.2303885773637715,
  "spacing_tr": 2.5,
  "spacing_x": 2.25,
  "spacing_y": 2.25,
  "spacing_z": 3.0,
  "summary_bg_k": 53.85443275696697,
  "summary_bg_mad": 0.911182701587677,
  "summary_bg_mean": 84.76296997070312,
  "summary_bg_median": 0.6145833730697632,
  "summary_bg_n": 607004.0,
  "summary_bg_p05": 0.0,
  "summary_bg_p95": 421.5330902099596,
  "summary_bg_stdv": 321.2491455078125,
  "summary_fg_k": 0.6530214359078634,
  "summary_fg_mad": 1111.875,
  "summary_fg_mean": 5111.060546875,
  "summary_fg_median": 5092.4951171875,
  "summary_fg_n": 104333.0,
  "summary_fg_p05": 3127.0479492187496,
  "summary_fg_p95": 7104.377246093751,
  "summary_fg_stdv": 1203.783203125,
  "tsnr": 55.543418884277344
}