{
  "bids_meta": {
    "AcquisitionDuration": 238.55128,
    "Columns": 512,
    "EchoTime": 0.00281,
    "EchoTrainLength": 1,
    "EffectiveEchoSpacing": 0,
    "FieldOfView": [
      240.03,
      240.03,
      180
    ],
    "FlipAngle": 11,
    "GEImageTypeRIMPCode": 0,
    "ImageType": "ORIGINAL/PRIMARY/OTHER",
    "ImagingFrequency": 127.765073,
    "InplanePhaseEncodingDirection": "ROW",
    "InversionTime": 0.45,
    "MRAcquisitionType": "3D",
    "MagneticFieldStrength": 3,
    "Manufacturer": "GE MEDICAL SYSTEMS",
    "ManufacturersModelName": "DISCOVERY MR750",
    "NumberOfAverages": 1,
    "NumberOfEPIShots": 0,
    "NumberOfEchoes": 1,
    "NumberOfSlices": 180,
    "ParallelImagingReductionFactors": [
      0.571429,
      1
    ],
    "PercentPhaseFieldOfView": 100,
    "PhaseEncodingDirection": "i",
    "PixelBandwidth": 122.07,
    "PixelSpacing": [
      0.4688,
      0.4688
    ],
    "ReceiveCoilName": "8HRBRAIN",
    "RepetitionTime": 0.0064,
    "Rows": 512,
    "SATFatWaterBone": 0,
    "ScanOptions": [
      "FAST_GEMS",
      "EDR_GEMS",
      "FILTERED_GEMS",
      "ACC_GEMS"
    ],
    "ScanningSequence": "GR",
    "SequenceVariant": [
      "SS",
      "SK"
    ],
    "SeriesDate": "18740330",
    "SeriesDescription": "Sag3D_T1_1mm3",
    "SeriesNumber": 2,
    "SeriesTime": "180722",
    "SliceThickness": 1,
    "SpacingBetweenSlices": 1,
    "StudyTime": "180537",
    "modality": "T1w",
    "session_id": "1",
    "subject_id": "9046"
  },
  "cjv": 0.46429205486222097,
  "cnr": 2.964529479763967,
  "efc": 0.6328216153059019,
  "fber": 157.8106231689453,
  "fwhm_avg": 6.105057457855589,
  "fwhm_x": 3.93981,
  "fwhm_y": 7.227559599046885,
  "fwhm_z": 7.14780277451988,
  "icvs_csf": 0.221305146014172,
  "icvs_gm": 0.3834642415387876,
  "icvs_wm": 0.3952306124470404,
  "inu_med": 1.419934868812561,
  "inu_range": 0.6591921329498287,
  "provenance": {
    "md5sum": "33309c9917becb89ed42049cc2c19320",
    "mriqc_pred": 0,
    "settings": {
      "testing": false
    },
    "software": "mriqc",
    "version": "0.9.6",
    "warnings": {
      "large_rot_frame": true,
      "small_air_mask": false
    }
  },
  "qi_1": 0.0,
  "qi_2": 0.00025753257464558555,
  "rpve_csf": 25.9652548122589,
  "rpve_gm": 14.464281815068503,
  "rpve_wm": 16.58470451846246,
  "size_x": 180,
  "size_y": 512,
  "size_z": 512,
  "snr_csf": 4.895962776810675,
  "snr_gm": 12.329016151472093,
  "snr_total": 10.901563984646097,
  "snr_wm": 15.479713025655528,
  "snrd_csf": 13.475201380361172,
  "snrd_gm": 28.75213296077616,
  "snrd_total": 27.13780265819513,
  "snrd_wm": 39.18607363344807,
  "spacing_x": 1.0,
  "spacing_y": 0.46880000829696655,
  "spacing_z": 0.46880000829696655,
  "summary_bg_k": 13.394161246690995,
  "summary_bg_mad": 16.718528747558594,
  "summary_bg_mean": 52.72584533691406,
  "summary_bg_median": 50.153594970703125,
  "summary_bg_n": 9717406.0,
  "summary_bg_p05": 27.860519886016846,
  "summary_bg_p95": 86.28030204772949,
  "summary_bg_stdv": 18.76673126220703,
  "summary_csf_k": 33.24536807162689,
  "summary_csf_mad": 60.5806884765625,
  "summary_csf_mean": 350.75555419921875,
  "summary_csf_median": 343.87579345703125,
  "summary_csf_n": 270485.0,
  "summary_csf_p05": 252.69358825683594,
  "summary_csf_p95": 475.2895874023437,
  "summary_csf_stdv": 70.2364730834961,
  "summary_gm_k": 0.0906522610469298,
  "summary_gm_mad": 58.345428466796875,
  "summary_gm_mean": 734.3695678710938,
  "summary_gm_median": 733.730224609375,
  "summary_gm_n": 148928.0,
  "summary_gm_p05": 637.7610229492187,
  "summary_gm_p95": 833.8509490966796,
  "summary_gm_stdv": 59.512271881103516,
  "summary_wm_k": 0.05339753917670098,
  "summary_wm_mad": 65.27947235107422,
  "summary_wm_mean": 1002.4176635742188,
  "summary_wm_median": 999.99560546875,
  "summary_wm_n": 1002419.0,
  "summary_wm_p05": 901.2308227539063,
  "summary_wm_p95": 1112.3392333984375,
  "summary_wm_stdv": 64.6003646850586,
  "tpm_overlap_csf": 0.21212728321552277,
  "tpm_overlap_gm": 0.42442330718040466,
  "tpm_overlap_wm": 0.5205574035644531,
  "wm2max": 0.4003657495994244
}