{
  "aor": 0.0013922527472527474,
  "aqi": 0.013552441373626375,
  "bids_meta": {
    "AcquisitionDuration": 723.000256,
    "Columns": 128,
    "EchoTime": 0.034,
    "EchoTrainLength": 1,
    "EffectiveEchoSpacing": 0.00056,
    "FieldOfView": [
      220.01,
      220.01,
      110.4
    ],
    "FlipAngle": 80,
    "GEImageTypeRIMPCode": 0,
    "ImageType": "ORIGINAL/PRIMARY/EPI/NONE",
    "ImagingFrequency": 127.765143,
    "InplanePhaseEncodingDirection": "COL",
    "InversionTime": 0,
    "MRAcquisitionType": "2D",
    "MagneticFieldStrength": 3,
    "Manufacturer": "GE MEDICAL SYSTEMS",
    "ManufacturersModelName": "DISCOVERY MR750",
    "NumberOfAverages": 1,
    "NumberOfEPIShots": 1,
    "NumberOfEchoes": 1,
    "NumberOfSlices": 46,
    "ParallelImagingReductionFactors": [
      0.5,
      1
    ],
    "PercentPhaseFieldOfView": 100,
    "PhaseEncodingDirection": "j",
    "PixelBandwidth": 3906.25,
    "PixelSpacing": [
      1.7188,
      1.7188
    ],
    "ReceiveCoilName": "8HRBRAIN",
    "RepetitionTime": 3,
    "Rows": 128,
    "SATFatWaterBone": 1,
    "ScanOptions": [
      "SAT_GEMS",
      "EPI_GEMS",
      "ACC_GEMS",
      "FS"
    ],
    "ScanningSequence": [
      "EP",
      "GR"
    ],
    "SequenceVariant": "SS",
    "SeriesDate": "18731122",
    "SeriesDescription": "fMRI-hands",
    "SeriesNumber": 7,
    "SeriesTime": "202650",
    "SliceThickness": 2.3,
    "SliceTiming": [
      0,
      1.5,
      0.06522,
      1.56522,
      0.13043,
      1.63043,
      0.19565,
      1.69565,
      0.26087,
      1.76087,
      0.32609,
      1.82609,
      0.3913,
      1.8913,
      0.45652,
      1.95652,
      0.52174,
      2.02174,
      0.58696,
      2.08696,
      0.65217,
      2.15217,
      0.71739,
      2.21739,
      0.78261,
      2.28261,
      0.84783,
      2.34783,
      0.91304,
      2.41304,
      0.97826,
      2.47826,
      1.04348,
      2.54348,
      1.1087,
      2.6087,
      1.17391,
      2.67391,
      1.23913,
      2.73913,
      1.30435,
      2.80435,
      1.36957,
      2.86957,
      1.43478,
      2.93478
    ],
    "SliceTimingComputationMethod": "SliceNumber*RepetitionTime/NumberOfSlices (interleaved ascending, odd first)",
    "SpacingBetweenSlices": 2.4,
    "StudyTime": "195511",
    "TaskDescription": "In an event-related design, participants were shown pictures of hands being stung by needles or poked with Q-tips. The stimulus set was kindly shared by Claus Lamm, and has been shown to be effective in previous work by him. After each picture, participants were asked to rate their perceived unpleasantness on a visual analog scale of 0-100.",
    "TaskInstructions": "",
    "TaskName": "Hands",
    "dummyScans": 5,
    "modality": "bold",
    "session_id": "1",
    "subject_id": "9068",
    "task_id": "hands"
  },
  "dummy_trs": 0,
  "dvars_nstd": 34.90574279270718,
  "dvars_std": 1.0055195028176795,
  "dvars_vstd": 0.9901727149171268,
  "efc": 0.5289110753026889,
  "fber": 4981.02294921875,
  "fd_mean": 0.0813428036347201,
  "fd_num": 14,
  "fd_perc": 7.6923076923076925,
  "fwhm_avg": 3.075598887393017,
  "fwhm_x": 3.101809494500025,
  "fwhm_y": 3.589376416198842,
  "fwhm_z": 2.5356107514801836,
  "gcor": 0.00670831,
  "gsr_x": 0.0012237806804478168,
  "gsr_y": 0.020875584334135056,
  "provenance": {
    "md5sum": "7fb340f8dcf8b65e0a58579b952fb7ab",
    "settings": {
      "fd_thres": 0.2,
      "hmc_fsl": false
    },
    "software": "mriqc",
    "version": "0.9.6"
  },
  "size_t": 182,
  "size_x": 128,
  "size_y": 128,
  "size_z": 46,
  "snr": 3.5663504612539487,
  "spacing_tr": 3.0,
  "spacing_x": 1.7187999486923218,
  "spacing_y": 1.7187999486923218,
  "spacing_z": 2.3999977111816406,
  "summary_bg_k": 49.55491684203557,
  "summary_bg_mad": 70.55394744873047,
  "summary_bg_mean": 131.94720458984375,
  "summary_bg_median": 48.70879364013672,
  "summary_bg_n": 450156.0,
  "summary_bg_p05": 0.049450550228357315,
  "summary_bg_p95": 585.7815856933594,
  "summary_bg_stdv": 292.9454345703125,
  "summary_fg_k": 0.7550807859995023,
  "summary_fg_mad": 923.8403930664062,
  "summary_fg_mean": 3557.14599609375,
  "summary_fg_median": 3528.697998046875,
  "summary_fg_n": 204579.0,
  "summary_fg_p05": 1991.2852172851562,
  "summary_fg_p95": 5228.4619140625,
  "summary_fg_stdv": 989.4398803710938,
  "tsnr": 32.52217483520508
}