{
  "aor": 0.0019262499999999998,
  "aqi": 0.002962289010416667,
  "bids_meta": {
    "AcquisitionDuration": 525.000256,
    "CogAtlasID": "trm_4c8a834779883",
    "Columns": 128,
    "EchoTime": 0.03,
    "EchoTrainLength": 1,
    "EffectiveEchoSpacing": 0.000464,
    "FieldOfView": [
      288,
      288,
      147
    ],
    "FlipAngle": 75,
    "GEImageTypeRIMPCode": 0,
    "ImageType": "ORIGINAL/PRIMARY/EPI/NONE",
    "ImagingFrequency": 127.765165,
    "InplanePhaseEncodingDirection": "COL",
    "InversionTime": 0,
    "MRAcquisitionType": "2D",
    "MagneticFieldStrength": 3,
    "Manufacturer": "GE MEDICAL SYSTEMS",
    "ManufacturersModelName": "DISCOVERY MR750",
    "NumberOfAverages": 1,
    "NumberOfEPIShots": 1,
    "NumberOfEchoes": 1,
    "NumberOfSlices": 49,
    "ParallelImagingReductionFactors": [
      0.5,
      1
    ],
    "PercentPhaseFieldOfView": 100,
    "PhaseEncodingDirection": "j",
    "PixelBandwidth": 3906.25,
    "PixelSpacing": [
      2.25,
      2.25
    ],
    "ReceiveCoilName": "8HRBRAIN",
    "RepetitionTime": 2.5,
    "Rows": 128,
    "SATFatWaterBone": 0,
    "ScanOptions": [
      "EPI_GEMS",
      "FILTERED_GEMS",
      "ACC_GEMS"
    ],
    "ScanningSequence": [
      "EP",
      "GR"
    ],
    "SequenceVariant": "SS",
    "SeriesDate": "18740401",
    "SeriesDescription": "RSN_BWRT_200vol_3mm",
    "SeriesNumber": 4,
    "SeriesTime": "182333",
    "SliceThickness": 3,
    "SliceTiming": [
      0,
      1.27551,
      0.05102,
      1.32653,
      0.10204,
      1.37755,
      0.15306,
      1.42857,
      0.20408,
      1.47959,
      0.2551,
      1.53061,
      0.30612,
      1.58163,
      0.35714,
      1.63265,
      0.40816,
      1.68367,
      0.45918,
      1.73469,
      0.5102,
      1.78571,
      0.56122,
      1.83673,
      0.61224,
      1.88776,
      0.66327,
      1.93878,
      0.71429,
      1.9898,
      0.76531,
      2.04082,
      0.81633,
      2.09184,
      0.86735,
      2.14286,
      0.91837,
      2.19388,
      0.96939,
      2.2449,
      1.02041,
      2.29592,
      1.07143,
      2.34694,
      1.12245,
      2.39796,
      1.17347,
      2.44898,
      1.22449
    ],
    "SliceTimingComputationMethod": "SliceNumber*RepetitionTime/NumberOfSlices (interleaved ascending, odd first)",
    "SpacingBetweenSlices": 3,
    "StudyTime": "181519",
    "TaskDescription": "Functional connectivity in the resting state was assessed during two eight-minute runs.",
    "TaskInstructions": "Participants were instructed to keep their eyes open and look at a white fixation cross presented against a gray background.",
    "TaskName": "Resting State",
    "dummyScans": 10,
    "modality": "bold",
    "session_id": "1",
    "subject_id": "9062",
    "task_id": "rest"
  },
  "dummy_trs": 0,
  "dvars_nstd": 15.994010076335067,
  "dvars_std": 1.1323640998952882,
  "dvars_vstd": 0.9639153124083769,
  "efc": 0.31156980963800324,
  "fber": 52743336.0,
  "fd_mean": 0.06500543235365634,
  "fd_num": 10,
  "fd_perc": 5.208333333333333,
  "fwhm_avg": 3.335914074074074,
  "fwhm_x": 3.3755244444444443,
  "fwhm_y": 3.941151111111111,
  "fwhm_z": 2.6910666666666665,
  "gcor": 0.0169786,
  "gsr_x": -0.01518786046653986,
  "gsr_y": 0.00498018367215991,
  "provenance": {
    "md5sum": "69bb79e96370c5e32fb41799748c5657",
    "settings": {
      "fd_thres": 0.2,
      "hmc_fsl": false
    },
    "software": "mriqc",
    "version": "0.9.6"
  },
  "size_t": 192,
  "size_x": 128,
  "size_y": 128,
  "size_z": 49,
  "snr": 4.905233688278722,
  "spacing_tr": 2.5,
  "spacing_x": 2.25,
  "spacing_y": 2.25,
  "spacing_z": 3.0,
  "summary_bg_k": 108.00384478785634,
  "summary_bg_mad": 1.1196736097335815,
  "summary_bg_mean": 59.222843170166016,
  "summary_bg_median": 0.7552083730697632,
  "summary_bg_n": 635974.0,
  "summary_bg_p05": 0.0,
  "summary_bg_p95": 267.7083435058594,
  "summary_bg_stdv": 232.77001953125,
  "summary_fg_k": 1.4982243270965254,
  "summary_fg_mad": 869.372802734375,
  "summary_fg_mean": 5024.72314453125,
  "summary_fg_median": 5040.7451171875,
  "summary_fg_n": 80540.0,
  "summary_fg_p05": 3239.4588623046875,
  "summary_fg_p95": 6632.500048828126,
  "summary_fg_stdv": 1027.6195068359375,
  "tsnr": 88.25001525878906
}