{
  "aor": 0.0009761666666666667,
  "aqi": 0.009384772722222223,
  "bids_meta": {
    "AcquisitionDuration": 723.000256,
    "Columns": 128,
    "EchoTime": 0.034,
    "EchoTrainLength": 1,
    "EffectiveEchoSpacing": 0.00056,
    "FieldOfView": [
      220.01,
      220.01,
      110.4
    ],
    "FlipAngle": 80,
    "GEImageTypeRIMPCode": 0,
    "ImageType": "ORIGINAL/PRIMARY/EPI/NONE",
    "ImagingFrequency": 127.765135,
    "InplanePhaseEncodingDirection": "COL",
    "InversionTime": 0,
    "MRAcquisitionType": "2D",
    "MagneticFieldStrength": 3,
    "Manufacturer": "GE MEDICAL SYSTEMS",
    "ManufacturersModelName": "DISCOVERY MR750",
    "NumberOfAverages": 1,
    "NumberOfEPIShots": 1,
    "NumberOfEchoes": 1,
    "NumberOfSlices": 46,
    "ParallelImagingReductionFactors": [
      0.5,
      1
    ],
    "PercentPhaseFieldOfView": 100,
    "PhaseEncodingDirection": "j",
    "PixelBandwidth": 3906.25,
    "PixelSpacing": [
      1.7188,
      1.7188
    ],
    "ReceiveCoilName": "8HRBRAIN",
    "RepetitionTime": 3,
    "Rows": 128,
    "SATFatWaterBone": 1,
    "ScanOptions": [
      "SAT_GEMS",
      "EPI_GEMS",
      "ACC_GEMS",
      "FS"
    ],
    "ScanningSequence": [
      "EP",
      "GR"
    ],
    "SequenceVariant": "SS",
    "SeriesDate": "18740220",
    "SeriesDescription": "fMRI-hands",
    "SeriesNumber": 7,
    "SeriesTime": "184513",
    "SliceThickness": 2.3,
    "SliceTiming": [
      0,
      1.5,
      0.06522,
      1.56522,
      0.13043,
      1.63043,
      0.19565,
      1.69565,
      0.26087,
      1.76087,
      0.32609,
      1.82609,
      0.3913,
      1.8913,
      0.45652,
      1.95652,
      0.52174,
      2.02174,
      0.58696,
      2.08696,
      0.65217,
      2.15217,
      0.71739,
      2.21739,
      0.78261,
      2.28261,
      0.84783,
      2.34783,
      0.91304,
      2.41304,
      0.97826,
      2.47826,
      1.04348,
      2.54348,
      1.1087,
      2.6087,
      1.17391,
      2.67391,
      1.23913,
      2.73913,
      1.30435,
      2.80435,
      1.36957,
      2.86957,
      1.43478,
      2.93478
    ],
    "SliceTimingComputationMethod": "SliceNumber*RepetitionTime/NumberOfSlices (interleaved ascending, odd first)",
    "SpacingBetweenSlices": 2.4,
    "StudyTime": "181452",
    "TaskDescription": "In an event-related design, participants were shown pictures of hands being stung by needles or poked with Q-tips. The stimulus set was kindly shared by Claus Lamm, and has been shown to be effective in previous work by him. After each picture, participants were asked to rate their perceived unpleasantness on a visual analog scale of 0-100.",
    "TaskInstructions": "",
    "TaskName": "Hands",
    "dummyScans": 5,
    "modality": "bold",
    "session_id": "2",
    "subject_id": "9080",
    "task_id": "hands"
  },
  "dummy_trs": 0,
  "dvars_nstd": 35.86753829245812,
  "dvars_std": 1.0896293910614527,
  "dvars_vstd": 1.0060168248603358,
  "efc": 0.49057472530851,
  "fber": 8599.734375,
  "fd_mean": 0.08174028792586202,
  "fd_num": 11,
  "fd_perc": 6.111111111111111,
  "fwhm_avg": 3.0361215487216815,
  "fwhm_x": 3.1503782648583862,
  "fwhm_y": 3.5600129058971355,
  "fwhm_z": 2.397973475409523,
  "gcor": 0.0275345,
  "gsr_x": -0.008106655441224575,
  "gsr_y": 0.03531605005264282,
  "provenance": {
    "md5sum": "d45ff51825e3db43e74645c9965904f2",
    "settings": {
      "fd_thres": 0.2,
      "hmc_fsl": false
    },
    "software": "mriqc",
    "version": "0.9.6"
  },
  "size_t": 180,
  "size_x": 128,
  "size_y": 128,
  "size_z": 46,
  "snr": 3.826038316247127,
  "spacing_tr": 3.0,
  "spacing_x": 1.7187999486923218,
  "spacing_y": 1.7187999486923218,
  "spacing_z": 2.4000015258789062,
  "summary_bg_k": 113.38860308988993,
  "summary_bg_mad": 57.68970489501953,
  "summary_bg_mean": 133.25106811523438,
  "summary_bg_median": 39.18333435058594,
  "summary_bg_n": 482500.0,
  "summary_bg_p05": 0.011111111380159855,
  "summary_bg_p95": 564.0238830566402,
  "summary_bg_stdv": 351.43951416015625,
  "summary_fg_k": 0.9527814988255008,
  "summary_fg_mad": 896.7933959960938,
  "summary_fg_mean": 3668.814697265625,
  "summary_fg_median": 3659.9111328125,
  "summary_fg_n": 173555.0,
  "summary_fg_p05": 2165.32001953125,
  "summary_fg_p95": 5231.358837890625,
  "summary_fg_stdv": 956.5770874023438,
  "tsnr": 39.92591094970703
}