{
  "bids_meta": {
    "AcquisitionDuration": 238.55128,
    "Columns": 512,
    "EchoTime": 0.00281,
    "EchoTrainLength": 1,
    "EffectiveEchoSpacing": 0,
    "FieldOfView": [
      240.03,
      240.03,
      180
    ],
    "FlipAngle": 11,
    "GEImageTypeRIMPCode": 0,
    "ImageType": "ORIGINAL/PRIMARY/OTHER",
    "ImagingFrequency": 127.765056,
    "InplanePhaseEncodingDirection": "ROW",
    "InversionTime": 0.45,
    "MRAcquisitionType": "3D",
    "MagneticFieldStrength": 3,
    "Manufacturer": "GE MEDICAL SYSTEMS",
    "ManufacturersModelName": "DISCOVERY MR750",
    "NumberOfAverages": 1,
    "NumberOfEPIShots": 0,
    "NumberOfEchoes": 1,
    "NumberOfSlices": 180,
    "ParallelImagingReductionFactors": [
      0.571429,
      1
    ],
    "PercentPhaseFieldOfView": 100,
    "PhaseEncodingDirection": "i",
    "PixelBandwidth": 122.07,
    "PixelSpacing": [
      0.4688,
      0.4688
    ],
    "ReceiveCoilName": "8HRBRAIN",
    "RepetitionTime": 0.0064,
    "Rows": 512,
    "SATFatWaterBone": 0,
    "ScanOptions": [
      "FAST_GEMS",
      "EDR_GEMS",
      "FILTERED_GEMS",
      "ACC_GEMS"
    ],
    "ScanningSequence": "GR",
    "SequenceVariant": [
      "SS",
      "SK"
    ],
    "SeriesDate": "18740224",
    "SeriesDescription": "Sag3D_T1_1mm3",
    "SeriesNumber": 2,
    "SeriesTime": "200705",
    "SliceThickness": 1,
    "SpacingBetweenSlices": 1,
    "StudyTime": "200033",
    "modality": "T1w",
    "session_id": "1",
    "subject_id": "9095"
  },
  "cjv": 0.4095943047294702,
  "cnr": 3.347225824793872,
  "efc": 0.6296010787107159,
  "fber": 135.85057067871094,
  "fwhm_avg": 5.865111840587499,
  "fwhm_x": 3.68691,
  "fwhm_y": 7.209236220531587,
  "fwhm_z": 6.699189301230909,
  "icvs_csf": 0.21519048659253154,
  "icvs_gm": 0.40507166473200196,
  "icvs_wm": 0.37973784867546645,
  "inu_med": 1.4191088676452637,
  "inu_range": 0.46145427227020264,
  "provenance": {
    "md5sum": "62de70181d8fdd77b69d0c37ca6ac094",
    "mriqc_pred": 0,
    "settings": {
      "testing": false
    },
    "software": "mriqc",
    "version": "0.9.6",
    "warnings": {
      "large_rot_frame": true,
      "small_air_mask": false
    }
  },
  "qi_1": 0.00011204089054356106,
  "qi_2": 0.00035480841202362813,
  "rpve_csf": 23.11983498832353,
  "rpve_gm": 12.371808331116203,
  "rpve_wm": 15.52451013409825,
  "size_x": 180,
  "size_y": 512,
  "size_z": 512,
  "snr_csf": 4.165909210189978,
  "snr_gm": 12.359207384962696,
  "snr_total": 10.769487749611747,
  "snr_wm": 15.783346653682564,
  "snrd_csf": 13.425867999444261,
  "snrd_gm": 29.923417382744912,
  "snrd_total": 28.529754872245277,
  "snrd_wm": 42.23997923454666,
  "spacing_x": 1.0,
  "spacing_y": 0.46880000829696655,
  "spacing_z": 0.46880000829696655,
  "summary_bg_k": 1.4412456998121037,
  "summary_bg_mad": 15.510025978088379,
  "summary_bg_mean": 52.76449966430664,
  "summary_bg_median": 50.91754150390625,
  "summary_bg_n": 8944676.0,
  "summary_bg_p05": 28.80171251296997,
  "summary_bg_p95": 83.23411750793457,
  "summary_bg_stdv": 16.998790740966797,
  "summary_csf_k": 2.0048581277630513,
  "summary_csf_mad": 66.98622131347656,
  "summary_csf_mean": 324.7623291015625,
  "summary_csf_median": 317.8507080078125,
  "summary_csf_n": 194464.0,
  "summary_csf_p05": 211.58492431640624,
  "summary_csf_p95": 465.4373779296875,
  "summary_csf_stdv": 76.29784393310547,
  "summary_gm_k": 0.1853549681190434,
  "summary_gm_mad": 55.31362533569336,
  "summary_gm_mean": 706.739501953125,
  "summary_gm_median": 708.4219360351562,
  "summary_gm_n": 178985.0,
  "summary_gm_p05": 608.45302734375,
  "summary_gm_p95": 798.0180908203124,
  "summary_gm_stdv": 57.31920623779297,
  "summary_wm_k": 0.12248619180512632,
  "summary_wm_mad": 64.11933898925781,
  "summary_wm_mean": 1002.134033203125,
  "summary_wm_median": 1000.0103759765625,
  "summary_wm_n": 1082552.0,
  "summary_wm_p05": 902.4107208251953,
  "summary_wm_p95": 1108.6919372558593,
  "summary_wm_stdv": 63.35854721069336,
  "tpm_overlap_csf": 0.18252110481262207,
  "tpm_overlap_gm": 0.43466949462890625,
  "tpm_overlap_wm": 0.49963468313217163,
  "wm2max": 0.3906052231374345
}