{
  "aor": 0.0012763387978142076,
  "aqi": 0.0061989397814207646,
  "bids_meta": {
    "AcquisitionDuration": 723.000256,
    "Columns": 128,
    "EchoTime": 0.034,
    "EchoTrainLength": 1,
    "EffectiveEchoSpacing": 0.000532,
    "FieldOfView": [
      240,
      240,
      108
    ],
    "FlipAngle": 80,
    "GEImageTypeRIMPCode": 0,
    "ImageType": "ORIGINAL/PRIMARY/EPI/NONE",
    "ImagingFrequency": 127.765279,
    "InplanePhaseEncodingDirection": "COL",
    "InversionTime": 0,
    "MRAcquisitionType": "2D",
    "MagneticFieldStrength": 3,
    "Manufacturer": "GE MEDICAL SYSTEMS",
    "ManufacturersModelName": "DISCOVERY MR750",
    "NumberOfAverages": 1,
    "NumberOfEPIShots": 1,
    "NumberOfEchoes": 1,
    "NumberOfSlices": 45,
    "ParallelImagingReductionFactors": [
      0.5,
      1
    ],
    "PercentPhaseFieldOfView": 100,
    "PhaseEncodingDirection": "j",
    "PixelBandwidth": 3906.25,
    "PixelSpacing": [
      1.875,
      1.875
    ],
    "ReceiveCoilName": "8HRBRAIN",
    "RepetitionTime": 3,
    "Rows": 128,
    "SATFatWaterBone": 1,
    "ScanOptions": [
      "SAT_GEMS",
      "EPI_GEMS",
      "ACC_GEMS",
      "FS"
    ],
    "ScanningSequence": [
      "EP",
      "GR"
    ],
    "SequenceVariant": "SS",
    "SeriesDate": "18730311",
    "SeriesDescription": "fMRI-hands",
    "SeriesNumber": 8,
    "SeriesTime": "210533",
    "SliceThickness": 2.3,
    "SliceTiming": [
      0,
      1.53333,
      0.06667,
      1.6,
      0.13333,
      1.66667,
      0.2,
      1.73333,
      0.26667,
      1.8,
      0.33333,
      1.86667,
      0.4,
      1.93333,
      0.46667,
      2,
      0.53333,
      2.06667,
      0.6,
      2.13333,
      0.66667,
      2.2,
      0.73333,
      2.26667,
      0.8,
      2.33333,
      0.86667,
      2.4,
      0.93333,
      2.46667,
      1,
      2.53333,
      1.06667,
      2.6,
      1.13333,
      2.66667,
      1.2,
      2.73333,
      1.26667,
      2.8,
      1.33333,
      2.86667,
      1.4,
      2.93333,
      1.46667
    ],
    "SliceTimingComputationMethod": "SliceNumber*RepetitionTime/NumberOfSlices (interleaved ascending, odd first)",
    "SpacingBetweenSlices": 2.4,
    "StudyTime": "203354",
    "TaskDescription": "In an event-related design, participants were shown pictures of hands being stung by needles or poked with Q-tips. The stimulus set was kindly shared by Claus Lamm, and has been shown to be effective in previous work by him. After each picture, participants were asked to rate their perceived unpleasantness on a visual analog scale of 0-100.",
    "TaskInstructions": "",
    "TaskName": "Hands",
    "dummyScans": 5,
    "modality": "bold",
    "session_id": "1",
    "subject_id": "9007",
    "task_id": "hands"
  },
  "dummy_trs": 0,
  "dvars_nstd": 33.28318111725274,
  "dvars_std": 1.0516459268681329,
  "dvars_vstd": 1.0065765578021977,
  "efc": 0.47648744969167905,
  "fber": 40630.9609375,
  "fd_mean": 0.1276031992546819,
  "fd_num": 28,
  "fd_perc": 15.300546448087431,
  "fwhm_avg": 2.974846630976664,
  "fwhm_x": 2.99008,
  "fwhm_y": 3.406757333333333,
  "fwhm_z": 2.52770255959666,
  "gcor": 0.0099694,
  "gsr_x": -0.0076075210236012936,
  "gsr_y": 0.025439010933041573,
  "provenance": {
    "md5sum": "8974bd171539cae62503269f6d933d6b",
    "settings": {
      "fd_thres": 0.2,
      "hmc_fsl": false
    },
    "software": "mriqc",
    "version": "0.9.6"
  },
  "size_t": 183,
  "size_x": 128,
  "size_y": 128,
  "size_z": 45,
  "snr": 3.4331403503841673,
  "spacing_tr": 3.0,
  "spacing_x": 1.875,
  "spacing_y": 1.875,
  "spacing_z": 2.4000015258789062,
  "summary_bg_k": 47.9154377722482,
  "summary_bg_mad": 26.767854690551758,
  "summary_bg_mean": 134.32960510253906,
  "summary_bg_median": 18.081966400146484,
  "summary_bg_n": 484577.0,
  "summary_bg_p05": 0.02185792289674282,
  "summary_bg_p95": 786.7070800781219,
  "summary_bg_stdv": 360.0841979980469,
  "summary_fg_k": 0.8907781548137756,
  "summary_fg_mad": 977.3956298828125,
  "summary_fg_mean": 3527.8955078125,
  "summary_fg_median": 3485.095703125,
  "summary_fg_n": 160238.0,
  "summary_fg_p05": 2001.8253417968751,
  "summary_fg_p95": 5264.436547851563,
  "summary_fg_stdv": 1015.1303100585938,
  "tsnr": 40.74617004394531
}