{
  "aor": 0.006134895833333333,
  "aqi": 0.005534460208333334,
  "bids_meta": {
    "AcquisitionDuration": 525.000256,
    "CogAtlasID": "trm_4c8a834779883",
    "Columns": 128,
    "EchoTime": 0.03,
    "EchoTrainLength": 1,
    "EffectiveEchoSpacing": 0.000464,
    "FieldOfView": [
      288,
      288,
      147
    ],
    "FlipAngle": 75,
    "GEImageTypeRIMPCode": 0,
    "ImageType": "ORIGINAL/PRIMARY/EPI/NONE",
    "ImagingFrequency": 127.765128,
    "InplanePhaseEncodingDirection": "COL",
    "InversionTime": 0,
    "MRAcquisitionType": "2D",
    "MagneticFieldStrength": 3,
    "Manufacturer": "GE MEDICAL SYSTEMS",
    "ManufacturersModelName": "DISCOVERY MR750",
    "NumberOfAverages": 1,
    "NumberOfEPIShots": 1,
    "NumberOfEchoes": 1,
    "NumberOfSlices": 49,
    "ParallelImagingReductionFactors": [
      0.5,
      1
    ],
    "PercentPhaseFieldOfView": 100,
    "PhaseEncodingDirection": "j",
    "PixelBandwidth": 3906.25,
    "PixelSpacing": [
      2.25,
      2.25
    ],
    "ReceiveCoilName": "8HRBRAIN",
    "RepetitionTime": 2.5,
    "Rows": 128,
    "SATFatWaterBone": 0,
    "ScanOptions": [
      "EPI_GEMS",
      "FILTERED_GEMS",
      "ACC_GEMS"
    ],
    "ScanningSequence": [
      "EP",
      "GR"
    ],
    "SequenceVariant": "SS",
    "SeriesDate": "18740111",
    "SeriesDescription": "RSN_BWRT_200vol_3mm",
    "SeriesNumber": 4,
    "SeriesTime": "182327",
    "SliceThickness": 3,
    "SliceTiming": [
      0,
      1.27551,
      0.05102,
      1.32653,
      0.10204,
      1.37755,
      0.15306,
      1.42857,
      0.20408,
      1.47959,
      0.2551,
      1.53061,
      0.30612,
      1.58163,
      0.35714,
      1.63265,
      0.40816,
      1.68367,
      0.45918,
      1.73469,
      0.5102,
      1.78571,
      0.56122,
      1.83673,
      0.61224,
      1.88776,
      0.66327,
      1.93878,
      0.71429,
      1.9898,
      0.76531,
      2.04082,
      0.81633,
      2.09184,
      0.86735,
      2.14286,
      0.91837,
      2.19388,
      0.96939,
      2.2449,
      1.02041,
      2.29592,
      1.07143,
      2.34694,
      1.12245,
      2.39796,
      1.17347,
      2.44898,
      1.22449
    ],
    "SliceTimingComputationMethod": "SliceNumber*RepetitionTime/NumberOfSlices (interleaved ascending, odd first)",
    "SpacingBetweenSlices": 3,
    "StudyTime": "181435",
    "TaskDescription": "Functional connectivity in the resting state was assessed during two eight-minute runs.",
    "TaskInstructions": "Participants were instructed to keep their eyes open and look at a white fixation cross presented against a gray background.",
    "TaskName": "Resting State",
    "dummyScans": 10,
    "modality": "bold",
    "session_id": "2",
    "subject_id": "9055",
    "task_id": "rest"
  },
  "dummy_trs": 0,
  "dvars_nstd": 20.047441786858638,
  "dvars_std": 1.3006857138743457,
  "dvars_vstd": 1.03555466513089,
  "efc": 0.30725412797942003,
  "fber": 150343008.0,
  "fd_mean": 0.08490438596782642,
  "fd_num": 11,
  "fd_perc": 5.729166666666667,
  "fwhm_avg": 3.340888888888889,
  "fwhm_x": 3.4222,
  "fwhm_y": 3.9134533333333335,
  "fwhm_z": 2.6870133333333333,
  "gcor": 0.0318155,
  "gsr_x": -0.01827326789498329,
  "gsr_y": -0.0026866677217185497,
  "provenance": {
    "md5sum": "cf1f93419748cd30b55d7a0a1ea972bf",
    "settings": {
      "fd_thres": 0.2,
      "hmc_fsl": false
    },
    "software": "mriqc",
    "version": "0.9.6"
  },
  "size_t": 192,
  "size_x": 128,
  "size_y": 128,
  "size_z": 49,
  "snr": 4.5174964647480875,
  "spacing_tr": 2.5,
  "spacing_x": 2.25,
  "spacing_y": 2.25,
  "spacing_z": 3.0,
  "summary_bg_k": 77.92418103943737,
  "summary_bg_mad": 0.6872479319572449,
  "summary_bg_mean": 73.32732391357422,
  "summary_bg_median": 0.4635416865348816,
  "summary_bg_n": 641576.0,
  "summary_bg_p05": 0.0,
  "summary_bg_p95": 346.1198043823242,
  "summary_bg_stdv": 293.9154052734375,
  "summary_fg_k": 1.0144148078302058,
  "summary_fg_mad": 1053.613037109375,
  "summary_fg_mean": 5244.90380859375,
  "summary_fg_median": 5289.7265625,
  "summary_fg_n": 75820.0,
  "summary_fg_p05": 3191.4766479492187,
  "summary_fg_p95": 7094.210156250001,
  "summary_fg_stdv": 1170.934326171875,
  "tsnr": 68.21549987792969
}