{
  "aor": 0.0014462500000000003,
  "aqi": 0.0043578359374999995,
  "bids_meta": {
    "AcquisitionDuration": 525.000256,
    "CogAtlasID": "trm_4c8a834779883",
    "Columns": 128,
    "EchoTime": 0.03,
    "EchoTrainLength": 1,
    "EffectiveEchoSpacing": 0.000464,
    "FieldOfView": [
      288,
      288,
      147
    ],
    "FlipAngle": 75,
    "GEImageTypeRIMPCode": 0,
    "ImageType": "ORIGINAL/PRIMARY/EPI/NONE",
    "ImagingFrequency": 127.765099,
    "InplanePhaseEncodingDirection": "COL",
    "InversionTime": 0,
    "MRAcquisitionType": "2D",
    "MagneticFieldStrength": 3,
    "Manufacturer": "GE MEDICAL SYSTEMS",
    "ManufacturersModelName": "DISCOVERY MR750",
    "NumberOfAverages": 1,
    "NumberOfEPIShots": 1,
    "NumberOfEchoes": 1,
    "NumberOfSlices": 49,
    "ParallelImagingReductionFactors": [
      0.5,
      1
    ],
    "PercentPhaseFieldOfView": 100,
    "PhaseEncodingDirection": "j",
    "PixelBandwidth": 3906.25,
    "PixelSpacing": [
      2.25,
      2.25
    ],
    "ReceiveCoilName": "8HRBRAIN",
    "RepetitionTime": 2.5,
    "Rows": 128,
    "SATFatWaterBone": 0,
    "ScanOptions": [
      "EPI_GEMS",
      "FILTERED_GEMS",
      "ACC_GEMS"
    ],
    "ScanningSequence": [
      "EP",
      "GR"
    ],
    "SequenceVariant": "SS",
    "SeriesDate": "18740721",
    "SeriesDescription": "RSN_BWRT_200vol_3mm",
    "SeriesNumber": 4,
    "SeriesTime": "182133",
    "SliceThickness": 3,
    "SliceTiming": [
      0,
      1.27551,
      0.05102,
      1.32653,
      0.10204,
      1.37755,
      0.15306,
      1.42857,
      0.20408,
      1.47959,
      0.2551,
      1.53061,
      0.30612,
      1.58163,
      0.35714,
      1.63265,
      0.40816,
      1.68367,
      0.45918,
      1.73469,
      0.5102,
      1.78571,
      0.56122,
      1.83673,
      0.61224,
      1.88776,
      0.66327,
      1.93878,
      0.71429,
      1.9898,
      0.76531,
      2.04082,
      0.81633,
      2.09184,
      0.86735,
      2.14286,
      0.91837,
      2.19388,
      0.96939,
      2.2449,
      1.02041,
      2.29592,
      1.07143,
      2.34694,
      1.12245,
      2.39796,
      1.17347,
      2.44898,
      1.22449
    ],
    "SliceTimingComputationMethod": "SliceNumber*RepetitionTime/NumberOfSlices (interleaved ascending, odd first)",
    "SpacingBetweenSlices": 3,
    "StudyTime": "181209",
    "TaskDescription": "Functional connectivity in the resting state was assessed during two eight-minute runs.",
    "TaskInstructions": "Participants were instructed to keep their eyes open and look at a white fixation cross presented against a gray background.",
    "TaskName": "Resting State",
    "dummyScans": 10,
    "modality": "bold",
    "session_id": "2",
    "subject_id": "9069",
    "task_id": "rest"
  },
  "dummy_trs": 0,
  "dvars_nstd": 22.909001205445033,
  "dvars_std": 1.2322054939267022,
  "dvars_vstd": 1.0074426701570682,
  "efc": 0.30554549161142447,
  "fber": 45992352.0,
  "fd_mean": 0.09670270844254159,
  "fd_num": 4,
  "fd_perc": 2.0833333333333335,
  "fwhm_avg": 3.334028148148148,
  "fwhm_x": 3.3873777777777776,
  "fwhm_y": 3.8641866666666664,
  "fwhm_z": 2.75052,
  "gcor": 0.0103984,
  "gsr_x": -0.014183671213686466,
  "gsr_y": -0.0029793386347591877,
  "provenance": {
    "md5sum": "2851130317b512a1ebb50288ecf8e108",
    "settings": {
      "fd_thres": 0.2,
      "hmc_fsl": false
    },
    "software": "mriqc",
    "version": "0.9.6"
  },
  "size_t": 192,
  "size_x": 128,
  "size_y": 128,
  "size_z": 49,
  "snr": 4.520446129090359,
  "spacing_tr": 2.5,
  "spacing_x": 2.25,
  "spacing_y": 2.25,
  "spacing_z": 3.0,
  "summary_bg_k": 91.9636618733523,
  "summary_bg_mad": 1.2277799844741821,
  "summary_bg_mean": 56.371578216552734,
  "summary_bg_median": 0.828125,
  "summary_bg_n": 638541.0,
  "summary_bg_p05": 0.0,
  "summary_bg_p95": 258.546875,
  "summary_bg_stdv": 220.88931274414062,
  "summary_fg_k": 1.2750016082701867,
  "summary_fg_mad": 876.5958251953125,
  "summary_fg_mean": 5134.61328125,
  "summary_fg_median": 5155.0888671875,
  "summary_fg_n": 78847.0,
  "summary_fg_p05": 2967.1760986328127,
  "summary_fg_p95": 6922.722509765625,
  "summary_fg_stdv": 1140.3865966796875,
  "tsnr": 80.87772369384766
}