{
  "bids_meta": {
    "AcquisitionDuration": 238.55128,
    "Columns": 512,
    "EchoTime": 0.00281,
    "EchoTrainLength": 1,
    "EffectiveEchoSpacing": 0,
    "FieldOfView": [
      240.03,
      240.03,
      180
    ],
    "FlipAngle": 11,
    "GEImageTypeRIMPCode": 0,
    "ImageType": "ORIGINAL/PRIMARY/OTHER",
    "ImagingFrequency": 127.765092,
    "InplanePhaseEncodingDirection": "ROW",
    "InversionTime": 0.45,
    "MRAcquisitionType": "3D",
    "MagneticFieldStrength": 3,
    "Manufacturer": "GE MEDICAL SYSTEMS",
    "ManufacturersModelName": "DISCOVERY MR750",
    "NumberOfAverages": 1,
    "NumberOfEPIShots": 0,
    "NumberOfEchoes": 1,
    "NumberOfSlices": 180,
    "ParallelImagingReductionFactors": [
      0.571429,
      1
    ],
    "PercentPhaseFieldOfView": 100,
    "PhaseEncodingDirection": "i",
    "PixelBandwidth": 122.07,
    "PixelSpacing": [
      0.4688,
      0.4688
    ],
    "ReceiveCoilName": "8HRBRAIN",
    "RepetitionTime": 0.0064,
    "Rows": 512,
    "SATFatWaterBone": 0,
    "ScanOptions": [
      "FAST_GEMS",
      "EDR_GEMS",
      "FILTERED_GEMS",
      "ACC_GEMS"
    ],
    "ScanningSequence": "GR",
    "SequenceVariant": [
      "SS",
      "SK"
    ],
    "SeriesDate": "18740721",
    "SeriesDescription": "Sag3D_T1_1mm3",
    "SeriesNumber": 2,
    "SeriesTime": "181514",
    "SliceThickness": 1,
    "SpacingBetweenSlices": 1,
    "StudyTime": "181209",
    "modality": "T1w",
    "session_id": "2",
    "subject_id": "9069"
  },
  "cjv": 0.4741983597726131,
  "cnr": 2.867335486809547,
  "efc": 0.625485699845826,
  "fber": 134.97030639648438,
  "fwhm_avg": 5.697144584711722,
  "fwhm_x": 3.58512,
  "fwhm_y": 6.930652607714605,
  "fwhm_z": 6.575661146420561,
  "icvs_csf": 0.20003975648857558,
  "icvs_gm": 0.4301115409919889,
  "icvs_wm": 0.3698487025194355,
  "inu_med": 1.266130805015564,
  "inu_range": 0.472284483909607,
  "provenance": {
    "md5sum": "f371d7c40ecd4ee2f57df1dacab46182",
    "mriqc_pred": 0,
    "settings": {
      "testing": false
    },
    "software": "mriqc",
    "version": "0.9.6",
    "warnings": {
      "large_rot_frame": true,
      "small_air_mask": false
    }
  },
  "qi_1": 3.053627423101073e-06,
  "qi_2": 0.00036247928580059946,
  "rpve_csf": 29.53630687223948,
  "rpve_gm": 14.504970939864048,
  "rpve_wm": 19.274316920105708,
  "size_x": 180,
  "size_y": 512,
  "size_z": 512,
  "snr_csf": 3.8040457542717343,
  "snr_gm": 12.996271019492866,
  "snr_total": 11.489690002042048,
  "snr_wm": 17.66875323236155,
  "snrd_csf": 12.36681229076085,
  "snrd_gm": 28.959262618996195,
  "snrd_total": 26.472412701922906,
  "snrd_wm": 38.09116319601167,
  "spacing_x": 1.0,
  "spacing_y": 0.46880000829696655,
  "spacing_z": 0.46880000829696655,
  "summary_bg_k": 9.556230337951307,
  "summary_bg_mad": 17.199445724487305,
  "summary_bg_mean": 60.76372528076172,
  "summary_bg_median": 58.782596588134766,
  "summary_bg_n": 9887857.0,
  "summary_bg_p05": 34.013579559326175,
  "summary_bg_p95": 94.43362426757804,
  "summary_bg_stdv": 19.114749908447266,
  "summary_csf_k": 0.8850488813540953,
  "summary_csf_mad": 69.95162963867188,
  "summary_csf_mean": 339.6556091308594,
  "summary_csf_median": 324.66876220703125,
  "summary_csf_n": 137236.0,
  "summary_csf_p05": 224.76393127441406,
  "summary_csf_p95": 510.1408233642578,
  "summary_csf_stdv": 85.34796905517578,
  "summary_gm_k": 0.07550168837918347,
  "summary_gm_mad": 57.91197967529297,
  "summary_gm_mean": 763.5341796875,
  "summary_gm_median": 760.274169921875,
  "summary_gm_n": 163163.0,
  "summary_gm_p05": 672.8275329589844,
  "summary_gm_p95": 864.9596618652344,
  "summary_gm_stdv": 58.499229431152344,
  "summary_wm_k": 0.06789436316291075,
  "summary_wm_mad": 55.77322769165039,
  "summary_wm_mean": 999.9381713867188,
  "summary_wm_median": 1000.0160522460938,
  "summary_wm_n": 875735.0,
  "summary_wm_p05": 906.1555786132812,
  "summary_wm_p95": 1093.1630859375,
  "summary_wm_stdv": 56.597965240478516,
  "tpm_overlap_csf": 0.2181183397769928,
  "tpm_overlap_gm": 0.47971370816230774,
  "tpm_overlap_wm": 0.5300546884536743,
  "wm2max": 0.3936524518393643
}