{
  "aor": 0.0030021354166666673,
  "aqi": 0.0032866213020833336,
  "bids_meta": {
    "AcquisitionDuration": 525.000256,
    "CogAtlasID": "trm_4c8a834779883",
    "Columns": 128,
    "EchoTime": 0.03,
    "EchoTrainLength": 1,
    "EffectiveEchoSpacing": 0.000464,
    "FieldOfView": [
      288,
      288,
      147
    ],
    "FlipAngle": 75,
    "GEImageTypeRIMPCode": 0,
    "ImageType": "ORIGINAL/PRIMARY/EPI/NONE",
    "ImagingFrequency": 127.76523,
    "InplanePhaseEncodingDirection": "COL",
    "InversionTime": 0,
    "MRAcquisitionType": "2D",
    "MagneticFieldStrength": 3,
    "Manufacturer": "GE MEDICAL SYSTEMS",
    "ManufacturersModelName": "DISCOVERY MR750",
    "NumberOfAverages": 1,
    "NumberOfEPIShots": 1,
    "NumberOfEchoes": 1,
    "NumberOfSlices": 49,
    "ParallelImagingReductionFactors": [
      0.5,
      1
    ],
    "PercentPhaseFieldOfView": 100,
    "PhaseEncodingDirection": "j",
    "PixelBandwidth": 3906.25,
    "PixelSpacing": [
      2.25,
      2.25
    ],
    "ReceiveCoilName": "8HRBRAIN",
    "RepetitionTime": 2.5,
    "Rows": 128,
    "SATFatWaterBone": 0,
    "ScanOptions": [
      "EPI_GEMS",
      "FILTERED_GEMS",
      "ACC_GEMS"
    ],
    "ScanningSequence": [
      "EP",
      "GR"
    ],
    "SequenceVariant": "SS",
    "SeriesDate": "18730514",
    "SeriesDescription": "RSN_BWRT_200vol_3mm",
    "SeriesNumber": 4,
    "SeriesTime": "184842",
    "SliceThickness": 3,
    "SliceTiming": [
      0,
      1.27551,
      0.05102,
      1.32653,
      0.10204,
      1.37755,
      0.15306,
      1.42857,
      0.20408,
      1.47959,
      0.2551,
      1.53061,
      0.30612,
      1.58163,
      0.35714,
      1.63265,
      0.40816,
      1.68367,
      0.45918,
      1.73469,
      0.5102,
      1.78571,
      0.56122,
      1.83673,
      0.61224,
      1.88776,
      0.66327,
      1.93878,
      0.71429,
      1.9898,
      0.76531,
      2.04082,
      0.81633,
      2.09184,
      0.86735,
      2.14286,
      0.91837,
      2.19388,
      0.96939,
      2.2449,
      1.02041,
      2.29592,
      1.07143,
      2.34694,
      1.12245,
      2.39796,
      1.17347,
      2.44898,
      1.22449
    ],
    "SliceTimingComputationMethod": "SliceNumber*RepetitionTime/NumberOfSlices (interleaved ascending, odd first)",
    "SpacingBetweenSlices": 3,
    "StudyTime": "184108",
    "TaskDescription": "Functional connectivity in the resting state was assessed during two eight-minute runs.",
    "TaskInstructions": "Participants were instructed to keep their eyes open and look at a white fixation cross presented against a gray background.",
    "TaskName": "Resting State",
    "dummyScans": 10,
    "modality": "bold",
    "session_id": "2",
    "subject_id": "9067",
    "task_id": "rest"
  },
  "dummy_trs": 0,
  "dvars_nstd": 18.51674603109948,
  "dvars_std": 1.1977189238219894,
  "dvars_vstd": 0.9663691221465971,
  "efc": 0.30658434957768393,
  "fber": 134766032.0,
  "fd_mean": 0.07090412987580372,
  "fd_num": 9,
  "fd_perc": 4.6875,
  "fwhm_avg": 3.4058196296296295,
  "fwhm_x": 3.5286133333333334,
  "fwhm_y": 3.9672888888888886,
  "fwhm_z": 2.7215566666666664,
  "gcor": 0.0253681,
  "gsr_x": -0.015716781839728355,
  "gsr_y": -0.0024861132260411978,
  "provenance": {
    "md5sum": "6f8b4754008887b61a0381f2b54dcfa9",
    "settings": {
      "fd_thres": 0.2,
      "hmc_fsl": false
    },
    "software": "mriqc",
    "version": "0.9.6"
  },
  "size_t": 192,
  "size_x": 128,
  "size_y": 128,
  "size_z": 49,
  "snr": 4.459280068421847,
  "spacing_tr": 2.5,
  "spacing_x": 2.25,
  "spacing_y": 2.25,
  "spacing_z": 3.0,
  "summary_bg_k": 69.75397531241194,
  "summary_bg_mad": 0.7258573770523071,
  "summary_bg_mean": 64.48369598388672,
  "summary_bg_median": 0.4895833432674408,
  "summary_bg_n": 638348.0,
  "summary_bg_p05": 0.0,
  "summary_bg_p95": 320.70990905761744,
  "summary_bg_stdv": 250.54705810546875,
  "summary_fg_k": 1.0402502658832953,
  "summary_fg_mad": 993.798828125,
  "summary_fg_mean": 5101.4990234375,
  "summary_fg_median": 5112.9404296875,
  "summary_fg_n": 77720.0,
  "summary_fg_p05": 3025.909533691406,
  "summary_fg_p95": 6902.688549804688,
  "summary_fg_stdv": 1146.576904296875,
  "tsnr": 81.26705932617188
}