{
  "aor": 0.00492025,
  "aqi": 0.0063855658000000004,
  "bids_meta": {
    "AcquisitionDuration": 525.000256,
    "CogAtlasID": "trm_4c8a834779883",
    "Columns": 128,
    "EchoTime": 0.03,
    "EchoTrainLength": 1,
    "EffectiveEchoSpacing": 0.000464,
    "FieldOfView": [
      288,
      288,
      147
    ],
    "FlipAngle": 75,
    "GEImageTypeRIMPCode": 0,
    "ImageType": "ORIGINAL/PRIMARY/EPI/NONE",
    "ImagingFrequency": 127.765269,
    "InplanePhaseEncodingDirection": "COL",
    "InversionTime": 0,
    "MRAcquisitionType": "2D",
    "MagneticFieldStrength": 3,
    "Manufacturer": "GE MEDICAL SYSTEMS",
    "ManufacturersModelName": "DISCOVERY MR750",
    "NumberOfAverages": 1,
    "NumberOfEPIShots": 1,
    "NumberOfEchoes": 1,
    "NumberOfSlices": 49,
    "ParallelImagingReductionFactors": [
      0.5,
      1
    ],
    "PercentPhaseFieldOfView": 100,
    "PhaseEncodingDirection": "j",
    "PixelBandwidth": 3906.25,
    "PixelSpacing": [
      2.25,
      2.25
    ],
    "ReceiveCoilName": "8HRBRAIN",
    "RepetitionTime": 2.5,
    "Rows": 128,
    "SATFatWaterBone": 0,
    "ScanOptions": [
      "EPI_GEMS",
      "FILTERED_GEMS",
      "ACC_GEMS"
    ],
    "ScanningSequence": [
      "EP",
      "GR"
    ],
    "SequenceVariant": "SS",
    "SeriesDate": "18730304",
    "SeriesDescription": "RSN_BWRT_200vol_3mm",
    "SeriesNumber": 4,
    "SeriesTime": "182604",
    "SliceThickness": 3,
    "SliceTiming": [
      0,
      1.27551,
      0.05102,
      1.32653,
      0.10204,
      1.37755,
      0.15306,
      1.42857,
      0.20408,
      1.47959,
      0.2551,
      1.53061,
      0.30612,
      1.58163,
      0.35714,
      1.63265,
      0.40816,
      1.68367,
      0.45918,
      1.73469,
      0.5102,
      1.78571,
      0.56122,
      1.83673,
      0.61224,
      1.88776,
      0.66327,
      1.93878,
      0.71429,
      1.9898,
      0.76531,
      2.04082,
      0.81633,
      2.09184,
      0.86735,
      2.14286,
      0.91837,
      2.19388,
      0.96939,
      2.2449,
      1.02041,
      2.29592,
      1.07143,
      2.34694,
      1.12245,
      2.39796,
      1.17347,
      2.44898,
      1.22449
    ],
    "SliceTimingComputationMethod": "SliceNumber*RepetitionTime/NumberOfSlices (interleaved ascending, odd first)",
    "SpacingBetweenSlices": 3,
    "StudyTime": "181518",
    "TaskDescription": "Functional connectivity in the resting state was assessed during two eight-minute runs.",
    "TaskInstructions": "Participants were instructed to keep their eyes open and look at a white fixation cross presented against a gray background.",
    "TaskName": "Resting State",
    "dummyScans": 10,
    "modality": "bold",
    "session_id": "1",
    "subject_id": "9019",
    "task_id": "rest"
  },
  "dummy_trs": 0,
  "dvars_nstd": 20.045768091005026,
  "dvars_std": 1.1387843802512565,
  "dvars_vstd": 0.9597263728643218,
  "efc": 0.3054419986231969,
  "fber": 116852160.0,
  "fd_mean": 0.13533628802899111,
  "fd_num": 27,
  "fd_perc": 13.5,
  "fwhm_avg": 3.3523470370370365,
  "fwhm_x": 3.3931733333333334,
  "fwhm_y": 3.932644444444444,
  "fwhm_z": 2.731223333333333,
  "gcor": 0.0509981,
  "gsr_x": -0.010386170819401741,
  "gsr_y": 0.003874152200296521,
  "provenance": {
    "md5sum": "c1ad731941c11851a8446da4769bb3e8",
    "settings": {
      "fd_thres": 0.2,
      "hmc_fsl": false
    },
    "software": "mriqc",
    "version": "0.9.6"
  },
  "size_t": 200,
  "size_x": 128,
  "size_y": 128,
  "size_z": 49,
  "snr": 4.819766907214091,
  "spacing_tr": 2.5,
  "spacing_x": 2.25,
  "spacing_y": 2.25,
  "spacing_z": 3.0,
  "summary_bg_k": 224.94020764366138,
  "summary_bg_mad": 0.8450832962989807,
  "summary_bg_mean": 43.820953369140625,
  "summary_bg_median": 0.5699999928474426,
  "summary_bg_n": 632539.0,
  "summary_bg_p05": 0.0,
  "summary_bg_p95": 200.71749572753848,
  "summary_bg_stdv": 185.07699584960938,
  "summary_fg_k": 0.8358619249752945,
  "summary_fg_mad": 1082.477783203125,
  "summary_fg_mean": 5797.80615234375,
  "summary_fg_median": 5854.35986328125,
  "summary_fg_n": 83237.0,
  "summary_fg_p05": 3669.079931640625,
  "summary_fg_p95": 7703.28466796875,
  "summary_fg_stdv": 1214.64892578125,
  "tsnr": 59.91264343261719
}