{
  "bids_meta": {
    "AcquisitionDuration": 238.55128,
    "Columns": 512,
    "EchoTime": 0.00281,
    "EchoTrainLength": 1,
    "EffectiveEchoSpacing": 0,
    "FieldOfView": [
      240.03,
      240.03,
      180
    ],
    "FlipAngle": 11,
    "GEImageTypeRIMPCode": 0,
    "ImageType": "ORIGINAL/PRIMARY/OTHER",
    "ImagingFrequency": 127.765052,
    "InplanePhaseEncodingDirection": "ROW",
    "InversionTime": 0.45,
    "MRAcquisitionType": "3D",
    "MagneticFieldStrength": 3,
    "Manufacturer": "GE MEDICAL SYSTEMS",
    "ManufacturersModelName": "DISCOVERY MR750",
    "NumberOfAverages": 1,
    "NumberOfEPIShots": 0,
    "NumberOfEchoes": 1,
    "NumberOfSlices": 180,
    "ParallelImagingReductionFactors": [
      0.571429,
      1
    ],
    "PercentPhaseFieldOfView": 100,
    "PhaseEncodingDirection": "i",
    "PixelBandwidth": 122.07,
    "PixelSpacing": [
      0.4688,
      0.4688
    ],
    "ReceiveCoilName": "8HRBRAIN",
    "RepetitionTime": 0.0064,
    "Rows": 512,
    "SATFatWaterBone": 0,
    "ScanOptions": [
      "FAST_GEMS",
      "EDR_GEMS",
      "FILTERED_GEMS",
      "ACC_GEMS"
    ],
    "ScanningSequence": "GR",
    "SequenceVariant": [
      "SS",
      "SK"
    ],
    "SeriesDate": "18740408",
    "SeriesDescription": "Sag3D_T1_1mm3",
    "SeriesNumber": 2,
    "SeriesTime": "200935",
    "SliceThickness": 1,
    "SpacingBetweenSlices": 1,
    "StudyTime": "200736",
    "modality": "T1w",
    "session_id": "1",
    "subject_id": "9045"
  },
  "cjv": 0.41125510584089475,
  "cnr": 3.2617588249032385,
  "efc": 0.6372835888484366,
  "fber": 172.5320587158203,
  "fwhm_avg": 5.635068158135561,
  "fwhm_x": 3.59936,
  "fwhm_y": 6.973528033576944,
  "fwhm_z": 6.33231644082974,
  "icvs_csf": 0.20860268733709791,
  "icvs_gm": 0.41675962823642104,
  "icvs_wm": 0.37463768442648104,
  "inu_med": 1.2966804504394531,
  "inu_range": 0.3411879539489744,
  "provenance": {
    "md5sum": "ed72cfd990dbadbb7236367e13fed46c",
    "mriqc_pred": 0,
    "settings": {
      "testing": false
    },
    "software": "mriqc",
    "version": "0.9.6",
    "warnings": {
      "large_rot_frame": true,
      "small_air_mask": false
    }
  },
  "qi_1": 0.0,
  "qi_2": 0.00024081429810883165,
  "rpve_csf": 31.409435174287946,
  "rpve_gm": 16.513077133807826,
  "rpve_wm": 21.358727567399153,
  "size_x": 180,
  "size_y": 512,
  "size_z": 512,
  "snr_csf": 3.6285720597314994,
  "snr_gm": 13.545544637378104,
  "snr_total": 11.054511001227034,
  "snr_wm": 15.9894163065715,
  "snrd_csf": 16.24465489516384,
  "snrd_gm": 33.17142940262664,
  "snrd_total": 31.699391304566205,
  "snrd_wm": 45.68208961590813,
  "spacing_x": 1.0,
  "spacing_y": 0.46880000829696655,
  "spacing_z": 0.46880000829696655,
  "summary_bg_k": 2.9524250823989195,
  "summary_bg_mad": 14.341327667236328,
  "summary_bg_mean": 50.217769622802734,
  "summary_bg_median": 48.31418228149414,
  "summary_bg_n": 8704202.0,
  "summary_bg_p05": 27.920001983642578,
  "summary_bg_p95": 78.94588356018065,
  "summary_bg_stdv": 16.263460159301758,
  "summary_csf_k": 1.8002906453587855,
  "summary_csf_mad": 100.07917785644531,
  "summary_csf_mean": 367.4168701171875,
  "summary_csf_median": 355.605224609375,
  "summary_csf_n": 122359.0,
  "summary_csf_p05": 224.13467254638672,
  "summary_csf_p95": 540.5451110839844,
  "summary_csf_stdv": 98.00102233886719,
  "summary_gm_k": 0.01444661220601251,
  "summary_gm_mad": 53.69963073730469,
  "summary_gm_mean": 726.376953125,
  "summary_gm_median": 726.1424560546875,
  "summary_gm_n": 132249.0,
  "summary_gm_p05": 638.782958984375,
  "summary_gm_p95": 815.0939697265625,
  "summary_gm_stdv": 53.60727310180664,
  "summary_wm_k": 3.726130634148439,
  "summary_wm_mad": 58.92909622192383,
  "summary_wm_mean": 1003.8344116210938,
  "summary_wm_median": 1000.00830078125,
  "summary_wm_n": 822565.0,
  "summary_wm_p05": 910.3538452148438,
  "summary_wm_p95": 1107.3848632812499,
  "summary_wm_stdv": 62.54185104370117,
  "tpm_overlap_csf": 0.20638646185398102,
  "tpm_overlap_gm": 0.4742242693901062,
  "tpm_overlap_wm": 0.5410646796226501,
  "wm2max": 0.44489466575757264
}