{
  "aor": 0.0014954499999999997,
  "aqi": 0.004906343800000001,
  "bids_meta": {
    "AcquisitionDuration": 525.000256,
    "CogAtlasID": "trm_4c8a834779883",
    "Columns": 128,
    "EchoTime": 0.03,
    "EchoTrainLength": 1,
    "EffectiveEchoSpacing": 0.000464,
    "FieldOfView": [
      288,
      288,
      147
    ],
    "FlipAngle": 75,
    "GEImageTypeRIMPCode": 0,
    "ImageType": "ORIGINAL/PRIMARY/EPI/NONE",
    "ImagingFrequency": 127.765182,
    "InplanePhaseEncodingDirection": "COL",
    "InversionTime": 0,
    "MRAcquisitionType": "2D",
    "MagneticFieldStrength": 3,
    "Manufacturer": "GE MEDICAL SYSTEMS",
    "ManufacturersModelName": "DISCOVERY MR750",
    "NumberOfAverages": 1,
    "NumberOfEPIShots": 1,
    "NumberOfEchoes": 1,
    "NumberOfSlices": 49,
    "ParallelImagingReductionFactors": [
      0.5,
      1
    ],
    "PercentPhaseFieldOfView": 100,
    "PhaseEncodingDirection": "j",
    "PixelBandwidth": 3906.25,
    "PixelSpacing": [
      2.25,
      2.25
    ],
    "ReceiveCoilName": "8HRBRAIN",
    "RepetitionTime": 2.5,
    "Rows": 128,
    "SATFatWaterBone": 0,
    "ScanOptions": [
      "EPI_GEMS",
      "FILTERED_GEMS",
      "ACC_GEMS"
    ],
    "ScanningSequence": [
      "EP",
      "GR"
    ],
    "SequenceVariant": "SS",
    "SeriesDate": "18731210",
    "SeriesDescription": "RSN_BWRT_200vol_3mm",
    "SeriesNumber": 10,
    "SeriesTime": "194228",
    "SliceThickness": 3,
    "SliceTiming": [
      0,
      1.27551,
      0.05102,
      1.32653,
      0.10204,
      1.37755,
      0.15306,
      1.42857,
      0.20408,
      1.47959,
      0.2551,
      1.53061,
      0.30612,
      1.58163,
      0.35714,
      1.63265,
      0.40816,
      1.68367,
      0.45918,
      1.73469,
      0.5102,
      1.78571,
      0.56122,
      1.83673,
      0.61224,
      1.88776,
      0.66327,
      1.93878,
      0.71429,
      1.9898,
      0.76531,
      2.04082,
      0.81633,
      2.09184,
      0.86735,
      2.14286,
      0.91837,
      2.19388,
      0.96939,
      2.2449,
      1.02041,
      2.29592,
      1.07143,
      2.34694,
      1.12245,
      2.39796,
      1.17347,
      2.44898,
      1.22449
    ],
    "SliceTimingComputationMethod": "SliceNumber*RepetitionTime/NumberOfSlices (interleaved ascending, odd first)",
    "SpacingBetweenSlices": 3,
    "StudyTime": "183542",
    "TaskDescription": "Functional connectivity in the resting state was assessed during two eight-minute runs. Participants were asked to rate their sleepiness using the Karolinska Sleepiness Scale every 2 minutes",
    "TaskInstructions": "Participants were instructed to keep their eyes open and look at a white fixation cross presented against a gray background.",
    "TaskName": "Sleepiness",
    "dummyScans": 10,
    "modality": "bold",
    "session_id": "2",
    "subject_id": "9074",
    "task_id": "sleepiness"
  },
  "dummy_trs": 0,
  "dvars_nstd": 18.257288654773877,
  "dvars_std": 1.0977057255276386,
  "dvars_vstd": 0.9620872568341711,
  "efc": 0.3144752490226498,
  "fber": 141021840.0,
  "fd_mean": 0.12991078331689768,
  "fd_num": 23,
  "fd_perc": 11.5,
  "fwhm_avg": 3.2591818741706855,
  "fwhm_x": 3.33004,
  "fwhm_y": 3.7734088888888895,
  "fwhm_z": 2.6740967336231662,
  "gcor": 0.0309428,
  "gsr_x": -0.016611270606517792,
  "gsr_y": 0.001551516237668693,
  "provenance": {
    "md5sum": "12a3d94802dd1002b8b10e4065756ec9",
    "settings": {
      "fd_thres": 0.2,
      "hmc_fsl": false
    },
    "software": "mriqc",
    "version": "0.9.6"
  },
  "size_t": 200,
  "size_x": 128,
  "size_y": 128,
  "size_z": 49,
  "snr": 4.8026553631454805,
  "spacing_tr": 2.5,
  "spacing_x": 2.25,
  "spacing_y": 2.25,
  "spacing_z": 2.9999961853027344,
  "summary_bg_k": 94.66927985483504,
  "summary_bg_mad": 0.7042360305786133,
  "summary_bg_mean": 67.79901123046875,
  "summary_bg_median": 0.4749999940395355,
  "summary_bg_n": 635130.0,
  "summary_bg_p05": 0.0,
  "summary_bg_p95": 335.2532363891591,
  "summary_bg_stdv": 264.3700866699219,
  "summary_fg_k": 1.371816651970783,
  "summary_fg_mad": 960.4967651367188,
  "summary_fg_mean": 5204.12451171875,
  "summary_fg_median": 5206.384765625,
  "summary_fg_n": 81397.0,
  "summary_fg_p05": 3412.409033203125,
  "summary_fg_p95": 6943.72373046875,
  "summary_fg_stdv": 1084.05712890625,
  "tsnr": 73.59906768798828
}