{
  "aor": 0.000915,
  "aqi": 0.0027197499484536087,
  "bids_meta": {
    "AcquisitionDuration": 525.000256,
    "CogAtlasID": "trm_4c8a834779883",
    "Columns": 128,
    "EchoTime": 0.03,
    "EchoTrainLength": 1,
    "EffectiveEchoSpacing": 0.000464,
    "FieldOfView": [
      288,
      288,
      147
    ],
    "FlipAngle": 75,
    "GEImageTypeRIMPCode": 0,
    "ImageType": "ORIGINAL/PRIMARY/EPI/NONE",
    "ImagingFrequency": 127.765207,
    "InplanePhaseEncodingDirection": "COL",
    "InversionTime": 0,
    "MRAcquisitionType": "2D",
    "MagneticFieldStrength": 3,
    "Manufacturer": "GE MEDICAL SYSTEMS",
    "ManufacturersModelName": "DISCOVERY MR750",
    "NumberOfAverages": 1,
    "NumberOfEPIShots": 1,
    "NumberOfEchoes": 1,
    "NumberOfSlices": 49,
    "ParallelImagingReductionFactors": [
      0.5,
      1
    ],
    "PercentPhaseFieldOfView": 100,
    "PhaseEncodingDirection": "j",
    "PixelBandwidth": 3906.25,
    "PixelSpacing": [
      2.25,
      2.25
    ],
    "ReceiveCoilName": "8HRBRAIN",
    "RepetitionTime": 2.5,
    "Rows": 128,
    "SATFatWaterBone": 0,
    "ScanOptions": [
      "EPI_GEMS",
      "FILTERED_GEMS",
      "ACC_GEMS"
    ],
    "ScanningSequence": [
      "EP",
      "GR"
    ],
    "SequenceVariant": "SS",
    "SeriesDate": "18730115",
    "SeriesDescription": "RSN_BWRT_200vol_3mm",
    "SeriesNumber": 4,
    "SeriesTime": "185144",
    "SliceThickness": 3,
    "SliceTiming": [
      0,
      1.27551,
      0.05102,
      1.32653,
      0.10204,
      1.37755,
      0.15306,
      1.42857,
      0.20408,
      1.47959,
      0.2551,
      1.53061,
      0.30612,
      1.58163,
      0.35714,
      1.63265,
      0.40816,
      1.68367,
      0.45918,
      1.73469,
      0.5102,
      1.78571,
      0.56122,
      1.83673,
      0.61224,
      1.88776,
      0.66327,
      1.93878,
      0.71429,
      1.9898,
      0.76531,
      2.04082,
      0.81633,
      2.09184,
      0.86735,
      2.14286,
      0.91837,
      2.19388,
      0.96939,
      2.2449,
      1.02041,
      2.29592,
      1.07143,
      2.34694,
      1.12245,
      2.39796,
      1.17347,
      2.44898,
      1.22449
    ],
    "SliceTimingComputationMethod": "SliceNumber*RepetitionTime/NumberOfSlices (interleaved ascending, odd first)",
    "SpacingBetweenSlices": 3,
    "StudyTime": "184215",
    "TaskDescription": "Functional connectivity in the resting state was assessed during two eight-minute runs.",
    "TaskInstructions": "Participants were instructed to keep their eyes open and look at a white fixation cross presented against a gray background.",
    "TaskName": "Resting State",
    "dummyScans": 10,
    "modality": "bold",
    "session_id": "1",
    "subject_id": "9017",
    "task_id": "rest"
  },
  "dummy_trs": 0,
  "dvars_nstd": 18.724224016217622,
  "dvars_std": 1.172713969792746,
  "dvars_vstd": 0.9960509807772022,
  "efc": 0.33513338339487997,
  "fber": 28039162.0,
  "fd_mean": 0.053829689584078126,
  "fd_num": 0,
  "fd_perc": 0.0,
  "fwhm_avg": 3.2907355555555555,
  "fwhm_x": 3.3187155555555554,
  "fwhm_y": 3.8786044444444445,
  "fwhm_z": 2.674886666666667,
  "gcor": 0.0411472,
  "gsr_x": -0.02018498256802559,
  "gsr_y": 0.0034783990122377872,
  "provenance": {
    "md5sum": "356a3a596f9d9b65af0a9273ecc6cab1",
    "settings": {
      "fd_thres": 0.2,
      "hmc_fsl": false
    },
    "software": "mriqc",
    "version": "0.9.6"
  },
  "size_t": 194,
  "size_x": 128,
  "size_y": 128,
  "size_z": 49,
  "snr": 4.228501333026288,
  "spacing_tr": 2.5,
  "spacing_x": 2.25,
  "spacing_y": 2.25,
  "spacing_z": 3.0,
  "summary_bg_k": 61.93858055498586,
  "summary_bg_mad": 1.5131713151931763,
  "summary_bg_mean": 82.23128509521484,
  "summary_bg_median": 1.0206185579299927,
  "summary_bg_n": 623765.0,
  "summary_bg_p05": 0.0,
  "summary_bg_p95": 435.7474060058594,
  "summary_bg_stdv": 284.8734436035156,
  "summary_fg_k": 0.5543941815596338,
  "summary_fg_mad": 1114.9632568359375,
  "summary_fg_mean": 5033.255859375,
  "summary_fg_median": 5046.38623046875,
  "summary_fg_n": 89747.0,
  "summary_fg_p05": 3008.056640625,
  "summary_fg_p95": 6983.024658203125,
  "summary_fg_stdv": 1193.415283203125,
  "tsnr": 77.49920654296875
}