{
  "bids_meta": {
    "AcquisitionDuration": 393.10624,
    "Columns": 512,
    "EchoTime": 0.12743,
    "EchoTrainLength": 140,
    "EffectiveEchoSpacing": 0,
    "FieldOfView": [
      240.03,
      240.03,
      87.6
    ],
    "FlipAngle": 90,
    "GEImageTypeRIMPCode": 0,
    "ImageType": "ORIGINAL/PRIMARY/OTHER",
    "ImagingFrequency": 127.765206,
    "InplanePhaseEncodingDirection": "ROW",
    "InversionTime": 1.861,
    "MRAcquisitionType": "3D",
    "MagneticFieldStrength": 3,
    "Manufacturer": "GE MEDICAL SYSTEMS",
    "ManufacturersModelName": "DISCOVERY MR750",
    "NumberOfAverages": 1,
    "NumberOfEPIShots": 1,
    "NumberOfEchoes": 1,
    "NumberOfSlices": 146,
    "ParallelImagingReductionFactors": [
      0.5,
      0.5
    ],
    "PercentPhaseFieldOfView": 100,
    "PhaseEncodingDirection": "i",
    "PixelBandwidth": 122.07,
    "PixelSpacing": [
      0.4688,
      0.4688
    ],
    "ReceiveCoilName": "8HRBRAIN",
    "RepetitionTime": 6,
    "Rows": 512,
    "SATFatWaterBone": 0,
    "ScanOptions": [
      "EDR_GEMS",
      "FILTERED_GEMS",
      "ACC_GEMS"
    ],
    "ScanningSequence": [
      "SE",
      "IR"
    ],
    "SequenceVariant": "SK",
    "SeriesDate": "18721230",
    "SeriesDescription": "Sag CUBE T2 flair",
    "SeriesNumber": 11,
    "SeriesTime": "213449",
    "SliceThickness": 1.2,
    "SpacingBetweenSlices": 0.600002,
    "StudyTime": "202038",
    "modality": "T2w",
    "session_id": "1",
    "subject_id": "9035"
  },
  "cjv": 0.600476264469109,
  "cnr": 1.4921048274579976,
  "efc": 0.6567540545004289,
  "fber": 305.5746154785156,
  "fwhm_avg": 6.106135954380304,
  "fwhm_x": 5.333766454721831,
  "fwhm_y": 6.758958924746468,
  "fwhm_z": 6.225682483672612,
  "icvs_csf": 0.45246658206729434,
  "icvs_gm": 0.4179160525838414,
  "icvs_wm": 0.12961736534886428,
  "inu_med": 1.059787392616272,
  "inu_range": 0.7689949870109558,
  "provenance": {
    "md5sum": "5b8a20d4314e81c51e1efd2ecb18003e",
    "settings": {
      "testing": false
    },
    "software": "mriqc",
    "version": "0.9.6",
    "warnings": {
      "large_rot_frame": true,
      "small_air_mask": false
    }
  },
  "qi_1": 0.0,
  "qi_2": 0.0007355193748881613,
  "rpve_csf": 10.775250343091704,
  "rpve_gm": 10.726503591793062,
  "rpve_wm": 30.88585222583936,
  "size_x": 292,
  "size_y": 512,
  "size_z": 512,
  "snr_csf": 15.231107529810316,
  "snr_gm": 14.645113261277825,
  "snr_total": 11.07388876527169,
  "snr_wm": 3.3454455047269276,
  "snrd_csf": 55.00376057916976,
  "snrd_gm": 45.822148530329834,
  "snrd_total": 43.982952769100585,
  "snrd_wm": 31.12294919780217,
  "spacing_x": 0.6000000238418579,
  "spacing_y": 0.46880000829696655,
  "spacing_z": 0.46880000829696655,
  "summary_bg_k": 10.004594355744333,
  "summary_bg_mad": 21.043264389038086,
  "summary_bg_mean": 61.726070404052734,
  "summary_bg_median": 56.86003112792969,
  "summary_bg_n": 14395096.0,
  "summary_bg_p05": 29.23344659805298,
  "summary_bg_p95": 110.19664764404297,
  "summary_bg_stdv": 27.104467391967773,
  "summary_csf_k": 0.6674219587435188,
  "summary_csf_mad": 109.86296081542969,
  "summary_csf_mean": 1777.1448974609375,
  "summary_csf_median": 1766.74462890625,
  "summary_csf_n": 1658805.0,
  "summary_csf_p05": 1606.3283203125002,
  "summary_csf_p95": 1984.4680175781248,
  "summary_csf_stdv": 115.99577331542969,
  "summary_gm_k": -0.04491384984432978,
  "summary_gm_mad": 100.80084228515625,
  "summary_gm_mean": 1476.06884765625,
  "summary_gm_median": 1471.8272705078125,
  "summary_gm_n": 746653.0,
  "summary_gm_p05": 1317.381591796875,
  "summary_gm_p95": 1649.155078125,
  "summary_gm_stdv": 100.49948120117188,
  "summary_wm_k": 2.8780661877031433,
  "summary_wm_mad": 182.7108154296875,
  "summary_wm_mean": 916.18798828125,
  "summary_wm_median": 999.6826171875,
  "summary_wm_n": 172547.0,
  "summary_wm_p05": 295.0684509277344,
  "summary_wm_p95": 1216.1501220703124,
  "summary_wm_stdv": 298.818115234375,
  "tpm_overlap_csf": 0.10856311768293381,
  "tpm_overlap_gm": 0.292754203081131,
  "tpm_overlap_wm": 0.12775883078575134,
  "wm2max": 0.257620967468282
}