{
  "bids_meta": {
    "AcquisitionDuration": 238.55128,
    "Columns": 512,
    "EchoTime": 0.00281,
    "EchoTrainLength": 1,
    "EffectiveEchoSpacing": 0,
    "FieldOfView": [
      240.03,
      240.03,
      180
    ],
    "FlipAngle": 11,
    "GEImageTypeRIMPCode": 0,
    "ImageType": "ORIGINAL/PRIMARY/OTHER",
    "ImagingFrequency": 127.765123,
    "InplanePhaseEncodingDirection": "ROW",
    "InversionTime": 0.45,
    "MRAcquisitionType": "3D",
    "MagneticFieldStrength": 3,
    "Manufacturer": "GE MEDICAL SYSTEMS",
    "ManufacturersModelName": "DISCOVERY MR750",
    "NumberOfAverages": 1,
    "NumberOfEPIShots": 0,
    "NumberOfEchoes": 1,
    "NumberOfSlices": 180,
    "ParallelImagingReductionFactors": [
      0.571429,
      1
    ],
    "PercentPhaseFieldOfView": 100,
    "PhaseEncodingDirection": "i",
    "PixelBandwidth": 122.07,
    "PixelSpacing": [
      0.4688,
      0.4688
    ],
    "ReceiveCoilName": "8HRBRAIN",
    "RepetitionTime": 0.0064,
    "Rows": 512,
    "SATFatWaterBone": 0,
    "ScanOptions": [
      "FAST_GEMS",
      "EDR_GEMS",
      "FILTERED_GEMS",
      "ACC_GEMS"
    ],
    "ScanningSequence": "GR",
    "SequenceVariant": [
      "SS",
      "SK"
    ],
    "SeriesDate": "18731219",
    "SeriesDescription": "Sag3D_T1_1mm3",
    "SeriesNumber": 2,
    "SeriesTime": "180512",
    "SliceThickness": 1,
    "SpacingBetweenSlices": 1,
    "StudyTime": "180253",
    "modality": "T1w",
    "session_id": "1",
    "subject_id": "9042"
  },
  "cjv": 0.350215286423364,
  "cnr": 3.773614290564163,
  "efc": 0.6354523813459256,
  "fber": 160.12867736816406,
  "fwhm_avg": 6.485136359956614,
  "fwhm_x": 4.10558,
  "fwhm_y": 7.927324945023998,
  "fwhm_z": 7.422504134845844,
  "icvs_csf": 0.20233557729277935,
  "icvs_gm": 0.42329452102152854,
  "icvs_wm": 0.3743699016856921,
  "inu_med": 1.192752718925476,
  "inu_range": 0.49450084865093225,
  "provenance": {
    "md5sum": "96f9d485029dc899f1c4dc99cfd42d3f",
    "mriqc_pred": 0,
    "settings": {
      "testing": false
    },
    "software": "mriqc",
    "version": "0.9.6",
    "warnings": {
      "large_rot_frame": true,
      "small_air_mask": false
    }
  },
  "qi_1": 0.0,
  "qi_2": 0.000348278773023285,
  "rpve_csf": 23.043695358624838,
  "rpve_gm": 11.801708997946474,
  "rpve_wm": 15.683895393671245,
  "size_x": 180,
  "size_y": 512,
  "size_z": 512,
  "snr_csf": 3.755717874229277,
  "snr_gm": 13.294831401865316,
  "snr_total": 12.564560344463944,
  "snr_wm": 20.64313175729724,
  "snrd_csf": 17.228358079462367,
  "snrd_gm": 33.05572898354581,
  "snrd_total": 32.07918656986214,
  "snrd_wm": 45.95347264657822,
  "spacing_x": 1.0,
  "spacing_y": 0.46880000829696655,
  "spacing_z": 0.46880000829696655,
  "summary_bg_k": 2.9902337899542406,
  "summary_bg_mad": 14.256620407104492,
  "summary_bg_mean": 51.10736083984375,
  "summary_bg_median": 48.99220657348633,
  "summary_bg_n": 10467139.0,
  "summary_bg_p05": 29.459135627746583,
  "summary_bg_p95": 80.06702499389648,
  "summary_bg_stdv": 16.056861877441406,
  "summary_csf_k": -0.41768814506655616,
  "summary_csf_mad": 108.00588989257812,
  "summary_csf_mean": 382.2740478515625,
  "summary_csf_median": 374.9114990234375,
  "summary_csf_n": 147398.0,
  "summary_csf_p05": 226.9335990905762,
  "summary_csf_p95": 547.4291412353515,
  "summary_csf_stdv": 99.8238525390625,
  "summary_gm_k": 0.331613847030761,
  "summary_gm_mad": 51.917503356933594,
  "summary_gm_mean": 722.6376342773438,
  "summary_gm_median": 719.335693359375,
  "summary_gm_n": 239514.0,
  "summary_gm_p05": 640.0184448242187,
  "summary_gm_p95": 817.748257446289,
  "summary_gm_stdv": 54.10630416870117,
  "summary_wm_k": 0.3515559046401595,
  "summary_wm_mad": 46.378013610839844,
  "summary_wm_mean": 999.5018920898438,
  "summary_wm_median": 1000.0073852539062,
  "summary_wm_n": 1232684.0,
  "summary_wm_p05": 918.7917572021483,
  "summary_wm_p95": 1078.1537719726562,
  "summary_wm_stdv": 48.44260025024414,
  "tpm_overlap_csf": 0.19971561431884766,
  "tpm_overlap_gm": 0.49357831478118896,
  "tpm_overlap_wm": 0.5502331852912903,
  "wm2max": 0.44929256682274726
}