{
  "bids_meta": {
    "AcquisitionDuration": 238.55128,
    "Columns": 512,
    "EchoTime": 0.00281,
    "EchoTrainLength": 1,
    "EffectiveEchoSpacing": 0,
    "FieldOfView": [
      240.03,
      240.03,
      180
    ],
    "FlipAngle": 11,
    "GEImageTypeRIMPCode": 0,
    "ImageType": "ORIGINAL/PRIMARY/OTHER",
    "ImagingFrequency": 127.764996,
    "InplanePhaseEncodingDirection": "ROW",
    "InversionTime": 0.45,
    "MRAcquisitionType": "3D",
    "MagneticFieldStrength": 3,
    "Manufacturer": "GE MEDICAL SYSTEMS",
    "ManufacturersModelName": "DISCOVERY MR750",
    "NumberOfAverages": 1,
    "NumberOfEPIShots": 0,
    "NumberOfEchoes": 1,
    "NumberOfSlices": 180,
    "ParallelImagingReductionFactors": [
      0.571429,
      1
    ],
    "PercentPhaseFieldOfView": 100,
    "PhaseEncodingDirection": "i",
    "PixelBandwidth": 122.07,
    "PixelSpacing": [
      0.4688,
      0.4688
    ],
    "ReceiveCoilName": "8HRBRAIN",
    "RepetitionTime": 0.0064,
    "Rows": 512,
    "SATFatWaterBone": 0,
    "ScanOptions": [
      "FAST_GEMS",
      "EDR_GEMS",
      "FILTERED_GEMS",
      "ACC_GEMS"
    ],
    "ScanningSequence": "GR",
    "SequenceVariant": [
      "SS",
      "SK"
    ],
    "SeriesDate": "18740323",
    "SeriesDescription": "Sag3D_T1_1mm3",
    "SeriesNumber": 2,
    "SeriesTime": "175645",
    "SliceThickness": 1,
    "SpacingBetweenSlices": 1,
    "StudyTime": "175521",
    "modality": "T1w",
    "session_id": "2",
    "subject_id": "9032"
  },
  "cjv": 0.4595867595964297,
  "cnr": 2.974807246520045,
  "efc": 0.6500640180776207,
  "fber": 102.55167388916016,
  "fwhm_avg": 5.772722319367394,
  "fwhm_x": 3.57318,
  "fwhm_y": 7.1557805900783436,
  "fwhm_z": 6.589206368023838,
  "icvs_csf": 0.2076050221661433,
  "icvs_gm": 0.42649407511652493,
  "icvs_wm": 0.3659009027173318,
  "inu_med": 1.3616397380828857,
  "inu_range": 0.48262897729873644,
  "provenance": {
    "md5sum": "af6a7b879872bedd5ac21d67c4201e4d",
    "mriqc_pred": 0,
    "settings": {
      "testing": false
    },
    "software": "mriqc",
    "version": "0.9.6",
    "warnings": {
      "large_rot_frame": true,
      "small_air_mask": false
    }
  },
  "qi_1": 0.001001853634154959,
  "qi_2": 0.0002784021692751872,
  "rpve_csf": 28.92077936337762,
  "rpve_gm": 14.602323798097137,
  "rpve_wm": 19.269477892317116,
  "size_x": 180,
  "size_y": 512,
  "size_z": 512,
  "snr_csf": 3.633157503507742,
  "snr_gm": 13.65652244037468,
  "snr_total": 10.934396061206291,
  "snr_wm": 15.51350823973645,
  "snrd_csf": 11.153708978965785,
  "snrd_gm": 25.572512742594434,
  "snrd_total": 23.764335915052396,
  "snrd_wm": 34.566786023596954,
  "spacing_x": 1.0,
  "spacing_y": 0.46880000829696655,
  "spacing_z": 0.46880000829696655,
  "summary_bg_k": 15.502467934395273,
  "summary_bg_mad": 18.952919006347656,
  "summary_bg_mean": 64.9503173828125,
  "summary_bg_median": 61.652435302734375,
  "summary_bg_n": 8906860.0,
  "summary_bg_p05": 35.23761138916016,
  "summary_bg_p95": 104.59838104248047,
  "summary_bg_stdv": 23.684703826904297,
  "summary_csf_k": 0.5534833615711117,
  "summary_csf_mad": 81.19599914550781,
  "summary_csf_mean": 335.80230712890625,
  "summary_csf_median": 322.6737976074219,
  "summary_csf_n": 128795.0,
  "summary_csf_p05": 209.44698791503907,
  "summary_csf_p95": 502.99407653808584,
  "summary_csf_stdv": 88.8132553100586,
  "summary_gm_k": 0.034048238429094546,
  "summary_gm_mad": 53.775146484375,
  "summary_gm_mean": 740.6723022460938,
  "summary_gm_median": 739.805908203125,
  "summary_gm_n": 171434.0,
  "summary_gm_p05": 652.8884002685547,
  "summary_gm_p95": 831.1060974121094,
  "summary_gm_stdv": 54.17219161987305,
  "summary_wm_k": -0.04270863430516014,
  "summary_wm_mad": 65.8102035522461,
  "summary_wm_mean": 1001.4196166992188,
  "summary_wm_median": 1000.0078125,
  "summary_wm_n": 868300.0,
  "summary_wm_p05": 898.017333984375,
  "summary_wm_p95": 1109.2728393554687,
  "summary_wm_stdv": 64.46041870117188,
  "tpm_overlap_csf": 0.21026839315891266,
  "tpm_overlap_gm": 0.4792400300502777,
  "tpm_overlap_wm": 0.5480249524116516,
  "wm2max": 0.38810984817218275
}