{
  "bids_meta": {
    "AcquisitionDuration": 393.10272,
    "Columns": 512,
    "EchoTime": 0.12698,
    "EchoTrainLength": 140,
    "EffectiveEchoSpacing": 0,
    "FieldOfView": [
      240.03,
      240.03,
      87.6
    ],
    "FlipAngle": 90,
    "GEImageTypeRIMPCode": 0,
    "ImageType": "ORIGINAL/PRIMARY/OTHER",
    "ImagingFrequency": 127.765098,
    "InplanePhaseEncodingDirection": "ROW",
    "InversionTime": 1.862,
    "MRAcquisitionType": "3D",
    "MagneticFieldStrength": 3,
    "Manufacturer": "GE MEDICAL SYSTEMS",
    "ManufacturersModelName": "DISCOVERY MR750",
    "NumberOfAverages": 1,
    "NumberOfEPIShots": 1,
    "NumberOfEchoes": 1,
    "NumberOfSlices": 146,
    "ParallelImagingReductionFactors": [
      0.5,
      0.5
    ],
    "PercentPhaseFieldOfView": 100,
    "PhaseEncodingDirection": "i",
    "PixelBandwidth": 122.07,
    "PixelSpacing": [
      0.4688,
      0.4688
    ],
    "ReceiveCoilName": "8HRBRAIN",
    "RepetitionTime": 6,
    "Rows": 512,
    "SATFatWaterBone": 0,
    "ScanOptions": [
      "EDR_GEMS",
      "FILTERED_GEMS",
      "ACC_GEMS"
    ],
    "ScanningSequence": [
      "SE",
      "IR"
    ],
    "SequenceVariant": "SK",
    "SeriesDate": "18740406",
    "SeriesDescription": "Sag CUBE T2 flair",
    "SeriesNumber": 11,
    "SeriesTime": "210309",
    "SliceThickness": 1.2,
    "SpacingBetweenSlices": 0.600002,
    "StudyTime": "194825",
    "modality": "T2w",
    "session_id": "1",
    "subject_id": "9093"
  },
  "cjv": 0.5517889211401175,
  "cnr": 0.8828825368182089,
  "efc": 0.6169121800232642,
  "fber": 230.2498016357422,
  "fwhm_avg": 5.104768097037666,
  "fwhm_x": 4.639283148984784,
  "fwhm_y": 5.611838637881319,
  "fwhm_z": 5.063182504246894,
  "icvs_csf": 0.4177258223346077,
  "icvs_gm": 0.43189225631374306,
  "icvs_wm": 0.15038192135164927,
  "inu_med": 1.1250834465026855,
  "inu_range": 0.7679991900920868,
  "provenance": {
    "md5sum": "042ea9aa97b0e103529e46806f56e50c",
    "settings": {
      "testing": false
    },
    "software": "mriqc",
    "version": "0.9.6",
    "warnings": {
      "large_rot_frame": true,
      "small_air_mask": false
    }
  },
  "qi_1": 0.0,
  "qi_2": 0.0005909921839514349,
  "rpve_csf": 16.031184177738975,
  "rpve_gm": 14.580220619556117,
  "rpve_wm": 40.334436670810135,
  "size_x": 292,
  "size_y": 512,
  "size_z": 512,
  "snr_csf": 14.071940173161186,
  "snr_gm": 14.368895489712932,
  "snr_total": 9.841082566633863,
  "snr_wm": 1.0824120370274715,
  "snrd_csf": 42.46966950846273,
  "snrd_gm": 33.8289183745521,
  "snrd_total": 31.61361450241779,
  "snrd_wm": 18.54225562423854,
  "spacing_x": 0.6000000238418579,
  "spacing_y": 0.46880000829696655,
  "spacing_z": 0.46880000829696655,
  "summary_bg_k": 10.32187556576778,
  "summary_bg_mad": 35.318946838378906,
  "summary_bg_mean": 94.63038635253906,
  "summary_bg_median": 85.17704010009766,
  "summary_bg_n": 16903430.0,
  "summary_bg_p05": 39.854877090454096,
  "summary_bg_p95": 181.28646163940428,
  "summary_bg_stdv": 48.12928771972656,
  "summary_csf_k": 0.2005701528324071,
  "summary_csf_mad": 160.51919555664062,
  "summary_csf_mean": 2300.86279296875,
  "summary_csf_median": 2289.5751953125,
  "summary_csf_n": 615002.0,
  "summary_csf_p05": 2054.39267578125,
  "summary_csf_p95": 2585.505419921875,
  "summary_csf_stdv": 162.7048797607422,
  "summary_gm_k": -0.037470633451512025,
  "summary_gm_mad": 127.68658447265625,
  "summary_gm_mean": 1825.0286865234375,
  "summary_gm_median": 1823.7451171875,
  "summary_gm_n": 269809.0,
  "summary_gm_p05": 1618.7583251953124,
  "summary_gm_p95": 2036.0777099609375,
  "summary_gm_stdv": 126.92288970947266,
  "summary_wm_k": 8.796233797764026,
  "summary_wm_mad": 327.0518798828125,
  "summary_wm_mean": 1201.1104736328125,
  "summary_wm_median": 999.62841796875,
  "summary_wm_n": 141726.0,
  "summary_wm_p05": 395.90415954589844,
  "summary_wm_p95": 3443.4083251953125,
  "summary_wm_stdv": 923.5160522460938,
  "tpm_overlap_csf": 0.08234652131795883,
  "tpm_overlap_gm": 0.3154332637786865,
  "tpm_overlap_wm": 0.09611419588327408,
  "wm2max": 0.18028757879974514
}