{
  "aor": 0.0025346875,
  "aqi": 0.005195946302083333,
  "bids_meta": {
    "AcquisitionDuration": 525.000256,
    "CogAtlasID": "trm_4c8a834779883",
    "Columns": 128,
    "EchoTime": 0.03,
    "EchoTrainLength": 1,
    "EffectiveEchoSpacing": 0.000464,
    "FieldOfView": [
      288,
      288,
      147
    ],
    "FlipAngle": 75,
    "GEImageTypeRIMPCode": 0,
    "ImageType": "ORIGINAL/PRIMARY/EPI/NONE",
    "ImagingFrequency": 127.765198,
    "InplanePhaseEncodingDirection": "COL",
    "InversionTime": 0,
    "MRAcquisitionType": "2D",
    "MagneticFieldStrength": 3,
    "Manufacturer": "GE MEDICAL SYSTEMS",
    "ManufacturersModelName": "DISCOVERY MR750",
    "NumberOfAverages": 1,
    "NumberOfEPIShots": 1,
    "NumberOfEchoes": 1,
    "NumberOfSlices": 49,
    "ParallelImagingReductionFactors": [
      0.5,
      1
    ],
    "PercentPhaseFieldOfView": 100,
    "PhaseEncodingDirection": "j",
    "PixelBandwidth": 3906.25,
    "PixelSpacing": [
      2.25,
      2.25
    ],
    "ReceiveCoilName": "8HRBRAIN",
    "RepetitionTime": 2.5,
    "Rows": 128,
    "SATFatWaterBone": 0,
    "ScanOptions": [
      "EPI_GEMS",
      "FILTERED_GEMS",
      "ACC_GEMS"
    ],
    "ScanningSequence": [
      "EP",
      "GR"
    ],
    "SequenceVariant": "SS",
    "SeriesDate": "18730330",
    "SeriesDescription": "RSN_BWRT_200vol_3mm",
    "SeriesNumber": 4,
    "SeriesTime": "194054",
    "SliceThickness": 3,
    "SliceTiming": [
      0,
      1.27551,
      0.05102,
      1.32653,
      0.10204,
      1.37755,
      0.15306,
      1.42857,
      0.20408,
      1.47959,
      0.2551,
      1.53061,
      0.30612,
      1.58163,
      0.35714,
      1.63265,
      0.40816,
      1.68367,
      0.45918,
      1.73469,
      0.5102,
      1.78571,
      0.56122,
      1.83673,
      0.61224,
      1.88776,
      0.66327,
      1.93878,
      0.71429,
      1.9898,
      0.76531,
      2.04082,
      0.81633,
      2.09184,
      0.86735,
      2.14286,
      0.91837,
      2.19388,
      0.96939,
      2.2449,
      1.02041,
      2.29592,
      1.07143,
      2.34694,
      1.12245,
      2.39796,
      1.17347,
      2.44898,
      1.22449
    ],
    "SliceTimingComputationMethod": "SliceNumber*RepetitionTime/NumberOfSlices (interleaved ascending, odd first)",
    "SpacingBetweenSlices": 3,
    "StudyTime": "193338",
    "TaskDescription": "Functional connectivity in the resting state was assessed during two eight-minute runs.",
    "TaskInstructions": "Participants were instructed to keep their eyes open and look at a white fixation cross presented against a gray background.",
    "TaskName": "Resting State",
    "dummyScans": 10,
    "modality": "bold",
    "session_id": "1",
    "subject_id": "9012",
    "task_id": "rest"
  },
  "dummy_trs": 0,
  "dvars_nstd": 19.238977492094236,
  "dvars_std": 1.09412053078534,
  "dvars_vstd": 0.9845728214659683,
  "efc": 0.3404625107212965,
  "fber": 13660847.0,
  "fd_mean": 0.11896778455675593,
  "fd_num": 27,
  "fd_perc": 14.0625,
  "fwhm_avg": 3.2126492592592597,
  "fwhm_x": 3.276604444444444,
  "fwhm_y": 3.7773333333333334,
  "fwhm_z": 2.58401,
  "gcor": 0.0360235,
  "gsr_x": -0.018663860857486725,
  "gsr_y": 0.010554536245763302,
  "provenance": {
    "md5sum": "2df735c89eb26875751a7f057c797247",
    "settings": {
      "fd_thres": 0.2,
      "hmc_fsl": false
    },
    "software": "mriqc",
    "version": "0.9.6"
  },
  "size_t": 192,
  "size_x": 128,
  "size_y": 128,
  "size_z": 49,
  "snr": 4.302529634521929,
  "spacing_tr": 2.5,
  "spacing_x": 2.25,
  "spacing_y": 2.25,
  "spacing_z": 3.0,
  "summary_bg_k": 98.85854252542079,
  "summary_bg_mad": 2.1312408447265625,
  "summary_bg_mean": 78.66841888427734,
  "summary_bg_median": 1.4375,
  "summary_bg_n": 618378.0,
  "summary_bg_p05": 0.0,
  "summary_bg_p95": 403.4747512817384,
  "summary_bg_stdv": 288.6116943359375,
  "summary_fg_k": 0.8136943872077995,
  "summary_fg_mad": 1095.8515625,
  "summary_fg_mean": 5239.59521484375,
  "summary_fg_median": 5191.453125,
  "summary_fg_n": 95167.0,
  "summary_fg_p05": 3318.5787841796873,
  "summary_fg_p95": 7296.83095703125,
  "summary_fg_stdv": 1206.5985107421875,
  "tsnr": 60.50858688354492
}