{
  "bids_meta": {
    "AcquisitionDuration": 238.444688,
    "Columns": 512,
    "EchoTime": 0.00281,
    "EchoTrainLength": 1,
    "EffectiveEchoSpacing": 0,
    "FieldOfView": [
      240.03,
      240.03,
      180
    ],
    "FlipAngle": 11,
    "GEImageTypeRIMPCode": 0,
    "ImageType": "ORIGINAL/PRIMARY/OTHER",
    "ImagingFrequency": 127.765216,
    "InplanePhaseEncodingDirection": "ROW",
    "InversionTime": 0.45,
    "MRAcquisitionType": "3D",
    "MagneticFieldStrength": 3,
    "Manufacturer": "GE MEDICAL SYSTEMS",
    "ManufacturersModelName": "DISCOVERY MR750",
    "NumberOfAverages": 1,
    "NumberOfEPIShots": 0,
    "NumberOfEchoes": 1,
    "NumberOfSlices": 180,
    "ParallelImagingReductionFactors": [
      0.571429,
      1
    ],
    "PercentPhaseFieldOfView": 100,
    "PhaseEncodingDirection": "i",
    "PixelBandwidth": 122.07,
    "PixelSpacing": [
      0.4688,
      0.4688
    ],
    "ReceiveCoilName": "8HRBRAIN",
    "RepetitionTime": 0.0064,
    "Rows": 512,
    "SATFatWaterBone": 0,
    "ScanOptions": [
      "FAST_GEMS",
      "EDR_GEMS",
      "FILTERED_GEMS",
      "ACC_GEMS"
    ],
    "ScanningSequence": "GR",
    "SequenceVariant": [
      "SS",
      "SK"
    ],
    "SeriesDate": "18730209",
    "SeriesDescription": "Sag3D_T1_1mm3",
    "SeriesNumber": 2,
    "SeriesTime": "202446",
    "SliceThickness": 1,
    "SpacingBetweenSlices": 1,
    "StudyTime": "202226",
    "modality": "T1w",
    "session_id": "1",
    "subject_id": "9073"
  },
  "cjv": 0.4053085132031063,
  "cnr": 3.361589287665158,
  "efc": 0.6821099826634949,
  "fber": 118.4942398071289,
  "fwhm_avg": 5.783839236728717,
  "fwhm_x": 3.67607,
  "fwhm_y": 7.060238782895552,
  "fwhm_z": 6.615208927290599,
  "icvs_csf": 0.1863673473832976,
  "icvs_gm": 0.4406690678844845,
  "icvs_wm": 0.3729635847322179,
  "inu_med": 1.2539491653442383,
  "inu_range": 0.5204939842224121,
  "provenance": {
    "md5sum": "4589595d554d0389539f3fbf3fd199d3",
    "mriqc_pred": 0,
    "settings": {
      "testing": false
    },
    "software": "mriqc",
    "version": "0.9.6",
    "warnings": {
      "large_rot_frame": true,
      "small_air_mask": false
    }
  },
  "qi_1": 0.0,
  "qi_2": 0.0002674662214431403,
  "rpve_csf": 23.38147471389534,
  "rpve_gm": 11.057687365277905,
  "rpve_wm": 15.10885434917764,
  "size_x": 180,
  "size_y": 512,
  "size_z": 512,
  "snr_csf": 3.0136124407967175,
  "snr_gm": 12.764376725419492,
  "snr_total": 10.416453409378407,
  "snr_wm": 15.471371061919012,
  "snrd_csf": 10.912278703547676,
  "snrd_gm": 25.215742830669782,
  "snrd_total": 23.950992496585382,
  "snrd_wm": 35.72495595553868,
  "spacing_x": 1.0,
  "spacing_y": 0.46880000829696655,
  "spacing_z": 0.46880000829696655,
  "summary_bg_k": 1.7897035091257525,
  "summary_bg_mad": 18.338546752929688,
  "summary_bg_mean": 58.46485900878906,
  "summary_bg_median": 55.619598388671875,
  "summary_bg_n": 8974834.0,
  "summary_bg_p05": 30.69042081832886,
  "summary_bg_p95": 95.97927665710448,
  "summary_bg_stdv": 20.552337646484375,
  "summary_csf_k": -0.24551481492531435,
  "summary_csf_mad": 103.75899505615234,
  "summary_csf_mean": 316.6504821777344,
  "summary_csf_median": 305.45599365234375,
  "summary_csf_n": 98791.0,
  "summary_csf_p05": 166.43791961669922,
  "summary_csf_p95": 495.5257568359375,
  "summary_csf_stdv": 101.35823822021484,
  "summary_gm_k": 0.07065128726873127,
  "summary_gm_mad": 54.64322280883789,
  "summary_gm_mean": 706.1505737304688,
  "summary_gm_median": 705.837890625,
  "summary_gm_n": 240886.0,
  "summary_gm_p05": 615.6534423828125,
  "summary_gm_p95": 797.8312072753906,
  "summary_gm_stdv": 55.297367095947266,
  "summary_wm_k": 0.3049085192361458,
  "summary_wm_mad": 64.58776092529297,
  "summary_wm_mean": 1000.3428344726562,
  "summary_wm_median": 1000.0112915039062,
  "summary_wm_n": 1184981.0,
  "summary_wm_p05": 895.62744140625,
  "summary_wm_p95": 1106.2777099609375,
  "summary_wm_stdv": 64.63621520996094,
  "tpm_overlap_csf": 0.2036961168050766,
  "tpm_overlap_gm": 0.4986457824707031,
  "tpm_overlap_wm": 0.5354266166687012,
  "wm2max": 0.4520786271392726
}