{
  "aor": 0.0023295833333333332,
  "aqi": 0.004340685104166666,
  "bids_meta": {
    "AcquisitionDuration": 525.000256,
    "CogAtlasID": "trm_4c8a834779883",
    "Columns": 128,
    "EchoTime": 0.03,
    "EchoTrainLength": 1,
    "EffectiveEchoSpacing": 0.000464,
    "FieldOfView": [
      288,
      288,
      147
    ],
    "FlipAngle": 75,
    "GEImageTypeRIMPCode": 0,
    "ImageType": "ORIGINAL/PRIMARY/EPI/NONE",
    "ImagingFrequency": 127.765125,
    "InplanePhaseEncodingDirection": "COL",
    "InversionTime": 0,
    "MRAcquisitionType": "2D",
    "MagneticFieldStrength": 3,
    "Manufacturer": "GE MEDICAL SYSTEMS",
    "ManufacturersModelName": "DISCOVERY MR750",
    "NumberOfAverages": 1,
    "NumberOfEPIShots": 1,
    "NumberOfEchoes": 1,
    "NumberOfSlices": 49,
    "ParallelImagingReductionFactors": [
      0.5,
      1
    ],
    "PercentPhaseFieldOfView": 100,
    "PhaseEncodingDirection": "j",
    "PixelBandwidth": 3906.25,
    "PixelSpacing": [
      2.25,
      2.25
    ],
    "ReceiveCoilName": "8HRBRAIN",
    "RepetitionTime": 2.5,
    "Rows": 128,
    "SATFatWaterBone": 0,
    "ScanOptions": [
      "EPI_GEMS",
      "FILTERED_GEMS",
      "ACC_GEMS"
    ],
    "ScanningSequence": [
      "EP",
      "GR"
    ],
    "SequenceVariant": "SS",
    "SeriesDate": "18740223",
    "SeriesDescription": "RSN_BWRT_200vol_3mm",
    "SeriesNumber": 4,
    "SeriesTime": "183433",
    "SliceThickness": 3,
    "SliceTiming": [
      0,
      1.27551,
      0.05102,
      1.32653,
      0.10204,
      1.37755,
      0.15306,
      1.42857,
      0.20408,
      1.47959,
      0.2551,
      1.53061,
      0.30612,
      1.58163,
      0.35714,
      1.63265,
      0.40816,
      1.68367,
      0.45918,
      1.73469,
      0.5102,
      1.78571,
      0.56122,
      1.83673,
      0.61224,
      1.88776,
      0.66327,
      1.93878,
      0.71429,
      1.9898,
      0.76531,
      2.04082,
      0.81633,
      2.09184,
      0.86735,
      2.14286,
      0.91837,
      2.19388,
      0.96939,
      2.2449,
      1.02041,
      2.29592,
      1.07143,
      2.34694,
      1.12245,
      2.39796,
      1.17347,
      2.44898,
      1.22449
    ],
    "SliceTimingComputationMethod": "SliceNumber*RepetitionTime/NumberOfSlices (interleaved ascending, odd first)",
    "SpacingBetweenSlices": 3,
    "StudyTime": "182604",
    "TaskDescription": "Functional connectivity in the resting state was assessed during two eight-minute runs.",
    "TaskInstructions": "Participants were instructed to keep their eyes open and look at a white fixation cross presented against a gray background.",
    "TaskName": "Resting State",
    "dummyScans": 10,
    "modality": "bold",
    "session_id": "1",
    "subject_id": "9026",
    "task_id": "rest"
  },
  "dummy_trs": 0,
  "dvars_nstd": 17.062755345183252,
  "dvars_std": 1.1455289182198949,
  "dvars_vstd": 0.9729875652879575,
  "efc": 0.3246790083255556,
  "fber": 29092524.0,
  "fd_mean": 0.06287508990893738,
  "fd_num": 5,
  "fd_perc": 2.6041666666666665,
  "fwhm_avg": 3.2677870370370368,
  "fwhm_x": 3.334964444444444,
  "fwhm_y": 3.8347999999999995,
  "fwhm_z": 2.6335966666666666,
  "gcor": 0.022768,
  "gsr_x": -0.016157591715455055,
  "gsr_y": 0.0030080019496381283,
  "provenance": {
    "md5sum": "3c63f97f39959ac9575d3dbacfd1b3cd",
    "settings": {
      "fd_thres": 0.2,
      "hmc_fsl": false
    },
    "software": "mriqc",
    "version": "0.9.6"
  },
  "size_t": 192,
  "size_x": 128,
  "size_y": 128,
  "size_z": 49,
  "snr": 4.675570671152658,
  "spacing_tr": 2.5,
  "spacing_x": 2.25,
  "spacing_y": 2.25,
  "spacing_z": 3.0,
  "summary_bg_k": 74.38033293205234,
  "summary_bg_mad": 1.467158555984497,
  "summary_bg_mean": 64.10470581054688,
  "summary_bg_median": 0.9895833730697632,
  "summary_bg_n": 628310.0,
  "summary_bg_p05": 0.0,
  "summary_bg_p95": 302.0966201782223,
  "summary_bg_stdv": 230.54327392578125,
  "summary_fg_k": 1.4329701960368997,
  "summary_fg_mad": 906.0321044921875,
  "summary_fg_mean": 5063.11328125,
  "summary_fg_median": 5053.1513671875,
  "summary_fg_n": 87319.0,
  "summary_fg_p05": 3221.072485351563,
  "summary_fg_p95": 6798.984912109375,
  "summary_fg_stdv": 1080.7498779296875,
  "tsnr": 78.86882781982422
}