{
  "aor": 0.00416235632183908,
  "aqi": 0.007807188620689656,
  "bids_meta": {
    "AcquisitionDuration": 723.000256,
    "Columns": 128,
    "EchoTime": 0.034,
    "EchoTrainLength": 1,
    "EffectiveEchoSpacing": 0.00056,
    "FieldOfView": [
      220.01,
      220.01,
      110.4
    ],
    "FlipAngle": 80,
    "GEImageTypeRIMPCode": 0,
    "ImageType": "ORIGINAL/PRIMARY/EPI/NONE",
    "ImagingFrequency": 127.765156,
    "InplanePhaseEncodingDirection": "COL",
    "InversionTime": 0,
    "MRAcquisitionType": "2D",
    "MagneticFieldStrength": 3,
    "Manufacturer": "GE MEDICAL SYSTEMS",
    "ManufacturersModelName": "DISCOVERY MR750",
    "NumberOfAverages": 1,
    "NumberOfEPIShots": 1,
    "NumberOfEchoes": 1,
    "NumberOfSlices": 46,
    "ParallelImagingReductionFactors": [
      0.5,
      1
    ],
    "PercentPhaseFieldOfView": 100,
    "PhaseEncodingDirection": "j",
    "PixelBandwidth": 3906.25,
    "PixelSpacing": [
      1.7188,
      1.7188
    ],
    "ReceiveCoilName": "8HRBRAIN",
    "RepetitionTime": 3,
    "Rows": 128,
    "SATFatWaterBone": 1,
    "ScanOptions": [
      "SAT_GEMS",
      "EPI_GEMS",
      "ACC_GEMS",
      "FS"
    ],
    "ScanningSequence": [
      "EP",
      "GR"
    ],
    "SequenceVariant": "SS",
    "SeriesDate": "18740122",
    "SeriesDescription": "fMRI-hands",
    "SeriesNumber": 7,
    "SeriesTime": "204300",
    "SliceThickness": 2.3,
    "SliceTiming": [
      0,
      1.5,
      0.06522,
      1.56522,
      0.13043,
      1.63043,
      0.19565,
      1.69565,
      0.26087,
      1.76087,
      0.32609,
      1.82609,
      0.3913,
      1.8913,
      0.45652,
      1.95652,
      0.52174,
      2.02174,
      0.58696,
      2.08696,
      0.65217,
      2.15217,
      0.71739,
      2.21739,
      0.78261,
      2.28261,
      0.84783,
      2.34783,
      0.91304,
      2.41304,
      0.97826,
      2.47826,
      1.04348,
      2.54348,
      1.1087,
      2.6087,
      1.17391,
      2.67391,
      1.23913,
      2.73913,
      1.30435,
      2.80435,
      1.36957,
      2.86957,
      1.43478,
      2.93478
    ],
    "SliceTimingComputationMethod": "SliceNumber*RepetitionTime/NumberOfSlices (interleaved ascending, odd first)",
    "SpacingBetweenSlices": 2.4,
    "StudyTime": "201213",
    "TaskDescription": "In an event-related design, participants were shown pictures of hands being stung by needles or poked with Q-tips. The stimulus set was kindly shared by Claus Lamm, and has been shown to be effective in previous work by him. After each picture, participants were asked to rate their perceived unpleasantness on a visual analog scale of 0-100.",
    "TaskInstructions": "",
    "TaskName": "Hands",
    "dummyScans": 5,
    "modality": "bold",
    "session_id": "1",
    "subject_id": "9081",
    "task_id": "hands"
  },
  "dummy_trs": 0,
  "dvars_nstd": 35.48165918913297,
  "dvars_std": 1.0753013582080928,
  "dvars_vstd": 1.0987413643930637,
  "efc": 0.5276500420562241,
  "fber": 3093.794921875,
  "fd_mean": 0.06356283344004329,
  "fd_num": 13,
  "fd_perc": 7.471264367816092,
  "fwhm_avg": 3.060529266917149,
  "fwhm_x": 3.1895974887426353,
  "fwhm_y": 3.499796474032134,
  "fwhm_z": 2.4921938379766795,
  "gcor": 0.00869467,
  "gsr_x": 0.022129077464342117,
  "gsr_y": 0.019866393879055977,
  "provenance": {
    "md5sum": "64f9b54225914b89fce37392862fbd32",
    "settings": {
      "fd_thres": 0.2,
      "hmc_fsl": false
    },
    "software": "mriqc",
    "version": "0.9.6"
  },
  "size_t": 174,
  "size_x": 128,
  "size_y": 128,
  "size_z": 46,
  "snr": 3.470762542463883,
  "spacing_tr": 3.0,
  "spacing_x": 1.7187999486923218,
  "spacing_y": 1.7187999486923218,
  "spacing_z": 2.399993896484375,
  "summary_bg_k": 36.857097124967076,
  "summary_bg_mad": 90.03826141357422,
  "summary_bg_mean": 194.87326049804688,
  "summary_bg_median": 62.37356185913086,
  "summary_bg_n": 463744.0,
  "summary_bg_p05": 0.017241379246115685,
  "summary_bg_p95": 925.1706939697264,
  "summary_bg_stdv": 421.2013244628906,
  "summary_fg_k": 0.8777595990188041,
  "summary_fg_mad": 941.6062622070312,
  "summary_fg_mean": 3585.1455078125,
  "summary_fg_median": 3566.005615234375,
  "summary_fg_n": 190389.0,
  "summary_fg_p05": 1921.0930908203125,
  "summary_fg_p95": 5286.536914062502,
  "summary_fg_stdv": 1027.4388427734375,
  "tsnr": 36.20806884765625
}