{
  "bids_meta": {
    "AcquisitionDuration": 238.444688,
    "Columns": 512,
    "EchoTime": 0.00281,
    "EchoTrainLength": 1,
    "EffectiveEchoSpacing": 0,
    "FieldOfView": [
      240.03,
      240.03,
      180
    ],
    "FlipAngle": 11,
    "GEImageTypeRIMPCode": 0,
    "ImageType": "ORIGINAL/PRIMARY/OTHER",
    "ImagingFrequency": 127.765238,
    "InplanePhaseEncodingDirection": "ROW",
    "InversionTime": 0.45,
    "MRAcquisitionType": "3D",
    "MagneticFieldStrength": 3,
    "Manufacturer": "GE MEDICAL SYSTEMS",
    "ManufacturersModelName": "DISCOVERY MR750",
    "NumberOfAverages": 1,
    "NumberOfEPIShots": 0,
    "NumberOfEchoes": 1,
    "NumberOfSlices": 180,
    "ParallelImagingReductionFactors": [
      0.571429,
      1
    ],
    "PercentPhaseFieldOfView": 100,
    "PhaseEncodingDirection": "i",
    "PixelBandwidth": 122.07,
    "PixelSpacing": [
      0.4688,
      0.4688
    ],
    "ReceiveCoilName": "8HRBRAIN",
    "RepetitionTime": 0.0064,
    "Rows": 512,
    "SATFatWaterBone": 0,
    "ScanOptions": [
      "FAST_GEMS",
      "EDR_GEMS",
      "FILTERED_GEMS",
      "ACC_GEMS"
    ],
    "ScanningSequence": "GR",
    "SequenceVariant": [
      "SS",
      "SK"
    ],
    "SeriesDate": "18730304",
    "SeriesDescription": "Sag3D_T1_1mm3",
    "SeriesNumber": 2,
    "SeriesTime": "185215",
    "SliceThickness": 1,
    "SpacingBetweenSlices": 1,
    "StudyTime": "185038",
    "modality": "T1w",
    "session_id": "1",
    "subject_id": "9053"
  },
  "cjv": 0.3673291237523596,
  "cnr": 3.6525955345027854,
  "efc": 0.6438955715325848,
  "fber": 128.69683837890625,
  "fwhm_avg": 6.698469826549808,
  "fwhm_x": 4.19317,
  "fwhm_y": 8.278156850077664,
  "fwhm_z": 7.6240826295717605,
  "icvs_csf": 0.20839039746733562,
  "icvs_gm": 0.43321873665968397,
  "icvs_wm": 0.3583908658729804,
  "inu_med": 1.1400943994522095,
  "inu_range": 0.6013013422489166,
  "provenance": {
    "md5sum": "84a6bb75856d1302a241ffceb5e59ddf",
    "mriqc_pred": 0,
    "settings": {
      "testing": false
    },
    "software": "mriqc",
    "version": "0.9.6",
    "warnings": {
      "large_rot_frame": true,
      "small_air_mask": false
    }
  },
  "qi_1": 2.647516999706655e-06,
  "qi_2": 0.00032351611340596375,
  "rpve_csf": 23.32353576421987,
  "rpve_gm": 12.063349272841212,
  "rpve_wm": 16.92482998385687,
  "size_x": 180,
  "size_y": 512,
  "size_z": 512,
  "snr_csf": 3.390326119793524,
  "snr_gm": 13.311380940596544,
  "snr_total": 11.593303119123327,
  "snr_wm": 18.078202296979914,
  "snrd_csf": 13.986577402390544,
  "snrd_gm": 28.479234833308933,
  "snrd_total": 27.502657980914492,
  "snrd_wm": 40.042161707043995,
  "spacing_x": 1.0,
  "spacing_y": 0.46880000829696655,
  "spacing_z": 0.46880000829696655,
  "summary_bg_k": 2.043752327284886,
  "summary_bg_mad": 16.361312866210938,
  "summary_bg_mean": 54.1143913269043,
  "summary_bg_median": 51.55434036254883,
  "summary_bg_n": 8830701.0,
  "summary_bg_p05": 29.49236297607422,
  "summary_bg_p95": 87.56871795654297,
  "summary_bg_stdv": 18.322046279907227,
  "summary_csf_k": -0.6061518145336158,
  "summary_csf_mad": 117.12825012207031,
  "summary_csf_mean": 356.585693359375,
  "summary_csf_median": 349.2994384765625,
  "summary_csf_n": 139088.0,
  "summary_csf_p05": 201.92940139770508,
  "summary_csf_p95": 525.8683868408202,
  "summary_csf_stdv": 103.02790069580078,
  "summary_gm_k": 0.13304572177165408,
  "summary_gm_mad": 52.166080474853516,
  "summary_gm_mean": 713.8751831054688,
  "summary_gm_median": 711.2376708984375,
  "summary_gm_n": 238070.0,
  "summary_gm_p05": 630.4393707275391,
  "summary_gm_p95": 806.6015258789063,
  "summary_gm_stdv": 53.43068313598633,
  "summary_wm_k": 0.6552734251718517,
  "summary_wm_mad": 53.90807342529297,
  "summary_wm_mean": 999.8475952148438,
  "summary_wm_median": 1000.0090942382812,
  "summary_wm_n": 1080038.0,
  "summary_wm_p05": 908.4134887695313,
  "summary_wm_p95": 1089.6301269531248,
  "summary_wm_stdv": 55.315711975097656,
  "tpm_overlap_csf": 0.20246106386184692,
  "tpm_overlap_gm": 0.49064815044403076,
  "tpm_overlap_wm": 0.5351638793945312,
  "wm2max": 0.45072883282158616
}