{
  "aor": 0.0016714000000000002,
  "aqi": 0.0026380170000000003,
  "bids_meta": {
    "AcquisitionDuration": 525.000256,
    "CogAtlasID": "trm_4c8a834779883",
    "Columns": 128,
    "EchoTime": 0.03,
    "EchoTrainLength": 1,
    "EffectiveEchoSpacing": 0.000464,
    "FieldOfView": [
      288,
      288,
      147
    ],
    "FlipAngle": 75,
    "GEImageTypeRIMPCode": 0,
    "ImageType": "ORIGINAL/PRIMARY/EPI/NONE",
    "ImagingFrequency": 127.765231,
    "InplanePhaseEncodingDirection": "COL",
    "InversionTime": 0,
    "MRAcquisitionType": "2D",
    "MagneticFieldStrength": 3,
    "Manufacturer": "GE MEDICAL SYSTEMS",
    "ManufacturersModelName": "DISCOVERY MR750",
    "NumberOfAverages": 1,
    "NumberOfEPIShots": 1,
    "NumberOfEchoes": 1,
    "NumberOfSlices": 49,
    "ParallelImagingReductionFactors": [
      0.5,
      1
    ],
    "PercentPhaseFieldOfView": 100,
    "PhaseEncodingDirection": "j",
    "PixelBandwidth": 3906.25,
    "PixelSpacing": [
      2.25,
      2.25
    ],
    "ReceiveCoilName": "8HRBRAIN",
    "RepetitionTime": 2.5,
    "Rows": 128,
    "SATFatWaterBone": 0,
    "ScanOptions": [
      "EPI_GEMS",
      "FILTERED_GEMS",
      "ACC_GEMS"
    ],
    "ScanningSequence": [
      "EP",
      "GR"
    ],
    "SequenceVariant": "SS",
    "SeriesDate": "18730429",
    "SeriesDescription": "RSN_BWRT_200vol_3mm",
    "SeriesNumber": 4,
    "SeriesTime": "202226",
    "SliceThickness": 3,
    "SliceTiming": [
      0,
      1.27551,
      0.05102,
      1.32653,
      0.10204,
      1.37755,
      0.15306,
      1.42857,
      0.20408,
      1.47959,
      0.2551,
      1.53061,
      0.30612,
      1.58163,
      0.35714,
      1.63265,
      0.40816,
      1.68367,
      0.45918,
      1.73469,
      0.5102,
      1.78571,
      0.56122,
      1.83673,
      0.61224,
      1.88776,
      0.66327,
      1.93878,
      0.71429,
      1.9898,
      0.76531,
      2.04082,
      0.81633,
      2.09184,
      0.86735,
      2.14286,
      0.91837,
      2.19388,
      0.96939,
      2.2449,
      1.02041,
      2.29592,
      1.07143,
      2.34694,
      1.12245,
      2.39796,
      1.17347,
      2.44898,
      1.22449
    ],
    "SliceTimingComputationMethod": "SliceNumber*RepetitionTime/NumberOfSlices (interleaved ascending, odd first)",
    "SpacingBetweenSlices": 3,
    "StudyTime": "201431",
    "TaskDescription": "Functional connectivity in the resting state was assessed during two eight-minute runs.",
    "TaskInstructions": "Participants were instructed to keep their eyes open and look at a white fixation cross presented against a gray background.",
    "TaskName": "Resting State",
    "dummyScans": 10,
    "modality": "bold",
    "session_id": "2",
    "subject_id": "9082",
    "task_id": "rest"
  },
  "dummy_trs": 0,
  "dvars_nstd": 15.567085222663318,
  "dvars_std": 1.080547107085427,
  "dvars_vstd": 0.9894859401507531,
  "efc": 0.27795158343964854,
  "fber": 179671392.0,
  "fd_mean": 0.0997476918320488,
  "fd_num": 17,
  "fd_perc": 8.5,
  "fwhm_avg": 3.5087233333333336,
  "fwhm_x": 3.543128888888889,
  "fwhm_y": 4.1108311111111115,
  "fwhm_z": 2.8722100000000004,
  "gcor": 0.02793,
  "gsr_x": -0.01228140015155077,
  "gsr_y": 0.0027889299672096968,
  "provenance": {
    "md5sum": "ee9afd2c8f39c905f74e6bef0eaadef2",
    "settings": {
      "fd_thres": 0.2,
      "hmc_fsl": false
    },
    "software": "mriqc",
    "version": "0.9.6"
  },
  "size_t": 200,
  "size_x": 128,
  "size_y": 128,
  "size_z": 49,
  "snr": 4.220985295660795,
  "spacing_tr": 2.5,
  "spacing_x": 2.25,
  "spacing_y": 2.25,
  "spacing_z": 3.0,
  "summary_bg_k": 84.38300696158258,
  "summary_bg_mad": 0.6375189423561096,
  "summary_bg_mean": 46.66120147705078,
  "summary_bg_median": 0.429999977350235,
  "summary_bg_n": 652679.0,
  "summary_bg_p05": 0.0,
  "summary_bg_p95": 211.88049011230459,
  "summary_bg_stdv": 181.6927490234375,
  "summary_fg_k": 0.888345389092466,
  "summary_fg_mad": 991.845703125,
  "summary_fg_mean": 4951.5908203125,
  "summary_fg_median": 4987.71484375,
  "summary_fg_n": 66599.0,
  "summary_fg_p05": 2768.9110351562504,
  "summary_fg_p95": 6820.849853515625,
  "summary_fg_stdv": 1181.63818359375,
  "tsnr": 80.0040054321289
}