{
  "bids_meta": {
    "AcquisitionDuration": 238.55128,
    "Columns": 512,
    "EchoTime": 0.00281,
    "EchoTrainLength": 1,
    "EffectiveEchoSpacing": 0,
    "FieldOfView": [
      240.03,
      240.03,
      180
    ],
    "FlipAngle": 11,
    "GEImageTypeRIMPCode": 0,
    "ImageType": "ORIGINAL/PRIMARY/OTHER",
    "ImagingFrequency": 127.765112,
    "InplanePhaseEncodingDirection": "ROW",
    "InversionTime": 0.45,
    "MRAcquisitionType": "3D",
    "MagneticFieldStrength": 3,
    "Manufacturer": "GE MEDICAL SYSTEMS",
    "ManufacturersModelName": "DISCOVERY MR750",
    "NumberOfAverages": 1,
    "NumberOfEPIShots": 0,
    "NumberOfEchoes": 1,
    "NumberOfSlices": 180,
    "ParallelImagingReductionFactors": [
      0.571429,
      1
    ],
    "PercentPhaseFieldOfView": 100,
    "PhaseEncodingDirection": "i",
    "PixelBandwidth": 122.07,
    "PixelSpacing": [
      0.4688,
      0.4688
    ],
    "ReceiveCoilName": "8HRBRAIN",
    "RepetitionTime": 0.0064,
    "Rows": 512,
    "SATFatWaterBone": 0,
    "ScanOptions": [
      "FAST_GEMS",
      "EDR_GEMS",
      "FILTERED_GEMS",
      "ACC_GEMS"
    ],
    "ScanningSequence": "GR",
    "SequenceVariant": [
      "SS",
      "SK"
    ],
    "SeriesDate": "18740507",
    "SeriesDescription": "Sag3D_T1_1mm3",
    "SeriesNumber": 2,
    "SeriesTime": "193929",
    "SliceThickness": 1,
    "SpacingBetweenSlices": 1,
    "StudyTime": "193744",
    "modality": "T1w",
    "session_id": "2",
    "subject_id": "9089"
  },
  "cjv": 0.4234406500033829,
  "cnr": 3.2367795000457797,
  "efc": 0.6665848467923844,
  "fber": 145.3460693359375,
  "fwhm_avg": 6.034907037590298,
  "fwhm_x": 3.84252,
  "fwhm_y": 7.271480246733727,
  "fwhm_z": 6.990720866037164,
  "icvs_csf": 0.2115379050543517,
  "icvs_gm": 0.3883828833467744,
  "icvs_wm": 0.4000792115988739,
  "inu_med": 1.3741402626037598,
  "inu_range": 0.43813431859016405,
  "provenance": {
    "md5sum": "78b075adaeda3dfc94847a2c8ff498e7",
    "mriqc_pred": 0,
    "settings": {
      "testing": false
    },
    "software": "mriqc",
    "version": "0.9.6",
    "warnings": {
      "large_rot_frame": true,
      "small_air_mask": false
    }
  },
  "qi_1": 0.0,
  "qi_2": 0.00029809499857379125,
  "rpve_csf": 22.071664533568917,
  "rpve_gm": 12.194490271751253,
  "rpve_wm": 14.388395644522035,
  "size_x": 180,
  "size_y": 512,
  "size_z": 512,
  "snr_csf": 3.629027024692289,
  "snr_gm": 13.773924698470845,
  "snr_total": 11.805454388461081,
  "snr_wm": 18.01341144222011,
  "snrd_csf": 14.978380622207082,
  "snrd_gm": 30.589134499982684,
  "snrd_total": 28.931007247105637,
  "snrd_wm": 41.22550661912714,
  "spacing_x": 1.0,
  "spacing_y": 0.46880000829696655,
  "spacing_z": 0.46880000829696655,
  "summary_bg_k": 6.798618295522161,
  "summary_bg_mad": 15.891642570495605,
  "summary_bg_mean": 54.73853302001953,
  "summary_bg_median": 51.92993927001953,
  "summary_bg_n": 9028862.0,
  "summary_bg_p05": 29.92590885162354,
  "summary_bg_p95": 89.01014366149897,
  "summary_bg_stdv": 19.23545265197754,
  "summary_csf_k": 14.203198932167325,
  "summary_csf_mad": 98.73322296142578,
  "summary_csf_mean": 378.00042724609375,
  "summary_csf_median": 363.33056640625,
  "summary_csf_n": 180017.0,
  "summary_csf_p05": 241.1689910888672,
  "summary_csf_p95": 544.0069213867187,
  "summary_csf_stdv": 100.11762237548828,
  "summary_gm_k": 0.20280693117888493,
  "summary_gm_mad": 52.6734619140625,
  "summary_gm_mean": 742.7933349609375,
  "summary_gm_median": 742.0006103515625,
  "summary_gm_n": 144965.0,
  "summary_gm_p05": 655.7492309570313,
  "summary_gm_p95": 832.6549072265624,
  "summary_gm_stdv": 53.8697624206543,
  "summary_wm_k": -0.10433114792736076,
  "summary_wm_mad": 56.57696533203125,
  "summary_wm_mean": 1000.7298583984375,
  "summary_wm_median": 1000.007080078125,
  "summary_wm_n": 1287180.0,
  "summary_wm_p05": 911.1967529296875,
  "summary_wm_p95": 1093.4145568847657,
  "summary_wm_stdv": 55.514564514160156,
  "tpm_overlap_csf": 0.20707160234451294,
  "tpm_overlap_gm": 0.4507421851158142,
  "tpm_overlap_wm": 0.5358859896659851,
  "wm2max": 0.3908103457426488
}