{
  "bids_meta": {
    "AcquisitionDuration": 393.10976,
    "Columns": 512,
    "EchoTime": 0.12788,
    "EchoTrainLength": 140,
    "EffectiveEchoSpacing": 0,
    "FieldOfView": [
      240.03,
      240.03,
      87.6
    ],
    "FlipAngle": 90,
    "GEImageTypeRIMPCode": 0,
    "ImageType": "ORIGINAL/PRIMARY/OTHER",
    "ImagingFrequency": 127.765207,
    "InplanePhaseEncodingDirection": "ROW",
    "InversionTime": 1.86,
    "MRAcquisitionType": "3D",
    "MagneticFieldStrength": 3,
    "Manufacturer": "GE MEDICAL SYSTEMS",
    "ManufacturersModelName": "DISCOVERY MR750",
    "NumberOfAverages": 1,
    "NumberOfEPIShots": 1,
    "NumberOfEchoes": 1,
    "NumberOfSlices": 146,
    "ParallelImagingReductionFactors": [
      0.5,
      0.5
    ],
    "PercentPhaseFieldOfView": 100,
    "PhaseEncodingDirection": "i",
    "PixelBandwidth": 122.07,
    "PixelSpacing": [
      0.4688,
      0.4688
    ],
    "ReceiveCoilName": "8HRBRAIN",
    "RepetitionTime": 6,
    "Rows": 512,
    "SATFatWaterBone": 0,
    "ScanOptions": [
      "EDR_GEMS",
      "FILTERED_GEMS",
      "ACC_GEMS"
    ],
    "ScanningSequence": [
      "SE",
      "IR"
    ],
    "SequenceVariant": "SK",
    "SeriesDate": "18730115",
    "SeriesDescription": "Sag CUBE T2 flair",
    "SeriesNumber": 11,
    "SeriesTime": "200753",
    "SliceThickness": 1.2,
    "SpacingBetweenSlices": 0.600002,
    "StudyTime": "184215",
    "modality": "T2w",
    "session_id": "1",
    "subject_id": "9017"
  },
  "cjv": 0.5118801663589737,
  "cnr": 1.6317906919455023,
  "efc": 0.6374863767666983,
  "fber": 317.4081726074219,
  "fwhm_avg": 5.407805159428442,
  "fwhm_x": 4.759699810866523,
  "fwhm_y": 5.965187607736856,
  "fwhm_z": 5.498528059681947,
  "icvs_csf": 0.450017275115656,
  "icvs_gm": 0.4175088657107833,
  "icvs_wm": 0.13247385917356075,
  "inu_med": 1.0918598175048828,
  "inu_range": 0.6991308331489559,
  "provenance": {
    "md5sum": "1ed20ebd6891691aa24a10b903369315",
    "settings": {
      "testing": false
    },
    "software": "mriqc",
    "version": "0.9.6",
    "warnings": {
      "large_rot_frame": true,
      "small_air_mask": false
    }
  },
  "qi_1": 0.0,
  "qi_2": 0.0006838448300620035,
  "rpve_csf": 13.18768417078569,
  "rpve_gm": 13.094653735802792,
  "rpve_wm": 36.787860802893675,
  "size_x": 292,
  "size_y": 512,
  "size_z": 512,
  "snr_csf": 15.05937381145713,
  "snr_gm": 15.731346974785273,
  "snr_total": 11.342313005947128,
  "snr_wm": 3.2362182315989823,
  "snrd_csf": 57.425775107677204,
  "snrd_gm": 47.24982533865726,
  "snrd_total": 45.18143349051434,
  "snrd_wm": 30.868700025208565,
  "spacing_x": 0.6000000238418579,
  "spacing_y": 0.46880000829696655,
  "spacing_z": 0.46880000829696655,
  "summary_bg_k": 31.46909665855481,
  "summary_bg_mad": 21.21612548828125,
  "summary_bg_mean": 66.55680847167969,
  "summary_bg_median": 61.59741973876953,
  "summary_bg_n": 16941439.0,
  "summary_bg_p05": 33.303820037841795,
  "summary_bg_p95": 115.83057174682615,
  "summary_bg_stdv": 28.463563919067383,
  "summary_csf_k": 0.4346616440588953,
  "summary_csf_mad": 119.87269592285156,
  "summary_csf_mean": 1867.9246826171875,
  "summary_csf_median": 1859.69287109375,
  "summary_csf_n": 1290336.0,
  "summary_csf_p05": 1680.3390197753906,
  "summary_csf_p95": 2084.1871337890625,
  "summary_csf_stdv": 123.49066925048828,
  "summary_gm_k": -0.19113266092636172,
  "summary_gm_mad": 100.30043029785156,
  "summary_gm_mean": 1531.8482666015625,
  "summary_gm_median": 1530.1519775390625,
  "summary_gm_n": 563985.0,
  "summary_gm_p05": 1375.258740234375,
  "summary_gm_p95": 1694.2347412109373,
  "summary_gm_stdv": 97.26761627197266,
  "summary_wm_k": 17.744881224852744,
  "summary_wm_mad": 171.2474365234375,
  "summary_wm_mean": 944.2030639648438,
  "summary_wm_median": 999.660888671875,
  "summary_wm_n": 144183.0,
  "summary_wm_p05": 323.2728210449219,
  "summary_wm_p95": 1213.9629028320312,
  "summary_wm_stdv": 308.89678955078125,
  "tpm_overlap_csf": 0.106421560049057,
  "tpm_overlap_gm": 0.28589293360710144,
  "tpm_overlap_wm": 0.13796894252300262,
  "wm2max": 0.225870972640991
}