{
  "bids_meta": {
    "AcquisitionDuration": 393.103968,
    "Columns": 512,
    "EchoTime": 0.1272,
    "EchoTrainLength": 140,
    "EffectiveEchoSpacing": 0,
    "FieldOfView": [
      240.03,
      240.03,
      87.6
    ],
    "FlipAngle": 90,
    "GEImageTypeRIMPCode": 0,
    "ImageType": "ORIGINAL/PRIMARY/OTHER",
    "ImagingFrequency": 127.765183,
    "InplanePhaseEncodingDirection": "ROW",
    "InversionTime": 1.861,
    "MRAcquisitionType": "3D",
    "MagneticFieldStrength": 3,
    "Manufacturer": "GE MEDICAL SYSTEMS",
    "ManufacturersModelName": "DISCOVERY MR750",
    "NumberOfAverages": 1,
    "NumberOfEPIShots": 1,
    "NumberOfEchoes": 1,
    "NumberOfSlices": 146,
    "ParallelImagingReductionFactors": [
      0.5,
      0.5
    ],
    "PercentPhaseFieldOfView": 100,
    "PhaseEncodingDirection": "i",
    "PixelBandwidth": 122.07,
    "PixelSpacing": [
      0.4688,
      0.4688
    ],
    "ReceiveCoilName": "8HRBRAIN",
    "RepetitionTime": 6,
    "Rows": 512,
    "SATFatWaterBone": 0,
    "ScanOptions": [
      "EDR_GEMS",
      "FILTERED_GEMS",
      "ACC_GEMS"
    ],
    "ScanningSequence": [
      "SE",
      "IR"
    ],
    "SequenceVariant": "SK",
    "SeriesDate": "18731114",
    "SeriesDescription": "Sag CUBE T2 flair",
    "SeriesNumber": 4,
    "SeriesTime": "200653",
    "SliceThickness": 1.2,
    "SpacingBetweenSlices": 0.600002,
    "StudyTime": "195313",
    "modality": "T2w",
    "session_id": "1",
    "subject_id": "9056"
  },
  "cjv": 0.7566919366141933,
  "cnr": 1.471168070241312,
  "efc": 0.6084318034337517,
  "fber": 474.17919921875,
  "fwhm_avg": 5.20972086385238,
  "fwhm_x": 4.5882498176793325,
  "fwhm_y": 5.758510990234273,
  "fwhm_z": 5.282401783643534,
  "icvs_csf": 0.4639454103707225,
  "icvs_gm": 0.41485729420207956,
  "icvs_wm": 0.12119729542719793,
  "inu_med": 1.0699564218521118,
  "inu_range": 0.6979801893234252,
  "provenance": {
    "md5sum": "a684ea2c536762997fd6369ae533eff6",
    "settings": {
      "testing": false
    },
    "software": "mriqc",
    "version": "0.9.6",
    "warnings": {
      "large_rot_frame": true,
      "small_air_mask": false
    }
  },
  "qi_1": 0.0,
  "qi_2": 0.0007042690687747424,
  "rpve_csf": 11.495002917959646,
  "rpve_gm": 11.841170137611824,
  "rpve_wm": 36.29290184209899,
  "size_x": 292,
  "size_y": 512,
  "size_z": 512,
  "snr_csf": 14.962259971708557,
  "snr_gm": 15.155065390316306,
  "snr_total": 10.651984530951129,
  "snr_wm": 1.8386282308285238,
  "snrd_csf": 60.55449018244148,
  "snrd_gm": 51.76974644234072,
  "snrd_total": 46.920440441892055,
  "snrd_wm": 28.43708470089397,
  "spacing_x": 0.6000000238418579,
  "spacing_y": 0.46880000829696655,
  "spacing_z": 0.46880000829696655,
  "summary_bg_k": 9.885586765256349,
  "summary_bg_mad": 23.00162124633789,
  "summary_bg_mean": 66.72808837890625,
  "summary_bg_median": 61.61775207519531,
  "summary_bg_n": 22108908.0,
  "summary_bg_p05": 32.38119258880615,
  "summary_bg_p95": 117.67039222717284,
  "summary_bg_stdv": 28.518491744995117,
  "summary_csf_k": 0.8101422134836622,
  "summary_csf_mad": 135.2921600341797,
  "summary_csf_mean": 2135.56689453125,
  "summary_csf_median": 2126.048095703125,
  "summary_csf_n": 1304400.0,
  "summary_csf_p05": 1921.4820495605468,
  "summary_csf_p95": 2381.9104370117184,
  "summary_csf_stdv": 142.093994140625,
  "summary_gm_k": 0.07248568490928431,
  "summary_gm_mad": 118.31697845458984,
  "summary_gm_mean": 1821.3741455078125,
  "summary_gm_median": 1817.61865234375,
  "summary_gm_n": 617521.0,
  "summary_gm_p05": 1630.051025390625,
  "summary_gm_p95": 2025.9447021484375,
  "summary_gm_stdv": 119.93463134765625,
  "summary_wm_k": 3.702740782462449,
  "summary_wm_mad": 501.56658935546875,
  "summary_wm_mean": 943.57421875,
  "summary_wm_median": 998.4166259765625,
  "summary_wm_n": 106483.0,
  "summary_wm_p05": 200.80643005371093,
  "summary_wm_p95": 1526.1238281249996,
  "summary_wm_stdv": 543.02001953125,
  "tpm_overlap_csf": 0.09822539240121841,
  "tpm_overlap_gm": 0.30504247546195984,
  "tpm_overlap_wm": 0.0949147418141365,
  "wm2max": 0.222531328160144
}