{
  "aor": 0.0011766839378238344,
  "aqi": 0.0047913607253886005,
  "bids_meta": {
    "AcquisitionDuration": 525.000256,
    "CogAtlasID": "trm_4c8a834779883",
    "Columns": 128,
    "EchoTime": 0.03,
    "EchoTrainLength": 1,
    "EffectiveEchoSpacing": 0.000464,
    "FieldOfView": [
      288,
      288,
      147
    ],
    "FlipAngle": 75,
    "GEImageTypeRIMPCode": 0,
    "ImageType": "ORIGINAL/PRIMARY/EPI/NONE",
    "ImagingFrequency": 127.765174,
    "InplanePhaseEncodingDirection": "COL",
    "InversionTime": 0,
    "MRAcquisitionType": "2D",
    "MagneticFieldStrength": 3,
    "Manufacturer": "GE MEDICAL SYSTEMS",
    "ManufacturersModelName": "DISCOVERY MR750",
    "NumberOfAverages": 1,
    "NumberOfEPIShots": 1,
    "NumberOfEchoes": 1,
    "NumberOfSlices": 49,
    "ParallelImagingReductionFactors": [
      0.5,
      1
    ],
    "PercentPhaseFieldOfView": 100,
    "PhaseEncodingDirection": "j",
    "PixelBandwidth": 3906.25,
    "PixelSpacing": [
      2.25,
      2.25
    ],
    "ReceiveCoilName": "8HRBRAIN",
    "RepetitionTime": 2.5,
    "Rows": 128,
    "SATFatWaterBone": 0,
    "ScanOptions": [
      "EPI_GEMS",
      "FILTERED_GEMS",
      "ACC_GEMS"
    ],
    "ScanningSequence": [
      "EP",
      "GR"
    ],
    "SequenceVariant": "SS",
    "SeriesDate": "18740508",
    "SeriesDescription": "RSN_BWRT_200vol_3mm",
    "SeriesNumber": 4,
    "SeriesTime": "180239",
    "SliceThickness": 3,
    "SliceTiming": [
      0,
      1.27551,
      0.05102,
      1.32653,
      0.10204,
      1.37755,
      0.15306,
      1.42857,
      0.20408,
      1.47959,
      0.2551,
      1.53061,
      0.30612,
      1.58163,
      0.35714,
      1.63265,
      0.40816,
      1.68367,
      0.45918,
      1.73469,
      0.5102,
      1.78571,
      0.56122,
      1.83673,
      0.61224,
      1.88776,
      0.66327,
      1.93878,
      0.71429,
      1.9898,
      0.76531,
      2.04082,
      0.81633,
      2.09184,
      0.86735,
      2.14286,
      0.91837,
      2.19388,
      0.96939,
      2.2449,
      1.02041,
      2.29592,
      1.07143,
      2.34694,
      1.12245,
      2.39796,
      1.17347,
      2.44898,
      1.22449
    ],
    "SliceTimingComputationMethod": "SliceNumber*RepetitionTime/NumberOfSlices (interleaved ascending, odd first)",
    "SpacingBetweenSlices": 3,
    "StudyTime": "175416",
    "TaskDescription": "Functional connectivity in the resting state was assessed during two eight-minute runs.",
    "TaskInstructions": "Participants were instructed to keep their eyes open and look at a white fixation cross presented against a gray background.",
    "TaskName": "Resting State",
    "dummyScans": 10,
    "modality": "bold",
    "session_id": "2",
    "subject_id": "9047",
    "task_id": "rest"
  },
  "dummy_trs": 0,
  "dvars_nstd": 22.110870857968745,
  "dvars_std": 1.2578067764062502,
  "dvars_vstd": 0.9735174969270827,
  "efc": 0.3440208337382996,
  "fber": 17120406.0,
  "fd_mean": 0.12143685471061334,
  "fd_num": 12,
  "fd_perc": 6.217616580310881,
  "fwhm_avg": 3.1659644444444446,
  "fwhm_x": 3.1748,
  "fwhm_y": 3.6601733333333337,
  "fwhm_z": 2.66292,
  "gcor": 0.0135307,
  "gsr_x": -0.015240337699651718,
  "gsr_y": 0.001764890388585627,
  "provenance": {
    "md5sum": "cab02885cd688b2e7c072a674e59d758",
    "settings": {
      "fd_thres": 0.2,
      "hmc_fsl": false
    },
    "software": "mriqc",
    "version": "0.9.6"
  },
  "size_t": 193,
  "size_x": 128,
  "size_y": 128,
  "size_z": 49,
  "snr": 4.866594222142453,
  "spacing_tr": 2.5,
  "spacing_x": 2.25,
  "spacing_y": 2.25,
  "spacing_z": 3.0,
  "summary_bg_k": 83.21028215921142,
  "summary_bg_mad": 1.897423505783081,
  "summary_bg_mean": 63.939544677734375,
  "summary_bg_median": 1.2797926664352417,
  "summary_bg_n": 614607.0,
  "summary_bg_p05": 0.0,
  "summary_bg_p95": 320.35647583007716,
  "summary_bg_stdv": 229.00392150878906,
  "summary_fg_k": 1.58286961421493,
  "summary_fg_mad": 879.1143798828125,
  "summary_fg_mean": 5030.07666015625,
  "summary_fg_median": 5082.5078125,
  "summary_fg_n": 99263.0,
  "summary_fg_p05": 3232.7216796875,
  "summary_fg_p95": 6639.11015625,
  "summary_fg_stdv": 1044.3612060546875,
  "tsnr": 75.18968963623047
}