{
  "aor": 0.002565077720207254,
  "aqi": 0.005324686373056995,
  "bids_meta": {
    "AcquisitionDuration": 525.000256,
    "CogAtlasID": "trm_4c8a834779883",
    "Columns": 128,
    "EchoTime": 0.03,
    "EchoTrainLength": 1,
    "EffectiveEchoSpacing": 0.000464,
    "FieldOfView": [
      288,
      288,
      147
    ],
    "FlipAngle": 75,
    "GEImageTypeRIMPCode": 0,
    "ImageType": "ORIGINAL/PRIMARY/EPI/NONE",
    "ImagingFrequency": 127.765285,
    "InplanePhaseEncodingDirection": "COL",
    "InversionTime": 0,
    "MRAcquisitionType": "2D",
    "MagneticFieldStrength": 3,
    "Manufacturer": "GE MEDICAL SYSTEMS",
    "ManufacturersModelName": "DISCOVERY MR750",
    "NumberOfAverages": 1,
    "NumberOfEPIShots": 1,
    "NumberOfEchoes": 1,
    "NumberOfSlices": 49,
    "ParallelImagingReductionFactors": [
      0.5,
      1
    ],
    "PercentPhaseFieldOfView": 100,
    "PhaseEncodingDirection": "j",
    "PixelBandwidth": 3906.25,
    "PixelSpacing": [
      2.25,
      2.25
    ],
    "ReceiveCoilName": "8HRBRAIN",
    "RepetitionTime": 2.5,
    "Rows": 128,
    "SATFatWaterBone": 0,
    "ScanOptions": [
      "EPI_GEMS",
      "FILTERED_GEMS",
      "ACC_GEMS"
    ],
    "ScanningSequence": [
      "EP",
      "GR"
    ],
    "SequenceVariant": "SS",
    "SeriesDate": "18730126",
    "SeriesDescription": "RSN_BWRT_200vol_3mm",
    "SeriesNumber": 4,
    "SeriesTime": "203305",
    "SliceThickness": 3,
    "SliceTiming": [
      0,
      1.27551,
      0.05102,
      1.32653,
      0.10204,
      1.37755,
      0.15306,
      1.42857,
      0.20408,
      1.47959,
      0.2551,
      1.53061,
      0.30612,
      1.58163,
      0.35714,
      1.63265,
      0.40816,
      1.68367,
      0.45918,
      1.73469,
      0.5102,
      1.78571,
      0.56122,
      1.83673,
      0.61224,
      1.88776,
      0.66327,
      1.93878,
      0.71429,
      1.9898,
      0.76531,
      2.04082,
      0.81633,
      2.09184,
      0.86735,
      2.14286,
      0.91837,
      2.19388,
      0.96939,
      2.2449,
      1.02041,
      2.29592,
      1.07143,
      2.34694,
      1.12245,
      2.39796,
      1.17347,
      2.44898,
      1.22449
    ],
    "SliceTimingComputationMethod": "SliceNumber*RepetitionTime/NumberOfSlices (interleaved ascending, odd first)",
    "SpacingBetweenSlices": 3,
    "StudyTime": "202447",
    "TaskDescription": "Functional connectivity in the resting state was assessed during two eight-minute runs.",
    "TaskInstructions": "Participants were instructed to keep their eyes open and look at a white fixation cross presented against a gray background.",
    "TaskName": "Resting State",
    "dummyScans": 10,
    "modality": "bold",
    "session_id": "2",
    "subject_id": "9070",
    "task_id": "rest"
  },
  "dummy_trs": 0,
  "dvars_nstd": 19.545148531770838,
  "dvars_std": 1.1669037703645833,
  "dvars_vstd": 0.9851405732812503,
  "efc": 0.3216152831893557,
  "fber": 189035968.0,
  "fd_mean": 0.07587672548879666,
  "fd_num": 8,
  "fd_perc": 4.1450777202072535,
  "fwhm_avg": 3.5016525925925923,
  "fwhm_x": 3.5797555555555554,
  "fwhm_y": 4.0769955555555555,
  "fwhm_z": 2.8482066666666666,
  "gcor": 0.036238,
  "gsr_x": -0.014113710261881351,
  "gsr_y": 0.0029052160680294037,
  "provenance": {
    "md5sum": "f967c4a7a42657c0f3d999c974f50249",
    "settings": {
      "fd_thres": 0.2,
      "hmc_fsl": false
    },
    "software": "mriqc",
    "version": "0.9.6"
  },
  "size_t": 193,
  "size_x": 128,
  "size_y": 128,
  "size_z": 49,
  "snr": 4.292165087859596,
  "spacing_tr": 2.5,
  "spacing_x": 2.25,
  "spacing_y": 2.25,
  "spacing_z": 3.0,
  "summary_bg_k": 102.41565613030298,
  "summary_bg_mad": 0.5838226675987244,
  "summary_bg_mean": 50.67742919921875,
  "summary_bg_median": 0.393782377243042,
  "summary_bg_n": 624938.0,
  "summary_bg_p05": 0.0,
  "summary_bg_p95": 235.78030166626024,
  "summary_bg_stdv": 198.95401000976562,
  "summary_fg_k": 0.8983210175479379,
  "summary_fg_mad": 1038.805419921875,
  "summary_fg_mean": 5108.640625,
  "summary_fg_median": 5139.4970703125,
  "summary_fg_n": 89775.0,
  "summary_fg_p05": 2942.5792236328125,
  "summary_fg_p95": 6994.441357421876,
  "summary_fg_stdv": 1197.406982421875,
  "tsnr": 61.461761474609375
}