{
  "bids_meta": {
    "AcquisitionDuration": 238.55128,
    "Columns": 512,
    "EchoTime": 0.00281,
    "EchoTrainLength": 1,
    "EffectiveEchoSpacing": 0,
    "FieldOfView": [
      240.03,
      240.03,
      180
    ],
    "FlipAngle": 11,
    "GEImageTypeRIMPCode": 0,
    "ImageType": "ORIGINAL/PRIMARY/OTHER",
    "ImagingFrequency": 127.76513,
    "InplanePhaseEncodingDirection": "ROW",
    "InversionTime": 0.45,
    "MRAcquisitionType": "3D",
    "MagneticFieldStrength": 3,
    "Manufacturer": "GE MEDICAL SYSTEMS",
    "ManufacturersModelName": "DISCOVERY MR750",
    "NumberOfAverages": 1,
    "NumberOfEPIShots": 0,
    "NumberOfEchoes": 1,
    "NumberOfSlices": 180,
    "ParallelImagingReductionFactors": [
      0.571429,
      1
    ],
    "PercentPhaseFieldOfView": 100,
    "PhaseEncodingDirection": "i",
    "PixelBandwidth": 122.07,
    "PixelSpacing": [
      0.4688,
      0.4688
    ],
    "ReceiveCoilName": "8HRBRAIN",
    "RepetitionTime": 0.0064,
    "Rows": 512,
    "SATFatWaterBone": 0,
    "ScanOptions": [
      "FAST_GEMS",
      "EDR_GEMS",
      "FILTERED_GEMS",
      "ACC_GEMS"
    ],
    "ScanningSequence": "GR",
    "SequenceVariant": [
      "SS",
      "SK"
    ],
    "SeriesDate": "18740531",
    "SeriesDescription": "Sag3D_T1_1mm3",
    "SeriesNumber": 2,
    "SeriesTime": "195813",
    "SliceThickness": 1,
    "SpacingBetweenSlices": 1,
    "StudyTime": "195639",
    "modality": "T1w",
    "session_id": "2",
    "subject_id": "9023"
  },
  "cjv": 0.4878082159859597,
  "cnr": 2.8042317402979022,
  "efc": 0.6757485267573521,
  "fber": 137.4615020751953,
  "fwhm_avg": 6.083880085282446,
  "fwhm_x": 3.78144,
  "fwhm_y": 7.47994867307832,
  "fwhm_z": 6.9902515827690195,
  "icvs_csf": 0.20770316528203356,
  "icvs_gm": 0.39294115565707904,
  "icvs_wm": 0.39935567906088737,
  "inu_med": 1.1916618347167969,
  "inu_range": 0.5792732596397396,
  "provenance": {
    "md5sum": "b5acc5d21fe78101824bea2eccb484e2",
    "mriqc_pred": 0,
    "settings": {
      "testing": false
    },
    "software": "mriqc",
    "version": "0.9.6",
    "warnings": {
      "large_rot_frame": true,
      "small_air_mask": false
    }
  },
  "qi_1": 1.374845902688407e-05,
  "qi_2": 0.00035202089045650013,
  "rpve_csf": 22.21094440169506,
  "rpve_gm": 11.792655457514776,
  "rpve_wm": 13.806351642496066,
  "size_x": 180,
  "size_y": 512,
  "size_z": 512,
  "snr_csf": 3.677965482532194,
  "snr_gm": 12.912364134611595,
  "snr_total": 10.867026763776579,
  "snr_wm": 16.01075067418595,
  "snrd_csf": 13.762538218493946,
  "snrd_gm": 32.1231659765524,
  "snrd_total": 29.47571472229067,
  "snrd_wm": 42.54143997182566,
  "spacing_x": 1.0,
  "spacing_y": 0.46880000829696655,
  "spacing_z": 0.46880000829696655,
  "summary_bg_k": 2.3602367689444916,
  "summary_bg_mad": 15.400158882141113,
  "summary_bg_mean": 54.67799377441406,
  "summary_bg_median": 52.64147186279297,
  "summary_bg_n": 8975488.0,
  "summary_bg_p05": 30.5383581161499,
  "summary_bg_p95": 85.95996017456056,
  "summary_bg_stdv": 17.49210548400879,
  "summary_csf_k": 6.548899792060963,
  "summary_csf_mad": 71.86383056640625,
  "summary_csf_mean": 336.5425109863281,
  "summary_csf_median": 323.5132141113281,
  "summary_csf_n": 201008.0,
  "summary_csf_p05": 212.51334915161132,
  "summary_csf_p95": 506.43907470703124,
  "summary_csf_stdv": 87.95960998535156,
  "summary_gm_k": 0.1844347163215776,
  "summary_gm_mad": 56.756004333496094,
  "summary_gm_mean": 758.0194091796875,
  "summary_gm_median": 755.11279296875,
  "summary_gm_n": 159010.0,
  "summary_gm_p05": 667.1381713867188,
  "summary_gm_p95": 859.6660888671875,
  "summary_gm_stdv": 58.47964096069336,
  "summary_wm_k": -0.004412015899074806,
  "summary_wm_mad": 62.70835876464844,
  "summary_wm_mean": 1001.9879760742188,
  "summary_wm_median": 1000.0130615234375,
  "summary_wm_n": 1248358.0,
  "summary_wm_p05": 902.4709381103515,
  "summary_wm_p95": 1107.9498291015625,
  "summary_wm_stdv": 62.458824157714844,
  "tpm_overlap_csf": 0.2099764496088028,
  "tpm_overlap_gm": 0.4597609341144562,
  "tpm_overlap_wm": 0.5417585372924805,
  "wm2max": 0.4678040698454356
}