{
  "aor": 0.0066300000000000005,
  "aqi": 0.01215979065,
  "bids_meta": {
    "AcquisitionDuration": 525.000256,
    "CogAtlasID": "trm_4c8a834779883",
    "Columns": 128,
    "EchoTime": 0.03,
    "EchoTrainLength": 1,
    "EffectiveEchoSpacing": 0.000464,
    "FieldOfView": [
      288,
      288,
      147
    ],
    "FlipAngle": 75,
    "GEImageTypeRIMPCode": 0,
    "ImageType": "ORIGINAL/PRIMARY/EPI/NONE",
    "ImagingFrequency": 127.765161,
    "InplanePhaseEncodingDirection": "COL",
    "InversionTime": 0,
    "MRAcquisitionType": "2D",
    "MagneticFieldStrength": 3,
    "Manufacturer": "GE MEDICAL SYSTEMS",
    "ManufacturersModelName": "DISCOVERY MR750",
    "NumberOfAverages": 1,
    "NumberOfEPIShots": 1,
    "NumberOfEchoes": 1,
    "NumberOfSlices": 49,
    "ParallelImagingReductionFactors": [
      0.5,
      1
    ],
    "PercentPhaseFieldOfView": 100,
    "PhaseEncodingDirection": "j",
    "PixelBandwidth": 3906.25,
    "PixelSpacing": [
      2.25,
      2.25
    ],
    "ReceiveCoilName": "8HRBRAIN",
    "RepetitionTime": 2.5,
    "Rows": 128,
    "SATFatWaterBone": 0,
    "ScanOptions": [
      "EPI_GEMS",
      "FILTERED_GEMS",
      "ACC_GEMS"
    ],
    "ScanningSequence": [
      "EP",
      "GR"
    ],
    "SequenceVariant": "SS",
    "SeriesDate": "18740624",
    "SeriesDescription": "RSN_BWRT_200vol_3mm",
    "SeriesNumber": 10,
    "SeriesTime": "204337",
    "SliceThickness": 3,
    "SliceTiming": [
      0,
      1.27551,
      0.05102,
      1.32653,
      0.10204,
      1.37755,
      0.15306,
      1.42857,
      0.20408,
      1.47959,
      0.2551,
      1.53061,
      0.30612,
      1.58163,
      0.35714,
      1.63265,
      0.40816,
      1.68367,
      0.45918,
      1.73469,
      0.5102,
      1.78571,
      0.56122,
      1.83673,
      0.61224,
      1.88776,
      0.66327,
      1.93878,
      0.71429,
      1.9898,
      0.76531,
      2.04082,
      0.81633,
      2.09184,
      0.86735,
      2.14286,
      0.91837,
      2.19388,
      0.96939,
      2.2449,
      1.02041,
      2.29592,
      1.07143,
      2.34694,
      1.12245,
      2.39796,
      1.17347,
      2.44898,
      1.22449
    ],
    "SliceTimingComputationMethod": "SliceNumber*RepetitionTime/NumberOfSlices (interleaved ascending, odd first)",
    "SpacingBetweenSlices": 3,
    "StudyTime": "194044",
    "TaskDescription": "Functional connectivity in the resting state was assessed during two eight-minute runs. Participants were asked to rate their sleepiness using the Karolinska Sleepiness Scale every 2 minutes",
    "TaskInstructions": "Participants were instructed to keep their eyes open and look at a white fixation cross presented against a gray background.",
    "TaskName": "Sleepiness",
    "dummyScans": 10,
    "modality": "bold",
    "session_id": "2",
    "subject_id": "9096",
    "task_id": "sleepiness"
  },
  "dummy_trs": 0,
  "dvars_nstd": 32.84892991331655,
  "dvars_std": 1.0817621177386934,
  "dvars_vstd": 0.9683834867336683,
  "efc": 0.3140233790757933,
  "fber": 27840410.0,
  "fd_mean": 0.45486037776523114,
  "fd_num": 141,
  "fd_perc": 70.5,
  "fwhm_avg": 3.382937476276909,
  "fwhm_x": 3.482128888888889,
  "fwhm_y": 3.8827599999999998,
  "fwhm_z": 2.7839235399418385,
  "gcor": 0.0301877,
  "gsr_x": -0.013107910752296448,
  "gsr_y": 0.004530669655650854,
  "provenance": {
    "md5sum": "5d9cfdc72910cfe143c9c639f176c12b",
    "settings": {
      "fd_thres": 0.2,
      "hmc_fsl": false
    },
    "software": "mriqc",
    "version": "0.9.6"
  },
  "size_t": 200,
  "size_x": 128,
  "size_y": 128,
  "size_z": 49,
  "snr": 4.691243747074873,
  "spacing_tr": 2.5,
  "spacing_x": 2.25,
  "spacing_y": 2.25,
  "spacing_z": 2.9999961853027344,
  "summary_bg_k": 251.77685625279292,
  "summary_bg_mad": 1.4677761793136597,
  "summary_bg_mean": 55.60149383544922,
  "summary_bg_median": 0.9899999499320984,
  "summary_bg_n": 632314.0,
  "summary_bg_p05": 0.0,
  "summary_bg_p95": 282.8667419433593,
  "summary_bg_stdv": 206.30674743652344,
  "summary_fg_k": 0.9064681208862404,
  "summary_fg_mad": 957.8945922851562,
  "summary_fg_mean": 5022.88623046875,
  "summary_fg_median": 5009.990234375,
  "summary_fg_n": 83608.0,
  "summary_fg_p05": 3297.792834472656,
  "summary_fg_p95": 6826.20400390625,
  "summary_fg_stdv": 1067.9385986328125,
  "tsnr": 40.514713287353516
}