{
  "bids_meta": {
    "AcquisitionDuration": 393.112128,
    "Columns": 512,
    "EchoTime": 0.12822,
    "EchoTrainLength": 140,
    "EffectiveEchoSpacing": 0,
    "FieldOfView": [
      240.03,
      240.03,
      87.6
    ],
    "FlipAngle": 90,
    "GEImageTypeRIMPCode": 0,
    "ImageType": "ORIGINAL/PRIMARY/OTHER",
    "ImagingFrequency": 127.765062,
    "InplanePhaseEncodingDirection": "ROW",
    "InversionTime": 1.859,
    "MRAcquisitionType": "3D",
    "MagneticFieldStrength": 3,
    "Manufacturer": "GE MEDICAL SYSTEMS",
    "ManufacturersModelName": "DISCOVERY MR750",
    "NumberOfAverages": 1,
    "NumberOfEPIShots": 1,
    "NumberOfEchoes": 1,
    "NumberOfSlices": 146,
    "ParallelImagingReductionFactors": [
      0.5,
      0.5
    ],
    "PercentPhaseFieldOfView": 100,
    "PhaseEncodingDirection": "i",
    "PixelBandwidth": 122.07,
    "PixelSpacing": [
      0.4688,
      0.4688
    ],
    "ReceiveCoilName": "8HRBRAIN",
    "RepetitionTime": 6,
    "Rows": 512,
    "SATFatWaterBone": 0,
    "ScanOptions": [
      "EDR_GEMS",
      "FILTERED_GEMS",
      "ACC_GEMS"
    ],
    "ScanningSequence": [
      "SE",
      "IR"
    ],
    "SequenceVariant": "SK",
    "SeriesDate": "18740516",
    "SeriesDescription": "Sag CUBE T2 flair",
    "SeriesNumber": 11,
    "SeriesTime": "193405",
    "SliceThickness": 1.2,
    "SpacingBetweenSlices": 0.600002,
    "StudyTime": "181435",
    "modality": "T2w",
    "session_id": "1",
    "subject_id": "9048"
  },
  "cjv": 0.6054154775231156,
  "cnr": 0.5860672547924507,
  "efc": 0.6955852750262835,
  "fber": 20.049325942993164,
  "fwhm_avg": 4.41837450341713,
  "fwhm_x": 4.041066506089111,
  "fwhm_y": 4.7218855819596275,
  "fwhm_z": 4.492171422202653,
  "icvs_csf": 0.3861239962287318,
  "icvs_gm": 0.4537083469481109,
  "icvs_wm": 0.1601676568231573,
  "inu_med": 1.2789709568023682,
  "inu_range": 0.5618299245834351,
  "provenance": {
    "md5sum": "acd644f5c2a36f43accbaaad03bc2add",
    "settings": {
      "testing": false
    },
    "software": "mriqc",
    "version": "0.9.6",
    "warnings": {
      "large_rot_frame": true,
      "small_air_mask": false
    }
  },
  "qi_1": 0.0,
  "qi_2": 0.0002758725265905635,
  "rpve_csf": 15.691127196969195,
  "rpve_gm": 13.293156822473104,
  "rpve_wm": 35.39570874136333,
  "size_x": 292,
  "size_y": 512,
  "size_z": 512,
  "snr_csf": 13.026542111751892,
  "snr_gm": 14.745183691356253,
  "snr_total": 9.489189751383412,
  "snr_wm": 0.6958434510420923,
  "snrd_csf": 17.595044358722518,
  "snrd_gm": 13.288336277739878,
  "snrd_total": 12.692124950417442,
  "snrd_wm": 7.192994214789929,
  "spacing_x": 0.6000000238418579,
  "spacing_y": 0.46880000829696655,
  "spacing_z": 0.46880000829696655,
  "summary_bg_k": 0.7867397274856973,
  "summary_bg_mad": 91.0577392578125,
  "summary_bg_mean": 296.37542724609375,
  "summary_bg_median": 289.71820068359375,
  "summary_bg_n": 15053158.0,
  "summary_bg_p05": 146.9475311279297,
  "summary_bg_p95": 468.6245422363281,
  "summary_bg_stdv": 98.44001770019531,
  "summary_csf_k": -0.05075924158224643,
  "summary_csf_mad": 189.7122802734375,
  "summary_csf_mean": 2457.921142578125,
  "summary_csf_median": 2445.544189453125,
  "summary_csf_n": 635131.0,
  "summary_csf_p05": 2170.2808837890625,
  "summary_csf_p95": 2785.9591064453125,
  "summary_csf_stdv": 187.73533630371094,
  "summary_gm_k": -0.0038973532417165835,
  "summary_gm_mad": 125.353271484375,
  "summary_gm_mean": 1849.2825927734375,
  "summary_gm_median": 1846.95263671875,
  "summary_gm_n": 536852.0,
  "summary_gm_p05": 1646.923193359375,
  "summary_gm_p95": 2059.0789916992185,
  "summary_gm_stdv": 125.2579116821289,
  "summary_wm_k": 0.609793852198234,
  "summary_wm_mad": 387.551513671875,
  "summary_wm_mean": 1644.236572265625,
  "summary_wm_median": 999.7579345703125,
  "summary_wm_n": 201734.0,
  "summary_wm_p05": 422.63660583496096,
  "summary_wm_p95": 4754.744897460936,
  "summary_wm_stdv": 1436.75341796875,
  "tpm_overlap_csf": 0.08784769475460052,
  "tpm_overlap_gm": 0.31836625933647156,
  "tpm_overlap_wm": 0.09832368791103363,
  "wm2max": 0.14918927409256222
}