{
  "aor": 0.002038911917098446,
  "aqi": 0.011990153056994819,
  "bids_meta": {
    "AcquisitionDuration": 723.000256,
    "Columns": 128,
    "EchoTime": 0.034,
    "EchoTrainLength": 1,
    "EffectiveEchoSpacing": 0.00056,
    "FieldOfView": [
      220.01,
      220.01,
      110.4
    ],
    "FlipAngle": 80,
    "GEImageTypeRIMPCode": 0,
    "ImageType": "ORIGINAL/PRIMARY/EPI/NONE",
    "ImagingFrequency": 127.765114,
    "InplanePhaseEncodingDirection": "COL",
    "InversionTime": 0,
    "MRAcquisitionType": "2D",
    "MagneticFieldStrength": 3,
    "Manufacturer": "GE MEDICAL SYSTEMS",
    "ManufacturersModelName": "DISCOVERY MR750",
    "NumberOfAverages": 1,
    "NumberOfEPIShots": 1,
    "NumberOfEchoes": 1,
    "NumberOfSlices": 46,
    "ParallelImagingReductionFactors": [
      0.5,
      1
    ],
    "PercentPhaseFieldOfView": 100,
    "PhaseEncodingDirection": "j",
    "PixelBandwidth": 3906.25,
    "PixelSpacing": [
      1.7188,
      1.7188
    ],
    "ReceiveCoilName": "8HRBRAIN",
    "RepetitionTime": 3,
    "Rows": 128,
    "SATFatWaterBone": 1,
    "ScanOptions": [
      "SAT_GEMS",
      "EPI_GEMS",
      "ACC_GEMS",
      "FS"
    ],
    "ScanningSequence": [
      "EP",
      "GR"
    ],
    "SequenceVariant": "SS",
    "SeriesDate": "18740203",
    "SeriesDescription": "fMRI-hands",
    "SeriesNumber": 7,
    "SeriesTime": "190300",
    "SliceThickness": 2.3,
    "SliceTiming": [
      0,
      1.5,
      0.06522,
      1.56522,
      0.13043,
      1.63043,
      0.19565,
      1.69565,
      0.26087,
      1.76087,
      0.32609,
      1.82609,
      0.3913,
      1.8913,
      0.45652,
      1.95652,
      0.52174,
      2.02174,
      0.58696,
      2.08696,
      0.65217,
      2.15217,
      0.71739,
      2.21739,
      0.78261,
      2.28261,
      0.84783,
      2.34783,
      0.91304,
      2.41304,
      0.97826,
      2.47826,
      1.04348,
      2.54348,
      1.1087,
      2.6087,
      1.17391,
      2.67391,
      1.23913,
      2.73913,
      1.30435,
      2.80435,
      1.36957,
      2.86957,
      1.43478,
      2.93478
    ],
    "SliceTimingComputationMethod": "SliceNumber*RepetitionTime/NumberOfSlices (interleaved ascending, odd first)",
    "SpacingBetweenSlices": 2.4,
    "StudyTime": "183032",
    "TaskDescription": "In an event-related design, participants were shown pictures of hands being stung by needles or poked with Q-tips. The stimulus set was kindly shared by Claus Lamm, and has been shown to be effective in previous work by him. After each picture, participants were asked to rate their perceived unpleasantness on a visual analog scale of 0-100.",
    "TaskInstructions": "",
    "TaskName": "Hands",
    "dummyScans": 5,
    "modality": "bold",
    "session_id": "1",
    "subject_id": "9061",
    "task_id": "hands"
  },
  "dummy_trs": 0,
  "dvars_nstd": 32.579997072916676,
  "dvars_std": 1.0393669512500001,
  "dvars_vstd": 1.0111535786458334,
  "efc": 0.5048030256467158,
  "fber": 6101.69482421875,
  "fd_mean": 0.11044458607064307,
  "fd_num": 12,
  "fd_perc": 6.217616580310881,
  "fwhm_avg": 3.0823462166620064,
  "fwhm_x": 3.136944473440387,
  "fwhm_y": 3.5874622900071915,
  "fwhm_z": 2.52263188653844,
  "gcor": 0.0163877,
  "gsr_x": -0.011391996406018734,
  "gsr_y": 0.02907160483300686,
  "provenance": {
    "md5sum": "6d99cdebe06b8172f98bed1bfb98510c",
    "settings": {
      "fd_thres": 0.2,
      "hmc_fsl": false
    },
    "software": "mriqc",
    "version": "0.9.6"
  },
  "size_t": 193,
  "size_x": 128,
  "size_y": 128,
  "size_z": 46,
  "snr": 4.265478487617723,
  "spacing_tr": 3.0,
  "spacing_x": 1.7187999486923218,
  "spacing_y": 1.7187999486923218,
  "spacing_z": 2.400005340576172,
  "summary_bg_k": 130.1758156816666,
  "summary_bg_mad": 67.8847427368164,
  "summary_bg_mean": 123.36680603027344,
  "summary_bg_median": 46.53367614746094,
  "summary_bg_n": 471860.0,
  "summary_bg_p05": 0.05181346833705902,
  "summary_bg_p95": 462.6378158569335,
  "summary_bg_stdv": 317.7499694824219,
  "summary_fg_k": 1.041893302009555,
  "summary_fg_mad": 847.2803955078125,
  "summary_fg_mean": 3726.9267578125,
  "summary_fg_median": 3697.632080078125,
  "summary_fg_n": 184967.0,
  "summary_fg_p05": 2445.235107421875,
  "summary_fg_p95": 5160.53046875,
  "summary_fg_stdv": 866.87158203125,
  "tsnr": 37.4232063293457
}