{
  "aor": 0.0041453333333333325,
  "aqi": 0.010363881487179486,
  "bids_meta": {
    "AcquisitionDuration": 723.000256,
    "Columns": 128,
    "EchoTime": 0.034,
    "EchoTrainLength": 1,
    "EffectiveEchoSpacing": 0.000532,
    "FieldOfView": [
      240,
      240,
      108
    ],
    "FlipAngle": 80,
    "GEImageTypeRIMPCode": 0,
    "ImageType": "ORIGINAL/PRIMARY/EPI/NONE",
    "ImagingFrequency": 127.76528,
    "InplanePhaseEncodingDirection": "COL",
    "InversionTime": 0,
    "MRAcquisitionType": "2D",
    "MagneticFieldStrength": 3,
    "Manufacturer": "GE MEDICAL SYSTEMS",
    "ManufacturersModelName": "DISCOVERY MR750",
    "NumberOfAverages": 1,
    "NumberOfEPIShots": 1,
    "NumberOfEchoes": 1,
    "NumberOfSlices": 45,
    "ParallelImagingReductionFactors": [
      0.5,
      1
    ],
    "PercentPhaseFieldOfView": 100,
    "PhaseEncodingDirection": "j",
    "PixelBandwidth": 3906.25,
    "PixelSpacing": [
      1.875,
      1.875
    ],
    "ReceiveCoilName": "8HRBRAIN",
    "RepetitionTime": 3,
    "Rows": 128,
    "SATFatWaterBone": 1,
    "ScanOptions": [
      "SAT_GEMS",
      "EPI_GEMS",
      "ACC_GEMS",
      "FS"
    ],
    "ScanningSequence": [
      "EP",
      "GR"
    ],
    "SequenceVariant": "SS",
    "SeriesDate": "18730401",
    "SeriesDescription": "fMRI-hands",
    "SeriesNumber": 8,
    "SeriesTime": "214741",
    "SliceThickness": 2.3,
    "SliceTiming": [
      0,
      1.53333,
      0.06667,
      1.6,
      0.13333,
      1.66667,
      0.2,
      1.73333,
      0.26667,
      1.8,
      0.33333,
      1.86667,
      0.4,
      1.93333,
      0.46667,
      2,
      0.53333,
      2.06667,
      0.6,
      2.13333,
      0.66667,
      2.2,
      0.73333,
      2.26667,
      0.8,
      2.33333,
      0.86667,
      2.4,
      0.93333,
      2.46667,
      1,
      2.53333,
      1.06667,
      2.6,
      1.13333,
      2.66667,
      1.2,
      2.73333,
      1.26667,
      2.8,
      1.33333,
      2.86667,
      1.4,
      2.93333,
      1.46667
    ],
    "SliceTimingComputationMethod": "SliceNumber*RepetitionTime/NumberOfSlices (interleaved ascending, odd first)",
    "SpacingBetweenSlices": 2.4,
    "StudyTime": "211438",
    "TaskDescription": "In an event-related design, participants were shown pictures of hands being stung by needles or poked with Q-tips. The stimulus set was kindly shared by Claus Lamm, and has been shown to be effective in previous work by him. After each picture, participants were asked to rate their perceived unpleasantness on a visual analog scale of 0-100.",
    "TaskInstructions": "",
    "TaskName": "Hands",
    "dummyScans": 5,
    "modality": "bold",
    "session_id": "1",
    "subject_id": "9082",
    "task_id": "hands"
  },
  "dummy_trs": 0,
  "dvars_nstd": 36.872597891185585,
  "dvars_std": 1.0544946505670096,
  "dvars_vstd": 1.0898574563917525,
  "efc": 0.3738606126217833,
  "fber": 529131.4375,
  "fd_mean": 0.29248320990884624,
  "fd_num": 91,
  "fd_perc": 46.666666666666664,
  "fwhm_avg": 3.195866780870153,
  "fwhm_x": 3.2920266666666667,
  "fwhm_y": 3.688725333333333,
  "fwhm_z": 2.606848342610459,
  "gcor": 0.0155177,
  "gsr_x": -0.01293392013758421,
  "gsr_y": 0.01585547998547554,
  "provenance": {
    "md5sum": "93223972dcc4a77cbc717b067cb70ee6",
    "settings": {
      "fd_thres": 0.2,
      "hmc_fsl": false
    },
    "software": "mriqc",
    "version": "0.9.6"
  },
  "size_t": 195,
  "size_x": 128,
  "size_y": 128,
  "size_z": 45,
  "snr": 3.6062340030475055,
  "spacing_tr": 3.0,
  "spacing_x": 1.875,
  "spacing_y": 1.875,
  "spacing_z": 2.4000015258789062,
  "summary_bg_k": 372.01390497227516,
  "summary_bg_mad": 8.310175895690918,
  "summary_bg_mean": 63.45017623901367,
  "summary_bg_median": 5.65128231048584,
  "summary_bg_n": 541810.0,
  "summary_bg_p05": 0.030769232660531998,
  "summary_bg_p95": 249.47231445312488,
  "summary_bg_stdv": 224.27452087402344,
  "summary_fg_k": 0.873504619897409,
  "summary_fg_mad": 989.9754638671875,
  "summary_fg_mean": 3946.904296875,
  "summary_fg_median": 3914.789794921875,
  "summary_fg_n": 108233.0,
  "summary_fg_p05": 2190.46474609375,
  "summary_fg_p95": 5744.172265624999,
  "summary_fg_stdv": 1085.5567626953125,
  "tsnr": 35.66249084472656
}