{
  "bids_meta": {
    "AcquisitionDuration": 238.444688,
    "Columns": 512,
    "EchoTime": 0.00281,
    "EchoTrainLength": 1,
    "EffectiveEchoSpacing": 0,
    "FieldOfView": [
      240.03,
      240.03,
      180
    ],
    "FlipAngle": 11,
    "GEImageTypeRIMPCode": 0,
    "ImageType": "ORIGINAL/PRIMARY/OTHER",
    "ImagingFrequency": 127.765144,
    "InplanePhaseEncodingDirection": "ROW",
    "InversionTime": 0.45,
    "MRAcquisitionType": "3D",
    "MagneticFieldStrength": 3,
    "Manufacturer": "GE MEDICAL SYSTEMS",
    "ManufacturersModelName": "DISCOVERY MR750",
    "NumberOfAverages": 1,
    "NumberOfEPIShots": 0,
    "NumberOfEchoes": 1,
    "NumberOfSlices": 180,
    "ParallelImagingReductionFactors": [
      0.571429,
      1
    ],
    "PercentPhaseFieldOfView": 100,
    "PhaseEncodingDirection": "i",
    "PixelBandwidth": 122.07,
    "PixelSpacing": [
      0.4688,
      0.4688
    ],
    "ReceiveCoilName": "8HRBRAIN",
    "RepetitionTime": 0.0064,
    "Rows": 512,
    "SATFatWaterBone": 0,
    "ScanOptions": [
      "FAST_GEMS",
      "EDR_GEMS",
      "FILTERED_GEMS",
      "ACC_GEMS"
    ],
    "ScanningSequence": "GR",
    "SequenceVariant": [
      "SS",
      "SK"
    ],
    "SeriesDate": "18730213",
    "SeriesDescription": "Sag3D_T1_1mm3",
    "SeriesNumber": 2,
    "SeriesTime": "185525",
    "SliceThickness": 1,
    "SpacingBetweenSlices": 1,
    "StudyTime": "185337",
    "modality": "T1w",
    "session_id": "1",
    "subject_id": "9037"
  },
  "cjv": 0.34482166403473946,
  "cnr": 3.8283974181026723,
  "efc": 0.691000472325734,
  "fber": 115.43297576904297,
  "fwhm_avg": 6.5898464375778465,
  "fwhm_x": 4.0782,
  "fwhm_y": 8.217789956948105,
  "fwhm_z": 7.473549355785433,
  "icvs_csf": 0.1897528056398666,
  "icvs_gm": 0.4071424781527856,
  "icvs_wm": 0.40310471620734784,
  "inu_med": 1.1511282920837402,
  "inu_range": 0.6830412149429321,
  "provenance": {
    "md5sum": "8ac467299a20ae3b95b76310a2ab3773",
    "mriqc_pred": 0,
    "settings": {
      "testing": false
    },
    "software": "mriqc",
    "version": "0.9.6",
    "warnings": {
      "large_rot_frame": true,
      "small_air_mask": false
    }
  },
  "qi_1": 0.0,
  "qi_2": 0.0003756989857386135,
  "rpve_csf": 21.968086187047113,
  "rpve_gm": 11.007658939577892,
  "rpve_wm": 13.510355934812234,
  "size_x": 180,
  "size_y": 512,
  "size_z": 512,
  "snr_csf": 3.124760816585229,
  "snr_gm": 12.731050915562435,
  "snr_total": 11.321812190894008,
  "snr_wm": 18.109624840534355,
  "snrd_csf": 13.052700226517935,
  "snrd_gm": 26.652034776617217,
  "snrd_total": 26.02597434248362,
  "snrd_wm": 38.37318802431571,
  "spacing_x": 1.0,
  "spacing_y": 0.46880000829696655,
  "spacing_z": 0.46880000829696655,
  "summary_bg_k": 0.9562102003663155,
  "summary_bg_mad": 17.072938919067383,
  "summary_bg_mean": 56.18538284301758,
  "summary_bg_median": 54.15943145751953,
  "summary_bg_n": 8115405.0,
  "summary_bg_p05": 30.021602630615234,
  "summary_bg_p95": 89.35387878417968,
  "summary_bg_stdv": 18.447940826416016,
  "summary_csf_k": -0.6261131064417165,
  "summary_csf_mad": 123.23004913330078,
  "summary_csf_mean": 340.8529052734375,
  "summary_csf_median": 340.1550598144531,
  "summary_csf_n": 102869.0,
  "summary_csf_p05": 164.9973602294922,
  "summary_csf_p95": 514.0083374023437,
  "summary_csf_stdv": 108.857421875,
  "summary_gm_k": 0.1892492990625021,
  "summary_gm_mad": 52.849918365478516,
  "summary_gm_mean": 695.1410522460938,
  "summary_gm_median": 694.5554809570312,
  "summary_gm_n": 233945.0,
  "summary_gm_p05": 606.2591796875,
  "summary_gm_p95": 786.2020263671875,
  "summary_gm_stdv": 54.555904388427734,
  "summary_wm_k": 0.5864927509014701,
  "summary_wm_mad": 52.47750473022461,
  "summary_wm_mean": 1001.1193237304688,
  "summary_wm_median": 1000.01025390625,
  "summary_wm_n": 1468842.0,
  "summary_wm_p05": 913.040347290039,
  "summary_wm_p95": 1093.0033935546874,
  "summary_wm_stdv": 55.21980285644531,
  "tpm_overlap_csf": 0.19113387167453766,
  "tpm_overlap_gm": 0.46679678559303284,
  "tpm_overlap_wm": 0.5385621786117554,
  "wm2max": 0.461873204015448
}