{
  "aor": 0.002902239583333334,
  "aqi": 0.0054422996875,
  "bids_meta": {
    "AcquisitionDuration": 525.000256,
    "CogAtlasID": "trm_4c8a834779883",
    "Columns": 128,
    "EchoTime": 0.03,
    "EchoTrainLength": 1,
    "EffectiveEchoSpacing": 0.000464,
    "FieldOfView": [
      288,
      288,
      147
    ],
    "FlipAngle": 75,
    "GEImageTypeRIMPCode": 0,
    "ImageType": "ORIGINAL/PRIMARY/EPI/NONE",
    "ImagingFrequency": 127.765165,
    "InplanePhaseEncodingDirection": "COL",
    "InversionTime": 0,
    "MRAcquisitionType": "2D",
    "MagneticFieldStrength": 3,
    "Manufacturer": "GE MEDICAL SYSTEMS",
    "ManufacturersModelName": "DISCOVERY MR750",
    "NumberOfAverages": 1,
    "NumberOfEPIShots": 1,
    "NumberOfEchoes": 1,
    "NumberOfSlices": 49,
    "ParallelImagingReductionFactors": [
      0.5,
      1
    ],
    "PercentPhaseFieldOfView": 100,
    "PhaseEncodingDirection": "j",
    "PixelBandwidth": 3906.25,
    "PixelSpacing": [
      2.25,
      2.25
    ],
    "ReceiveCoilName": "8HRBRAIN",
    "RepetitionTime": 2.5,
    "Rows": 128,
    "SATFatWaterBone": 0,
    "ScanOptions": [
      "EPI_GEMS",
      "FILTERED_GEMS",
      "ACC_GEMS"
    ],
    "ScanningSequence": [
      "EP",
      "GR"
    ],
    "SequenceVariant": "SS",
    "SeriesDate": "18731205",
    "SeriesDescription": "RSN_BWRT_200vol_3mm",
    "SeriesNumber": 4,
    "SeriesTime": "202814",
    "SliceThickness": 3,
    "SliceTiming": [
      0,
      1.27551,
      0.05102,
      1.32653,
      0.10204,
      1.37755,
      0.15306,
      1.42857,
      0.20408,
      1.47959,
      0.2551,
      1.53061,
      0.30612,
      1.58163,
      0.35714,
      1.63265,
      0.40816,
      1.68367,
      0.45918,
      1.73469,
      0.5102,
      1.78571,
      0.56122,
      1.83673,
      0.61224,
      1.88776,
      0.66327,
      1.93878,
      0.71429,
      1.9898,
      0.76531,
      2.04082,
      0.81633,
      2.09184,
      0.86735,
      2.14286,
      0.91837,
      2.19388,
      0.96939,
      2.2449,
      1.02041,
      2.29592,
      1.07143,
      2.34694,
      1.12245,
      2.39796,
      1.17347,
      2.44898,
      1.22449
    ],
    "SliceTimingComputationMethod": "SliceNumber*RepetitionTime/NumberOfSlices (interleaved ascending, odd first)",
    "SpacingBetweenSlices": 3,
    "StudyTime": "201914",
    "TaskDescription": "Functional connectivity in the resting state was assessed during two eight-minute runs.",
    "TaskInstructions": "Participants were instructed to keep their eyes open and look at a white fixation cross presented against a gray background.",
    "TaskName": "Resting State",
    "dummyScans": 10,
    "modality": "bold",
    "session_id": "1",
    "subject_id": "9084",
    "task_id": "rest"
  },
  "dummy_trs": 0,
  "dvars_nstd": 16.97019173596859,
  "dvars_std": 1.0494535117801047,
  "dvars_vstd": 0.9467143236125651,
  "efc": 0.296494705122758,
  "fber": 90397296.0,
  "fd_mean": 0.09549759737369817,
  "fd_num": 14,
  "fd_perc": 7.291666666666667,
  "fwhm_avg": 3.4235907407407407,
  "fwhm_x": 3.469222222222222,
  "fwhm_y": 3.9479066666666665,
  "fwhm_z": 2.8536433333333338,
  "gcor": 0.0209733,
  "gsr_x": -0.013014871627092361,
  "gsr_y": -0.0015388998435810208,
  "provenance": {
    "md5sum": "a8ca9014cd824428dc31a316f251ee0f",
    "settings": {
      "fd_thres": 0.2,
      "hmc_fsl": false
    },
    "software": "mriqc",
    "version": "0.9.6"
  },
  "size_t": 192,
  "size_x": 128,
  "size_y": 128,
  "size_z": 49,
  "snr": 4.332597270735683,
  "spacing_tr": 2.5,
  "spacing_x": 2.25,
  "spacing_y": 2.25,
  "spacing_z": 3.0,
  "summary_bg_k": 104.609482112494,
  "summary_bg_mad": 0.8802950978279114,
  "summary_bg_mean": 50.259368896484375,
  "summary_bg_median": 0.59375,
  "summary_bg_n": 642271.0,
  "summary_bg_p05": 0.0,
  "summary_bg_p95": 231.42969512939453,
  "summary_bg_stdv": 195.3782958984375,
  "summary_fg_k": 0.7146394615279776,
  "summary_fg_mad": 1063.125732421875,
  "summary_fg_mean": 5229.005859375,
  "summary_fg_median": 5178.1357421875,
  "summary_fg_n": 75873.0,
  "summary_fg_p05": 3272.36669921875,
  "summary_fg_p95": 7243.0220703125,
  "summary_fg_stdv": 1195.1495361328125,
  "tsnr": 56.429412841796875
}