{
  "aor": 0.0034643298969072164,
  "aqi": 0.005276345515463918,
  "bids_meta": {
    "AcquisitionDuration": 525.000256,
    "CogAtlasID": "trm_4c8a834779883",
    "Columns": 128,
    "EchoTime": 0.03,
    "EchoTrainLength": 1,
    "EffectiveEchoSpacing": 0.000464,
    "FieldOfView": [
      288,
      288,
      147
    ],
    "FlipAngle": 75,
    "GEImageTypeRIMPCode": 0,
    "ImageType": "ORIGINAL/PRIMARY/EPI/NONE",
    "ImagingFrequency": 127.765156,
    "InplanePhaseEncodingDirection": "COL",
    "InversionTime": 0,
    "MRAcquisitionType": "2D",
    "MagneticFieldStrength": 3,
    "Manufacturer": "GE MEDICAL SYSTEMS",
    "ManufacturersModelName": "DISCOVERY MR750",
    "NumberOfAverages": 1,
    "NumberOfEPIShots": 1,
    "NumberOfEchoes": 1,
    "NumberOfSlices": 49,
    "ParallelImagingReductionFactors": [
      0.5,
      1
    ],
    "PercentPhaseFieldOfView": 100,
    "PhaseEncodingDirection": "j",
    "PixelBandwidth": 3906.25,
    "PixelSpacing": [
      2.25,
      2.25
    ],
    "ReceiveCoilName": "8HRBRAIN",
    "RepetitionTime": 2.5,
    "Rows": 128,
    "SATFatWaterBone": 0,
    "ScanOptions": [
      "EPI_GEMS",
      "FILTERED_GEMS",
      "ACC_GEMS"
    ],
    "ScanningSequence": [
      "EP",
      "GR"
    ],
    "SequenceVariant": "SS",
    "SeriesDate": "18740516",
    "SeriesDescription": "RSN_BWRT_200vol_3mm",
    "SeriesNumber": 4,
    "SeriesTime": "193915",
    "SliceThickness": 3,
    "SliceTiming": [
      0,
      1.27551,
      0.05102,
      1.32653,
      0.10204,
      1.37755,
      0.15306,
      1.42857,
      0.20408,
      1.47959,
      0.2551,
      1.53061,
      0.30612,
      1.58163,
      0.35714,
      1.63265,
      0.40816,
      1.68367,
      0.45918,
      1.73469,
      0.5102,
      1.78571,
      0.56122,
      1.83673,
      0.61224,
      1.88776,
      0.66327,
      1.93878,
      0.71429,
      1.9898,
      0.76531,
      2.04082,
      0.81633,
      2.09184,
      0.86735,
      2.14286,
      0.91837,
      2.19388,
      0.96939,
      2.2449,
      1.02041,
      2.29592,
      1.07143,
      2.34694,
      1.12245,
      2.39796,
      1.17347,
      2.44898,
      1.22449
    ],
    "SliceTimingComputationMethod": "SliceNumber*RepetitionTime/NumberOfSlices (interleaved ascending, odd first)",
    "SpacingBetweenSlices": 3,
    "StudyTime": "193149",
    "TaskDescription": "Functional connectivity in the resting state was assessed during two eight-minute runs.",
    "TaskInstructions": "Participants were instructed to keep their eyes open and look at a white fixation cross presented against a gray background.",
    "TaskName": "Resting State",
    "dummyScans": 10,
    "modality": "bold",
    "session_id": "1",
    "subject_id": "9011",
    "task_id": "rest"
  },
  "dummy_trs": 0,
  "dvars_nstd": 16.203556292797924,
  "dvars_std": 1.0135451404145084,
  "dvars_vstd": 0.96782261746114,
  "efc": 0.3049388431308574,
  "fber": 34330532.0,
  "fd_mean": 0.08660222688229817,
  "fd_num": 6,
  "fd_perc": 3.0927835051546393,
  "fwhm_avg": 3.3496862962962966,
  "fwhm_x": 3.5373244444444447,
  "fwhm_y": 3.8697244444444445,
  "fwhm_z": 2.64201,
  "gcor": 0.0176353,
  "gsr_x": -0.012347797863185406,
  "gsr_y": -0.002339432016015053,
  "provenance": {
    "md5sum": "55bf83d7f6fa8e0fc9dcdc2996a88fb8",
    "settings": {
      "fd_thres": 0.2,
      "hmc_fsl": false
    },
    "software": "mriqc",
    "version": "0.9.6"
  },
  "size_t": 194,
  "size_x": 128,
  "size_y": 128,
  "size_z": 49,
  "snr": 4.386003847541654,
  "spacing_tr": 2.5,
  "spacing_x": 2.25,
  "spacing_y": 2.25,
  "spacing_z": 3.0,
  "summary_bg_k": 128.53487344508034,
  "summary_bg_mad": 1.352683424949646,
  "summary_bg_mean": 52.45149612426758,
  "summary_bg_median": 0.9123710989952087,
  "summary_bg_n": 636406.0,
  "summary_bg_p05": 0.0,
  "summary_bg_p95": 240.96004486083984,
  "summary_bg_stdv": 201.19528198242188,
  "summary_fg_k": 1.2462407372031228,
  "summary_fg_mad": 954.6698608398438,
  "summary_fg_mean": 4965.9814453125,
  "summary_fg_median": 5011.2705078125,
  "summary_fg_n": 79734.0,
  "summary_fg_p05": 2869.4070922851565,
  "summary_fg_p95": 6713.185424804684,
  "summary_fg_stdv": 1142.5523681640625,
  "tsnr": 64.09834289550781
}