{
  "aor": 0.0091325,
  "aqi": 0.00858242555,
  "bids_meta": {
    "AcquisitionDuration": 525.000256,
    "CogAtlasID": "trm_4c8a834779883",
    "Columns": 128,
    "EchoTime": 0.03,
    "EchoTrainLength": 1,
    "EffectiveEchoSpacing": 0.000464,
    "FieldOfView": [
      288,
      288,
      147
    ],
    "FlipAngle": 75,
    "GEImageTypeRIMPCode": 0,
    "ImageType": "ORIGINAL/PRIMARY/EPI/NONE",
    "ImagingFrequency": 127.765124,
    "InplanePhaseEncodingDirection": "COL",
    "InversionTime": 0,
    "MRAcquisitionType": "2D",
    "MagneticFieldStrength": 3,
    "Manufacturer": "GE MEDICAL SYSTEMS",
    "ManufacturersModelName": "DISCOVERY MR750",
    "NumberOfAverages": 1,
    "NumberOfEPIShots": 1,
    "NumberOfEchoes": 1,
    "NumberOfSlices": 49,
    "ParallelImagingReductionFactors": [
      0.5,
      1
    ],
    "PercentPhaseFieldOfView": 100,
    "PhaseEncodingDirection": "j",
    "PixelBandwidth": 3906.25,
    "PixelSpacing": [
      2.25,
      2.25
    ],
    "ReceiveCoilName": "8HRBRAIN",
    "RepetitionTime": 2.5,
    "Rows": 128,
    "SATFatWaterBone": 0,
    "ScanOptions": [
      "EPI_GEMS",
      "FILTERED_GEMS",
      "ACC_GEMS"
    ],
    "ScanningSequence": [
      "EP",
      "GR"
    ],
    "SequenceVariant": "SS",
    "SeriesDate": "18740413",
    "SeriesDescription": "RSN_BWRT_200vol_3mm",
    "SeriesNumber": 3,
    "SeriesTime": "205947",
    "SliceThickness": 3,
    "SliceTiming": [
      0,
      1.27551,
      0.05102,
      1.32653,
      0.10204,
      1.37755,
      0.15306,
      1.42857,
      0.20408,
      1.47959,
      0.2551,
      1.53061,
      0.30612,
      1.58163,
      0.35714,
      1.63265,
      0.40816,
      1.68367,
      0.45918,
      1.73469,
      0.5102,
      1.78571,
      0.56122,
      1.83673,
      0.61224,
      1.88776,
      0.66327,
      1.93878,
      0.71429,
      1.9898,
      0.76531,
      2.04082,
      0.81633,
      2.09184,
      0.86735,
      2.14286,
      0.91837,
      2.19388,
      0.96939,
      2.2449,
      1.02041,
      2.29592,
      1.07143,
      2.34694,
      1.12245,
      2.39796,
      1.17347,
      2.44898,
      1.22449
    ],
    "SliceTimingComputationMethod": "SliceNumber*RepetitionTime/NumberOfSlices (interleaved ascending, odd first)",
    "SpacingBetweenSlices": 3,
    "StudyTime": "205625",
    "TaskDescription": "Functional connectivity in the resting state was assessed during two eight-minute runs. Participants were asked to rate their sleepiness using the Karolinska Sleepiness Scale every 2 minutes",
    "TaskInstructions": "Participants were instructed to keep their eyes open and look at a white fixation cross presented against a gray background.",
    "TaskName": "Sleepiness",
    "dummyScans": 10,
    "modality": "bold",
    "session_id": "1",
    "subject_id": "9065",
    "task_id": "sleepiness"
  },
  "dummy_trs": 0,
  "dvars_nstd": 24.39957535376884,
  "dvars_std": 1.0540115708040192,
  "dvars_vstd": 0.9863133608542712,
  "efc": 0.350914701294936,
  "fber": 12724392.0,
  "fd_mean": 0.2876352248187492,
  "fd_num": 89,
  "fd_perc": 44.5,
  "fwhm_avg": 3.2385121860349195,
  "fwhm_x": 3.2442533333333334,
  "fwhm_y": 3.764466666666667,
  "fwhm_z": 2.7068165581047587,
  "gcor": 0.0624415,
  "gsr_x": -0.022608919069170952,
  "gsr_y": 0.004668825771659613,
  "provenance": {
    "md5sum": "35dd83e8be2387abb769380307925c49",
    "settings": {
      "fd_thres": 0.2,
      "hmc_fsl": false
    },
    "software": "mriqc",
    "version": "0.9.6"
  },
  "size_t": 200,
  "size_x": 128,
  "size_y": 128,
  "size_z": 49,
  "snr": 4.456283911949825,
  "spacing_tr": 2.5,
  "spacing_x": 2.25,
  "spacing_y": 2.25,
  "spacing_z": 3.0000038146972656,
  "summary_bg_k": 48.822613347035386,
  "summary_bg_mad": 2.0459911823272705,
  "summary_bg_mean": 85.65129852294922,
  "summary_bg_median": 1.3799999952316284,
  "summary_bg_n": 617595.0,
  "summary_bg_p05": 0.0,
  "summary_bg_p95": 458.43649902343714,
  "summary_bg_stdv": 285.0360412597656,
  "summary_fg_k": 1.2286641767733206,
  "summary_fg_mad": 910.484619140625,
  "summary_fg_mean": 4629.82568359375,
  "summary_fg_median": 4690.3173828125,
  "summary_fg_n": 97038.0,
  "summary_fg_p05": 2776.220239257813,
  "summary_fg_p95": 6225.63134765625,
  "summary_fg_stdv": 1052.51220703125,
  "tsnr": 44.7075080871582
}