{
  "aor": 0.002174114583333334,
  "aqi": 0.0068679890625000005,
  "bids_meta": {
    "AcquisitionDuration": 525.000256,
    "CogAtlasID": "trm_4c8a834779883",
    "Columns": 128,
    "EchoTime": 0.03,
    "EchoTrainLength": 1,
    "EffectiveEchoSpacing": 0.000464,
    "FieldOfView": [
      288,
      288,
      147
    ],
    "FlipAngle": 75,
    "GEImageTypeRIMPCode": 0,
    "ImageType": "ORIGINAL/PRIMARY/EPI/NONE",
    "ImagingFrequency": 127.765102,
    "InplanePhaseEncodingDirection": "COL",
    "InversionTime": 0,
    "MRAcquisitionType": "2D",
    "MagneticFieldStrength": 3,
    "Manufacturer": "GE MEDICAL SYSTEMS",
    "ManufacturersModelName": "DISCOVERY MR750",
    "NumberOfAverages": 1,
    "NumberOfEPIShots": 1,
    "NumberOfEchoes": 1,
    "NumberOfSlices": 49,
    "ParallelImagingReductionFactors": [
      0.5,
      1
    ],
    "PercentPhaseFieldOfView": 100,
    "PhaseEncodingDirection": "j",
    "PixelBandwidth": 3906.25,
    "PixelSpacing": [
      2.25,
      2.25
    ],
    "ReceiveCoilName": "8HRBRAIN",
    "RepetitionTime": 2.5,
    "Rows": 128,
    "SATFatWaterBone": 0,
    "ScanOptions": [
      "EPI_GEMS",
      "FILTERED_GEMS",
      "ACC_GEMS"
    ],
    "ScanningSequence": [
      "EP",
      "GR"
    ],
    "SequenceVariant": "SS",
    "SeriesDate": "18740312",
    "SeriesDescription": "RSN_BWRT_200vol_3mm",
    "SeriesNumber": 4,
    "SeriesTime": "195920",
    "SliceThickness": 3,
    "SliceTiming": [
      0,
      1.27551,
      0.05102,
      1.32653,
      0.10204,
      1.37755,
      0.15306,
      1.42857,
      0.20408,
      1.47959,
      0.2551,
      1.53061,
      0.30612,
      1.58163,
      0.35714,
      1.63265,
      0.40816,
      1.68367,
      0.45918,
      1.73469,
      0.5102,
      1.78571,
      0.56122,
      1.83673,
      0.61224,
      1.88776,
      0.66327,
      1.93878,
      0.71429,
      1.9898,
      0.76531,
      2.04082,
      0.81633,
      2.09184,
      0.86735,
      2.14286,
      0.91837,
      2.19388,
      0.96939,
      2.2449,
      1.02041,
      2.29592,
      1.07143,
      2.34694,
      1.12245,
      2.39796,
      1.17347,
      2.44898,
      1.22449
    ],
    "SliceTimingComputationMethod": "SliceNumber*RepetitionTime/NumberOfSlices (interleaved ascending, odd first)",
    "SpacingBetweenSlices": 3,
    "StudyTime": "195137",
    "TaskDescription": "Functional connectivity in the resting state was assessed during two eight-minute runs.",
    "TaskInstructions": "Participants were instructed to keep their eyes open and look at a white fixation cross presented against a gray background.",
    "TaskName": "Resting State",
    "dummyScans": 10,
    "modality": "bold",
    "session_id": "2",
    "subject_id": "9098",
    "task_id": "rest"
  },
  "dummy_trs": 0,
  "dvars_nstd": 24.327706931047093,
  "dvars_std": 1.1970747386910994,
  "dvars_vstd": 0.9752526006806292,
  "efc": 0.3115986089068032,
  "fber": 80552616.0,
  "fd_mean": 0.14796105997462264,
  "fd_num": 42,
  "fd_perc": 21.875,
  "fwhm_avg": 3.4074356083905926,
  "fwhm_x": 3.485831111111111,
  "fwhm_y": 3.9903822222222223,
  "fwhm_z": 2.7460934918384448,
  "gcor": 0.0288119,
  "gsr_x": -0.015940876677632332,
  "gsr_y": 0.004791418556123972,
  "provenance": {
    "md5sum": "73e16ac3043b1c693526d7084a2beb96",
    "settings": {
      "fd_thres": 0.2,
      "hmc_fsl": false
    },
    "software": "mriqc",
    "version": "0.9.6"
  },
  "size_t": 192,
  "size_x": 128,
  "size_y": 128,
  "size_z": 49,
  "snr": 4.557273309576739,
  "spacing_tr": 2.5,
  "spacing_x": 2.25,
  "spacing_y": 2.25,
  "spacing_z": 2.9999961853027344,
  "summary_bg_k": 172.4749566848023,
  "summary_bg_mad": 0.8880170583724976,
  "summary_bg_mean": 60.89569091796875,
  "summary_bg_median": 0.5989583730697632,
  "summary_bg_n": 635228.0,
  "summary_bg_p05": 0.0,
  "summary_bg_p95": 262.49481201171875,
  "summary_bg_stdv": 262.8695373535156,
  "summary_fg_k": 1.5346804911758136,
  "summary_fg_mad": 843.878662109375,
  "summary_fg_mean": 4881.01025390625,
  "summary_fg_median": 4984.23974609375,
  "summary_fg_n": 80875.0,
  "summary_fg_p05": 2766.416259765625,
  "summary_fg_p95": 6473.199169921874,
  "summary_fg_stdv": 1093.6822509765625,
  "tsnr": 63.20908737182617
}