{
  "aor": 0.0027339378238341967,
  "aqi": 0.0032971964766839376,
  "bids_meta": {
    "AcquisitionDuration": 525.000256,
    "CogAtlasID": "trm_4c8a834779883",
    "Columns": 128,
    "EchoTime": 0.03,
    "EchoTrainLength": 1,
    "EffectiveEchoSpacing": 0.000464,
    "FieldOfView": [
      288,
      288,
      147
    ],
    "FlipAngle": 75,
    "GEImageTypeRIMPCode": 0,
    "ImageType": "ORIGINAL/PRIMARY/EPI/NONE",
    "ImagingFrequency": 127.76506,
    "InplanePhaseEncodingDirection": "COL",
    "InversionTime": 0,
    "MRAcquisitionType": "2D",
    "MagneticFieldStrength": 3,
    "Manufacturer": "GE MEDICAL SYSTEMS",
    "ManufacturersModelName": "DISCOVERY MR750",
    "NumberOfAverages": 1,
    "NumberOfEPIShots": 1,
    "NumberOfEchoes": 1,
    "NumberOfSlices": 49,
    "ParallelImagingReductionFactors": [
      0.5,
      1
    ],
    "PercentPhaseFieldOfView": 100,
    "PhaseEncodingDirection": "j",
    "PixelBandwidth": 3906.25,
    "PixelSpacing": [
      2.25,
      2.25
    ],
    "ReceiveCoilName": "8HRBRAIN",
    "RepetitionTime": 2.5,
    "Rows": 128,
    "SATFatWaterBone": 0,
    "ScanOptions": [
      "EPI_GEMS",
      "FILTERED_GEMS",
      "ACC_GEMS"
    ],
    "ScanningSequence": [
      "EP",
      "GR"
    ],
    "SequenceVariant": "SS",
    "SeriesDate": "18740421",
    "SeriesDescription": "RSN_BWRT_200vol_3mm",
    "SeriesNumber": 4,
    "SeriesTime": "180103",
    "SliceThickness": 3,
    "SliceTiming": [
      0,
      1.27551,
      0.05102,
      1.32653,
      0.10204,
      1.37755,
      0.15306,
      1.42857,
      0.20408,
      1.47959,
      0.2551,
      1.53061,
      0.30612,
      1.58163,
      0.35714,
      1.63265,
      0.40816,
      1.68367,
      0.45918,
      1.73469,
      0.5102,
      1.78571,
      0.56122,
      1.83673,
      0.61224,
      1.88776,
      0.66327,
      1.93878,
      0.71429,
      1.9898,
      0.76531,
      2.04082,
      0.81633,
      2.09184,
      0.86735,
      2.14286,
      0.91837,
      2.19388,
      0.96939,
      2.2449,
      1.02041,
      2.29592,
      1.07143,
      2.34694,
      1.12245,
      2.39796,
      1.17347,
      2.44898,
      1.22449
    ],
    "SliceTimingComputationMethod": "SliceNumber*RepetitionTime/NumberOfSlices (interleaved ascending, odd first)",
    "SpacingBetweenSlices": 3,
    "StudyTime": "175313",
    "TaskDescription": "Functional connectivity in the resting state was assessed during two eight-minute runs.",
    "TaskInstructions": "Participants were instructed to keep their eyes open and look at a white fixation cross presented against a gray background.",
    "TaskName": "Resting State",
    "dummyScans": 10,
    "modality": "bold",
    "session_id": "2",
    "subject_id": "9014",
    "task_id": "rest"
  },
  "dummy_trs": 0,
  "dvars_nstd": 19.540138547864586,
  "dvars_std": 1.1904135990624993,
  "dvars_vstd": 1.009367929010416,
  "efc": 0.3501573025708663,
  "fber": 14550187.0,
  "fd_mean": 0.09930606272598914,
  "fd_num": 11,
  "fd_perc": 5.699481865284974,
  "fwhm_avg": 3.275461111111111,
  "fwhm_x": 3.2271155555555553,
  "fwhm_y": 3.8206977777777777,
  "fwhm_z": 2.77857,
  "gcor": 0.0196471,
  "gsr_x": -0.018656738102436066,
  "gsr_y": 0.009338419884443283,
  "provenance": {
    "md5sum": "4ca6e5867571afee7f59791d7d46d18d",
    "settings": {
      "fd_thres": 0.2,
      "hmc_fsl": false
    },
    "software": "mriqc",
    "version": "0.9.6"
  },
  "size_t": 193,
  "size_x": 128,
  "size_y": 128,
  "size_z": 49,
  "snr": 4.4935659757889255,
  "spacing_tr": 2.5,
  "spacing_x": 2.25,
  "spacing_y": 2.25,
  "spacing_z": 3.0,
  "summary_bg_k": 98.65214798370219,
  "summary_bg_mad": 2.0126516819000244,
  "summary_bg_mean": 73.943603515625,
  "summary_bg_median": 1.3575129508972168,
  "summary_bg_n": 614422.0,
  "summary_bg_p05": 0.0,
  "summary_bg_p95": 361.91656646728467,
  "summary_bg_stdv": 246.67681884765625,
  "summary_fg_k": 1.2092107395582792,
  "summary_fg_mad": 947.2529296875,
  "summary_fg_mean": 4858.27001953125,
  "summary_fg_median": 4886.30078125,
  "summary_fg_n": 99900.0,
  "summary_fg_p05": 2965.2890014648438,
  "summary_fg_p95": 6553.959619140623,
  "summary_fg_stdv": 1087.3939208984375,
  "tsnr": 82.68145751953125
}