{
  "bids_meta": {
    "AcquisitionDuration": 393.105088,
    "Columns": 512,
    "EchoTime": 0.12732,
    "EchoTrainLength": 140,
    "EffectiveEchoSpacing": 0,
    "FieldOfView": [
      240.03,
      240.03,
      87.6
    ],
    "FlipAngle": 90,
    "GEImageTypeRIMPCode": 0,
    "ImageType": "ORIGINAL/PRIMARY/OTHER",
    "ImagingFrequency": 127.765035,
    "InplanePhaseEncodingDirection": "ROW",
    "InversionTime": 1.861,
    "MRAcquisitionType": "3D",
    "MagneticFieldStrength": 3,
    "Manufacturer": "GE MEDICAL SYSTEMS",
    "ManufacturersModelName": "DISCOVERY MR750",
    "NumberOfAverages": 1,
    "NumberOfEPIShots": 1,
    "NumberOfEchoes": 1,
    "NumberOfSlices": 146,
    "ParallelImagingReductionFactors": [
      0.5,
      0.5
    ],
    "PercentPhaseFieldOfView": 100,
    "PhaseEncodingDirection": "i",
    "PixelBandwidth": 122.07,
    "PixelSpacing": [
      0.4688,
      0.4688
    ],
    "ReceiveCoilName": "8HRBRAIN",
    "RepetitionTime": 6,
    "Rows": 512,
    "SATFatWaterBone": 0,
    "ScanOptions": [
      "EDR_GEMS",
      "FILTERED_GEMS",
      "ACC_GEMS"
    ],
    "ScanningSequence": [
      "SE",
      "IR"
    ],
    "SequenceVariant": "SK",
    "SeriesDate": "18740411",
    "SeriesDescription": "Sag CUBE T2 flair",
    "SeriesNumber": 11,
    "SeriesTime": "190056",
    "SliceThickness": 1.2,
    "SpacingBetweenSlices": 0.600002,
    "StudyTime": "174900",
    "modality": "T2w",
    "session_id": "1",
    "subject_id": "9008"
  },
  "cjv": 0.642684742983226,
  "cnr": 0.6725561005194857,
  "efc": 0.6272264043760483,
  "fber": 367.7497863769531,
  "fwhm_avg": 4.736740499217231,
  "fwhm_x": 4.258749830772486,
  "fwhm_y": 5.118771240464433,
  "fwhm_z": 4.832700426414774,
  "icvs_csf": 0.4312545506032864,
  "icvs_gm": 0.4181613936968304,
  "icvs_wm": 0.15058405569988326,
  "inu_med": 1.1270831823349,
  "inu_range": 0.6361100375652309,
  "provenance": {
    "md5sum": "b7342d6498be9515fe07e053f695c4e3",
    "settings": {
      "testing": false
    },
    "software": "mriqc",
    "version": "0.9.6",
    "warnings": {
      "large_rot_frame": true,
      "small_air_mask": false
    }
  },
  "qi_1": 0.0,
  "qi_2": 0.0007929490352607059,
  "rpve_csf": 13.831208014901373,
  "rpve_gm": 13.30526532899234,
  "rpve_wm": 34.99889949384065,
  "size_x": 292,
  "size_y": 512,
  "size_z": 512,
  "snr_csf": 16.041296927297346,
  "snr_gm": 15.420401901319345,
  "snr_total": 10.819396288452412,
  "snr_wm": 0.9964900367405469,
  "snrd_csf": 54.90266517942227,
  "snrd_gm": 47.62010691603099,
  "snrd_total": 43.62725029074608,
  "snrd_wm": 28.358978776784998,
  "spacing_x": 0.6000000238418579,
  "spacing_y": 0.46880000829696655,
  "spacing_z": 0.46880000829696655,
  "summary_bg_k": 11.368449628652135,
  "summary_bg_mad": 23.09583282470703,
  "summary_bg_mean": 69.62352752685547,
  "summary_bg_median": 64.57006072998047,
  "summary_bg_n": 14154904.0,
  "summary_bg_p05": 32.830780601501466,
  "summary_bg_p95": 122.7821979522705,
  "summary_bg_stdv": 30.235639572143555,
  "summary_csf_k": 0.7005490238970484,
  "summary_csf_mad": 113.73397827148438,
  "summary_csf_mean": 1945.5107421875,
  "summary_csf_median": 1935.5096435546875,
  "summary_csf_n": 799639.0,
  "summary_csf_p05": 1766.3340942382813,
  "summary_csf_p95": 2159.025634765625,
  "summary_csf_stdv": 120.65785217285156,
  "summary_gm_k": -0.055867383360515444,
  "summary_gm_mad": 110.04222106933594,
  "summary_gm_mean": 1679.2633056640625,
  "summary_gm_median": 1678.774169921875,
  "summary_gm_n": 413104.0,
  "summary_gm_p05": 1501.4606567382812,
  "summary_gm_p95": 1858.920819091797,
  "summary_gm_stdv": 108.86695098876953,
  "summary_wm_k": 2.742178850758564,
  "summary_wm_mad": 326.3546447753906,
  "summary_wm_mean": 1324.2257080078125,
  "summary_wm_median": 999.7525024414062,
  "summary_wm_n": 180577.0,
  "summary_wm_p05": 378.31378173828136,
  "summary_wm_p95": 3702.9996093749996,
  "summary_wm_stdv": 1003.2711791992188,
  "tpm_overlap_csf": 0.07770080864429474,
  "tpm_overlap_gm": 0.30646371841430664,
  "tpm_overlap_wm": 0.0976027101278305,
  "wm2max": 0.1944814216991395
}