{
  "aor": 0.005886349999999999,
  "aqi": 0.0093598056,
  "bids_meta": {
    "AcquisitionDuration": 525.000256,
    "CogAtlasID": "trm_4c8a834779883",
    "Columns": 128,
    "EchoTime": 0.03,
    "EchoTrainLength": 1,
    "EffectiveEchoSpacing": 0.000464,
    "FieldOfView": [
      288,
      288,
      147
    ],
    "FlipAngle": 75,
    "GEImageTypeRIMPCode": 0,
    "ImageType": "ORIGINAL/PRIMARY/EPI/NONE",
    "ImagingFrequency": 127.765155,
    "InplanePhaseEncodingDirection": "COL",
    "InversionTime": 0,
    "MRAcquisitionType": "2D",
    "MagneticFieldStrength": 3,
    "Manufacturer": "GE MEDICAL SYSTEMS",
    "ManufacturersModelName": "DISCOVERY MR750",
    "NumberOfAverages": 1,
    "NumberOfEPIShots": 1,
    "NumberOfEchoes": 1,
    "NumberOfSlices": 49,
    "ParallelImagingReductionFactors": [
      0.5,
      1
    ],
    "PercentPhaseFieldOfView": 100,
    "PhaseEncodingDirection": "j",
    "PixelBandwidth": 3906.25,
    "PixelSpacing": [
      2.25,
      2.25
    ],
    "ReceiveCoilName": "8HRBRAIN",
    "RepetitionTime": 2.5,
    "Rows": 128,
    "SATFatWaterBone": 0,
    "ScanOptions": [
      "EPI_GEMS",
      "FILTERED_GEMS",
      "ACC_GEMS"
    ],
    "ScanningSequence": [
      "EP",
      "GR"
    ],
    "SequenceVariant": "SS",
    "SeriesDate": "18740508",
    "SeriesDescription": "RSN_BWRT_200vol_3mm",
    "SeriesNumber": 10,
    "SeriesTime": "210025",
    "SliceThickness": 3,
    "SliceTiming": [
      0,
      1.27551,
      0.05102,
      1.32653,
      0.10204,
      1.37755,
      0.15306,
      1.42857,
      0.20408,
      1.47959,
      0.2551,
      1.53061,
      0.30612,
      1.58163,
      0.35714,
      1.63265,
      0.40816,
      1.68367,
      0.45918,
      1.73469,
      0.5102,
      1.78571,
      0.56122,
      1.83673,
      0.61224,
      1.88776,
      0.66327,
      1.93878,
      0.71429,
      1.9898,
      0.76531,
      2.04082,
      0.81633,
      2.09184,
      0.86735,
      2.14286,
      0.91837,
      2.19388,
      0.96939,
      2.2449,
      1.02041,
      2.29592,
      1.07143,
      2.34694,
      1.12245,
      2.39796,
      1.17347,
      2.44898,
      1.22449
    ],
    "SliceTimingComputationMethod": "SliceNumber*RepetitionTime/NumberOfSlices (interleaved ascending, odd first)",
    "SpacingBetweenSlices": 3,
    "StudyTime": "195651",
    "TaskDescription": "Functional connectivity in the resting state was assessed during two eight-minute runs. Participants were asked to rate their sleepiness using the Karolinska Sleepiness Scale every 2 minutes",
    "TaskInstructions": "Participants were instructed to keep their eyes open and look at a white fixation cross presented against a gray background.",
    "TaskName": "Sleepiness",
    "dummyScans": 10,
    "modality": "bold",
    "session_id": "2",
    "subject_id": "9008",
    "task_id": "sleepiness"
  },
  "dummy_trs": 0,
  "dvars_nstd": 26.10970360572864,
  "dvars_std": 1.0919690038190952,
  "dvars_vstd": 0.9905162551256284,
  "efc": 0.34310923767661894,
  "fber": 30291766.0,
  "fd_mean": 0.31574516482184556,
  "fd_num": 108,
  "fd_perc": 54.0,
  "fwhm_avg": 3.397966666666667,
  "fwhm_x": 3.4608933333333334,
  "fwhm_y": 3.8929866666666664,
  "fwhm_z": 2.8400200000000004,
  "gcor": 0.0458193,
  "gsr_x": -0.016233963891863823,
  "gsr_y": 0.005782277323305607,
  "provenance": {
    "md5sum": "8d9f283e7e363d920d0ed9e7d03d6a96",
    "settings": {
      "fd_thres": 0.2,
      "hmc_fsl": false
    },
    "software": "mriqc",
    "version": "0.9.6"
  },
  "size_t": 200,
  "size_x": 128,
  "size_y": 128,
  "size_z": 49,
  "snr": 4.40082572199097,
  "spacing_tr": 2.5,
  "spacing_x": 2.25,
  "spacing_y": 2.25,
  "spacing_z": 3.0,
  "summary_bg_k": 141.7240029401321,
  "summary_bg_mad": 1.3936461210250854,
  "summary_bg_mean": 71.80558776855469,
  "summary_bg_median": 0.9399999976158142,
  "summary_bg_n": 617079.0,
  "summary_bg_p05": 0.0,
  "summary_bg_p95": 354.7049865722656,
  "summary_bg_stdv": 276.2979431152344,
  "summary_fg_k": 1.4445457758888463,
  "summary_fg_mad": 885.1432495117188,
  "summary_fg_mean": 4833.681640625,
  "summary_fg_median": 4874.9951171875,
  "summary_fg_n": 97453.0,
  "summary_fg_p05": 2728.621044921875,
  "summary_fg_p95": 6523.433984374999,
  "summary_fg_stdv": 1107.7398681640625,
  "tsnr": 47.463130950927734
}