{
  "aor": 0.0012467875647668395,
  "aqi": 0.005145982953367876,
  "bids_meta": {
    "AcquisitionDuration": 525.000256,
    "CogAtlasID": "trm_4c8a834779883",
    "Columns": 128,
    "EchoTime": 0.03,
    "EchoTrainLength": 1,
    "EffectiveEchoSpacing": 0.000464,
    "FieldOfView": [
      288,
      288,
      147
    ],
    "FlipAngle": 75,
    "GEImageTypeRIMPCode": 0,
    "ImageType": "ORIGINAL/PRIMARY/EPI/NONE",
    "ImagingFrequency": 127.765229,
    "InplanePhaseEncodingDirection": "COL",
    "InversionTime": 0,
    "MRAcquisitionType": "2D",
    "MagneticFieldStrength": 3,
    "Manufacturer": "GE MEDICAL SYSTEMS",
    "ManufacturersModelName": "DISCOVERY MR750",
    "NumberOfAverages": 1,
    "NumberOfEPIShots": 1,
    "NumberOfEchoes": 1,
    "NumberOfSlices": 49,
    "ParallelImagingReductionFactors": [
      0.5,
      1
    ],
    "PercentPhaseFieldOfView": 100,
    "PhaseEncodingDirection": "j",
    "PixelBandwidth": 3906.25,
    "PixelSpacing": [
      2.25,
      2.25
    ],
    "ReceiveCoilName": "8HRBRAIN",
    "RepetitionTime": 2.5,
    "Rows": 128,
    "SATFatWaterBone": 0,
    "ScanOptions": [
      "EPI_GEMS",
      "FILTERED_GEMS",
      "ACC_GEMS"
    ],
    "ScanningSequence": [
      "EP",
      "GR"
    ],
    "SequenceVariant": "SS",
    "SeriesDate": "18730126",
    "SeriesDescription": "RSN_BWRT_200vol_3mm",
    "SeriesNumber": 4,
    "SeriesTime": "181151",
    "SliceThickness": 3,
    "SliceTiming": [
      0,
      1.27551,
      0.05102,
      1.32653,
      0.10204,
      1.37755,
      0.15306,
      1.42857,
      0.20408,
      1.47959,
      0.2551,
      1.53061,
      0.30612,
      1.58163,
      0.35714,
      1.63265,
      0.40816,
      1.68367,
      0.45918,
      1.73469,
      0.5102,
      1.78571,
      0.56122,
      1.83673,
      0.61224,
      1.88776,
      0.66327,
      1.93878,
      0.71429,
      1.9898,
      0.76531,
      2.04082,
      0.81633,
      2.09184,
      0.86735,
      2.14286,
      0.91837,
      2.19388,
      0.96939,
      2.2449,
      1.02041,
      2.29592,
      1.07143,
      2.34694,
      1.12245,
      2.39796,
      1.17347,
      2.44898,
      1.22449
    ],
    "SliceTimingComputationMethod": "SliceNumber*RepetitionTime/NumberOfSlices (interleaved ascending, odd first)",
    "SpacingBetweenSlices": 3,
    "StudyTime": "180416",
    "TaskDescription": "Functional connectivity in the resting state was assessed during two eight-minute runs.",
    "TaskInstructions": "Participants were instructed to keep their eyes open and look at a white fixation cross presented against a gray background.",
    "TaskName": "Resting State",
    "dummyScans": 10,
    "modality": "bold",
    "session_id": "1",
    "subject_id": "9091",
    "task_id": "rest"
  },
  "dummy_trs": 0,
  "dvars_nstd": 18.755058263593742,
  "dvars_std": 1.1135374065104162,
  "dvars_vstd": 0.9715072520312494,
  "efc": 0.35393154995951226,
  "fber": 34994720.0,
  "fd_mean": 0.07978886417978674,
  "fd_num": 5,
  "fd_perc": 2.5906735751295336,
  "fwhm_avg": 3.4129966666666665,
  "fwhm_x": 3.4369377777777776,
  "fwhm_y": 4.024822222222222,
  "fwhm_z": 2.77723,
  "gcor": 0.0161953,
  "gsr_x": -0.02041926234960556,
  "gsr_y": 0.012032016180455685,
  "provenance": {
    "md5sum": "3b2f226c75bb1c810cd0701cbff7711c",
    "settings": {
      "fd_thres": 0.2,
      "hmc_fsl": false
    },
    "software": "mriqc",
    "version": "0.9.6"
  },
  "size_t": 193,
  "size_x": 128,
  "size_y": 128,
  "size_z": 49,
  "snr": 4.164273991465303,
  "spacing_tr": 2.5,
  "spacing_x": 2.25,
  "spacing_y": 2.25,
  "spacing_z": 3.0,
  "summary_bg_k": 112.25805471588703,
  "summary_bg_mad": 1.3904197216033936,
  "summary_bg_mean": 83.15989685058594,
  "summary_bg_median": 0.9378238320350647,
  "summary_bg_n": 608050.0,
  "summary_bg_p05": 0.0,
  "summary_bg_p95": 438.4507751464844,
  "summary_bg_stdv": 313.9343566894531,
  "summary_fg_k": 0.7057160614904627,
  "summary_fg_mad": 1145.84375,
  "summary_fg_mean": 5343.6669921875,
  "summary_fg_median": 5298.595703125,
  "summary_fg_n": 102953.0,
  "summary_fg_p05": 3273.4134765625,
  "summary_fg_p95": 7477.051757812498,
  "summary_fg_stdv": 1272.387451171875,
  "tsnr": 61.52499008178711
}