{
  "aor": 0.004421104651162791,
  "aqi": 0.009943352325581394,
  "bids_meta": {
    "AcquisitionDuration": 723.000256,
    "Columns": 128,
    "EchoTime": 0.034,
    "EchoTrainLength": 1,
    "EffectiveEchoSpacing": 0.00056,
    "FieldOfView": [
      220.01,
      220.01,
      110.4
    ],
    "FlipAngle": 80,
    "GEImageTypeRIMPCode": 0,
    "ImageType": "ORIGINAL/PRIMARY/EPI/NONE",
    "ImagingFrequency": 127.765165,
    "InplanePhaseEncodingDirection": "COL",
    "InversionTime": 0,
    "MRAcquisitionType": "2D",
    "MagneticFieldStrength": 3,
    "Manufacturer": "GE MEDICAL SYSTEMS",
    "ManufacturersModelName": "DISCOVERY MR750",
    "NumberOfAverages": 1,
    "NumberOfEPIShots": 1,
    "NumberOfEchoes": 1,
    "NumberOfSlices": 46,
    "ParallelImagingReductionFactors": [
      0.5,
      1
    ],
    "PercentPhaseFieldOfView": 100,
    "PhaseEncodingDirection": "j",
    "PixelBandwidth": 3906.25,
    "PixelSpacing": [
      1.7188,
      1.7188
    ],
    "ReceiveCoilName": "8HRBRAIN",
    "RepetitionTime": 3,
    "Rows": 128,
    "SATFatWaterBone": 1,
    "ScanOptions": [
      "SAT_GEMS",
      "EPI_GEMS",
      "ACC_GEMS",
      "FS"
    ],
    "ScanningSequence": [
      "EP",
      "GR"
    ],
    "SequenceVariant": "SS",
    "SeriesDate": "18740511",
    "SeriesDescription": "fMRI-hands",
    "SeriesNumber": 4,
    "SeriesTime": "204020",
    "SliceThickness": 2.3,
    "SliceTiming": [
      0,
      1.5,
      0.06522,
      1.56522,
      0.13043,
      1.63043,
      0.19565,
      1.69565,
      0.26087,
      1.76087,
      0.32609,
      1.82609,
      0.3913,
      1.8913,
      0.45652,
      1.95652,
      0.52174,
      2.02174,
      0.58696,
      2.08696,
      0.65217,
      2.15217,
      0.71739,
      2.21739,
      0.78261,
      2.28261,
      0.84783,
      2.34783,
      0.91304,
      2.41304,
      0.97826,
      2.47826,
      1.04348,
      2.54348,
      1.1087,
      2.6087,
      1.17391,
      2.67391,
      1.23913,
      2.73913,
      1.30435,
      2.80435,
      1.36957,
      2.86957,
      1.43478,
      2.93478
    ],
    "SliceTimingComputationMethod": "SliceNumber*RepetitionTime/NumberOfSlices (interleaved ascending, odd first)",
    "SpacingBetweenSlices": 2.4,
    "StudyTime": "203659",
    "TaskDescription": "In an event-related design, participants were shown pictures of hands being stung by needles or poked with Q-tips. The stimulus set was kindly shared by Claus Lamm, and has been shown to be effective in previous work by him. After each picture, participants were asked to rate their perceived unpleasantness on a visual analog scale of 0-100.",
    "TaskInstructions": "",
    "TaskName": "Hands",
    "dummyScans": 5,
    "modality": "bold",
    "session_id": "2",
    "subject_id": "9025",
    "task_id": "hands"
  },
  "dummy_trs": 0,
  "dvars_nstd": 43.57120288596492,
  "dvars_std": 1.1209459671345032,
  "dvars_vstd": 1.0686118497076025,
  "efc": 0.4572343379191001,
  "fber": 78507.9296875,
  "fd_mean": 0.20475333025968853,
  "fd_num": 49,
  "fd_perc": 28.488372093023255,
  "fwhm_avg": 3.0005974450384123,
  "fwhm_x": 3.0819118909272416,
  "fwhm_y": 3.500552815688409,
  "fwhm_z": 2.4193276284995853,
  "gcor": 0.0107886,
  "gsr_x": -0.008955827914178371,
  "gsr_y": 0.02223432995378971,
  "provenance": {
    "md5sum": "771727a3187ef6fc08bb8008d053c007",
    "settings": {
      "fd_thres": 0.2,
      "hmc_fsl": false
    },
    "software": "mriqc",
    "version": "0.9.6"
  },
  "size_t": 172,
  "size_x": 128,
  "size_y": 128,
  "size_z": 46,
  "snr": 3.0539900164340628,
  "spacing_tr": 3.0,
  "spacing_x": 1.7187999486923218,
  "spacing_y": 1.7187999486923218,
  "spacing_z": 2.4000015258789062,
  "summary_bg_k": 344.1547153276658,
  "summary_bg_mad": 18.342893600463867,
  "summary_bg_mean": 75.20993041992188,
  "summary_bg_median": 12.424418449401855,
  "summary_bg_n": 489583.0,
  "summary_bg_p05": 0.05232558026909828,
  "summary_bg_p95": 318.42382812499983,
  "summary_bg_stdv": 209.1526641845703,
  "summary_fg_k": 1.049793523379022,
  "summary_fg_mad": 941.1422119140625,
  "summary_fg_mean": 3608.093017578125,
  "summary_fg_median": 3462.56396484375,
  "summary_fg_n": 167615.0,
  "summary_fg_p05": 1965.2226928710938,
  "summary_fg_p95": 5779.144189453124,
  "summary_fg_stdv": 1133.7802734375,
  "tsnr": 34.36493682861328
}