{
  "aor": 0.007209650000000001,
  "aqi": 0.0060191337,
  "bids_meta": {
    "AcquisitionDuration": 525.000256,
    "CogAtlasID": "trm_4c8a834779883",
    "Columns": 128,
    "EchoTime": 0.03,
    "EchoTrainLength": 1,
    "EffectiveEchoSpacing": 0.000464,
    "FieldOfView": [
      288,
      288,
      147
    ],
    "FlipAngle": 75,
    "GEImageTypeRIMPCode": 0,
    "ImageType": "ORIGINAL/PRIMARY/EPI/NONE",
    "ImagingFrequency": 127.765197,
    "InplanePhaseEncodingDirection": "COL",
    "InversionTime": 0,
    "MRAcquisitionType": "2D",
    "MagneticFieldStrength": 3,
    "Manufacturer": "GE MEDICAL SYSTEMS",
    "ManufacturersModelName": "DISCOVERY MR750",
    "NumberOfAverages": 1,
    "NumberOfEPIShots": 1,
    "NumberOfEchoes": 1,
    "NumberOfSlices": 49,
    "ParallelImagingReductionFactors": [
      0.5,
      1
    ],
    "PercentPhaseFieldOfView": 100,
    "PhaseEncodingDirection": "j",
    "PixelBandwidth": 3906.25,
    "PixelSpacing": [
      2.25,
      2.25
    ],
    "ReceiveCoilName": "8HRBRAIN",
    "RepetitionTime": 2.5,
    "Rows": 128,
    "SATFatWaterBone": 0,
    "ScanOptions": [
      "EPI_GEMS",
      "FILTERED_GEMS",
      "ACC_GEMS"
    ],
    "ScanningSequence": [
      "EP",
      "GR"
    ],
    "SequenceVariant": "SS",
    "SeriesDate": "18740401",
    "SeriesDescription": "RSN_BWRT_200vol_3mm",
    "SeriesNumber": 10,
    "SeriesTime": "192014",
    "SliceThickness": 3,
    "SliceTiming": [
      0,
      1.27551,
      0.05102,
      1.32653,
      0.10204,
      1.37755,
      0.15306,
      1.42857,
      0.20408,
      1.47959,
      0.2551,
      1.53061,
      0.30612,
      1.58163,
      0.35714,
      1.63265,
      0.40816,
      1.68367,
      0.45918,
      1.73469,
      0.5102,
      1.78571,
      0.56122,
      1.83673,
      0.61224,
      1.88776,
      0.66327,
      1.93878,
      0.71429,
      1.9898,
      0.76531,
      2.04082,
      0.81633,
      2.09184,
      0.86735,
      2.14286,
      0.91837,
      2.19388,
      0.96939,
      2.2449,
      1.02041,
      2.29592,
      1.07143,
      2.34694,
      1.12245,
      2.39796,
      1.17347,
      2.44898,
      1.22449
    ],
    "SliceTimingComputationMethod": "SliceNumber*RepetitionTime/NumberOfSlices (interleaved ascending, odd first)",
    "SpacingBetweenSlices": 3,
    "StudyTime": "181519",
    "TaskDescription": "Functional connectivity in the resting state was assessed during two eight-minute runs. Participants were asked to rate their sleepiness using the Karolinska Sleepiness Scale every 2 minutes",
    "TaskInstructions": "Participants were instructed to keep their eyes open and look at a white fixation cross presented against a gray background.",
    "TaskName": "Sleepiness",
    "dummyScans": 10,
    "modality": "bold",
    "session_id": "1",
    "subject_id": "9062",
    "task_id": "sleepiness"
  },
  "dummy_trs": 0,
  "dvars_nstd": 15.963615163517586,
  "dvars_std": 0.9895186561809044,
  "dvars_vstd": 0.9730881845226131,
  "efc": 0.3077349174425454,
  "fber": 36075716.0,
  "fd_mean": 0.14383506440330052,
  "fd_num": 29,
  "fd_perc": 14.5,
  "fwhm_avg": 3.3972118518518517,
  "fwhm_x": 3.432768888888889,
  "fwhm_y": 3.986613333333333,
  "fwhm_z": 2.7722533333333335,
  "gcor": 0.0338569,
  "gsr_x": -0.014922640286386013,
  "gsr_y": 0.004438216332346201,
  "provenance": {
    "md5sum": "df84c0a4d8c57a631da82d5a287be44d",
    "settings": {
      "fd_thres": 0.2,
      "hmc_fsl": false
    },
    "software": "mriqc",
    "version": "0.9.6"
  },
  "size_t": 200,
  "size_x": 128,
  "size_y": 128,
  "size_z": 49,
  "snr": 4.802495351272972,
  "spacing_tr": 2.5,
  "spacing_x": 2.25,
  "spacing_y": 2.25,
  "spacing_z": 3.0,
  "summary_bg_k": 118.71400711983966,
  "summary_bg_mad": 1.3417550325393677,
  "summary_bg_mean": 59.36372375488281,
  "summary_bg_median": 0.9049999713897705,
  "summary_bg_n": 637486.0,
  "summary_bg_p05": 0.0,
  "summary_bg_p95": 262.2412414550781,
  "summary_bg_stdv": 238.48036193847656,
  "summary_fg_k": 1.4113858455018677,
  "summary_fg_mad": 894.17236328125,
  "summary_fg_mean": 5068.88427734375,
  "summary_fg_median": 5095.76953125,
  "summary_fg_n": 78736.0,
  "summary_fg_p05": 3205.7698974609375,
  "summary_fg_p95": 6726.7686767578125,
  "summary_fg_stdv": 1061.060302734375,
  "tsnr": 60.199913024902344
}