{
  "aor": 0.0037151000000000003,
  "aqi": 0.008883846150000001,
  "bids_meta": {
    "AcquisitionDuration": 525.000256,
    "CogAtlasID": "trm_4c8a834779883",
    "Columns": 128,
    "EchoTime": 0.03,
    "EchoTrainLength": 1,
    "EffectiveEchoSpacing": 0.000464,
    "FieldOfView": [
      288,
      288,
      147
    ],
    "FlipAngle": 75,
    "GEImageTypeRIMPCode": 0,
    "ImageType": "ORIGINAL/PRIMARY/EPI/NONE",
    "ImagingFrequency": 127.76516,
    "InplanePhaseEncodingDirection": "COL",
    "InversionTime": 0,
    "MRAcquisitionType": "2D",
    "MagneticFieldStrength": 3,
    "Manufacturer": "GE MEDICAL SYSTEMS",
    "ManufacturersModelName": "DISCOVERY MR750",
    "NumberOfAverages": 1,
    "NumberOfEPIShots": 1,
    "NumberOfEchoes": 1,
    "NumberOfSlices": 49,
    "ParallelImagingReductionFactors": [
      0.5,
      1
    ],
    "PercentPhaseFieldOfView": 100,
    "PhaseEncodingDirection": "j",
    "PixelBandwidth": 3906.25,
    "PixelSpacing": [
      2.25,
      2.25
    ],
    "ReceiveCoilName": "8HRBRAIN",
    "RepetitionTime": 2.5,
    "Rows": 128,
    "SATFatWaterBone": 0,
    "ScanOptions": [
      "EPI_GEMS",
      "FILTERED_GEMS",
      "ACC_GEMS"
    ],
    "ScanningSequence": [
      "EP",
      "GR"
    ],
    "SequenceVariant": "SS",
    "SeriesDate": "18740203",
    "SeriesDescription": "RSN_BWRT_200vol_3mm",
    "SeriesNumber": 10,
    "SeriesTime": "190250",
    "SliceThickness": 3,
    "SliceTiming": [
      0,
      1.27551,
      0.05102,
      1.32653,
      0.10204,
      1.37755,
      0.15306,
      1.42857,
      0.20408,
      1.47959,
      0.2551,
      1.53061,
      0.30612,
      1.58163,
      0.35714,
      1.63265,
      0.40816,
      1.68367,
      0.45918,
      1.73469,
      0.5102,
      1.78571,
      0.56122,
      1.83673,
      0.61224,
      1.88776,
      0.66327,
      1.93878,
      0.71429,
      1.9898,
      0.76531,
      2.04082,
      0.81633,
      2.09184,
      0.86735,
      2.14286,
      0.91837,
      2.19388,
      0.96939,
      2.2449,
      1.02041,
      2.29592,
      1.07143,
      2.34694,
      1.12245,
      2.39796,
      1.17347,
      2.44898,
      1.22449
    ],
    "SliceTimingComputationMethod": "SliceNumber*RepetitionTime/NumberOfSlices (interleaved ascending, odd first)",
    "SpacingBetweenSlices": 3,
    "StudyTime": "175858",
    "TaskDescription": "Functional connectivity in the resting state was assessed during two eight-minute runs. Participants were asked to rate their sleepiness using the Karolinska Sleepiness Scale every 2 minutes",
    "TaskInstructions": "Participants were instructed to keep their eyes open and look at a white fixation cross presented against a gray background.",
    "TaskName": "Sleepiness",
    "dummyScans": 10,
    "modality": "bold",
    "session_id": "1",
    "subject_id": "9092",
    "task_id": "sleepiness"
  },
  "dummy_trs": 0,
  "dvars_nstd": 19.55455884492463,
  "dvars_std": 0.9453539240703519,
  "dvars_vstd": 0.8887020607537689,
  "efc": 0.33476534597508695,
  "fber": 22216552.0,
  "fd_mean": 0.1394118038570648,
  "fd_num": 19,
  "fd_perc": 9.5,
  "fwhm_avg": 3.283104814814815,
  "fwhm_x": 3.3266133333333334,
  "fwhm_y": 3.8454844444444447,
  "fwhm_z": 2.677216666666667,
  "gcor": 0.0176199,
  "gsr_x": -0.02118607796728611,
  "gsr_y": -9.674920875113457e-05,
  "provenance": {
    "md5sum": "6c40dda3a13c2230546a02ce556cb179",
    "settings": {
      "fd_thres": 0.2,
      "hmc_fsl": false
    },
    "software": "mriqc",
    "version": "0.9.6"
  },
  "size_t": 200,
  "size_x": 128,
  "size_y": 128,
  "size_z": 49,
  "snr": 4.362513129471011,
  "spacing_tr": 2.5,
  "spacing_x": 2.25,
  "spacing_y": 2.25,
  "spacing_z": 3.0,
  "summary_bg_k": 48.56572631486896,
  "summary_bg_mad": 1.6679275035858154,
  "summary_bg_mean": 89.3555679321289,
  "summary_bg_median": 1.125,
  "summary_bg_n": 626559.0,
  "summary_bg_p05": 0.0,
  "summary_bg_p95": 503.9554870605468,
  "summary_bg_stdv": 316.20855712890625,
  "summary_fg_k": 0.9418919194151387,
  "summary_fg_mad": 1058.4295654296875,
  "summary_fg_mean": 5033.96923828125,
  "summary_fg_median": 5073.25,
  "summary_fg_n": 87299.0,
  "summary_fg_p05": 3008.734375,
  "summary_fg_p95": 6842.829785156246,
  "summary_fg_stdv": 1162.9124755859375,
  "tsnr": 43.601436614990234
}