{
  "aor": 0.0018647916666666667,
  "aqi": 0.004374220572916666,
  "bids_meta": {
    "AcquisitionDuration": 525.000256,
    "CogAtlasID": "trm_4c8a834779883",
    "Columns": 128,
    "EchoTime": 0.03,
    "EchoTrainLength": 1,
    "EffectiveEchoSpacing": 0.000464,
    "FieldOfView": [
      288,
      288,
      147
    ],
    "FlipAngle": 75,
    "GEImageTypeRIMPCode": 0,
    "ImageType": "ORIGINAL/PRIMARY/EPI/NONE",
    "ImagingFrequency": 127.765104,
    "InplanePhaseEncodingDirection": "COL",
    "InversionTime": 0,
    "MRAcquisitionType": "2D",
    "MagneticFieldStrength": 3,
    "Manufacturer": "GE MEDICAL SYSTEMS",
    "ManufacturersModelName": "DISCOVERY MR750",
    "NumberOfAverages": 1,
    "NumberOfEPIShots": 1,
    "NumberOfEchoes": 1,
    "NumberOfSlices": 49,
    "ParallelImagingReductionFactors": [
      0.5,
      1
    ],
    "PercentPhaseFieldOfView": 100,
    "PhaseEncodingDirection": "j",
    "PixelBandwidth": 3906.25,
    "PixelSpacing": [
      2.25,
      2.25
    ],
    "ReceiveCoilName": "8HRBRAIN",
    "RepetitionTime": 2.5,
    "Rows": 128,
    "SATFatWaterBone": 0,
    "ScanOptions": [
      "EPI_GEMS",
      "FILTERED_GEMS",
      "ACC_GEMS"
    ],
    "ScanningSequence": [
      "EP",
      "GR"
    ],
    "SequenceVariant": "SS",
    "SeriesDate": "18740403",
    "SeriesDescription": "RSN_BWRT_200vol_3mm",
    "SeriesNumber": 4,
    "SeriesTime": "182047",
    "SliceThickness": 3,
    "SliceTiming": [
      0,
      1.27551,
      0.05102,
      1.32653,
      0.10204,
      1.37755,
      0.15306,
      1.42857,
      0.20408,
      1.47959,
      0.2551,
      1.53061,
      0.30612,
      1.58163,
      0.35714,
      1.63265,
      0.40816,
      1.68367,
      0.45918,
      1.73469,
      0.5102,
      1.78571,
      0.56122,
      1.83673,
      0.61224,
      1.88776,
      0.66327,
      1.93878,
      0.71429,
      1.9898,
      0.76531,
      2.04082,
      0.81633,
      2.09184,
      0.86735,
      2.14286,
      0.91837,
      2.19388,
      0.96939,
      2.2449,
      1.02041,
      2.29592,
      1.07143,
      2.34694,
      1.12245,
      2.39796,
      1.17347,
      2.44898,
      1.22449
    ],
    "SliceTimingComputationMethod": "SliceNumber*RepetitionTime/NumberOfSlices (interleaved ascending, odd first)",
    "SpacingBetweenSlices": 3,
    "StudyTime": "181144",
    "TaskDescription": "Functional connectivity in the resting state was assessed during two eight-minute runs.",
    "TaskInstructions": "Participants were instructed to keep their eyes open and look at a white fixation cross presented against a gray background.",
    "TaskName": "Resting State",
    "dummyScans": 10,
    "modality": "bold",
    "session_id": "2",
    "subject_id": "9039",
    "task_id": "rest"
  },
  "dummy_trs": 0,
  "dvars_nstd": 19.594451220471214,
  "dvars_std": 1.0983998017801047,
  "dvars_vstd": 0.9835405423560206,
  "efc": 0.3505127140064255,
  "fber": 15386165.0,
  "fd_mean": 0.17837718565958896,
  "fd_num": 58,
  "fd_perc": 30.208333333333332,
  "fwhm_avg": 3.2280522222222223,
  "fwhm_x": 3.2625066666666664,
  "fwhm_y": 3.608386666666666,
  "fwhm_z": 2.8132633333333334,
  "gcor": 0.0202011,
  "gsr_x": -0.011732799932360649,
  "gsr_y": 0.0006338502862490714,
  "provenance": {
    "md5sum": "cce6c2b57f539adf58d9df0fb7070157",
    "settings": {
      "fd_thres": 0.2,
      "hmc_fsl": false
    },
    "software": "mriqc",
    "version": "0.9.6"
  },
  "size_t": 192,
  "size_x": 128,
  "size_y": 128,
  "size_z": 49,
  "snr": 4.177776863231801,
  "spacing_tr": 2.5,
  "spacing_x": 2.25,
  "spacing_y": 2.25,
  "spacing_z": 3.0,
  "summary_bg_k": 128.11684534118933,
  "summary_bg_mad": 1.8609747886657715,
  "summary_bg_mean": 58.70215606689453,
  "summary_bg_median": 1.2552083730697632,
  "summary_bg_n": 609037.0,
  "summary_bg_p05": 0.0,
  "summary_bg_p95": 282.82293701171875,
  "summary_bg_stdv": 216.05760192871094,
  "summary_fg_k": 0.8806095741971203,
  "summary_fg_mad": 971.9312133789062,
  "summary_fg_mean": 4714.724609375,
  "summary_fg_median": 4699.828125,
  "summary_fg_n": 104733.0,
  "summary_fg_p05": 2776.214697265625,
  "summary_fg_p95": 6584.24921875,
  "summary_fg_stdv": 1124.9537353515625,
  "tsnr": 71.27227020263672
}