{
  "aor": 0.002096476683937824,
  "aqi": 0.006158578445595855,
  "bids_meta": {
    "AcquisitionDuration": 525.000256,
    "CogAtlasID": "trm_4c8a834779883",
    "Columns": 128,
    "EchoTime": 0.03,
    "EchoTrainLength": 1,
    "EffectiveEchoSpacing": 0.000464,
    "FieldOfView": [
      288,
      288,
      147
    ],
    "FlipAngle": 75,
    "GEImageTypeRIMPCode": 0,
    "ImageType": "ORIGINAL/PRIMARY/EPI/NONE",
    "ImagingFrequency": 127.765195,
    "InplanePhaseEncodingDirection": "COL",
    "InversionTime": 0,
    "MRAcquisitionType": "2D",
    "MagneticFieldStrength": 3,
    "Manufacturer": "GE MEDICAL SYSTEMS",
    "ManufacturersModelName": "DISCOVERY MR750",
    "NumberOfAverages": 1,
    "NumberOfEPIShots": 1,
    "NumberOfEchoes": 1,
    "NumberOfSlices": 49,
    "ParallelImagingReductionFactors": [
      0.5,
      1
    ],
    "PercentPhaseFieldOfView": 100,
    "PhaseEncodingDirection": "j",
    "PixelBandwidth": 3906.25,
    "PixelSpacing": [
      2.25,
      2.25
    ],
    "ReceiveCoilName": "8HRBRAIN",
    "RepetitionTime": 2.5,
    "Rows": 128,
    "SATFatWaterBone": 0,
    "ScanOptions": [
      "EPI_GEMS",
      "FILTERED_GEMS",
      "ACC_GEMS"
    ],
    "ScanningSequence": [
      "EP",
      "GR"
    ],
    "SequenceVariant": "SS",
    "SeriesDate": "18731226",
    "SeriesDescription": "RSN_BWRT_200vol_3mm",
    "SeriesNumber": 4,
    "SeriesTime": "201948",
    "SliceThickness": 3,
    "SliceTiming": [
      0,
      1.27551,
      0.05102,
      1.32653,
      0.10204,
      1.37755,
      0.15306,
      1.42857,
      0.20408,
      1.47959,
      0.2551,
      1.53061,
      0.30612,
      1.58163,
      0.35714,
      1.63265,
      0.40816,
      1.68367,
      0.45918,
      1.73469,
      0.5102,
      1.78571,
      0.56122,
      1.83673,
      0.61224,
      1.88776,
      0.66327,
      1.93878,
      0.71429,
      1.9898,
      0.76531,
      2.04082,
      0.81633,
      2.09184,
      0.86735,
      2.14286,
      0.91837,
      2.19388,
      0.96939,
      2.2449,
      1.02041,
      2.29592,
      1.07143,
      2.34694,
      1.12245,
      2.39796,
      1.17347,
      2.44898,
      1.22449
    ],
    "SliceTimingComputationMethod": "SliceNumber*RepetitionTime/NumberOfSlices (interleaved ascending, odd first)",
    "SpacingBetweenSlices": 3,
    "StudyTime": "201115",
    "TaskDescription": "Functional connectivity in the resting state was assessed during two eight-minute runs.",
    "TaskInstructions": "Participants were instructed to keep their eyes open and look at a white fixation cross presented against a gray background.",
    "TaskName": "Resting State",
    "dummyScans": 10,
    "modality": "bold",
    "session_id": "2",
    "subject_id": "9100",
    "task_id": "rest"
  },
  "dummy_trs": 0,
  "dvars_nstd": 14.881190558177087,
  "dvars_std": 1.0103408876041666,
  "dvars_vstd": 0.9402369633854173,
  "efc": 0.3517276543496345,
  "fber": 25319438.0,
  "fd_mean": 0.05548903130200905,
  "fd_num": 2,
  "fd_perc": 1.0362694300518134,
  "fwhm_avg": 3.454692962962963,
  "fwhm_x": 3.49944,
  "fwhm_y": 3.9797555555555553,
  "fwhm_z": 2.8848833333333332,
  "gcor": 0.0124952,
  "gsr_x": -0.01712249591946602,
  "gsr_y": 0.0021025044843554497,
  "provenance": {
    "md5sum": "2005a31442e54dd050172d0556eba108",
    "settings": {
      "fd_thres": 0.2,
      "hmc_fsl": false
    },
    "software": "mriqc",
    "version": "0.9.6"
  },
  "size_t": 193,
  "size_x": 128,
  "size_y": 128,
  "size_z": 49,
  "snr": 4.216712527564944,
  "spacing_tr": 2.5,
  "spacing_x": 2.25,
  "spacing_y": 2.25,
  "spacing_z": 3.0,
  "summary_bg_k": 49.12083913084648,
  "summary_bg_mad": 1.497965931892395,
  "summary_bg_mean": 91.9316177368164,
  "summary_bg_median": 1.0103626251220703,
  "summary_bg_n": 613831.0,
  "summary_bg_p05": 0.0,
  "summary_bg_p95": 527.7072448730469,
  "summary_bg_stdv": 331.6554260253906,
  "summary_fg_k": 0.8782232062918425,
  "summary_fg_mad": 1016.23876953125,
  "summary_fg_mean": 4809.6455078125,
  "summary_fg_median": 4857.77734375,
  "summary_fg_n": 98522.0,
  "summary_fg_p05": 2755.924353027344,
  "summary_fg_p95": 6608.5103759765625,
  "summary_fg_stdv": 1152.023681640625,
  "tsnr": 54.70326614379883
}