{
  "bids_meta": {
    "AcquisitionDuration": 393.113376,
    "Columns": 512,
    "EchoTime": 0.12845,
    "EchoTrainLength": 140,
    "EffectiveEchoSpacing": 0,
    "FieldOfView": [
      240.03,
      240.03,
      87.6
    ],
    "FlipAngle": 90,
    "GEImageTypeRIMPCode": 0,
    "ImageType": "ORIGINAL/PRIMARY/OTHER",
    "ImagingFrequency": 127.76509,
    "InplanePhaseEncodingDirection": "ROW",
    "InversionTime": 1.858,
    "MRAcquisitionType": "3D",
    "MagneticFieldStrength": 3,
    "Manufacturer": "GE MEDICAL SYSTEMS",
    "ManufacturersModelName": "DISCOVERY MR750",
    "NumberOfAverages": 1,
    "NumberOfEPIShots": 1,
    "NumberOfEchoes": 1,
    "NumberOfSlices": 146,
    "ParallelImagingReductionFactors": [
      0.5,
      0.5
    ],
    "PercentPhaseFieldOfView": 100,
    "PhaseEncodingDirection": "i",
    "PixelBandwidth": 122.07,
    "PixelSpacing": [
      0.4688,
      0.4688
    ],
    "ReceiveCoilName": "8HRBRAIN",
    "RepetitionTime": 6,
    "Rows": 512,
    "SATFatWaterBone": 0,
    "ScanOptions": [
      "EDR_GEMS",
      "FILTERED_GEMS",
      "ACC_GEMS"
    ],
    "ScanningSequence": [
      "SE",
      "IR"
    ],
    "SequenceVariant": "SK",
    "SeriesDate": "18740203",
    "SeriesDescription": "Sag CUBE T2 flair",
    "SeriesNumber": 11,
    "SeriesTime": "194729",
    "SliceThickness": 1.2,
    "SpacingBetweenSlices": 0.600002,
    "StudyTime": "183032",
    "modality": "T2w",
    "session_id": "1",
    "subject_id": "9061"
  },
  "cjv": 0.5959874017599955,
  "cnr": 1.3169597044402046,
  "efc": 0.6297479225485987,
  "fber": 454.7695007324219,
  "fwhm_avg": 5.121635617982535,
  "fwhm_x": 4.457633156202906,
  "fwhm_y": 5.840080954660929,
  "fwhm_z": 5.06719274308377,
  "icvs_csf": 0.4679372205291122,
  "icvs_gm": 0.4051228538378264,
  "icvs_wm": 0.1269399256330614,
  "inu_med": 1.075308084487915,
  "inu_range": 0.6294724464416505,
  "provenance": {
    "md5sum": "5dc59790af75a5d0f570f628d9f880c3",
    "settings": {
      "testing": false
    },
    "software": "mriqc",
    "version": "0.9.6",
    "warnings": {
      "large_rot_frame": true,
      "small_air_mask": false
    }
  },
  "qi_1": 0.0,
  "qi_2": 0.0005810128422936759,
  "rpve_csf": 11.80760918429898,
  "rpve_gm": 12.321757366048024,
  "rpve_wm": 35.2197221128164,
  "size_x": 292,
  "size_y": 512,
  "size_z": 512,
  "snr_csf": 14.277175851897937,
  "snr_gm": 15.89323466714075,
  "snr_total": 11.101172241462931,
  "snr_wm": 3.133106205350106,
  "snrd_csf": 65.79961978360478,
  "snrd_gm": 57.0610285696415,
  "snrd_total": 54.18331200311163,
  "snrd_wm": 39.68928765608859,
  "spacing_x": 0.6000000238418579,
  "spacing_y": 0.46880000829696655,
  "spacing_z": 0.46880000829696655,
  "summary_bg_k": 7.587205619565232,
  "summary_bg_mad": 16.500579833984375,
  "summary_bg_mean": 50.4534912109375,
  "summary_bg_median": 47.26011276245117,
  "summary_bg_n": 17328938.0,
  "summary_bg_p05": 25.096122169494627,
  "summary_bg_p95": 86.6072040557861,
  "summary_bg_stdv": 20.10353660583496,
  "summary_csf_k": 0.5359378028245474,
  "summary_csf_mad": 112.20523071289062,
  "summary_csf_mean": 1665.7103271484375,
  "summary_csf_median": 1657.2608642578125,
  "summary_csf_n": 1436145.0,
  "summary_csf_p05": 1491.2322509765625,
  "summary_csf_p95": 1869.4114990234375,
  "summary_csf_stdv": 116.07759857177734,
  "summary_gm_k": 0.07670056700341421,
  "summary_gm_mad": 89.5694808959961,
  "summary_gm_mean": 1438.9454345703125,
  "summary_gm_median": 1437.16650390625,
  "summary_gm_n": 548660.0,
  "summary_gm_p05": 1293.2448486328124,
  "summary_gm_p95": 1590.7379150390625,
  "summary_gm_stdv": 90.42622375488281,
  "summary_wm_k": 7.3833747217036265,
  "summary_wm_mad": 171.19468688964844,
  "summary_wm_mean": 925.9926147460938,
  "summary_wm_median": 999.6334838867188,
  "summary_wm_n": 148483.0,
  "summary_wm_p05": 278.7173309326172,
  "summary_wm_p95": 1203.9120971679688,
  "summary_wm_stdv": 319.05401611328125,
  "tpm_overlap_csf": 0.10912500321865082,
  "tpm_overlap_gm": 0.29628986120224,
  "tpm_overlap_wm": 0.12922069430351257,
  "wm2max": 0.30977858716442774
}