{
  "aor": 0.0021636458333333334,
  "aqi": 0.013053078958333332,
  "bids_meta": {
    "AcquisitionDuration": 525.000256,
    "CogAtlasID": "trm_4c8a834779883",
    "Columns": 128,
    "EchoTime": 0.03,
    "EchoTrainLength": 1,
    "EffectiveEchoSpacing": 0.000464,
    "FieldOfView": [
      288,
      288,
      147
    ],
    "FlipAngle": 75,
    "GEImageTypeRIMPCode": 0,
    "ImageType": "ORIGINAL/PRIMARY/EPI/NONE",
    "ImagingFrequency": 127.765258,
    "InplanePhaseEncodingDirection": "COL",
    "InversionTime": 0,
    "MRAcquisitionType": "2D",
    "MagneticFieldStrength": 3,
    "Manufacturer": "GE MEDICAL SYSTEMS",
    "ManufacturersModelName": "DISCOVERY MR750",
    "NumberOfAverages": 1,
    "NumberOfEPIShots": 1,
    "NumberOfEchoes": 1,
    "NumberOfSlices": 49,
    "ParallelImagingReductionFactors": [
      0.5,
      1
    ],
    "PercentPhaseFieldOfView": 100,
    "PhaseEncodingDirection": "j",
    "PixelBandwidth": 3906.25,
    "PixelSpacing": [
      2.25,
      2.25
    ],
    "ReceiveCoilName": "8HRBRAIN",
    "RepetitionTime": 2.5,
    "Rows": 128,
    "SATFatWaterBone": 0,
    "ScanOptions": [
      "EPI_GEMS",
      "FILTERED_GEMS",
      "ACC_GEMS"
    ],
    "ScanningSequence": [
      "EP",
      "GR"
    ],
    "SequenceVariant": "SS",
    "SeriesDate": "18740419",
    "SeriesDescription": "RSN_BWRT_200vol_3mm",
    "SeriesNumber": 4,
    "SeriesTime": "180925",
    "SliceThickness": 3,
    "SliceTiming": [
      0,
      1.27551,
      0.05102,
      1.32653,
      0.10204,
      1.37755,
      0.15306,
      1.42857,
      0.20408,
      1.47959,
      0.2551,
      1.53061,
      0.30612,
      1.58163,
      0.35714,
      1.63265,
      0.40816,
      1.68367,
      0.45918,
      1.73469,
      0.5102,
      1.78571,
      0.56122,
      1.83673,
      0.61224,
      1.88776,
      0.66327,
      1.93878,
      0.71429,
      1.9898,
      0.76531,
      2.04082,
      0.81633,
      2.09184,
      0.86735,
      2.14286,
      0.91837,
      2.19388,
      0.96939,
      2.2449,
      1.02041,
      2.29592,
      1.07143,
      2.34694,
      1.12245,
      2.39796,
      1.17347,
      2.44898,
      1.22449
    ],
    "SliceTimingComputationMethod": "SliceNumber*RepetitionTime/NumberOfSlices (interleaved ascending, odd first)",
    "SpacingBetweenSlices": 3,
    "StudyTime": "180134",
    "TaskDescription": "Functional connectivity in the resting state was assessed during two eight-minute runs.",
    "TaskInstructions": "Participants were instructed to keep their eyes open and look at a white fixation cross presented against a gray background.",
    "TaskName": "Resting State",
    "dummyScans": 10,
    "modality": "bold",
    "session_id": "1",
    "subject_id": "9038",
    "task_id": "rest"
  },
  "dummy_trs": 0,
  "dvars_nstd": 30.66697901607331,
  "dvars_std": 1.2089182823560216,
  "dvars_vstd": 0.9543199672774866,
  "efc": 0.29806926556293745,
  "fber": 51401732.0,
  "fd_mean": 0.18552604500113615,
  "fd_num": 76,
  "fd_perc": 39.583333333333336,
  "fwhm_avg": 3.207718888888889,
  "fwhm_x": 3.256813333333333,
  "fwhm_y": 3.82972,
  "fwhm_z": 2.5366233333333335,
  "gcor": 0.0129433,
  "gsr_x": -0.01359564159065485,
  "gsr_y": 0.0009786764858290553,
  "provenance": {
    "md5sum": "825aa326b21c9028efeb805083132485",
    "settings": {
      "fd_thres": 0.2,
      "hmc_fsl": false
    },
    "software": "mriqc",
    "version": "0.9.6"
  },
  "size_t": 192,
  "size_x": 128,
  "size_y": 128,
  "size_z": 49,
  "snr": 4.848859820632479,
  "spacing_tr": 2.5,
  "spacing_x": 2.25,
  "spacing_y": 2.25,
  "spacing_z": 3.0,
  "summary_bg_k": 179.0497899232113,
  "summary_bg_mad": 1.0038453340530396,
  "summary_bg_mean": 47.8274040222168,
  "summary_bg_median": 0.6770833730697632,
  "summary_bg_n": 643998.0,
  "summary_bg_p05": 0.0,
  "summary_bg_p95": 211.7515632629397,
  "summary_bg_stdv": 196.50445556640625,
  "summary_fg_k": 1.705398294440032,
  "summary_fg_mad": 676.7000732421875,
  "summary_fg_mean": 4303.00927734375,
  "summary_fg_median": 4402.47412109375,
  "summary_fg_n": 74309.0,
  "summary_fg_p05": 2524.03037109375,
  "summary_fg_p95": 5579.3720703125,
  "summary_fg_stdv": 907.9339599609375,
  "tsnr": 52.774932861328125
}