{
  "bids_meta": {
    "AcquisitionDuration": 393.09344,
    "Columns": 512,
    "EchoTime": 0.12584,
    "EchoTrainLength": 140,
    "EffectiveEchoSpacing": 0,
    "FieldOfView": [
      240.03,
      240.03,
      87.6
    ],
    "FlipAngle": 90,
    "GEImageTypeRIMPCode": 0,
    "ImageType": "ORIGINAL/PRIMARY/OTHER",
    "ImagingFrequency": 127.765198,
    "InplanePhaseEncodingDirection": "ROW",
    "InversionTime": 1.864,
    "MRAcquisitionType": "3D",
    "MagneticFieldStrength": 3,
    "Manufacturer": "GE MEDICAL SYSTEMS",
    "ManufacturersModelName": "DISCOVERY MR750",
    "NumberOfAverages": 1,
    "NumberOfEPIShots": 1,
    "NumberOfEchoes": 1,
    "NumberOfSlices": 146,
    "ParallelImagingReductionFactors": [
      0.5,
      0.5
    ],
    "PercentPhaseFieldOfView": 100,
    "PhaseEncodingDirection": "i",
    "PixelBandwidth": 122.07,
    "PixelSpacing": [
      0.4688,
      0.4688
    ],
    "ReceiveCoilName": "8HRBRAIN",
    "RepetitionTime": 6,
    "Rows": 512,
    "SATFatWaterBone": 0,
    "ScanOptions": [
      "EDR_GEMS",
      "FILTERED_GEMS",
      "ACC_GEMS"
    ],
    "ScanningSequence": [
      "SE",
      "IR"
    ],
    "SequenceVariant": "SK",
    "SeriesDate": "18730122",
    "SeriesDescription": "Sag CUBE T2 flair",
    "SeriesNumber": 11,
    "SeriesTime": "194053",
    "SliceThickness": 1.2,
    "SpacingBetweenSlices": 0.600002,
    "StudyTime": "182206",
    "modality": "T2w",
    "session_id": "1",
    "subject_id": "9057"
  },
  "cjv": 0.6713194325224034,
  "cnr": 1.1770276744842252,
  "efc": 0.5750239247572448,
  "fber": 753.7149658203125,
  "fwhm_avg": 5.416165568843401,
  "fwhm_x": 4.7587998109022855,
  "fwhm_y": 5.9128411922810455,
  "fwhm_z": 5.576855703346874,
  "icvs_csf": 0.45905471057921476,
  "icvs_gm": 0.41979909099809615,
  "icvs_wm": 0.12114619842268909,
  "inu_med": 1.0947020053863525,
  "inu_range": 0.7423467814922333,
  "provenance": {
    "md5sum": "a71b75e107ea49c4f0ef9e26faa4194b",
    "settings": {
      "testing": false
    },
    "software": "mriqc",
    "version": "0.9.6",
    "warnings": {
      "large_rot_frame": true,
      "small_air_mask": false
    }
  },
  "qi_1": 0.0,
  "qi_2": 0.0010468661317723491,
  "rpve_csf": 13.765377228981098,
  "rpve_gm": 13.948489780029558,
  "rpve_wm": 43.12319303936071,
  "size_x": 292,
  "size_y": 512,
  "size_z": 512,
  "snr_csf": 15.14571319714842,
  "snr_gm": 17.253111822039987,
  "snr_total": 11.494627498200591,
  "snr_wm": 2.0850574754133637,
  "snrd_csf": 78.85627735052518,
  "snrd_gm": 68.63240370285264,
  "snrd_total": 63.683175081231354,
  "snrd_wm": 43.56084419031625,
  "spacing_x": 0.6000000238418579,
  "spacing_y": 0.46880000829696655,
  "spacing_z": 0.46880000829696655,
  "summary_bg_k": 31464.40375995439,
  "summary_bg_mad": 15.031275749206543,
  "summary_bg_mean": 47.007320404052734,
  "summary_bg_median": 43.90669631958008,
  "summary_bg_n": 17067952.0,
  "summary_bg_p05": 23.94756965637207,
  "summary_bg_p95": 79.5149131774902,
  "summary_bg_stdv": 27.425466537475586,
  "summary_csf_k": 0.794365628211283,
  "summary_csf_mad": 112.80509185791016,
  "summary_csf_mean": 1818.1131591796875,
  "summary_csf_median": 1809.257568359375,
  "summary_csf_n": 1085296.0,
  "summary_csf_p05": 1639.2688598632812,
  "summary_csf_p95": 2027.2809753417969,
  "summary_csf_stdv": 119.4566879272461,
  "summary_gm_k": 0.0634528659450897,
  "summary_gm_mad": 90.0374984741211,
  "summary_gm_mean": 1575.895263671875,
  "summary_gm_median": 1574.6837158203125,
  "summary_gm_n": 534917.0,
  "summary_gm_p05": 1427.662451171875,
  "summary_gm_p95": 1728.431689453125,
  "summary_gm_stdv": 91.26946258544922,
  "summary_wm_k": 10.779471997684496,
  "summary_wm_mad": 296.12908935546875,
  "summary_wm_mean": 921.922119140625,
  "summary_wm_median": 999.448486328125,
  "summary_wm_n": 118027.0,
  "summary_wm_p05": 211.95550079345702,
  "summary_wm_p95": 1307.9333862304688,
  "summary_wm_stdv": 479.3365478515625,
  "tpm_overlap_csf": 0.10283777117729187,
  "tpm_overlap_gm": 0.2955123782157898,
  "tpm_overlap_wm": 0.1041577011346817,
  "wm2max": 0.22682520282701799
}