{
  "aor": 0.004808799999999999,
  "aqi": 0.009983842350000001,
  "bids_meta": {
    "AcquisitionDuration": 525.000256,
    "CogAtlasID": "trm_4c8a834779883",
    "Columns": 128,
    "EchoTime": 0.03,
    "EchoTrainLength": 1,
    "EffectiveEchoSpacing": 0.000464,
    "FieldOfView": [
      288,
      288,
      147
    ],
    "FlipAngle": 75,
    "GEImageTypeRIMPCode": 0,
    "ImageType": "ORIGINAL/PRIMARY/EPI/NONE",
    "ImagingFrequency": 127.765167,
    "InplanePhaseEncodingDirection": "COL",
    "InversionTime": 0,
    "MRAcquisitionType": "2D",
    "MagneticFieldStrength": 3,
    "Manufacturer": "GE MEDICAL SYSTEMS",
    "ManufacturersModelName": "DISCOVERY MR750",
    "NumberOfAverages": 1,
    "NumberOfEPIShots": 1,
    "NumberOfEchoes": 1,
    "NumberOfSlices": 49,
    "ParallelImagingReductionFactors": [
      0.5,
      1
    ],
    "PercentPhaseFieldOfView": 100,
    "PhaseEncodingDirection": "j",
    "PixelBandwidth": 3906.25,
    "PixelSpacing": [
      2.25,
      2.25
    ],
    "ReceiveCoilName": "8HRBRAIN",
    "RepetitionTime": 2.5,
    "Rows": 128,
    "SATFatWaterBone": 0,
    "ScanOptions": [
      "EPI_GEMS",
      "FILTERED_GEMS",
      "ACC_GEMS"
    ],
    "ScanningSequence": [
      "EP",
      "GR"
    ],
    "SequenceVariant": "SS",
    "SeriesDate": "18731225",
    "SeriesDescription": "RSN_BWRT_200vol_3mm",
    "SeriesNumber": 10,
    "SeriesTime": "210620",
    "SliceThickness": 3,
    "SliceTiming": [
      0,
      1.27551,
      0.05102,
      1.32653,
      0.10204,
      1.37755,
      0.15306,
      1.42857,
      0.20408,
      1.47959,
      0.2551,
      1.53061,
      0.30612,
      1.58163,
      0.35714,
      1.63265,
      0.40816,
      1.68367,
      0.45918,
      1.73469,
      0.5102,
      1.78571,
      0.56122,
      1.83673,
      0.61224,
      1.88776,
      0.66327,
      1.93878,
      0.71429,
      1.9898,
      0.76531,
      2.04082,
      0.81633,
      2.09184,
      0.86735,
      2.14286,
      0.91837,
      2.19388,
      0.96939,
      2.2449,
      1.02041,
      2.29592,
      1.07143,
      2.34694,
      1.12245,
      2.39796,
      1.17347,
      2.44898,
      1.22449
    ],
    "SliceTimingComputationMethod": "SliceNumber*RepetitionTime/NumberOfSlices (interleaved ascending, odd first)",
    "SpacingBetweenSlices": 3,
    "StudyTime": "195848",
    "TaskDescription": "Functional connectivity in the resting state was assessed during two eight-minute runs. Participants were asked to rate their sleepiness using the Karolinska Sleepiness Scale every 2 minutes",
    "TaskInstructions": "Participants were instructed to keep their eyes open and look at a white fixation cross presented against a gray background.",
    "TaskName": "Sleepiness",
    "dummyScans": 10,
    "modality": "bold",
    "session_id": "1",
    "subject_id": "9071",
    "task_id": "sleepiness"
  },
  "dummy_trs": 0,
  "dvars_nstd": 18.949936119145733,
  "dvars_std": 0.9484823928643213,
  "dvars_vstd": 0.8993121247738688,
  "efc": 0.3189913631706334,
  "fber": 17115004.0,
  "fd_mean": 0.20644045224633592,
  "fd_num": 49,
  "fd_perc": 24.5,
  "fwhm_avg": 3.2934544444444445,
  "fwhm_x": 3.4361777777777776,
  "fwhm_y": 3.7935688888888888,
  "fwhm_z": 2.6506166666666666,
  "gcor": 0.0446951,
  "gsr_x": -0.015927065163850784,
  "gsr_y": -0.005200555082410574,
  "provenance": {
    "md5sum": "47103c0d7aa3e25b07e859dc7c1d5c86",
    "settings": {
      "fd_thres": 0.2,
      "hmc_fsl": false
    },
    "software": "mriqc",
    "version": "0.9.6"
  },
  "size_t": 200,
  "size_x": 128,
  "size_y": 128,
  "size_z": 49,
  "snr": 5.246492364161436,
  "spacing_tr": 2.5,
  "spacing_x": 2.25,
  "spacing_y": 2.25,
  "spacing_z": 3.0,
  "summary_bg_k": 69.47502319813609,
  "summary_bg_mad": 2.023751974105835,
  "summary_bg_mean": 71.88752746582031,
  "summary_bg_median": 1.3650000095367432,
  "summary_bg_n": 635464.0,
  "summary_bg_p05": 0.0,
  "summary_bg_p95": 367.6199951171875,
  "summary_bg_stdv": 253.78143310546875,
  "summary_fg_k": 2.0362289860272176,
  "summary_fg_mad": 867.9195556640625,
  "summary_fg_mean": 5202.20263671875,
  "summary_fg_median": 5243.34765625,
  "summary_fg_n": 81420.0,
  "summary_fg_p05": 3457.554931640625,
  "summary_fg_p95": 6699.357470703126,
  "summary_fg_stdv": 999.3944702148438,
  "tsnr": 49.912689208984375
}