{
  "aor": 0.0028918279569892474,
  "aqi": 0.009268502311827957,
  "bids_meta": {
    "AcquisitionDuration": 723.000256,
    "Columns": 128,
    "EchoTime": 0.034,
    "EchoTrainLength": 1,
    "EffectiveEchoSpacing": 0.00056,
    "FieldOfView": [
      220.01,
      220.01,
      110.4
    ],
    "FlipAngle": 80,
    "GEImageTypeRIMPCode": 0,
    "ImageType": "ORIGINAL/PRIMARY/EPI/NONE",
    "ImagingFrequency": 127.76514,
    "InplanePhaseEncodingDirection": "COL",
    "InversionTime": 0,
    "MRAcquisitionType": "2D",
    "MagneticFieldStrength": 3,
    "Manufacturer": "GE MEDICAL SYSTEMS",
    "ManufacturersModelName": "DISCOVERY MR750",
    "NumberOfAverages": 1,
    "NumberOfEPIShots": 1,
    "NumberOfEchoes": 1,
    "NumberOfSlices": 46,
    "ParallelImagingReductionFactors": [
      0.5,
      1
    ],
    "PercentPhaseFieldOfView": 100,
    "PhaseEncodingDirection": "j",
    "PixelBandwidth": 3906.25,
    "PixelSpacing": [
      1.7188,
      1.7188
    ],
    "ReceiveCoilName": "8HRBRAIN",
    "RepetitionTime": 3,
    "Rows": 128,
    "SATFatWaterBone": 1,
    "ScanOptions": [
      "SAT_GEMS",
      "EPI_GEMS",
      "ACC_GEMS",
      "FS"
    ],
    "ScanningSequence": [
      "EP",
      "GR"
    ],
    "SequenceVariant": "SS",
    "SeriesDate": "18740408",
    "SeriesDescription": "fMRI-hands",
    "SeriesNumber": 7,
    "SeriesTime": "182329",
    "SliceThickness": 2.3,
    "SliceTiming": [
      0,
      1.5,
      0.06522,
      1.56522,
      0.13043,
      1.63043,
      0.19565,
      1.69565,
      0.26087,
      1.76087,
      0.32609,
      1.82609,
      0.3913,
      1.8913,
      0.45652,
      1.95652,
      0.52174,
      2.02174,
      0.58696,
      2.08696,
      0.65217,
      2.15217,
      0.71739,
      2.21739,
      0.78261,
      2.28261,
      0.84783,
      2.34783,
      0.91304,
      2.41304,
      0.97826,
      2.47826,
      1.04348,
      2.54348,
      1.1087,
      2.6087,
      1.17391,
      2.67391,
      1.23913,
      2.73913,
      1.30435,
      2.80435,
      1.36957,
      2.86957,
      1.43478,
      2.93478
    ],
    "SliceTimingComputationMethod": "SliceNumber*RepetitionTime/NumberOfSlices (interleaved ascending, odd first)",
    "SpacingBetweenSlices": 2.4,
    "StudyTime": "175302",
    "TaskDescription": "In an event-related design, participants were shown pictures of hands being stung by needles or poked with Q-tips. The stimulus set was kindly shared by Claus Lamm, and has been shown to be effective in previous work by him. After each picture, participants were asked to rate their perceived unpleasantness on a visual analog scale of 0-100.",
    "TaskInstructions": "",
    "TaskName": "Hands",
    "dummyScans": 5,
    "modality": "bold",
    "session_id": "2",
    "subject_id": "9026",
    "task_id": "hands"
  },
  "dummy_trs": 0,
  "dvars_nstd": 37.00665583227029,
  "dvars_std": 1.0480320222162156,
  "dvars_vstd": 1.0515420964324322,
  "efc": 0.4838059347439521,
  "fber": 9119.4375,
  "fd_mean": 0.16756413665817457,
  "fd_num": 38,
  "fd_perc": 20.43010752688172,
  "fwhm_avg": 2.962828524106277,
  "fwhm_x": 3.0964743768169134,
  "fwhm_y": 3.415150206669437,
  "fwhm_z": 2.3768609888324805,
  "gcor": 0.0142665,
  "gsr_x": -0.014468394219875336,
  "gsr_y": 0.028074799105525017,
  "provenance": {
    "md5sum": "2720e0bb1853b9883f683942a9a1d743",
    "settings": {
      "fd_thres": 0.2,
      "hmc_fsl": false
    },
    "software": "mriqc",
    "version": "0.9.6"
  },
  "size_t": 186,
  "size_x": 128,
  "size_y": 128,
  "size_z": 46,
  "snr": 3.2051738605025855,
  "spacing_tr": 3.0,
  "spacing_x": 1.7187999486923218,
  "spacing_y": 1.7187999486923218,
  "spacing_z": 2.4000015258789062,
  "summary_bg_k": 125.10880424751738,
  "summary_bg_mad": 56.62583923339844,
  "summary_bg_mean": 106.03421783447266,
  "summary_bg_median": 38.720428466796875,
  "summary_bg_n": 475636.0,
  "summary_bg_p05": 0.059139784425497055,
  "summary_bg_p95": 402.6129150390625,
  "summary_bg_stdv": 239.24598693847656,
  "summary_fg_k": 1.4265524252356618,
  "summary_fg_mad": 943.8439331054688,
  "summary_fg_mean": 3834.548828125,
  "summary_fg_median": 3705.3818359375,
  "summary_fg_n": 179677.0,
  "summary_fg_p05": 2223.749462890625,
  "summary_fg_p95": 6022.9129882812485,
  "summary_fg_stdv": 1156.0594482421875,
  "tsnr": 35.23560333251953
}