{
  "bids_meta": {
    "AcquisitionDuration": 238.55128,
    "Columns": 512,
    "EchoTime": 0.00281,
    "EchoTrainLength": 1,
    "EffectiveEchoSpacing": 0,
    "FieldOfView": [
      240.03,
      240.03,
      180
    ],
    "FlipAngle": 11,
    "GEImageTypeRIMPCode": 0,
    "ImageType": "ORIGINAL/PRIMARY/OTHER",
    "ImagingFrequency": 127.765152,
    "InplanePhaseEncodingDirection": "ROW",
    "InversionTime": 0.45,
    "MRAcquisitionType": "3D",
    "MagneticFieldStrength": 3,
    "Manufacturer": "GE MEDICAL SYSTEMS",
    "ManufacturersModelName": "DISCOVERY MR750",
    "NumberOfAverages": 1,
    "NumberOfEPIShots": 0,
    "NumberOfEchoes": 1,
    "NumberOfSlices": 180,
    "ParallelImagingReductionFactors": [
      0.571429,
      1
    ],
    "PercentPhaseFieldOfView": 100,
    "PhaseEncodingDirection": "i",
    "PixelBandwidth": 122.07,
    "PixelSpacing": [
      0.4688,
      0.4688
    ],
    "ReceiveCoilName": "8HRBRAIN",
    "RepetitionTime": 0.0064,
    "Rows": 512,
    "SATFatWaterBone": 0,
    "ScanOptions": [
      "FAST_GEMS",
      "EDR_GEMS",
      "FILTERED_GEMS",
      "ACC_GEMS"
    ],
    "ScanningSequence": "GR",
    "SequenceVariant": [
      "SS",
      "SK"
    ],
    "SeriesDate": "18740122",
    "SeriesDescription": "Sag3D_T1_1mm3",
    "SeriesNumber": 2,
    "SeriesTime": "195551",
    "SliceThickness": 1,
    "SpacingBetweenSlices": 1,
    "StudyTime": "195401",
    "modality": "T1w",
    "session_id": "2",
    "subject_id": "9071"
  },
  "cjv": 0.40643495440889166,
  "cnr": 3.3052464418371565,
  "efc": 0.625102849701509,
  "fber": 148.96566772460938,
  "fwhm_avg": 6.285009946123149,
  "fwhm_x": 3.93724,
  "fwhm_y": 7.79758945243955,
  "fwhm_z": 7.1202003859298975,
  "icvs_csf": 0.2178724504224539,
  "icvs_gm": 0.42049851045246067,
  "icvs_wm": 0.3616290391250854,
  "inu_med": 1.412279725074768,
  "inu_range": 0.41790175437927246,
  "provenance": {
    "md5sum": "4c516913fe1df431524b67c75360587d",
    "mriqc_pred": 0,
    "settings": {
      "testing": false
    },
    "software": "mriqc",
    "version": "0.9.6",
    "warnings": {
      "large_rot_frame": true,
      "small_air_mask": false
    }
  },
  "qi_1": 1.2895873660879584e-05,
  "qi_2": 0.00035384036084733954,
  "rpve_csf": 24.866539189220063,
  "rpve_gm": 13.30819838129182,
  "rpve_wm": 18.057156517246433,
  "size_x": 180,
  "size_y": 512,
  "size_z": 512,
  "snr_csf": 4.369530107118747,
  "snr_gm": 13.505891202584648,
  "snr_total": 11.7845611383625,
  "snr_wm": 17.478262105384104,
  "snrd_csf": 16.946294706153292,
  "snrd_gm": 31.810837420454764,
  "snrd_total": 30.72249711277148,
  "snrd_wm": 43.4103592117064,
  "spacing_x": 1.0,
  "spacing_y": 0.46880000829696655,
  "spacing_z": 0.46880000829696655,
  "summary_bg_k": 9.342728312555987,
  "summary_bg_mad": 15.091805458068848,
  "summary_bg_mean": 54.79379653930664,
  "summary_bg_median": 52.71499252319336,
  "summary_bg_n": 9112149.0,
  "summary_bg_p05": 30.83197784423828,
  "summary_bg_p95": 85.5893569946289,
  "summary_bg_stdv": 17.841934204101562,
  "summary_csf_k": -0.04561184068167368,
  "summary_csf_mad": 92.33578491210938,
  "summary_csf_mean": 392.3056640625,
  "summary_csf_median": 390.37701416015625,
  "summary_csf_n": 165858.0,
  "summary_csf_p05": 248.82407073974608,
  "summary_csf_p95": 537.162353515625,
  "summary_csf_stdv": 89.34046173095703,
  "summary_gm_k": 0.07156996113919645,
  "summary_gm_mad": 53.816001892089844,
  "summary_gm_mean": 734.4856567382812,
  "summary_gm_median": 732.7985229492188,
  "summary_gm_n": 191446.0,
  "summary_gm_p05": 648.4658966064453,
  "summary_gm_p95": 826.6203918457031,
  "summary_gm_stdv": 54.25755310058594,
  "summary_wm_k": 0.4741116347526928,
  "summary_wm_mad": 54.78669738769531,
  "summary_wm_mean": 1002.2774658203125,
  "summary_wm_median": 1000.006591796875,
  "summary_wm_n": 1018579.0,
  "summary_wm_p05": 912.6824768066406,
  "summary_wm_p95": 1100.6276123046873,
  "summary_wm_stdv": 57.21427536010742,
  "tpm_overlap_csf": 0.19628097116947174,
  "tpm_overlap_gm": 0.4885943830013275,
  "tpm_overlap_wm": 0.537662923336029,
  "wm2max": 0.391308131668286
}