{
  "aor": 0.004371565656565656,
  "aqi": 0.004247593888888889,
  "bids_meta": {
    "AcquisitionDuration": 525.000256,
    "CogAtlasID": "trm_4c8a834779883",
    "Columns": 128,
    "EchoTime": 0.03,
    "EchoTrainLength": 1,
    "EffectiveEchoSpacing": 0.000464,
    "FieldOfView": [
      288,
      288,
      147
    ],
    "FlipAngle": 75,
    "GEImageTypeRIMPCode": 0,
    "ImageType": "ORIGINAL/PRIMARY/EPI/NONE",
    "ImagingFrequency": 127.765137,
    "InplanePhaseEncodingDirection": "COL",
    "InversionTime": 0,
    "MRAcquisitionType": "2D",
    "MagneticFieldStrength": 3,
    "Manufacturer": "GE MEDICAL SYSTEMS",
    "ManufacturersModelName": "DISCOVERY MR750",
    "NumberOfAverages": 1,
    "NumberOfEPIShots": 1,
    "NumberOfEchoes": 1,
    "NumberOfSlices": 49,
    "ParallelImagingReductionFactors": [
      0.5,
      1
    ],
    "PercentPhaseFieldOfView": 100,
    "PhaseEncodingDirection": "j",
    "PixelBandwidth": 3906.25,
    "PixelSpacing": [
      2.25,
      2.25
    ],
    "ReceiveCoilName": "8HRBRAIN",
    "RepetitionTime": 2.5,
    "Rows": 128,
    "SATFatWaterBone": 0,
    "ScanOptions": [
      "EPI_GEMS",
      "FILTERED_GEMS",
      "ACC_GEMS"
    ],
    "ScanningSequence": [
      "EP",
      "GR"
    ],
    "SequenceVariant": "SS",
    "SeriesDate": "18740220",
    "SeriesDescription": "RSN_BWRT_200vol_3mm",
    "SeriesNumber": 10,
    "SeriesTime": "211723",
    "SliceThickness": 3,
    "SliceTiming": [
      0,
      1.27551,
      0.05102,
      1.32653,
      0.10204,
      1.37755,
      0.15306,
      1.42857,
      0.20408,
      1.47959,
      0.2551,
      1.53061,
      0.30612,
      1.58163,
      0.35714,
      1.63265,
      0.40816,
      1.68367,
      0.45918,
      1.73469,
      0.5102,
      1.78571,
      0.56122,
      1.83673,
      0.61224,
      1.88776,
      0.66327,
      1.93878,
      0.71429,
      1.9898,
      0.76531,
      2.04082,
      0.81633,
      2.09184,
      0.86735,
      2.14286,
      0.91837,
      2.19388,
      0.96939,
      2.2449,
      1.02041,
      2.29592,
      1.07143,
      2.34694,
      1.12245,
      2.39796,
      1.17347,
      2.44898,
      1.22449
    ],
    "SliceTimingComputationMethod": "SliceNumber*RepetitionTime/NumberOfSlices (interleaved ascending, odd first)",
    "SpacingBetweenSlices": 3,
    "StudyTime": "200442",
    "TaskDescription": "Functional connectivity in the resting state was assessed during two eight-minute runs. Participants were asked to rate their sleepiness using the Karolinska Sleepiness Scale every 2 minutes",
    "TaskInstructions": "Participants were instructed to keep their eyes open and look at a white fixation cross presented against a gray background.",
    "TaskName": "Sleepiness",
    "dummyScans": 10,
    "modality": "bold",
    "session_id": "1",
    "subject_id": "9072",
    "task_id": "sleepiness"
  },
  "dummy_trs": 0,
  "dvars_nstd": 18.722330988883247,
  "dvars_std": 1.189885748324873,
  "dvars_vstd": 1.0384400959390863,
  "efc": 0.3084658817647034,
  "fber": 107795424.0,
  "fd_mean": 0.09696793559158898,
  "fd_num": 12,
  "fd_perc": 6.0606060606060606,
  "fwhm_avg": 3.384017777777778,
  "fwhm_x": 3.475831111111111,
  "fwhm_y": 3.956848888888889,
  "fwhm_z": 2.7193733333333334,
  "gcor": 0.0384205,
  "gsr_x": -0.017938503995537758,
  "gsr_y": -0.0027956997510045767,
  "provenance": {
    "md5sum": "5fe8dfbc5a6846e9b193901449ef0bf8",
    "settings": {
      "fd_thres": 0.2,
      "hmc_fsl": false
    },
    "software": "mriqc",
    "version": "0.9.6"
  },
  "size_t": 198,
  "size_x": 128,
  "size_y": 128,
  "size_z": 49,
  "snr": 4.34873565695022,
  "spacing_tr": 2.5,
  "spacing_x": 2.25,
  "spacing_y": 2.25,
  "spacing_z": 3.0,
  "summary_bg_k": 73.04330134798336,
  "summary_bg_mad": 0.8536194562911987,
  "summary_bg_mean": 74.80012512207031,
  "summary_bg_median": 0.5757575631141663,
  "summary_bg_n": 641369.0,
  "summary_bg_p05": 0.0,
  "summary_bg_p95": 367.3969726562499,
  "summary_bg_stdv": 283.0079040527344,
  "summary_fg_k": 1.0793883693309656,
  "summary_fg_mad": 1039.6151123046875,
  "summary_fg_mean": 5216.36669921875,
  "summary_fg_median": 5272.94921875,
  "summary_fg_n": 76402.0,
  "summary_fg_p05": 2993.3130859375,
  "summary_fg_p95": 7094.73603515625,
  "summary_fg_stdv": 1212.5167236328125,
  "tsnr": 74.30607604980469
}