{
  "aor": 0.0019364948453608247,
  "aqi": 0.010956638917525772,
  "bids_meta": {
    "AcquisitionDuration": 723.000256,
    "Columns": 128,
    "EchoTime": 0.034,
    "EchoTrainLength": 1,
    "EffectiveEchoSpacing": 0.000532,
    "FieldOfView": [
      240,
      240,
      108
    ],
    "FlipAngle": 80,
    "GEImageTypeRIMPCode": 0,
    "ImageType": "ORIGINAL/PRIMARY/EPI/NONE",
    "ImagingFrequency": 127.765269,
    "InplanePhaseEncodingDirection": "COL",
    "InversionTime": 0,
    "MRAcquisitionType": "2D",
    "MagneticFieldStrength": 3,
    "Manufacturer": "GE MEDICAL SYSTEMS",
    "ManufacturersModelName": "DISCOVERY MR750",
    "NumberOfAverages": 1,
    "NumberOfEPIShots": 1,
    "NumberOfEchoes": 1,
    "NumberOfSlices": 45,
    "ParallelImagingReductionFactors": [
      0.5,
      1
    ],
    "PercentPhaseFieldOfView": 100,
    "PhaseEncodingDirection": "j",
    "PixelBandwidth": 3906.25,
    "PixelSpacing": [
      1.875,
      1.875
    ],
    "ReceiveCoilName": "8HRBRAIN",
    "RepetitionTime": 3,
    "Rows": 128,
    "SATFatWaterBone": 1,
    "ScanOptions": [
      "SAT_GEMS",
      "EPI_GEMS",
      "ACC_GEMS",
      "FS"
    ],
    "ScanningSequence": [
      "EP",
      "GR"
    ],
    "SequenceVariant": "SS",
    "SeriesDate": "18730122",
    "SeriesDescription": "fMRI-hands",
    "SeriesNumber": 8,
    "SeriesTime": "185824",
    "SliceThickness": 2.3,
    "SliceTiming": [
      0,
      1.53333,
      0.06667,
      1.6,
      0.13333,
      1.66667,
      0.2,
      1.73333,
      0.26667,
      1.8,
      0.33333,
      1.86667,
      0.4,
      1.93333,
      0.46667,
      2,
      0.53333,
      2.06667,
      0.6,
      2.13333,
      0.66667,
      2.2,
      0.73333,
      2.26667,
      0.8,
      2.33333,
      0.86667,
      2.4,
      0.93333,
      2.46667,
      1,
      2.53333,
      1.06667,
      2.6,
      1.13333,
      2.66667,
      1.2,
      2.73333,
      1.26667,
      2.8,
      1.33333,
      2.86667,
      1.4,
      2.93333,
      1.46667
    ],
    "SliceTimingComputationMethod": "SliceNumber*RepetitionTime/NumberOfSlices (interleaved ascending, odd first)",
    "SpacingBetweenSlices": 2.4,
    "StudyTime": "182206",
    "TaskDescription": "In an event-related design, participants were shown pictures of hands being stung by needles or poked with Q-tips. The stimulus set was kindly shared by Claus Lamm, and has been shown to be effective in previous work by him. After each picture, participants were asked to rate their perceived unpleasantness on a visual analog scale of 0-100.",
    "TaskInstructions": "",
    "TaskName": "Hands",
    "dummyScans": 5,
    "modality": "bold",
    "session_id": "1",
    "subject_id": "9057",
    "task_id": "hands"
  },
  "dummy_trs": 0,
  "dvars_nstd": 33.41775206331609,
  "dvars_std": 1.1103207628497407,
  "dvars_vstd": 1.0262379587046633,
  "efc": 0.4316363064118538,
  "fber": 502697.3125,
  "fd_mean": 0.09459396931133442,
  "fd_num": 22,
  "fd_perc": 11.34020618556701,
  "fwhm_avg": 3.036038915236265,
  "fwhm_x": 3.074138666666667,
  "fwhm_y": 3.439536,
  "fwhm_z": 2.594442079042129,
  "gcor": 0.0365787,
  "gsr_x": -0.014950859360396862,
  "gsr_y": 0.01770334504544735,
  "provenance": {
    "md5sum": "4bc8bf2edb5d134900e759d9a2328776",
    "settings": {
      "fd_thres": 0.2,
      "hmc_fsl": false
    },
    "software": "mriqc",
    "version": "0.9.6"
  },
  "size_t": 194,
  "size_x": 128,
  "size_y": 128,
  "size_z": 45,
  "snr": 4.13541356206657,
  "spacing_tr": 3.0,
  "spacing_x": 1.875,
  "spacing_y": 1.875,
  "spacing_z": 2.3999996185302734,
  "summary_bg_k": 125.79927608049607,
  "summary_bg_mad": 8.51349925994873,
  "summary_bg_mean": 78.10830688476562,
  "summary_bg_median": 5.747422695159912,
  "summary_bg_n": 507296.0,
  "summary_bg_p05": 0.005154639016836882,
  "summary_bg_p95": 316.58374786376953,
  "summary_bg_stdv": 230.71371459960938,
  "summary_fg_k": 0.9835197291629796,
  "summary_fg_mad": 921.077880859375,
  "summary_fg_mean": 3962.237548828125,
  "summary_fg_median": 3965.7626953125,
  "summary_fg_n": 139965.0,
  "summary_fg_p05": 2453.653564453125,
  "summary_fg_p95": 5484.0360351562485,
  "summary_fg_stdv": 958.97265625,
  "tsnr": 38.70549774169922
}