{
  "aor": 0.007642187499999999,
  "aqi": 0.005643640104166667,
  "bids_meta": {
    "AcquisitionDuration": 525.000256,
    "CogAtlasID": "trm_4c8a834779883",
    "Columns": 128,
    "EchoTime": 0.03,
    "EchoTrainLength": 1,
    "EffectiveEchoSpacing": 0.000464,
    "FieldOfView": [
      288,
      288,
      147
    ],
    "FlipAngle": 75,
    "GEImageTypeRIMPCode": 0,
    "ImageType": "ORIGINAL/PRIMARY/EPI/NONE",
    "ImagingFrequency": 127.765121,
    "InplanePhaseEncodingDirection": "COL",
    "InversionTime": 0,
    "MRAcquisitionType": "2D",
    "MagneticFieldStrength": 3,
    "Manufacturer": "GE MEDICAL SYSTEMS",
    "ManufacturersModelName": "DISCOVERY MR750",
    "NumberOfAverages": 1,
    "NumberOfEPIShots": 1,
    "NumberOfEchoes": 1,
    "NumberOfSlices": 49,
    "ParallelImagingReductionFactors": [
      0.5,
      1
    ],
    "PercentPhaseFieldOfView": 100,
    "PhaseEncodingDirection": "j",
    "PixelBandwidth": 3906.25,
    "PixelSpacing": [
      2.25,
      2.25
    ],
    "ReceiveCoilName": "8HRBRAIN",
    "RepetitionTime": 2.5,
    "Rows": 128,
    "SATFatWaterBone": 0,
    "ScanOptions": [
      "EPI_GEMS",
      "FILTERED_GEMS",
      "ACC_GEMS"
    ],
    "ScanningSequence": [
      "EP",
      "GR"
    ],
    "SequenceVariant": "SS",
    "SeriesDate": "18740113",
    "SeriesDescription": "RSN_BWRT_200vol_3mm",
    "SeriesNumber": 4,
    "SeriesTime": "202213",
    "SliceThickness": 3,
    "SliceTiming": [
      0,
      1.27551,
      0.05102,
      1.32653,
      0.10204,
      1.37755,
      0.15306,
      1.42857,
      0.20408,
      1.47959,
      0.2551,
      1.53061,
      0.30612,
      1.58163,
      0.35714,
      1.63265,
      0.40816,
      1.68367,
      0.45918,
      1.73469,
      0.5102,
      1.78571,
      0.56122,
      1.83673,
      0.61224,
      1.88776,
      0.66327,
      1.93878,
      0.71429,
      1.9898,
      0.76531,
      2.04082,
      0.81633,
      2.09184,
      0.86735,
      2.14286,
      0.91837,
      2.19388,
      0.96939,
      2.2449,
      1.02041,
      2.29592,
      1.07143,
      2.34694,
      1.12245,
      2.39796,
      1.17347,
      2.44898,
      1.22449
    ],
    "SliceTimingComputationMethod": "SliceNumber*RepetitionTime/NumberOfSlices (interleaved ascending, odd first)",
    "SpacingBetweenSlices": 3,
    "StudyTime": "201342",
    "TaskDescription": "Functional connectivity in the resting state was assessed during two eight-minute runs.",
    "TaskInstructions": "Participants were instructed to keep their eyes open and look at a white fixation cross presented against a gray background.",
    "TaskName": "Resting State",
    "dummyScans": 10,
    "modality": "bold",
    "session_id": "2",
    "subject_id": "9018",
    "task_id": "rest"
  },
  "dummy_trs": 0,
  "dvars_nstd": 18.446930650837704,
  "dvars_std": 1.0710726564397905,
  "dvars_vstd": 1.0002206772774864,
  "efc": 0.2931169938040327,
  "fber": 34599760.0,
  "fd_mean": 0.15093952351277654,
  "fd_num": 27,
  "fd_perc": 14.0625,
  "fwhm_avg": 3.4403544444444445,
  "fwhm_x": 3.499777777777778,
  "fwhm_y": 4.110622222222222,
  "fwhm_z": 2.710663333333333,
  "gcor": 0.0636839,
  "gsr_x": -0.015311205759644508,
  "gsr_y": 0.0026982768904417753,
  "provenance": {
    "md5sum": "b62774210d5e25248aa2aaf537c3ba76",
    "settings": {
      "fd_thres": 0.2,
      "hmc_fsl": false
    },
    "software": "mriqc",
    "version": "0.9.6"
  },
  "size_t": 192,
  "size_x": 128,
  "size_y": 128,
  "size_z": 49,
  "snr": 4.840159926057412,
  "spacing_tr": 2.5,
  "spacing_x": 2.25,
  "spacing_y": 2.25,
  "spacing_z": 3.0,
  "summary_bg_k": 171.4023567523109,
  "summary_bg_mad": 1.359052062034607,
  "summary_bg_mean": 60.946414947509766,
  "summary_bg_median": 0.9166666865348816,
  "summary_bg_n": 650181.0,
  "summary_bg_p05": 0.0,
  "summary_bg_p95": 289.15625,
  "summary_bg_stdv": 237.7624969482422,
  "summary_fg_k": 1.6880433559312635,
  "summary_fg_mad": 790.1886596679688,
  "summary_fg_mean": 4845.09619140625,
  "summary_fg_median": 4899.296875,
  "summary_fg_n": 69513.0,
  "summary_fg_p05": 2977.843798828125,
  "summary_fg_p95": 6405.637695312498,
  "summary_fg_stdv": 1012.210693359375,
  "tsnr": 65.1026611328125
}