{
  "bids_meta": {
    "AcquisitionDuration": 393.10048,
    "Columns": 512,
    "EchoTime": 0.12675,
    "EchoTrainLength": 140,
    "EffectiveEchoSpacing": 0,
    "FieldOfView": [
      240.03,
      240.03,
      87.6
    ],
    "FlipAngle": 90,
    "GEImageTypeRIMPCode": 0,
    "ImageType": "ORIGINAL/PRIMARY/OTHER",
    "ImagingFrequency": 127.765247,
    "InplanePhaseEncodingDirection": "ROW",
    "InversionTime": 1.862,
    "MRAcquisitionType": "3D",
    "MagneticFieldStrength": 3,
    "Manufacturer": "GE MEDICAL SYSTEMS",
    "ManufacturersModelName": "DISCOVERY MR750",
    "NumberOfAverages": 1,
    "NumberOfEPIShots": 1,
    "NumberOfEchoes": 1,
    "NumberOfSlices": 146,
    "ParallelImagingReductionFactors": [
      0.5,
      0.5
    ],
    "PercentPhaseFieldOfView": 100,
    "PhaseEncodingDirection": "i",
    "PixelBandwidth": 122.07,
    "PixelSpacing": [
      0.4688,
      0.4688
    ],
    "ReceiveCoilName": "8HRBRAIN",
    "RepetitionTime": 6,
    "Rows": 512,
    "SATFatWaterBone": 0,
    "ScanOptions": [
      "EDR_GEMS",
      "FILTERED_GEMS",
      "ACC_GEMS"
    ],
    "ScanningSequence": [
      "SE",
      "IR"
    ],
    "SequenceVariant": "SK",
    "SeriesDate": "18721229",
    "SeriesDescription": "Sag CUBE T2 flair",
    "SeriesNumber": 11,
    "SeriesTime": "212807",
    "SliceThickness": 1.2,
    "SpacingBetweenSlices": 0.600002,
    "StudyTime": "200848",
    "modality": "T2w",
    "session_id": "1",
    "subject_id": "9070"
  },
  "cjv": 0.646971954136577,
  "cnr": 1.125089696089989,
  "efc": 0.6100262895456052,
  "fber": 578.9945068359375,
  "fwhm_avg": 5.061611482108753,
  "fwhm_x": 4.411199824714668,
  "fwhm_y": 5.613161163455183,
  "fwhm_z": 5.160473458156409,
  "icvs_csf": 0.43047239063465315,
  "icvs_gm": 0.43971269759356907,
  "icvs_wm": 0.12981491177177779,
  "inu_med": 1.1032960414886475,
  "inu_range": 0.6430209875106812,
  "provenance": {
    "md5sum": "6e95133290458adbf235344738f83c57",
    "settings": {
      "testing": false
    },
    "software": "mriqc",
    "version": "0.9.6",
    "warnings": {
      "large_rot_frame": true,
      "small_air_mask": false
    }
  },
  "qi_1": 0.0,
  "qi_2": 0.0010392401889146806,
  "rpve_csf": 12.413117879471182,
  "rpve_gm": 11.672748623803088,
  "rpve_wm": 34.86166709484551,
  "size_x": 292,
  "size_y": 512,
  "size_z": 512,
  "snr_csf": 14.878761493509819,
  "snr_gm": 15.438300356307874,
  "snr_total": 11.007901185071924,
  "snr_wm": 2.7066417053980873,
  "snrd_csf": 69.13988418085353,
  "snrd_gm": 58.91238730714064,
  "snrd_total": 56.426175139669944,
  "snrd_wm": 41.22625393101566,
  "spacing_x": 0.6000000238418579,
  "spacing_y": 0.46880000829696655,
  "spacing_z": 0.46880000829696655,
  "summary_bg_k": 3.4509376252309183,
  "summary_bg_mad": 15.886747360229492,
  "summary_bg_mean": 47.906673431396484,
  "summary_bg_median": 45.31816864013672,
  "summary_bg_n": 16418194.0,
  "summary_bg_p05": 24.153870868682862,
  "summary_bg_p95": 80.59435386657712,
  "summary_bg_stdv": 18.005802154541016,
  "summary_csf_k": 0.5665618011438096,
  "summary_csf_mad": 109.2481689453125,
  "summary_csf_mean": 1685.7099609375,
  "summary_csf_median": 1676.6094970703125,
  "summary_csf_n": 1161697.0,
  "summary_csf_p05": 1517.6923828125,
  "summary_csf_p95": 1883.848583984375,
  "summary_csf_stdv": 112.68470001220703,
  "summary_gm_k": 0.03404770862629869,
  "summary_gm_mad": 92.30122375488281,
  "summary_gm_mean": 1431.8489990234375,
  "summary_gm_median": 1428.5975341796875,
  "summary_gm_n": 683880.0,
  "summary_gm_p05": 1285.0228637695313,
  "summary_gm_p95": 1589.4178649902344,
  "summary_gm_stdv": 92.5358657836914,
  "summary_wm_k": 15.705026023253563,
  "summary_wm_mad": 185.17234802246094,
  "summary_wm_mean": 953.0270385742188,
  "summary_wm_median": 999.7171630859375,
  "summary_wm_n": 157513.0,
  "summary_wm_p05": 314.0084106445313,
  "summary_wm_p95": 1235.3199218749999,
  "summary_wm_stdv": 369.3558654785156,
  "tpm_overlap_csf": 0.10950277745723724,
  "tpm_overlap_gm": 0.31681695580482483,
  "tpm_overlap_wm": 0.11710619181394577,
  "wm2max": 0.2568555217107108
}