{
  "bids_meta": {
    "AcquisitionDuration": 393.113376,
    "Columns": 512,
    "EchoTime": 0.12845,
    "EchoTrainLength": 140,
    "EffectiveEchoSpacing": 0,
    "FieldOfView": [
      240.03,
      240.03,
      87.6
    ],
    "FlipAngle": 90,
    "GEImageTypeRIMPCode": 0,
    "ImageType": "ORIGINAL/PRIMARY/OTHER",
    "ImagingFrequency": 127.765109,
    "InplanePhaseEncodingDirection": "ROW",
    "InversionTime": 1.858,
    "MRAcquisitionType": "3D",
    "MagneticFieldStrength": 3,
    "Manufacturer": "GE MEDICAL SYSTEMS",
    "ManufacturersModelName": "DISCOVERY MR750",
    "NumberOfAverages": 1,
    "NumberOfEPIShots": 1,
    "NumberOfEchoes": 1,
    "NumberOfSlices": 146,
    "ParallelImagingReductionFactors": [
      0.5,
      0.5
    ],
    "PercentPhaseFieldOfView": 100,
    "PhaseEncodingDirection": "i",
    "PixelBandwidth": 122.07,
    "PixelSpacing": [
      0.4688,
      0.4688
    ],
    "ReceiveCoilName": "8HRBRAIN",
    "RepetitionTime": 6,
    "Rows": 512,
    "SATFatWaterBone": 0,
    "ScanOptions": [
      "EDR_GEMS",
      "FILTERED_GEMS",
      "ACC_GEMS"
    ],
    "ScanningSequence": [
      "SE",
      "IR"
    ],
    "SequenceVariant": "SK",
    "SeriesDate": "18740127",
    "SeriesDescription": "Sag CUBE T2 flair",
    "SeriesNumber": 11,
    "SeriesTime": "194337",
    "SliceThickness": 1.2,
    "SpacingBetweenSlices": 0.600002,
    "StudyTime": "182455",
    "modality": "T2w",
    "session_id": "1",
    "subject_id": "9080"
  },
  "cjv": 0.7904491879466514,
  "cnr": 1.092298975714093,
  "efc": 0.6343022009647773,
  "fber": 341.1489562988281,
  "fwhm_avg": 4.795688564498144,
  "fwhm_x": 4.212449832612283,
  "fwhm_y": 5.370733693343007,
  "fwhm_z": 4.803882167539143,
  "icvs_csf": 0.4534424629833516,
  "icvs_gm": 0.41910429276375677,
  "icvs_wm": 0.12745324425289165,
  "inu_med": 1.1624736785888672,
  "inu_range": 0.6234126836061478,
  "provenance": {
    "md5sum": "0b0660f20da01cce2d8e8a9e62bd33d1",
    "settings": {
      "testing": false
    },
    "software": "mriqc",
    "version": "0.9.6",
    "warnings": {
      "large_rot_frame": true,
      "small_air_mask": false
    }
  },
  "qi_1": 0.0,
  "qi_2": 0.0007139957013737088,
  "rpve_csf": 13.15103957712612,
  "rpve_gm": 13.11124445579441,
  "rpve_wm": 38.819180384425074,
  "size_x": 292,
  "size_y": 512,
  "size_z": 512,
  "snr_csf": 14.417251901226514,
  "snr_gm": 14.001936138654385,
  "snr_total": 9.918704331734494,
  "snr_wm": 1.3369249553225808,
  "snrd_csf": 62.637481976476224,
  "snrd_gm": 52.46070237698107,
  "snrd_total": 47.921661886024445,
  "snrd_wm": 28.66680130461603,
  "spacing_x": 0.6000000238418579,
  "spacing_y": 0.46880000829696655,
  "spacing_z": 0.46880000829696655,
  "summary_bg_k": 8.760793656164807,
  "summary_bg_mad": 22.824312210083008,
  "summary_bg_mean": 71.74459075927734,
  "summary_bg_median": 66.79375457763672,
  "summary_bg_n": 15832075.0,
  "summary_bg_p05": 36.07724266052246,
  "summary_bg_p95": 123.86672592163082,
  "summary_bg_stdv": 29.254472732543945,
  "summary_csf_k": 0.8237466162486271,
  "summary_csf_mad": 144.44223022460938,
  "summary_csf_mean": 2193.905029296875,
  "summary_csf_median": 2182.228759765625,
  "summary_csf_n": 1154979.0,
  "summary_csf_p05": 1968.56640625,
  "summary_csf_p95": 2458.506713867187,
  "summary_csf_stdv": 151.3622589111328,
  "summary_gm_k": -0.057970079558843146,
  "summary_gm_mad": 132.06851196289062,
  "summary_gm_mean": 1831.09423828125,
  "summary_gm_median": 1827.6796875,
  "summary_gm_n": 557526.0,
  "summary_gm_p05": 1623.0927429199219,
  "summary_gm_p95": 2051.2134399414062,
  "summary_gm_stdv": 130.53038024902344,
  "summary_wm_k": 7.0544861076238305,
  "summary_wm_mad": 523.1793212890625,
  "summary_wm_mean": 1038.1832275390625,
  "summary_wm_median": 998.723388671875,
  "summary_wm_n": 131104.0,
  "summary_wm_p05": 223.59323348999024,
  "summary_wm_p95": 2777.6948974609354,
  "summary_wm_stdv": 747.0274047851562,
  "tpm_overlap_csf": 0.09924015402793884,
  "tpm_overlap_gm": 0.2965538799762726,
  "tpm_overlap_wm": 0.09742171317338943,
  "wm2max": 0.22407525004789117
}