{
  "bids_meta": {
    "AcquisitionDuration": 238.55128,
    "Columns": 512,
    "EchoTime": 0.00281,
    "EchoTrainLength": 1,
    "EffectiveEchoSpacing": 0,
    "FieldOfView": [
      240.03,
      240.03,
      180
    ],
    "FlipAngle": 11,
    "GEImageTypeRIMPCode": 0,
    "ImageType": "ORIGINAL/PRIMARY/OTHER",
    "ImagingFrequency": 127.765174,
    "InplanePhaseEncodingDirection": "ROW",
    "InversionTime": 0.45,
    "MRAcquisitionType": "3D",
    "MagneticFieldStrength": 3,
    "Manufacturer": "GE MEDICAL SYSTEMS",
    "ManufacturersModelName": "DISCOVERY MR750",
    "NumberOfAverages": 1,
    "NumberOfEPIShots": 0,
    "NumberOfEchoes": 1,
    "NumberOfSlices": 180,
    "ParallelImagingReductionFactors": [
      0.571429,
      1
    ],
    "PercentPhaseFieldOfView": 100,
    "PhaseEncodingDirection": "i",
    "PixelBandwidth": 122.07,
    "PixelSpacing": [
      0.4688,
      0.4688
    ],
    "ReceiveCoilName": "8HRBRAIN",
    "RepetitionTime": 0.0064,
    "Rows": 512,
    "SATFatWaterBone": 0,
    "ScanOptions": [
      "FAST_GEMS",
      "EDR_GEMS",
      "FILTERED_GEMS",
      "ACC_GEMS"
    ],
    "ScanningSequence": "GR",
    "SequenceVariant": [
      "SS",
      "SK"
    ],
    "SeriesDate": "18740401",
    "SeriesDescription": "Sag3D_T1_1mm3",
    "SeriesNumber": 2,
    "SeriesTime": "200153",
    "SliceThickness": 1,
    "SpacingBetweenSlices": 1,
    "StudyTime": "200004",
    "modality": "T1w",
    "session_id": "1",
    "subject_id": "9002"
  },
  "cjv": 0.3607435405349582,
  "cnr": 3.7250965111345002,
  "efc": 0.6431336629004862,
  "fber": 185.67234802246094,
  "fwhm_avg": 6.304952209955747,
  "fwhm_x": 3.97949,
  "fwhm_y": 7.752730238216417,
  "fwhm_z": 7.182636391650824,
  "icvs_csf": 0.22118931782980933,
  "icvs_gm": 0.39121218965790877,
  "icvs_wm": 0.3875984925122819,
  "inu_med": 1.1646884679794312,
  "inu_range": 0.5057850480079651,
  "provenance": {
    "md5sum": "9dea6d81172768e9269453796ae4ab03",
    "mriqc_pred": 0,
    "settings": {
      "testing": false
    },
    "software": "mriqc",
    "version": "0.9.6",
    "warnings": {
      "large_rot_frame": true,
      "small_air_mask": false
    }
  },
  "qi_1": 6.64185018415004e-07,
  "qi_2": 0.0003129597877826772,
  "rpve_csf": 23.31090493826853,
  "rpve_gm": 13.236154126356798,
  "rpve_wm": 16.291252686674063,
  "size_x": 180,
  "size_y": 512,
  "size_z": 512,
  "snr_csf": 3.814014594494977,
  "snr_gm": 13.857797990715014,
  "snr_total": 12.719731484070474,
  "snr_wm": 20.487381867001435,
  "snrd_csf": 15.007673758205444,
  "snrd_gm": 32.87780412698529,
  "snrd_total": 31.049691330126254,
  "snrd_wm": 45.263596105188036,
  "spacing_x": 1.0,
  "spacing_y": 0.46880000829696655,
  "spacing_z": 0.46880000829696655,
  "summary_bg_k": 2.3986117602750125,
  "summary_bg_mad": 14.473797798156738,
  "summary_bg_mean": 47.66727828979492,
  "summary_bg_median": 45.43641662597656,
  "summary_bg_n": 9909598.0,
  "summary_bg_p05": 25.74525547027588,
  "summary_bg_p95": 77.35580444335938,
  "summary_bg_stdv": 16.315610885620117,
  "summary_csf_k": 18.923656822044695,
  "summary_csf_mad": 76.53173828125,
  "summary_csf_mean": 346.4791564941406,
  "summary_csf_median": 331.5615539550781,
  "summary_csf_n": 170735.0,
  "summary_csf_p05": 230.48350830078124,
  "summary_csf_p95": 506.90182495117165,
  "summary_csf_stdv": 86.93217468261719,
  "summary_gm_k": 0.21771571683123359,
  "summary_gm_mad": 51.03711700439453,
  "summary_gm_mean": 728.186279296875,
  "summary_gm_median": 726.36279296875,
  "summary_gm_n": 162999.0,
  "summary_gm_p05": 645.5205139160156,
  "summary_gm_p95": 817.3494384765625,
  "summary_gm_stdv": 52.4152946472168,
  "summary_wm_k": 0.2645540342228063,
  "summary_wm_mad": 47.67560577392578,
  "summary_wm_mean": 1000.2666625976562,
  "summary_wm_median": 999.9996337890625,
  "summary_wm_n": 1204912.0,
  "summary_wm_p05": 921.0566589355469,
  "summary_wm_p95": 1080.5268188476562,
  "summary_wm_stdv": 48.81049346923828,
  "tpm_overlap_csf": 0.21314242482185364,
  "tpm_overlap_gm": 0.46364879608154297,
  "tpm_overlap_wm": 0.5699259638786316,
  "wm2max": 0.473474525252825
}