{
  "aor": 0.0010797916666666666,
  "aqi": 0.0025856043229166665,
  "bids_meta": {
    "AcquisitionDuration": 525.000256,
    "CogAtlasID": "trm_4c8a834779883",
    "Columns": 128,
    "EchoTime": 0.03,
    "EchoTrainLength": 1,
    "EffectiveEchoSpacing": 0.000464,
    "FieldOfView": [
      288,
      288,
      147
    ],
    "FlipAngle": 75,
    "GEImageTypeRIMPCode": 0,
    "ImageType": "ORIGINAL/PRIMARY/EPI/NONE",
    "ImagingFrequency": 127.765126,
    "InplanePhaseEncodingDirection": "COL",
    "InversionTime": 0,
    "MRAcquisitionType": "2D",
    "MagneticFieldStrength": 3,
    "Manufacturer": "GE MEDICAL SYSTEMS",
    "ManufacturersModelName": "DISCOVERY MR750",
    "NumberOfAverages": 1,
    "NumberOfEPIShots": 1,
    "NumberOfEchoes": 1,
    "NumberOfSlices": 49,
    "ParallelImagingReductionFactors": [
      0.5,
      1
    ],
    "PercentPhaseFieldOfView": 100,
    "PhaseEncodingDirection": "j",
    "PixelBandwidth": 3906.25,
    "PixelSpacing": [
      2.25,
      2.25
    ],
    "ReceiveCoilName": "8HRBRAIN",
    "RepetitionTime": 2.5,
    "Rows": 128,
    "SATFatWaterBone": 0,
    "ScanOptions": [
      "EPI_GEMS",
      "FILTERED_GEMS",
      "ACC_GEMS"
    ],
    "ScanningSequence": [
      "EP",
      "GR"
    ],
    "SequenceVariant": "SS",
    "SeriesDate": "18731221",
    "SeriesDescription": "RSN_BWRT_200vol_3mm",
    "SeriesNumber": 4,
    "SeriesTime": "181448",
    "SliceThickness": 3,
    "SliceTiming": [
      0,
      1.27551,
      0.05102,
      1.32653,
      0.10204,
      1.37755,
      0.15306,
      1.42857,
      0.20408,
      1.47959,
      0.2551,
      1.53061,
      0.30612,
      1.58163,
      0.35714,
      1.63265,
      0.40816,
      1.68367,
      0.45918,
      1.73469,
      0.5102,
      1.78571,
      0.56122,
      1.83673,
      0.61224,
      1.88776,
      0.66327,
      1.93878,
      0.71429,
      1.9898,
      0.76531,
      2.04082,
      0.81633,
      2.09184,
      0.86735,
      2.14286,
      0.91837,
      2.19388,
      0.96939,
      2.2449,
      1.02041,
      2.29592,
      1.07143,
      2.34694,
      1.12245,
      2.39796,
      1.17347,
      2.44898,
      1.22449
    ],
    "SliceTimingComputationMethod": "SliceNumber*RepetitionTime/NumberOfSlices (interleaved ascending, odd first)",
    "SpacingBetweenSlices": 3,
    "StudyTime": "180555",
    "TaskDescription": "Functional connectivity in the resting state was assessed during two eight-minute runs.",
    "TaskInstructions": "Participants were instructed to keep their eyes open and look at a white fixation cross presented against a gray background.",
    "TaskName": "Resting State",
    "dummyScans": 10,
    "modality": "bold",
    "session_id": "1",
    "subject_id": "9041",
    "task_id": "rest"
  },
  "dummy_trs": 0,
  "dvars_nstd": 16.389362325340304,
  "dvars_std": 1.1580407847643972,
  "dvars_vstd": 0.9762907826178014,
  "efc": 0.30520717535769293,
  "fber": 66009900.0,
  "fd_mean": 0.04817237524624834,
  "fd_num": 0,
  "fd_perc": 0.0,
  "fwhm_avg": 3.574701851851852,
  "fwhm_x": 3.6704088888888884,
  "fwhm_y": 4.2768266666666666,
  "fwhm_z": 2.77687,
  "gcor": 0.0287483,
  "gsr_x": -0.01637442596256733,
  "gsr_y": -0.0017093598144128919,
  "provenance": {
    "md5sum": "980c1ba3509216f49ffd4032892600f3",
    "settings": {
      "fd_thres": 0.2,
      "hmc_fsl": false
    },
    "software": "mriqc",
    "version": "0.9.6"
  },
  "size_t": 192,
  "size_x": 128,
  "size_y": 128,
  "size_z": 49,
  "snr": 4.357078318409099,
  "spacing_tr": 2.5,
  "spacing_x": 2.25,
  "spacing_y": 2.25,
  "spacing_z": 3.0,
  "summary_bg_k": 77.39348638658744,
  "summary_bg_mad": 1.0501766204833984,
  "summary_bg_mean": 66.00239562988281,
  "summary_bg_median": 0.7083333730697632,
  "summary_bg_n": 640719.0,
  "summary_bg_p05": 0.0,
  "summary_bg_p95": 312.47918701171875,
  "summary_bg_stdv": 254.4300537109375,
  "summary_fg_k": 0.9313860160337772,
  "summary_fg_mad": 1044.5008544921875,
  "summary_fg_mean": 5231.818359375,
  "summary_fg_median": 5215.8466796875,
  "summary_fg_n": 76542.0,
  "summary_fg_p05": 3175.64990234375,
  "summary_fg_p95": 7157.911206054687,
  "summary_fg_stdv": 1197.0894775390625,
  "tsnr": 90.48980712890625
}