{
  "bids_meta": {
    "AcquisitionDuration": 238.444688,
    "Columns": 512,
    "EchoTime": 0.00281,
    "EchoTrainLength": 1,
    "EffectiveEchoSpacing": 0,
    "FieldOfView": [
      240.03,
      240.03,
      180
    ],
    "FlipAngle": 11,
    "GEImageTypeRIMPCode": 0,
    "ImageType": "ORIGINAL/PRIMARY/OTHER",
    "ImagingFrequency": 127.765206,
    "InplanePhaseEncodingDirection": "ROW",
    "InversionTime": 0.45,
    "MRAcquisitionType": "3D",
    "MagneticFieldStrength": 3,
    "Manufacturer": "GE MEDICAL SYSTEMS",
    "ManufacturersModelName": "DISCOVERY MR750",
    "NumberOfAverages": 1,
    "NumberOfEPIShots": 0,
    "NumberOfEchoes": 1,
    "NumberOfSlices": 180,
    "ParallelImagingReductionFactors": [
      0.571429,
      1
    ],
    "PercentPhaseFieldOfView": 100,
    "PhaseEncodingDirection": "i",
    "PixelBandwidth": 122.07,
    "PixelSpacing": [
      0.4688,
      0.4688
    ],
    "ReceiveCoilName": "8HRBRAIN",
    "RepetitionTime": 0.0064,
    "Rows": 512,
    "SATFatWaterBone": 0,
    "ScanOptions": [
      "FAST_GEMS",
      "EDR_GEMS",
      "FILTERED_GEMS",
      "ACC_GEMS"
    ],
    "ScanningSequence": "GR",
    "SequenceVariant": [
      "SS",
      "SK"
    ],
    "SeriesDate": "18730410",
    "SeriesDescription": "Sag3D_T1_1mm3",
    "SeriesNumber": 2,
    "SeriesTime": "200857",
    "SliceThickness": 1,
    "SpacingBetweenSlices": 1,
    "StudyTime": "200724",
    "modality": "T1w",
    "session_id": "1",
    "subject_id": "9066"
  },
  "cjv": 0.3724858342809305,
  "cnr": 3.506218935576908,
  "efc": 0.6241739984204404,
  "fber": 166.092529296875,
  "fwhm_avg": 6.324197829878583,
  "fwhm_x": 4.02029,
  "fwhm_y": 7.736753276041845,
  "fwhm_z": 7.215550213593902,
  "icvs_csf": 0.21781232383610255,
  "icvs_gm": 0.406404809456944,
  "icvs_wm": 0.37578286670695343,
  "inu_med": 1.2720521688461304,
  "inu_range": 0.511771619319916,
  "provenance": {
    "md5sum": "bbbe7452a6538d08bf12b3187ef7f61c",
    "mriqc_pred": 0,
    "settings": {
      "testing": false
    },
    "software": "mriqc",
    "version": "0.9.6",
    "warnings": {
      "large_rot_frame": true,
      "small_air_mask": false
    }
  },
  "qi_1": 0.0,
  "qi_2": 0.00033160107202761835,
  "rpve_csf": 24.52014607476479,
  "rpve_gm": 13.377868008016979,
  "rpve_wm": 17.36448126114547,
  "size_x": 180,
  "size_y": 512,
  "size_z": 512,
  "snr_csf": 3.66448807050933,
  "snr_gm": 12.68676475464096,
  "snr_total": 11.742467648996067,
  "snr_wm": 18.876150121837913,
  "snrd_csf": 16.10927725043213,
  "snrd_gm": 32.69588161858027,
  "snrd_total": 31.370952506791497,
  "snrd_wm": 45.307698651362095,
  "spacing_x": 1.0,
  "spacing_y": 0.46880000829696655,
  "spacing_z": 0.46880000829696655,
  "summary_bg_k": 2.2725458572577484,
  "summary_bg_mad": 14.45977783203125,
  "summary_bg_mean": 51.506526947021484,
  "summary_bg_median": 49.625247955322266,
  "summary_bg_n": 9720061.0,
  "summary_bg_p05": 29.212671279907227,
  "summary_bg_p95": 80.32671356201172,
  "summary_bg_stdv": 16.148557662963867,
  "summary_csf_k": -0.39538191988969373,
  "summary_csf_mad": 105.05350494384766,
  "summary_csf_mean": 365.13885498046875,
  "summary_csf_median": 355.5543212890625,
  "summary_csf_n": 143613.0,
  "summary_csf_p05": 219.98968200683595,
  "summary_csf_p95": 529.8959838867187,
  "summary_csf_stdv": 97.02667236328125,
  "summary_gm_k": 0.4898508052385533,
  "summary_gm_mad": 53.17948913574219,
  "summary_gm_mean": 723.9854736328125,
  "summary_gm_median": 721.6439208984375,
  "summary_gm_n": 168296.0,
  "summary_gm_p05": 635.0404968261719,
  "summary_gm_p95": 822.1138305664062,
  "summary_gm_stdv": 56.881465911865234,
  "summary_wm_k": 0.45426975403168157,
  "summary_wm_mad": 50.50584411621094,
  "summary_wm_mean": 999.4841918945312,
  "summary_wm_median": 1000.00439453125,
  "summary_wm_n": 1044144.0,
  "summary_wm_p05": 911.9516876220703,
  "summary_wm_p95": 1085.3485961914062,
  "summary_wm_stdv": 52.97711181640625,
  "tpm_overlap_csf": 0.20273886620998383,
  "tpm_overlap_gm": 0.476237416267395,
  "tpm_overlap_wm": 0.5385783314704895,
  "wm2max": 0.40008003573757034
}