{
  "aor": 0.011709739583333335,
  "aqi": 0.007340647083333332,
  "bids_meta": {
    "AcquisitionDuration": 525.000256,
    "CogAtlasID": "trm_4c8a834779883",
    "Columns": 128,
    "EchoTime": 0.03,
    "EchoTrainLength": 1,
    "EffectiveEchoSpacing": 0.000464,
    "FieldOfView": [
      288,
      288,
      147
    ],
    "FlipAngle": 75,
    "GEImageTypeRIMPCode": 0,
    "ImageType": "ORIGINAL/PRIMARY/EPI/NONE",
    "ImagingFrequency": 127.765124,
    "InplanePhaseEncodingDirection": "COL",
    "InversionTime": 0,
    "MRAcquisitionType": "2D",
    "MagneticFieldStrength": 3,
    "Manufacturer": "GE MEDICAL SYSTEMS",
    "ManufacturersModelName": "DISCOVERY MR750",
    "NumberOfAverages": 1,
    "NumberOfEPIShots": 1,
    "NumberOfEchoes": 1,
    "NumberOfSlices": 49,
    "ParallelImagingReductionFactors": [
      0.5,
      1
    ],
    "PercentPhaseFieldOfView": 100,
    "PhaseEncodingDirection": "j",
    "PixelBandwidth": 3906.25,
    "PixelSpacing": [
      2.25,
      2.25
    ],
    "ReceiveCoilName": "8HRBRAIN",
    "RepetitionTime": 2.5,
    "Rows": 128,
    "SATFatWaterBone": 0,
    "ScanOptions": [
      "EPI_GEMS",
      "FILTERED_GEMS",
      "ACC_GEMS"
    ],
    "ScanningSequence": [
      "EP",
      "GR"
    ],
    "SequenceVariant": "SS",
    "SeriesDate": "18740706",
    "SeriesDescription": "RSN_BWRT_200vol_3mm",
    "SeriesNumber": 4,
    "SeriesTime": "180926",
    "SliceThickness": 3,
    "SliceTiming": [
      0,
      1.27551,
      0.05102,
      1.32653,
      0.10204,
      1.37755,
      0.15306,
      1.42857,
      0.20408,
      1.47959,
      0.2551,
      1.53061,
      0.30612,
      1.58163,
      0.35714,
      1.63265,
      0.40816,
      1.68367,
      0.45918,
      1.73469,
      0.5102,
      1.78571,
      0.56122,
      1.83673,
      0.61224,
      1.88776,
      0.66327,
      1.93878,
      0.71429,
      1.9898,
      0.76531,
      2.04082,
      0.81633,
      2.09184,
      0.86735,
      2.14286,
      0.91837,
      2.19388,
      0.96939,
      2.2449,
      1.02041,
      2.29592,
      1.07143,
      2.34694,
      1.12245,
      2.39796,
      1.17347,
      2.44898,
      1.22449
    ],
    "SliceTimingComputationMethod": "SliceNumber*RepetitionTime/NumberOfSlices (interleaved ascending, odd first)",
    "SpacingBetweenSlices": 3,
    "StudyTime": "180136",
    "TaskDescription": "Functional connectivity in the resting state was assessed during two eight-minute runs.",
    "TaskInstructions": "Participants were instructed to keep their eyes open and look at a white fixation cross presented against a gray background.",
    "TaskName": "Resting State",
    "dummyScans": 10,
    "modality": "bold",
    "session_id": "2",
    "subject_id": "9029",
    "task_id": "rest"
  },
  "dummy_trs": 0,
  "dvars_nstd": 26.00168513738222,
  "dvars_std": 1.17288001382199,
  "dvars_vstd": 1.0474410812041879,
  "efc": 0.30843958765150536,
  "fber": 40564708.0,
  "fd_mean": 0.21000184002303982,
  "fd_num": 51,
  "fd_perc": 26.5625,
  "fwhm_avg": 3.419347777777778,
  "fwhm_x": 3.474648888888889,
  "fwhm_y": 3.8836577777777777,
  "fwhm_z": 2.899736666666667,
  "gcor": 0.0309919,
  "gsr_x": -0.014485612511634827,
  "gsr_y": 0.0022820248268544674,
  "provenance": {
    "md5sum": "558b3c538db62bea27c1805d7a1cc720",
    "settings": {
      "fd_thres": 0.2,
      "hmc_fsl": false
    },
    "software": "mriqc",
    "version": "0.9.6"
  },
  "size_t": 192,
  "size_x": 128,
  "size_y": 128,
  "size_z": 49,
  "snr": 4.302657725736964,
  "spacing_tr": 2.5,
  "spacing_x": 2.25,
  "spacing_y": 2.25,
  "spacing_z": 3.0,
  "summary_bg_k": 169.46614440139305,
  "summary_bg_mad": 1.312720775604248,
  "summary_bg_mean": 60.39820098876953,
  "summary_bg_median": 0.8854166865348816,
  "summary_bg_n": 636864.0,
  "summary_bg_p05": 0.0,
  "summary_bg_p95": 294.2179718017577,
  "summary_bg_stdv": 223.56520080566406,
  "summary_fg_k": 1.192309078184465,
  "summary_fg_mad": 1012.3585205078125,
  "summary_fg_mean": 5264.44775390625,
  "summary_fg_median": 5223.953125,
  "summary_fg_n": 80598.0,
  "summary_fg_p05": 3277.2640747070313,
  "summary_fg_p95": 7315.070068359375,
  "summary_fg_stdv": 1214.1148681640625,
  "tsnr": 52.69777297973633
}