{
  "bids_meta": {
    "AcquisitionDuration": 238.55128,
    "Columns": 512,
    "EchoTime": 0.00281,
    "EchoTrainLength": 1,
    "EffectiveEchoSpacing": 0,
    "FieldOfView": [
      240.03,
      240.03,
      180
    ],
    "FlipAngle": 11,
    "GEImageTypeRIMPCode": 0,
    "ImageType": "ORIGINAL/PRIMARY/OTHER",
    "ImagingFrequency": 127.7651,
    "InplanePhaseEncodingDirection": "ROW",
    "InversionTime": 0.45,
    "MRAcquisitionType": "3D",
    "MagneticFieldStrength": 3,
    "Manufacturer": "GE MEDICAL SYSTEMS",
    "ManufacturersModelName": "DISCOVERY MR750",
    "NumberOfAverages": 1,
    "NumberOfEPIShots": 0,
    "NumberOfEchoes": 1,
    "NumberOfSlices": 180,
    "ParallelImagingReductionFactors": [
      0.571429,
      1
    ],
    "PercentPhaseFieldOfView": 100,
    "PhaseEncodingDirection": "i",
    "PixelBandwidth": 122.07,
    "PixelSpacing": [
      0.4688,
      0.4688
    ],
    "ReceiveCoilName": "8HRBRAIN",
    "RepetitionTime": 0.0064,
    "Rows": 512,
    "SATFatWaterBone": 0,
    "ScanOptions": [
      "FAST_GEMS",
      "EDR_GEMS",
      "FILTERED_GEMS",
      "ACC_GEMS"
    ],
    "ScanningSequence": "GR",
    "SequenceVariant": [
      "SS",
      "SK"
    ],
    "SeriesDate": "18740312",
    "SeriesDescription": "Sag3D_T1_1mm3",
    "SeriesNumber": 2,
    "SeriesTime": "182003",
    "SliceThickness": 1,
    "SpacingBetweenSlices": 1,
    "StudyTime": "181829",
    "modality": "T1w",
    "session_id": "2",
    "subject_id": "9063"
  },
  "cjv": 0.34472465820520237,
  "cnr": 3.8080022529574133,
  "efc": 0.6722907402239252,
  "fber": 153.2383575439453,
  "fwhm_avg": 6.649820031841272,
  "fwhm_x": 4.13423,
  "fwhm_y": 8.40369012430645,
  "fwhm_z": 7.4115399712173655,
  "icvs_csf": 0.21022235190170302,
  "icvs_gm": 0.4042506394486488,
  "icvs_wm": 0.3855270086496482,
  "inu_med": 1.1263675689697266,
  "inu_range": 0.582186558842659,
  "provenance": {
    "md5sum": "c9694a0f38e27a6c79078954a916eaa3",
    "mriqc_pred": 0,
    "settings": {
      "testing": false
    },
    "software": "mriqc",
    "version": "0.9.6",
    "warnings": {
      "large_rot_frame": true,
      "small_air_mask": false
    }
  },
  "qi_1": 1.1317298136536128e-05,
  "qi_2": 0.0003993074454506146,
  "rpve_csf": 22.32560250229766,
  "rpve_gm": 12.033127065736798,
  "rpve_wm": 15.357428722809193,
  "size_x": 180,
  "size_y": 512,
  "size_z": 512,
  "snr_csf": 3.497219336162755,
  "snr_gm": 13.230245071556103,
  "snr_total": 12.350903687306038,
  "snr_wm": 20.32524665419926,
  "snrd_csf": 15.863575843520513,
  "snrd_gm": 31.39160675002367,
  "snrd_total": 30.396459065357334,
  "snrd_wm": 43.93419460252782,
  "spacing_x": 1.0,
  "spacing_y": 0.46880000829696655,
  "spacing_z": 0.46880000829696655,
  "summary_bg_k": 2.0339479490339123,
  "summary_bg_mad": 14.911898612976074,
  "summary_bg_mean": 49.071754455566406,
  "summary_bg_median": 46.77650451660156,
  "summary_bg_n": 7893205.0,
  "summary_bg_p05": 26.337217330932617,
  "summary_bg_p95": 79.81891174316405,
  "summary_bg_stdv": 16.829341888427734,
  "summary_csf_k": -0.5968759146385723,
  "summary_csf_mad": 116.0607681274414,
  "summary_csf_mean": 368.83026123046875,
  "summary_csf_median": 361.0790710449219,
  "summary_csf_n": 134701.0,
  "summary_csf_p05": 210.94046020507812,
  "summary_csf_p95": 537.7216796875,
  "summary_csf_stdv": 103.2470932006836,
  "summary_gm_k": 0.3063629236611991,
  "summary_gm_mad": 51.87406539916992,
  "summary_gm_mean": 716.2788696289062,
  "summary_gm_median": 714.5206298828125,
  "summary_gm_n": 187944.0,
  "summary_gm_p05": 631.0199798583984,
  "summary_gm_p95": 808.0758666992188,
  "summary_gm_stdv": 54.00646209716797,
  "summary_wm_k": 0.6366025507409852,
  "summary_wm_mad": 46.54080581665039,
  "summary_wm_mean": 1000.1133422851562,
  "summary_wm_median": 1000.0089721679688,
  "summary_wm_n": 1295693.0,
  "summary_wm_p05": 920.3590942382812,
  "summary_wm_p95": 1080.4029052734375,
  "summary_wm_stdv": 49.2003173828125,
  "tpm_overlap_csf": 0.207066610455513,
  "tpm_overlap_gm": 0.4820809066295624,
  "tpm_overlap_wm": 0.5623429417610168,
  "wm2max": 0.5321277994912128
}