{
  "aor": 0.0061712500000000005,
  "aqi": 0.013855535749999998,
  "bids_meta": {
    "AcquisitionDuration": 525.000256,
    "CogAtlasID": "trm_4c8a834779883",
    "Columns": 128,
    "EchoTime": 0.03,
    "EchoTrainLength": 1,
    "EffectiveEchoSpacing": 0.000464,
    "FieldOfView": [
      288,
      288,
      147
    ],
    "FlipAngle": 75,
    "GEImageTypeRIMPCode": 0,
    "ImageType": "ORIGINAL/PRIMARY/EPI/NONE",
    "ImagingFrequency": 127.765192,
    "InplanePhaseEncodingDirection": "COL",
    "InversionTime": 0,
    "MRAcquisitionType": "2D",
    "MagneticFieldStrength": 3,
    "Manufacturer": "GE MEDICAL SYSTEMS",
    "ManufacturersModelName": "DISCOVERY MR750",
    "NumberOfAverages": 1,
    "NumberOfEPIShots": 1,
    "NumberOfEchoes": 1,
    "NumberOfSlices": 49,
    "ParallelImagingReductionFactors": [
      0.5,
      1
    ],
    "PercentPhaseFieldOfView": 100,
    "PhaseEncodingDirection": "j",
    "PixelBandwidth": 3906.25,
    "PixelSpacing": [
      2.25,
      2.25
    ],
    "ReceiveCoilName": "8HRBRAIN",
    "RepetitionTime": 2.5,
    "Rows": 128,
    "SATFatWaterBone": 0,
    "ScanOptions": [
      "EPI_GEMS",
      "FILTERED_GEMS",
      "ACC_GEMS"
    ],
    "ScanningSequence": [
      "EP",
      "GR"
    ],
    "SequenceVariant": "SS",
    "SeriesDate": "18740122",
    "SeriesDescription": "RSN_BWRT_200vol_3mm",
    "SeriesNumber": 10,
    "SeriesTime": "205430",
    "SliceThickness": 3,
    "SliceTiming": [
      0,
      1.27551,
      0.05102,
      1.32653,
      0.10204,
      1.37755,
      0.15306,
      1.42857,
      0.20408,
      1.47959,
      0.2551,
      1.53061,
      0.30612,
      1.58163,
      0.35714,
      1.63265,
      0.40816,
      1.68367,
      0.45918,
      1.73469,
      0.5102,
      1.78571,
      0.56122,
      1.83673,
      0.61224,
      1.88776,
      0.66327,
      1.93878,
      0.71429,
      1.9898,
      0.76531,
      2.04082,
      0.81633,
      2.09184,
      0.86735,
      2.14286,
      0.91837,
      2.19388,
      0.96939,
      2.2449,
      1.02041,
      2.29592,
      1.07143,
      2.34694,
      1.12245,
      2.39796,
      1.17347,
      2.44898,
      1.22449
    ],
    "SliceTimingComputationMethod": "SliceNumber*RepetitionTime/NumberOfSlices (interleaved ascending, odd first)",
    "SpacingBetweenSlices": 3,
    "StudyTime": "195401",
    "TaskDescription": "Functional connectivity in the resting state was assessed during two eight-minute runs. Participants were asked to rate their sleepiness using the Karolinska Sleepiness Scale every 2 minutes",
    "TaskInstructions": "Participants were instructed to keep their eyes open and look at a white fixation cross presented against a gray background.",
    "TaskName": "Sleepiness",
    "dummyScans": 10,
    "modality": "bold",
    "session_id": "2",
    "subject_id": "9071",
    "task_id": "sleepiness"
  },
  "dummy_trs": 0,
  "dvars_nstd": 26.443111894020088,
  "dvars_std": 0.9943022802010053,
  "dvars_vstd": 0.9216474848241208,
  "efc": 0.31671317466622434,
  "fber": 17108842.0,
  "fd_mean": 0.3967234368176821,
  "fd_num": 94,
  "fd_perc": 47.0,
  "fwhm_avg": 3.297776296296296,
  "fwhm_x": 3.45932,
  "fwhm_y": 3.7890488888888885,
  "fwhm_z": 2.6449599999999998,
  "gcor": 0.0611597,
  "gsr_x": -0.01489348616451025,
  "gsr_y": -0.0030399071983993053,
  "provenance": {
    "md5sum": "e533b6f7a0ddb83c62505cd15ff9450f",
    "settings": {
      "fd_thres": 0.2,
      "hmc_fsl": false
    },
    "software": "mriqc",
    "version": "0.9.6"
  },
  "size_t": 200,
  "size_x": 128,
  "size_y": 128,
  "size_z": 49,
  "snr": 5.1951664663094,
  "spacing_tr": 2.5,
  "spacing_x": 2.25,
  "spacing_y": 2.25,
  "spacing_z": 3.0,
  "summary_bg_k": 81.84381725947298,
  "summary_bg_mad": 1.9792739152908325,
  "summary_bg_mean": 68.22732543945312,
  "summary_bg_median": 1.334999918937683,
  "summary_bg_n": 634546.0,
  "summary_bg_p05": 0.0,
  "summary_bg_p95": 337.7274856567383,
  "summary_bg_stdv": 245.8478546142578,
  "summary_fg_k": 1.470400156103957,
  "summary_fg_mad": 888.5977783203125,
  "summary_fg_mean": 5243.61376953125,
  "summary_fg_median": 5269.4951171875,
  "summary_fg_n": 81211.0,
  "summary_fg_p05": 3487.367431640625,
  "summary_fg_p95": 6835.6875,
  "summary_fg_stdv": 1014.301025390625,
  "tsnr": 38.90901565551758
}