{
  "bids_meta": {
    "AcquisitionDuration": 238.55128,
    "Columns": 512,
    "EchoTime": 0.00281,
    "EchoTrainLength": 1,
    "EffectiveEchoSpacing": 0,
    "FieldOfView": [
      240.03,
      240.03,
      180
    ],
    "FlipAngle": 11,
    "GEImageTypeRIMPCode": 0,
    "ImageType": "ORIGINAL/PRIMARY/OTHER",
    "ImagingFrequency": 127.765126,
    "InplanePhaseEncodingDirection": "ROW",
    "InversionTime": 0.45,
    "MRAcquisitionType": "3D",
    "MagneticFieldStrength": 3,
    "Manufacturer": "GE MEDICAL SYSTEMS",
    "ManufacturersModelName": "DISCOVERY MR750",
    "NumberOfAverages": 1,
    "NumberOfEPIShots": 0,
    "NumberOfEchoes": 1,
    "NumberOfSlices": 180,
    "ParallelImagingReductionFactors": [
      0.571429,
      1
    ],
    "PercentPhaseFieldOfView": 100,
    "PhaseEncodingDirection": "i",
    "PixelBandwidth": 122.07,
    "PixelSpacing": [
      0.4688,
      0.4688
    ],
    "ReceiveCoilName": "8HRBRAIN",
    "RepetitionTime": 0.0064,
    "Rows": 512,
    "SATFatWaterBone": 0,
    "ScanOptions": [
      "FAST_GEMS",
      "EDR_GEMS",
      "FILTERED_GEMS",
      "ACC_GEMS"
    ],
    "ScanningSequence": "GR",
    "SequenceVariant": [
      "SS",
      "SK"
    ],
    "SeriesDate": "18731221",
    "SeriesDescription": "Sag3D_T1_1mm3",
    "SeriesNumber": 2,
    "SeriesTime": "180814",
    "SliceThickness": 1,
    "SpacingBetweenSlices": 1,
    "StudyTime": "180555",
    "modality": "T1w",
    "session_id": "1",
    "subject_id": "9041"
  },
  "cjv": 0.3505116073587699,
  "cnr": 3.719406604044902,
  "efc": 0.6141390291763305,
  "fber": 184.2679443359375,
  "fwhm_avg": 6.916232804643872,
  "fwhm_x": 4.41154,
  "fwhm_y": 8.422653434551037,
  "fwhm_z": 7.914504979380582,
  "icvs_csf": 0.20775837378691067,
  "icvs_gm": 0.4165703424265716,
  "icvs_wm": 0.37567128378651776,
  "inu_med": 1.1588042974472046,
  "inu_range": 0.549886080622673,
  "provenance": {
    "md5sum": "55d6513e027d1b5e74bbfa3d66c4a1e0",
    "mriqc_pred": 0,
    "settings": {
      "testing": false
    },
    "software": "mriqc",
    "version": "0.9.6",
    "warnings": {
      "large_rot_frame": true,
      "small_air_mask": false
    }
  },
  "qi_1": 0.0,
  "qi_2": 0.0004165993290878104,
  "rpve_csf": 25.95844171979221,
  "rpve_gm": 13.594929610442826,
  "rpve_wm": 17.851034783450476,
  "size_x": 180,
  "size_y": 512,
  "size_z": 512,
  "snr_csf": 3.713674923156983,
  "snr_gm": 13.42985068450762,
  "snr_total": 12.637265905188338,
  "snr_wm": 20.768272107900415,
  "snrd_csf": 19.488677122752147,
  "snrd_gm": 34.86499556107834,
  "snrd_total": 34.14465118770229,
  "snrd_wm": 48.08028087927638,
  "spacing_x": 1.0,
  "spacing_y": 0.46880000829696655,
  "spacing_z": 0.46880000829696655,
  "summary_bg_k": 1.9408768016911164,
  "summary_bg_mad": 13.62594985961914,
  "summary_bg_mean": 48.48284149169922,
  "summary_bg_median": 46.67403793334961,
  "summary_bg_n": 10680873.0,
  "summary_bg_p05": 27.69283218383789,
  "summary_bg_p95": 75.65301666259766,
  "summary_bg_stdv": 15.07065486907959,
  "summary_csf_k": -0.5894458862352696,
  "summary_csf_mad": 126.2138442993164,
  "summary_csf_mean": 404.41558837890625,
  "summary_csf_median": 405.3381042480469,
  "summary_csf_n": 140195.0,
  "summary_csf_p05": 229.93382415771487,
  "summary_csf_p95": 573.1661865234375,
  "summary_csf_stdv": 109.14704895019531,
  "summary_gm_k": 0.3819499046000874,
  "summary_gm_mad": 51.371299743652344,
  "summary_gm_mean": 727.8839721679688,
  "summary_gm_median": 725.1447143554688,
  "summary_gm_n": 192065.0,
  "summary_gm_p05": 644.0628784179687,
  "summary_gm_p95": 821.9067993164062,
  "summary_gm_stdv": 53.99485397338867,
  "summary_wm_k": 0.5384903493643578,
  "summary_wm_mad": 44.9703369140625,
  "summary_wm_mean": 998.7399291992188,
  "summary_wm_median": 1000.0047607421875,
  "summary_wm_n": 1077286.0,
  "summary_wm_p05": 916.8353424072266,
  "summary_wm_p95": 1075.2838745117188,
  "summary_wm_stdv": 48.150577545166016,
  "tpm_overlap_csf": 0.19445514678955078,
  "tpm_overlap_gm": 0.4947585165500641,
  "tpm_overlap_wm": 0.5588158965110779,
  "wm2max": 0.43075330889934255
}