{
  "aor": 0.007555083798882683,
  "aqi": 0.009509625530726255,
  "bids_meta": {
    "AcquisitionDuration": 723.000256,
    "Columns": 128,
    "EchoTime": 0.034,
    "EchoTrainLength": 1,
    "EffectiveEchoSpacing": 0.00056,
    "FieldOfView": [
      220.01,
      220.01,
      110.4
    ],
    "FlipAngle": 80,
    "GEImageTypeRIMPCode": 0,
    "ImageType": "ORIGINAL/PRIMARY/EPI/NONE",
    "ImagingFrequency": 127.765144,
    "InplanePhaseEncodingDirection": "COL",
    "InversionTime": 0,
    "MRAcquisitionType": "2D",
    "MagneticFieldStrength": 3,
    "Manufacturer": "GE MEDICAL SYSTEMS",
    "ManufacturersModelName": "DISCOVERY MR750",
    "NumberOfAverages": 1,
    "NumberOfEPIShots": 1,
    "NumberOfEchoes": 1,
    "NumberOfSlices": 46,
    "ParallelImagingReductionFactors": [
      0.5,
      1
    ],
    "PercentPhaseFieldOfView": 100,
    "PhaseEncodingDirection": "j",
    "PixelBandwidth": 3906.25,
    "PixelSpacing": [
      1.7188,
      1.7188
    ],
    "ReceiveCoilName": "8HRBRAIN",
    "RepetitionTime": 3,
    "Rows": 128,
    "SATFatWaterBone": 1,
    "ScanOptions": [
      "SAT_GEMS",
      "EPI_GEMS",
      "ACC_GEMS",
      "FS"
    ],
    "ScanningSequence": [
      "EP",
      "GR"
    ],
    "SequenceVariant": "SS",
    "SeriesDate": "18740419",
    "SeriesDescription": "fMRI-hands",
    "SeriesNumber": 7,
    "SeriesTime": "182146",
    "SliceThickness": 2.3,
    "SliceTiming": [
      0,
      1.5,
      0.06522,
      1.56522,
      0.13043,
      1.63043,
      0.19565,
      1.69565,
      0.26087,
      1.76087,
      0.32609,
      1.82609,
      0.3913,
      1.8913,
      0.45652,
      1.95652,
      0.52174,
      2.02174,
      0.58696,
      2.08696,
      0.65217,
      2.15217,
      0.71739,
      2.21739,
      0.78261,
      2.28261,
      0.84783,
      2.34783,
      0.91304,
      2.41304,
      0.97826,
      2.47826,
      1.04348,
      2.54348,
      1.1087,
      2.6087,
      1.17391,
      2.67391,
      1.23913,
      2.73913,
      1.30435,
      2.80435,
      1.36957,
      2.86957,
      1.43478,
      2.93478
    ],
    "SliceTimingComputationMethod": "SliceNumber*RepetitionTime/NumberOfSlices (interleaved ascending, odd first)",
    "SpacingBetweenSlices": 2.4,
    "StudyTime": "175241",
    "TaskDescription": "In an event-related design, participants were shown pictures of hands being stung by needles or poked with Q-tips. The stimulus set was kindly shared by Claus Lamm, and has been shown to be effective in previous work by him. After each picture, participants were asked to rate their perceived unpleasantness on a visual analog scale of 0-100.",
    "TaskInstructions": "",
    "TaskName": "Hands",
    "dummyScans": 5,
    "modality": "bold",
    "session_id": "2",
    "subject_id": "9049",
    "task_id": "hands"
  },
  "dummy_trs": 0,
  "dvars_nstd": 40.061901092584236,
  "dvars_std": 1.1179468355056181,
  "dvars_vstd": 1.0622436361797754,
  "efc": 0.4971568608415965,
  "fber": 8417.77734375,
  "fd_mean": 0.24649076125378178,
  "fd_num": 54,
  "fd_perc": 30.16759776536313,
  "fwhm_avg": 2.9094674320337517,
  "fwhm_x": 2.9582093040370325,
  "fwhm_y": 3.3726903496886846,
  "fwhm_z": 2.3975026423755375,
  "gcor": 0.0137056,
  "gsr_x": -0.0080280601978302,
  "gsr_y": 0.02571314387023449,
  "provenance": {
    "md5sum": "c7ff98839a4bee32d27a8915bfdc450d",
    "settings": {
      "fd_thres": 0.2,
      "hmc_fsl": false
    },
    "software": "mriqc",
    "version": "0.9.6"
  },
  "size_t": 179,
  "size_x": 128,
  "size_y": 128,
  "size_z": 46,
  "snr": 3.236561565002777,
  "spacing_tr": 3.0,
  "spacing_x": 1.7187999486923218,
  "spacing_y": 1.7187999486923218,
  "spacing_z": 2.4000015258789062,
  "summary_bg_k": 258.5509940576013,
  "summary_bg_mad": 57.1340217590332,
  "summary_bg_mean": 94.87203979492188,
  "summary_bg_median": 38.96089172363281,
  "summary_bg_n": 461769.0,
  "summary_bg_p05": 0.033519551157951355,
  "summary_bg_p95": 344.81899414062485,
  "summary_bg_stdv": 253.57943725585938,
  "summary_fg_k": 1.348186518176706,
  "summary_fg_mad": 856.16552734375,
  "summary_fg_mean": 3734.33935546875,
  "summary_fg_median": 3584.720458984375,
  "summary_fg_n": 193730.0,
  "summary_fg_p05": 2151.6228149414064,
  "summary_fg_p95": 5884.092309570313,
  "summary_fg_stdv": 1107.5677490234375,
  "tsnr": 35.376609802246094
}