{
  "aor": 0.00124580310880829,
  "aqi": 0.008769192227979275,
  "bids_meta": {
    "AcquisitionDuration": 525.000256,
    "CogAtlasID": "trm_4c8a834779883",
    "Columns": 128,
    "EchoTime": 0.03,
    "EchoTrainLength": 1,
    "EffectiveEchoSpacing": 0.000464,
    "FieldOfView": [
      288,
      288,
      147
    ],
    "FlipAngle": 75,
    "GEImageTypeRIMPCode": 0,
    "ImageType": "ORIGINAL/PRIMARY/EPI/NONE",
    "ImagingFrequency": 127.765244,
    "InplanePhaseEncodingDirection": "COL",
    "InversionTime": 0,
    "MRAcquisitionType": "2D",
    "MagneticFieldStrength": 3,
    "Manufacturer": "GE MEDICAL SYSTEMS",
    "ManufacturersModelName": "DISCOVERY MR750",
    "NumberOfAverages": 1,
    "NumberOfEPIShots": 1,
    "NumberOfEchoes": 1,
    "NumberOfSlices": 49,
    "ParallelImagingReductionFactors": [
      0.5,
      1
    ],
    "PercentPhaseFieldOfView": 100,
    "PhaseEncodingDirection": "j",
    "PixelBandwidth": 3906.25,
    "PixelSpacing": [
      2.25,
      2.25
    ],
    "ReceiveCoilName": "8HRBRAIN",
    "RepetitionTime": 2.5,
    "Rows": 128,
    "SATFatWaterBone": 0,
    "ScanOptions": [
      "EPI_GEMS",
      "FILTERED_GEMS",
      "ACC_GEMS"
    ],
    "ScanningSequence": [
      "EP",
      "GR"
    ],
    "SequenceVariant": "SS",
    "SeriesDate": "18730219",
    "SeriesDescription": "RSN_BWRT_200vol_3mm",
    "SeriesNumber": 4,
    "SeriesTime": "185708",
    "SliceThickness": 3,
    "SliceTiming": [
      0,
      1.27551,
      0.05102,
      1.32653,
      0.10204,
      1.37755,
      0.15306,
      1.42857,
      0.20408,
      1.47959,
      0.2551,
      1.53061,
      0.30612,
      1.58163,
      0.35714,
      1.63265,
      0.40816,
      1.68367,
      0.45918,
      1.73469,
      0.5102,
      1.78571,
      0.56122,
      1.83673,
      0.61224,
      1.88776,
      0.66327,
      1.93878,
      0.71429,
      1.9898,
      0.76531,
      2.04082,
      0.81633,
      2.09184,
      0.86735,
      2.14286,
      0.91837,
      2.19388,
      0.96939,
      2.2449,
      1.02041,
      2.29592,
      1.07143,
      2.34694,
      1.12245,
      2.39796,
      1.17347,
      2.44898,
      1.22449
    ],
    "SliceTimingComputationMethod": "SliceNumber*RepetitionTime/NumberOfSlices (interleaved ascending, odd first)",
    "SpacingBetweenSlices": 3,
    "StudyTime": "184838",
    "TaskDescription": "Functional connectivity in the resting state was assessed during two eight-minute runs.",
    "TaskInstructions": "Participants were instructed to keep their eyes open and look at a white fixation cross presented against a gray background.",
    "TaskName": "Resting State",
    "dummyScans": 10,
    "modality": "bold",
    "session_id": "2",
    "subject_id": "9057",
    "task_id": "rest"
  },
  "dummy_trs": 0,
  "dvars_nstd": 23.144471988020825,
  "dvars_std": 1.1454016397916664,
  "dvars_vstd": 0.9599113885416659,
  "efc": 0.3092165265892703,
  "fber": 81732240.0,
  "fd_mean": 0.13592079187649708,
  "fd_num": 28,
  "fd_perc": 14.507772020725389,
  "fwhm_avg": 3.28906037037037,
  "fwhm_x": 3.3159955555555554,
  "fwhm_y": 3.862995555555555,
  "fwhm_z": 2.68819,
  "gcor": 0.0988601,
  "gsr_x": -0.014950496144592762,
  "gsr_y": -0.0011190116638317704,
  "provenance": {
    "md5sum": "db3af643751c447a4b49a1053ebb69c2",
    "settings": {
      "fd_thres": 0.2,
      "hmc_fsl": false
    },
    "software": "mriqc",
    "version": "0.9.6"
  },
  "size_t": 193,
  "size_x": 128,
  "size_y": 128,
  "size_z": 49,
  "snr": 4.819925639267765,
  "spacing_tr": 2.5,
  "spacing_x": 2.25,
  "spacing_y": 2.25,
  "spacing_z": 3.0,
  "summary_bg_k": 94.47134527578395,
  "summary_bg_mad": 0.8910977244377136,
  "summary_bg_mean": 57.385921478271484,
  "summary_bg_median": 0.6010362505912781,
  "summary_bg_n": 635453.0,
  "summary_bg_p05": 0.0,
  "summary_bg_p95": 249.9626861572268,
  "summary_bg_stdv": 245.55592346191406,
  "summary_fg_k": 1.0118238458542352,
  "summary_fg_mad": 968.8306274414062,
  "summary_fg_mean": 5220.916015625,
  "summary_fg_median": 5222.50244140625,
  "summary_fg_n": 80583.0,
  "summary_fg_p05": 3379.6485595703125,
  "summary_fg_p95": 6938.080810546874,
  "summary_fg_stdv": 1083.5167236328125,
  "tsnr": 53.25102996826172
}