{
  "aor": 0.00689179487179487,
  "aqi": 0.012408441538461538,
  "bids_meta": {
    "AcquisitionDuration": 525.000256,
    "CogAtlasID": "trm_4c8a834779883",
    "Columns": 128,
    "EchoTime": 0.03,
    "EchoTrainLength": 1,
    "EffectiveEchoSpacing": 0.000464,
    "FieldOfView": [
      288,
      288,
      147
    ],
    "FlipAngle": 75,
    "GEImageTypeRIMPCode": 0,
    "ImageType": "ORIGINAL/PRIMARY/EPI/NONE",
    "ImagingFrequency": 127.765198,
    "InplanePhaseEncodingDirection": "COL",
    "InversionTime": 0,
    "MRAcquisitionType": "2D",
    "MagneticFieldStrength": 3,
    "Manufacturer": "GE MEDICAL SYSTEMS",
    "ManufacturersModelName": "DISCOVERY MR750",
    "NumberOfAverages": 1,
    "NumberOfEPIShots": 1,
    "NumberOfEchoes": 1,
    "NumberOfSlices": 49,
    "ParallelImagingReductionFactors": [
      0.5,
      1
    ],
    "PercentPhaseFieldOfView": 100,
    "PhaseEncodingDirection": "j",
    "PixelBandwidth": 3906.25,
    "PixelSpacing": [
      2.25,
      2.25
    ],
    "ReceiveCoilName": "8HRBRAIN",
    "RepetitionTime": 2.5,
    "Rows": 128,
    "SATFatWaterBone": 0,
    "ScanOptions": [
      "EPI_GEMS",
      "FILTERED_GEMS",
      "ACC_GEMS"
    ],
    "ScanningSequence": [
      "EP",
      "GR"
    ],
    "SequenceVariant": "SS",
    "SeriesDate": "18730317",
    "SeriesDescription": "RSN_BWRT_200vol_3mm",
    "SeriesNumber": 4,
    "SeriesTime": "184107",
    "SliceThickness": 3,
    "SliceTiming": [
      0,
      1.27551,
      0.05102,
      1.32653,
      0.10204,
      1.37755,
      0.15306,
      1.42857,
      0.20408,
      1.47959,
      0.2551,
      1.53061,
      0.30612,
      1.58163,
      0.35714,
      1.63265,
      0.40816,
      1.68367,
      0.45918,
      1.73469,
      0.5102,
      1.78571,
      0.56122,
      1.83673,
      0.61224,
      1.88776,
      0.66327,
      1.93878,
      0.71429,
      1.9898,
      0.76531,
      2.04082,
      0.81633,
      2.09184,
      0.86735,
      2.14286,
      0.91837,
      2.19388,
      0.96939,
      2.2449,
      1.02041,
      2.29592,
      1.07143,
      2.34694,
      1.12245,
      2.39796,
      1.17347,
      2.44898,
      1.22449
    ],
    "SliceTimingComputationMethod": "SliceNumber*RepetitionTime/NumberOfSlices (interleaved ascending, odd first)",
    "SpacingBetweenSlices": 3,
    "StudyTime": "183339",
    "TaskDescription": "Functional connectivity in the resting state was assessed during two eight-minute runs.",
    "TaskInstructions": "Participants were instructed to keep their eyes open and look at a white fixation cross presented against a gray background.",
    "TaskName": "Resting State",
    "dummyScans": 10,
    "modality": "bold",
    "session_id": "2",
    "subject_id": "9037",
    "task_id": "rest"
  },
  "dummy_trs": 0,
  "dvars_nstd": 32.638787613969086,
  "dvars_std": 1.0190892385567019,
  "dvars_vstd": 0.9143280682989692,
  "efc": 0.3540439813429276,
  "fber": 11389079.0,
  "fd_mean": 0.41895577773957604,
  "fd_num": 99,
  "fd_perc": 50.76923076923077,
  "fwhm_avg": 3.498107777777778,
  "fwhm_x": 3.523768888888889,
  "fwhm_y": 4.223551111111111,
  "fwhm_z": 2.7470033333333332,
  "gcor": 0.0246536,
  "gsr_x": -0.023226892575621605,
  "gsr_y": 0.01006117183715105,
  "provenance": {
    "md5sum": "d33c563dccbe69bf562fdb14ff48d1e8",
    "settings": {
      "fd_thres": 0.2,
      "hmc_fsl": false
    },
    "software": "mriqc",
    "version": "0.9.6"
  },
  "size_t": 195,
  "size_x": 128,
  "size_y": 128,
  "size_z": 49,
  "snr": 3.973574220223622,
  "spacing_tr": 2.5,
  "spacing_x": 2.25,
  "spacing_y": 2.25,
  "spacing_z": 3.0,
  "summary_bg_k": 63.80971392296726,
  "summary_bg_mad": 2.1896896362304688,
  "summary_bg_mean": 86.11750793457031,
  "summary_bg_median": 1.4769231081008911,
  "summary_bg_n": 610222.0,
  "summary_bg_p05": 0.0,
  "summary_bg_p95": 451.53412322997644,
  "summary_bg_stdv": 312.3046569824219,
  "summary_fg_k": 0.6506797555622965,
  "summary_fg_mad": 1121.42138671875,
  "summary_fg_mean": 4994.35986328125,
  "summary_fg_median": 4953.8671875,
  "summary_fg_n": 100986.0,
  "summary_fg_p05": 2958.3347778320312,
  "summary_fg_p95": 7122.506591796875,
  "summary_fg_stdv": 1246.6968994140625,
  "tsnr": 36.13340759277344
}