{
  "aor": 0.0012056060606060604,
  "aqi": 0.005752046515151515,
  "bids_meta": {
    "AcquisitionDuration": 525.000256,
    "CogAtlasID": "trm_4c8a834779883",
    "Columns": 128,
    "EchoTime": 0.03,
    "EchoTrainLength": 1,
    "EffectiveEchoSpacing": 0.000464,
    "FieldOfView": [
      288,
      288,
      147
    ],
    "FlipAngle": 75,
    "GEImageTypeRIMPCode": 0,
    "ImageType": "ORIGINAL/PRIMARY/EPI/NONE",
    "ImagingFrequency": 127.765189,
    "InplanePhaseEncodingDirection": "COL",
    "InversionTime": 0,
    "MRAcquisitionType": "2D",
    "MagneticFieldStrength": 3,
    "Manufacturer": "GE MEDICAL SYSTEMS",
    "ManufacturersModelName": "DISCOVERY MR750",
    "NumberOfAverages": 1,
    "NumberOfEPIShots": 1,
    "NumberOfEchoes": 1,
    "NumberOfSlices": 49,
    "ParallelImagingReductionFactors": [
      0.5,
      1
    ],
    "PercentPhaseFieldOfView": 100,
    "PhaseEncodingDirection": "j",
    "PixelBandwidth": 3906.25,
    "PixelSpacing": [
      2.25,
      2.25
    ],
    "ReceiveCoilName": "8HRBRAIN",
    "RepetitionTime": 2.5,
    "Rows": 128,
    "SATFatWaterBone": 0,
    "ScanOptions": [
      "EPI_GEMS",
      "FILTERED_GEMS",
      "ACC_GEMS"
    ],
    "ScanningSequence": [
      "EP",
      "GR"
    ],
    "SequenceVariant": "SS",
    "SeriesDate": "18740111",
    "SeriesDescription": "RSN_BWRT_200vol_3mm",
    "SeriesNumber": 10,
    "SeriesTime": "191553",
    "SliceThickness": 3,
    "SliceTiming": [
      0,
      1.27551,
      0.05102,
      1.32653,
      0.10204,
      1.37755,
      0.15306,
      1.42857,
      0.20408,
      1.47959,
      0.2551,
      1.53061,
      0.30612,
      1.58163,
      0.35714,
      1.63265,
      0.40816,
      1.68367,
      0.45918,
      1.73469,
      0.5102,
      1.78571,
      0.56122,
      1.83673,
      0.61224,
      1.88776,
      0.66327,
      1.93878,
      0.71429,
      1.9898,
      0.76531,
      2.04082,
      0.81633,
      2.09184,
      0.86735,
      2.14286,
      0.91837,
      2.19388,
      0.96939,
      2.2449,
      1.02041,
      2.29592,
      1.07143,
      2.34694,
      1.12245,
      2.39796,
      1.17347,
      2.44898,
      1.22449
    ],
    "SliceTimingComputationMethod": "SliceNumber*RepetitionTime/NumberOfSlices (interleaved ascending, odd first)",
    "SpacingBetweenSlices": 3,
    "StudyTime": "181435",
    "TaskDescription": "Functional connectivity in the resting state was assessed during two eight-minute runs. Participants were asked to rate their sleepiness using the Karolinska Sleepiness Scale every 2 minutes",
    "TaskInstructions": "Participants were instructed to keep their eyes open and look at a white fixation cross presented against a gray background.",
    "TaskName": "Sleepiness",
    "dummyScans": 10,
    "modality": "bold",
    "session_id": "2",
    "subject_id": "9055",
    "task_id": "sleepiness"
  },
  "dummy_trs": 0,
  "dvars_nstd": 20.837612529492397,
  "dvars_std": 1.2365348380203047,
  "dvars_vstd": 0.9536374057360406,
  "efc": 0.3091290064731607,
  "fber": 101261312.0,
  "fd_mean": 0.07538129819857374,
  "fd_num": 7,
  "fd_perc": 3.5353535353535355,
  "fwhm_avg": 3.3678759259259263,
  "fwhm_x": 3.437048888888889,
  "fwhm_y": 3.957328888888889,
  "fwhm_z": 2.7092500000000004,
  "gcor": 0.0250071,
  "gsr_x": -0.018740123137831688,
  "gsr_y": 0.002561774104833603,
  "provenance": {
    "md5sum": "c02d7280ce10d69d197a5c4f87064a97",
    "settings": {
      "fd_thres": 0.2,
      "hmc_fsl": false
    },
    "software": "mriqc",
    "version": "0.9.6"
  },
  "size_t": 198,
  "size_x": 128,
  "size_y": 128,
  "size_z": 49,
  "snr": 4.510185635993321,
  "spacing_tr": 2.5,
  "spacing_x": 2.25,
  "spacing_y": 2.25,
  "spacing_z": 3.0,
  "summary_bg_k": 74.78398886824077,
  "summary_bg_mad": 0.8311558365821838,
  "summary_bg_mean": 75.4659652709961,
  "summary_bg_median": 0.560606062412262,
  "summary_bg_n": 641625.0,
  "summary_bg_p05": 0.0,
  "summary_bg_p95": 355.2070617675746,
  "summary_bg_stdv": 290.30279541015625,
  "summary_fg_k": 0.8921383202976867,
  "summary_fg_mad": 1038.6378173828125,
  "summary_fg_mean": 5183.09423828125,
  "summary_fg_median": 5223.52783203125,
  "summary_fg_n": 76356.0,
  "summary_fg_p05": 3156.0631713867188,
  "summary_fg_p95": 7025.540283203125,
  "summary_fg_stdv": 1158.1549072265625,
  "tsnr": 66.19984436035156
}