{
  "aor": 0.003691658031088082,
  "aqi": 0.004283495440414508,
  "bids_meta": {
    "AcquisitionDuration": 525.000256,
    "CogAtlasID": "trm_4c8a834779883",
    "Columns": 128,
    "EchoTime": 0.03,
    "EchoTrainLength": 1,
    "EffectiveEchoSpacing": 0.000464,
    "FieldOfView": [
      288,
      288,
      147
    ],
    "FlipAngle": 75,
    "GEImageTypeRIMPCode": 0,
    "ImageType": "ORIGINAL/PRIMARY/EPI/NONE",
    "ImagingFrequency": 127.76526,
    "InplanePhaseEncodingDirection": "COL",
    "InversionTime": 0,
    "MRAcquisitionType": "2D",
    "MagneticFieldStrength": 3,
    "Manufacturer": "GE MEDICAL SYSTEMS",
    "ManufacturersModelName": "DISCOVERY MR750",
    "NumberOfAverages": 1,
    "NumberOfEPIShots": 1,
    "NumberOfEchoes": 1,
    "NumberOfSlices": 49,
    "ParallelImagingReductionFactors": [
      0.5,
      1
    ],
    "PercentPhaseFieldOfView": 100,
    "PhaseEncodingDirection": "j",
    "PixelBandwidth": 3906.25,
    "PixelSpacing": [
      2.25,
      2.25
    ],
    "ReceiveCoilName": "8HRBRAIN",
    "RepetitionTime": 2.5,
    "Rows": 128,
    "SATFatWaterBone": 0,
    "ScanOptions": [
      "EPI_GEMS",
      "FILTERED_GEMS",
      "ACC_GEMS"
    ],
    "ScanningSequence": [
      "EP",
      "GR"
    ],
    "SequenceVariant": "SS",
    "SeriesDate": "18730410",
    "SeriesDescription": "RSN_BWRT_200vol_3mm",
    "SeriesNumber": 4,
    "SeriesTime": "201458",
    "SliceThickness": 3,
    "SliceTiming": [
      0,
      1.27551,
      0.05102,
      1.32653,
      0.10204,
      1.37755,
      0.15306,
      1.42857,
      0.20408,
      1.47959,
      0.2551,
      1.53061,
      0.30612,
      1.58163,
      0.35714,
      1.63265,
      0.40816,
      1.68367,
      0.45918,
      1.73469,
      0.5102,
      1.78571,
      0.56122,
      1.83673,
      0.61224,
      1.88776,
      0.66327,
      1.93878,
      0.71429,
      1.9898,
      0.76531,
      2.04082,
      0.81633,
      2.09184,
      0.86735,
      2.14286,
      0.91837,
      2.19388,
      0.96939,
      2.2449,
      1.02041,
      2.29592,
      1.07143,
      2.34694,
      1.12245,
      2.39796,
      1.17347,
      2.44898,
      1.22449
    ],
    "SliceTimingComputationMethod": "SliceNumber*RepetitionTime/NumberOfSlices (interleaved ascending, odd first)",
    "SpacingBetweenSlices": 3,
    "StudyTime": "200724",
    "TaskDescription": "Functional connectivity in the resting state was assessed during two eight-minute runs.",
    "TaskInstructions": "Participants were instructed to keep their eyes open and look at a white fixation cross presented against a gray background.",
    "TaskName": "Resting State",
    "dummyScans": 10,
    "modality": "bold",
    "session_id": "1",
    "subject_id": "9066",
    "task_id": "rest"
  },
  "dummy_trs": 0,
  "dvars_nstd": 18.407578707031245,
  "dvars_std": 1.1872998738020837,
  "dvars_vstd": 0.9722114503125003,
  "efc": 0.3167040759410781,
  "fber": 126733720.0,
  "fd_mean": 0.05274966045843782,
  "fd_num": 3,
  "fd_perc": 1.5544041450777202,
  "fwhm_avg": 3.306608518518518,
  "fwhm_x": 3.3650533333333335,
  "fwhm_y": 3.8807555555555555,
  "fwhm_z": 2.6740166666666667,
  "gcor": 0.0147932,
  "gsr_x": -0.016394708305597305,
  "gsr_y": -0.0015096354763954878,
  "provenance": {
    "md5sum": "121bce6ad852c3bf9e8185ece5d3254e",
    "settings": {
      "fd_thres": 0.2,
      "hmc_fsl": false
    },
    "software": "mriqc",
    "version": "0.9.6"
  },
  "size_t": 193,
  "size_x": 128,
  "size_y": 128,
  "size_z": 49,
  "snr": 4.358767230728023,
  "spacing_tr": 2.5,
  "spacing_x": 2.25,
  "spacing_y": 2.25,
  "spacing_z": 3.0,
  "summary_bg_k": 78.564976688411,
  "summary_bg_mad": 0.7144145369529724,
  "summary_bg_mean": 61.480018615722656,
  "summary_bg_median": 0.4818652868270874,
  "summary_bg_n": 630276.0,
  "summary_bg_p05": 0.0,
  "summary_bg_p95": 245.01165390014648,
  "summary_bg_stdv": 263.92205810546875,
  "summary_fg_k": 0.9530219950408787,
  "summary_fg_mad": 1060.2213134765625,
  "summary_fg_mean": 5137.6357421875,
  "summary_fg_median": 5130.59033203125,
  "summary_fg_n": 84787.0,
  "summary_fg_p05": 3144.0257568359375,
  "summary_fg_p95": 7032.106494140624,
  "summary_fg_stdv": 1177.0667724609375,
  "tsnr": 71.8838882446289
}