{
  "bids_meta": {
    "AcquisitionDuration": 393.108608,
    "Columns": 512,
    "EchoTime": 0.12777,
    "EchoTrainLength": 140,
    "EffectiveEchoSpacing": 0,
    "FieldOfView": [
      240.03,
      240.03,
      87.6
    ],
    "FlipAngle": 90,
    "GEImageTypeRIMPCode": 0,
    "ImageType": "ORIGINAL/PRIMARY/OTHER",
    "ImagingFrequency": 127.765125,
    "InplanePhaseEncodingDirection": "ROW",
    "InversionTime": 1.86,
    "MRAcquisitionType": "3D",
    "MagneticFieldStrength": 3,
    "Manufacturer": "GE MEDICAL SYSTEMS",
    "ManufacturersModelName": "DISCOVERY MR750",
    "NumberOfAverages": 1,
    "NumberOfEPIShots": 1,
    "NumberOfEchoes": 1,
    "NumberOfSlices": 146,
    "ParallelImagingReductionFactors": [
      0.5,
      0.5
    ],
    "PercentPhaseFieldOfView": 100,
    "PhaseEncodingDirection": "i",
    "PixelBandwidth": 122.07,
    "PixelSpacing": [
      0.4688,
      0.4688
    ],
    "ReceiveCoilName": "8HRBRAIN",
    "RepetitionTime": 6,
    "Rows": 512,
    "SATFatWaterBone": 0,
    "ScanOptions": [
      "EDR_GEMS",
      "FILTERED_GEMS",
      "ACC_GEMS"
    ],
    "ScanningSequence": [
      "SE",
      "IR"
    ],
    "SequenceVariant": "SK",
    "SeriesDate": "18740216",
    "SeriesDescription": "Sag CUBE T2 flair",
    "SeriesNumber": 11,
    "SeriesTime": "211039",
    "SliceThickness": 1.2,
    "SpacingBetweenSlices": 0.600002,
    "StudyTime": "195435",
    "modality": "T2w",
    "session_id": "1",
    "subject_id": "9079"
  },
  "cjv": 0.5180965498144682,
  "cnr": 0.721811867049282,
  "efc": 0.6204781962578415,
  "fber": 374.2874755859375,
  "fwhm_avg": 5.695250808684623,
  "fwhm_x": 5.24991645805373,
  "fwhm_y": 5.970072419937092,
  "fwhm_z": 5.865763548063046,
  "icvs_csf": 0.3756956748883309,
  "icvs_gm": 0.46432192752487084,
  "icvs_wm": 0.15998239758679825,
  "inu_med": 1.1214040517807007,
  "inu_range": 0.7952915877103806,
  "provenance": {
    "md5sum": "31c52b6dcfc1ad279ce84487678af055",
    "settings": {
      "testing": false
    },
    "software": "mriqc",
    "version": "0.9.6",
    "warnings": {
      "large_rot_frame": true,
      "small_air_mask": false
    }
  },
  "qi_1": 0.0,
  "qi_2": 0.0006469981026364429,
  "rpve_csf": 15.25596925518131,
  "rpve_gm": 12.25261365797488,
  "rpve_wm": 33.10346171055315,
  "size_x": 292,
  "size_y": 512,
  "size_z": 512,
  "snr_csf": 11.042785179338674,
  "snr_gm": 13.563672585212643,
  "snr_total": 8.469385964078578,
  "snr_wm": 0.8017001276844188,
  "snrd_csf": 55.322683529028204,
  "snrd_gm": 43.309078547919086,
  "snrd_total": 40.448690399868006,
  "snrd_wm": 22.714309122656736,
  "spacing_x": 0.6000000238418579,
  "spacing_y": 0.46880000829696655,
  "spacing_z": 0.46880000829696655,
  "summary_bg_k": 40.11284498976747,
  "summary_bg_mad": 28.83245849609375,
  "summary_bg_mean": 85.71273040771484,
  "summary_bg_median": 75.96282196044922,
  "summary_bg_n": 18816557.0,
  "summary_bg_p05": 39.80347671508789,
  "summary_bg_p95": 160.75050048828115,
  "summary_bg_stdv": 47.14341354370117,
  "summary_csf_k": 0.2099414576211478,
  "summary_csf_mad": 215.92422485351562,
  "summary_csf_mean": 2456.127197265625,
  "summary_csf_median": 2434.743408203125,
  "summary_csf_n": 650611.0,
  "summary_csf_p05": 2130.8280029296875,
  "summary_csf_p95": 2852.22216796875,
  "summary_csf_stdv": 220.48255920410156,
  "summary_gm_k": 0.8619752472911588,
  "summary_gm_mad": 132.11920166015625,
  "summary_gm_mean": 1898.5059814453125,
  "summary_gm_median": 1906.0263671875,
  "summary_gm_n": 449084.0,
  "summary_gm_p05": 1657.919970703125,
  "summary_gm_p95": 2113.298486328125,
  "summary_gm_stdv": 140.52420043945312,
  "summary_wm_k": 2.2991046958211303,
  "summary_wm_mad": 337.4694519042969,
  "summary_wm_mean": 1413.199951171875,
  "summary_wm_median": 999.6535034179688,
  "summary_wm_n": 142212.0,
  "summary_wm_p05": 383.94357604980473,
  "summary_wm_p95": 4504.962939453125,
  "summary_wm_stdv": 1246.91259765625,
  "tpm_overlap_csf": 0.08121272176504135,
  "tpm_overlap_gm": 0.3276952803134918,
  "tpm_overlap_wm": 0.10015404224395752,
  "wm2max": 0.1885643305288204
}