{
  "aor": 0.0071065,
  "aqi": 0.008883958800000001,
  "bids_meta": {
    "AcquisitionDuration": 525.000256,
    "CogAtlasID": "trm_4c8a834779883",
    "Columns": 128,
    "EchoTime": 0.03,
    "EchoTrainLength": 1,
    "EffectiveEchoSpacing": 0.000464,
    "FieldOfView": [
      288,
      288,
      147
    ],
    "FlipAngle": 75,
    "GEImageTypeRIMPCode": 0,
    "ImageType": "ORIGINAL/PRIMARY/EPI/NONE",
    "ImagingFrequency": 127.765148,
    "InplanePhaseEncodingDirection": "COL",
    "InversionTime": 0,
    "MRAcquisitionType": "2D",
    "MagneticFieldStrength": 3,
    "Manufacturer": "GE MEDICAL SYSTEMS",
    "ManufacturersModelName": "DISCOVERY MR750",
    "NumberOfAverages": 1,
    "NumberOfEPIShots": 1,
    "NumberOfEchoes": 1,
    "NumberOfSlices": 49,
    "ParallelImagingReductionFactors": [
      0.5,
      1
    ],
    "PercentPhaseFieldOfView": 100,
    "PhaseEncodingDirection": "j",
    "PixelBandwidth": 3906.25,
    "PixelSpacing": [
      2.25,
      2.25
    ],
    "ReceiveCoilName": "8HRBRAIN",
    "RepetitionTime": 2.5,
    "Rows": 128,
    "SATFatWaterBone": 0,
    "ScanOptions": [
      "EPI_GEMS",
      "FILTERED_GEMS",
      "ACC_GEMS"
    ],
    "ScanningSequence": [
      "EP",
      "GR"
    ],
    "SequenceVariant": "SS",
    "SeriesDate": "18740330",
    "SeriesDescription": "RSN_BWRT_200vol_3mm",
    "SeriesNumber": 10,
    "SeriesTime": "191209",
    "SliceThickness": 3,
    "SliceTiming": [
      0,
      1.27551,
      0.05102,
      1.32653,
      0.10204,
      1.37755,
      0.15306,
      1.42857,
      0.20408,
      1.47959,
      0.2551,
      1.53061,
      0.30612,
      1.58163,
      0.35714,
      1.63265,
      0.40816,
      1.68367,
      0.45918,
      1.73469,
      0.5102,
      1.78571,
      0.56122,
      1.83673,
      0.61224,
      1.88776,
      0.66327,
      1.93878,
      0.71429,
      1.9898,
      0.76531,
      2.04082,
      0.81633,
      2.09184,
      0.86735,
      2.14286,
      0.91837,
      2.19388,
      0.96939,
      2.2449,
      1.02041,
      2.29592,
      1.07143,
      2.34694,
      1.12245,
      2.39796,
      1.17347,
      2.44898,
      1.22449
    ],
    "SliceTimingComputationMethod": "SliceNumber*RepetitionTime/NumberOfSlices (interleaved ascending, odd first)",
    "SpacingBetweenSlices": 3,
    "StudyTime": "180537",
    "TaskDescription": "Functional connectivity in the resting state was assessed during two eight-minute runs. Participants were asked to rate their sleepiness using the Karolinska Sleepiness Scale every 2 minutes",
    "TaskInstructions": "Participants were instructed to keep their eyes open and look at a white fixation cross presented against a gray background.",
    "TaskName": "Sleepiness",
    "dummyScans": 10,
    "modality": "bold",
    "session_id": "1",
    "subject_id": "9046",
    "task_id": "sleepiness"
  },
  "dummy_trs": 0,
  "dvars_nstd": 30.774604404271354,
  "dvars_std": 1.1697891681407038,
  "dvars_vstd": 1.0097976316080401,
  "efc": 0.3330415183435212,
  "fber": 15719061.0,
  "fd_mean": 0.27978877205395825,
  "fd_num": 97,
  "fd_perc": 48.5,
  "fwhm_avg": 3.336662222222222,
  "fwhm_x": 3.3704044444444445,
  "fwhm_y": 3.885048888888889,
  "fwhm_z": 2.7545333333333333,
  "gcor": 0.0391649,
  "gsr_x": -0.016901182010769844,
  "gsr_y": 0.007252668030560017,
  "provenance": {
    "md5sum": "2d673336dae66c7333be2f9b171e8295",
    "settings": {
      "fd_thres": 0.2,
      "hmc_fsl": false
    },
    "software": "mriqc",
    "version": "0.9.6"
  },
  "size_t": 200,
  "size_x": 128,
  "size_y": 128,
  "size_z": 49,
  "snr": 4.437567574892725,
  "spacing_tr": 2.5,
  "spacing_x": 2.25,
  "spacing_y": 2.25,
  "spacing_z": 3.0,
  "summary_bg_k": 104.891756519238,
  "summary_bg_mad": 1.9644478559494019,
  "summary_bg_mean": 76.86900329589844,
  "summary_bg_median": 1.3249999284744263,
  "summary_bg_n": 624730.0,
  "summary_bg_p05": 0.0,
  "summary_bg_p95": 365.4837478637678,
  "summary_bg_stdv": 274.11279296875,
  "summary_fg_k": 0.8833095117247134,
  "summary_fg_mad": 986.81982421875,
  "summary_fg_mean": 5013.1181640625,
  "summary_fg_median": 5040.37255859375,
  "summary_fg_n": 89478.0,
  "summary_fg_p05": 3001.2673461914064,
  "summary_fg_p95": 6814.30693359375,
  "summary_fg_stdv": 1135.8349609375,
  "tsnr": 46.481719970703125
}