{
  "aor": 0.0006349162011173185,
  "aqi": 0.006475098994413409,
  "bids_meta": {
    "AcquisitionDuration": 723.000256,
    "Columns": 128,
    "EchoTime": 0.034,
    "EchoTrainLength": 1,
    "EffectiveEchoSpacing": 0.000532,
    "FieldOfView": [
      240,
      240,
      108
    ],
    "FlipAngle": 80,
    "GEImageTypeRIMPCode": 0,
    "ImageType": "ORIGINAL/PRIMARY/EPI/NONE",
    "ImagingFrequency": 127.765283,
    "InplanePhaseEncodingDirection": "COL",
    "InversionTime": 0,
    "MRAcquisitionType": "2D",
    "MagneticFieldStrength": 3,
    "Manufacturer": "GE MEDICAL SYSTEMS",
    "ManufacturersModelName": "DISCOVERY MR750",
    "NumberOfAverages": 1,
    "NumberOfEPIShots": 1,
    "NumberOfEchoes": 1,
    "NumberOfSlices": 45,
    "ParallelImagingReductionFactors": [
      0.5,
      1
    ],
    "PercentPhaseFieldOfView": 100,
    "PhaseEncodingDirection": "j",
    "PixelBandwidth": 3906.25,
    "PixelSpacing": [
      1.875,
      1.875
    ],
    "ReceiveCoilName": "8HRBRAIN",
    "RepetitionTime": 3,
    "Rows": 128,
    "SATFatWaterBone": 1,
    "ScanOptions": [
      "SAT_GEMS",
      "EPI_GEMS",
      "ACC_GEMS",
      "FS"
    ],
    "ScanningSequence": [
      "EP",
      "GR"
    ],
    "SequenceVariant": "SS",
    "SeriesDate": "18730304",
    "SeriesDescription": "fMRI-hands",
    "SeriesNumber": 8,
    "SeriesTime": "192341",
    "SliceThickness": 2.3,
    "SliceTiming": [
      0,
      1.53333,
      0.06667,
      1.6,
      0.13333,
      1.66667,
      0.2,
      1.73333,
      0.26667,
      1.8,
      0.33333,
      1.86667,
      0.4,
      1.93333,
      0.46667,
      2,
      0.53333,
      2.06667,
      0.6,
      2.13333,
      0.66667,
      2.2,
      0.73333,
      2.26667,
      0.8,
      2.33333,
      0.86667,
      2.4,
      0.93333,
      2.46667,
      1,
      2.53333,
      1.06667,
      2.6,
      1.13333,
      2.66667,
      1.2,
      2.73333,
      1.26667,
      2.8,
      1.33333,
      2.86667,
      1.4,
      2.93333,
      1.46667
    ],
    "SliceTimingComputationMethod": "SliceNumber*RepetitionTime/NumberOfSlices (interleaved ascending, odd first)",
    "SpacingBetweenSlices": 2.4,
    "StudyTime": "185038",
    "TaskDescription": "In an event-related design, participants were shown pictures of hands being stung by needles or poked with Q-tips. The stimulus set was kindly shared by Claus Lamm, and has been shown to be effective in previous work by him. After each picture, participants were asked to rate their perceived unpleasantness on a visual analog scale of 0-100.",
    "TaskInstructions": "",
    "TaskName": "Hands",
    "dummyScans": 5,
    "modality": "bold",
    "session_id": "1",
    "subject_id": "9053",
    "task_id": "hands"
  },
  "dummy_trs": 0,
  "dvars_nstd": 29.385577598707865,
  "dvars_std": 1.0505930416853928,
  "dvars_vstd": 0.9882352093820226,
  "efc": 0.4417853817574908,
  "fber": 47513.71484375,
  "fd_mean": 0.08150699855849157,
  "fd_num": 6,
  "fd_perc": 3.35195530726257,
  "fwhm_avg": 3.185819408032595,
  "fwhm_x": 3.286618666666667,
  "fwhm_y": 3.5891786666666667,
  "fwhm_z": 2.68166089076445,
  "gcor": 0.0152985,
  "gsr_x": -0.010960767976939678,
  "gsr_y": 0.021924355998635292,
  "provenance": {
    "md5sum": "0f7cebab4677a141683c34a62a45e613",
    "settings": {
      "fd_thres": 0.2,
      "hmc_fsl": false
    },
    "software": "mriqc",
    "version": "0.9.6"
  },
  "size_t": 179,
  "size_x": 128,
  "size_y": 128,
  "size_z": 45,
  "snr": 3.793568581037306,
  "spacing_tr": 3.0,
  "spacing_x": 1.875,
  "spacing_y": 1.875,
  "spacing_z": 2.3999977111816406,
  "summary_bg_k": 79.67031039998068,
  "summary_bg_mad": 27.465412139892578,
  "summary_bg_mean": 100.88946533203125,
  "summary_bg_median": 18.530725479125977,
  "summary_bg_n": 508326.0,
  "summary_bg_p05": 0.005586592014878988,
  "summary_bg_p95": 481.1550064086914,
  "summary_bg_stdv": 260.6878662109375,
  "summary_fg_k": 1.266565348364428,
  "summary_fg_mad": 832.1412963867188,
  "summary_fg_mean": 3659.12890625,
  "summary_fg_median": 3596.1142578125,
  "summary_fg_n": 139220.0,
  "summary_fg_p05": 2268.714526367188,
  "summary_fg_p95": 5329.598632812495,
  "summary_fg_stdv": 947.9468383789062,
  "tsnr": 46.929039001464844
}