{
  "bids_meta": {
    "AcquisitionDuration": 238.55128,
    "Columns": 512,
    "EchoTime": 0.00281,
    "EchoTrainLength": 1,
    "EffectiveEchoSpacing": 0,
    "FieldOfView": [
      240.03,
      240.03,
      180
    ],
    "FlipAngle": 11,
    "GEImageTypeRIMPCode": 0,
    "ImageType": "ORIGINAL/PRIMARY/OTHER",
    "ImagingFrequency": 127.76509,
    "InplanePhaseEncodingDirection": "ROW",
    "InversionTime": 0.45,
    "MRAcquisitionType": "3D",
    "MagneticFieldStrength": 3,
    "Manufacturer": "GE MEDICAL SYSTEMS",
    "ManufacturersModelName": "DISCOVERY MR750",
    "NumberOfAverages": 1,
    "NumberOfEPIShots": 0,
    "NumberOfEchoes": 1,
    "NumberOfSlices": 180,
    "ParallelImagingReductionFactors": [
      0.571429,
      1
    ],
    "PercentPhaseFieldOfView": 100,
    "PhaseEncodingDirection": "i",
    "PixelBandwidth": 122.07,
    "PixelSpacing": [
      0.4688,
      0.4688
    ],
    "ReceiveCoilName": "8HRBRAIN",
    "RepetitionTime": 0.0064,
    "Rows": 512,
    "SATFatWaterBone": 0,
    "ScanOptions": [
      "FAST_GEMS",
      "EDR_GEMS",
      "FILTERED_GEMS",
      "ACC_GEMS"
    ],
    "ScanningSequence": "GR",
    "SequenceVariant": [
      "SS",
      "SK"
    ],
    "SeriesDate": "18740306",
    "SeriesDescription": "Sag3D_T1_1mm3",
    "SeriesNumber": 2,
    "SeriesTime": "181508",
    "SliceThickness": 1,
    "SpacingBetweenSlices": 1,
    "StudyTime": "181315",
    "modality": "T1w",
    "session_id": "1",
    "subject_id": "9039"
  },
  "cjv": 0.40019519537279624,
  "cnr": 3.350185871053025,
  "efc": 0.650373361775306,
  "fber": 153.1271514892578,
  "fwhm_avg": 6.185354805865124,
  "fwhm_x": 3.96865,
  "fwhm_y": 7.382145773785374,
  "fwhm_z": 7.2052686438099975,
  "icvs_csf": 0.22773829209993598,
  "icvs_gm": 0.3817958851107877,
  "icvs_wm": 0.39046582278927633,
  "inu_med": 1.278181791305542,
  "inu_range": 0.4201139807701111,
  "provenance": {
    "md5sum": "898d72699a9be2ce681eee2c32b0383a",
    "mriqc_pred": 0,
    "settings": {
      "testing": false
    },
    "software": "mriqc",
    "version": "0.9.6",
    "warnings": {
      "large_rot_frame": true,
      "small_air_mask": false
    }
  },
  "qi_1": 0.0,
  "qi_2": 0.0002624960505102857,
  "rpve_csf": 20.65471382077622,
  "rpve_gm": 12.15206055579381,
  "rpve_wm": 14.490339592325686,
  "size_x": 180,
  "size_y": 512,
  "size_z": 512,
  "snr_csf": 4.0132537786918085,
  "snr_gm": 13.900458099621627,
  "snr_total": 12.334216966824576,
  "snr_wm": 19.088939022160293,
  "snrd_csf": 17.224761758942087,
  "snrd_gm": 34.25915104916231,
  "snrd_total": 32.55179937012813,
  "snrd_wm": 46.17148530227999,
  "spacing_x": 1.0,
  "spacing_y": 0.46880000829696655,
  "spacing_z": 0.46880000829696655,
  "summary_bg_k": 210.61270677182557,
  "summary_bg_mad": 14.189435958862305,
  "summary_bg_mean": 51.49014663696289,
  "summary_bg_median": 49.18038558959961,
  "summary_bg_n": 9946229.0,
  "summary_bg_p05": 29.081350326538086,
  "summary_bg_p95": 81.05975799560545,
  "summary_bg_stdv": 18.35950469970703,
  "summary_csf_k": 3.154542722901293,
  "summary_csf_mad": 98.0449447631836,
  "summary_csf_mean": 381.103515625,
  "summary_csf_median": 373.06683349609375,
  "summary_csf_n": 233814.0,
  "summary_csf_p05": 242.66783447265624,
  "summary_csf_p95": 538.833087158203,
  "summary_csf_stdv": 92.95849609375,
  "summary_gm_k": 0.11552939500268078,
  "summary_gm_mad": 52.31647491455078,
  "summary_gm_mean": 742.807861328125,
  "summary_gm_median": 742.0104370117188,
  "summary_gm_n": 167199.0,
  "summary_gm_p05": 655.9362426757812,
  "summary_gm_p95": 832.0448181152344,
  "summary_gm_stdv": 53.380126953125,
  "summary_wm_k": 0.3862228258371405,
  "summary_wm_mad": 50.9364013671875,
  "summary_wm_mean": 1001.8904418945312,
  "summary_wm_median": 1000.0167236328125,
  "summary_wm_n": 1324754.0,
  "summary_wm_p05": 919.3870147705079,
  "summary_wm_p95": 1090.7984313964844,
  "summary_wm_stdv": 52.38721466064453,
  "tpm_overlap_csf": 0.19486166536808014,
  "tpm_overlap_gm": 0.44314485788345337,
  "tpm_overlap_wm": 0.5404058694839478,
  "wm2max": 0.4020616561236075
}