{
  "aor": 0.009819772727272726,
  "aqi": 0.014936073920454545,
  "bids_meta": {
    "AcquisitionDuration": 723.000256,
    "Columns": 128,
    "EchoTime": 0.034,
    "EchoTrainLength": 1,
    "EffectiveEchoSpacing": 0.000532,
    "FieldOfView": [
      240,
      240,
      108
    ],
    "FlipAngle": 80,
    "GEImageTypeRIMPCode": 0,
    "ImageType": "ORIGINAL/PRIMARY/EPI/NONE",
    "ImagingFrequency": 127.765239,
    "InplanePhaseEncodingDirection": "COL",
    "InversionTime": 0,
    "MRAcquisitionType": "2D",
    "MagneticFieldStrength": 3,
    "Manufacturer": "GE MEDICAL SYSTEMS",
    "ManufacturersModelName": "DISCOVERY MR750",
    "NumberOfAverages": 1,
    "NumberOfEPIShots": 1,
    "NumberOfEchoes": 1,
    "NumberOfSlices": 45,
    "ParallelImagingReductionFactors": [
      0.5,
      1
    ],
    "PercentPhaseFieldOfView": 100,
    "PhaseEncodingDirection": "j",
    "PixelBandwidth": 3906.25,
    "PixelSpacing": [
      1.875,
      1.875
    ],
    "ReceiveCoilName": "8HRBRAIN",
    "RepetitionTime": 3,
    "Rows": 128,
    "SATFatWaterBone": 1,
    "ScanOptions": [
      "SAT_GEMS",
      "EPI_GEMS",
      "ACC_GEMS",
      "FS"
    ],
    "ScanningSequence": [
      "EP",
      "GR"
    ],
    "SequenceVariant": "SS",
    "SeriesDate": "18730427",
    "SeriesDescription": "fMRI-hands",
    "SeriesNumber": 8,
    "SeriesTime": "205145",
    "SliceThickness": 2.3,
    "SliceTiming": [
      0,
      1.53333,
      0.06667,
      1.6,
      0.13333,
      1.66667,
      0.2,
      1.73333,
      0.26667,
      1.8,
      0.33333,
      1.86667,
      0.4,
      1.93333,
      0.46667,
      2,
      0.53333,
      2.06667,
      0.6,
      2.13333,
      0.66667,
      2.2,
      0.73333,
      2.26667,
      0.8,
      2.33333,
      0.86667,
      2.4,
      0.93333,
      2.46667,
      1,
      2.53333,
      1.06667,
      2.6,
      1.13333,
      2.66667,
      1.2,
      2.73333,
      1.26667,
      2.8,
      1.33333,
      2.86667,
      1.4,
      2.93333,
      1.46667
    ],
    "SliceTimingComputationMethod": "SliceNumber*RepetitionTime/NumberOfSlices (interleaved ascending, odd first)",
    "SpacingBetweenSlices": 2.4,
    "StudyTime": "202133",
    "TaskDescription": "In an event-related design, participants were shown pictures of hands being stung by needles or poked with Q-tips. The stimulus set was kindly shared by Claus Lamm, and has been shown to be effective in previous work by him. After each picture, participants were asked to rate their perceived unpleasantness on a visual analog scale of 0-100.",
    "TaskInstructions": "",
    "TaskName": "Hands",
    "dummyScans": 5,
    "modality": "bold",
    "session_id": "2",
    "subject_id": "9012",
    "task_id": "hands"
  },
  "dummy_trs": 0,
  "dvars_nstd": 41.95167640668573,
  "dvars_std": 1.0786803490285723,
  "dvars_vstd": 1.0921790938857139,
  "efc": 0.4660442940182522,
  "fber": 66123.921875,
  "fd_mean": 0.34193730672599204,
  "fd_num": 52,
  "fd_perc": 29.545454545454547,
  "fwhm_avg": 2.9580475267743895,
  "fwhm_x": 3.0241759999999998,
  "fwhm_y": 3.354864,
  "fwhm_z": 2.4951025803231683,
  "gcor": 0.0213991,
  "gsr_x": -0.014992482028901577,
  "gsr_y": 0.029055874794721603,
  "provenance": {
    "md5sum": "fc57db0af27543e97d264a3f240b1e11",
    "settings": {
      "fd_thres": 0.2,
      "hmc_fsl": false
    },
    "software": "mriqc",
    "version": "0.9.6"
  },
  "size_t": 176,
  "size_x": 128,
  "size_y": 128,
  "size_z": 45,
  "snr": 3.4541137583449046,
  "spacing_tr": 3.0,
  "spacing_x": 1.875,
  "spacing_y": 1.875,
  "spacing_z": 2.4000015258789062,
  "summary_bg_k": 183.27655426198976,
  "summary_bg_mad": 21.62409019470215,
  "summary_bg_mean": 97.12986755371094,
  "summary_bg_median": 14.625,
  "summary_bg_n": 482763.0,
  "summary_bg_p05": 0.05113636702299118,
  "summary_bg_p95": 415.1119415283197,
  "summary_bg_stdv": 287.646240234375,
  "summary_fg_k": 1.2729550659132896,
  "summary_fg_mad": 927.818359375,
  "summary_fg_mean": 3609.052734375,
  "summary_fg_median": 3523.11962890625,
  "summary_fg_n": 161970.0,
  "summary_fg_p05": 2188.505163574219,
  "summary_fg_p95": 5431.4439453125,
  "summary_fg_stdv": 1019.9747314453125,
  "tsnr": 29.95998764038086
}