{
  "bids_meta": {
    "AcquisitionDuration": 238.55128,
    "Columns": 512,
    "EchoTime": 0.00281,
    "EchoTrainLength": 1,
    "EffectiveEchoSpacing": 0,
    "FieldOfView": [
      240.03,
      240.03,
      180
    ],
    "FlipAngle": 11,
    "GEImageTypeRIMPCode": 0,
    "ImageType": "ORIGINAL/PRIMARY/OTHER",
    "ImagingFrequency": 127.765067,
    "InplanePhaseEncodingDirection": "ROW",
    "InversionTime": 0.45,
    "MRAcquisitionType": "3D",
    "MagneticFieldStrength": 3,
    "Manufacturer": "GE MEDICAL SYSTEMS",
    "ManufacturersModelName": "DISCOVERY MR750",
    "NumberOfAverages": 1,
    "NumberOfEPIShots": 0,
    "NumberOfEchoes": 1,
    "NumberOfSlices": 180,
    "ParallelImagingReductionFactors": [
      0.571429,
      1
    ],
    "PercentPhaseFieldOfView": 100,
    "PhaseEncodingDirection": "i",
    "PixelBandwidth": 122.07,
    "PixelSpacing": [
      0.4688,
      0.4688
    ],
    "ReceiveCoilName": "8HRBRAIN",
    "RepetitionTime": 0.0064,
    "Rows": 512,
    "SATFatWaterBone": 0,
    "ScanOptions": [
      "FAST_GEMS",
      "EDR_GEMS",
      "FILTERED_GEMS",
      "ACC_GEMS"
    ],
    "ScanningSequence": "GR",
    "SequenceVariant": [
      "SS",
      "SK"
    ],
    "SeriesDate": "18740421",
    "SeriesDescription": "Sag3D_T1_1mm3",
    "SeriesNumber": 2,
    "SeriesTime": "175455",
    "SliceThickness": 1,
    "SpacingBetweenSlices": 1,
    "StudyTime": "175313",
    "modality": "T1w",
    "session_id": "2",
    "subject_id": "9014"
  },
  "cjv": 0.40801466571362927,
  "cnr": 3.2752954237071235,
  "efc": 0.6506236287070141,
  "fber": 109.66962432861328,
  "fwhm_avg": 6.137485465594106,
  "fwhm_x": 3.8061,
  "fwhm_y": 7.612969148539782,
  "fwhm_z": 6.993387248242534,
  "icvs_csf": 0.20834416415937435,
  "icvs_gm": 0.39383894726094876,
  "icvs_wm": 0.3978168885796769,
  "inu_med": 1.4105556011199951,
  "inu_range": 0.5102008819580073,
  "provenance": {
    "md5sum": "c5d6e9aefa54b673129213fed9790130",
    "mriqc_pred": 0,
    "settings": {
      "testing": false
    },
    "software": "mriqc",
    "version": "0.9.6",
    "warnings": {
      "large_rot_frame": true,
      "small_air_mask": false
    }
  },
  "qi_1": 0.0,
  "qi_2": 0.0002798654012572283,
  "rpve_csf": 23.456397880215427,
  "rpve_gm": 12.551939205792893,
  "rpve_wm": 15.057801195496264,
  "size_x": 180,
  "size_y": 512,
  "size_z": 512,
  "snr_csf": 3.917052130247707,
  "snr_gm": 11.643741013228059,
  "snr_total": 10.254254011669753,
  "snr_wm": 15.201968891533495,
  "snrd_csf": 12.886738275139491,
  "snrd_gm": 27.724420068246427,
  "snrd_total": 26.71777900738063,
  "snrd_wm": 39.54217867875598,
  "spacing_x": 1.0,
  "spacing_y": 0.46880000829696655,
  "spacing_z": 0.46880000829696655,
  "summary_bg_k": 7.604392062055503,
  "summary_bg_mad": 16.568130493164062,
  "summary_bg_mean": 57.40497589111328,
  "summary_bg_median": 55.096717834472656,
  "summary_bg_n": 8633163.0,
  "summary_bg_p05": 31.216165351867676,
  "summary_bg_p95": 91.28237533569333,
  "summary_bg_stdv": 19.318225860595703,
  "summary_csf_k": 0.09494001058049983,
  "summary_csf_mad": 80.04939270019531,
  "summary_csf_mean": 330.3637390136719,
  "summary_csf_median": 325.90032958984375,
  "summary_csf_n": 161880.0,
  "summary_csf_p05": 197.07310180664064,
  "summary_csf_p95": 473.42150878906244,
  "summary_csf_stdv": 83.20014953613281,
  "summary_gm_k": 0.16976433176650785,
  "summary_gm_mad": 58.38949966430664,
  "summary_gm_mean": 698.8500366210938,
  "summary_gm_median": 701.1392211914062,
  "summary_gm_n": 180909.0,
  "summary_gm_p05": 595.25537109375,
  "summary_gm_p95": 794.3851440429687,
  "summary_gm_stdv": 60.2158088684082,
  "summary_wm_k": 0.5351596683165036,
  "summary_wm_mad": 63.55232238769531,
  "summary_wm_mean": 1003.8651733398438,
  "summary_wm_median": 1000.0054931640625,
  "summary_wm_n": 1259108.0,
  "summary_wm_p05": 903.6792266845703,
  "summary_wm_p95": 1117.5241271972657,
  "summary_wm_stdv": 65.78128814697266,
  "tpm_overlap_csf": 0.18668103218078613,
  "tpm_overlap_gm": 0.43822047114372253,
  "tpm_overlap_wm": 0.5230059027671814,
  "wm2max": 0.3442643089825272
}