{
  "aor": 0.01848296875,
  "aqi": 0.00856492375,
  "bids_meta": {
    "AcquisitionDuration": 525.000256,
    "CogAtlasID": "trm_4c8a834779883",
    "Columns": 128,
    "EchoTime": 0.03,
    "EchoTrainLength": 1,
    "EffectiveEchoSpacing": 0.000464,
    "FieldOfView": [
      288,
      288,
      147
    ],
    "FlipAngle": 75,
    "GEImageTypeRIMPCode": 0,
    "ImageType": "ORIGINAL/PRIMARY/EPI/NONE",
    "ImagingFrequency": 127.76516,
    "InplanePhaseEncodingDirection": "COL",
    "InversionTime": 0,
    "MRAcquisitionType": "2D",
    "MagneticFieldStrength": 3,
    "Manufacturer": "GE MEDICAL SYSTEMS",
    "ManufacturersModelName": "DISCOVERY MR750",
    "NumberOfAverages": 1,
    "NumberOfEPIShots": 1,
    "NumberOfEchoes": 1,
    "NumberOfSlices": 49,
    "ParallelImagingReductionFactors": [
      0.5,
      1
    ],
    "PercentPhaseFieldOfView": 100,
    "PhaseEncodingDirection": "j",
    "PixelBandwidth": 3906.25,
    "PixelSpacing": [
      2.25,
      2.25
    ],
    "ReceiveCoilName": "8HRBRAIN",
    "RepetitionTime": 2.5,
    "Rows": 128,
    "SATFatWaterBone": 0,
    "ScanOptions": [
      "EPI_GEMS",
      "FILTERED_GEMS",
      "ACC_GEMS"
    ],
    "ScanningSequence": [
      "EP",
      "GR"
    ],
    "SequenceVariant": "SS",
    "SeriesDate": "18740504",
    "SeriesDescription": "RSN_BWRT_200vol_3mm",
    "SeriesNumber": 4,
    "SeriesTime": "194054",
    "SliceThickness": 3,
    "SliceTiming": [
      0,
      1.27551,
      0.05102,
      1.32653,
      0.10204,
      1.37755,
      0.15306,
      1.42857,
      0.20408,
      1.47959,
      0.2551,
      1.53061,
      0.30612,
      1.58163,
      0.35714,
      1.63265,
      0.40816,
      1.68367,
      0.45918,
      1.73469,
      0.5102,
      1.78571,
      0.56122,
      1.83673,
      0.61224,
      1.88776,
      0.66327,
      1.93878,
      0.71429,
      1.9898,
      0.76531,
      2.04082,
      0.81633,
      2.09184,
      0.86735,
      2.14286,
      0.91837,
      2.19388,
      0.96939,
      2.2449,
      1.02041,
      2.29592,
      1.07143,
      2.34694,
      1.12245,
      2.39796,
      1.17347,
      2.44898,
      1.22449
    ],
    "SliceTimingComputationMethod": "SliceNumber*RepetitionTime/NumberOfSlices (interleaved ascending, odd first)",
    "SpacingBetweenSlices": 3,
    "StudyTime": "193301",
    "TaskDescription": "Functional connectivity in the resting state was assessed during two eight-minute runs.",
    "TaskInstructions": "Participants were instructed to keep their eyes open and look at a white fixation cross presented against a gray background.",
    "TaskName": "Resting State",
    "dummyScans": 10,
    "modality": "bold",
    "session_id": "2",
    "subject_id": "9093",
    "task_id": "rest"
  },
  "dummy_trs": 0,
  "dvars_nstd": 17.59540556376964,
  "dvars_std": 1.1974185739790577,
  "dvars_vstd": 1.0925008013089004,
  "efc": 0.31934090252146163,
  "fber": 26821282.0,
  "fd_mean": 0.12204338099586894,
  "fd_num": 30,
  "fd_perc": 15.625,
  "fwhm_avg": 3.3925211111111113,
  "fwhm_x": 3.379897777777778,
  "fwhm_y": 4.067595555555555,
  "fwhm_z": 2.73007,
  "gcor": 0.0288363,
  "gsr_x": -0.016403796151280403,
  "gsr_y": 0.010085534304380417,
  "provenance": {
    "md5sum": "f8ab3c44e7628f85d16c65de39422de5",
    "settings": {
      "fd_thres": 0.2,
      "hmc_fsl": false
    },
    "software": "mriqc",
    "version": "0.9.6"
  },
  "size_t": 192,
  "size_x": 128,
  "size_y": 128,
  "size_z": 49,
  "snr": 4.197582014132805,
  "spacing_tr": 2.5,
  "spacing_x": 2.25,
  "spacing_y": 2.25,
  "spacing_z": 3.0,
  "summary_bg_k": 128.36792583201938,
  "summary_bg_mad": 1.4980461597442627,
  "summary_bg_mean": 63.19141387939453,
  "summary_bg_median": 1.0104167461395264,
  "summary_bg_n": 629127.0,
  "summary_bg_p05": 0.0,
  "summary_bg_p95": 306.73125305175734,
  "summary_bg_stdv": 235.03933715820312,
  "summary_fg_k": 0.9448399953335338,
  "summary_fg_mad": 988.3549194335938,
  "summary_fg_mean": 4982.82568359375,
  "summary_fg_median": 5006.84130859375,
  "summary_fg_n": 85362.0,
  "summary_fg_p05": 2822.6404418945312,
  "summary_fg_p95": 6907.185058593749,
  "summary_fg_stdv": 1192.7847900390625,
  "tsnr": 49.25028610229492
}