{
  "aor": 0.007304974874371859,
  "aqi": 0.009519731256281406,
  "bids_meta": {
    "AcquisitionDuration": 525.000256,
    "CogAtlasID": "trm_4c8a834779883",
    "Columns": 128,
    "EchoTime": 0.03,
    "EchoTrainLength": 1,
    "EffectiveEchoSpacing": 0.000464,
    "FieldOfView": [
      288,
      288,
      147
    ],
    "FlipAngle": 75,
    "GEImageTypeRIMPCode": 0,
    "ImageType": "ORIGINAL/PRIMARY/EPI/NONE",
    "ImagingFrequency": 127.765146,
    "InplanePhaseEncodingDirection": "COL",
    "InversionTime": 0,
    "MRAcquisitionType": "2D",
    "MagneticFieldStrength": 3,
    "Manufacturer": "GE MEDICAL SYSTEMS",
    "ManufacturersModelName": "DISCOVERY MR750",
    "NumberOfAverages": 1,
    "NumberOfEPIShots": 1,
    "NumberOfEchoes": 1,
    "NumberOfSlices": 49,
    "ParallelImagingReductionFactors": [
      0.5,
      1
    ],
    "PercentPhaseFieldOfView": 100,
    "PhaseEncodingDirection": "j",
    "PixelBandwidth": 3906.25,
    "PixelSpacing": [
      2.25,
      2.25
    ],
    "ReceiveCoilName": "8HRBRAIN",
    "RepetitionTime": 2.5,
    "Rows": 128,
    "SATFatWaterBone": 0,
    "ScanOptions": [
      "EPI_GEMS",
      "FILTERED_GEMS",
      "ACC_GEMS"
    ],
    "ScanningSequence": [
      "EP",
      "GR"
    ],
    "SequenceVariant": "SS",
    "SeriesDate": "18740314",
    "SeriesDescription": "RSN_BWRT_200vol_3mm",
    "SeriesNumber": 10,
    "SeriesTime": "191143",
    "SliceThickness": 3,
    "SliceTiming": [
      0,
      1.27551,
      0.05102,
      1.32653,
      0.10204,
      1.37755,
      0.15306,
      1.42857,
      0.20408,
      1.47959,
      0.2551,
      1.53061,
      0.30612,
      1.58163,
      0.35714,
      1.63265,
      0.40816,
      1.68367,
      0.45918,
      1.73469,
      0.5102,
      1.78571,
      0.56122,
      1.83673,
      0.61224,
      1.88776,
      0.66327,
      1.93878,
      0.71429,
      1.9898,
      0.76531,
      2.04082,
      0.81633,
      2.09184,
      0.86735,
      2.14286,
      0.91837,
      2.19388,
      0.96939,
      2.2449,
      1.02041,
      2.29592,
      1.07143,
      2.34694,
      1.12245,
      2.39796,
      1.17347,
      2.44898,
      1.22449
    ],
    "SliceTimingComputationMethod": "SliceNumber*RepetitionTime/NumberOfSlices (interleaved ascending, odd first)",
    "SpacingBetweenSlices": 3,
    "StudyTime": "180723",
    "TaskDescription": "Functional connectivity in the resting state was assessed during two eight-minute runs. Participants were asked to rate their sleepiness using the Karolinska Sleepiness Scale every 2 minutes",
    "TaskInstructions": "Participants were instructed to keep their eyes open and look at a white fixation cross presented against a gray background.",
    "TaskName": "Sleepiness",
    "dummyScans": 10,
    "modality": "bold",
    "session_id": "1",
    "subject_id": "9064",
    "task_id": "sleepiness"
  },
  "dummy_trs": 1,
  "dvars_nstd": 23.397355046010095,
  "dvars_std": 1.131135036717172,
  "dvars_vstd": 0.9786812987373735,
  "efc": 0.29943521668583173,
  "fber": 23675392.0,
  "fd_mean": 0.2375252769948466,
  "fd_num": 73,
  "fd_perc": 36.68341708542714,
  "fwhm_avg": 3.264180721644673,
  "fwhm_x": 3.277542222222222,
  "fwhm_y": 3.848506666666667,
  "fwhm_z": 2.6664932760451303,
  "gcor": 0.0398039,
  "gsr_x": -0.012735194526612759,
  "gsr_y": -0.000712524401023984,
  "provenance": {
    "md5sum": "8ab6c5f7a3d95c0ce9b2a66b8c310d3b",
    "settings": {
      "fd_thres": 0.2,
      "hmc_fsl": false
    },
    "software": "mriqc",
    "version": "0.9.6"
  },
  "size_t": 199,
  "size_x": 128,
  "size_y": 128,
  "size_z": 49,
  "snr": 4.969118945613184,
  "spacing_tr": 2.5,
  "spacing_x": 2.25,
  "spacing_y": 2.25,
  "spacing_z": 3.0000038146972656,
  "summary_bg_k": 145.33693002376043,
  "summary_bg_mad": 1.6912096738815308,
  "summary_bg_mean": 52.65285110473633,
  "summary_bg_median": 1.140703558921814,
  "summary_bg_n": 640699.0,
  "summary_bg_p05": 0.0,
  "summary_bg_p95": 253.97035064697252,
  "summary_bg_stdv": 210.61685180664062,
  "summary_fg_k": 1.7935892929072592,
  "summary_fg_mad": 806.0071411132812,
  "summary_fg_mean": 5063.3427734375,
  "summary_fg_median": 5189.47216796875,
  "summary_fg_n": 75907.0,
  "summary_fg_p05": 2980.786840820312,
  "summary_fg_p95": 6498.632226562499,
  "summary_fg_stdv": 1044.337646484375,
  "tsnr": 51.11567306518555
}