{
  "aor": 0.0011832323232323233,
  "aqi": 0.003471797575757576,
  "bids_meta": {
    "AcquisitionDuration": 525.000256,
    "CogAtlasID": "trm_4c8a834779883",
    "Columns": 128,
    "EchoTime": 0.03,
    "EchoTrainLength": 1,
    "EffectiveEchoSpacing": 0.000464,
    "FieldOfView": [
      288,
      288,
      147
    ],
    "FlipAngle": 75,
    "GEImageTypeRIMPCode": 0,
    "ImageType": "ORIGINAL/PRIMARY/EPI/NONE",
    "ImagingFrequency": 127.765204,
    "InplanePhaseEncodingDirection": "COL",
    "InversionTime": 0,
    "MRAcquisitionType": "2D",
    "MagneticFieldStrength": 3,
    "Manufacturer": "GE MEDICAL SYSTEMS",
    "ManufacturersModelName": "DISCOVERY MR750",
    "NumberOfAverages": 1,
    "NumberOfEPIShots": 1,
    "NumberOfEchoes": 1,
    "NumberOfSlices": 49,
    "ParallelImagingReductionFactors": [
      0.5,
      1
    ],
    "PercentPhaseFieldOfView": 100,
    "PhaseEncodingDirection": "j",
    "PixelBandwidth": 3906.25,
    "PixelSpacing": [
      2.25,
      2.25
    ],
    "ReceiveCoilName": "8HRBRAIN",
    "RepetitionTime": 2.5,
    "Rows": 128,
    "SATFatWaterBone": 0,
    "ScanOptions": [
      "EPI_GEMS",
      "FILTERED_GEMS",
      "ACC_GEMS"
    ],
    "ScanningSequence": [
      "EP",
      "GR"
    ],
    "SequenceVariant": "SS",
    "SeriesDate": "18740401",
    "SeriesDescription": "RSN_BWRT_200vol_3mm",
    "SeriesNumber": 10,
    "SeriesTime": "210329",
    "SliceThickness": 3,
    "SliceTiming": [
      0,
      1.27551,
      0.05102,
      1.32653,
      0.10204,
      1.37755,
      0.15306,
      1.42857,
      0.20408,
      1.47959,
      0.2551,
      1.53061,
      0.30612,
      1.58163,
      0.35714,
      1.63265,
      0.40816,
      1.68367,
      0.45918,
      1.73469,
      0.5102,
      1.78571,
      0.56122,
      1.83673,
      0.61224,
      1.88776,
      0.66327,
      1.93878,
      0.71429,
      1.9898,
      0.76531,
      2.04082,
      0.81633,
      2.09184,
      0.86735,
      2.14286,
      0.91837,
      2.19388,
      0.96939,
      2.2449,
      1.02041,
      2.29592,
      1.07143,
      2.34694,
      1.12245,
      2.39796,
      1.17347,
      2.44898,
      1.22449
    ],
    "SliceTimingComputationMethod": "SliceNumber*RepetitionTime/NumberOfSlices (interleaved ascending, odd first)",
    "SpacingBetweenSlices": 3,
    "StudyTime": "200004",
    "TaskDescription": "Functional connectivity in the resting state was assessed during two eight-minute runs. Participants were asked to rate their sleepiness using the Karolinska Sleepiness Scale every 2 minutes",
    "TaskInstructions": "Participants were instructed to keep their eyes open and look at a white fixation cross presented against a gray background.",
    "TaskName": "Sleepiness",
    "dummyScans": 10,
    "modality": "bold",
    "session_id": "1",
    "subject_id": "9002",
    "task_id": "sleepiness"
  },
  "dummy_trs": 0,
  "dvars_nstd": 23.00554948431471,
  "dvars_std": 1.3520775392385789,
  "dvars_vstd": 0.9976400356345179,
  "efc": 0.3348920066423213,
  "fber": 145803520.0,
  "fd_mean": 0.1031329975010008,
  "fd_num": 10,
  "fd_perc": 5.05050505050505,
  "fwhm_avg": 3.13525666649006,
  "fwhm_x": 3.153506666666667,
  "fwhm_y": 3.63124,
  "fwhm_z": 2.6210233328035137,
  "gcor": 0.0212828,
  "gsr_x": -0.017687158659100533,
  "gsr_y": 0.0031804225873202085,
  "provenance": {
    "md5sum": "75d3ddef7eebff075d5f603eb3ac5a9a",
    "settings": {
      "fd_thres": 0.2,
      "hmc_fsl": false
    },
    "software": "mriqc",
    "version": "0.9.6"
  },
  "size_t": 198,
  "size_x": 128,
  "size_y": 128,
  "size_z": 49,
  "snr": 4.506584429871081,
  "spacing_tr": 2.5,
  "spacing_x": 2.25,
  "spacing_y": 2.25,
  "spacing_z": 2.9999961853027344,
  "summary_bg_k": 128.00476213696103,
  "summary_bg_mad": 0.6888858675956726,
  "summary_bg_mean": 72.50507354736328,
  "summary_bg_median": 0.46464645862579346,
  "summary_bg_n": 621359.0,
  "summary_bg_p05": 0.0,
  "summary_bg_p95": 363.25758361816287,
  "summary_bg_stdv": 292.1177673339844,
  "summary_fg_k": 1.034285313767687,
  "summary_fg_mad": 1013.18994140625,
  "summary_fg_mean": 5126.65966796875,
  "summary_fg_median": 5091.80810546875,
  "summary_fg_n": 93278.0,
  "summary_fg_p05": 3355.8425415039064,
  "summary_fg_p95": 7031.135522460936,
  "summary_fg_stdv": 1129.8536376953125,
  "tsnr": 88.9593734741211
}