{
  "aor": 0.0013679166666666666,
  "aqi": 0.010097950572916667,
  "bids_meta": {
    "AcquisitionDuration": 723.000256,
    "Columns": 128,
    "EchoTime": 0.034,
    "EchoTrainLength": 1,
    "EffectiveEchoSpacing": 0.00056,
    "FieldOfView": [
      220.01,
      220.01,
      110.4
    ],
    "FlipAngle": 80,
    "GEImageTypeRIMPCode": 0,
    "ImageType": "ORIGINAL/PRIMARY/EPI/NONE",
    "ImagingFrequency": 127.765192,
    "InplanePhaseEncodingDirection": "COL",
    "InversionTime": 0,
    "MRAcquisitionType": "2D",
    "MagneticFieldStrength": 3,
    "Manufacturer": "GE MEDICAL SYSTEMS",
    "ManufacturersModelName": "DISCOVERY MR750",
    "NumberOfAverages": 1,
    "NumberOfEPIShots": 1,
    "NumberOfEchoes": 1,
    "NumberOfSlices": 46,
    "ParallelImagingReductionFactors": [
      0.5,
      1
    ],
    "PercentPhaseFieldOfView": 100,
    "PhaseEncodingDirection": "j",
    "PixelBandwidth": 3906.25,
    "PixelSpacing": [
      1.7188,
      1.7188
    ],
    "ReceiveCoilName": "8HRBRAIN",
    "RepetitionTime": 3,
    "Rows": 128,
    "SATFatWaterBone": 1,
    "ScanOptions": [
      "SAT_GEMS",
      "EPI_GEMS",
      "ACC_GEMS",
      "FS"
    ],
    "ScanningSequence": [
      "EP",
      "GR"
    ],
    "SequenceVariant": "SS",
    "SeriesDate": "18740118",
    "SeriesDescription": "fMRI-hands",
    "SeriesNumber": 7,
    "SeriesTime": "184114",
    "SliceThickness": 2.3,
    "SliceTiming": [
      0,
      1.5,
      0.06522,
      1.56522,
      0.13043,
      1.63043,
      0.19565,
      1.69565,
      0.26087,
      1.76087,
      0.32609,
      1.82609,
      0.3913,
      1.8913,
      0.45652,
      1.95652,
      0.52174,
      2.02174,
      0.58696,
      2.08696,
      0.65217,
      2.15217,
      0.71739,
      2.21739,
      0.78261,
      2.28261,
      0.84783,
      2.34783,
      0.91304,
      2.41304,
      0.97826,
      2.47826,
      1.04348,
      2.54348,
      1.1087,
      2.6087,
      1.17391,
      2.67391,
      1.23913,
      2.73913,
      1.30435,
      2.80435,
      1.36957,
      2.86957,
      1.43478,
      2.93478
    ],
    "SliceTimingComputationMethod": "SliceNumber*RepetitionTime/NumberOfSlices (interleaved ascending, odd first)",
    "SpacingBetweenSlices": 2.4,
    "StudyTime": "181026",
    "TaskDescription": "In an event-related design, participants were shown pictures of hands being stung by needles or poked with Q-tips. The stimulus set was kindly shared by Claus Lamm, and has been shown to be effective in previous work by him. After each picture, participants were asked to rate their perceived unpleasantness on a visual analog scale of 0-100.",
    "TaskInstructions": "",
    "TaskName": "Hands",
    "dummyScans": 5,
    "modality": "bold",
    "session_id": "2",
    "subject_id": "9041",
    "task_id": "hands"
  },
  "dummy_trs": 0,
  "dvars_nstd": 35.86706456104712,
  "dvars_std": 1.0986365319371731,
  "dvars_vstd": 0.9997656104188475,
  "efc": 0.4671467965465465,
  "fber": 18076.478515625,
  "fd_mean": 0.11942323446726778,
  "fd_num": 32,
  "fd_perc": 16.666666666666668,
  "fwhm_avg": 3.1603268572073557,
  "fwhm_x": 3.295782039270959,
  "fwhm_y": 3.799075049407563,
  "fwhm_z": 2.3861234829435456,
  "gcor": 0.0257576,
  "gsr_x": -0.003116839798167348,
  "gsr_y": 0.018476545810699463,
  "provenance": {
    "md5sum": "a2aa026df90f35c3cdea4c9516298528",
    "settings": {
      "fd_thres": 0.2,
      "hmc_fsl": false
    },
    "software": "mriqc",
    "version": "0.9.6"
  },
  "size_t": 192,
  "size_x": 128,
  "size_y": 128,
  "size_z": 46,
  "snr": 4.258622357835317,
  "spacing_tr": 3.0,
  "spacing_x": 1.7187999486923218,
  "spacing_y": 1.7187999486923218,
  "spacing_z": 2.4000015258789062,
  "summary_bg_k": 103.32592313575344,
  "summary_bg_mad": 41.868072509765625,
  "summary_bg_mean": 102.06733703613281,
  "summary_bg_median": 28.296875,
  "summary_bg_n": 494754.0,
  "summary_bg_p05": 0.0,
  "summary_bg_p95": 406.84557647705066,
  "summary_bg_stdv": 287.13140869140625,
  "summary_fg_k": 1.0583445436980732,
  "summary_fg_mad": 801.3153686523438,
  "summary_fg_mean": 3675.177734375,
  "summary_fg_median": 3683.4375,
  "summary_fg_n": 160993.0,
  "summary_fg_p05": 2223.59287109375,
  "summary_fg_p95": 5010.1845703125,
  "summary_fg_stdv": 864.9337158203125,
  "tsnr": 41.048492431640625
}