{
  "aor": 0.0031766,
  "aqi": 0.0037605219,
  "bids_meta": {
    "AcquisitionDuration": 525.000256,
    "CogAtlasID": "trm_4c8a834779883",
    "Columns": 128,
    "EchoTime": 0.03,
    "EchoTrainLength": 1,
    "EffectiveEchoSpacing": 0.000464,
    "FieldOfView": [
      288,
      288,
      147
    ],
    "FlipAngle": 75,
    "GEImageTypeRIMPCode": 0,
    "ImageType": "ORIGINAL/PRIMARY/EPI/NONE",
    "ImagingFrequency": 127.765268,
    "InplanePhaseEncodingDirection": "COL",
    "InversionTime": 0,
    "MRAcquisitionType": "2D",
    "MagneticFieldStrength": 3,
    "Manufacturer": "GE MEDICAL SYSTEMS",
    "ManufacturersModelName": "DISCOVERY MR750",
    "NumberOfAverages": 1,
    "NumberOfEPIShots": 1,
    "NumberOfEchoes": 1,
    "NumberOfSlices": 49,
    "ParallelImagingReductionFactors": [
      0.5,
      1
    ],
    "PercentPhaseFieldOfView": 100,
    "PhaseEncodingDirection": "j",
    "PixelBandwidth": 3906.25,
    "PixelSpacing": [
      2.25,
      2.25
    ],
    "ReceiveCoilName": "8HRBRAIN",
    "RepetitionTime": 2.5,
    "Rows": 128,
    "SATFatWaterBone": 0,
    "ScanOptions": [
      "EPI_GEMS",
      "FILTERED_GEMS",
      "ACC_GEMS"
    ],
    "ScanningSequence": [
      "EP",
      "GR"
    ],
    "SequenceVariant": "SS",
    "SeriesDate": "18740108",
    "SeriesDescription": "RSN_BWRT_200vol_3mm",
    "SeriesNumber": 10,
    "SeriesTime": "212338",
    "SliceThickness": 3,
    "SliceTiming": [
      0,
      1.27551,
      0.05102,
      1.32653,
      0.10204,
      1.37755,
      0.15306,
      1.42857,
      0.20408,
      1.47959,
      0.2551,
      1.53061,
      0.30612,
      1.58163,
      0.35714,
      1.63265,
      0.40816,
      1.68367,
      0.45918,
      1.73469,
      0.5102,
      1.78571,
      0.56122,
      1.83673,
      0.61224,
      1.88776,
      0.66327,
      1.93878,
      0.71429,
      1.9898,
      0.76531,
      2.04082,
      0.81633,
      2.09184,
      0.86735,
      2.14286,
      0.91837,
      2.19388,
      0.96939,
      2.2449,
      1.02041,
      2.29592,
      1.07143,
      2.34694,
      1.12245,
      2.39796,
      1.17347,
      2.44898,
      1.22449
    ],
    "SliceTimingComputationMethod": "SliceNumber*RepetitionTime/NumberOfSlices (interleaved ascending, odd first)",
    "SpacingBetweenSlices": 3,
    "StudyTime": "201308",
    "TaskDescription": "Functional connectivity in the resting state was assessed during two eight-minute runs. Participants were asked to rate their sleepiness using the Karolinska Sleepiness Scale every 2 minutes",
    "TaskInstructions": "Participants were instructed to keep their eyes open and look at a white fixation cross presented against a gray background.",
    "TaskName": "Sleepiness",
    "dummyScans": 10,
    "modality": "bold",
    "session_id": "1",
    "subject_id": "9088",
    "task_id": "sleepiness"
  },
  "dummy_trs": 0,
  "dvars_nstd": 14.92107953492462,
  "dvars_std": 1.0906975295979902,
  "dvars_vstd": 0.9979476832160806,
  "efc": 0.3063818728813123,
  "fber": 57607984.0,
  "fd_mean": 0.11089469618236765,
  "fd_num": 29,
  "fd_perc": 14.5,
  "fwhm_avg": 3.40998037037037,
  "fwhm_x": 3.525311111111111,
  "fwhm_y": 3.9491199999999997,
  "fwhm_z": 2.7555099999999997,
  "gcor": 0.0164155,
  "gsr_x": -0.014406139962375164,
  "gsr_y": -1.3352931091503706e-05,
  "provenance": {
    "md5sum": "314ff41149a2a3497bf24cf6285214a5",
    "settings": {
      "fd_thres": 0.2,
      "hmc_fsl": false
    },
    "software": "mriqc",
    "version": "0.9.6"
  },
  "size_t": 200,
  "size_x": 128,
  "size_y": 128,
  "size_z": 49,
  "snr": 4.6296352022009595,
  "spacing_tr": 2.5,
  "spacing_x": 2.25,
  "spacing_y": 2.25,
  "spacing_z": 3.0,
  "summary_bg_k": 80.72530297938569,
  "summary_bg_mad": 1.0748865604400635,
  "summary_bg_mean": 57.93255615234375,
  "summary_bg_median": 0.7249999642372131,
  "summary_bg_n": 637107.0,
  "summary_bg_p05": 0.0,
  "summary_bg_p95": 278.2505004882805,
  "summary_bg_stdv": 224.6171417236328,
  "summary_fg_k": 0.902710427692138,
  "summary_fg_mad": 972.8871459960938,
  "summary_fg_mean": 5195.07373046875,
  "summary_fg_median": 5194.89453125,
  "summary_fg_n": 78766.0,
  "summary_fg_p05": 3252.9110717773438,
  "summary_fg_p95": 7045.0396728515625,
  "summary_fg_stdv": 1122.0887451171875,
  "tsnr": 76.39697265625
}