{
  "bids_meta": {
    "AcquisitionDuration": 393.114496,
    "Columns": 512,
    "EchoTime": 0.12856,
    "EchoTrainLength": 140,
    "EffectiveEchoSpacing": 0,
    "FieldOfView": [
      240.03,
      240.03,
      87.6
    ],
    "FlipAngle": 90,
    "GEImageTypeRIMPCode": 0,
    "ImageType": "ORIGINAL/PRIMARY/OTHER",
    "ImagingFrequency": 127.765168,
    "InplanePhaseEncodingDirection": "ROW",
    "InversionTime": 1.858,
    "MRAcquisitionType": "3D",
    "MagneticFieldStrength": 3,
    "Manufacturer": "GE MEDICAL SYSTEMS",
    "ManufacturersModelName": "DISCOVERY MR750",
    "NumberOfAverages": 1,
    "NumberOfEPIShots": 1,
    "NumberOfEchoes": 1,
    "NumberOfSlices": 146,
    "ParallelImagingReductionFactors": [
      0.5,
      0.5
    ],
    "PercentPhaseFieldOfView": 100,
    "PhaseEncodingDirection": "i",
    "PixelBandwidth": 122.07,
    "PixelSpacing": [
      0.4688,
      0.4688
    ],
    "ReceiveCoilName": "8HRBRAIN",
    "RepetitionTime": 6,
    "Rows": 512,
    "SATFatWaterBone": 0,
    "ScanOptions": [
      "EDR_GEMS",
      "FILTERED_GEMS",
      "ACC_GEMS"
    ],
    "ScanningSequence": [
      "SE",
      "IR"
    ],
    "SequenceVariant": "SK",
    "SeriesDate": "18730527",
    "SeriesDescription": "Sag CUBE T2 flair",
    "SeriesNumber": 11,
    "SeriesTime": "182320",
    "SliceThickness": 1.2,
    "SpacingBetweenSlices": 0.600002,
    "StudyTime": "170112",
    "modality": "T2w",
    "session_id": "1",
    "subject_id": "9076"
  },
  "cjv": 0.5744381711302227,
  "cnr": 1.9439600924097094,
  "efc": 0.6378481503985894,
  "fber": 465.1621398925781,
  "fwhm_avg": 4.665643800197059,
  "fwhm_x": 4.188249833573904,
  "fwhm_y": 5.146074994247415,
  "fwhm_z": 4.662606572769858,
  "icvs_csf": 0.44813033853232714,
  "icvs_gm": 0.42869887642078935,
  "icvs_wm": 0.1231707850468835,
  "inu_med": 1.0773708820343018,
  "inu_range": 0.561822235584259,
  "provenance": {
    "md5sum": "a586616c2677a909394ce3c8b9ae4e6f",
    "settings": {
      "testing": false
    },
    "software": "mriqc",
    "version": "0.9.6",
    "warnings": {
      "large_rot_frame": true,
      "small_air_mask": false
    }
  },
  "qi_1": 0.0,
  "qi_2": 0.0010977341274159304,
  "rpve_csf": 11.816954873606935,
  "rpve_gm": 11.645025394359095,
  "rpve_wm": 35.6866519622685,
  "size_x": 292,
  "size_y": 512,
  "size_z": 512,
  "snr_csf": 15.521413675850338,
  "snr_gm": 16.245941253901854,
  "snr_total": 11.45722418598755,
  "snr_wm": 2.6043176282104614,
  "snrd_csf": 65.74674642436803,
  "snrd_gm": 57.178370350927544,
  "snrd_total": 51.6978891475728,
  "snrd_wm": 32.168550667422835,
  "spacing_x": 0.6000000238418579,
  "spacing_y": 0.46880000829696655,
  "spacing_z": 0.46880000829696655,
  "summary_bg_k": 3.605434455395696,
  "summary_bg_mad": 20.350404739379883,
  "summary_bg_mean": 60.88408660888672,
  "summary_bg_median": 57.6707878112793,
  "summary_bg_n": 13959948.0,
  "summary_bg_p05": 29.738151836395268,
  "summary_bg_p95": 102.80480651855464,
  "summary_bg_stdv": 23.259124755859375,
  "summary_csf_k": 0.5419728830652422,
  "summary_csf_mad": 127.69871520996094,
  "summary_csf_mean": 2054.40283203125,
  "summary_csf_median": 2042.281494140625,
  "summary_csf_n": 1196022.0,
  "summary_csf_p05": 1860.3533447265625,
  "summary_csf_p95": 2288.02978515625,
  "summary_csf_stdv": 131.57826232910156,
  "summary_gm_k": -0.021424423253716185,
  "summary_gm_mad": 108.77200317382812,
  "summary_gm_mean": 1778.146240234375,
  "summary_gm_median": 1776.123291015625,
  "summary_gm_n": 654995.0,
  "summary_gm_p05": 1600.4534423828125,
  "summary_gm_p95": 1962.001086425781,
  "summary_gm_stdv": 109.32711791992188,
  "summary_wm_k": 4.396684216509731,
  "summary_wm_mad": 337.49542236328125,
  "summary_wm_mean": 944.0250244140625,
  "summary_wm_median": 999.2469482421875,
  "summary_wm_n": 102075.0,
  "summary_wm_p05": 274.0602630615234,
  "summary_wm_p95": 1414.8468383789063,
  "summary_wm_stdv": 383.68670654296875,
  "tpm_overlap_csf": 0.09619433432817459,
  "tpm_overlap_gm": 0.2950438857078552,
  "tpm_overlap_wm": 0.09296823292970657,
  "wm2max": 0.2571025557629353
}