{
  "bids_meta": {
    "AcquisitionDuration": 393.10048,
    "Columns": 512,
    "EchoTime": 0.12675,
    "EchoTrainLength": 140,
    "EffectiveEchoSpacing": 0,
    "FieldOfView": [
      240.03,
      240.03,
      87.6
    ],
    "FlipAngle": 90,
    "GEImageTypeRIMPCode": 0,
    "ImageType": "ORIGINAL/PRIMARY/OTHER",
    "ImagingFrequency": 127.765157,
    "InplanePhaseEncodingDirection": "ROW",
    "InversionTime": 1.862,
    "MRAcquisitionType": "3D",
    "MagneticFieldStrength": 3,
    "Manufacturer": "GE MEDICAL SYSTEMS",
    "ManufacturersModelName": "DISCOVERY MR750",
    "NumberOfAverages": 1,
    "NumberOfEPIShots": 1,
    "NumberOfEchoes": 1,
    "NumberOfSlices": 146,
    "ParallelImagingReductionFactors": [
      0.5,
      0.5
    ],
    "PercentPhaseFieldOfView": 100,
    "PhaseEncodingDirection": "i",
    "PixelBandwidth": 122.07,
    "PixelSpacing": [
      0.4688,
      0.4688
    ],
    "ReceiveCoilName": "8HRBRAIN",
    "RepetitionTime": 6,
    "Rows": 512,
    "SATFatWaterBone": 0,
    "ScanOptions": [
      "EDR_GEMS",
      "FILTERED_GEMS",
      "ACC_GEMS"
    ],
    "ScanningSequence": [
      "SE",
      "IR"
    ],
    "SequenceVariant": "SK",
    "SeriesDate": "18740419",
    "SeriesDescription": "Sag CUBE T2 flair",
    "SeriesNumber": 11,
    "SeriesTime": "191503",
    "SliceThickness": 1.2,
    "SpacingBetweenSlices": 0.600002,
    "StudyTime": "180134",
    "modality": "T2w",
    "session_id": "1",
    "subject_id": "9038"
  },
  "cjv": 0.8513009757268926,
  "cnr": 0.5478087135201616,
  "efc": 0.585466934040745,
  "fber": 245.71693420410156,
  "fwhm_avg": 4.572891678262747,
  "fwhm_x": 4.18151650050813,
  "fwhm_y": 4.926365100524986,
  "fwhm_z": 4.610793433755122,
  "icvs_csf": 0.411997121640718,
  "icvs_gm": 0.4337449084478249,
  "icvs_wm": 0.15425796991145713,
  "inu_med": 1.1982554197311401,
  "inu_range": 0.6115652471780777,
  "provenance": {
    "md5sum": "b8e54da23789c5dc6a7134b03d80b795",
    "settings": {
      "testing": false
    },
    "software": "mriqc",
    "version": "0.9.6",
    "warnings": {
      "large_rot_frame": true,
      "small_air_mask": false
    }
  },
  "qi_1": 0.0,
  "qi_2": 0.0007186041133112498,
  "rpve_csf": 18.41779541260293,
  "rpve_gm": 16.715222581843264,
  "rpve_wm": 44.306937635465516,
  "size_x": 292,
  "size_y": 512,
  "size_z": 512,
  "snr_csf": 15.636147739065338,
  "snr_gm": 15.395804463864788,
  "snr_total": 10.638662503179843,
  "snr_wm": 0.884035306609399,
  "snrd_csf": 49.69721048286963,
  "snrd_gm": 40.420279443781425,
  "snrd_total": 38.34272758949905,
  "snrd_wm": 24.91069284184609,
  "spacing_x": 0.6000000238418579,
  "spacing_y": 0.46880000829696655,
  "spacing_z": 0.46880000829696655,
  "summary_bg_k": 39.72910887811003,
  "summary_bg_mad": 26.293861389160156,
  "summary_bg_mean": 86.16893005371094,
  "summary_bg_median": 81.42484283447266,
  "summary_bg_n": 14930087.0,
  "summary_bg_p05": 44.94891090393067,
  "summary_bg_p95": 142.67802581787106,
  "summary_bg_stdv": 32.67376708984375,
  "summary_csf_k": 0.2551014925968662,
  "summary_csf_mad": 125.9944076538086,
  "summary_csf_mean": 2002.5302734375,
  "summary_csf_median": 1994.5947265625,
  "summary_csf_n": 582695.0,
  "summary_csf_p05": 1807.8359008789062,
  "summary_csf_p95": 2223.048315429687,
  "summary_csf_stdv": 127.56294250488281,
  "summary_gm_k": -0.04494476327756791,
  "summary_gm_mad": 106.03990173339844,
  "summary_gm_mean": 1624.6278076171875,
  "summary_gm_median": 1622.265625,
  "summary_gm_n": 377469.0,
  "summary_gm_p05": 1455.22861328125,
  "summary_gm_p95": 1801.9740478515623,
  "summary_gm_stdv": 105.37049102783203,
  "summary_wm_k": 0.6344927161619318,
  "summary_wm_mad": 423.8748474121094,
  "summary_wm_mean": 1477.3994140625,
  "summary_wm_median": 999.7892456054688,
  "summary_wm_n": 153159.0,
  "summary_wm_p05": 361.9458923339844,
  "summary_wm_p95": 3593.0758544921887,
  "summary_wm_stdv": 1130.9344482421875,
  "tpm_overlap_csf": 0.08277583867311478,
  "tpm_overlap_gm": 0.30978524684906006,
  "tpm_overlap_wm": 0.1076812744140625,
  "wm2max": 0.17258170806652023
}