{
  "aor": 0.008015260416666668,
  "aqi": 0.00611272625,
  "bids_meta": {
    "AcquisitionDuration": 525.000256,
    "CogAtlasID": "trm_4c8a834779883",
    "Columns": 128,
    "EchoTime": 0.03,
    "EchoTrainLength": 1,
    "EffectiveEchoSpacing": 0.000464,
    "FieldOfView": [
      288,
      288,
      147
    ],
    "FlipAngle": 75,
    "GEImageTypeRIMPCode": 0,
    "ImageType": "ORIGINAL/PRIMARY/EPI/NONE",
    "ImagingFrequency": 127.765116,
    "InplanePhaseEncodingDirection": "COL",
    "InversionTime": 0,
    "MRAcquisitionType": "2D",
    "MagneticFieldStrength": 3,
    "Manufacturer": "GE MEDICAL SYSTEMS",
    "ManufacturersModelName": "DISCOVERY MR750",
    "NumberOfAverages": 1,
    "NumberOfEPIShots": 1,
    "NumberOfEchoes": 1,
    "NumberOfSlices": 49,
    "ParallelImagingReductionFactors": [
      0.5,
      1
    ],
    "PercentPhaseFieldOfView": 100,
    "PhaseEncodingDirection": "j",
    "PixelBandwidth": 3906.25,
    "PixelSpacing": [
      2.25,
      2.25
    ],
    "ReceiveCoilName": "8HRBRAIN",
    "RepetitionTime": 2.5,
    "Rows": 128,
    "SATFatWaterBone": 0,
    "ScanOptions": [
      "EPI_GEMS",
      "FILTERED_GEMS",
      "ACC_GEMS"
    ],
    "ScanningSequence": [
      "EP",
      "GR"
    ],
    "SequenceVariant": "SS",
    "SeriesDate": "18740414",
    "SeriesDescription": "RSN_BWRT_200vol_3mm",
    "SeriesNumber": 4,
    "SeriesTime": "195853",
    "SliceThickness": 3,
    "SliceTiming": [
      0,
      1.27551,
      0.05102,
      1.32653,
      0.10204,
      1.37755,
      0.15306,
      1.42857,
      0.20408,
      1.47959,
      0.2551,
      1.53061,
      0.30612,
      1.58163,
      0.35714,
      1.63265,
      0.40816,
      1.68367,
      0.45918,
      1.73469,
      0.5102,
      1.78571,
      0.56122,
      1.83673,
      0.61224,
      1.88776,
      0.66327,
      1.93878,
      0.71429,
      1.9898,
      0.76531,
      2.04082,
      0.81633,
      2.09184,
      0.86735,
      2.14286,
      0.91837,
      2.19388,
      0.96939,
      2.2449,
      1.02041,
      2.29592,
      1.07143,
      2.34694,
      1.12245,
      2.39796,
      1.17347,
      2.44898,
      1.22449
    ],
    "SliceTimingComputationMethod": "SliceNumber*RepetitionTime/NumberOfSlices (interleaved ascending, odd first)",
    "SpacingBetweenSlices": 3,
    "StudyTime": "195112",
    "TaskDescription": "Functional connectivity in the resting state was assessed during two eight-minute runs.",
    "TaskInstructions": "Participants were instructed to keep their eyes open and look at a white fixation cross presented against a gray background.",
    "TaskName": "Resting State",
    "dummyScans": 10,
    "modality": "bold",
    "session_id": "1",
    "subject_id": "9028",
    "task_id": "rest"
  },
  "dummy_trs": 0,
  "dvars_nstd": 16.75717108157068,
  "dvars_std": 1.0895052765445024,
  "dvars_vstd": 1.0329618536125655,
  "efc": 0.33447196219223196,
  "fber": 12250226.0,
  "fd_mean": 0.10661376637816847,
  "fd_num": 13,
  "fd_perc": 6.770833333333333,
  "fwhm_avg": 3.345690740740741,
  "fwhm_x": 3.454728888888889,
  "fwhm_y": 3.83604,
  "fwhm_z": 2.7463033333333335,
  "gcor": 0.0543681,
  "gsr_x": -0.019424837082624435,
  "gsr_y": 0.005435044877231121,
  "provenance": {
    "md5sum": "ec22c134255be6168434c2fe141a73b6",
    "settings": {
      "fd_thres": 0.2,
      "hmc_fsl": false
    },
    "software": "mriqc",
    "version": "0.9.6"
  },
  "size_t": 192,
  "size_x": 128,
  "size_y": 128,
  "size_z": 49,
  "snr": 4.445195425493103,
  "spacing_tr": 2.5,
  "spacing_x": 2.25,
  "spacing_y": 2.25,
  "spacing_z": 3.0,
  "summary_bg_k": 80.82091051940476,
  "summary_bg_mad": 2.239347219467163,
  "summary_bg_mean": 85.88819122314453,
  "summary_bg_median": 1.5104167461395264,
  "summary_bg_n": 628871.0,
  "summary_bg_p05": 0.0,
  "summary_bg_p95": 458.2421875,
  "summary_bg_stdv": 290.6506042480469,
  "summary_fg_k": 1.292647091311773,
  "summary_fg_mad": 953.4985961914062,
  "summary_fg_mean": 4958.14892578125,
  "summary_fg_median": 5023.0263671875,
  "summary_fg_n": 87233.0,
  "summary_fg_p05": 2896.645947265625,
  "summary_fg_p95": 6684.33447265625,
  "summary_fg_stdv": 1129.9835205078125,
  "tsnr": 57.66535186767578
}