{
  "aor": 0.0036557,
  "aqi": 0.0032304929,
  "bids_meta": {
    "AcquisitionDuration": 525.000256,
    "CogAtlasID": "trm_4c8a834779883",
    "Columns": 128,
    "EchoTime": 0.03,
    "EchoTrainLength": 1,
    "EffectiveEchoSpacing": 0.000464,
    "FieldOfView": [
      288,
      288,
      147
    ],
    "FlipAngle": 75,
    "GEImageTypeRIMPCode": 0,
    "ImageType": "ORIGINAL/PRIMARY/EPI/NONE",
    "ImagingFrequency": 127.765185,
    "InplanePhaseEncodingDirection": "COL",
    "InversionTime": 0,
    "MRAcquisitionType": "2D",
    "MagneticFieldStrength": 3,
    "Manufacturer": "GE MEDICAL SYSTEMS",
    "ManufacturersModelName": "DISCOVERY MR750",
    "NumberOfAverages": 1,
    "NumberOfEPIShots": 1,
    "NumberOfEchoes": 1,
    "NumberOfSlices": 49,
    "ParallelImagingReductionFactors": [
      0.5,
      1
    ],
    "PercentPhaseFieldOfView": 100,
    "PhaseEncodingDirection": "j",
    "PixelBandwidth": 3906.25,
    "PixelSpacing": [
      2.25,
      2.25
    ],
    "ReceiveCoilName": "8HRBRAIN",
    "RepetitionTime": 2.5,
    "Rows": 128,
    "SATFatWaterBone": 0,
    "ScanOptions": [
      "EPI_GEMS",
      "FILTERED_GEMS",
      "ACC_GEMS"
    ],
    "ScanningSequence": [
      "EP",
      "GR"
    ],
    "SequenceVariant": "SS",
    "SeriesDate": "18731118",
    "SeriesDescription": "RSN_BWRT_200vol_3mm",
    "SeriesNumber": 9,
    "SeriesTime": "214452",
    "SliceThickness": 3,
    "SliceTiming": [
      0,
      1.27551,
      0.05102,
      1.32653,
      0.10204,
      1.37755,
      0.15306,
      1.42857,
      0.20408,
      1.47959,
      0.2551,
      1.53061,
      0.30612,
      1.58163,
      0.35714,
      1.63265,
      0.40816,
      1.68367,
      0.45918,
      1.73469,
      0.5102,
      1.78571,
      0.56122,
      1.83673,
      0.61224,
      1.88776,
      0.66327,
      1.93878,
      0.71429,
      1.9898,
      0.76531,
      2.04082,
      0.81633,
      2.09184,
      0.86735,
      2.14286,
      0.91837,
      2.19388,
      0.96939,
      2.2449,
      1.02041,
      2.29592,
      1.07143,
      2.34694,
      1.12245,
      2.39796,
      1.17347,
      2.44898,
      1.22449
    ],
    "SliceTimingComputationMethod": "SliceNumber*RepetitionTime/NumberOfSlices (interleaved ascending, odd first)",
    "SpacingBetweenSlices": 3,
    "StudyTime": "203409",
    "TaskDescription": "Functional connectivity in the resting state was assessed during two eight-minute runs. Participants were asked to rate their sleepiness using the Karolinska Sleepiness Scale every 2 minutes",
    "TaskInstructions": "Participants were instructed to keep their eyes open and look at a white fixation cross presented against a gray background.",
    "TaskName": "Sleepiness",
    "dummyScans": 10,
    "modality": "bold",
    "session_id": "1",
    "subject_id": "9059",
    "task_id": "sleepiness"
  },
  "dummy_trs": 0,
  "dvars_nstd": 14.099221099949757,
  "dvars_std": 1.0786754667336682,
  "dvars_vstd": 0.9962915758793968,
  "efc": 0.30368626532988474,
  "fber": 177891488.0,
  "fd_mean": 0.0685226579285794,
  "fd_num": 11,
  "fd_perc": 5.5,
  "fwhm_avg": 3.374136666666667,
  "fwhm_x": 3.4751244444444445,
  "fwhm_y": 3.9299555555555554,
  "fwhm_z": 2.71733,
  "gcor": 0.0312696,
  "gsr_x": -0.01588570512831211,
  "gsr_y": 0.0008705775253474712,
  "provenance": {
    "md5sum": "d439345bc79d5f1bf6deb21396108394",
    "settings": {
      "fd_thres": 0.2,
      "hmc_fsl": false
    },
    "software": "mriqc",
    "version": "0.9.6"
  },
  "size_t": 200,
  "size_x": 128,
  "size_y": 128,
  "size_z": 49,
  "snr": 4.5724105865968445,
  "spacing_tr": 2.5,
  "spacing_x": 2.25,
  "spacing_y": 2.25,
  "spacing_z": 3.0,
  "summary_bg_k": 65.7672528492246,
  "summary_bg_mad": 0.6523450016975403,
  "summary_bg_mean": 67.32192993164062,
  "summary_bg_median": 0.4399999976158142,
  "summary_bg_n": 642061.0,
  "summary_bg_p05": 0.0,
  "summary_bg_p95": 342.72998046875,
  "summary_bg_stdv": 248.31568908691406,
  "summary_fg_k": 1.5571322777870762,
  "summary_fg_mad": 1022.150390625,
  "summary_fg_mean": 5356.73779296875,
  "summary_fg_median": 5429.58984375,
  "summary_fg_n": 75610.0,
  "summary_fg_p05": 3159.232861328125,
  "summary_fg_p95": 7090.095019531251,
  "summary_fg_stdv": 1187.4598388671875,
  "tsnr": 81.26629638671875
}