{
  "aor": 0.003148716577540107,
  "aqi": 0.0117689228342246,
  "bids_meta": {
    "AcquisitionDuration": 723.000256,
    "Columns": 128,
    "EchoTime": 0.034,
    "EchoTrainLength": 1,
    "EffectiveEchoSpacing": 0.00056,
    "FieldOfView": [
      220.01,
      220.01,
      110.4
    ],
    "FlipAngle": 80,
    "GEImageTypeRIMPCode": 0,
    "ImageType": "ORIGINAL/PRIMARY/EPI/NONE",
    "ImagingFrequency": 127.765143,
    "InplanePhaseEncodingDirection": "COL",
    "InversionTime": 0,
    "MRAcquisitionType": "2D",
    "MagneticFieldStrength": 3,
    "Manufacturer": "GE MEDICAL SYSTEMS",
    "ManufacturersModelName": "DISCOVERY MR750",
    "NumberOfAverages": 1,
    "NumberOfEPIShots": 1,
    "NumberOfEchoes": 1,
    "NumberOfSlices": 46,
    "ParallelImagingReductionFactors": [
      0.5,
      1
    ],
    "PercentPhaseFieldOfView": 100,
    "PhaseEncodingDirection": "j",
    "PixelBandwidth": 3906.25,
    "PixelSpacing": [
      1.7188,
      1.7188
    ],
    "ReceiveCoilName": "8HRBRAIN",
    "RepetitionTime": 3,
    "Rows": 128,
    "SATFatWaterBone": 1,
    "ScanOptions": [
      "SAT_GEMS",
      "EPI_GEMS",
      "ACC_GEMS",
      "FS"
    ],
    "ScanningSequence": [
      "EP",
      "GR"
    ],
    "SequenceVariant": "SS",
    "SeriesDate": "18740507",
    "SeriesDescription": "fMRI-hands",
    "SeriesNumber": 7,
    "SeriesTime": "200559",
    "SliceThickness": 2.3,
    "SliceTiming": [
      0,
      1.5,
      0.06522,
      1.56522,
      0.13043,
      1.63043,
      0.19565,
      1.69565,
      0.26087,
      1.76087,
      0.32609,
      1.82609,
      0.3913,
      1.8913,
      0.45652,
      1.95652,
      0.52174,
      2.02174,
      0.58696,
      2.08696,
      0.65217,
      2.15217,
      0.71739,
      2.21739,
      0.78261,
      2.28261,
      0.84783,
      2.34783,
      0.91304,
      2.41304,
      0.97826,
      2.47826,
      1.04348,
      2.54348,
      1.1087,
      2.6087,
      1.17391,
      2.67391,
      1.23913,
      2.73913,
      1.30435,
      2.80435,
      1.36957,
      2.86957,
      1.43478,
      2.93478
    ],
    "SliceTimingComputationMethod": "SliceNumber*RepetitionTime/NumberOfSlices (interleaved ascending, odd first)",
    "SpacingBetweenSlices": 2.4,
    "StudyTime": "193744",
    "TaskDescription": "In an event-related design, participants were shown pictures of hands being stung by needles or poked with Q-tips. The stimulus set was kindly shared by Claus Lamm, and has been shown to be effective in previous work by him. After each picture, participants were asked to rate their perceived unpleasantness on a visual analog scale of 0-100.",
    "TaskInstructions": "",
    "TaskName": "Hands",
    "dummyScans": 5,
    "modality": "bold",
    "session_id": "2",
    "subject_id": "9089",
    "task_id": "hands"
  },
  "dummy_trs": 0,
  "dvars_nstd": 44.942460459838706,
  "dvars_std": 1.1219807923655913,
  "dvars_vstd": 1.0365466093548392,
  "efc": 0.5228722384940278,
  "fber": 3602.793212890625,
  "fd_mean": 0.19135670244006095,
  "fd_num": 42,
  "fd_perc": 22.459893048128343,
  "fwhm_avg": 2.960341787688987,
  "fwhm_x": 3.003898158088806,
  "fwhm_y": 3.4325751548274734,
  "fwhm_z": 2.4445520501506808,
  "gcor": 0.00995023,
  "gsr_x": -0.00500154122710228,
  "gsr_y": 0.0329468697309494,
  "provenance": {
    "md5sum": "22e5d6d55113309db505fc6fbe7d2d63",
    "settings": {
      "fd_thres": 0.2,
      "hmc_fsl": false
    },
    "software": "mriqc",
    "version": "0.9.6"
  },
  "size_t": 187,
  "size_x": 128,
  "size_y": 128,
  "size_z": 46,
  "snr": 3.253855570007607,
  "spacing_tr": 3.0,
  "spacing_x": 1.7187999486923218,
  "spacing_y": 1.7187999486923218,
  "spacing_z": 2.399993896484375,
  "summary_bg_k": 135.66873870600455,
  "summary_bg_mad": 83.28340148925781,
  "summary_bg_mean": 146.65284729003906,
  "summary_bg_median": 57.21925354003906,
  "summary_bg_n": 454878.0,
  "summary_bg_p05": 0.12834224104881287,
  "summary_bg_p95": 565.1879913330076,
  "summary_bg_stdv": 339.7010192871094,
  "summary_fg_k": 2.1829606942370203,
  "summary_fg_mad": 802.0878295898438,
  "summary_fg_mean": 3646.165771484375,
  "summary_fg_median": 3520.51611328125,
  "summary_fg_n": 199418.0,
  "summary_fg_p05": 2079.6537231445313,
  "summary_fg_p95": 5642.88876953125,
  "summary_fg_stdv": 1081.949462890625,
  "tsnr": 33.87010192871094
}