{
  "aor": 0.00272725,
  "aqi": 0.00892751745,
  "bids_meta": {
    "AcquisitionDuration": 525.000256,
    "CogAtlasID": "trm_4c8a834779883",
    "Columns": 128,
    "EchoTime": 0.03,
    "EchoTrainLength": 1,
    "EffectiveEchoSpacing": 0.000464,
    "FieldOfView": [
      288,
      288,
      147
    ],
    "FlipAngle": 75,
    "GEImageTypeRIMPCode": 0,
    "ImageType": "ORIGINAL/PRIMARY/EPI/NONE",
    "ImagingFrequency": 127.765093,
    "InplanePhaseEncodingDirection": "COL",
    "InversionTime": 0,
    "MRAcquisitionType": "2D",
    "MagneticFieldStrength": 3,
    "Manufacturer": "GE MEDICAL SYSTEMS",
    "ManufacturersModelName": "DISCOVERY MR750",
    "NumberOfAverages": 1,
    "NumberOfEPIShots": 1,
    "NumberOfEchoes": 1,
    "NumberOfSlices": 49,
    "ParallelImagingReductionFactors": [
      0.5,
      1
    ],
    "PercentPhaseFieldOfView": 100,
    "PhaseEncodingDirection": "j",
    "PixelBandwidth": 3906.25,
    "PixelSpacing": [
      2.25,
      2.25
    ],
    "ReceiveCoilName": "8HRBRAIN",
    "RepetitionTime": 2.5,
    "Rows": 128,
    "SATFatWaterBone": 0,
    "ScanOptions": [
      "EPI_GEMS",
      "FILTERED_GEMS",
      "ACC_GEMS"
    ],
    "ScanningSequence": [
      "EP",
      "GR"
    ],
    "SequenceVariant": "SS",
    "SeriesDate": "18740318",
    "SeriesDescription": "RSN_BWRT_200vol_3mm",
    "SeriesNumber": 10,
    "SeriesTime": "201134",
    "SliceThickness": 3,
    "SliceTiming": [
      0,
      1.27551,
      0.05102,
      1.32653,
      0.10204,
      1.37755,
      0.15306,
      1.42857,
      0.20408,
      1.47959,
      0.2551,
      1.53061,
      0.30612,
      1.58163,
      0.35714,
      1.63265,
      0.40816,
      1.68367,
      0.45918,
      1.73469,
      0.5102,
      1.78571,
      0.56122,
      1.83673,
      0.61224,
      1.88776,
      0.66327,
      1.93878,
      0.71429,
      1.9898,
      0.76531,
      2.04082,
      0.81633,
      2.09184,
      0.86735,
      2.14286,
      0.91837,
      2.19388,
      0.96939,
      2.2449,
      1.02041,
      2.29592,
      1.07143,
      2.34694,
      1.12245,
      2.39796,
      1.17347,
      2.44898,
      1.22449
    ],
    "SliceTimingComputationMethod": "SliceNumber*RepetitionTime/NumberOfSlices (interleaved ascending, odd first)",
    "SpacingBetweenSlices": 3,
    "StudyTime": "190007",
    "TaskDescription": "Functional connectivity in the resting state was assessed during two eight-minute runs. Participants were asked to rate their sleepiness using the Karolinska Sleepiness Scale every 2 minutes",
    "TaskInstructions": "Participants were instructed to keep their eyes open and look at a white fixation cross presented against a gray background.",
    "TaskName": "Sleepiness",
    "dummyScans": 10,
    "modality": "bold",
    "session_id": "1",
    "subject_id": "9094",
    "task_id": "sleepiness"
  },
  "dummy_trs": 0,
  "dvars_nstd": 20.244120003668336,
  "dvars_std": 1.07758721638191,
  "dvars_vstd": 0.9396047942713565,
  "efc": 0.2753631163830049,
  "fber": 70272496.0,
  "fd_mean": 0.18097514650295426,
  "fd_num": 46,
  "fd_perc": 23.0,
  "fwhm_avg": 3.3847448148148147,
  "fwhm_x": 3.3313911111111114,
  "fwhm_y": 3.8838533333333336,
  "fwhm_z": 2.93899,
  "gcor": 0.0197747,
  "gsr_x": -0.014767044223845005,
  "gsr_y": -0.004559693858027458,
  "provenance": {
    "md5sum": "305dcc3ff5c8a93c3ac6bbbf6b31be9a",
    "settings": {
      "fd_thres": 0.2,
      "hmc_fsl": false
    },
    "software": "mriqc",
    "version": "0.9.6"
  },
  "size_t": 200,
  "size_x": 128,
  "size_y": 128,
  "size_z": 49,
  "snr": 4.875238292649322,
  "spacing_tr": 2.5,
  "spacing_x": 2.25,
  "spacing_y": 2.25,
  "spacing_z": 3.0,
  "summary_bg_k": 108.27632873827511,
  "summary_bg_mad": 0.9859304428100586,
  "summary_bg_mean": 60.5569953918457,
  "summary_bg_median": 0.6649999618530273,
  "summary_bg_n": 663683.0,
  "summary_bg_p05": 0.0,
  "summary_bg_p95": 294.658502197266,
  "summary_bg_stdv": 224.78970336914062,
  "summary_fg_k": 1.8674696658139842,
  "summary_fg_mad": 799.0078125,
  "summary_fg_mean": 4939.27734375,
  "summary_fg_median": 4994.572265625,
  "summary_fg_n": 59750.0,
  "summary_fg_p05": 2981.9441528320312,
  "summary_fg_p95": 6430.400390625,
  "summary_fg_stdv": 1024.468994140625,
  "tsnr": 59.24201202392578
}