{
  "aor": 0.00806175824175824,
  "aqi": 0.011941056703296702,
  "bids_meta": {
    "AcquisitionDuration": 723.000256,
    "Columns": 128,
    "EchoTime": 0.034,
    "EchoTrainLength": 1,
    "EffectiveEchoSpacing": 0.00056,
    "FieldOfView": [
      220.01,
      220.01,
      110.4
    ],
    "FlipAngle": 80,
    "GEImageTypeRIMPCode": 0,
    "ImageType": "ORIGINAL/PRIMARY/EPI/NONE",
    "ImagingFrequency": 127.76517,
    "InplanePhaseEncodingDirection": "COL",
    "InversionTime": 0,
    "MRAcquisitionType": "2D",
    "MagneticFieldStrength": 3,
    "Manufacturer": "GE MEDICAL SYSTEMS",
    "ManufacturersModelName": "DISCOVERY MR750",
    "NumberOfAverages": 1,
    "NumberOfEPIShots": 1,
    "NumberOfEchoes": 1,
    "NumberOfSlices": 46,
    "ParallelImagingReductionFactors": [
      0.5,
      1
    ],
    "PercentPhaseFieldOfView": 100,
    "PhaseEncodingDirection": "j",
    "PixelBandwidth": 3906.25,
    "PixelSpacing": [
      1.7188,
      1.7188
    ],
    "ReceiveCoilName": "8HRBRAIN",
    "RepetitionTime": 3,
    "Rows": 128,
    "SATFatWaterBone": 1,
    "ScanOptions": [
      "SAT_GEMS",
      "EPI_GEMS",
      "ACC_GEMS",
      "FS"
    ],
    "ScanningSequence": [
      "EP",
      "GR"
    ],
    "SequenceVariant": "SS",
    "SeriesDate": "18740219",
    "SeriesDescription": "fMRI-hands",
    "SeriesNumber": 7,
    "SeriesTime": "205849",
    "SliceThickness": 2.3,
    "SliceTiming": [
      0,
      1.5,
      0.06522,
      1.56522,
      0.13043,
      1.63043,
      0.19565,
      1.69565,
      0.26087,
      1.76087,
      0.32609,
      1.82609,
      0.3913,
      1.8913,
      0.45652,
      1.95652,
      0.52174,
      2.02174,
      0.58696,
      2.08696,
      0.65217,
      2.15217,
      0.71739,
      2.21739,
      0.78261,
      2.28261,
      0.84783,
      2.34783,
      0.91304,
      2.41304,
      0.97826,
      2.47826,
      1.04348,
      2.54348,
      1.1087,
      2.6087,
      1.17391,
      2.67391,
      1.23913,
      2.73913,
      1.30435,
      2.80435,
      1.36957,
      2.86957,
      1.43478,
      2.93478
    ],
    "SliceTimingComputationMethod": "SliceNumber*RepetitionTime/NumberOfSlices (interleaved ascending, odd first)",
    "SpacingBetweenSlices": 2.4,
    "StudyTime": "203022",
    "TaskDescription": "In an event-related design, participants were shown pictures of hands being stung by needles or poked with Q-tips. The stimulus set was kindly shared by Claus Lamm, and has been shown to be effective in previous work by him. After each picture, participants were asked to rate their perceived unpleasantness on a visual analog scale of 0-100.",
    "TaskInstructions": "",
    "TaskName": "Hands",
    "dummyScans": 5,
    "modality": "bold",
    "session_id": "2",
    "subject_id": "9081",
    "task_id": "hands"
  },
  "dummy_trs": 0,
  "dvars_nstd": 41.07893554928176,
  "dvars_std": 1.0796600711602213,
  "dvars_vstd": 1.064204074033149,
  "efc": 0.5181410259561642,
  "fber": 3152.3662109375,
  "fd_mean": 0.21958833738708533,
  "fd_num": 30,
  "fd_perc": 16.483516483516482,
  "fwhm_avg": 3.0833878080072448,
  "fwhm_x": 3.1839831064479753,
  "fwhm_y": 3.5214569354653125,
  "fwhm_z": 2.544723382108445,
  "gcor": 0.0234537,
  "gsr_x": 0.01952601596713066,
  "gsr_y": 0.018965693190693855,
  "provenance": {
    "md5sum": "61e841487ef337f5f12b9d7c1cd64554",
    "settings": {
      "fd_thres": 0.2,
      "hmc_fsl": false
    },
    "software": "mriqc",
    "version": "0.9.6"
  },
  "size_t": 182,
  "size_x": 128,
  "size_y": 128,
  "size_z": 46,
  "snr": 3.3818551547531372,
  "spacing_tr": 3.0,
  "spacing_x": 1.7187999486923218,
  "spacing_y": 1.7187999486923218,
  "spacing_z": 2.4000015258789062,
  "summary_bg_k": 59.90033627428171,
  "summary_bg_mad": 81.10323333740234,
  "summary_bg_mean": 175.6349334716797,
  "summary_bg_median": 58.505496978759766,
  "summary_bg_n": 470846.0,
  "summary_bg_p05": 0.09340659528970718,
  "summary_bg_p95": 873.6154174804688,
  "summary_bg_stdv": 396.8571472167969,
  "summary_fg_k": 1.0657691920413352,
  "summary_fg_mad": 889.0645751953125,
  "summary_fg_mean": 3399.02685546875,
  "summary_fg_median": 3347.66748046875,
  "summary_fg_n": 185484.0,
  "summary_fg_p05": 1864.3459167480469,
  "summary_fg_p95": 5113.037353515625,
  "summary_fg_stdv": 989.88818359375,
  "tsnr": 32.33297348022461
}