{
  "aor": 0.0016894897959183672,
  "aqi": 0.004168468367346938,
  "bids_meta": {
    "AcquisitionDuration": 525.000256,
    "CogAtlasID": "trm_4c8a834779883",
    "Columns": 128,
    "EchoTime": 0.03,
    "EchoTrainLength": 1,
    "EffectiveEchoSpacing": 0.000464,
    "FieldOfView": [
      288,
      288,
      147
    ],
    "FlipAngle": 75,
    "GEImageTypeRIMPCode": 0,
    "ImageType": "ORIGINAL/PRIMARY/EPI/NONE",
    "ImagingFrequency": 127.765216,
    "InplanePhaseEncodingDirection": "COL",
    "InversionTime": 0,
    "MRAcquisitionType": "2D",
    "MagneticFieldStrength": 3,
    "Manufacturer": "GE MEDICAL SYSTEMS",
    "ManufacturersModelName": "DISCOVERY MR750",
    "NumberOfAverages": 1,
    "NumberOfEPIShots": 1,
    "NumberOfEchoes": 1,
    "NumberOfSlices": 49,
    "ParallelImagingReductionFactors": [
      0.5,
      1
    ],
    "PercentPhaseFieldOfView": 100,
    "PhaseEncodingDirection": "j",
    "PixelBandwidth": 3906.25,
    "PixelSpacing": [
      2.25,
      2.25
    ],
    "ReceiveCoilName": "8HRBRAIN",
    "RepetitionTime": 2.5,
    "Rows": 128,
    "SATFatWaterBone": 0,
    "ScanOptions": [
      "EPI_GEMS",
      "FILTERED_GEMS",
      "ACC_GEMS"
    ],
    "ScanningSequence": [
      "EP",
      "GR"
    ],
    "SequenceVariant": "SS",
    "SeriesDate": "18731130",
    "SeriesDescription": "RSN_BWRT_200vol_3mm",
    "SeriesNumber": 9,
    "SeriesTime": "191244",
    "SliceThickness": 3,
    "SliceTiming": [
      0,
      1.27551,
      0.05102,
      1.32653,
      0.10204,
      1.37755,
      0.15306,
      1.42857,
      0.20408,
      1.47959,
      0.2551,
      1.53061,
      0.30612,
      1.58163,
      0.35714,
      1.63265,
      0.40816,
      1.68367,
      0.45918,
      1.73469,
      0.5102,
      1.78571,
      0.56122,
      1.83673,
      0.61224,
      1.88776,
      0.66327,
      1.93878,
      0.71429,
      1.9898,
      0.76531,
      2.04082,
      0.81633,
      2.09184,
      0.86735,
      2.14286,
      0.91837,
      2.19388,
      0.96939,
      2.2449,
      1.02041,
      2.29592,
      1.07143,
      2.34694,
      1.12245,
      2.39796,
      1.17347,
      2.44898,
      1.22449
    ],
    "SliceTimingComputationMethod": "SliceNumber*RepetitionTime/NumberOfSlices (interleaved ascending, odd first)",
    "SpacingBetweenSlices": 3,
    "StudyTime": "180537",
    "TaskDescription": "Functional connectivity in the resting state was assessed during two eight-minute runs. Participants were asked to rate their sleepiness using the Karolinska Sleepiness Scale every 2 minutes",
    "TaskInstructions": "Participants were instructed to keep their eyes open and look at a white fixation cross presented against a gray background.",
    "TaskName": "Sleepiness",
    "dummyScans": 10,
    "modality": "bold",
    "session_id": "1",
    "subject_id": "9100",
    "task_id": "sleepiness"
  },
  "dummy_trs": 0,
  "dvars_nstd": 20.234933638153848,
  "dvars_std": 1.1125825404615381,
  "dvars_vstd": 0.9908471576410263,
  "efc": 0.35280090309199746,
  "fber": 34136220.0,
  "fd_mean": 0.08073727251881956,
  "fd_num": 6,
  "fd_perc": 3.061224489795918,
  "fwhm_avg": 3.43378925925926,
  "fwhm_x": 3.519368888888889,
  "fwhm_y": 3.9203155555555558,
  "fwhm_z": 2.8616833333333336,
  "gcor": 0.0210544,
  "gsr_x": -0.01970941387116909,
  "gsr_y": 0.0047057271003723145,
  "provenance": {
    "md5sum": "67071615cc9e1041d0700547dd676ced",
    "settings": {
      "fd_thres": 0.2,
      "hmc_fsl": false
    },
    "software": "mriqc",
    "version": "0.9.6"
  },
  "size_t": 196,
  "size_x": 128,
  "size_y": 128,
  "size_z": 49,
  "snr": 4.0168808218996075,
  "spacing_tr": 2.5,
  "spacing_x": 2.25,
  "spacing_y": 2.25,
  "spacing_z": 3.0,
  "summary_bg_k": 41.99626678339453,
  "summary_bg_mad": 1.346444845199585,
  "summary_bg_mean": 99.6608657836914,
  "summary_bg_median": 0.9081632494926453,
  "summary_bg_n": 614330.0,
  "summary_bg_p05": 0.0,
  "summary_bg_p95": 576.1612335205036,
  "summary_bg_stdv": 355.6185607910156,
  "summary_fg_k": 0.753207329456667,
  "summary_fg_mad": 1082.8360595703125,
  "summary_fg_mean": 4914.3212890625,
  "summary_fg_median": 4904.474609375,
  "summary_fg_n": 98331.0,
  "summary_fg_p05": 2807.1224365234375,
  "summary_fg_p95": 6921.186279296875,
  "summary_fg_stdv": 1220.959716796875,
  "tsnr": 65.04580688476562
}