{
  "aor": 0.007497500000000001,
  "aqi": 0.007186133,
  "bids_meta": {
    "AcquisitionDuration": 525.000256,
    "CogAtlasID": "trm_4c8a834779883",
    "Columns": 128,
    "EchoTime": 0.03,
    "EchoTrainLength": 1,
    "EffectiveEchoSpacing": 0.000464,
    "FieldOfView": [
      288,
      288,
      147
    ],
    "FlipAngle": 75,
    "GEImageTypeRIMPCode": 0,
    "ImageType": "ORIGINAL/PRIMARY/EPI/NONE",
    "ImagingFrequency": 127.765139,
    "InplanePhaseEncodingDirection": "COL",
    "InversionTime": 0,
    "MRAcquisitionType": "2D",
    "MagneticFieldStrength": 3,
    "Manufacturer": "GE MEDICAL SYSTEMS",
    "ManufacturersModelName": "DISCOVERY MR750",
    "NumberOfAverages": 1,
    "NumberOfEPIShots": 1,
    "NumberOfEchoes": 1,
    "NumberOfSlices": 49,
    "ParallelImagingReductionFactors": [
      0.5,
      1
    ],
    "PercentPhaseFieldOfView": 100,
    "PhaseEncodingDirection": "j",
    "PixelBandwidth": 3906.25,
    "PixelSpacing": [
      2.25,
      2.25
    ],
    "ReceiveCoilName": "8HRBRAIN",
    "RepetitionTime": 2.5,
    "Rows": 128,
    "SATFatWaterBone": 0,
    "ScanOptions": [
      "EPI_GEMS",
      "FILTERED_GEMS",
      "ACC_GEMS"
    ],
    "ScanningSequence": [
      "EP",
      "GR"
    ],
    "SequenceVariant": "SS",
    "SeriesDate": "18740618",
    "SeriesDescription": "RSN_BWRT_200vol_3mm",
    "SeriesNumber": 10,
    "SeriesTime": "192538",
    "SliceThickness": 3,
    "SliceTiming": [
      0,
      1.27551,
      0.05102,
      1.32653,
      0.10204,
      1.37755,
      0.15306,
      1.42857,
      0.20408,
      1.47959,
      0.2551,
      1.53061,
      0.30612,
      1.58163,
      0.35714,
      1.63265,
      0.40816,
      1.68367,
      0.45918,
      1.73469,
      0.5102,
      1.78571,
      0.56122,
      1.83673,
      0.61224,
      1.88776,
      0.66327,
      1.93878,
      0.71429,
      1.9898,
      0.76531,
      2.04082,
      0.81633,
      2.09184,
      0.86735,
      2.14286,
      0.91837,
      2.19388,
      0.96939,
      2.2449,
      1.02041,
      2.29592,
      1.07143,
      2.34694,
      1.12245,
      2.39796,
      1.17347,
      2.44898,
      1.22449
    ],
    "SliceTimingComputationMethod": "SliceNumber*RepetitionTime/NumberOfSlices (interleaved ascending, odd first)",
    "SpacingBetweenSlices": 3,
    "StudyTime": "182033",
    "TaskDescription": "Functional connectivity in the resting state was assessed during two eight-minute runs. Participants were asked to rate their sleepiness using the Karolinska Sleepiness Scale every 2 minutes",
    "TaskInstructions": "Participants were instructed to keep their eyes open and look at a white fixation cross presented against a gray background.",
    "TaskName": "Sleepiness",
    "dummyScans": 10,
    "modality": "bold",
    "session_id": "1",
    "subject_id": "9069",
    "task_id": "sleepiness"
  },
  "dummy_trs": 0,
  "dvars_nstd": 25.52987112090452,
  "dvars_std": 1.1767793659798995,
  "dvars_vstd": 0.9953908625125624,
  "efc": 0.30384118415230904,
  "fber": 74705536.0,
  "fd_mean": 0.17665030727061662,
  "fd_num": 59,
  "fd_perc": 29.5,
  "fwhm_avg": 3.333076296296296,
  "fwhm_x": 3.3943511111111113,
  "fwhm_y": 3.833671111111111,
  "fwhm_z": 2.7712066666666666,
  "gcor": 0.0350053,
  "gsr_x": -0.014276874251663685,
  "gsr_y": -0.0007275979151017964,
  "provenance": {
    "md5sum": "bdf7c2699cdbce22bde7129f27ba1012",
    "settings": {
      "fd_thres": 0.2,
      "hmc_fsl": false
    },
    "software": "mriqc",
    "version": "0.9.6"
  },
  "size_t": 200,
  "size_x": 128,
  "size_y": 128,
  "size_z": 49,
  "snr": 4.860678413061927,
  "spacing_tr": 2.5,
  "spacing_x": 2.25,
  "spacing_y": 2.25,
  "spacing_z": 3.0,
  "summary_bg_k": 79.43003904003038,
  "summary_bg_mad": 0.9488654136657715,
  "summary_bg_mean": 55.255043029785156,
  "summary_bg_median": 0.6399999856948853,
  "summary_bg_n": 641395.0,
  "summary_bg_p05": 0.0,
  "summary_bg_p95": 261.3450012207031,
  "summary_bg_stdv": 203.65782165527344,
  "summary_fg_k": 1.564821097692625,
  "summary_fg_mad": 824.5121459960938,
  "summary_fg_mean": 4951.12744140625,
  "summary_fg_median": 5002.58984375,
  "summary_fg_n": 76572.0,
  "summary_fg_p05": 2969.3010131835936,
  "summary_fg_p95": 6463.404809570312,
  "summary_fg_stdv": 1029.1890869140625,
  "tsnr": 57.713836669921875
}