{
  "aor": 0.0090118,
  "aqi": 0.00787154675,
  "bids_meta": {
    "AcquisitionDuration": 525.000256,
    "CogAtlasID": "trm_4c8a834779883",
    "Columns": 128,
    "EchoTime": 0.03,
    "EchoTrainLength": 1,
    "EffectiveEchoSpacing": 0.000464,
    "FieldOfView": [
      288,
      288,
      147
    ],
    "FlipAngle": 75,
    "GEImageTypeRIMPCode": 0,
    "ImageType": "ORIGINAL/PRIMARY/EPI/NONE",
    "ImagingFrequency": 127.765292,
    "InplanePhaseEncodingDirection": "COL",
    "InversionTime": 0,
    "MRAcquisitionType": "2D",
    "MagneticFieldStrength": 3,
    "Manufacturer": "GE MEDICAL SYSTEMS",
    "ManufacturersModelName": "DISCOVERY MR750",
    "NumberOfAverages": 1,
    "NumberOfEPIShots": 1,
    "NumberOfEchoes": 1,
    "NumberOfSlices": 49,
    "ParallelImagingReductionFactors": [
      0.5,
      1
    ],
    "PercentPhaseFieldOfView": 100,
    "PhaseEncodingDirection": "j",
    "PixelBandwidth": 3906.25,
    "PixelSpacing": [
      2.25,
      2.25
    ],
    "ReceiveCoilName": "8HRBRAIN",
    "RepetitionTime": 2.5,
    "Rows": 128,
    "SATFatWaterBone": 0,
    "ScanOptions": [
      "EPI_GEMS",
      "FILTERED_GEMS",
      "ACC_GEMS"
    ],
    "ScanningSequence": [
      "EP",
      "GR"
    ],
    "SequenceVariant": "SS",
    "SeriesDate": "18730407",
    "SeriesDescription": "RSN_BWRT_200vol_3mm",
    "SeriesNumber": 10,
    "SeriesTime": "194406",
    "SliceThickness": 3,
    "SliceTiming": [
      0,
      1.27551,
      0.05102,
      1.32653,
      0.10204,
      1.37755,
      0.15306,
      1.42857,
      0.20408,
      1.47959,
      0.2551,
      1.53061,
      0.30612,
      1.58163,
      0.35714,
      1.63265,
      0.40816,
      1.68367,
      0.45918,
      1.73469,
      0.5102,
      1.78571,
      0.56122,
      1.83673,
      0.61224,
      1.88776,
      0.66327,
      1.93878,
      0.71429,
      1.9898,
      0.76531,
      2.04082,
      0.81633,
      2.09184,
      0.86735,
      2.14286,
      0.91837,
      2.19388,
      0.96939,
      2.2449,
      1.02041,
      2.29592,
      1.07143,
      2.34694,
      1.12245,
      2.39796,
      1.17347,
      2.44898,
      1.22449
    ],
    "SliceTimingComputationMethod": "SliceNumber*RepetitionTime/NumberOfSlices (interleaved ascending, odd first)",
    "SpacingBetweenSlices": 3,
    "StudyTime": "184240",
    "TaskDescription": "Functional connectivity in the resting state was assessed during two eight-minute runs. Participants were asked to rate their sleepiness using the Karolinska Sleepiness Scale every 2 minutes",
    "TaskInstructions": "Participants were instructed to keep their eyes open and look at a white fixation cross presented against a gray background.",
    "TaskName": "Sleepiness",
    "dummyScans": 10,
    "modality": "bold",
    "session_id": "2",
    "subject_id": "9013",
    "task_id": "sleepiness"
  },
  "dummy_trs": 0,
  "dvars_nstd": 16.977394688341715,
  "dvars_std": 0.8932925043216087,
  "dvars_vstd": 0.9069455043718588,
  "efc": 0.35197720793007786,
  "fber": 32965144.0,
  "fd_mean": 0.13618996845214584,
  "fd_num": 17,
  "fd_perc": 8.5,
  "fwhm_avg": 3.3921344444444443,
  "fwhm_x": 3.4340844444444443,
  "fwhm_y": 4.042342222222222,
  "fwhm_z": 2.6999766666666667,
  "gcor": 0.0558576,
  "gsr_x": -0.016629813238978386,
  "gsr_y": 0.010171383619308472,
  "provenance": {
    "md5sum": "041fe3f70c38d8f32f067e099d8aeca6",
    "settings": {
      "fd_thres": 0.2,
      "hmc_fsl": false
    },
    "software": "mriqc",
    "version": "0.9.6"
  },
  "size_t": 200,
  "size_x": 128,
  "size_y": 128,
  "size_z": 49,
  "snr": 4.312096218148416,
  "spacing_tr": 2.5,
  "spacing_x": 2.25,
  "spacing_y": 2.25,
  "spacing_z": 3.0,
  "summary_bg_k": 86.95702214731661,
  "summary_bg_mad": 1.4084720611572266,
  "summary_bg_mean": 79.56058502197266,
  "summary_bg_median": 0.949999988079071,
  "summary_bg_n": 609686.0,
  "summary_bg_p05": 0.0,
  "summary_bg_p95": 402.23123931884766,
  "summary_bg_stdv": 293.3850402832031,
  "summary_fg_k": 0.7463847584091705,
  "summary_fg_mad": 1159.124267578125,
  "summary_fg_mean": 5384.66943359375,
  "summary_fg_median": 5381.42236328125,
  "summary_fg_n": 102328.0,
  "summary_fg_p05": 3328.9558349609374,
  "summary_fg_p95": 7403.911621093748,
  "summary_fg_stdv": 1247.976806640625,
  "tsnr": 46.404109954833984
}