{
  "bids_meta": {
    "AcquisitionDuration": 238.444688,
    "Columns": 512,
    "EchoTime": 0.00281,
    "EchoTrainLength": 1,
    "EffectiveEchoSpacing": 0,
    "FieldOfView": [
      240.03,
      240.03,
      180
    ],
    "FlipAngle": 11,
    "GEImageTypeRIMPCode": 0,
    "ImageType": "ORIGINAL/PRIMARY/OTHER",
    "ImagingFrequency": 127.765176,
    "InplanePhaseEncodingDirection": "ROW",
    "InversionTime": 0.45,
    "MRAcquisitionType": "3D",
    "MagneticFieldStrength": 3,
    "Manufacturer": "GE MEDICAL SYSTEMS",
    "ManufacturersModelName": "DISCOVERY MR750",
    "NumberOfAverages": 1,
    "NumberOfEPIShots": 0,
    "NumberOfEchoes": 1,
    "NumberOfSlices": 180,
    "ParallelImagingReductionFactors": [
      0.571429,
      1
    ],
    "PercentPhaseFieldOfView": 100,
    "PhaseEncodingDirection": "i",
    "PixelBandwidth": 122.07,
    "PixelSpacing": [
      0.4688,
      0.4688
    ],
    "ReceiveCoilName": "8HRBRAIN",
    "RepetitionTime": 0.0064,
    "Rows": 512,
    "SATFatWaterBone": 0,
    "ScanOptions": [
      "FAST_GEMS",
      "EDR_GEMS",
      "FILTERED_GEMS",
      "ACC_GEMS"
    ],
    "ScanningSequence": "GR",
    "SequenceVariant": [
      "SS",
      "SK"
    ],
    "SeriesDate": "18730315",
    "SeriesDescription": "Sag3D_T1_1mm3",
    "SeriesNumber": 2,
    "SeriesTime": "203124",
    "SliceThickness": 1,
    "SpacingBetweenSlices": 1,
    "StudyTime": "202937",
    "modality": "T1w",
    "session_id": "1",
    "subject_id": "9016"
  },
  "cjv": 0.39747994411871623,
  "cnr": 3.412265635030768,
  "efc": 0.6793868068189969,
  "fber": 122.60397338867188,
  "fwhm_avg": 5.6977681457984515,
  "fwhm_x": 3.62464,
  "fwhm_y": 7.044539124470338,
  "fwhm_z": 6.424125312925015,
  "icvs_csf": 0.20197426208645722,
  "icvs_gm": 0.4173375991166695,
  "icvs_wm": 0.38068813879687324,
  "inu_med": 1.2962758541107178,
  "inu_range": 0.4308026134967804,
  "provenance": {
    "md5sum": "23e7dc3bb7bc40a21ee47e71718677cf",
    "mriqc_pred": 0,
    "settings": {
      "testing": false
    },
    "software": "mriqc",
    "version": "0.9.6",
    "warnings": {
      "large_rot_frame": true,
      "small_air_mask": false
    }
  },
  "qi_1": 0.0,
  "qi_2": 0.00028759548100572464,
  "rpve_csf": 22.12725112097216,
  "rpve_gm": 11.34694745267351,
  "rpve_wm": 15.013076379980708,
  "size_x": 180,
  "size_y": 512,
  "size_z": 512,
  "snr_csf": 3.4138575060851464,
  "snr_gm": 11.816766417826578,
  "snr_total": 10.522921120994795,
  "snr_wm": 16.33813943907266,
  "snrd_csf": 11.855198087370365,
  "snrd_gm": 25.950990046504625,
  "snrd_total": 24.945568789516457,
  "snrd_wm": 37.030518234674375,
  "spacing_x": 1.0,
  "spacing_y": 0.46880000829696655,
  "spacing_z": 0.46880000829696655,
  "summary_bg_k": 190.3232208742613,
  "summary_bg_mad": 17.692108154296875,
  "summary_bg_mean": 58.38779067993164,
  "summary_bg_median": 55.934730529785156,
  "summary_bg_n": 8707418.0,
  "summary_bg_p05": 31.265965843200686,
  "summary_bg_p95": 93.63210411071776,
  "summary_bg_stdv": 20.61733627319336,
  "summary_csf_k": -0.162126983309562,
  "summary_csf_mad": 92.87117767333984,
  "summary_csf_mean": 327.54681396484375,
  "summary_csf_median": 320.15234375,
  "summary_csf_n": 113041.0,
  "summary_csf_p05": 180.88455200195312,
  "summary_csf_p95": 491.5524597167969,
  "summary_csf_stdv": 93.77981567382812,
  "summary_gm_k": 0.07711555536075076,
  "summary_gm_mad": 58.218379974365234,
  "summary_gm_mean": 703.2470703125,
  "summary_gm_median": 700.8124389648438,
  "summary_gm_n": 205749.0,
  "summary_gm_p05": 609.6248413085938,
  "summary_gm_p95": 805.8463256835937,
  "summary_gm_stdv": 59.30647277832031,
  "summary_wm_k": 0.157584048456902,
  "summary_wm_mad": 60.709686279296875,
  "summary_wm_mean": 1000.9029541015625,
  "summary_wm_median": 1000.0176391601562,
  "summary_wm_n": 1246785.0,
  "summary_wm_p05": 902.3223999023437,
  "summary_wm_p95": 1102.917822265625,
  "summary_wm_stdv": 61.20753479003906,
  "tpm_overlap_csf": 0.20431500673294067,
  "tpm_overlap_gm": 0.48768937587738037,
  "tpm_overlap_wm": 0.5548672080039978,
  "wm2max": 0.438046327399493
}