{
  "bids_meta": {
    "AcquisitionDuration": 393.119168,
    "Columns": 512,
    "EchoTime": 0.12913,
    "EchoTrainLength": 140,
    "EffectiveEchoSpacing": 0,
    "FieldOfView": [
      240.03,
      240.03,
      87.6
    ],
    "FlipAngle": 90,
    "GEImageTypeRIMPCode": 0,
    "ImageType": "ORIGINAL/PRIMARY/OTHER",
    "ImagingFrequency": 127.765058,
    "InplanePhaseEncodingDirection": "ROW",
    "InversionTime": 1.857,
    "MRAcquisitionType": "3D",
    "MagneticFieldStrength": 3,
    "Manufacturer": "GE MEDICAL SYSTEMS",
    "ManufacturersModelName": "DISCOVERY MR750",
    "NumberOfAverages": 1,
    "NumberOfEPIShots": 1,
    "NumberOfEchoes": 1,
    "NumberOfSlices": 146,
    "ParallelImagingReductionFactors": [
      0.5,
      0.5
    ],
    "PercentPhaseFieldOfView": 100,
    "PhaseEncodingDirection": "i",
    "PixelBandwidth": 122.07,
    "PixelSpacing": [
      0.4688,
      0.4688
    ],
    "ReceiveCoilName": "8HRBRAIN",
    "RepetitionTime": 6,
    "Rows": 512,
    "SATFatWaterBone": 0,
    "ScanOptions": [
      "EDR_GEMS",
      "FILTERED_GEMS",
      "ACC_GEMS"
    ],
    "ScanningSequence": [
      "SE",
      "IR"
    ],
    "SequenceVariant": "SK",
    "SeriesDate": "18740321",
    "SeriesDescription": "Sag CUBE T2 flair",
    "SeriesNumber": 11,
    "SeriesTime": "193546",
    "SliceThickness": 1.2,
    "SpacingBetweenSlices": 0.600002,
    "StudyTime": "182357",
    "modality": "T2w",
    "session_id": "1",
    "subject_id": "9036"
  },
  "cjv": 0.5618094941259663,
  "cnr": 1.7792019425808507,
  "efc": 0.6639466196181802,
  "fber": 175.80482482910156,
  "fwhm_avg": 4.93323552673527,
  "fwhm_x": 4.427266490742902,
  "fwhm_y": 5.3669794271978475,
  "fwhm_z": 5.005460662265061,
  "icvs_csf": 0.4325697455385476,
  "icvs_gm": 0.41386501223040256,
  "icvs_wm": 0.1535652422310498,
  "inu_med": 1.0982701778411865,
  "inu_range": 0.665231966972351,
  "provenance": {
    "md5sum": "8fba83cb7e5d9ee021b2355192b8d80a",
    "settings": {
      "testing": false
    },
    "software": "mriqc",
    "version": "0.9.6",
    "warnings": {
      "large_rot_frame": true,
      "small_air_mask": false
    }
  },
  "qi_1": 0.0002948734066888861,
  "qi_2": 0.000504638484411998,
  "rpve_csf": 13.85690480191661,
  "rpve_gm": 13.297044237310548,
  "rpve_wm": 35.22859392576968,
  "size_x": 292,
  "size_y": 512,
  "size_z": 512,
  "snr_csf": 16.119042075234347,
  "snr_gm": 16.693259039893157,
  "snr_total": 11.613694972114567,
  "snr_wm": 2.0287838012162025,
  "snrd_csf": 38.72647006722083,
  "snrd_gm": 32.916982289892964,
  "snrd_total": 29.643293156189838,
  "snrd_wm": 17.286427111455716,
  "spacing_x": 0.6000000238418579,
  "spacing_y": 0.46880000829696655,
  "spacing_z": 0.46880000829696655,
  "summary_bg_k": 13.962041833003031,
  "summary_bg_mad": 37.8630485534668,
  "summary_bg_mean": 92.4349136352539,
  "summary_bg_median": 82.99176025390625,
  "summary_bg_n": 14297914.0,
  "summary_bg_p05": 35.60181159973145,
  "summary_bg_p95": 180.82539443969725,
  "summary_bg_stdv": 48.0346794128418,
  "summary_csf_k": 0.7153637960633659,
  "summary_csf_mad": 131.61624145507812,
  "summary_csf_mean": 2250.9287109375,
  "summary_csf_median": 2238.163330078125,
  "summary_csf_n": 873394.0,
  "summary_csf_p05": 2046.6181518554688,
  "summary_csf_p95": 2498.445458984375,
  "summary_csf_stdv": 138.85205078125,
  "summary_gm_k": -0.0679560390981977,
  "summary_gm_mad": 115.42552185058594,
  "summary_gm_mean": 1905.769287109375,
  "summary_gm_median": 1902.408935546875,
  "summary_gm_n": 304676.0,
  "summary_gm_p05": 1724.4983215332031,
  "summary_gm_p95": 2098.9876708984375,
  "summary_gm_stdv": 113.96251678466797,
  "summary_wm_k": 8.364119222162907,
  "summary_wm_mad": 392.0876770019531,
  "summary_wm_mean": 1000.5399780273438,
  "summary_wm_median": 999.0543212890625,
  "summary_wm_n": 123473.0,
  "summary_wm_p05": 309.35752563476564,
  "summary_wm_p95": 1525.5977539062499,
  "summary_wm_stdv": 492.4380187988281,
  "tpm_overlap_csf": 0.0738879144191742,
  "tpm_overlap_gm": 0.3121989667415619,
  "tpm_overlap_wm": 0.08562278747558594,
  "wm2max": 0.23208867358616686
}