{
  "aor": 0.0018199473684210525,
  "aqi": 0.00879547894736842,
  "bids_meta": {
    "AcquisitionDuration": 723.000256,
    "Columns": 128,
    "EchoTime": 0.034,
    "EchoTrainLength": 1,
    "EffectiveEchoSpacing": 0.00056,
    "FieldOfView": [
      220.01,
      220.01,
      110.4
    ],
    "FlipAngle": 80,
    "GEImageTypeRIMPCode": 0,
    "ImageType": "ORIGINAL/PRIMARY/EPI/NONE",
    "ImagingFrequency": 127.765086,
    "InplanePhaseEncodingDirection": "COL",
    "InversionTime": 0,
    "MRAcquisitionType": "2D",
    "MagneticFieldStrength": 3,
    "Manufacturer": "GE MEDICAL SYSTEMS",
    "ManufacturersModelName": "DISCOVERY MR750",
    "NumberOfAverages": 1,
    "NumberOfEPIShots": 1,
    "NumberOfEchoes": 1,
    "NumberOfSlices": 46,
    "ParallelImagingReductionFactors": [
      0.5,
      1
    ],
    "PercentPhaseFieldOfView": 100,
    "PhaseEncodingDirection": "j",
    "PixelBandwidth": 3906.25,
    "PixelSpacing": [
      1.7188,
      1.7188
    ],
    "ReceiveCoilName": "8HRBRAIN",
    "RepetitionTime": 3,
    "Rows": 128,
    "SATFatWaterBone": 1,
    "ScanOptions": [
      "SAT_GEMS",
      "EPI_GEMS",
      "ACC_GEMS",
      "FS"
    ],
    "ScanningSequence": [
      "EP",
      "GR"
    ],
    "SequenceVariant": "SS",
    "SeriesDate": "18740516",
    "SeriesDescription": "fMRI-hands",
    "SeriesNumber": 7,
    "SeriesTime": "184638",
    "SliceThickness": 2.3,
    "SliceTiming": [
      0,
      1.5,
      0.06522,
      1.56522,
      0.13043,
      1.63043,
      0.19565,
      1.69565,
      0.26087,
      1.76087,
      0.32609,
      1.82609,
      0.3913,
      1.8913,
      0.45652,
      1.95652,
      0.52174,
      2.02174,
      0.58696,
      2.08696,
      0.65217,
      2.15217,
      0.71739,
      2.21739,
      0.78261,
      2.28261,
      0.84783,
      2.34783,
      0.91304,
      2.41304,
      0.97826,
      2.47826,
      1.04348,
      2.54348,
      1.1087,
      2.6087,
      1.17391,
      2.67391,
      1.23913,
      2.73913,
      1.30435,
      2.80435,
      1.36957,
      2.86957,
      1.43478,
      2.93478
    ],
    "SliceTimingComputationMethod": "SliceNumber*RepetitionTime/NumberOfSlices (interleaved ascending, odd first)",
    "SpacingBetweenSlices": 2.4,
    "StudyTime": "181435",
    "TaskDescription": "In an event-related design, participants were shown pictures of hands being stung by needles or poked with Q-tips. The stimulus set was kindly shared by Claus Lamm, and has been shown to be effective in previous work by him. After each picture, participants were asked to rate their perceived unpleasantness on a visual analog scale of 0-100.",
    "TaskInstructions": "",
    "TaskName": "Hands",
    "dummyScans": 5,
    "modality": "bold",
    "session_id": "1",
    "subject_id": "9048",
    "task_id": "hands"
  },
  "dummy_trs": 0,
  "dvars_nstd": 42.92617646492061,
  "dvars_std": 1.0899295898941805,
  "dvars_vstd": 1.0115343810582011,
  "efc": 0.49442449052785975,
  "fber": 4669.98583984375,
  "fd_mean": 0.16118179826879886,
  "fd_num": 29,
  "fd_perc": 15.263157894736842,
  "fwhm_avg": 2.993561583464929,
  "fwhm_x": 3.066819965878178,
  "fwhm_y": 3.4124913748469914,
  "fwhm_z": 2.5013734096696156,
  "gcor": 0.00308315,
  "gsr_x": 0.001094031147658825,
  "gsr_y": 0.023623980581760406,
  "provenance": {
    "md5sum": "c263702398a2bb9578a517b053f6f2bc",
    "settings": {
      "fd_thres": 0.2,
      "hmc_fsl": false
    },
    "software": "mriqc",
    "version": "0.9.6"
  },
  "size_t": 190,
  "size_x": 128,
  "size_y": 128,
  "size_z": 46,
  "snr": 2.904848839083835,
  "spacing_tr": 3.0,
  "spacing_x": 1.7187999486923218,
  "spacing_y": 1.7187999486923218,
  "spacing_z": 2.4000015258789062,
  "summary_bg_k": 136.32146188949082,
  "summary_bg_mad": 72.37439727783203,
  "summary_bg_mean": 135.87350463867188,
  "summary_bg_median": 49.93157958984375,
  "summary_bg_n": 476619.0,
  "summary_bg_p05": 0.1315789520740509,
  "summary_bg_p95": 570.4210815429688,
  "summary_bg_stdv": 335.72918701171875,
  "summary_fg_k": 1.9684484154699433,
  "summary_fg_mad": 880.9857177734375,
  "summary_fg_mean": 3671.736083984375,
  "summary_fg_median": 3464.22119140625,
  "summary_fg_n": 181843.0,
  "summary_fg_p05": 2078.9585693359377,
  "summary_fg_p95": 5983.70908203125,
  "summary_fg_stdv": 1192.561767578125,
  "tsnr": 36.59491729736328
}