{
   "AcquisitionDuration": 357.000096, 
   "EchoTrainLength": 1, 
   "EffectiveEchoSpacing": 0.000632, 
   "FlipAngle": 90, 
   "GEImageTypeRIMPCode": 0, 
   "ImageType": "ORIGINAL/PRIMARY/OTHER", 
   "InplanePhaseEncodingDirection": "COL", 
   "InversionTime": 0, 
   "MRAcquisitionType": "2D", 
   "MagneticFieldStrength": 3, 
   "Manufacturer": "GE MEDICAL SYSTEMS", 
   "ManufacturersModelName": "DISCOVERY MR750", 
   "NumberOfAverages": 1, 
   "NumberOfEPIShots": 1, 
   "NumberOfEchoes": 1, 
   "ParallelImagingReductionFactors": [
      0.5, 
      1
   ], 
   "PercentPhaseFieldOfView": 100, 
   "PhaseEncodingDirection": "j", 
   "ReceiveCoilName": "8HRBRAIN", 
   "RepetitionTime": 7, 
   "SATFatWaterBone": 1, 
   "ScanningSequence": [
      "EP", 
      "RM"
   ], 
   "SequenceVariant": "NONE", 
   "SliceThickness": 2.3, 
   "SpacingBetweenSlices": 2.3,
   "TotalReadoutTime": 0.024648
}
