{
  "AcquisitionDuration" : 0,
  "Columns" : 64,
  "EchoTrainLength" : 1,
  "EffectiveEchoSpacing" : 0,
  "FieldOfView" : [ 240, 240, 108 ],
  "ImageType" : "DERIVED/SECONDARY/FIELDMAP",
  "ImagingFrequency" : 127.765245,
  "InplanePhaseEncodingDirection" : "COL",
  "MRAcquisitionType" : "2D",
  "MagneticFieldStrength" : 3,
  "Manufacturer" : "GE MEDICAL SYSTEMS",
  "ManufacturersModelName" : "DISCOVERY MR750",
  "NumberOfAverages" : 1,
  "NumberOfEchoes" : 2,
  "NumberOfSlices" : 45,
  "ParallelImagingReductionFactors" : [ 1, 1 ],
  "PercentPhaseFieldOfView" : 100,
  "PhaseEncodingDirection" : "j",
  "PixelBandwidth" : 500,
  "PixelSpacing" : [ 3.75, 3.75 ],
  "ReceiveCoilName" : "8HRBRAIN",
  "Rows" : 64,
  "SATFatWaterBone" : 0,
  "ScanOptions" : "ACC_GEMS",
  "ScanningSequence" : "RM",
  "SequenceVariant" : "NONE",
  "SeriesDate" : "18730408",
  "SeriesDescription" : "b0mapGG_fMRI",
  "SeriesNumber" : 6,
  "SeriesTime" : "192656",
  "SliceThickness" : 2.3,
  "SpacingBetweenSlices" : 2.4,
  "StudyTime" : "190716",
  "dummyScans" : null,
  "Units" : "Hz"
}