{
  "aor": 0.01543734375,
  "aqi": 0.008493182083333333,
  "bids_meta": {
    "AcquisitionDuration": 525.000256,
    "CogAtlasID": "trm_4c8a834779883",
    "Columns": 128,
    "EchoTime": 0.03,
    "EchoTrainLength": 1,
    "EffectiveEchoSpacing": 0.000464,
    "FieldOfView": [
      288,
      288,
      147
    ],
    "FlipAngle": 75,
    "GEImageTypeRIMPCode": 0,
    "ImageType": "ORIGINAL/PRIMARY/EPI/NONE",
    "ImagingFrequency": 127.765152,
    "InplanePhaseEncodingDirection": "COL",
    "InversionTime": 0,
    "MRAcquisitionType": "2D",
    "MagneticFieldStrength": 3,
    "Manufacturer": "GE MEDICAL SYSTEMS",
    "ManufacturersModelName": "DISCOVERY MR750",
    "NumberOfAverages": 1,
    "NumberOfEPIShots": 1,
    "NumberOfEchoes": 1,
    "NumberOfSlices": 49,
    "ParallelImagingReductionFactors": [
      0.5,
      1
    ],
    "PercentPhaseFieldOfView": 100,
    "PhaseEncodingDirection": "j",
    "PixelBandwidth": 3906.25,
    "PixelSpacing": [
      2.25,
      2.25
    ],
    "ReceiveCoilName": "8HRBRAIN",
    "RepetitionTime": 2.5,
    "Rows": 128,
    "SATFatWaterBone": 0,
    "ScanOptions": [
      "EPI_GEMS",
      "FILTERED_GEMS",
      "ACC_GEMS"
    ],
    "ScanningSequence": [
      "EP",
      "GR"
    ],
    "SequenceVariant": "SS",
    "SeriesDate": "18731112",
    "SeriesDescription": "RSN_BWRT_200vol_3mm",
    "SeriesNumber": 4,
    "SeriesTime": "184635",
    "SliceThickness": 3,
    "SliceTiming": [
      0,
      1.27551,
      0.05102,
      1.32653,
      0.10204,
      1.37755,
      0.15306,
      1.42857,
      0.20408,
      1.47959,
      0.2551,
      1.53061,
      0.30612,
      1.58163,
      0.35714,
      1.63265,
      0.40816,
      1.68367,
      0.45918,
      1.73469,
      0.5102,
      1.78571,
      0.56122,
      1.83673,
      0.61224,
      1.88776,
      0.66327,
      1.93878,
      0.71429,
      1.9898,
      0.76531,
      2.04082,
      0.81633,
      2.09184,
      0.86735,
      2.14286,
      0.91837,
      2.19388,
      0.96939,
      2.2449,
      1.02041,
      2.29592,
      1.07143,
      2.34694,
      1.12245,
      2.39796,
      1.17347,
      2.44898,
      1.22449
    ],
    "SliceTimingComputationMethod": "SliceNumber*RepetitionTime/NumberOfSlices (interleaved ascending, odd first)",
    "SpacingBetweenSlices": 3,
    "StudyTime": "183809",
    "TaskDescription": "Functional connectivity in the resting state was assessed during two eight-minute runs.",
    "TaskInstructions": "Participants were instructed to keep their eyes open and look at a white fixation cross presented against a gray background.",
    "TaskName": "Resting State",
    "dummyScans": 10,
    "modality": "bold",
    "session_id": "1",
    "subject_id": "9074",
    "task_id": "rest"
  },
  "dummy_trs": 0,
  "dvars_nstd": 29.197927674712066,
  "dvars_std": 1.1176500576439796,
  "dvars_vstd": 1.0607479745549737,
  "efc": 0.31446412613177716,
  "fber": 71370112.0,
  "fd_mean": 0.28959251689279786,
  "fd_num": 68,
  "fd_perc": 35.416666666666664,
  "fwhm_avg": 3.2559722222222223,
  "fwhm_x": 3.3154844444444445,
  "fwhm_y": 3.761395555555555,
  "fwhm_z": 2.6910366666666667,
  "gcor": 0.075931,
  "gsr_x": -0.016018357127904892,
  "gsr_y": -0.0007179266540333629,
  "provenance": {
    "md5sum": "ccb251cdccf2ff18739318d63ef39108",
    "settings": {
      "fd_thres": 0.2,
      "hmc_fsl": false
    },
    "software": "mriqc",
    "version": "0.9.6"
  },
  "size_t": 192,
  "size_x": 128,
  "size_y": 128,
  "size_z": 49,
  "snr": 4.74239925417688,
  "spacing_tr": 2.5,
  "spacing_x": 2.25,
  "spacing_y": 2.25,
  "spacing_z": 3.0,
  "summary_bg_k": 78.98402770514859,
  "summary_bg_mad": 0.911182701587677,
  "summary_bg_mean": 61.57390594482422,
  "summary_bg_median": 0.6145833730697632,
  "summary_bg_n": 634129.0,
  "summary_bg_p05": 0.0,
  "summary_bg_p95": 291.88543701171875,
  "summary_bg_stdv": 240.21823120117188,
  "summary_fg_k": 1.255254960484069,
  "summary_fg_mad": 927.0941162109375,
  "summary_fg_mean": 4979.599609375,
  "summary_fg_median": 4959.8359375,
  "summary_fg_n": 82084.0,
  "summary_fg_p05": 3275.1554809570316,
  "summary_fg_p95": 6675.003002929686,
  "summary_fg_stdv": 1045.8431396484375,
  "tsnr": 45.70047378540039
}