{
  "aor": 0.01360265625,
  "aqi": 0.006211983385416667,
  "bids_meta": {
    "AcquisitionDuration": 525.000256,
    "CogAtlasID": "trm_4c8a834779883",
    "Columns": 128,
    "EchoTime": 0.03,
    "EchoTrainLength": 1,
    "EffectiveEchoSpacing": 0.000464,
    "FieldOfView": [
      288,
      288,
      147
    ],
    "FlipAngle": 75,
    "GEImageTypeRIMPCode": 0,
    "ImageType": "ORIGINAL/PRIMARY/EPI/NONE",
    "ImagingFrequency": 127.765086,
    "InplanePhaseEncodingDirection": "COL",
    "InversionTime": 0,
    "MRAcquisitionType": "2D",
    "MagneticFieldStrength": 3,
    "Manufacturer": "GE MEDICAL SYSTEMS",
    "ManufacturersModelName": "DISCOVERY MR750",
    "NumberOfAverages": 1,
    "NumberOfEPIShots": 1,
    "NumberOfEchoes": 1,
    "NumberOfSlices": 49,
    "ParallelImagingReductionFactors": [
      0.5,
      1
    ],
    "PercentPhaseFieldOfView": 100,
    "PhaseEncodingDirection": "j",
    "PixelBandwidth": 3906.25,
    "PixelSpacing": [
      2.25,
      2.25
    ],
    "ReceiveCoilName": "8HRBRAIN",
    "RepetitionTime": 2.5,
    "Rows": 128,
    "SATFatWaterBone": 0,
    "ScanOptions": [
      "EPI_GEMS",
      "FILTERED_GEMS",
      "ACC_GEMS"
    ],
    "ScanningSequence": [
      "EP",
      "GR"
    ],
    "SequenceVariant": "SS",
    "SeriesDate": "18740527",
    "SeriesDescription": "RSN_BWRT_200vol_3mm",
    "SeriesNumber": 4,
    "SeriesTime": "180559",
    "SliceThickness": 3,
    "SliceTiming": [
      0,
      1.27551,
      0.05102,
      1.32653,
      0.10204,
      1.37755,
      0.15306,
      1.42857,
      0.20408,
      1.47959,
      0.2551,
      1.53061,
      0.30612,
      1.58163,
      0.35714,
      1.63265,
      0.40816,
      1.68367,
      0.45918,
      1.73469,
      0.5102,
      1.78571,
      0.56122,
      1.83673,
      0.61224,
      1.88776,
      0.66327,
      1.93878,
      0.71429,
      1.9898,
      0.76531,
      2.04082,
      0.81633,
      2.09184,
      0.86735,
      2.14286,
      0.91837,
      2.19388,
      0.96939,
      2.2449,
      1.02041,
      2.29592,
      1.07143,
      2.34694,
      1.12245,
      2.39796,
      1.17347,
      2.44898,
      1.22449
    ],
    "SliceTimingComputationMethod": "SliceNumber*RepetitionTime/NumberOfSlices (interleaved ascending, odd first)",
    "SpacingBetweenSlices": 3,
    "StudyTime": "175759",
    "TaskDescription": "Functional connectivity in the resting state was assessed during two eight-minute runs.",
    "TaskInstructions": "Participants were instructed to keep their eyes open and look at a white fixation cross presented against a gray background.",
    "TaskName": "Resting State",
    "dummyScans": 10,
    "modality": "bold",
    "session_id": "2",
    "subject_id": "9028",
    "task_id": "rest"
  },
  "dummy_trs": 0,
  "dvars_nstd": 18.342786094607323,
  "dvars_std": 1.0395623184816758,
  "dvars_vstd": 1.0272978208900525,
  "efc": 0.3315017294630967,
  "fber": 12679054.0,
  "fd_mean": 0.25142313380395953,
  "fd_num": 67,
  "fd_perc": 34.895833333333336,
  "fwhm_avg": 3.441514444444444,
  "fwhm_x": 3.5385733333333333,
  "fwhm_y": 3.9545466666666664,
  "fwhm_z": 2.8314233333333334,
  "gcor": 0.0298991,
  "gsr_x": -0.017947591841220856,
  "gsr_y": 0.00047814202844165266,
  "provenance": {
    "md5sum": "01c3ced989a41295b8e22cc09297bc1f",
    "settings": {
      "fd_thres": 0.2,
      "hmc_fsl": false
    },
    "software": "mriqc",
    "version": "0.9.6"
  },
  "size_t": 192,
  "size_x": 128,
  "size_y": 128,
  "size_z": 49,
  "snr": 4.331989883386294,
  "spacing_tr": 2.5,
  "spacing_x": 2.25,
  "spacing_y": 2.25,
  "spacing_z": 3.0,
  "summary_bg_k": 67.62360880608536,
  "summary_bg_mad": 2.254791021347046,
  "summary_bg_mean": 83.35965728759766,
  "summary_bg_median": 1.5208333730697632,
  "summary_bg_n": 628525.0,
  "summary_bg_p05": 0.0,
  "summary_bg_p95": 446.75834960937425,
  "summary_bg_stdv": 287.8782043457031,
  "summary_fg_k": 1.1713070313772587,
  "summary_fg_mad": 988.35888671875,
  "summary_fg_mean": 5080.43408203125,
  "summary_fg_median": 5130.4375,
  "summary_fg_n": 87216.0,
  "summary_fg_p05": 2936.59765625,
  "summary_fg_p95": 6941.7200927734375,
  "summary_fg_stdv": 1184.3074951171875,
  "tsnr": 52.06742858886719
}