{
  "aor": 0.0029067759562841533,
  "aqi": 0.01664049218579235,
  "bids_meta": {
    "AcquisitionDuration": 723.000256,
    "Columns": 128,
    "EchoTime": 0.034,
    "EchoTrainLength": 1,
    "EffectiveEchoSpacing": 0.00056,
    "FieldOfView": [
      220.01,
      220.01,
      110.4
    ],
    "FlipAngle": 80,
    "GEImageTypeRIMPCode": 0,
    "ImageType": "ORIGINAL/PRIMARY/EPI/NONE",
    "ImagingFrequency": 127.765155,
    "InplanePhaseEncodingDirection": "COL",
    "InversionTime": 0,
    "MRAcquisitionType": "2D",
    "MagneticFieldStrength": 3,
    "Manufacturer": "GE MEDICAL SYSTEMS",
    "ManufacturersModelName": "DISCOVERY MR750",
    "NumberOfAverages": 1,
    "NumberOfEPIShots": 1,
    "NumberOfEchoes": 1,
    "NumberOfSlices": 46,
    "ParallelImagingReductionFactors": [
      0.5,
      1
    ],
    "PercentPhaseFieldOfView": 100,
    "PhaseEncodingDirection": "j",
    "PixelBandwidth": 3906.25,
    "PixelSpacing": [
      1.7188,
      1.7188
    ],
    "ReceiveCoilName": "8HRBRAIN",
    "RepetitionTime": 3,
    "Rows": 128,
    "SATFatWaterBone": 1,
    "ScanOptions": [
      "SAT_GEMS",
      "EPI_GEMS",
      "ACC_GEMS",
      "FS"
    ],
    "ScanningSequence": [
      "EP",
      "GR"
    ],
    "SequenceVariant": "SS",
    "SeriesDate": "18740414",
    "SeriesDescription": "fMRI-hands",
    "SeriesNumber": 7,
    "SeriesTime": "201934",
    "SliceThickness": 2.3,
    "SliceTiming": [
      0,
      1.5,
      0.06522,
      1.56522,
      0.13043,
      1.63043,
      0.19565,
      1.69565,
      0.26087,
      1.76087,
      0.32609,
      1.82609,
      0.3913,
      1.8913,
      0.45652,
      1.95652,
      0.52174,
      2.02174,
      0.58696,
      2.08696,
      0.65217,
      2.15217,
      0.71739,
      2.21739,
      0.78261,
      2.28261,
      0.84783,
      2.34783,
      0.91304,
      2.41304,
      0.97826,
      2.47826,
      1.04348,
      2.54348,
      1.1087,
      2.6087,
      1.17391,
      2.67391,
      1.23913,
      2.73913,
      1.30435,
      2.80435,
      1.36957,
      2.86957,
      1.43478,
      2.93478
    ],
    "SliceTimingComputationMethod": "SliceNumber*RepetitionTime/NumberOfSlices (interleaved ascending, odd first)",
    "SpacingBetweenSlices": 2.4,
    "StudyTime": "195112",
    "TaskDescription": "In an event-related design, participants were shown pictures of hands being stung by needles or poked with Q-tips. The stimulus set was kindly shared by Claus Lamm, and has been shown to be effective in previous work by him. After each picture, participants were asked to rate their perceived unpleasantness on a visual analog scale of 0-100.",
    "TaskInstructions": "",
    "TaskName": "Hands",
    "dummyScans": 5,
    "modality": "bold",
    "session_id": "1",
    "subject_id": "9028",
    "task_id": "hands"
  },
  "dummy_trs": 0,
  "dvars_nstd": 37.99704936302195,
  "dvars_std": 0.9973557427472519,
  "dvars_vstd": 0.9970794660439559,
  "efc": 0.49687997466487366,
  "fber": 3794.68994140625,
  "fd_mean": 0.23435862386942097,
  "fd_num": 58,
  "fd_perc": 31.693989071038253,
  "fwhm_avg": 3.153214888530598,
  "fwhm_x": 3.2869502959307586,
  "fwhm_y": 3.620508602373685,
  "fwhm_z": 2.5521857672873502,
  "gcor": 0.0117606,
  "gsr_x": -1.7562131688464433e-05,
  "gsr_y": 0.031004901975393295,
  "provenance": {
    "md5sum": "6b2dcb2cb2ea53c032dacaebfefdd9c0",
    "settings": {
      "fd_thres": 0.2,
      "hmc_fsl": false
    },
    "software": "mriqc",
    "version": "0.9.6"
  },
  "size_t": 183,
  "size_x": 128,
  "size_y": 128,
  "size_z": 46,
  "snr": 4.107040581797681,
  "spacing_tr": 3.0,
  "spacing_x": 1.7187999486923218,
  "spacing_y": 1.7187999486923218,
  "spacing_z": 2.3999977111816406,
  "summary_bg_k": 119.16370543056733,
  "summary_bg_mad": 79.06401062011719,
  "summary_bg_mean": 133.00332641601562,
  "summary_bg_median": 55.18032455444336,
  "summary_bg_n": 483580.0,
  "summary_bg_p05": 0.04371584579348564,
  "summary_bg_p95": 513.0232177734372,
  "summary_bg_stdv": 321.4070739746094,
  "summary_fg_k": 0.6753351138243144,
  "summary_fg_mad": 791.8230590820312,
  "summary_fg_mean": 3446.928955078125,
  "summary_fg_median": 3473.267578125,
  "summary_fg_n": 173886.0,
  "summary_fg_p05": 1988.7868347167969,
  "summary_fg_p95": 4784.6185302734375,
  "summary_fg_stdv": 845.6837768554688,
  "tsnr": 30.811553955078125
}