{
  "aor": 0.006210500000000001,
  "aqi": 0.0110211383,
  "bids_meta": {
    "AcquisitionDuration": 525.000256,
    "CogAtlasID": "trm_4c8a834779883",
    "Columns": 128,
    "EchoTime": 0.03,
    "EchoTrainLength": 1,
    "EffectiveEchoSpacing": 0.000464,
    "FieldOfView": [
      288,
      288,
      147
    ],
    "FlipAngle": 75,
    "GEImageTypeRIMPCode": 0,
    "ImageType": "ORIGINAL/PRIMARY/EPI/NONE",
    "ImagingFrequency": 127.76519,
    "InplanePhaseEncodingDirection": "COL",
    "InversionTime": 0,
    "MRAcquisitionType": "2D",
    "MagneticFieldStrength": 3,
    "Manufacturer": "GE MEDICAL SYSTEMS",
    "ManufacturersModelName": "DISCOVERY MR750",
    "NumberOfAverages": 1,
    "NumberOfEPIShots": 1,
    "NumberOfEchoes": 1,
    "NumberOfSlices": 49,
    "ParallelImagingReductionFactors": [
      0.5,
      1
    ],
    "PercentPhaseFieldOfView": 100,
    "PhaseEncodingDirection": "j",
    "PixelBandwidth": 3906.25,
    "PixelSpacing": [
      2.25,
      2.25
    ],
    "ReceiveCoilName": "8HRBRAIN",
    "RepetitionTime": 2.5,
    "Rows": 128,
    "SATFatWaterBone": 0,
    "ScanOptions": [
      "EPI_GEMS",
      "FILTERED_GEMS",
      "ACC_GEMS"
    ],
    "ScanningSequence": [
      "EP",
      "GR"
    ],
    "SequenceVariant": "SS",
    "SeriesDate": "18731212",
    "SeriesDescription": "RSN_BWRT_200vol_3mm",
    "SeriesNumber": 10,
    "SeriesTime": "191221",
    "SliceThickness": 3,
    "SliceTiming": [
      0,
      1.27551,
      0.05102,
      1.32653,
      0.10204,
      1.37755,
      0.15306,
      1.42857,
      0.20408,
      1.47959,
      0.2551,
      1.53061,
      0.30612,
      1.58163,
      0.35714,
      1.63265,
      0.40816,
      1.68367,
      0.45918,
      1.73469,
      0.5102,
      1.78571,
      0.56122,
      1.83673,
      0.61224,
      1.88776,
      0.66327,
      1.93878,
      0.71429,
      1.9898,
      0.76531,
      2.04082,
      0.81633,
      2.09184,
      0.86735,
      2.14286,
      0.91837,
      2.19388,
      0.96939,
      2.2449,
      1.02041,
      2.29592,
      1.07143,
      2.34694,
      1.12245,
      2.39796,
      1.17347,
      2.44898,
      1.22449
    ],
    "SliceTimingComputationMethod": "SliceNumber*RepetitionTime/NumberOfSlices (interleaved ascending, odd first)",
    "SpacingBetweenSlices": 3,
    "StudyTime": "181002",
    "TaskDescription": "Functional connectivity in the resting state was assessed during two eight-minute runs. Participants were asked to rate their sleepiness using the Karolinska Sleepiness Scale every 2 minutes",
    "TaskInstructions": "Participants were instructed to keep their eyes open and look at a white fixation cross presented against a gray background.",
    "TaskName": "Sleepiness",
    "dummyScans": 10,
    "modality": "bold",
    "session_id": "2",
    "subject_id": "9056",
    "task_id": "sleepiness"
  },
  "dummy_trs": 0,
  "dvars_nstd": 22.89832762623116,
  "dvars_std": 1.0521348478391959,
  "dvars_vstd": 0.9385683926130648,
  "efc": 0.3448751118398078,
  "fber": 41314664.0,
  "fd_mean": 0.20596686222595748,
  "fd_num": 52,
  "fd_perc": 26.0,
  "fwhm_avg": 3.2935403703703705,
  "fwhm_x": 3.274248888888889,
  "fwhm_y": 3.9110488888888892,
  "fwhm_z": 2.695323333333333,
  "gcor": 0.0444227,
  "gsr_x": -0.01470360066741705,
  "gsr_y": 0.004359214100986719,
  "provenance": {
    "md5sum": "3d27589ba00ff9c8425eec2ff8ee761f",
    "settings": {
      "fd_thres": 0.2,
      "hmc_fsl": false
    },
    "software": "mriqc",
    "version": "0.9.6"
  },
  "size_t": 200,
  "size_x": 128,
  "size_y": 128,
  "size_z": 49,
  "snr": 4.595864958251705,
  "spacing_tr": 2.5,
  "spacing_x": 2.25,
  "spacing_y": 2.25,
  "spacing_z": 3.0,
  "summary_bg_k": 76.83013669859679,
  "summary_bg_mad": 1.1934947967529297,
  "summary_bg_mean": 73.27225494384766,
  "summary_bg_median": 0.8050000071525574,
  "summary_bg_n": 614937.0,
  "summary_bg_p05": 0.0,
  "summary_bg_p95": 359.8599853515625,
  "summary_bg_stdv": 281.3639221191406,
  "summary_fg_k": 1.2900153132530328,
  "summary_fg_mad": 910.3546752929688,
  "summary_fg_mean": 4919.54833984375,
  "summary_fg_median": 4940.89990234375,
  "summary_fg_n": 97679.0,
  "summary_fg_p05": 3068.562939453125,
  "summary_fg_p95": 6626.336572265624,
  "summary_fg_stdv": 1075.069580078125,
  "tsnr": 42.40627670288086
}