{
  "aor": 0.0050046000000000005,
  "aqi": 0.0064476844,
  "bids_meta": {
    "AcquisitionDuration": 525.000256,
    "CogAtlasID": "trm_4c8a834779883",
    "Columns": 128,
    "EchoTime": 0.03,
    "EchoTrainLength": 1,
    "EffectiveEchoSpacing": 0.000464,
    "FieldOfView": [
      288,
      288,
      147
    ],
    "FlipAngle": 75,
    "GEImageTypeRIMPCode": 0,
    "ImageType": "ORIGINAL/PRIMARY/EPI/NONE",
    "ImagingFrequency": 127.765129,
    "InplanePhaseEncodingDirection": "COL",
    "InversionTime": 0,
    "MRAcquisitionType": "2D",
    "MagneticFieldStrength": 3,
    "Manufacturer": "GE MEDICAL SYSTEMS",
    "ManufacturersModelName": "DISCOVERY MR750",
    "NumberOfAverages": 1,
    "NumberOfEPIShots": 1,
    "NumberOfEchoes": 1,
    "NumberOfSlices": 49,
    "ParallelImagingReductionFactors": [
      0.5,
      1
    ],
    "PercentPhaseFieldOfView": 100,
    "PhaseEncodingDirection": "j",
    "PixelBandwidth": 3906.25,
    "PixelSpacing": [
      2.25,
      2.25
    ],
    "ReceiveCoilName": "8HRBRAIN",
    "RepetitionTime": 2.5,
    "Rows": 128,
    "SATFatWaterBone": 0,
    "ScanOptions": [
      "EPI_GEMS",
      "FILTERED_GEMS",
      "ACC_GEMS"
    ],
    "ScanningSequence": [
      "EP",
      "GR"
    ],
    "SequenceVariant": "SS",
    "SeriesDate": "18740225",
    "SeriesDescription": "RSN_BWRT_200vol_3mm",
    "SeriesNumber": 10,
    "SeriesTime": "204219",
    "SliceThickness": 3,
    "SliceTiming": [
      0,
      1.27551,
      0.05102,
      1.32653,
      0.10204,
      1.37755,
      0.15306,
      1.42857,
      0.20408,
      1.47959,
      0.2551,
      1.53061,
      0.30612,
      1.58163,
      0.35714,
      1.63265,
      0.40816,
      1.68367,
      0.45918,
      1.73469,
      0.5102,
      1.78571,
      0.56122,
      1.83673,
      0.61224,
      1.88776,
      0.66327,
      1.93878,
      0.71429,
      1.9898,
      0.76531,
      2.04082,
      0.81633,
      2.09184,
      0.86735,
      2.14286,
      0.91837,
      2.19388,
      0.96939,
      2.2449,
      1.02041,
      2.29592,
      1.07143,
      2.34694,
      1.12245,
      2.39796,
      1.17347,
      2.44898,
      1.22449
    ],
    "SliceTimingComputationMethod": "SliceNumber*RepetitionTime/NumberOfSlices (interleaved ascending, odd first)",
    "SpacingBetweenSlices": 3,
    "StudyTime": "193620",
    "TaskDescription": "Functional connectivity in the resting state was assessed during two eight-minute runs. Participants were asked to rate their sleepiness using the Karolinska Sleepiness Scale every 2 minutes",
    "TaskInstructions": "Participants were instructed to keep their eyes open and look at a white fixation cross presented against a gray background.",
    "TaskName": "Sleepiness",
    "dummyScans": 10,
    "modality": "bold",
    "session_id": "2",
    "subject_id": "9086",
    "task_id": "sleepiness"
  },
  "dummy_trs": 0,
  "dvars_nstd": 24.385559551507527,
  "dvars_std": 1.2810587774874367,
  "dvars_vstd": 1.0124964860804018,
  "efc": 0.3217923275460564,
  "fber": 29140606.0,
  "fd_mean": 0.1138207492916284,
  "fd_num": 23,
  "fd_perc": 11.5,
  "fwhm_avg": 3.192401481481481,
  "fwhm_x": 3.285213333333333,
  "fwhm_y": 3.653497777777778,
  "fwhm_z": 2.6384933333333334,
  "gcor": 0.0200614,
  "gsr_x": -0.01305578276515007,
  "gsr_y": 0.0020089223980903625,
  "provenance": {
    "md5sum": "096baf75377d736145c65ae2ffa940ad",
    "settings": {
      "fd_thres": 0.2,
      "hmc_fsl": false
    },
    "software": "mriqc",
    "version": "0.9.6"
  },
  "size_t": 200,
  "size_x": 128,
  "size_y": 128,
  "size_z": 49,
  "snr": 5.367091542121437,
  "spacing_tr": 2.5,
  "spacing_x": 2.25,
  "spacing_y": 2.25,
  "spacing_z": 3.0,
  "summary_bg_k": 116.0584232974603,
  "summary_bg_mad": 1.5863842964172363,
  "summary_bg_mean": 60.11772918701172,
  "summary_bg_median": 1.0699999332427979,
  "summary_bg_n": 629445.0,
  "summary_bg_p05": 0.0,
  "summary_bg_p95": 282.74099731445176,
  "summary_bg_stdv": 213.89186096191406,
  "summary_fg_k": 1.990905156564816,
  "summary_fg_mad": 844.0234375,
  "summary_fg_mean": 5284.3173828125,
  "summary_fg_median": 5340.2421875,
  "summary_fg_n": 86184.0,
  "summary_fg_p05": 3528.3448486328125,
  "summary_fg_p95": 6774.493994140625,
  "summary_fg_stdv": 994.9916381835938,
  "tsnr": 72.26045227050781
}