{
  "bids_meta": {
    "AcquisitionDuration": 238.55128,
    "Columns": 512,
    "EchoTime": 0.00281,
    "EchoTrainLength": 1,
    "EffectiveEchoSpacing": 0,
    "FieldOfView": [
      240.03,
      240.03,
      180
    ],
    "FlipAngle": 11,
    "GEImageTypeRIMPCode": 0,
    "ImageType": "ORIGINAL/PRIMARY/OTHER",
    "ImagingFrequency": 127.765153,
    "InplanePhaseEncodingDirection": "ROW",
    "InversionTime": 0.45,
    "MRAcquisitionType": "3D",
    "MagneticFieldStrength": 3,
    "Manufacturer": "GE MEDICAL SYSTEMS",
    "ManufacturersModelName": "DISCOVERY MR750",
    "NumberOfAverages": 1,
    "NumberOfEPIShots": 0,
    "NumberOfEchoes": 1,
    "NumberOfSlices": 180,
    "ParallelImagingReductionFactors": [
      0.571429,
      1
    ],
    "PercentPhaseFieldOfView": 100,
    "PhaseEncodingDirection": "i",
    "PixelBandwidth": 122.07,
    "PixelSpacing": [
      0.4688,
      0.4688
    ],
    "ReceiveCoilName": "8HRBRAIN",
    "RepetitionTime": 0.0064,
    "Rows": 512,
    "SATFatWaterBone": 0,
    "ScanOptions": [
      "FAST_GEMS",
      "EDR_GEMS",
      "FILTERED_GEMS",
      "ACC_GEMS"
    ],
    "ScanningSequence": "GR",
    "SequenceVariant": [
      "SS",
      "SK"
    ],
    "SeriesDate": "18740118",
    "SeriesDescription": "Sag3D_T1_1mm3",
    "SeriesNumber": 2,
    "SeriesTime": "181217",
    "SliceThickness": 1,
    "SpacingBetweenSlices": 1,
    "StudyTime": "181026",
    "modality": "T1w",
    "session_id": "2",
    "subject_id": "9041"
  },
  "cjv": 0.3452962476770013,
  "cnr": 3.778469972808754,
  "efc": 0.6201082411374597,
  "fber": 193.061279296875,
  "fwhm_avg": 6.614704219480284,
  "fwhm_x": 4.20913,
  "fwhm_y": 8.097802757706487,
  "fwhm_z": 7.537179900734365,
  "icvs_csf": 0.20459334485082661,
  "icvs_gm": 0.4138415537752893,
  "icvs_wm": 0.3815651013738841,
  "inu_med": 1.1844764947891235,
  "inu_range": 0.5015396922826767,
  "provenance": {
    "md5sum": "b876d2735a3040c6dcd07c6c4bd3cb8e",
    "mriqc_pred": 0,
    "settings": {
      "testing": false
    },
    "software": "mriqc",
    "version": "0.9.6",
    "warnings": {
      "large_rot_frame": true,
      "small_air_mask": false
    }
  },
  "qi_1": 7.941201750210541e-05,
  "qi_2": 0.0004460117880413946,
  "rpve_csf": 26.29945944609242,
  "rpve_gm": 13.69312803893612,
  "rpve_wm": 17.794523587020112,
  "size_x": 180,
  "size_y": 512,
  "size_z": 512,
  "snr_csf": 3.820205761674265,
  "snr_gm": 12.944844311033874,
  "snr_total": 12.327145599017854,
  "snr_wm": 20.21638672434542,
  "snrd_csf": 18.375109458470376,
  "snrd_gm": 34.13551996312067,
  "snrd_total": 33.44118312843538,
  "snrd_wm": 47.812919963715075,
  "spacing_x": 1.0,
  "spacing_y": 0.46880000829696655,
  "spacing_z": 0.46880000829696655,
  "summary_bg_k": 26.090152803954886,
  "summary_bg_mad": 13.702109336853027,
  "summary_bg_mean": 48.45782470703125,
  "summary_bg_median": 46.635459899902344,
  "summary_bg_n": 9960668.0,
  "summary_bg_p05": 27.272732448577884,
  "summary_bg_p95": 75.88679199218751,
  "summary_bg_stdv": 15.594205856323242,
  "summary_csf_k": -0.508070937356425,
  "summary_csf_mad": 113.45346069335938,
  "summary_csf_mean": 389.347900390625,
  "summary_csf_median": 384.3135070800781,
  "summary_csf_n": 115861.0,
  "summary_csf_p05": 232.21640014648438,
  "summary_csf_p95": 549.4298095703125,
  "summary_csf_stdv": 100.59977722167969,
  "summary_gm_k": 0.37714071636888846,
  "summary_gm_mad": 52.18544387817383,
  "summary_gm_mean": 717.594970703125,
  "summary_gm_median": 713.9408569335938,
  "summary_gm_n": 182253.0,
  "summary_gm_p05": 633.0764038085938,
  "summary_gm_p95": 814.2976318359374,
  "summary_gm_stdv": 55.152374267578125,
  "summary_wm_k": 0.6194306659498783,
  "summary_wm_mad": 46.590484619140625,
  "summary_wm_mean": 998.8819580078125,
  "summary_wm_median": 1000.0022583007812,
  "summary_wm_n": 1087805.0,
  "summary_wm_p05": 914.9810791015625,
  "summary_wm_p95": 1077.91455078125,
  "summary_wm_stdv": 49.46491241455078,
  "tpm_overlap_csf": 0.20172333717346191,
  "tpm_overlap_gm": 0.5023751258850098,
  "tpm_overlap_wm": 0.5656116008758545,
  "wm2max": 0.4309835169929116
}