{
  "aor": 0.0071749494949494945,
  "aqi": 0.00822872898989899,
  "bids_meta": {
    "AcquisitionDuration": 525.000256,
    "CogAtlasID": "trm_4c8a834779883",
    "Columns": 128,
    "EchoTime": 0.03,
    "EchoTrainLength": 1,
    "EffectiveEchoSpacing": 0.000464,
    "FieldOfView": [
      288,
      288,
      147
    ],
    "FlipAngle": 75,
    "GEImageTypeRIMPCode": 0,
    "ImageType": "ORIGINAL/PRIMARY/EPI/NONE",
    "ImagingFrequency": 127.765162,
    "InplanePhaseEncodingDirection": "COL",
    "InversionTime": 0,
    "MRAcquisitionType": "2D",
    "MagneticFieldStrength": 3,
    "Manufacturer": "GE MEDICAL SYSTEMS",
    "ManufacturersModelName": "DISCOVERY MR750",
    "NumberOfAverages": 1,
    "NumberOfEPIShots": 1,
    "NumberOfEchoes": 1,
    "NumberOfSlices": 49,
    "ParallelImagingReductionFactors": [
      0.5,
      1
    ],
    "PercentPhaseFieldOfView": 100,
    "PhaseEncodingDirection": "j",
    "PixelBandwidth": 3906.25,
    "PixelSpacing": [
      2.25,
      2.25
    ],
    "ReceiveCoilName": "8HRBRAIN",
    "RepetitionTime": 2.5,
    "Rows": 128,
    "SATFatWaterBone": 0,
    "ScanOptions": [
      "EPI_GEMS",
      "FILTERED_GEMS",
      "ACC_GEMS"
    ],
    "ScanningSequence": [
      "EP",
      "GR"
    ],
    "SequenceVariant": "SS",
    "SeriesDate": "18740414",
    "SeriesDescription": "RSN_BWRT_200vol_3mm",
    "SeriesNumber": 10,
    "SeriesTime": "205235",
    "SliceThickness": 3,
    "SliceTiming": [
      0,
      1.27551,
      0.05102,
      1.32653,
      0.10204,
      1.37755,
      0.15306,
      1.42857,
      0.20408,
      1.47959,
      0.2551,
      1.53061,
      0.30612,
      1.58163,
      0.35714,
      1.63265,
      0.40816,
      1.68367,
      0.45918,
      1.73469,
      0.5102,
      1.78571,
      0.56122,
      1.83673,
      0.61224,
      1.88776,
      0.66327,
      1.93878,
      0.71429,
      1.9898,
      0.76531,
      2.04082,
      0.81633,
      2.09184,
      0.86735,
      2.14286,
      0.91837,
      2.19388,
      0.96939,
      2.2449,
      1.02041,
      2.29592,
      1.07143,
      2.34694,
      1.12245,
      2.39796,
      1.17347,
      2.44898,
      1.22449
    ],
    "SliceTimingComputationMethod": "SliceNumber*RepetitionTime/NumberOfSlices (interleaved ascending, odd first)",
    "SpacingBetweenSlices": 3,
    "StudyTime": "195112",
    "TaskDescription": "Functional connectivity in the resting state was assessed during two eight-minute runs. Participants were asked to rate their sleepiness using the Karolinska Sleepiness Scale every 2 minutes",
    "TaskInstructions": "Participants were instructed to keep their eyes open and look at a white fixation cross presented against a gray background.",
    "TaskName": "Sleepiness",
    "dummyScans": 10,
    "modality": "bold",
    "session_id": "1",
    "subject_id": "9028",
    "task_id": "sleepiness"
  },
  "dummy_trs": 0,
  "dvars_nstd": 18.77785699126902,
  "dvars_std": 0.9720866674619292,
  "dvars_vstd": 0.9448272869035537,
  "efc": 0.32684761130331313,
  "fber": 17532492.0,
  "fd_mean": 0.20880819294551478,
  "fd_num": 51,
  "fd_perc": 25.757575757575758,
  "fwhm_avg": 3.3877244444444443,
  "fwhm_x": 3.521671111111111,
  "fwhm_y": 3.8597955555555554,
  "fwhm_z": 2.7817066666666665,
  "gcor": 0.0282128,
  "gsr_x": -0.016851359978318214,
  "gsr_y": 0.003893352346494794,
  "provenance": {
    "md5sum": "7eaac241134de47e832e49e71d40ccbd",
    "settings": {
      "fd_thres": 0.2,
      "hmc_fsl": false
    },
    "software": "mriqc",
    "version": "0.9.6"
  },
  "size_t": 198,
  "size_x": 128,
  "size_y": 128,
  "size_z": 49,
  "snr": 4.545365013754172,
  "spacing_tr": 2.5,
  "spacing_x": 2.25,
  "spacing_y": 2.25,
  "spacing_z": 3.0,
  "summary_bg_k": 97.57460535459757,
  "summary_bg_mad": 1.924387812614441,
  "summary_bg_mean": 78.29118347167969,
  "summary_bg_median": 1.2979798316955566,
  "summary_bg_n": 630646.0,
  "summary_bg_p05": 0.0,
  "summary_bg_p95": 402.5025100708008,
  "summary_bg_stdv": 273.5350646972656,
  "summary_fg_k": 1.659831216382348,
  "summary_fg_mad": 914.7359008789062,
  "summary_fg_mean": 4996.255859375,
  "summary_fg_median": 5100.818359375,
  "summary_fg_n": 85191.0,
  "summary_fg_p05": 2883.333251953125,
  "summary_fg_p95": 6619.891357421875,
  "summary_fg_stdv": 1122.195556640625,
  "tsnr": 50.64914321899414
}