{
  "aor": 0.003038557213930348,
  "aqi": 0.01202305358208955,
  "bids_meta": {
    "AcquisitionDuration": 723.000256,
    "Columns": 128,
    "EchoTime": 0.034,
    "EchoTrainLength": 1,
    "EffectiveEchoSpacing": 0.00056,
    "FieldOfView": [
      220.01,
      220.01,
      110.4
    ],
    "FlipAngle": 80,
    "GEImageTypeRIMPCode": 0,
    "ImageType": "ORIGINAL/PRIMARY/EPI/NONE",
    "ImagingFrequency": 127.765187,
    "InplanePhaseEncodingDirection": "COL",
    "InversionTime": 0,
    "MRAcquisitionType": "2D",
    "MagneticFieldStrength": 3,
    "Manufacturer": "GE MEDICAL SYSTEMS",
    "ManufacturersModelName": "DISCOVERY MR750",
    "NumberOfAverages": 1,
    "NumberOfEPIShots": 1,
    "NumberOfEchoes": 1,
    "NumberOfSlices": 46,
    "ParallelImagingReductionFactors": [
      0.5,
      1
    ],
    "PercentPhaseFieldOfView": 100,
    "PhaseEncodingDirection": "j",
    "PixelBandwidth": 3906.25,
    "PixelSpacing": [
      1.7188,
      1.7188
    ],
    "ReceiveCoilName": "8HRBRAIN",
    "RepetitionTime": 3,
    "Rows": 128,
    "SATFatWaterBone": 1,
    "ScanOptions": [
      "SAT_GEMS",
      "EPI_GEMS",
      "ACC_GEMS",
      "FS"
    ],
    "ScanningSequence": [
      "EP",
      "GR"
    ],
    "SequenceVariant": "SS",
    "SeriesDate": "18740516",
    "SeriesDescription": "fMRI-hands",
    "SeriesNumber": 7,
    "SeriesTime": "200311",
    "SliceThickness": 2.3,
    "SliceTiming": [
      0,
      1.5,
      0.06522,
      1.56522,
      0.13043,
      1.63043,
      0.19565,
      1.69565,
      0.26087,
      1.76087,
      0.32609,
      1.82609,
      0.3913,
      1.8913,
      0.45652,
      1.95652,
      0.52174,
      2.02174,
      0.58696,
      2.08696,
      0.65217,
      2.15217,
      0.71739,
      2.21739,
      0.78261,
      2.28261,
      0.84783,
      2.34783,
      0.91304,
      2.41304,
      0.97826,
      2.47826,
      1.04348,
      2.54348,
      1.1087,
      2.6087,
      1.17391,
      2.67391,
      1.23913,
      2.73913,
      1.30435,
      2.80435,
      1.36957,
      2.86957,
      1.43478,
      2.93478
    ],
    "SliceTimingComputationMethod": "SliceNumber*RepetitionTime/NumberOfSlices (interleaved ascending, odd first)",
    "SpacingBetweenSlices": 2.4,
    "StudyTime": "193149",
    "TaskDescription": "In an event-related design, participants were shown pictures of hands being stung by needles or poked with Q-tips. The stimulus set was kindly shared by Claus Lamm, and has been shown to be effective in previous work by him. After each picture, participants were asked to rate their perceived unpleasantness on a visual analog scale of 0-100.",
    "TaskInstructions": "",
    "TaskName": "Hands",
    "dummyScans": 5,
    "modality": "bold",
    "session_id": "1",
    "subject_id": "9011",
    "task_id": "hands"
  },
  "dummy_trs": 0,
  "dvars_nstd": 37.66612415324999,
  "dvars_std": 1.0537955535499999,
  "dvars_vstd": 1.0865630772000001,
  "efc": 0.4636462354185845,
  "fber": 12623.54296875,
  "fd_mean": 0.1679832825778142,
  "fd_num": 40,
  "fd_perc": 19.90049751243781,
  "fwhm_avg": 2.953637987156377,
  "fwhm_x": 3.1248371889272404,
  "fwhm_y": 3.494711530896867,
  "fwhm_z": 2.2413652416450236,
  "gcor": 0.0194841,
  "gsr_x": -0.0048380023799836636,
  "gsr_y": 0.018046393990516663,
  "provenance": {
    "md5sum": "d1f40d0dc6ce77395272db9b1e824f4d",
    "settings": {
      "fd_thres": 0.2,
      "hmc_fsl": false
    },
    "software": "mriqc",
    "version": "0.9.6"
  },
  "size_t": 201,
  "size_x": 128,
  "size_y": 128,
  "size_z": 46,
  "snr": 3.07943040217324,
  "spacing_tr": 3.0,
  "spacing_x": 1.7187999486923218,
  "spacing_y": 1.7187999486923218,
  "spacing_z": 2.4000015258789062,
  "summary_bg_k": 215.58381344559515,
  "summary_bg_mad": 47.74568557739258,
  "summary_bg_mean": 95.81546020507812,
  "summary_bg_median": 32.51741027832031,
  "summary_bg_n": 487440.0,
  "summary_bg_p05": 0.08457711338996887,
  "summary_bg_p95": 344.7669204711912,
  "summary_bg_stdv": 252.18228149414062,
  "summary_fg_k": 1.4709105414644172,
  "summary_fg_mad": 826.1337890625,
  "summary_fg_mean": 3798.198974609375,
  "summary_fg_median": 3629.15673828125,
  "summary_fg_n": 168102.0,
  "summary_fg_p05": 2110.3668579101563,
  "summary_fg_p95": 6172.520947265624,
  "summary_fg_stdv": 1178.5120849609375,
  "tsnr": 32.98923110961914
}