{
  "aor": 0.0021310999999999995,
  "aqi": 0.0028483629,
  "bids_meta": {
    "AcquisitionDuration": 525.000256,
    "CogAtlasID": "trm_4c8a834779883",
    "Columns": 128,
    "EchoTime": 0.03,
    "EchoTrainLength": 1,
    "EffectiveEchoSpacing": 0.000464,
    "FieldOfView": [
      288,
      288,
      147
    ],
    "FlipAngle": 75,
    "GEImageTypeRIMPCode": 0,
    "ImageType": "ORIGINAL/PRIMARY/EPI/NONE",
    "ImagingFrequency": 127.765316,
    "InplanePhaseEncodingDirection": "COL",
    "InversionTime": 0,
    "MRAcquisitionType": "2D",
    "MagneticFieldStrength": 3,
    "Manufacturer": "GE MEDICAL SYSTEMS",
    "ManufacturersModelName": "DISCOVERY MR750",
    "NumberOfAverages": 1,
    "NumberOfEPIShots": 1,
    "NumberOfEchoes": 1,
    "NumberOfSlices": 49,
    "ParallelImagingReductionFactors": [
      0.5,
      1
    ],
    "PercentPhaseFieldOfView": 100,
    "PhaseEncodingDirection": "j",
    "PixelBandwidth": 3906.25,
    "PixelSpacing": [
      2.25,
      2.25
    ],
    "ReceiveCoilName": "8HRBRAIN",
    "RepetitionTime": 2.5,
    "Rows": 128,
    "SATFatWaterBone": 0,
    "ScanOptions": [
      "EPI_GEMS",
      "FILTERED_GEMS",
      "ACC_GEMS"
    ],
    "ScanningSequence": [
      "EP",
      "GR"
    ],
    "SequenceVariant": "SS",
    "SeriesDate": "18721229",
    "SeriesDescription": "RSN_BWRT_200vol_3mm",
    "SeriesNumber": 10,
    "SeriesTime": "211809",
    "SliceThickness": 3,
    "SliceTiming": [
      0,
      1.27551,
      0.05102,
      1.32653,
      0.10204,
      1.37755,
      0.15306,
      1.42857,
      0.20408,
      1.47959,
      0.2551,
      1.53061,
      0.30612,
      1.58163,
      0.35714,
      1.63265,
      0.40816,
      1.68367,
      0.45918,
      1.73469,
      0.5102,
      1.78571,
      0.56122,
      1.83673,
      0.61224,
      1.88776,
      0.66327,
      1.93878,
      0.71429,
      1.9898,
      0.76531,
      2.04082,
      0.81633,
      2.09184,
      0.86735,
      2.14286,
      0.91837,
      2.19388,
      0.96939,
      2.2449,
      1.02041,
      2.29592,
      1.07143,
      2.34694,
      1.12245,
      2.39796,
      1.17347,
      2.44898,
      1.22449
    ],
    "SliceTimingComputationMethod": "SliceNumber*RepetitionTime/NumberOfSlices (interleaved ascending, odd first)",
    "SpacingBetweenSlices": 3,
    "StudyTime": "200848",
    "TaskDescription": "Functional connectivity in the resting state was assessed during two eight-minute runs. Participants were asked to rate their sleepiness using the Karolinska Sleepiness Scale every 2 minutes",
    "TaskInstructions": "Participants were instructed to keep their eyes open and look at a white fixation cross presented against a gray background.",
    "TaskName": "Sleepiness",
    "dummyScans": 10,
    "modality": "bold",
    "session_id": "1",
    "subject_id": "9070",
    "task_id": "sleepiness"
  },
  "dummy_trs": 0,
  "dvars_nstd": 16.967655287587945,
  "dvars_std": 1.1499400619095475,
  "dvars_vstd": 1.0143626762814075,
  "efc": 0.32200961472234674,
  "fber": 171629024.0,
  "fd_mean": 0.087215906296568,
  "fd_num": 17,
  "fd_perc": 8.5,
  "fwhm_avg": 3.4102803703703706,
  "fwhm_x": 3.5220577777777775,
  "fwhm_y": 3.944653333333333,
  "fwhm_z": 2.7641299999999998,
  "gcor": 0.0274362,
  "gsr_x": -0.015228653326630592,
  "gsr_y": 0.0035556440707296133,
  "provenance": {
    "md5sum": "68147df63a00a6125bc426fbdea7780c",
    "settings": {
      "fd_thres": 0.2,
      "hmc_fsl": false
    },
    "software": "mriqc",
    "version": "0.9.6"
  },
  "size_t": 200,
  "size_x": 128,
  "size_y": 128,
  "size_z": 49,
  "snr": 4.237533201646211,
  "spacing_tr": 2.5,
  "spacing_x": 2.25,
  "spacing_y": 2.25,
  "spacing_z": 3.0,
  "summary_bg_k": 81.46534300772936,
  "summary_bg_mad": 0.6894100308418274,
  "summary_bg_mean": 58.781402587890625,
  "summary_bg_median": 0.4650000035762787,
  "summary_bg_n": 625289.0,
  "summary_bg_p05": 0.0,
  "summary_bg_p95": 278.1359924316404,
  "summary_bg_stdv": 225.41339111328125,
  "summary_fg_k": 0.7583579177481177,
  "summary_fg_mad": 1172.5048828125,
  "summary_fg_mean": 5460.7158203125,
  "summary_fg_median": 5486.66748046875,
  "summary_fg_n": 88942.0,
  "summary_fg_p05": 3137.422534179688,
  "summary_fg_p95": 7502.077856445312,
  "summary_fg_stdv": 1294.7713623046875,
  "tsnr": 81.167724609375
}