{
  "aor": 0.0026288,
  "aqi": 0.00594002585,
  "bids_meta": {
    "AcquisitionDuration": 525.000256,
    "CogAtlasID": "trm_4c8a834779883",
    "Columns": 128,
    "EchoTime": 0.03,
    "EchoTrainLength": 1,
    "EffectiveEchoSpacing": 0.000464,
    "FieldOfView": [
      288,
      288,
      147
    ],
    "FlipAngle": 75,
    "GEImageTypeRIMPCode": 0,
    "ImageType": "ORIGINAL/PRIMARY/EPI/NONE",
    "ImagingFrequency": 127.765268,
    "InplanePhaseEncodingDirection": "COL",
    "InversionTime": 0,
    "MRAcquisitionType": "2D",
    "MagneticFieldStrength": 3,
    "Manufacturer": "GE MEDICAL SYSTEMS",
    "ManufacturersModelName": "DISCOVERY MR750",
    "NumberOfAverages": 1,
    "NumberOfEPIShots": 1,
    "NumberOfEchoes": 1,
    "NumberOfSlices": 49,
    "ParallelImagingReductionFactors": [
      0.5,
      1
    ],
    "PercentPhaseFieldOfView": 100,
    "PhaseEncodingDirection": "j",
    "PixelBandwidth": 3906.25,
    "PixelSpacing": [
      2.25,
      2.25
    ],
    "ReceiveCoilName": "8HRBRAIN",
    "RepetitionTime": 2.5,
    "Rows": 128,
    "SATFatWaterBone": 0,
    "ScanOptions": [
      "EPI_GEMS",
      "FILTERED_GEMS",
      "ACC_GEMS"
    ],
    "ScanningSequence": [
      "EP",
      "GR"
    ],
    "SequenceVariant": "SS",
    "SeriesDate": "18730408",
    "SeriesDescription": "RSN_BWRT_200vol_3mm",
    "SeriesNumber": 10,
    "SeriesTime": "194945",
    "SliceThickness": 3,
    "SliceTiming": [
      0,
      1.27551,
      0.05102,
      1.32653,
      0.10204,
      1.37755,
      0.15306,
      1.42857,
      0.20408,
      1.47959,
      0.2551,
      1.53061,
      0.30612,
      1.58163,
      0.35714,
      1.63265,
      0.40816,
      1.68367,
      0.45918,
      1.73469,
      0.5102,
      1.78571,
      0.56122,
      1.83673,
      0.61224,
      1.88776,
      0.66327,
      1.93878,
      0.71429,
      1.9898,
      0.76531,
      2.04082,
      0.81633,
      2.09184,
      0.86735,
      2.14286,
      0.91837,
      2.19388,
      0.96939,
      2.2449,
      1.02041,
      2.29592,
      1.07143,
      2.34694,
      1.12245,
      2.39796,
      1.17347,
      2.44898,
      1.22449
    ],
    "SliceTimingComputationMethod": "SliceNumber*RepetitionTime/NumberOfSlices (interleaved ascending, odd first)",
    "SpacingBetweenSlices": 3,
    "StudyTime": "185041",
    "TaskDescription": "Functional connectivity in the resting state was assessed during two eight-minute runs. Participants were asked to rate their sleepiness using the Karolinska Sleepiness Scale every 2 minutes",
    "TaskInstructions": "Participants were instructed to keep their eyes open and look at a white fixation cross presented against a gray background.",
    "TaskName": "Sleepiness",
    "dummyScans": 10,
    "modality": "bold",
    "session_id": "2",
    "subject_id": "9090",
    "task_id": "sleepiness"
  },
  "dummy_trs": 0,
  "dvars_nstd": 19.503997223165833,
  "dvars_std": 1.1917862256281415,
  "dvars_vstd": 0.9936963699497482,
  "efc": 0.32901825848804184,
  "fber": 42228148.0,
  "fd_mean": 0.10975248164860574,
  "fd_num": 18,
  "fd_perc": 9.0,
  "fwhm_avg": 3.337341481481482,
  "fwhm_x": 3.409568888888889,
  "fwhm_y": 3.9205155555555558,
  "fwhm_z": 2.6819400000000004,
  "gcor": 0.0765423,
  "gsr_x": -0.014750603586435318,
  "gsr_y": 0.0022242150735110044,
  "provenance": {
    "md5sum": "4c80bd60c3e0d76d825500ae7cbaa28c",
    "settings": {
      "fd_thres": 0.2,
      "hmc_fsl": false
    },
    "software": "mriqc",
    "version": "0.9.6"
  },
  "size_t": 200,
  "size_x": 128,
  "size_y": 128,
  "size_z": 49,
  "snr": 4.248959063755339,
  "spacing_tr": 2.5,
  "spacing_x": 2.25,
  "spacing_y": 2.25,
  "spacing_z": 3.0,
  "summary_bg_k": 65.87820810606709,
  "summary_bg_mad": 1.2305598258972168,
  "summary_bg_mean": 72.70732116699219,
  "summary_bg_median": 0.8299999833106995,
  "summary_bg_n": 624952.0,
  "summary_bg_p05": 0.0,
  "summary_bg_p95": 352.9039840698233,
  "summary_bg_stdv": 278.1905822753906,
  "summary_fg_k": 0.9580126573898937,
  "summary_fg_mad": 1025.241943359375,
  "summary_fg_mean": 5047.84716796875,
  "summary_fg_median": 5066.82470703125,
  "summary_fg_n": 88337.0,
  "summary_fg_p05": 2920.5029296875,
  "summary_fg_p95": 6980.800976562499,
  "summary_fg_stdv": 1192.4793701171875,
  "tsnr": 63.542259216308594
}