{
  "aor": 0.0176230412371134,
  "aqi": 0.008824944226804124,
  "bids_meta": {
    "AcquisitionDuration": 525.000256,
    "CogAtlasID": "trm_4c8a834779883",
    "Columns": 128,
    "EchoTime": 0.03,
    "EchoTrainLength": 1,
    "EffectiveEchoSpacing": 0.000464,
    "FieldOfView": [
      288,
      288,
      147
    ],
    "FlipAngle": 75,
    "GEImageTypeRIMPCode": 0,
    "ImageType": "ORIGINAL/PRIMARY/EPI/NONE",
    "ImagingFrequency": 127.765254,
    "InplanePhaseEncodingDirection": "COL",
    "InversionTime": 0,
    "MRAcquisitionType": "2D",
    "MagneticFieldStrength": 3,
    "Manufacturer": "GE MEDICAL SYSTEMS",
    "ManufacturersModelName": "DISCOVERY MR750",
    "NumberOfAverages": 1,
    "NumberOfEPIShots": 1,
    "NumberOfEchoes": 1,
    "NumberOfSlices": 49,
    "ParallelImagingReductionFactors": [
      0.5,
      1
    ],
    "PercentPhaseFieldOfView": 100,
    "PhaseEncodingDirection": "j",
    "PixelBandwidth": 3906.25,
    "PixelSpacing": [
      2.25,
      2.25
    ],
    "ReceiveCoilName": "8HRBRAIN",
    "RepetitionTime": 2.5,
    "Rows": 128,
    "SATFatWaterBone": 0,
    "ScanOptions": [
      "EPI_GEMS",
      "FILTERED_GEMS",
      "ACC_GEMS"
    ],
    "ScanningSequence": [
      "EP",
      "GR"
    ],
    "SequenceVariant": "SS",
    "SeriesDate": "18730416",
    "SeriesDescription": "RSN_BWRT_200vol_3mm",
    "SeriesNumber": 4,
    "SeriesTime": "204412",
    "SliceThickness": 3,
    "SliceTiming": [
      0,
      1.27551,
      0.05102,
      1.32653,
      0.10204,
      1.37755,
      0.15306,
      1.42857,
      0.20408,
      1.47959,
      0.2551,
      1.53061,
      0.30612,
      1.58163,
      0.35714,
      1.63265,
      0.40816,
      1.68367,
      0.45918,
      1.73469,
      0.5102,
      1.78571,
      0.56122,
      1.83673,
      0.61224,
      1.88776,
      0.66327,
      1.93878,
      0.71429,
      1.9898,
      0.76531,
      2.04082,
      0.81633,
      2.09184,
      0.86735,
      2.14286,
      0.91837,
      2.19388,
      0.96939,
      2.2449,
      1.02041,
      2.29592,
      1.07143,
      2.34694,
      1.12245,
      2.39796,
      1.17347,
      2.44898,
      1.22449
    ],
    "SliceTimingComputationMethod": "SliceNumber*RepetitionTime/NumberOfSlices (interleaved ascending, odd first)",
    "SpacingBetweenSlices": 3,
    "StudyTime": "203621",
    "TaskDescription": "Functional connectivity in the resting state was assessed during two eight-minute runs.",
    "TaskInstructions": "Participants were instructed to keep their eyes open and look at a white fixation cross presented against a gray background.",
    "TaskName": "Resting State",
    "dummyScans": 10,
    "modality": "bold",
    "session_id": "1",
    "subject_id": "9067",
    "task_id": "rest"
  },
  "dummy_trs": 0,
  "dvars_nstd": 25.165483203056986,
  "dvars_std": 1.083643127409327,
  "dvars_vstd": 1.0434587411917093,
  "efc": 0.30689591076958667,
  "fber": 19322344.0,
  "fd_mean": 0.32059005593285117,
  "fd_num": 82,
  "fd_perc": 42.2680412371134,
  "fwhm_avg": 3.477582962962963,
  "fwhm_x": 3.5920977777777776,
  "fwhm_y": 4.047084444444445,
  "fwhm_z": 2.7935666666666665,
  "gcor": 0.08361,
  "gsr_x": -0.016106082126498222,
  "gsr_y": -0.003057920141145587,
  "provenance": {
    "md5sum": "5fc0448ecb696a3b231edd4a8286430f",
    "settings": {
      "fd_thres": 0.2,
      "hmc_fsl": false
    },
    "software": "mriqc",
    "version": "0.9.6"
  },
  "size_t": 194,
  "size_x": 128,
  "size_y": 128,
  "size_z": 49,
  "snr": 4.433182849926179,
  "spacing_tr": 2.5,
  "spacing_x": 2.25,
  "spacing_y": 2.25,
  "spacing_z": 3.0,
  "summary_bg_k": 74.56137637038249,
  "summary_bg_mad": 1.8800008296966553,
  "summary_bg_mean": 69.8071517944336,
  "summary_bg_median": 1.2680412530899048,
  "summary_bg_n": 639620.0,
  "summary_bg_p05": 0.0,
  "summary_bg_p95": 346.92266845703125,
  "summary_bg_stdv": 264.9837341308594,
  "summary_fg_k": 1.0522432244545463,
  "summary_fg_mad": 1043.5,
  "summary_fg_mean": 5289.279296875,
  "summary_fg_median": 5314.4482421875,
  "summary_fg_n": 77089.0,
  "summary_fg_p05": 3130.92578125,
  "summary_fg_p95": 7171.98447265625,
  "summary_fg_stdv": 1198.7806396484375,
  "tsnr": 43.192710876464844
}