{
  "aor": 0.002032020725388601,
  "aqi": 0.005261246683937823,
  "bids_meta": {
    "AcquisitionDuration": 525.000256,
    "CogAtlasID": "trm_4c8a834779883",
    "Columns": 128,
    "EchoTime": 0.03,
    "EchoTrainLength": 1,
    "EffectiveEchoSpacing": 0.000464,
    "FieldOfView": [
      288,
      288,
      147
    ],
    "FlipAngle": 75,
    "GEImageTypeRIMPCode": 0,
    "ImageType": "ORIGINAL/PRIMARY/EPI/NONE",
    "ImagingFrequency": 127.7651,
    "InplanePhaseEncodingDirection": "COL",
    "InversionTime": 0,
    "MRAcquisitionType": "2D",
    "MagneticFieldStrength": 3,
    "Manufacturer": "GE MEDICAL SYSTEMS",
    "ManufacturersModelName": "DISCOVERY MR750",
    "NumberOfAverages": 1,
    "NumberOfEPIShots": 1,
    "NumberOfEchoes": 1,
    "NumberOfSlices": 49,
    "ParallelImagingReductionFactors": [
      0.5,
      1
    ],
    "PercentPhaseFieldOfView": 100,
    "PhaseEncodingDirection": "j",
    "PixelBandwidth": 3906.25,
    "PixelSpacing": [
      2.25,
      2.25
    ],
    "ReceiveCoilName": "8HRBRAIN",
    "RepetitionTime": 2.5,
    "Rows": 128,
    "SATFatWaterBone": 0,
    "ScanOptions": [
      "EPI_GEMS",
      "FILTERED_GEMS",
      "ACC_GEMS"
    ],
    "ScanningSequence": [
      "EP",
      "GR"
    ],
    "SequenceVariant": "SS",
    "SeriesDate": "18740413",
    "SeriesDescription": "RSN_BWRT_200vol_3mm",
    "SeriesNumber": 4,
    "SeriesTime": "195200",
    "SliceThickness": 3,
    "SliceTiming": [
      0,
      1.27551,
      0.05102,
      1.32653,
      0.10204,
      1.37755,
      0.15306,
      1.42857,
      0.20408,
      1.47959,
      0.2551,
      1.53061,
      0.30612,
      1.58163,
      0.35714,
      1.63265,
      0.40816,
      1.68367,
      0.45918,
      1.73469,
      0.5102,
      1.78571,
      0.56122,
      1.83673,
      0.61224,
      1.88776,
      0.66327,
      1.93878,
      0.71429,
      1.9898,
      0.76531,
      2.04082,
      0.81633,
      2.09184,
      0.86735,
      2.14286,
      0.91837,
      2.19388,
      0.96939,
      2.2449,
      1.02041,
      2.29592,
      1.07143,
      2.34694,
      1.12245,
      2.39796,
      1.17347,
      2.44898,
      1.22449
    ],
    "SliceTimingComputationMethod": "SliceNumber*RepetitionTime/NumberOfSlices (interleaved ascending, odd first)",
    "SpacingBetweenSlices": 3,
    "StudyTime": "194328",
    "TaskDescription": "Functional connectivity in the resting state was assessed during two eight-minute runs.",
    "TaskInstructions": "Participants were instructed to keep their eyes open and look at a white fixation cross presented against a gray background.",
    "TaskName": "Resting State",
    "dummyScans": 10,
    "modality": "bold",
    "session_id": "1",
    "subject_id": "9065",
    "task_id": "rest"
  },
  "dummy_trs": 0,
  "dvars_nstd": 24.658503065781243,
  "dvars_std": 1.1690530999999997,
  "dvars_vstd": 0.9861922532812497,
  "efc": 0.34994514595324877,
  "fber": 15635288.0,
  "fd_mean": 0.19663309582472566,
  "fd_num": 71,
  "fd_perc": 36.78756476683938,
  "fwhm_avg": 3.250844444444444,
  "fwhm_x": 3.2526844444444443,
  "fwhm_y": 3.814462222222222,
  "fwhm_z": 2.6853866666666666,
  "gcor": 0.0704932,
  "gsr_x": -0.02242349274456501,
  "gsr_y": 0.005886765196919441,
  "provenance": {
    "md5sum": "a39994e3eba4eabd1c83fd57cba62ed8",
    "settings": {
      "fd_thres": 0.2,
      "hmc_fsl": false
    },
    "software": "mriqc",
    "version": "0.9.6"
  },
  "size_t": 193,
  "size_x": 128,
  "size_y": 128,
  "size_z": 49,
  "snr": 4.3333943436474724,
  "spacing_tr": 2.5,
  "spacing_x": 2.25,
  "spacing_y": 2.25,
  "spacing_z": 3.0,
  "summary_bg_k": 51.089876686162555,
  "summary_bg_mad": 1.8513323068618774,
  "summary_bg_mean": 85.36466979980469,
  "summary_bg_median": 1.2487046718597412,
  "summary_bg_n": 617476.0,
  "summary_bg_p05": 0.0,
  "summary_bg_p95": 456.4339294433594,
  "summary_bg_stdv": 286.3757019042969,
  "summary_fg_k": 1.0842242422333506,
  "summary_fg_mad": 954.1812133789062,
  "summary_fg_mean": 4700.31298828125,
  "summary_fg_median": 4745.1865234375,
  "summary_fg_n": 96837.0,
  "summary_fg_p05": 2794.87666015625,
  "summary_fg_p95": 6383.865234375,
  "summary_fg_stdv": 1095.02197265625,
  "tsnr": 61.33561325073242
}