{
  "aor": 0.00783565,
  "aqi": 0.00795140615,
  "bids_meta": {
    "AcquisitionDuration": 525.000256,
    "CogAtlasID": "trm_4c8a834779883",
    "Columns": 128,
    "EchoTime": 0.03,
    "EchoTrainLength": 1,
    "EffectiveEchoSpacing": 0.000464,
    "FieldOfView": [
      288,
      288,
      147
    ],
    "FlipAngle": 75,
    "GEImageTypeRIMPCode": 0,
    "ImageType": "ORIGINAL/PRIMARY/EPI/NONE",
    "ImagingFrequency": 127.765137,
    "InplanePhaseEncodingDirection": "COL",
    "InversionTime": 0,
    "MRAcquisitionType": "2D",
    "MagneticFieldStrength": 3,
    "Manufacturer": "GE MEDICAL SYSTEMS",
    "ManufacturersModelName": "DISCOVERY MR750",
    "NumberOfAverages": 1,
    "NumberOfEPIShots": 1,
    "NumberOfEchoes": 1,
    "NumberOfSlices": 49,
    "ParallelImagingReductionFactors": [
      0.5,
      1
    ],
    "PercentPhaseFieldOfView": 100,
    "PhaseEncodingDirection": "j",
    "PixelBandwidth": 3906.25,
    "PixelSpacing": [
      2.25,
      2.25
    ],
    "ReceiveCoilName": "8HRBRAIN",
    "RepetitionTime": 2.5,
    "Rows": 128,
    "SATFatWaterBone": 0,
    "ScanOptions": [
      "EPI_GEMS",
      "FILTERED_GEMS",
      "ACC_GEMS"
    ],
    "ScanningSequence": [
      "EP",
      "GR"
    ],
    "SequenceVariant": "SS",
    "SeriesDate": "18740308",
    "SeriesDescription": "RSN_BWRT_200vol_3mm",
    "SeriesNumber": 4,
    "SeriesTime": "200638",
    "SliceThickness": 3,
    "SliceTiming": [
      0,
      1.27551,
      0.05102,
      1.32653,
      0.10204,
      1.37755,
      0.15306,
      1.42857,
      0.20408,
      1.47959,
      0.2551,
      1.53061,
      0.30612,
      1.58163,
      0.35714,
      1.63265,
      0.40816,
      1.68367,
      0.45918,
      1.73469,
      0.5102,
      1.78571,
      0.56122,
      1.83673,
      0.61224,
      1.88776,
      0.66327,
      1.93878,
      0.71429,
      1.9898,
      0.76531,
      2.04082,
      0.81633,
      2.09184,
      0.86735,
      2.14286,
      0.91837,
      2.19388,
      0.96939,
      2.2449,
      1.02041,
      2.29592,
      1.07143,
      2.34694,
      1.12245,
      2.39796,
      1.17347,
      2.44898,
      1.22449
    ],
    "SliceTimingComputationMethod": "SliceNumber*RepetitionTime/NumberOfSlices (interleaved ascending, odd first)",
    "SpacingBetweenSlices": 3,
    "StudyTime": "195848",
    "TaskDescription": "Functional connectivity in the resting state was assessed during two eight-minute runs.",
    "TaskInstructions": "Participants were instructed to keep their eyes open and look at a white fixation cross presented against a gray background.",
    "TaskName": "Resting State",
    "dummyScans": 10,
    "modality": "bold",
    "session_id": "2",
    "subject_id": "9092",
    "task_id": "rest"
  },
  "dummy_trs": 0,
  "dvars_nstd": 28.845450904824123,
  "dvars_std": 1.1324196304522618,
  "dvars_vstd": 1.0053763145728642,
  "efc": 0.3354544441368253,
  "fber": 14457554.0,
  "fd_mean": 0.2228678873049643,
  "fd_num": 85,
  "fd_perc": 42.5,
  "fwhm_avg": 3.2912996296296293,
  "fwhm_x": 3.379,
  "fwhm_y": 3.843568888888889,
  "fwhm_z": 2.65133,
  "gcor": 0.0784709,
  "gsr_x": -0.022347046062350273,
  "gsr_y": 0.0005297739407978952,
  "provenance": {
    "md5sum": "fa89e7817d5ab2ae851d10e5b6b98835",
    "settings": {
      "fd_thres": 0.2,
      "hmc_fsl": false
    },
    "software": "mriqc",
    "version": "0.9.6"
  },
  "size_t": 200,
  "size_x": 128,
  "size_y": 128,
  "size_z": 49,
  "snr": 4.226759908893655,
  "spacing_tr": 2.5,
  "spacing_x": 2.25,
  "spacing_y": 2.25,
  "spacing_z": 3.0,
  "summary_bg_k": 48.450587758809654,
  "summary_bg_mad": 2.0459911823272705,
  "summary_bg_mean": 90.6242904663086,
  "summary_bg_median": 1.3799999952316284,
  "summary_bg_n": 626413.0,
  "summary_bg_p05": 0.0,
  "summary_bg_p95": 493.7529907226567,
  "summary_bg_stdv": 321.95013427734375,
  "summary_fg_k": 0.985989731660387,
  "summary_fg_mad": 1078.4150390625,
  "summary_fg_mean": 5050.130859375,
  "summary_fg_median": 5075.759765625,
  "summary_fg_n": 87761.0,
  "summary_fg_p05": 2967.309814453125,
  "summary_fg_p95": 6928.849609375,
  "summary_fg_stdv": 1200.856201171875,
  "tsnr": 46.840126037597656
}