{
  "aor": 0.004478655913978495,
  "aqi": 0.010408062150537634,
  "bids_meta": {
    "AcquisitionDuration": 723.000256,
    "Columns": 128,
    "EchoTime": 0.034,
    "EchoTrainLength": 1,
    "EffectiveEchoSpacing": 0.00056,
    "FieldOfView": [
      220.01,
      220.01,
      110.4
    ],
    "FlipAngle": 80,
    "GEImageTypeRIMPCode": 0,
    "ImageType": "ORIGINAL/PRIMARY/EPI/NONE",
    "ImagingFrequency": 127.765176,
    "InplanePhaseEncodingDirection": "COL",
    "InversionTime": 0,
    "MRAcquisitionType": "2D",
    "MagneticFieldStrength": 3,
    "Manufacturer": "GE MEDICAL SYSTEMS",
    "ManufacturersModelName": "DISCOVERY MR750",
    "NumberOfAverages": 1,
    "NumberOfEPIShots": 1,
    "NumberOfEchoes": 1,
    "NumberOfSlices": 46,
    "ParallelImagingReductionFactors": [
      0.5,
      1
    ],
    "PercentPhaseFieldOfView": 100,
    "PhaseEncodingDirection": "j",
    "PixelBandwidth": 3906.25,
    "PixelSpacing": [
      1.7188,
      1.7188
    ],
    "ReceiveCoilName": "8HRBRAIN",
    "RepetitionTime": 3,
    "Rows": 128,
    "SATFatWaterBone": 1,
    "ScanOptions": [
      "SAT_GEMS",
      "EPI_GEMS",
      "ACC_GEMS",
      "FS"
    ],
    "ScanningSequence": [
      "EP",
      "GR"
    ],
    "SequenceVariant": "SS",
    "SeriesDate": "18740504",
    "SeriesDescription": "fMRI-hands",
    "SeriesNumber": 7,
    "SeriesTime": "200236",
    "SliceThickness": 2.3,
    "SliceTiming": [
      0,
      1.5,
      0.06522,
      1.56522,
      0.13043,
      1.63043,
      0.19565,
      1.69565,
      0.26087,
      1.76087,
      0.32609,
      1.82609,
      0.3913,
      1.8913,
      0.45652,
      1.95652,
      0.52174,
      2.02174,
      0.58696,
      2.08696,
      0.65217,
      2.15217,
      0.71739,
      2.21739,
      0.78261,
      2.28261,
      0.84783,
      2.34783,
      0.91304,
      2.41304,
      0.97826,
      2.47826,
      1.04348,
      2.54348,
      1.1087,
      2.6087,
      1.17391,
      2.67391,
      1.23913,
      2.73913,
      1.30435,
      2.80435,
      1.36957,
      2.86957,
      1.43478,
      2.93478
    ],
    "SliceTimingComputationMethod": "SliceNumber*RepetitionTime/NumberOfSlices (interleaved ascending, odd first)",
    "SpacingBetweenSlices": 2.4,
    "StudyTime": "193301",
    "TaskDescription": "In an event-related design, participants were shown pictures of hands being stung by needles or poked with Q-tips. The stimulus set was kindly shared by Claus Lamm, and has been shown to be effective in previous work by him. After each picture, participants were asked to rate their perceived unpleasantness on a visual analog scale of 0-100.",
    "TaskInstructions": "",
    "TaskName": "Hands",
    "dummyScans": 5,
    "modality": "bold",
    "session_id": "2",
    "subject_id": "9093",
    "task_id": "hands"
  },
  "dummy_trs": 0,
  "dvars_nstd": 38.58518017945946,
  "dvars_std": 1.0608533051891893,
  "dvars_vstd": 1.0403920065405403,
  "efc": 0.47772046534893803,
  "fber": 10771.9072265625,
  "fd_mean": 0.2121322231750518,
  "fd_num": 54,
  "fd_perc": 29.032258064516128,
  "fwhm_avg": 2.9702927735484788,
  "fwhm_x": 3.1015535019394394,
  "fwhm_y": 3.458401313382908,
  "fwhm_z": 2.3509235053230886,
  "gcor": 0.00799686,
  "gsr_x": -0.013750750571489334,
  "gsr_y": 0.034227073192596436,
  "provenance": {
    "md5sum": "f2536c7e38fec60f908556126aacc172",
    "settings": {
      "fd_thres": 0.2,
      "hmc_fsl": false
    },
    "software": "mriqc",
    "version": "0.9.6"
  },
  "size_t": 186,
  "size_x": 128,
  "size_y": 128,
  "size_z": 46,
  "snr": 2.912861387778644,
  "spacing_tr": 3.0,
  "spacing_x": 1.7187999486923218,
  "spacing_y": 1.7187999486923218,
  "spacing_z": 2.4000015258789062,
  "summary_bg_k": 200.05889860244287,
  "summary_bg_mad": 50.85086441040039,
  "summary_bg_mean": 113.0463638305664,
  "summary_bg_median": 34.79301071166992,
  "summary_bg_n": 479652.0,
  "summary_bg_p05": 0.14516128599643707,
  "summary_bg_p95": 470.8870849609375,
  "summary_bg_stdv": 293.3461608886719,
  "summary_fg_k": 1.596204886315511,
  "summary_fg_mad": 968.27880859375,
  "summary_fg_mean": 3808.131103515625,
  "summary_fg_median": 3632.811767578125,
  "summary_fg_n": 176278.0,
  "summary_fg_p05": 2027.1954650878906,
  "summary_fg_p95": 6203.338061523436,
  "summary_fg_stdv": 1247.1590576171875,
  "tsnr": 32.48240280151367
}