{
  "bids_meta": {
    "AcquisitionDuration": 238.55128,
    "Columns": 512,
    "EchoTime": 0.00281,
    "EchoTrainLength": 1,
    "EffectiveEchoSpacing": 0,
    "FieldOfView": [
      240.03,
      240.03,
      180
    ],
    "FlipAngle": 11,
    "GEImageTypeRIMPCode": 0,
    "ImageType": "ORIGINAL/PRIMARY/OTHER",
    "ImagingFrequency": 127.765094,
    "InplanePhaseEncodingDirection": "ROW",
    "InversionTime": 0.45,
    "MRAcquisitionType": "3D",
    "MagneticFieldStrength": 3,
    "Manufacturer": "GE MEDICAL SYSTEMS",
    "ManufacturersModelName": "DISCOVERY MR750",
    "NumberOfAverages": 1,
    "NumberOfEPIShots": 0,
    "NumberOfEchoes": 1,
    "NumberOfSlices": 180,
    "ParallelImagingReductionFactors": [
      0.571429,
      1
    ],
    "PercentPhaseFieldOfView": 100,
    "PhaseEncodingDirection": "i",
    "PixelBandwidth": 122.07,
    "PixelSpacing": [
      0.4688,
      0.4688
    ],
    "ReceiveCoilName": "8HRBRAIN",
    "RepetitionTime": 0.0064,
    "Rows": 512,
    "SATFatWaterBone": 0,
    "ScanOptions": [
      "FAST_GEMS",
      "EDR_GEMS",
      "FILTERED_GEMS",
      "ACC_GEMS"
    ],
    "ScanningSequence": "GR",
    "SequenceVariant": [
      "SS",
      "SK"
    ],
    "SeriesDate": "18740613",
    "SeriesDescription": "Sag3D_T1_1mm3",
    "SeriesNumber": 2,
    "SeriesTime": "194457",
    "SliceThickness": 1,
    "SpacingBetweenSlices": 1,
    "StudyTime": "194303",
    "modality": "T1w",
    "session_id": "2",
    "subject_id": "9004"
  },
  "cjv": 0.42450453244160213,
  "cnr": 3.2027415321232553,
  "efc": 0.6432562304287277,
  "fber": 168.41552734375,
  "fwhm_avg": 6.220371175954612,
  "fwhm_x": 3.94038,
  "fwhm_y": 7.653796792868396,
  "fwhm_z": 7.06693673499544,
  "icvs_csf": 0.22775258593226866,
  "icvs_gm": 0.3981304317919795,
  "icvs_wm": 0.37411698227575185,
  "inu_med": 1.2138395309448242,
  "inu_range": 0.5108598589897153,
  "provenance": {
    "md5sum": "cc38cbadab9e5b6cbcb2cbbefbeff48e",
    "mriqc_pred": 0,
    "settings": {
      "testing": false
    },
    "software": "mriqc",
    "version": "0.9.6",
    "warnings": {
      "large_rot_frame": true,
      "small_air_mask": false
    }
  },
  "qi_1": 0.0,
  "qi_2": 0.0003445126329603622,
  "rpve_csf": 23.007991934861824,
  "rpve_gm": 12.971923491066363,
  "rpve_wm": 16.204927180634673,
  "size_x": 180,
  "size_y": 512,
  "size_z": 512,
  "snr_csf": 4.298784888609797,
  "snr_gm": 14.53094778151016,
  "snr_total": 12.739203222289456,
  "snr_wm": 19.38787699674841,
  "snrd_csf": 13.929970356477645,
  "snrd_gm": 31.498088239998076,
  "snrd_total": 28.983158410986817,
  "snrd_wm": 41.52141663648473,
  "spacing_x": 1.0,
  "spacing_y": 0.46880000829696655,
  "spacing_z": 0.46880000829696655,
  "summary_bg_k": 2.805795440757895,
  "summary_bg_mad": 15.77840518951416,
  "summary_bg_mean": 54.8851203918457,
  "summary_bg_median": 52.87883758544922,
  "summary_bg_n": 8725386.0,
  "summary_bg_p05": 31.001846313476562,
  "summary_bg_p95": 85.75748634338379,
  "summary_bg_stdv": 17.186479568481445,
  "summary_csf_k": 0.6713386227925038,
  "summary_csf_mad": 68.02347564697266,
  "summary_csf_mean": 348.71063232421875,
  "summary_csf_median": 335.4915466308594,
  "summary_csf_n": 298269.0,
  "summary_csf_p05": 242.6343292236328,
  "summary_csf_p95": 500.3382934570312,
  "summary_csf_stdv": 78.043212890625,
  "summary_gm_k": 0.04818445317175968,
  "summary_gm_mad": 51.8154296875,
  "summary_gm_mean": 759.9235229492188,
  "summary_gm_median": 758.6047973632812,
  "summary_gm_n": 179013.0,
  "summary_gm_p05": 676.2348510742188,
  "summary_gm_p95": 848.2027587890625,
  "summary_gm_stdv": 52.20600128173828,
  "summary_wm_k": 0.23779990949807184,
  "summary_wm_mad": 50.661399841308594,
  "summary_wm_mean": 1001.2017822265625,
  "summary_wm_median": 1000.0081787109375,
  "summary_wm_n": 1098546.0,
  "summary_wm_p05": 918.4671630859375,
  "summary_wm_p95": 1088.2177734375,
  "summary_wm_stdv": 51.57902145385742,
  "tpm_overlap_csf": 0.22033199667930603,
  "tpm_overlap_gm": 0.4587115943431854,
  "tpm_overlap_wm": 0.5166758894920349,
  "wm2max": 0.4219758778170439
}