{
  "aor": 0.0018151694915254236,
  "aqi": 0.010838668728813559,
  "bids_meta": {
    "AcquisitionDuration": 723.000256,
    "Columns": 128,
    "EchoTime": 0.034,
    "EchoTrainLength": 1,
    "EffectiveEchoSpacing": 0.00056,
    "FieldOfView": [
      220.01,
      220.01,
      110.4
    ],
    "FlipAngle": 80,
    "GEImageTypeRIMPCode": 0,
    "ImageType": "ORIGINAL/PRIMARY/EPI/NONE",
    "ImagingFrequency": 127.765125,
    "InplanePhaseEncodingDirection": "COL",
    "InversionTime": 0,
    "MRAcquisitionType": "2D",
    "MagneticFieldStrength": 3,
    "Manufacturer": "GE MEDICAL SYSTEMS",
    "ManufacturersModelName": "DISCOVERY MR750",
    "NumberOfAverages": 1,
    "NumberOfEPIShots": 1,
    "NumberOfEchoes": 1,
    "NumberOfSlices": 46,
    "ParallelImagingReductionFactors": [
      0.5,
      1
    ],
    "PercentPhaseFieldOfView": 100,
    "PhaseEncodingDirection": "j",
    "PixelBandwidth": 3906.25,
    "PixelSpacing": [
      1.7188,
      1.7188
    ],
    "ReceiveCoilName": "8HRBRAIN",
    "RepetitionTime": 3,
    "Rows": 128,
    "SATFatWaterBone": 1,
    "ScanOptions": [
      "SAT_GEMS",
      "EPI_GEMS",
      "ACC_GEMS",
      "FS"
    ],
    "ScanningSequence": [
      "EP",
      "GR"
    ],
    "SequenceVariant": "SS",
    "SeriesDate": "18740305",
    "SeriesDescription": "fMRI-hands",
    "SeriesNumber": 7,
    "SeriesTime": "184450",
    "SliceThickness": 2.3,
    "SliceTiming": [
      0,
      1.5,
      0.06522,
      1.56522,
      0.13043,
      1.63043,
      0.19565,
      1.69565,
      0.26087,
      1.76087,
      0.32609,
      1.82609,
      0.3913,
      1.8913,
      0.45652,
      1.95652,
      0.52174,
      2.02174,
      0.58696,
      2.08696,
      0.65217,
      2.15217,
      0.71739,
      2.21739,
      0.78261,
      2.28261,
      0.84783,
      2.34783,
      0.91304,
      2.41304,
      0.97826,
      2.47826,
      1.04348,
      2.54348,
      1.1087,
      2.6087,
      1.17391,
      2.67391,
      1.23913,
      2.73913,
      1.30435,
      2.80435,
      1.36957,
      2.86957,
      1.43478,
      2.93478
    ],
    "SliceTimingComputationMethod": "SliceNumber*RepetitionTime/NumberOfSlices (interleaved ascending, odd first)",
    "SpacingBetweenSlices": 2.4,
    "StudyTime": "181129",
    "TaskDescription": "In an event-related design, participants were shown pictures of hands being stung by needles or poked with Q-tips. The stimulus set was kindly shared by Claus Lamm, and has been shown to be effective in previous work by him. After each picture, participants were asked to rate their perceived unpleasantness on a visual analog scale of 0-100.",
    "TaskInstructions": "",
    "TaskName": "Hands",
    "dummyScans": 5,
    "modality": "bold",
    "session_id": "1",
    "subject_id": "9040",
    "task_id": "hands"
  },
  "dummy_trs": 0,
  "dvars_nstd": 37.93326203374466,
  "dvars_std": 1.043459060382979,
  "dvars_vstd": 0.9917790186382979,
  "efc": 0.46121132448143226,
  "fber": 17117.54296875,
  "fd_mean": 0.173026151526653,
  "fd_num": 57,
  "fd_perc": 24.152542372881356,
  "fwhm_avg": 2.9907568817344683,
  "fwhm_x": 3.104747590934018,
  "fwhm_y": 3.3470038234390245,
  "fwhm_z": 2.5205192308303634,
  "gcor": 0.00714515,
  "gsr_x": -0.011589538305997849,
  "gsr_y": 0.02481986954808235,
  "provenance": {
    "md5sum": "a869c4d92fc97df374f20bebcb22e63a",
    "settings": {
      "fd_thres": 0.2,
      "hmc_fsl": false
    },
    "software": "mriqc",
    "version": "0.9.6"
  },
  "size_t": 236,
  "size_x": 128,
  "size_y": 128,
  "size_z": 46,
  "snr": 3.3872817481299955,
  "spacing_tr": 3.0,
  "spacing_x": 1.7187999486923218,
  "spacing_y": 1.7187999486923218,
  "spacing_z": 2.4000015258789062,
  "summary_bg_k": 312.85182991512386,
  "summary_bg_mad": 41.67620086669922,
  "summary_bg_mean": 83.07070922851562,
  "summary_bg_median": 28.24576187133789,
  "summary_bg_n": 494416.0,
  "summary_bg_p05": 0.0381355918943882,
  "summary_bg_p95": 292.09004974365234,
  "summary_bg_stdv": 229.0328826904297,
  "summary_fg_k": 2.0711970112253644,
  "summary_fg_mad": 851.5318603515625,
  "summary_fg_mean": 3688.181396484375,
  "summary_fg_median": 3557.966064453125,
  "summary_fg_n": 165996.0,
  "summary_fg_p05": 2281.4110717773438,
  "summary_fg_p95": 5656.24365234375,
  "summary_fg_stdv": 1050.3865966796875,
  "tsnr": 35.81243133544922
}