{
  "aor": 0.0019214583333333332,
  "aqi": 0.004127752135416667,
  "bids_meta": {
    "AcquisitionDuration": 525.000256,
    "CogAtlasID": "trm_4c8a834779883",
    "Columns": 128,
    "EchoTime": 0.03,
    "EchoTrainLength": 1,
    "EffectiveEchoSpacing": 0.000464,
    "FieldOfView": [
      288,
      288,
      147
    ],
    "FlipAngle": 75,
    "GEImageTypeRIMPCode": 0,
    "ImageType": "ORIGINAL/PRIMARY/EPI/NONE",
    "ImagingFrequency": 127.765222,
    "InplanePhaseEncodingDirection": "COL",
    "InversionTime": 0,
    "MRAcquisitionType": "2D",
    "MagneticFieldStrength": 3,
    "Manufacturer": "GE MEDICAL SYSTEMS",
    "ManufacturersModelName": "DISCOVERY MR750",
    "NumberOfAverages": 1,
    "NumberOfEPIShots": 1,
    "NumberOfEchoes": 1,
    "NumberOfSlices": 49,
    "ParallelImagingReductionFactors": [
      0.5,
      1
    ],
    "PercentPhaseFieldOfView": 100,
    "PhaseEncodingDirection": "j",
    "PixelBandwidth": 3906.25,
    "PixelSpacing": [
      2.25,
      2.25
    ],
    "ReceiveCoilName": "8HRBRAIN",
    "RepetitionTime": 2.5,
    "Rows": 128,
    "SATFatWaterBone": 0,
    "ScanOptions": [
      "EPI_GEMS",
      "FILTERED_GEMS",
      "ACC_GEMS"
    ],
    "ScanningSequence": [
      "EP",
      "GR"
    ],
    "SequenceVariant": "SS",
    "SeriesDate": "18730303",
    "SeriesDescription": "RSN_BWRT_200vol_3mm",
    "SeriesNumber": 4,
    "SeriesTime": "182904",
    "SliceThickness": 3,
    "SliceTiming": [
      0,
      1.27551,
      0.05102,
      1.32653,
      0.10204,
      1.37755,
      0.15306,
      1.42857,
      0.20408,
      1.47959,
      0.2551,
      1.53061,
      0.30612,
      1.58163,
      0.35714,
      1.63265,
      0.40816,
      1.68367,
      0.45918,
      1.73469,
      0.5102,
      1.78571,
      0.56122,
      1.83673,
      0.61224,
      1.88776,
      0.66327,
      1.93878,
      0.71429,
      1.9898,
      0.76531,
      2.04082,
      0.81633,
      2.09184,
      0.86735,
      2.14286,
      0.91837,
      2.19388,
      0.96939,
      2.2449,
      1.02041,
      2.29592,
      1.07143,
      2.34694,
      1.12245,
      2.39796,
      1.17347,
      2.44898,
      1.22449
    ],
    "SliceTimingComputationMethod": "SliceNumber*RepetitionTime/NumberOfSlices (interleaved ascending, odd first)",
    "SpacingBetweenSlices": 3,
    "StudyTime": "182135",
    "TaskDescription": "Functional connectivity in the resting state was assessed during two eight-minute runs.",
    "TaskInstructions": "Participants were instructed to keep their eyes open and look at a white fixation cross presented against a gray background.",
    "TaskName": "Resting State",
    "dummyScans": 10,
    "modality": "bold",
    "session_id": "1",
    "subject_id": "9083",
    "task_id": "rest"
  },
  "dummy_trs": 0,
  "dvars_nstd": 19.86472460858638,
  "dvars_std": 1.21434593947644,
  "dvars_vstd": 0.9893860982722512,
  "efc": 0.34071755560281936,
  "fber": 37978344.0,
  "fd_mean": 0.07262965388018772,
  "fd_num": 4,
  "fd_perc": 2.0833333333333335,
  "fwhm_avg": 3.26500962962963,
  "fwhm_x": 3.3014355555555555,
  "fwhm_y": 3.835253333333333,
  "fwhm_z": 2.65834,
  "gcor": 0.0285459,
  "gsr_x": -0.022044679149985313,
  "gsr_y": -0.001052120584063232,
  "provenance": {
    "md5sum": "e7c0c102b68848922dbf4cf6164ab2c5",
    "settings": {
      "fd_thres": 0.2,
      "hmc_fsl": false
    },
    "software": "mriqc",
    "version": "0.9.6"
  },
  "size_t": 192,
  "size_x": 128,
  "size_y": 128,
  "size_z": 49,
  "snr": 4.436017851924163,
  "spacing_tr": 2.5,
  "spacing_x": 2.25,
  "spacing_y": 2.25,
  "spacing_z": 3.0,
  "summary_bg_k": 63.59258856103298,
  "summary_bg_mad": 1.359052062034607,
  "summary_bg_mean": 91.63492584228516,
  "summary_bg_median": 0.9166666865348816,
  "summary_bg_n": 621279.0,
  "summary_bg_p05": 0.0,
  "summary_bg_p95": 504.0229278564448,
  "summary_bg_stdv": 348.4848327636719,
  "summary_fg_k": 0.7520576735398956,
  "summary_fg_mad": 1114.79345703125,
  "summary_fg_mean": 5338.51123046875,
  "summary_fg_median": 5340.6796875,
  "summary_fg_n": 92692.0,
  "summary_fg_p05": 3339.9102294921877,
  "summary_fg_p95": 7278.786083984375,
  "summary_fg_stdv": 1203.9290771484375,
  "tsnr": 72.85247802734375
}