{
  "aor": 0.0012805699481865285,
  "aqi": 0.002746466735751295,
  "bids_meta": {
    "AcquisitionDuration": 525.000256,
    "CogAtlasID": "trm_4c8a834779883",
    "Columns": 128,
    "EchoTime": 0.03,
    "EchoTrainLength": 1,
    "EffectiveEchoSpacing": 0.000464,
    "FieldOfView": [
      288,
      288,
      147
    ],
    "FlipAngle": 75,
    "GEImageTypeRIMPCode": 0,
    "ImageType": "ORIGINAL/PRIMARY/EPI/NONE",
    "ImagingFrequency": 127.765253,
    "InplanePhaseEncodingDirection": "COL",
    "InversionTime": 0,
    "MRAcquisitionType": "2D",
    "MagneticFieldStrength": 3,
    "Manufacturer": "GE MEDICAL SYSTEMS",
    "ManufacturersModelName": "DISCOVERY MR750",
    "NumberOfAverages": 1,
    "NumberOfEPIShots": 1,
    "NumberOfEchoes": 1,
    "NumberOfSlices": 49,
    "ParallelImagingReductionFactors": [
      0.5,
      1
    ],
    "PercentPhaseFieldOfView": 100,
    "PhaseEncodingDirection": "j",
    "PixelBandwidth": 3906.25,
    "PixelSpacing": [
      2.25,
      2.25
    ],
    "ReceiveCoilName": "8HRBRAIN",
    "RepetitionTime": 2.5,
    "Rows": 128,
    "SATFatWaterBone": 0,
    "ScanOptions": [
      "EPI_GEMS",
      "FILTERED_GEMS",
      "ACC_GEMS"
    ],
    "ScanningSequence": [
      "EP",
      "GR"
    ],
    "SequenceVariant": "SS",
    "SeriesDate": "18730304",
    "SeriesDescription": "RSN_BWRT_200vol_3mm",
    "SeriesNumber": 4,
    "SeriesTime": "185924",
    "SliceThickness": 3,
    "SliceTiming": [
      0,
      1.27551,
      0.05102,
      1.32653,
      0.10204,
      1.37755,
      0.15306,
      1.42857,
      0.20408,
      1.47959,
      0.2551,
      1.53061,
      0.30612,
      1.58163,
      0.35714,
      1.63265,
      0.40816,
      1.68367,
      0.45918,
      1.73469,
      0.5102,
      1.78571,
      0.56122,
      1.83673,
      0.61224,
      1.88776,
      0.66327,
      1.93878,
      0.71429,
      1.9898,
      0.76531,
      2.04082,
      0.81633,
      2.09184,
      0.86735,
      2.14286,
      0.91837,
      2.19388,
      0.96939,
      2.2449,
      1.02041,
      2.29592,
      1.07143,
      2.34694,
      1.12245,
      2.39796,
      1.17347,
      2.44898,
      1.22449
    ],
    "SliceTimingComputationMethod": "SliceNumber*RepetitionTime/NumberOfSlices (interleaved ascending, odd first)",
    "SpacingBetweenSlices": 3,
    "StudyTime": "185038",
    "TaskDescription": "Functional connectivity in the resting state was assessed during two eight-minute runs.",
    "TaskInstructions": "Participants were instructed to keep their eyes open and look at a white fixation cross presented against a gray background.",
    "TaskName": "Resting State",
    "dummyScans": 10,
    "modality": "bold",
    "session_id": "1",
    "subject_id": "9053",
    "task_id": "rest"
  },
  "dummy_trs": 0,
  "dvars_nstd": 15.675499777083326,
  "dvars_std": 1.1331369683854169,
  "dvars_vstd": 0.9927718392187496,
  "efc": 0.31861023881797584,
  "fber": 65717320.0,
  "fd_mean": 0.059122651338476086,
  "fd_num": 1,
  "fd_perc": 0.5181347150259067,
  "fwhm_avg": 3.559141851851852,
  "fwhm_x": 3.693626666666667,
  "fwhm_y": 4.045622222222223,
  "fwhm_z": 2.9381766666666667,
  "gcor": 0.0212067,
  "gsr_x": -0.017645226791501045,
  "gsr_y": 0.006572333630174398,
  "provenance": {
    "md5sum": "a6549fff8893a3504015ad2a63b09f1c",
    "settings": {
      "fd_thres": 0.2,
      "hmc_fsl": false
    },
    "software": "mriqc",
    "version": "0.9.6"
  },
  "size_t": 193,
  "size_x": 128,
  "size_y": 128,
  "size_z": 49,
  "snr": 4.167201169912595,
  "spacing_tr": 2.5,
  "spacing_x": 2.25,
  "spacing_y": 2.25,
  "spacing_z": 3.0,
  "summary_bg_k": 63.31786956375157,
  "summary_bg_mad": 1.0293715000152588,
  "summary_bg_mean": 75.03606414794922,
  "summary_bg_median": 0.6943004727363586,
  "summary_bg_n": 633592.0,
  "summary_bg_p05": 0.0,
  "summary_bg_p95": 393.9660491943357,
  "summary_bg_stdv": 263.2445983886719,
  "summary_fg_k": 0.7248453009758498,
  "summary_fg_mad": 1012.524658203125,
  "summary_fg_mean": 5112.10498046875,
  "summary_fg_median": 5035.9970703125,
  "summary_fg_n": 82290.0,
  "summary_fg_p05": 3191.396105957031,
  "summary_fg_p95": 7236.121728515625,
  "summary_fg_stdv": 1208.4769287109375,
  "tsnr": 85.99217224121094
}