{
  "aor": 0.0029924867724867724,
  "aqi": 0.00718839708994709,
  "bids_meta": {
    "AcquisitionDuration": 525.000256,
    "CogAtlasID": "trm_4c8a834779883",
    "Columns": 128,
    "EchoTime": 0.03,
    "EchoTrainLength": 1,
    "EffectiveEchoSpacing": 0.000464,
    "FieldOfView": [
      288,
      288,
      147
    ],
    "FlipAngle": 75,
    "GEImageTypeRIMPCode": 0,
    "ImageType": "ORIGINAL/PRIMARY/EPI/NONE",
    "ImagingFrequency": 127.765186,
    "InplanePhaseEncodingDirection": "COL",
    "InversionTime": 0,
    "MRAcquisitionType": "2D",
    "MagneticFieldStrength": 3,
    "Manufacturer": "GE MEDICAL SYSTEMS",
    "ManufacturersModelName": "DISCOVERY MR750",
    "NumberOfAverages": 1,
    "NumberOfEPIShots": 1,
    "NumberOfEchoes": 1,
    "NumberOfSlices": 49,
    "ParallelImagingReductionFactors": [
      0.5,
      1
    ],
    "PercentPhaseFieldOfView": 100,
    "PhaseEncodingDirection": "j",
    "PixelBandwidth": 3906.25,
    "PixelSpacing": [
      2.25,
      2.25
    ],
    "ReceiveCoilName": "8HRBRAIN",
    "RepetitionTime": 2.5,
    "Rows": 128,
    "SATFatWaterBone": 0,
    "ScanOptions": [
      "EPI_GEMS",
      "FILTERED_GEMS",
      "ACC_GEMS"
    ],
    "ScanningSequence": [
      "EP",
      "GR"
    ],
    "SequenceVariant": "SS",
    "SeriesDate": "18731130",
    "SeriesDescription": "RSN_BWRT_200vol_3mm",
    "SeriesNumber": 4,
    "SeriesTime": "181542",
    "SliceThickness": 3,
    "SliceTiming": [
      0,
      1.27551,
      0.05102,
      1.32653,
      0.10204,
      1.37755,
      0.15306,
      1.42857,
      0.20408,
      1.47959,
      0.2551,
      1.53061,
      0.30612,
      1.58163,
      0.35714,
      1.63265,
      0.40816,
      1.68367,
      0.45918,
      1.73469,
      0.5102,
      1.78571,
      0.56122,
      1.83673,
      0.61224,
      1.88776,
      0.66327,
      1.93878,
      0.71429,
      1.9898,
      0.76531,
      2.04082,
      0.81633,
      2.09184,
      0.86735,
      2.14286,
      0.91837,
      2.19388,
      0.96939,
      2.2449,
      1.02041,
      2.29592,
      1.07143,
      2.34694,
      1.12245,
      2.39796,
      1.17347,
      2.44898,
      1.22449
    ],
    "SliceTimingComputationMethod": "SliceNumber*RepetitionTime/NumberOfSlices (interleaved ascending, odd first)",
    "SpacingBetweenSlices": 3,
    "StudyTime": "180537",
    "TaskDescription": "Functional connectivity in the resting state was assessed during two eight-minute runs.",
    "TaskInstructions": "Participants were instructed to keep their eyes open and look at a white fixation cross presented against a gray background.",
    "TaskName": "Resting State",
    "dummyScans": 10,
    "modality": "bold",
    "session_id": "1",
    "subject_id": "9100",
    "task_id": "rest"
  },
  "dummy_trs": 0,
  "dvars_nstd": 16.836675436276586,
  "dvars_std": 1.0377616396276592,
  "dvars_vstd": 0.9629098085638303,
  "efc": 0.3536418738069481,
  "fber": 8506999.0,
  "fd_mean": 0.07094155452780716,
  "fd_num": 5,
  "fd_perc": 2.6455026455026456,
  "fwhm_avg": 3.450381851851852,
  "fwhm_x": 3.520697777777778,
  "fwhm_y": 3.9594577777777777,
  "fwhm_z": 2.8709900000000004,
  "gcor": 0.0117558,
  "gsr_x": -0.018927201628684998,
  "gsr_y": 0.004494132474064827,
  "provenance": {
    "md5sum": "91c226b642fe80fb4868d3a8feea913d",
    "settings": {
      "fd_thres": 0.2,
      "hmc_fsl": false
    },
    "software": "mriqc",
    "version": "0.9.6"
  },
  "size_t": 189,
  "size_x": 128,
  "size_y": 128,
  "size_z": 49,
  "snr": 4.15150383386335,
  "spacing_tr": 2.5,
  "spacing_x": 2.25,
  "spacing_y": 2.25,
  "spacing_z": 3.0,
  "summary_bg_k": 45.41222887887982,
  "summary_bg_mad": 2.5416038036346436,
  "summary_bg_mean": 92.98381805419922,
  "summary_bg_median": 1.7142856121063232,
  "summary_bg_n": 612908.0,
  "summary_bg_p05": 0.0,
  "summary_bg_p95": 515.2163696289069,
  "summary_bg_stdv": 330.4488220214844,
  "summary_fg_k": 0.8285623154535502,
  "summary_fg_mad": 1037.280029296875,
  "summary_fg_mean": 4832.7421875,
  "summary_fg_median": 4861.8251953125,
  "summary_fg_n": 99239.0,
  "summary_fg_p05": 2795.4756103515624,
  "summary_fg_p95": 6713.721874999999,
  "summary_fg_stdv": 1171.0938720703125,
  "tsnr": 47.11328125
}