{
  "aor": 0.0017284895833333334,
  "aqi": 0.006239729427083333,
  "bids_meta": {
    "AcquisitionDuration": 525.000256,
    "CogAtlasID": "trm_4c8a834779883",
    "Columns": 128,
    "EchoTime": 0.03,
    "EchoTrainLength": 1,
    "EffectiveEchoSpacing": 0.000464,
    "FieldOfView": [
      288,
      288,
      147
    ],
    "FlipAngle": 75,
    "GEImageTypeRIMPCode": 0,
    "ImageType": "ORIGINAL/PRIMARY/EPI/NONE",
    "ImagingFrequency": 127.765112,
    "InplanePhaseEncodingDirection": "COL",
    "InversionTime": 0,
    "MRAcquisitionType": "2D",
    "MagneticFieldStrength": 3,
    "Manufacturer": "GE MEDICAL SYSTEMS",
    "ManufacturersModelName": "DISCOVERY MR750",
    "NumberOfAverages": 1,
    "NumberOfEPIShots": 1,
    "NumberOfEchoes": 1,
    "NumberOfSlices": 49,
    "ParallelImagingReductionFactors": [
      0.5,
      1
    ],
    "PercentPhaseFieldOfView": 100,
    "PhaseEncodingDirection": "j",
    "PixelBandwidth": 3906.25,
    "PixelSpacing": [
      2.25,
      2.25
    ],
    "ReceiveCoilName": "8HRBRAIN",
    "RepetitionTime": 2.5,
    "Rows": 128,
    "SATFatWaterBone": 0,
    "ScanOptions": [
      "EPI_GEMS",
      "FILTERED_GEMS",
      "ACC_GEMS"
    ],
    "ScanningSequence": [
      "EP",
      "GR"
    ],
    "SequenceVariant": "SS",
    "SeriesDate": "18740515",
    "SeriesDescription": "RSN_BWRT_200vol_3mm",
    "SeriesNumber": 4,
    "SeriesTime": "195347",
    "SliceThickness": 3,
    "SliceTiming": [
      0,
      1.27551,
      0.05102,
      1.32653,
      0.10204,
      1.37755,
      0.15306,
      1.42857,
      0.20408,
      1.47959,
      0.2551,
      1.53061,
      0.30612,
      1.58163,
      0.35714,
      1.63265,
      0.40816,
      1.68367,
      0.45918,
      1.73469,
      0.5102,
      1.78571,
      0.56122,
      1.83673,
      0.61224,
      1.88776,
      0.66327,
      1.93878,
      0.71429,
      1.9898,
      0.76531,
      2.04082,
      0.81633,
      2.09184,
      0.86735,
      2.14286,
      0.91837,
      2.19388,
      0.96939,
      2.2449,
      1.02041,
      2.29592,
      1.07143,
      2.34694,
      1.12245,
      2.39796,
      1.17347,
      2.44898,
      1.22449
    ],
    "SliceTimingComputationMethod": "SliceNumber*RepetitionTime/NumberOfSlices (interleaved ascending, odd first)",
    "SpacingBetweenSlices": 3,
    "StudyTime": "194631",
    "TaskDescription": "Functional connectivity in the resting state was assessed during two eight-minute runs.",
    "TaskInstructions": "Participants were instructed to keep their eyes open and look at a white fixation cross presented against a gray background.",
    "TaskName": "Resting State",
    "dummyScans": 10,
    "modality": "bold",
    "session_id": "2",
    "subject_id": "9075",
    "task_id": "rest"
  },
  "dummy_trs": 0,
  "dvars_nstd": 24.85209152481675,
  "dvars_std": 1.2901515485340307,
  "dvars_vstd": 0.9646395372251307,
  "efc": 0.34752071648542054,
  "fber": 10140473.0,
  "fd_mean": 0.09578995640016268,
  "fd_num": 9,
  "fd_perc": 4.6875,
  "fwhm_avg": 3.2070662962962966,
  "fwhm_x": 3.2327866666666667,
  "fwhm_y": 3.724715555555556,
  "fwhm_z": 2.6636966666666666,
  "gcor": 0.0421923,
  "gsr_x": -0.01941634714603424,
  "gsr_y": 0.0027154365088790655,
  "provenance": {
    "md5sum": "39d0732c48df4ff146ff0758e8c384ec",
    "settings": {
      "fd_thres": 0.2,
      "hmc_fsl": false
    },
    "software": "mriqc",
    "version": "0.9.6"
  },
  "size_t": 192,
  "size_x": 128,
  "size_y": 128,
  "size_z": 49,
  "snr": 4.407082667711848,
  "spacing_tr": 2.5,
  "spacing_x": 2.25,
  "spacing_y": 2.25,
  "spacing_z": 3.0,
  "summary_bg_k": 76.09034204802542,
  "summary_bg_mad": 2.332009792327881,
  "summary_bg_mean": 81.73253631591797,
  "summary_bg_median": 1.5729167461395264,
  "summary_bg_n": 617260.0,
  "summary_bg_p05": 0.0,
  "summary_bg_p95": 413.4434997558583,
  "summary_bg_stdv": 285.3506774902344,
  "summary_fg_k": 1.1322064499986881,
  "summary_fg_mad": 932.21728515625,
  "summary_fg_mean": 4830.31494140625,
  "summary_fg_median": 4845.4951171875,
  "summary_fg_n": 96901.0,
  "summary_fg_p05": 2917.010498046875,
  "summary_fg_p95": 6617.2138671875,
  "summary_fg_stdv": 1099.473388671875,
  "tsnr": 63.10491943359375
}