{
  "bids_meta": {
    "AcquisitionDuration": 238.444688,
    "Columns": 512,
    "EchoTime": 0.00281,
    "EchoTrainLength": 1,
    "EffectiveEchoSpacing": 0,
    "FieldOfView": [
      240.03,
      240.03,
      180
    ],
    "FlipAngle": 11,
    "GEImageTypeRIMPCode": 0,
    "ImageType": "ORIGINAL/PRIMARY/OTHER",
    "ImagingFrequency": 127.765206,
    "InplanePhaseEncodingDirection": "ROW",
    "InversionTime": 0.45,
    "MRAcquisitionType": "3D",
    "MagneticFieldStrength": 3,
    "Manufacturer": "GE MEDICAL SYSTEMS",
    "ManufacturersModelName": "DISCOVERY MR750",
    "NumberOfAverages": 1,
    "NumberOfEPIShots": 0,
    "NumberOfEchoes": 1,
    "NumberOfSlices": 180,
    "ParallelImagingReductionFactors": [
      0.571429,
      1
    ],
    "PercentPhaseFieldOfView": 100,
    "PhaseEncodingDirection": "i",
    "PixelBandwidth": 122.07,
    "PixelSpacing": [
      0.4688,
      0.4688
    ],
    "ReceiveCoilName": "8HRBRAIN",
    "RepetitionTime": 0.0064,
    "Rows": 512,
    "SATFatWaterBone": 0,
    "ScanOptions": [
      "FAST_GEMS",
      "EDR_GEMS",
      "FILTERED_GEMS",
      "ACC_GEMS"
    ],
    "ScanningSequence": "GR",
    "SequenceVariant": [
      "SS",
      "SK"
    ],
    "SeriesDate": "18730126",
    "SeriesDescription": "Sag3D_T1_1mm3",
    "SeriesNumber": 2,
    "SeriesTime": "180538",
    "SliceThickness": 1,
    "SpacingBetweenSlices": 1,
    "StudyTime": "180416",
    "modality": "T1w",
    "session_id": "1",
    "subject_id": "9091"
  },
  "cjv": 0.3821529327728239,
  "cnr": 3.4552362775541234,
  "efc": 0.6707003872082857,
  "fber": 134.05010986328125,
  "fwhm_avg": 6.348829160346281,
  "fwhm_x": 3.99412,
  "fwhm_y": 7.676578362431071,
  "fwhm_z": 7.3757891186077735,
  "icvs_csf": 0.19621944056899723,
  "icvs_gm": 0.3989408860446129,
  "icvs_wm": 0.4048396733863898,
  "inu_med": 1.191816806793213,
  "inu_range": 0.6279797255992885,
  "provenance": {
    "md5sum": "1d9a7e2e39757d84b16524dc0f13df0f",
    "mriqc_pred": 0,
    "settings": {
      "testing": false
    },
    "software": "mriqc",
    "version": "0.9.6",
    "warnings": {
      "large_rot_frame": true,
      "small_air_mask": false
    }
  },
  "qi_1": 0.0,
  "qi_2": 0.000795000964515939,
  "rpve_csf": 19.834002215637234,
  "rpve_gm": 10.340446360272768,
  "rpve_wm": 12.356657670653938,
  "size_x": 180,
  "size_y": 512,
  "size_z": 512,
  "snr_csf": 3.275741035595492,
  "snr_gm": 12.26200086134629,
  "snr_total": 10.967416107502027,
  "snr_wm": 17.364506425564297,
  "snrd_csf": 13.164151516479004,
  "snrd_gm": 26.84927802214403,
  "snrd_total": 25.93254304305049,
  "snrd_wm": 37.784199590528445,
  "spacing_x": 1.0,
  "spacing_y": 0.46880000829696655,
  "spacing_z": 0.46880000829696655,
  "summary_bg_k": 0.8884392154005867,
  "summary_bg_mad": 17.339021682739258,
  "summary_bg_mean": 56.16276550292969,
  "summary_bg_median": 53.86189651489258,
  "summary_bg_n": 9133811.0,
  "summary_bg_p05": 30.493467330932617,
  "summary_bg_p95": 89.79899597167969,
  "summary_bg_stdv": 18.45769691467285,
  "summary_csf_k": 4.923643294756671,
  "summary_csf_mad": 113.40283203125,
  "summary_csf_mean": 350.5609436035156,
  "summary_csf_median": 348.4060974121094,
  "summary_csf_n": 154443.0,
  "summary_csf_p05": 182.5926055908203,
  "summary_csf_p95": 518.4873168945312,
  "summary_csf_stdv": 106.359130859375,
  "summary_gm_k": 0.41732593851136857,
  "summary_gm_mad": 55.55554962158203,
  "summary_gm_mean": 710.5340576171875,
  "summary_gm_median": 710.6004638671875,
  "summary_gm_n": 228630.0,
  "summary_gm_p05": 615.9985565185547,
  "summary_gm_p95": 805.6212280273437,
  "summary_gm_stdv": 57.95130157470703,
  "summary_wm_k": 0.4395893917527225,
  "summary_wm_mad": 55.04206085205078,
  "summary_wm_mean": 1001.9533081054688,
  "summary_wm_median": 1000.0071411132812,
  "summary_wm_n": 1581230.0,
  "summary_wm_p05": 911.2324371337891,
  "summary_wm_p95": 1099.6156005859375,
  "summary_wm_stdv": 57.58913040161133,
  "tpm_overlap_csf": 0.2041236162185669,
  "tpm_overlap_gm": 0.4755028188228607,
  "tpm_overlap_wm": 0.5488458275794983,
  "wm2max": 0.4381593724227705
}