{
  "aor": 0.0012905208333333334,
  "aqi": 0.0037586376562499997,
  "bids_meta": {
    "AcquisitionDuration": 525.000256,
    "CogAtlasID": "trm_4c8a834779883",
    "Columns": 128,
    "EchoTime": 0.03,
    "EchoTrainLength": 1,
    "EffectiveEchoSpacing": 0.000464,
    "FieldOfView": [
      288,
      288,
      147
    ],
    "FlipAngle": 75,
    "GEImageTypeRIMPCode": 0,
    "ImageType": "ORIGINAL/PRIMARY/EPI/NONE",
    "ImagingFrequency": 127.765174,
    "InplanePhaseEncodingDirection": "COL",
    "InversionTime": 0,
    "MRAcquisitionType": "2D",
    "MagneticFieldStrength": 3,
    "Manufacturer": "GE MEDICAL SYSTEMS",
    "ManufacturersModelName": "DISCOVERY MR750",
    "NumberOfAverages": 1,
    "NumberOfEPIShots": 1,
    "NumberOfEchoes": 1,
    "NumberOfSlices": 49,
    "ParallelImagingReductionFactors": [
      0.5,
      1
    ],
    "PercentPhaseFieldOfView": 100,
    "PhaseEncodingDirection": "j",
    "PixelBandwidth": 3906.25,
    "PixelSpacing": [
      2.25,
      2.25
    ],
    "ReceiveCoilName": "8HRBRAIN",
    "RepetitionTime": 2.5,
    "Rows": 128,
    "SATFatWaterBone": 0,
    "ScanOptions": [
      "EPI_GEMS",
      "FILTERED_GEMS",
      "ACC_GEMS"
    ],
    "ScanningSequence": [
      "EP",
      "GR"
    ],
    "SequenceVariant": "SS",
    "SeriesDate": "18740401",
    "SeriesDescription": "RSN_BWRT_200vol_3mm",
    "SeriesNumber": 4,
    "SeriesTime": "200759",
    "SliceThickness": 3,
    "SliceTiming": [
      0,
      1.27551,
      0.05102,
      1.32653,
      0.10204,
      1.37755,
      0.15306,
      1.42857,
      0.20408,
      1.47959,
      0.2551,
      1.53061,
      0.30612,
      1.58163,
      0.35714,
      1.63265,
      0.40816,
      1.68367,
      0.45918,
      1.73469,
      0.5102,
      1.78571,
      0.56122,
      1.83673,
      0.61224,
      1.88776,
      0.66327,
      1.93878,
      0.71429,
      1.9898,
      0.76531,
      2.04082,
      0.81633,
      2.09184,
      0.86735,
      2.14286,
      0.91837,
      2.19388,
      0.96939,
      2.2449,
      1.02041,
      2.29592,
      1.07143,
      2.34694,
      1.12245,
      2.39796,
      1.17347,
      2.44898,
      1.22449
    ],
    "SliceTimingComputationMethod": "SliceNumber*RepetitionTime/NumberOfSlices (interleaved ascending, odd first)",
    "SpacingBetweenSlices": 3,
    "StudyTime": "200004",
    "TaskDescription": "Functional connectivity in the resting state was assessed during two eight-minute runs.",
    "TaskInstructions": "Participants were instructed to keep their eyes open and look at a white fixation cross presented against a gray background.",
    "TaskName": "Resting State",
    "dummyScans": 10,
    "modality": "bold",
    "session_id": "1",
    "subject_id": "9002",
    "task_id": "rest"
  },
  "dummy_trs": 0,
  "dvars_nstd": 21.03287659853403,
  "dvars_std": 1.2599333916230366,
  "dvars_vstd": 0.9738615053926704,
  "efc": 0.332892130904666,
  "fber": 48954180.0,
  "fd_mean": 0.11724334923473445,
  "fd_num": 19,
  "fd_perc": 9.895833333333334,
  "fwhm_avg": 3.187401867810022,
  "fwhm_x": 3.2017422222222223,
  "fwhm_y": 3.701373333333333,
  "fwhm_z": 2.6590900478745114,
  "gcor": 0.0238598,
  "gsr_x": -0.01686997152864933,
  "gsr_y": 0.0024474661331623793,
  "provenance": {
    "md5sum": "b5af02b5b3f8cc57feae24804522ab2e",
    "settings": {
      "fd_thres": 0.2,
      "hmc_fsl": false
    },
    "software": "mriqc",
    "version": "0.9.6"
  },
  "size_t": 192,
  "size_x": 128,
  "size_y": 128,
  "size_z": 49,
  "snr": 4.5012813039686455,
  "spacing_tr": 2.5,
  "spacing_x": 2.25,
  "spacing_y": 2.25,
  "spacing_z": 2.9999961853027344,
  "summary_bg_k": 123.19260724760669,
  "summary_bg_mad": 1.1660048961639404,
  "summary_bg_mean": 69.75695037841797,
  "summary_bg_median": 0.7864583730697632,
  "summary_bg_n": 621451.0,
  "summary_bg_p05": 0.0,
  "summary_bg_p95": 327.64324951171875,
  "summary_bg_stdv": 286.7355041503906,
  "summary_fg_k": 1.043314171447454,
  "summary_fg_mad": 1018.3240356445312,
  "summary_fg_mean": 5152.5576171875,
  "summary_fg_median": 5127.23974609375,
  "summary_fg_n": 92941.0,
  "summary_fg_p05": 3307.197998046875,
  "summary_fg_p95": 7032.66162109375,
  "summary_fg_stdv": 1139.05615234375,
  "tsnr": 81.69786071777344
}