{
  "aor": 0.0026431382978723407,
  "aqi": 0.010961990053191489,
  "bids_meta": {
    "AcquisitionDuration": 723.000256,
    "Columns": 128,
    "EchoTime": 0.034,
    "EchoTrainLength": 1,
    "EffectiveEchoSpacing": 0.00056,
    "FieldOfView": [
      220.01,
      220.01,
      110.4
    ],
    "FlipAngle": 80,
    "GEImageTypeRIMPCode": 0,
    "ImageType": "ORIGINAL/PRIMARY/EPI/NONE",
    "ImagingFrequency": 127.765171,
    "InplanePhaseEncodingDirection": "COL",
    "InversionTime": 0,
    "MRAcquisitionType": "2D",
    "MagneticFieldStrength": 3,
    "Manufacturer": "GE MEDICAL SYSTEMS",
    "ManufacturersModelName": "DISCOVERY MR750",
    "NumberOfAverages": 1,
    "NumberOfEPIShots": 1,
    "NumberOfEchoes": 1,
    "NumberOfSlices": 46,
    "ParallelImagingReductionFactors": [
      0.5,
      1
    ],
    "PercentPhaseFieldOfView": 100,
    "PhaseEncodingDirection": "j",
    "PixelBandwidth": 3906.25,
    "PixelSpacing": [
      1.7188,
      1.7188
    ],
    "ReceiveCoilName": "8HRBRAIN",
    "RepetitionTime": 3,
    "Rows": 128,
    "SATFatWaterBone": 1,
    "ScanOptions": [
      "SAT_GEMS",
      "EPI_GEMS",
      "ACC_GEMS",
      "FS"
    ],
    "ScanningSequence": [
      "EP",
      "GR"
    ],
    "SequenceVariant": "SS",
    "SeriesDate": "18740613",
    "SeriesDescription": "fMRI-hands",
    "SeriesNumber": 7,
    "SeriesTime": "201247",
    "SliceThickness": 2.3,
    "SliceTiming": [
      0,
      1.5,
      0.06522,
      1.56522,
      0.13043,
      1.63043,
      0.19565,
      1.69565,
      0.26087,
      1.76087,
      0.32609,
      1.82609,
      0.3913,
      1.8913,
      0.45652,
      1.95652,
      0.52174,
      2.02174,
      0.58696,
      2.08696,
      0.65217,
      2.15217,
      0.71739,
      2.21739,
      0.78261,
      2.28261,
      0.84783,
      2.34783,
      0.91304,
      2.41304,
      0.97826,
      2.47826,
      1.04348,
      2.54348,
      1.1087,
      2.6087,
      1.17391,
      2.67391,
      1.23913,
      2.73913,
      1.30435,
      2.80435,
      1.36957,
      2.86957,
      1.43478,
      2.93478
    ],
    "SliceTimingComputationMethod": "SliceNumber*RepetitionTime/NumberOfSlices (interleaved ascending, odd first)",
    "SpacingBetweenSlices": 2.4,
    "StudyTime": "194303",
    "TaskDescription": "In an event-related design, participants were shown pictures of hands being stung by needles or poked with Q-tips. The stimulus set was kindly shared by Claus Lamm, and has been shown to be effective in previous work by him. After each picture, participants were asked to rate their perceived unpleasantness on a visual analog scale of 0-100.",
    "TaskInstructions": "",
    "TaskName": "Hands",
    "dummyScans": 5,
    "modality": "bold",
    "session_id": "2",
    "subject_id": "9004",
    "task_id": "hands"
  },
  "dummy_trs": 0,
  "dvars_nstd": 41.48019502989305,
  "dvars_std": 1.1049754890909083,
  "dvars_vstd": 1.0073065658288776,
  "efc": 0.48279967667961154,
  "fber": 9337.9345703125,
  "fd_mean": 0.1666912134502723,
  "fd_num": 38,
  "fd_perc": 20.21276595744681,
  "fwhm_avg": 2.9867530190692686,
  "fwhm_x": 3.091773422522525,
  "fwhm_y": 3.423574689117796,
  "fwhm_z": 2.4449109455674836,
  "gcor": 0.00736923,
  "gsr_x": -0.005296635907143354,
  "gsr_y": 0.022284485399723053,
  "provenance": {
    "md5sum": "7c6ce16689229c799a2d197179f054b4",
    "settings": {
      "fd_thres": 0.2,
      "hmc_fsl": false
    },
    "software": "mriqc",
    "version": "0.9.6"
  },
  "size_t": 188,
  "size_x": 128,
  "size_y": 128,
  "size_z": 46,
  "snr": 3.4663867917391333,
  "spacing_tr": 3.0,
  "spacing_x": 1.7187999486923218,
  "spacing_y": 1.7187999486923218,
  "spacing_z": 2.4000015258789062,
  "summary_bg_k": 211.64128064768175,
  "summary_bg_mad": 58.215797424316406,
  "summary_bg_mean": 98.08019256591797,
  "summary_bg_median": 39.70744705200195,
  "summary_bg_n": 478692.0,
  "summary_bg_p05": 0.07446808367967606,
  "summary_bg_p95": 341.9834915161128,
  "summary_bg_stdv": 255.39453125,
  "summary_fg_k": 1.2901559425496707,
  "summary_fg_mad": 851.888916015625,
  "summary_fg_mean": 3817.5166015625,
  "summary_fg_median": 3694.0263671875,
  "summary_fg_n": 179927.0,
  "summary_fg_p05": 2297.9787109375,
  "summary_fg_p95": 5815.538867187499,
  "summary_fg_stdv": 1065.6676025390625,
  "tsnr": 35.89897918701172
}