{
  "aor": 0.0032725,
  "aqi": 0.005608703697916666,
  "bids_meta": {
    "AcquisitionDuration": 525.000256,
    "CogAtlasID": "trm_4c8a834779883",
    "Columns": 128,
    "EchoTime": 0.03,
    "EchoTrainLength": 1,
    "EffectiveEchoSpacing": 0.000464,
    "FieldOfView": [
      288,
      288,
      147
    ],
    "FlipAngle": 75,
    "GEImageTypeRIMPCode": 0,
    "ImageType": "ORIGINAL/PRIMARY/EPI/NONE",
    "ImagingFrequency": 127.765269,
    "InplanePhaseEncodingDirection": "COL",
    "InversionTime": 0,
    "MRAcquisitionType": "2D",
    "MagneticFieldStrength": 3,
    "Manufacturer": "GE MEDICAL SYSTEMS",
    "ManufacturersModelName": "DISCOVERY MR750",
    "NumberOfAverages": 1,
    "NumberOfEPIShots": 1,
    "NumberOfEchoes": 1,
    "NumberOfSlices": 49,
    "ParallelImagingReductionFactors": [
      0.5,
      1
    ],
    "PercentPhaseFieldOfView": 100,
    "PhaseEncodingDirection": "j",
    "PixelBandwidth": 3906.25,
    "PixelSpacing": [
      2.25,
      2.25
    ],
    "ReceiveCoilName": "8HRBRAIN",
    "RepetitionTime": 2.5,
    "Rows": 128,
    "SATFatWaterBone": 0,
    "ScanOptions": [
      "EPI_GEMS",
      "FILTERED_GEMS",
      "ACC_GEMS"
    ],
    "ScanningSequence": [
      "EP",
      "GR"
    ],
    "SequenceVariant": "SS",
    "SeriesDate": "18730315",
    "SeriesDescription": "RSN_BWRT_200vol_3mm",
    "SeriesNumber": 4,
    "SeriesTime": "203740",
    "SliceThickness": 3,
    "SliceTiming": [
      0,
      1.27551,
      0.05102,
      1.32653,
      0.10204,
      1.37755,
      0.15306,
      1.42857,
      0.20408,
      1.47959,
      0.2551,
      1.53061,
      0.30612,
      1.58163,
      0.35714,
      1.63265,
      0.40816,
      1.68367,
      0.45918,
      1.73469,
      0.5102,
      1.78571,
      0.56122,
      1.83673,
      0.61224,
      1.88776,
      0.66327,
      1.93878,
      0.71429,
      1.9898,
      0.76531,
      2.04082,
      0.81633,
      2.09184,
      0.86735,
      2.14286,
      0.91837,
      2.19388,
      0.96939,
      2.2449,
      1.02041,
      2.29592,
      1.07143,
      2.34694,
      1.12245,
      2.39796,
      1.17347,
      2.44898,
      1.22449
    ],
    "SliceTimingComputationMethod": "SliceNumber*RepetitionTime/NumberOfSlices (interleaved ascending, odd first)",
    "SpacingBetweenSlices": 3,
    "StudyTime": "202937",
    "TaskDescription": "Functional connectivity in the resting state was assessed during two eight-minute runs.",
    "TaskInstructions": "Participants were instructed to keep their eyes open and look at a white fixation cross presented against a gray background.",
    "TaskName": "Resting State",
    "dummyScans": 10,
    "modality": "bold",
    "session_id": "1",
    "subject_id": "9016",
    "task_id": "rest"
  },
  "dummy_trs": 0,
  "dvars_nstd": 19.4964513183246,
  "dvars_std": 1.0629892315183245,
  "dvars_vstd": 0.9300419782722517,
  "efc": 0.34600383474782026,
  "fber": 22115100.0,
  "fd_mean": 0.12001736744257983,
  "fd_num": 16,
  "fd_perc": 8.333333333333334,
  "fwhm_avg": 3.165358148148148,
  "fwhm_x": 3.179177777777778,
  "fwhm_y": 3.7988266666666664,
  "fwhm_z": 2.5180700000000003,
  "gcor": 0.0410205,
  "gsr_x": -0.012275049462914467,
  "gsr_y": 0.0037367616314440966,
  "provenance": {
    "md5sum": "fde00d053a48d0f010015bbd8a49a59f",
    "settings": {
      "fd_thres": 0.2,
      "hmc_fsl": false
    },
    "software": "mriqc",
    "version": "0.9.6"
  },
  "size_t": 192,
  "size_x": 128,
  "size_y": 128,
  "size_z": 49,
  "snr": 4.573948974540252,
  "spacing_tr": 2.5,
  "spacing_x": 2.25,
  "spacing_y": 2.25,
  "spacing_z": 3.0,
  "summary_bg_k": 59.35819672583019,
  "summary_bg_mad": 1.7837557792663574,
  "summary_bg_mean": 97.92253112792969,
  "summary_bg_median": 1.203125,
  "summary_bg_n": 617386.0,
  "summary_bg_p05": 0.0,
  "summary_bg_p95": 480.3268356323242,
  "summary_bg_stdv": 385.9700622558594,
  "summary_fg_k": 0.7854176201663359,
  "summary_fg_mad": 1090.353271484375,
  "summary_fg_mean": 5435.6923828125,
  "summary_fg_median": 5429.83349609375,
  "summary_fg_n": 95499.0,
  "summary_fg_p05": 3463.2234375,
  "summary_fg_p95": 7371.559912109374,
  "summary_fg_stdv": 1187.1153564453125,
  "tsnr": 57.795230865478516
}