{
  "aor": 0.024137185929648242,
  "aqi": 0.011708267587939697,
  "bids_meta": {
    "AcquisitionDuration": 525.000256,
    "CogAtlasID": "trm_4c8a834779883",
    "Columns": 128,
    "EchoTime": 0.03,
    "EchoTrainLength": 1,
    "EffectiveEchoSpacing": 0.000464,
    "FieldOfView": [
      288,
      288,
      147
    ],
    "FlipAngle": 75,
    "GEImageTypeRIMPCode": 0,
    "ImageType": "ORIGINAL/PRIMARY/EPI/NONE",
    "ImagingFrequency": 127.765152,
    "InplanePhaseEncodingDirection": "COL",
    "InversionTime": 0,
    "MRAcquisitionType": "2D",
    "MagneticFieldStrength": 3,
    "Manufacturer": "GE MEDICAL SYSTEMS",
    "ManufacturersModelName": "DISCOVERY MR750",
    "NumberOfAverages": 1,
    "NumberOfEPIShots": 1,
    "NumberOfEchoes": 1,
    "NumberOfSlices": 49,
    "ParallelImagingReductionFactors": [
      0.5,
      1
    ],
    "PercentPhaseFieldOfView": 100,
    "PhaseEncodingDirection": "j",
    "PixelBandwidth": 3906.25,
    "PixelSpacing": [
      2.25,
      2.25
    ],
    "ReceiveCoilName": "8HRBRAIN",
    "RepetitionTime": 2.5,
    "Rows": 128,
    "SATFatWaterBone": 0,
    "ScanOptions": [
      "EPI_GEMS",
      "FILTERED_GEMS",
      "ACC_GEMS"
    ],
    "ScanningSequence": [
      "EP",
      "GR"
    ],
    "SequenceVariant": "SS",
    "SeriesDate": "18740113",
    "SeriesDescription": "RSN_BWRT_200vol_3mm",
    "SeriesNumber": 9,
    "SeriesTime": "211605",
    "SliceThickness": 3,
    "SliceTiming": [
      0,
      1.27551,
      0.05102,
      1.32653,
      0.10204,
      1.37755,
      0.15306,
      1.42857,
      0.20408,
      1.47959,
      0.2551,
      1.53061,
      0.30612,
      1.58163,
      0.35714,
      1.63265,
      0.40816,
      1.68367,
      0.45918,
      1.73469,
      0.5102,
      1.78571,
      0.56122,
      1.83673,
      0.61224,
      1.88776,
      0.66327,
      1.93878,
      0.71429,
      1.9898,
      0.76531,
      2.04082,
      0.81633,
      2.09184,
      0.86735,
      2.14286,
      0.91837,
      2.19388,
      0.96939,
      2.2449,
      1.02041,
      2.29592,
      1.07143,
      2.34694,
      1.12245,
      2.39796,
      1.17347,
      2.44898,
      1.22449
    ],
    "SliceTimingComputationMethod": "SliceNumber*RepetitionTime/NumberOfSlices (interleaved ascending, odd first)",
    "SpacingBetweenSlices": 3,
    "StudyTime": "201342",
    "TaskDescription": "Functional connectivity in the resting state was assessed during two eight-minute runs. Participants were asked to rate their sleepiness using the Karolinska Sleepiness Scale every 2 minutes",
    "TaskInstructions": "Participants were instructed to keep their eyes open and look at a white fixation cross presented against a gray background.",
    "TaskName": "Sleepiness",
    "dummyScans": 10,
    "modality": "bold",
    "session_id": "2",
    "subject_id": "9018",
    "task_id": "sleepiness"
  },
  "dummy_trs": 0,
  "dvars_nstd": 27.157004977777774,
  "dvars_std": 1.0514767397979794,
  "dvars_vstd": 1.0440356082828284,
  "efc": 0.28921412170616045,
  "fber": 18370278.0,
  "fd_mean": 0.29767630123509714,
  "fd_num": 64,
  "fd_perc": 32.1608040201005,
  "fwhm_avg": 3.466283703703704,
  "fwhm_x": 3.5285333333333333,
  "fwhm_y": 4.0965911111111115,
  "fwhm_z": 2.7737266666666667,
  "gcor": 0.132154,
  "gsr_x": -0.014809581451117992,
  "gsr_y": 0.001141274580731988,
  "provenance": {
    "md5sum": "bc2a41baac213721f5e2824ccf46edc9",
    "settings": {
      "fd_thres": 0.2,
      "hmc_fsl": false
    },
    "software": "mriqc",
    "version": "0.9.6"
  },
  "size_t": 199,
  "size_x": 128,
  "size_y": 128,
  "size_z": 49,
  "snr": 4.907294498920764,
  "spacing_tr": 2.5,
  "spacing_x": 2.25,
  "spacing_y": 2.25,
  "spacing_z": 3.0,
  "summary_bg_k": 152.54282721232647,
  "summary_bg_mad": 1.8625656366348267,
  "summary_bg_mean": 60.40019607543945,
  "summary_bg_median": 1.2562813758850098,
  "summary_bg_n": 652099.0,
  "summary_bg_p05": 0.0,
  "summary_bg_p95": 280.80502014160135,
  "summary_bg_stdv": 237.5824737548828,
  "summary_fg_k": 1.7122557381753607,
  "summary_fg_mad": 814.7271728515625,
  "summary_fg_mean": 4912.36767578125,
  "summary_fg_median": 4969.5498046875,
  "summary_fg_n": 67452.0,
  "summary_fg_p05": 3048.587731933594,
  "summary_fg_p95": 6449.658471679688,
  "summary_fg_stdv": 1012.6787719726562,
  "tsnr": 38.351097106933594
}