{
  "aor": 0.0007175247524752475,
  "aqi": 0.005368236039603961,
  "bids_meta": {
    "AcquisitionDuration": 723.000256,
    "Columns": 128,
    "EchoTime": 0.034,
    "EchoTrainLength": 1,
    "EffectiveEchoSpacing": 0.000532,
    "FieldOfView": [
      240,
      240,
      108
    ],
    "FlipAngle": 80,
    "GEImageTypeRIMPCode": 0,
    "ImageType": "ORIGINAL/PRIMARY/EPI/NONE",
    "ImagingFrequency": 127.765253,
    "InplanePhaseEncodingDirection": "COL",
    "InversionTime": 0,
    "MRAcquisitionType": "2D",
    "MagneticFieldStrength": 3,
    "Manufacturer": "GE MEDICAL SYSTEMS",
    "ManufacturersModelName": "DISCOVERY MR750",
    "NumberOfAverages": 1,
    "NumberOfEPIShots": 1,
    "NumberOfEchoes": 1,
    "NumberOfSlices": 45,
    "ParallelImagingReductionFactors": [
      0.5,
      1
    ],
    "PercentPhaseFieldOfView": 100,
    "PhaseEncodingDirection": "j",
    "PixelBandwidth": 3906.25,
    "PixelSpacing": [
      1.875,
      1.875
    ],
    "ReceiveCoilName": "8HRBRAIN",
    "RepetitionTime": 3,
    "Rows": 128,
    "SATFatWaterBone": 1,
    "ScanOptions": [
      "SAT_GEMS",
      "EPI_GEMS",
      "ACC_GEMS",
      "FS"
    ],
    "ScanningSequence": [
      "EP",
      "GR"
    ],
    "SequenceVariant": "SS",
    "SeriesDate": "18730311",
    "SeriesDescription": "fMRI-hands",
    "SeriesNumber": 9,
    "SeriesTime": "190100",
    "SliceThickness": 2.3,
    "SliceTiming": [
      0,
      1.53333,
      0.06667,
      1.6,
      0.13333,
      1.66667,
      0.2,
      1.73333,
      0.26667,
      1.8,
      0.33333,
      1.86667,
      0.4,
      1.93333,
      0.46667,
      2,
      0.53333,
      2.06667,
      0.6,
      2.13333,
      0.66667,
      2.2,
      0.73333,
      2.26667,
      0.8,
      2.33333,
      0.86667,
      2.4,
      0.93333,
      2.46667,
      1,
      2.53333,
      1.06667,
      2.6,
      1.13333,
      2.66667,
      1.2,
      2.73333,
      1.26667,
      2.8,
      1.33333,
      2.86667,
      1.4,
      2.93333,
      1.46667
    ],
    "SliceTimingComputationMethod": "SliceNumber*RepetitionTime/NumberOfSlices (interleaved ascending, odd first)",
    "SpacingBetweenSlices": 2.4,
    "StudyTime": "182112",
    "TaskDescription": "In an event-related design, participants were shown pictures of hands being stung by needles or poked with Q-tips. The stimulus set was kindly shared by Claus Lamm, and has been shown to be effective in previous work by him. After each picture, participants were asked to rate their perceived unpleasantness on a visual analog scale of 0-100.",
    "TaskInstructions": "",
    "TaskName": "Hands",
    "dummyScans": 5,
    "modality": "bold",
    "session_id": "1",
    "subject_id": "9001",
    "task_id": "hands"
  },
  "dummy_trs": 0,
  "dvars_nstd": 29.173237577761206,
  "dvars_std": 1.0719365423383087,
  "dvars_vstd": 1.019979081592039,
  "efc": 0.4322653361096954,
  "fber": 245599.609375,
  "fd_mean": 0.04724939017540454,
  "fd_num": 0,
  "fd_perc": 0.0,
  "fwhm_avg": 3.0121647268307625,
  "fwhm_x": 3.0574933333333334,
  "fwhm_y": 3.3793066666666665,
  "fwhm_z": 2.5996941804922864,
  "gcor": 0.00850771,
  "gsr_x": -0.013771220110356808,
  "gsr_y": 0.014992224052548409,
  "provenance": {
    "md5sum": "b8f8f0ca749203b1c7f7134c8195f0db",
    "settings": {
      "fd_thres": 0.2,
      "hmc_fsl": false
    },
    "software": "mriqc",
    "version": "0.9.6"
  },
  "size_t": 202,
  "size_x": 128,
  "size_y": 128,
  "size_z": 45,
  "snr": 3.7025570395562912,
  "spacing_tr": 3.0,
  "spacing_x": 1.875,
  "spacing_y": 1.875,
  "spacing_z": 2.4000015258789062,
  "summary_bg_k": 77.3014043482419,
  "summary_bg_mad": 10.950705528259277,
  "summary_bg_mean": 90.41513061523438,
  "summary_bg_median": 7.386138439178467,
  "summary_bg_n": 512723.0,
  "summary_bg_p05": 0.0,
  "summary_bg_p95": 457.6683044433594,
  "summary_bg_stdv": 246.37779235839844,
  "summary_fg_k": 1.9194559525396135,
  "summary_fg_mad": 848.8046264648438,
  "summary_fg_mean": 3560.24658203125,
  "summary_fg_median": 3515.727783203125,
  "summary_fg_n": 135989.0,
  "summary_fg_p05": 2177.83359375,
  "summary_fg_p95": 5157.12451171875,
  "summary_fg_stdv": 949.5369873046875,
  "tsnr": 47.276084899902344
}