{
  "bids_meta": {
    "AcquisitionDuration": 393.092192,
    "Columns": 512,
    "EchoTime": 0.12561,
    "EchoTrainLength": 140,
    "EffectiveEchoSpacing": 0,
    "FieldOfView": [
      240.03,
      240.03,
      87.6
    ],
    "FlipAngle": 90,
    "GEImageTypeRIMPCode": 0,
    "ImageType": "ORIGINAL/PRIMARY/OTHER",
    "ImagingFrequency": 127.765176,
    "InplanePhaseEncodingDirection": "ROW",
    "InversionTime": 1.865,
    "MRAcquisitionType": "3D",
    "MagneticFieldStrength": 3,
    "Manufacturer": "GE MEDICAL SYSTEMS",
    "ManufacturersModelName": "DISCOVERY MR750",
    "NumberOfAverages": 1,
    "NumberOfEPIShots": 1,
    "NumberOfEchoes": 1,
    "NumberOfSlices": 146,
    "ParallelImagingReductionFactors": [
      0.5,
      0.5
    ],
    "PercentPhaseFieldOfView": 100,
    "PhaseEncodingDirection": "i",
    "PixelBandwidth": 122.07,
    "PixelSpacing": [
      0.4688,
      0.4688
    ],
    "ReceiveCoilName": "8HRBRAIN",
    "RepetitionTime": 6,
    "Rows": 512,
    "SATFatWaterBone": 0,
    "ScanOptions": [
      "EDR_GEMS",
      "FILTERED_GEMS",
      "ACC_GEMS"
    ],
    "ScanningSequence": [
      "SE",
      "IR"
    ],
    "SequenceVariant": "SK",
    "SeriesDate": "18730304",
    "SeriesDescription": "Sag CUBE T2 flair",
    "SeriesNumber": 11,
    "SeriesTime": "194240",
    "SliceThickness": 1.2,
    "SpacingBetweenSlices": 0.600002,
    "StudyTime": "181518",
    "modality": "T2w",
    "session_id": "1",
    "subject_id": "9019"
  },
  "cjv": 0.6338994684502731,
  "cnr": 1.657975617228508,
  "efc": 0.5707536563383525,
  "fber": 677.42138671875,
  "fwhm_avg": 4.662825560209471,
  "fwhm_x": 4.13553316900201,
  "fwhm_y": 4.97303745464777,
  "fwhm_z": 4.879906056978632,
  "icvs_csf": 0.44619204545999247,
  "icvs_gm": 0.428374756629262,
  "icvs_wm": 0.12543319791074553,
  "inu_med": 1.145509958267212,
  "inu_range": 0.6625287473201751,
  "provenance": {
    "md5sum": "6894d27dfd8faccb580af4e72dd312d3",
    "settings": {
      "testing": false
    },
    "software": "mriqc",
    "version": "0.9.6",
    "warnings": {
      "large_rot_frame": true,
      "small_air_mask": false
    }
  },
  "qi_1": 0.0,
  "qi_2": 0.0006876451321115426,
  "rpve_csf": 13.94954385314057,
  "rpve_gm": 13.671711062464642,
  "rpve_wm": 41.32738256067694,
  "size_x": 292,
  "size_y": 512,
  "size_z": 512,
  "snr_csf": 13.45999113036626,
  "snr_gm": 16.65293135834149,
  "snr_total": 10.831755544318,
  "snr_wm": 2.382344144246246,
  "snrd_csf": 72.84845322133141,
  "snrd_gm": 63.22547409977261,
  "snrd_total": 57.627834335608476,
  "snrd_wm": 36.80957568572142,
  "spacing_x": 0.6000000238418579,
  "spacing_y": 0.46880000829696655,
  "spacing_z": 0.46880000829696655,
  "summary_bg_k": 16.83986257587486,
  "summary_bg_mad": 17.7762508392334,
  "summary_bg_mean": 54.455177307128906,
  "summary_bg_median": 50.652748107910156,
  "summary_bg_n": 16792832.0,
  "summary_bg_p05": 27.104282760620116,
  "summary_bg_p95": 93.95188484191894,
  "summary_bg_stdv": 22.764301300048828,
  "summary_csf_k": 0.8802954830588026,
  "summary_csf_mad": 138.38658142089844,
  "summary_csf_mean": 1991.5179443359375,
  "summary_csf_median": 1976.6455078125,
  "summary_csf_n": 1035289.0,
  "summary_csf_p05": 1778.24658203125,
  "summary_csf_p95": 2254.782763671875,
  "summary_csf_stdv": 146.85333251953125,
  "summary_gm_k": 0.04410707613945952,
  "summary_gm_mad": 102.14933776855469,
  "summary_gm_mean": 1714.4149169921875,
  "summary_gm_median": 1715.538818359375,
  "summary_gm_n": 517603.0,
  "summary_gm_p05": 1542.8959106445313,
  "summary_gm_p95": 1882.2247070312499,
  "summary_gm_stdv": 103.01712799072266,
  "summary_wm_k": 10.471211098772008,
  "summary_wm_mad": 352.20452880859375,
  "summary_wm_mean": 933.7910766601562,
  "summary_wm_median": 998.7786865234375,
  "summary_wm_n": 76881.0,
  "summary_wm_p05": 236.4003143310547,
  "summary_wm_p95": 1375.5162353515625,
  "summary_wm_stdv": 419.2392578125,
  "tpm_overlap_csf": 0.10554895550012589,
  "tpm_overlap_gm": 0.29926544427871704,
  "tpm_overlap_wm": 0.1121797263622284,
  "wm2max": 0.18533905836904152
}