{
  "aor": 0.0019416666666666668,
  "aqi": 0.00446926109375,
  "bids_meta": {
    "AcquisitionDuration": 525.000256,
    "CogAtlasID": "trm_4c8a834779883",
    "Columns": 128,
    "EchoTime": 0.03,
    "EchoTrainLength": 1,
    "EffectiveEchoSpacing": 0.000464,
    "FieldOfView": [
      288,
      288,
      147
    ],
    "FlipAngle": 75,
    "GEImageTypeRIMPCode": 0,
    "ImageType": "ORIGINAL/PRIMARY/EPI/NONE",
    "ImagingFrequency": 127.765123,
    "InplanePhaseEncodingDirection": "COL",
    "InversionTime": 0,
    "MRAcquisitionType": "2D",
    "MagneticFieldStrength": 3,
    "Manufacturer": "GE MEDICAL SYSTEMS",
    "ManufacturersModelName": "DISCOVERY MR750",
    "NumberOfAverages": 1,
    "NumberOfEPIShots": 1,
    "NumberOfEchoes": 1,
    "NumberOfSlices": 49,
    "ParallelImagingReductionFactors": [
      0.5,
      1
    ],
    "PercentPhaseFieldOfView": 100,
    "PhaseEncodingDirection": "j",
    "PixelBandwidth": 3906.25,
    "PixelSpacing": [
      2.25,
      2.25
    ],
    "ReceiveCoilName": "8HRBRAIN",
    "RepetitionTime": 2.5,
    "Rows": 128,
    "SATFatWaterBone": 0,
    "ScanOptions": [
      "EPI_GEMS",
      "FILTERED_GEMS",
      "ACC_GEMS"
    ],
    "ScanningSequence": [
      "EP",
      "GR"
    ],
    "SequenceVariant": "SS",
    "SeriesDate": "18740419",
    "SeriesDescription": "RSN_BWRT_200vol_3mm",
    "SeriesNumber": 4,
    "SeriesTime": "180043",
    "SliceThickness": 3,
    "SliceTiming": [
      0,
      1.27551,
      0.05102,
      1.32653,
      0.10204,
      1.37755,
      0.15306,
      1.42857,
      0.20408,
      1.47959,
      0.2551,
      1.53061,
      0.30612,
      1.58163,
      0.35714,
      1.63265,
      0.40816,
      1.68367,
      0.45918,
      1.73469,
      0.5102,
      1.78571,
      0.56122,
      1.83673,
      0.61224,
      1.88776,
      0.66327,
      1.93878,
      0.71429,
      1.9898,
      0.76531,
      2.04082,
      0.81633,
      2.09184,
      0.86735,
      2.14286,
      0.91837,
      2.19388,
      0.96939,
      2.2449,
      1.02041,
      2.29592,
      1.07143,
      2.34694,
      1.12245,
      2.39796,
      1.17347,
      2.44898,
      1.22449
    ],
    "SliceTimingComputationMethod": "SliceNumber*RepetitionTime/NumberOfSlices (interleaved ascending, odd first)",
    "SpacingBetweenSlices": 3,
    "StudyTime": "175241",
    "TaskDescription": "Functional connectivity in the resting state was assessed during two eight-minute runs.",
    "TaskInstructions": "Participants were instructed to keep their eyes open and look at a white fixation cross presented against a gray background.",
    "TaskName": "Resting State",
    "dummyScans": 10,
    "modality": "bold",
    "session_id": "2",
    "subject_id": "9049",
    "task_id": "rest"
  },
  "dummy_trs": 0,
  "dvars_nstd": 22.42425615445026,
  "dvars_std": 1.2899447937172768,
  "dvars_vstd": 0.9758943175392665,
  "efc": 0.3232142739069654,
  "fber": 107084288.0,
  "fd_mean": 0.08888448054715704,
  "fd_num": 9,
  "fd_perc": 4.6875,
  "fwhm_avg": 3.2906325925925923,
  "fwhm_x": 3.3063599999999997,
  "fwhm_y": 3.844164444444444,
  "fwhm_z": 2.7213733333333336,
  "gcor": 0.0217851,
  "gsr_x": -0.010758105665445328,
  "gsr_y": 0.002403832506388426,
  "provenance": {
    "md5sum": "c3540e049d84da9d266a6882b5097256",
    "settings": {
      "fd_thres": 0.2,
      "hmc_fsl": false
    },
    "software": "mriqc",
    "version": "0.9.6"
  },
  "size_t": 192,
  "size_x": 128,
  "size_y": 128,
  "size_z": 49,
  "snr": 4.553140312793722,
  "spacing_tr": 2.5,
  "spacing_x": 2.25,
  "spacing_y": 2.25,
  "spacing_z": 3.0,
  "summary_bg_k": 188.7337281410426,
  "summary_bg_mad": 0.7876324653625488,
  "summary_bg_mean": 47.317935943603516,
  "summary_bg_median": 0.53125,
  "summary_bg_n": 622283.0,
  "summary_bg_p05": 0.0,
  "summary_bg_p95": 221.6979217529297,
  "summary_bg_stdv": 182.25804138183594,
  "summary_fg_k": 0.9745557551377875,
  "summary_fg_mad": 974.3860473632812,
  "summary_fg_mean": 5076.73681640625,
  "summary_fg_median": 5104.359375,
  "summary_fg_n": 91618.0,
  "summary_fg_p05": 3084.806604003906,
  "summary_fg_p95": 6846.1201171875,
  "summary_fg_stdv": 1121.057373046875,
  "tsnr": 76.12060546875
}