{
  "bids_meta": {
    "AcquisitionDuration": 238.55128,
    "Columns": 512,
    "EchoTime": 0.00281,
    "EchoTrainLength": 1,
    "EffectiveEchoSpacing": 0,
    "FieldOfView": [
      240.03,
      240.03,
      180
    ],
    "FlipAngle": 11,
    "GEImageTypeRIMPCode": 0,
    "ImageType": "ORIGINAL/PRIMARY/OTHER",
    "ImagingFrequency": 127.76516,
    "InplanePhaseEncodingDirection": "ROW",
    "InversionTime": 0.45,
    "MRAcquisitionType": "3D",
    "MagneticFieldStrength": 3,
    "Manufacturer": "GE MEDICAL SYSTEMS",
    "ManufacturersModelName": "DISCOVERY MR750",
    "NumberOfAverages": 1,
    "NumberOfEPIShots": 0,
    "NumberOfEchoes": 1,
    "NumberOfSlices": 180,
    "ParallelImagingReductionFactors": [
      0.571429,
      1
    ],
    "PercentPhaseFieldOfView": 100,
    "PhaseEncodingDirection": "i",
    "PixelBandwidth": 122.07,
    "PixelSpacing": [
      0.4688,
      0.4688
    ],
    "ReceiveCoilName": "8HRBRAIN",
    "RepetitionTime": 0.0064,
    "Rows": 512,
    "SATFatWaterBone": 0,
    "ScanOptions": [
      "FAST_GEMS",
      "EDR_GEMS",
      "FILTERED_GEMS",
      "ACC_GEMS"
    ],
    "ScanningSequence": "GR",
    "SequenceVariant": [
      "SS",
      "SK"
    ],
    "SeriesDate": "18740504",
    "SeriesDescription": "Sag3D_T1_1mm3",
    "SeriesNumber": 2,
    "SeriesTime": "193447",
    "SliceThickness": 1,
    "SpacingBetweenSlices": 1,
    "StudyTime": "193301",
    "modality": "T1w",
    "session_id": "2",
    "subject_id": "9093"
  },
  "cjv": 0.3778350967367572,
  "cnr": 3.5400710680449317,
  "efc": 0.620436255766528,
  "fber": 148.41156005859375,
  "fwhm_avg": 6.0763340902025424,
  "fwhm_x": 3.82143,
  "fwhm_y": 7.585132118315726,
  "fwhm_z": 6.822440152291899,
  "icvs_csf": 0.21481322216587975,
  "icvs_gm": 0.395878003363963,
  "icvs_wm": 0.3893087744701572,
  "inu_med": 1.2989907264709473,
  "inu_range": 0.525259256362915,
  "provenance": {
    "md5sum": "3983961ae3124505b43e43054771afad",
    "mriqc_pred": 0,
    "settings": {
      "testing": false
    },
    "software": "mriqc",
    "version": "0.9.6",
    "warnings": {
      "large_rot_frame": true,
      "small_air_mask": false
    }
  },
  "qi_1": 0.0,
  "qi_2": 0.00030681287505772897,
  "rpve_csf": 26.554411981451878,
  "rpve_gm": 14.444866842184734,
  "rpve_wm": 17.656239092133823,
  "size_x": 180,
  "size_y": 512,
  "size_z": 512,
  "snr_csf": 4.124120743490124,
  "snr_gm": 14.014984289261394,
  "snr_total": 11.993918138945515,
  "snr_wm": 17.842649384085025,
  "snrd_csf": 14.613307806375053,
  "snrd_gm": 31.807174457177577,
  "snrd_total": 30.122053532272094,
  "snrd_wm": 43.94567833326366,
  "spacing_x": 1.0,
  "spacing_y": 0.46880000829696655,
  "spacing_z": 0.46880000829696655,
  "summary_bg_k": 2.59441240312045,
  "summary_bg_mad": 14.907882690429688,
  "summary_bg_mean": 52.82110595703125,
  "summary_bg_median": 50.74303436279297,
  "summary_bg_n": 10799928.0,
  "summary_bg_p05": 29.991219997406006,
  "summary_bg_p95": 82.8823341369629,
  "summary_bg_stdv": 16.728927612304688,
  "summary_csf_k": 0.4451314747118693,
  "summary_csf_mad": 73.30015563964844,
  "summary_csf_mean": 343.1807556152344,
  "summary_csf_median": 332.531494140625,
  "summary_csf_n": 146780.0,
  "summary_csf_p05": 228.65843048095704,
  "summary_csf_p95": 495.01858520507807,
  "summary_csf_stdv": 80.63060760498047,
  "summary_gm_k": 0.15583685679269665,
  "summary_gm_mad": 50.986122131347656,
  "summary_gm_mean": 724.5311889648438,
  "summary_gm_median": 723.7846069335938,
  "summary_gm_n": 148144.0,
  "summary_gm_p05": 641.1824096679688,
  "summary_gm_p95": 810.4235992431641,
  "summary_gm_stdv": 51.64345169067383,
  "summary_wm_k": 0.49275646773632475,
  "summary_wm_mad": 53.378116607666016,
  "summary_wm_mean": 1001.2450561523438,
  "summary_wm_median": 1000.0009765625,
  "summary_wm_n": 1068933.0,
  "summary_wm_p05": 911.7570190429688,
  "summary_wm_p95": 1094.9567382812497,
  "summary_wm_stdv": 56.04551696777344,
  "tpm_overlap_csf": 0.20896495878696442,
  "tpm_overlap_gm": 0.4570339620113373,
  "tpm_overlap_wm": 0.5439250469207764,
  "wm2max": 0.40144427884675565
}