{
  "aor": 0.008617329545454548,
  "aqi": 0.017989523693181818,
  "bids_meta": {
    "AcquisitionDuration": 723.000256,
    "Columns": 128,
    "EchoTime": 0.034,
    "EchoTrainLength": 1,
    "EffectiveEchoSpacing": 0.00056,
    "FieldOfView": [
      220.01,
      220.01,
      110.4
    ],
    "FlipAngle": 80,
    "GEImageTypeRIMPCode": 0,
    "ImageType": "ORIGINAL/PRIMARY/EPI/NONE",
    "ImagingFrequency": 127.765179,
    "InplanePhaseEncodingDirection": "COL",
    "InversionTime": 0,
    "MRAcquisitionType": "2D",
    "MagneticFieldStrength": 3,
    "Manufacturer": "GE MEDICAL SYSTEMS",
    "ManufacturersModelName": "DISCOVERY MR750",
    "NumberOfAverages": 1,
    "NumberOfEPIShots": 1,
    "NumberOfEchoes": 1,
    "NumberOfSlices": 46,
    "ParallelImagingReductionFactors": [
      0.5,
      1
    ],
    "PercentPhaseFieldOfView": 100,
    "PhaseEncodingDirection": "j",
    "PixelBandwidth": 3906.25,
    "PixelSpacing": [
      1.7188,
      1.7188
    ],
    "ReceiveCoilName": "8HRBRAIN",
    "RepetitionTime": 3,
    "Rows": 128,
    "SATFatWaterBone": 1,
    "ScanOptions": [
      "SAT_GEMS",
      "EPI_GEMS",
      "ACC_GEMS",
      "FS"
    ],
    "ScanningSequence": [
      "EP",
      "GR"
    ],
    "SequenceVariant": "SS",
    "SeriesDate": "18740216",
    "SeriesDescription": "fMRI-hands",
    "SeriesNumber": 7,
    "SeriesTime": "202511",
    "SliceThickness": 2.3,
    "SliceTiming": [
      0,
      1.5,
      0.06522,
      1.56522,
      0.13043,
      1.63043,
      0.19565,
      1.69565,
      0.26087,
      1.76087,
      0.32609,
      1.82609,
      0.3913,
      1.8913,
      0.45652,
      1.95652,
      0.52174,
      2.02174,
      0.58696,
      2.08696,
      0.65217,
      2.15217,
      0.71739,
      2.21739,
      0.78261,
      2.28261,
      0.84783,
      2.34783,
      0.91304,
      2.41304,
      0.97826,
      2.47826,
      1.04348,
      2.54348,
      1.1087,
      2.6087,
      1.17391,
      2.67391,
      1.23913,
      2.73913,
      1.30435,
      2.80435,
      1.36957,
      2.86957,
      1.43478,
      2.93478
    ],
    "SliceTimingComputationMethod": "SliceNumber*RepetitionTime/NumberOfSlices (interleaved ascending, odd first)",
    "SpacingBetweenSlices": 2.4,
    "StudyTime": "195435",
    "TaskDescription": "In an event-related design, participants were shown pictures of hands being stung by needles or poked with Q-tips. The stimulus set was kindly shared by Claus Lamm, and has been shown to be effective in previous work by him. After each picture, participants were asked to rate their perceived unpleasantness on a visual analog scale of 0-100.",
    "TaskInstructions": "",
    "TaskName": "Hands",
    "dummyScans": 5,
    "modality": "bold",
    "session_id": "1",
    "subject_id": "9079",
    "task_id": "hands"
  },
  "dummy_trs": 0,
  "dvars_nstd": 58.997700729600005,
  "dvars_std": 1.0851416306857145,
  "dvars_vstd": 1.0169450739428574,
  "efc": 0.48837031733384717,
  "fber": 4038.641357421875,
  "fd_mean": 0.49178911110985796,
  "fd_num": 106,
  "fd_perc": 60.22727272727273,
  "fwhm_avg": 3.173796092263899,
  "fwhm_x": 3.278886530272315,
  "fwhm_y": 3.675657545141642,
  "fwhm_z": 2.5668442013777404,
  "gcor": 0.0340535,
  "gsr_x": 0.0044103204272687435,
  "gsr_y": 0.02328294701874256,
  "provenance": {
    "md5sum": "3c14bfbc11ea3926bdc4c2cfea093fad",
    "settings": {
      "fd_thres": 0.2,
      "hmc_fsl": false
    },
    "software": "mriqc",
    "version": "0.9.6"
  },
  "size_t": 176,
  "size_x": 128,
  "size_y": 128,
  "size_z": 46,
  "snr": 2.9858792100032265,
  "spacing_tr": 3.0,
  "spacing_x": 1.7187999486923218,
  "spacing_y": 1.7187999486923218,
  "spacing_z": 2.4000015258789062,
  "summary_bg_k": 117.35449081267167,
  "summary_bg_mad": 78.80535888671875,
  "summary_bg_mean": 117.61336517333984,
  "summary_bg_median": 54.47159194946289,
  "summary_bg_n": 475365.0,
  "summary_bg_p05": 0.11363636702299118,
  "summary_bg_p95": 422.3352294921872,
  "summary_bg_stdv": 260.8103332519531,
  "summary_fg_k": 1.3746373581297586,
  "summary_fg_mad": 1015.4647216796875,
  "summary_fg_mean": 3688.41796875,
  "summary_fg_median": 3532.511474609375,
  "summary_fg_n": 181996.0,
  "summary_fg_p05": 2033.2387084960938,
  "summary_fg_p95": 5888.9332275390625,
  "summary_fg_stdv": 1183.0692138671875,
  "tsnr": 23.176855087280273
}