{
  "aor": 0.002073989637305699,
  "aqi": 0.0050908489119170985,
  "bids_meta": {
    "AcquisitionDuration": 525.000256,
    "CogAtlasID": "trm_4c8a834779883",
    "Columns": 128,
    "EchoTime": 0.03,
    "EchoTrainLength": 1,
    "EffectiveEchoSpacing": 0.000464,
    "FieldOfView": [
      288,
      288,
      147
    ],
    "FlipAngle": 75,
    "GEImageTypeRIMPCode": 0,
    "ImageType": "ORIGINAL/PRIMARY/EPI/NONE",
    "ImagingFrequency": 127.76508,
    "InplanePhaseEncodingDirection": "COL",
    "InversionTime": 0,
    "MRAcquisitionType": "2D",
    "MagneticFieldStrength": 3,
    "Manufacturer": "GE MEDICAL SYSTEMS",
    "ManufacturersModelName": "DISCOVERY MR750",
    "NumberOfAverages": 1,
    "NumberOfEPIShots": 1,
    "NumberOfEchoes": 1,
    "NumberOfSlices": 49,
    "ParallelImagingReductionFactors": [
      0.5,
      1
    ],
    "PercentPhaseFieldOfView": 100,
    "PhaseEncodingDirection": "j",
    "PixelBandwidth": 3906.25,
    "PixelSpacing": [
      2.25,
      2.25
    ],
    "ReceiveCoilName": "8HRBRAIN",
    "RepetitionTime": 2.5,
    "Rows": 128,
    "SATFatWaterBone": 0,
    "ScanOptions": [
      "EPI_GEMS",
      "FILTERED_GEMS",
      "ACC_GEMS"
    ],
    "ScanningSequence": [
      "EP",
      "GR"
    ],
    "SequenceVariant": "SS",
    "SeriesDate": "18740409",
    "SeriesDescription": "RSN_BWRT_200vol_3mm",
    "SeriesNumber": 4,
    "SeriesTime": "180015",
    "SliceThickness": 3,
    "SliceTiming": [
      0,
      1.27551,
      0.05102,
      1.32653,
      0.10204,
      1.37755,
      0.15306,
      1.42857,
      0.20408,
      1.47959,
      0.2551,
      1.53061,
      0.30612,
      1.58163,
      0.35714,
      1.63265,
      0.40816,
      1.68367,
      0.45918,
      1.73469,
      0.5102,
      1.78571,
      0.56122,
      1.83673,
      0.61224,
      1.88776,
      0.66327,
      1.93878,
      0.71429,
      1.9898,
      0.76531,
      2.04082,
      0.81633,
      2.09184,
      0.86735,
      2.14286,
      0.91837,
      2.19388,
      0.96939,
      2.2449,
      1.02041,
      2.29592,
      1.07143,
      2.34694,
      1.12245,
      2.39796,
      1.17347,
      2.44898,
      1.22449
    ],
    "SliceTimingComputationMethod": "SliceNumber*RepetitionTime/NumberOfSlices (interleaved ascending, odd first)",
    "SpacingBetweenSlices": 3,
    "StudyTime": "175142",
    "TaskDescription": "Functional connectivity in the resting state was assessed during two eight-minute runs.",
    "TaskInstructions": "Participants were instructed to keep their eyes open and look at a white fixation cross presented against a gray background.",
    "TaskName": "Resting State",
    "dummyScans": 10,
    "modality": "bold",
    "session_id": "1",
    "subject_id": "9089",
    "task_id": "rest"
  },
  "dummy_trs": 0,
  "dvars_nstd": 23.680507059114593,
  "dvars_std": 1.3402674819791665,
  "dvars_vstd": 1.0025213480729163,
  "efc": 0.3520847893322478,
  "fber": 19063190.0,
  "fd_mean": 0.10910560686247768,
  "fd_num": 23,
  "fd_perc": 11.917098445595855,
  "fwhm_avg": 3.2156448148148145,
  "fwhm_x": 3.2318355555555556,
  "fwhm_y": 3.7614222222222224,
  "fwhm_z": 2.6536766666666667,
  "gcor": 0.044437,
  "gsr_x": -0.018509939312934875,
  "gsr_y": 0.004799795802682638,
  "provenance": {
    "md5sum": "8c6c99383b7cd79a25674c49bdb04c78",
    "settings": {
      "fd_thres": 0.2,
      "hmc_fsl": false
    },
    "software": "mriqc",
    "version": "0.9.6"
  },
  "size_t": 193,
  "size_x": 128,
  "size_y": 128,
  "size_z": 49,
  "snr": 4.752645378728811,
  "spacing_tr": 2.5,
  "spacing_x": 2.25,
  "spacing_y": 2.25,
  "spacing_z": 3.0,
  "summary_bg_k": 78.8883305794249,
  "summary_bg_mad": 1.8359684944152832,
  "summary_bg_mean": 82.61349487304688,
  "summary_bg_median": 1.2383419275283813,
  "summary_bg_n": 615495.0,
  "summary_bg_p05": 0.0,
  "summary_bg_p95": 433.07769775390625,
  "summary_bg_stdv": 268.8457946777344,
  "summary_fg_k": 1.305383586816153,
  "summary_fg_mad": 916.9163818359375,
  "summary_fg_mean": 5033.41943359375,
  "summary_fg_median": 5063.8544921875,
  "summary_fg_n": 98472.0,
  "summary_fg_p05": 3163.8053344726563,
  "summary_fg_p95": 6692.653295898437,
  "summary_fg_stdv": 1065.475830078125,
  "tsnr": 73.08818054199219
}