{
  "bids_meta": {
    "AcquisitionDuration": 238.444688,
    "Columns": 512,
    "EchoTime": 0.00281,
    "EchoTrainLength": 1,
    "EffectiveEchoSpacing": 0,
    "FieldOfView": [
      240.03,
      240.03,
      180
    ],
    "FlipAngle": 11,
    "GEImageTypeRIMPCode": 0,
    "ImageType": "ORIGINAL/PRIMARY/OTHER",
    "ImagingFrequency": 127.765191,
    "InplanePhaseEncodingDirection": "ROW",
    "InversionTime": 0.45,
    "MRAcquisitionType": "3D",
    "MagneticFieldStrength": 3,
    "Manufacturer": "GE MEDICAL SYSTEMS",
    "ManufacturersModelName": "DISCOVERY MR750",
    "NumberOfAverages": 1,
    "NumberOfEPIShots": 0,
    "NumberOfEchoes": 1,
    "NumberOfSlices": 180,
    "ParallelImagingReductionFactors": [
      0.571429,
      1
    ],
    "PercentPhaseFieldOfView": 100,
    "PhaseEncodingDirection": "i",
    "PixelBandwidth": 122.07,
    "PixelSpacing": [
      0.4688,
      0.4688
    ],
    "ReceiveCoilName": "8HRBRAIN",
    "RepetitionTime": 0.0064,
    "Rows": 512,
    "SATFatWaterBone": 0,
    "ScanOptions": [
      "FAST_GEMS",
      "EDR_GEMS",
      "FILTERED_GEMS",
      "ACC_GEMS"
    ],
    "ScanningSequence": "GR",
    "SequenceVariant": [
      "SS",
      "SK"
    ],
    "SeriesDate": "18730319",
    "SeriesDescription": "Sag3D_T1_1mm3",
    "SeriesNumber": 2,
    "SeriesTime": "182940",
    "SliceThickness": 1,
    "SpacingBetweenSlices": 1,
    "StudyTime": "182804",
    "modality": "T1w",
    "session_id": "1",
    "subject_id": "9090"
  },
  "cjv": 0.37221179593371595,
  "cnr": 3.623250142139769,
  "efc": 0.6658889390158768,
  "fber": 137.71949768066406,
  "fwhm_avg": 6.184499037543085,
  "fwhm_x": 3.89761,
  "fwhm_y": 7.744496449966237,
  "fwhm_z": 6.911390662663019,
  "icvs_csf": 0.213898083737452,
  "icvs_gm": 0.4175152336536294,
  "icvs_wm": 0.3685866826089186,
  "inu_med": 1.2266899347305298,
  "inu_range": 0.4844186544418334,
  "provenance": {
    "md5sum": "baaf17d40949ca13e3d2a8348de2395b",
    "mriqc_pred": 0,
    "settings": {
      "testing": false
    },
    "software": "mriqc",
    "version": "0.9.6",
    "warnings": {
      "large_rot_frame": true,
      "small_air_mask": false
    }
  },
  "qi_1": 0.0,
  "qi_2": 0.0003836489436385819,
  "rpve_csf": 22.490810180351232,
  "rpve_gm": 11.993477181390922,
  "rpve_wm": 16.149905565346607,
  "size_x": 180,
  "size_y": 512,
  "size_z": 512,
  "snr_csf": 3.5958714466267905,
  "snr_gm": 12.556868465822037,
  "snr_total": 11.531770533220048,
  "snr_wm": 18.442571687211313,
  "snrd_csf": 16.207306097104173,
  "snrd_gm": 31.549075993109504,
  "snrd_total": 30.734920703420368,
  "snrd_wm": 44.44838002004742,
  "spacing_x": 1.0,
  "spacing_y": 0.46880000829696655,
  "spacing_z": 0.46880000829696655,
  "summary_bg_k": 2.68852077605274,
  "summary_bg_mad": 14.739355087280273,
  "summary_bg_mean": 54.28932189941406,
  "summary_bg_median": 52.53156280517578,
  "summary_bg_n": 9408663.0,
  "summary_bg_p05": 31.00468006134033,
  "summary_bg_p95": 83.6844467163086,
  "summary_bg_stdv": 16.73786735534668,
  "summary_csf_k": -0.41275049659982477,
  "summary_csf_mad": 111.65019989013672,
  "summary_csf_mean": 370.6920166015625,
  "summary_csf_median": 364.6343688964844,
  "summary_csf_n": 130787.0,
  "summary_csf_p05": 213.67614288330077,
  "summary_csf_p95": 536.444873046875,
  "summary_csf_stdv": 101.40322875976562,
  "summary_gm_k": 0.26023851505116635,
  "summary_gm_mad": 54.5963020324707,
  "summary_gm_mean": 713.4492797851562,
  "summary_gm_median": 709.7957763671875,
  "summary_gm_n": 196039.0,
  "summary_gm_p05": 626.9494567871094,
  "summary_gm_p95": 813.0544189453126,
  "summary_gm_stdv": 56.52635192871094,
  "summary_wm_k": 0.13452214003196383,
  "summary_wm_mad": 53.4234504699707,
  "summary_wm_mean": 1000.857421875,
  "summary_wm_median": 1000.0062255859375,
  "summary_wm_n": 1142077.0,
  "summary_wm_p05": 913.044287109375,
  "summary_wm_p95": 1090.9908447265625,
  "summary_wm_stdv": 54.222686767578125,
  "tpm_overlap_csf": 0.19842833280563354,
  "tpm_overlap_gm": 0.4852922260761261,
  "tpm_overlap_wm": 0.5550592541694641,
  "wm2max": 0.48037263969048394
}