{
  "aor": 0.015023849999999998,
  "aqi": 0.0087376932,
  "bids_meta": {
    "AcquisitionDuration": 525.000256,
    "CogAtlasID": "trm_4c8a834779883",
    "Columns": 128,
    "EchoTime": 0.03,
    "EchoTrainLength": 1,
    "EffectiveEchoSpacing": 0.000464,
    "FieldOfView": [
      288,
      288,
      147
    ],
    "FlipAngle": 75,
    "GEImageTypeRIMPCode": 0,
    "ImageType": "ORIGINAL/PRIMARY/EPI/NONE",
    "ImagingFrequency": 127.76527,
    "InplanePhaseEncodingDirection": "COL",
    "InversionTime": 0,
    "MRAcquisitionType": "2D",
    "MagneticFieldStrength": 3,
    "Manufacturer": "GE MEDICAL SYSTEMS",
    "ManufacturersModelName": "DISCOVERY MR750",
    "NumberOfAverages": 1,
    "NumberOfEPIShots": 1,
    "NumberOfEchoes": 1,
    "NumberOfSlices": 49,
    "ParallelImagingReductionFactors": [
      0.5,
      1
    ],
    "PercentPhaseFieldOfView": 100,
    "PhaseEncodingDirection": "j",
    "PixelBandwidth": 3906.25,
    "PixelSpacing": [
      2.25,
      2.25
    ],
    "ReceiveCoilName": "8HRBRAIN",
    "RepetitionTime": 2.5,
    "Rows": 128,
    "SATFatWaterBone": 0,
    "ScanOptions": [
      "EPI_GEMS",
      "FILTERED_GEMS",
      "ACC_GEMS"
    ],
    "ScanningSequence": [
      "EP",
      "GR"
    ],
    "SequenceVariant": "SS",
    "SeriesDate": "18730311",
    "SeriesDescription": "RSN_BWRT_200vol_3mm",
    "SeriesNumber": 11,
    "SeriesTime": "195810",
    "SliceThickness": 3,
    "SliceTiming": [
      0,
      1.27551,
      0.05102,
      1.32653,
      0.10204,
      1.37755,
      0.15306,
      1.42857,
      0.20408,
      1.47959,
      0.2551,
      1.53061,
      0.30612,
      1.58163,
      0.35714,
      1.63265,
      0.40816,
      1.68367,
      0.45918,
      1.73469,
      0.5102,
      1.78571,
      0.56122,
      1.83673,
      0.61224,
      1.88776,
      0.66327,
      1.93878,
      0.71429,
      1.9898,
      0.76531,
      2.04082,
      0.81633,
      2.09184,
      0.86735,
      2.14286,
      0.91837,
      2.19388,
      0.96939,
      2.2449,
      1.02041,
      2.29592,
      1.07143,
      2.34694,
      1.12245,
      2.39796,
      1.17347,
      2.44898,
      1.22449
    ],
    "SliceTimingComputationMethod": "SliceNumber*RepetitionTime/NumberOfSlices (interleaved ascending, odd first)",
    "SpacingBetweenSlices": 3,
    "StudyTime": "184814",
    "TaskDescription": "Functional connectivity in the resting state was assessed during two eight-minute runs. Participants were asked to rate their sleepiness using the Karolinska Sleepiness Scale every 2 minutes",
    "TaskInstructions": "Participants were instructed to keep their eyes open and look at a white fixation cross presented against a gray background.",
    "TaskName": "Sleepiness",
    "dummyScans": 10,
    "modality": "bold",
    "session_id": "1",
    "subject_id": "9013",
    "task_id": "sleepiness"
  },
  "dummy_trs": 0,
  "dvars_nstd": 22.081128738542713,
  "dvars_std": 0.9588591128140705,
  "dvars_vstd": 1.0548992611557784,
  "efc": 0.35163754891294374,
  "fber": 22163314.0,
  "fd_mean": 0.24206371941815008,
  "fd_num": 52,
  "fd_perc": 26.0,
  "fwhm_avg": 3.4876714814814815,
  "fwhm_x": 3.513368888888889,
  "fwhm_y": 4.139568888888889,
  "fwhm_z": 2.810076666666667,
  "gcor": 0.0633426,
  "gsr_x": -0.016350915655493736,
  "gsr_y": 0.00841242540627718,
  "provenance": {
    "md5sum": "18396100d32f0a6623d37179b5911e0d",
    "settings": {
      "fd_thres": 0.2,
      "hmc_fsl": false
    },
    "software": "mriqc",
    "version": "0.9.6"
  },
  "size_t": 200,
  "size_x": 128,
  "size_y": 128,
  "size_z": 49,
  "snr": 4.096322324089678,
  "spacing_tr": 2.5,
  "spacing_x": 2.25,
  "spacing_y": 2.25,
  "spacing_z": 3.0,
  "summary_bg_k": 70.68733252335706,
  "summary_bg_mad": 1.7124055624008179,
  "summary_bg_mean": 80.47030639648438,
  "summary_bg_median": 1.1549999713897705,
  "summary_bg_n": 610562.0,
  "summary_bg_p05": 0.0,
  "summary_bg_p95": 414.81972808837867,
  "summary_bg_stdv": 286.3841552734375,
  "summary_fg_k": 0.7512532499649791,
  "summary_fg_mad": 1203.465087890625,
  "summary_fg_mean": 5359.02880859375,
  "summary_fg_median": 5357.0751953125,
  "summary_fg_n": 102354.0,
  "summary_fg_p05": 3216.019567871094,
  "summary_fg_p95": 7518.1012207031235,
  "summary_fg_stdv": 1307.7703857421875,
  "tsnr": 39.97087478637695
}