{
  "bids_meta": {
    "AcquisitionDuration": 238.55128,
    "Columns": 512,
    "EchoTime": 0.00281,
    "EchoTrainLength": 1,
    "EffectiveEchoSpacing": 0,
    "FieldOfView": [
      240.03,
      240.03,
      180
    ],
    "FlipAngle": 11,
    "GEImageTypeRIMPCode": 0,
    "ImageType": "ORIGINAL/PRIMARY/OTHER",
    "ImagingFrequency": 127.765308,
    "InplanePhaseEncodingDirection": "ROW",
    "InversionTime": 0.45,
    "MRAcquisitionType": "3D",
    "MagneticFieldStrength": 3,
    "Manufacturer": "GE MEDICAL SYSTEMS",
    "ManufacturersModelName": "DISCOVERY MR750",
    "NumberOfAverages": 1,
    "NumberOfEPIShots": 0,
    "NumberOfEchoes": 1,
    "NumberOfSlices": 180,
    "ParallelImagingReductionFactors": [
      0.571429,
      1
    ],
    "PercentPhaseFieldOfView": 100,
    "PhaseEncodingDirection": "i",
    "PixelBandwidth": 122.07,
    "PixelSpacing": [
      0.4688,
      0.4688
    ],
    "ReceiveCoilName": "8HRBRAIN",
    "RepetitionTime": 0.0064,
    "Rows": 512,
    "SATFatWaterBone": 0,
    "ScanOptions": [
      "FAST_GEMS",
      "EDR_GEMS",
      "FILTERED_GEMS",
      "ACC_GEMS"
    ],
    "ScanningSequence": "GR",
    "SequenceVariant": [
      "SS",
      "SK"
    ],
    "SeriesDate": "18740517",
    "SeriesDescription": "Sag3D_T1_1mm3",
    "SeriesNumber": 2,
    "SeriesTime": "181431",
    "SliceThickness": 1,
    "SpacingBetweenSlices": 1,
    "StudyTime": "181245",
    "modality": "T1w",
    "session_id": "2",
    "subject_id": "9038"
  },
  "cjv": 0.4970648601787234,
  "cnr": 2.7429670868732132,
  "efc": 0.5999396979444759,
  "fber": 137.93519592285156,
  "fwhm_avg": 6.173930425898573,
  "fwhm_x": 3.93619,
  "fwhm_y": 7.51194525954275,
  "fwhm_z": 7.07365601815297,
  "icvs_csf": 0.2358090699782117,
  "icvs_gm": 0.39262247472401834,
  "icvs_wm": 0.37156845529777,
  "inu_med": 1.343519926071167,
  "inu_range": 0.518801748752594,
  "provenance": {
    "md5sum": "51d24870985f6014e22b91fd0df5e7e7",
    "mriqc_pred": 0,
    "settings": {
      "testing": false
    },
    "software": "mriqc",
    "version": "0.9.6",
    "warnings": {
      "large_rot_frame": true,
      "small_air_mask": false
    }
  },
  "qi_1": 0.0,
  "qi_2": 0.00039275178788793853,
  "rpve_csf": 27.1045314621268,
  "rpve_gm": 15.715112190896518,
  "rpve_wm": 19.65537717185384,
  "size_x": 180,
  "size_y": 512,
  "size_z": 512,
  "snr_csf": 4.342941649009136,
  "snr_gm": 12.490291670942907,
  "snr_total": 11.29316689625226,
  "snr_wm": 17.046267368804735,
  "snrd_csf": 13.612540803334072,
  "snrd_gm": 31.10003522533545,
  "snrd_total": 28.494877086378157,
  "snrd_wm": 40.77205523046496,
  "spacing_x": 1.0,
  "spacing_y": 0.46880000829696655,
  "spacing_z": 0.46880000829696655,
  "summary_bg_k": 2.745577751646822,
  "summary_bg_mad": 16.068410873413086,
  "summary_bg_mean": 58.970577239990234,
  "summary_bg_median": 57.105995178222656,
  "summary_bg_n": 13051457.0,
  "summary_bg_p05": 34.33009719848633,
  "summary_bg_p95": 90.06014404296874,
  "summary_bg_stdv": 17.564189910888672,
  "summary_csf_k": 1.0947357882900972,
  "summary_csf_mad": 64.11016845703125,
  "summary_csf_mean": 345.40362548828125,
  "summary_csf_median": 333.872314453125,
  "summary_csf_n": 254184.0,
  "summary_csf_p05": 241.1941291809082,
  "summary_csf_p95": 499.2330947875976,
  "summary_csf_stdv": 76.87684631347656,
  "summary_gm_k": -0.025761002787213272,
  "summary_gm_mad": 60.287452697753906,
  "summary_gm_mean": 766.7578125,
  "summary_gm_median": 762.784912109375,
  "summary_gm_n": 138390.0,
  "summary_gm_p05": 672.6751617431642,
  "summary_gm_p95": 874.6197937011718,
  "summary_gm_stdv": 61.070003509521484,
  "summary_wm_k": 0.2483559688030632,
  "summary_wm_mad": 57.62820053100586,
  "summary_wm_mean": 1001.5132446289062,
  "summary_wm_median": 1000.0087890625,
  "summary_wm_n": 904585.0,
  "summary_wm_p05": 908.2583984375,
  "summary_wm_p95": 1100.2996826171875,
  "summary_wm_stdv": 58.66435241699219,
  "tpm_overlap_csf": 0.2260318100452423,
  "tpm_overlap_gm": 0.4549944996833801,
  "tpm_overlap_wm": 0.540463924407959,
  "wm2max": 0.3989781204648788
}